{
  "bids_meta": {
    "AcquisitionMatrixPE": 256,
    "AcquisitionNumber": 1,
    "AcquisitionTime": "15:51:33.170000",
    "BaseResolution": 256,
    "BodyPartExamined": "BRAIN",
    "ConsistencyInfo": "N4_VE11B_LATEST_20150530",
    "ConversionSoftware": "dcm2niix",
    "ConversionSoftwareVersion": "v1.0.20181125  GCC4.8.5",
    "DeviceSerialNumber": "67007",
    "DwellTime": 8.9e-06,
    "EchoTime": 0.091,
    "EchoTrainLength": 18,
    "FlipAngle": 120,
    "ImageOrientationPatientDICOM": [
      0.999263,
      -0.00556024,
      -0.0379793,
      4.28712e-08,
      0.989453,
      -0.144857
    ],
    "ImageType": [
      "ORIGINAL",
      "PRIMARY",
      "M",
      "ND",
      "NORM"
    ],
    "ImagingFrequency": 123.211,
    "InPlanePhaseEncodingDirectionDICOM": "COL",
    "InstitutionAddress": "Perth_Drive_100_London_Ontario_CA_N6A_5K8",
    "InstitutionName": "Robarts_Research_Institute",
    "InstitutionalDepartmentName": "CFMM",
    "Interpolation2D": 1,
    "MRAcquisitionType": "2D",
    "MagneticFieldStrength": 3,
    "Manufacturer": "Siemens",
    "ManufacturersModelName": "Prisma_fit",
    "Modality": "MR",
    "ParallelReductionFactorInPlane": 2,
    "PartialFourier": 1,
    "PatientPosition": "HFS",
    "PercentPhaseFOV": 100,
    "PhaseEncodingDirection": "j-",
    "PhaseEncodingSteps": 255,
    "PhaseResolution": 1,
    "PixelBandwidth": 220,
    "ProcedureStepDescription": "Diedrichsen_Feb2016",
    "ProtocolName": "t2_tse_tra_256_p2",
    "PulseSequenceDetails": "%SiemensSeq%_tse",
    "ReceiveCoilActiveElements": "HEA;HEP",
    "ReceiveCoilName": "Head_32",
    "ReconMatrixPE": 512,
    "RepetitionTime": 8.53,
    "SAR": 0.70607,
    "ScanningSequence": "SE",
    "SequenceName": "_tse2d1_18",
    "SequenceVariant": "SK_SP",
    "SeriesDescription": "t2_tse_tra_256_p2",
    "SeriesNumber": 11,
    "ShimSetting": [
      5237,
      -6157,
      -4055,
      53,
      3,
      -37,
      -27,
      1
    ],
    "SliceThickness": 3,
    "SoftwareVersions": "syngo_MR_E11",
    "SpacingBetweenSlices": 3,
    "StationName": "MRC35368",
    "TxRefAmp": 261.035,
    "dataset": "ds002105",
    "modality": "T2w",
    "session_id": "a1",
    "subject_id": "08"
  },
  "cjv": 0.4758333374295716,
  "cnr": 2.977523286327687,
  "efc": 0.5941199233907524,
  "fber": 13709.179845422117,
  "fwhm_avg": 4.7954676095859945,
  "fwhm_x": 5.972775384615384,
  "fwhm_y": 6.852307692307692,
  "fwhm_z": 1.561319751834909,
  "icvs_csf": 0.1909633475264459,
  "icvs_gm": 0.40996569558050716,
  "icvs_wm": 0.39907095689304695,
  "inu_med": 1.3338195085525513,
  "inu_range": 0.263320577144623,
  "provenance": {
    "md5sum": "dde65fb1e47dd07a104573e98b72bd04",
    "settings": {
      "testing": false
    },
    "software": "mriqc",
    "version": "22.0.0rc1",
    "warnings": {
      "large_rot_frame": true,
      "small_air_mask": false
    },
    "webapi_port": null,
    "webapi_url": "https://mriqc.nimh.nih.gov/api/v1"
  },
  "qi_1": 0.0,
  "qi_2": 0.028219612254524667,
  "rpve_csf": 14.88173864395717,
  "rpve_gm": 7.638144852531824,
  "rpve_wm": 9.050773343447641,
  "size_x": 512,
  "size_y": 512,
  "size_z": 48,
  "snr_csf": 2.9551647696045453,
  "snr_gm": 11.3829661748095,
  "snr_total": 8.125842988611394,
  "snr_wm": 10.039398021420135,
  "snrd_csf": 250.1948005390009,
  "snrd_gm": 126.51026228936917,
  "snrd_total": 153.62403411099234,
  "snrd_wm": 84.16703950460696,
  "spacing_x": 0.40625,
  "spacing_y": 0.40625,
  "spacing_z": 3.000000476837158,
  "summary_bg_k": 374.35029783945794,
  "summary_bg_mad": 7.88839017908473,
  "summary_bg_mean": 13.971746724225508,
  "summary_bg_median": 10.734621174633503,
  "summary_bg_n": 2687707.0,
  "summary_bg_p05": 0.0,
  "summary_bg_p95": 37.151123717427254,
  "summary_bg_stdv": 34.95754741697044,
  "summary_csf_k": 0.6532245935583716,
  "summary_csf_mad": 818.5242756876603,
  "summary_csf_mean": 3022.8927749585746,
  "summary_csf_median": 3012.554751995951,
  "summary_csf_n": 397754.0,
  "summary_csf_p05": 632.5025485157967,
  "summary_csf_p95": 4558.386873409152,
  "summary_csf_stdv": 1019.4189495022641,
  "summary_gm_k": -0.15929714231631342,
  "summary_gm_mad": 142.68298727432204,
  "summary_gm_mean": 1530.2987511044512,
  "summary_gm_median": 1523.2894169464707,
  "summary_gm_n": 724766.0,
  "summary_gm_p05": 1328.199345164001,
  "summary_gm_p95": 1754.9705452546477,
  "summary_gm_stdv": 133.82174230066127,
  "summary_wm_k": 0.060816615609140534,
  "summary_wm_mad": 99.91960893507326,
  "summary_wm_mean": 1005.26781271331,
  "summary_wm_median": 1013.441583417356,
  "summary_wm_n": 884662.0,
  "summary_wm_p05": 821.1518475934863,
  "summary_wm_p95": 1155.2319274544716,
  "summary_wm_stdv": 100.94639225083856,
  "tpm_overlap_csf": 0.1418713629245758,
  "tpm_overlap_gm": 0.40432143211364746,
  "tpm_overlap_wm": 0.43294575810432434,
  "wm2max": 0.20413650465356772
}