{
  "aor": 0.0002509983361064892,
  "aqi": 0.017124049084858567,
  "bids_meta": {
    "AcquisitionMatrixPE": 84,
    "AcquisitionNumber": 1,
    "AcquisitionTime": "11:16:55.497500",
    "BandwidthPerPixelPhaseEncode": 33.069,
    "BaseResolution": 84,
    "BodyPartExamined": "BRAIN",
    "ConsistencyInfo": "N4_VE11B_LATEST_20150530",
    "ConversionSoftware": "dcm2niix",
    "ConversionSoftwareVersion": "v1.0.20181125  GCC4.8.5",
    "DerivedVendorReportedEchoSpacing": 0.000719995,
    "DeviceSerialNumber": "67007",
    "DwellTime": 3.8e-06,
    "EchoTime": 0.03,
    "EchoTrainLength": 36,
    "EffectiveEchoSpacing": 0.000359998,
    "FlipAngle": 40,
    "ImageComments": "Unaliased_MB3_PE4",
    "ImageOrientationPatientDICOM": [
      0.999632,
      0.0135493,
      0.0234925,
      -0.00872364,
      0.980862,
      -0.194511
    ],
    "ImageType": [
      "ORIGINAL",
      "PRIMARY",
      "M",
      "MB",
      "ND",
      "NORM",
      "MOSAIC"
    ],
    "ImagingFrequency": 123.211,
    "InPlanePhaseEncodingDirectionDICOM": "COL",
    "InstitutionAddress": "Perth_Drive_100_London_Ontario_CA_N6A_5K8",
    "InstitutionName": "Robarts_Research_Institute",
    "InstitutionalDepartmentName": "CFMM",
    "MRAcquisitionType": "2D",
    "MagneticFieldStrength": 3,
    "Manufacturer": "Siemens",
    "ManufacturersModelName": "Prisma_fit",
    "Modality": "MR",
    "MultibandAccelerationFactor": 3,
    "ParallelReductionFactorInPlane": 2,
    "PartialFourier": 0.875,
    "PatientPosition": "HFS",
    "PercentPhaseFOV": 100,
    "PhaseEncodingDirection": "j-",
    "PhaseEncodingSteps": 73,
    "PhaseResolution": 1,
    "PixelBandwidth": 1565,
    "ProcedureStepDescription": "Diedrichsen_MCC",
    "ProtocolName": "ep_bold_mb3_p2",
    "PulseSequenceDetails": "%CustomerSeq%_cmrr_mbep2d_bold",
    "ReceiveCoilActiveElements": "HEP",
    "ReceiveCoilName": "Head_32",
    "ReconMatrixPE": 84,
    "RepetitionTime": 1,
    "SAR": 0.0772102,
    "ScanOptions": "PFP_FS_EXT",
    "ScanningSequence": "EP",
    "SequenceName": "epfid2d1_84",
    "SequenceVariant": "SK_SS",
    "SeriesDescription": "ep_bold_mb3_p2",
    "SeriesNumber": 10,
    "ShimSetting": [
      5230,
      -6301,
      -3924,
      578,
      144,
      232,
      99,
      29
    ],
    "SliceThickness": 3,
    "SliceTiming": [
      0,
      0.43,
      0.8575,
      0.3075,
      0.735,
      0.185,
      0.6125,
      0.0625,
      0.49,
      0.92,
      0.3675,
      0.7975,
      0.245,
      0.675,
      0.1225,
      0.5525,
      0,
      0.43,
      0.8575,
      0.3075,
      0.735,
      0.185,
      0.6125,
      0.0625,
      0.49,
      0.92,
      0.3675,
      0.7975,
      0.245,
      0.675,
      0.1225,
      0.5525,
      0,
      0.43,
      0.8575,
      0.3075,
      0.735,
      0.185,
      0.6125,
      0.0625,
      0.49,
      0.92,
      0.3675,
      0.7975,
      0.245,
      0.675,
      0.1225,
      0.5525
    ],
    "SoftwareVersions": "syngo_MR_E11",
    "SpacingBetweenSlices": 3,
    "StationName": "MRC35368",
    "TaskName": "b",
    "TotalReadoutTime": 0.0298798,
    "TxRefAmp": 261.357,
    "WipMemBlock": "fd1f73a6-e8c7-4777-b3e4-16521a27ddd2||Sequence: ve11b/master r/50434d5; Mar  3 2017 10:46:13 by eja",
    "dataset": "ds002105",
    "modality": "bold",
    "run_id": 4,
    "session_id": "b1",
    "subject_id": "06",
    "task_id": "b"
  },
  "dummy_trs": 0,
  "dvars_nstd": 48.64839232118326,
  "dvars_std": 1.1488305483499992,
  "dvars_vstd": 1.0033318660333328,
  "efc": 0.4903828407220797,
  "fber": 1526.5733642578125,
  "fd_mean": 0.06200023549995514,
  "fd_num": 0,
  "fd_perc": 0.0,
  "fwhm_avg": 1.8510682436095172,
  "fwhm_x": 1.7912191650677032,
  "fwhm_y": 2.0519422324275154,
  "fwhm_z": 1.7100433333333334,
  "gcor": 0.00544449,
  "gsr_x": -0.014488992281258106,
  "gsr_y": 0.04116235673427582,
  "provenance": {
    "md5sum": "a0c6d6183f2726da74b45b69c17d31d2",
    "settings": {
      "fd_thres": 0.2,
      "testing": false
    },
    "software": "mriqc",
    "version": "21.0.0rc2",
    "webapi_port": null,
    "webapi_url": "https://mriqc.nimh.nih.gov/api/v1"
  },
  "size_t": 601,
  "size_x": 84,
  "size_y": 84,
  "size_z": 48,
  "snr": 5.683267630169838,
  "spacing_tr": 1.0,
  "spacing_x": 2.4761905670166016,
  "spacing_y": 2.4761905670166016,
  "spacing_z": 3.0,
  "summary_bg_k": 27.210642591942864,
  "summary_bg_mad": 59.96521494923299,
  "summary_bg_mean": 116.60220336914062,
  "summary_bg_median": 58.585689544677734,
  "summary_bg_n": 229925.0,
  "summary_bg_p05": 12.755407333374023,
  "summary_bg_p95": 370.842913818359,
  "summary_bg_stdv": 174.40383911132812,
  "summary_fg_k": 2.204978816228887,
  "summary_fg_mad": 392.51332691615823,
  "summary_fg_mean": 2420.442138671875,
  "summary_fg_median": 2390.776123046875,
  "summary_fg_n": 53392.0,
  "summary_fg_p05": 1813.1470886230468,
  "summary_fg_p95": 3119.1411621093744,
  "summary_fg_stdv": 420.66534423828125,
  "tsnr": 37.18696096097119
}