{
  "aor": 0.00023083333333333335,
  "aqi": 0.0173709725,
  "bids_meta": {
    "AcquisitionMatrixPE": 84,
    "AcquisitionNumber": 1,
    "AcquisitionTime": "10:55:1.770000",
    "BandwidthPerPixelPhaseEncode": 33.069,
    "BaseResolution": 84,
    "BodyPartExamined": "BRAIN",
    "ConsistencyInfo": "N4_VE11B_LATEST_20150530",
    "ConversionSoftware": "dcm2niix",
    "ConversionSoftwareVersion": "v1.0.20181125  GCC4.8.5",
    "DerivedVendorReportedEchoSpacing": 0.000719995,
    "DeviceSerialNumber": "67007",
    "DwellTime": 3.8e-06,
    "EchoTime": 0.03,
    "EchoTrainLength": 36,
    "EffectiveEchoSpacing": 0.000359998,
    "FlipAngle": 40,
    "ImageComments": "Unaliased_MB3_PE4",
    "ImageOrientationPatientDICOM": [
      0.999632,
      0.0135493,
      0.0234925,
      -0.00872364,
      0.980862,
      -0.194511
    ],
    "ImageType": [
      "ORIGINAL",
      "PRIMARY",
      "M",
      "MB",
      "ND",
      "NORM",
      "MOSAIC"
    ],
    "ImagingFrequency": 123.211,
    "InPlanePhaseEncodingDirectionDICOM": "COL",
    "InstitutionAddress": "Perth_Drive_100_London_Ontario_CA_N6A_5K8",
    "InstitutionName": "Robarts_Research_Institute",
    "InstitutionalDepartmentName": "CFMM",
    "MRAcquisitionType": "2D",
    "MagneticFieldStrength": 3,
    "Manufacturer": "Siemens",
    "ManufacturersModelName": "Prisma_fit",
    "Modality": "MR",
    "MultibandAccelerationFactor": 3,
    "ParallelReductionFactorInPlane": 2,
    "PartialFourier": 0.875,
    "PatientPosition": "HFS",
    "PercentPhaseFOV": 100,
    "PhaseEncodingDirection": "j-",
    "PhaseEncodingSteps": 73,
    "PhaseResolution": 1,
    "PixelBandwidth": 1565,
    "ProcedureStepDescription": "Diedrichsen_MCC",
    "ProtocolName": "ep_bold_mb3_p2",
    "PulseSequenceDetails": "%CustomerSeq%_cmrr_mbep2d_bold",
    "ReceiveCoilActiveElements": "HEP",
    "ReceiveCoilName": "Head_32",
    "ReconMatrixPE": 84,
    "RepetitionTime": 1,
    "SAR": 0.0772102,
    "ScanOptions": "PFP_FS_EXT",
    "ScanningSequence": "EP",
    "SequenceName": "epfid2d1_84",
    "SequenceVariant": "SK_SS",
    "SeriesDescription": "ep_bold_mb3_p2",
    "SeriesNumber": 6,
    "ShimSetting": [
      5230,
      -6301,
      -3924,
      578,
      144,
      232,
      99,
      29
    ],
    "SliceThickness": 3,
    "SliceTiming": [
      0,
      0.43,
      0.8575,
      0.3075,
      0.735,
      0.185,
      0.6125,
      0.0625,
      0.49,
      0.92,
      0.3675,
      0.7975,
      0.245,
      0.675,
      0.1225,
      0.5525,
      0,
      0.43,
      0.8575,
      0.3075,
      0.735,
      0.185,
      0.6125,
      0.0625,
      0.49,
      0.92,
      0.3675,
      0.7975,
      0.245,
      0.675,
      0.1225,
      0.5525,
      0,
      0.43,
      0.8575,
      0.3075,
      0.735,
      0.185,
      0.6125,
      0.0625,
      0.49,
      0.92,
      0.3675,
      0.7975,
      0.245,
      0.675,
      0.1225,
      0.5525
    ],
    "SoftwareVersions": "syngo_MR_E11",
    "SpacingBetweenSlices": 3,
    "StationName": "MRC35368",
    "TaskName": "b",
    "TotalReadoutTime": 0.0298798,
    "TxRefAmp": 261.357,
    "WipMemBlock": "22a7bc5c-cc7a-4f53-899b-281ed68a7fcc||Sequence: ve11b/master r/50434d5; Mar  3 2017 10:46:13 by eja",
    "dataset": "ds002105",
    "modality": "bold",
    "run_id": 2,
    "session_id": "b1",
    "subject_id": "06",
    "task_id": "b"
  },
  "dummy_trs": 1,
  "dvars_nstd": 48.942045316844755,
  "dvars_std": 1.1509602736393991,
  "dvars_vstd": 1.0013441572954924,
  "efc": 0.4895258908829817,
  "fber": 1551.457275390625,
  "fd_mean": 0.06199767323701999,
  "fd_num": 0,
  "fd_perc": 0.0,
  "fwhm_avg": 1.8500290342886372,
  "fwhm_x": 1.7861064729475435,
  "fwhm_y": 2.050443963251702,
  "fwhm_z": 1.7135366666666665,
  "gcor": 0.0040656,
  "gsr_x": -0.014746778644621372,
  "gsr_y": 0.04147364944219589,
  "provenance": {
    "md5sum": "e438bb7c8d702c2a1beae55e69121282",
    "settings": {
      "fd_thres": 0.2,
      "testing": false
    },
    "software": "mriqc",
    "version": "21.0.0rc2",
    "webapi_port": null,
    "webapi_url": "https://mriqc.nimh.nih.gov/api/v1"
  },
  "size_t": 600,
  "size_x": 84,
  "size_y": 84,
  "size_z": 48,
  "snr": 5.682324684929534,
  "spacing_tr": 1.0,
  "spacing_x": 2.4761905670166016,
  "spacing_y": 2.4761905670166016,
  "spacing_z": 3.0,
  "summary_bg_k": 28.407928887390828,
  "summary_bg_mad": 59.647560931199095,
  "summary_bg_mean": 115.72216796875,
  "summary_bg_median": 58.275001525878906,
  "summary_bg_n": 229981.0,
  "summary_bg_p05": 12.736666679382324,
  "summary_bg_p95": 366.6700134277344,
  "summary_bg_stdv": 173.87559509277344,
  "summary_fg_k": 2.278730041521433,
  "summary_fg_mad": 392.9091339293261,
  "summary_fg_mean": 2421.775634765625,
  "summary_fg_median": 2391.211669921875,
  "summary_fg_n": 53371.0,
  "summary_fg_p05": 1817.090087890625,
  "summary_fg_p95": 3119.4984130859375,
  "summary_fg_stdv": 420.8117980957031,
  "tsnr": 37.26856156322174
}