{
  "bids_meta": {
    "AcquisitionMatrixPE": 256,
    "AcquisitionNumber": 1,
    "AcquisitionTime": "16:51:30.455000",
    "BaseResolution": 256,
    "BodyPartExamined": "BRAIN",
    "ConsistencyInfo": "N4_VE11B_LATEST_20150530",
    "ConversionSoftware": "dcm2niix",
    "ConversionSoftwareVersion": "v1.0.20181125  GCC4.8.5",
    "DeviceSerialNumber": "67007",
    "DwellTime": 8.9e-06,
    "EchoTime": 0.091,
    "EchoTrainLength": 18,
    "FlipAngle": 120,
    "ImageOrientationPatientDICOM": [
      1,
      0,
      0,
      0,
      0.940881,
      -0.338738
    ],
    "ImageType": [
      "ORIGINAL",
      "PRIMARY",
      "M",
      "ND",
      "NORM"
    ],
    "ImagingFrequency": 123.211,
    "InPlanePhaseEncodingDirectionDICOM": "COL",
    "InstitutionAddress": "Perth_Drive_100_London_Ontario_CA_N6A_5K8",
    "InstitutionName": "Robarts_Research_Institute",
    "InstitutionalDepartmentName": "CFMM",
    "Interpolation2D": 1,
    "MRAcquisitionType": "2D",
    "MagneticFieldStrength": 3,
    "Manufacturer": "Siemens",
    "ManufacturersModelName": "Prisma_fit",
    "Modality": "MR",
    "ParallelReductionFactorInPlane": 2,
    "PartialFourier": 1,
    "PatientPosition": "HFS",
    "PercentPhaseFOV": 100,
    "PhaseEncodingDirection": "j-",
    "PhaseEncodingSteps": 255,
    "PhaseResolution": 1,
    "PixelBandwidth": 220,
    "ProcedureStepDescription": "Diedrichsen_MCC",
    "ProtocolName": "t2_tse_tra_256_p2",
    "PulseSequenceDetails": "%SiemensSeq%_tse",
    "ReceiveCoilActiveElements": "HEA;HEP",
    "ReceiveCoilName": "Head_32",
    "ReconMatrixPE": 512,
    "RepetitionTime": 8.53,
    "SAR": 0.499754,
    "ScanningSequence": "SE",
    "SequenceName": "_tse2d1_18",
    "SequenceVariant": "SK_SP",
    "SeriesDescription": "t2_tse_tra_256_p2",
    "SeriesNumber": 21,
    "ShimSetting": [
      5237,
      -6157,
      -4055,
      53,
      3,
      -37,
      -27,
      1
    ],
    "SliceThickness": 3,
    "SoftwareVersions": "syngo_MR_E11",
    "SpacingBetweenSlices": 3,
    "StationName": "MRC35368",
    "TxRefAmp": 259.61,
    "dataset": "ds002105",
    "modality": "T2w",
    "session_id": "b1",
    "subject_id": "17"
  },
  "cjv": 0.564973969484479,
  "cnr": 2.4467014106562117,
  "efc": 0.5753733434894515,
  "fber": 9385.162657887664,
  "fwhm_avg": 4.624237410955259,
  "fwhm_x": 5.744295384615384,
  "fwhm_y": 6.554732307692307,
  "fwhm_z": 1.5736845405580846,
  "icvs_csf": 0.17593971060184632,
  "icvs_gm": 0.4301007235769244,
  "icvs_wm": 0.39395956582122926,
  "inu_med": 1.2992875576019287,
  "inu_range": 0.3664794862270355,
  "provenance": {
    "md5sum": "6505cb2acb566697c330060f1391c902",
    "settings": {
      "testing": false
    },
    "software": "mriqc",
    "version": "21.0.0rc2",
    "warnings": {
      "large_rot_frame": true,
      "small_air_mask": false
    },
    "webapi_port": null,
    "webapi_url": "https://mriqc.nimh.nih.gov/api/v1"
  },
  "qi_1": 3.5990277733129646e-05,
  "qi_2": 0.01267167956559985,
  "rpve_csf": 16.78795945461939,
  "rpve_gm": 7.679345649524007,
  "rpve_wm": 9.321587178193667,
  "size_x": 512,
  "size_y": 512,
  "size_z": 48,
  "snr_csf": 2.907228990933869,
  "snr_gm": 11.550770746410365,
  "snr_total": 7.965047600738479,
  "snr_wm": 9.437143064871202,
  "snrd_csf": 199.8686484014722,
  "snrd_gm": 101.43020604245639,
  "snrd_total": 124.39603686828609,
  "snrd_wm": 71.88925616092966,
  "spacing_x": 0.40625,
  "spacing_y": 0.40625,
  "spacing_z": 3.0000040531158447,
  "summary_bg_k": 1452.900713626495,
  "summary_bg_mad": 9.116808062067536,
  "summary_bg_mean": 15.025609695437232,
  "summary_bg_median": 12.298387184739113,
  "summary_bg_n": 2861781.0,
  "summary_bg_p05": 0.0,
  "summary_bg_p95": 30.947580866515636,
  "summary_bg_stdv": 45.38564254108109,
  "summary_csf_k": 0.5354845185764803,
  "summary_csf_mad": 759.0863630695249,
  "summary_csf_mean": 2765.0460280572247,
  "summary_csf_median": 2781.350826345384,
  "summary_csf_n": 356912.0,
  "summary_csf_p05": 597.6814558878541,
  "summary_csf_p95": 4223.790352791548,
  "summary_csf_stdv": 956.700328252927,
  "summary_gm_k": -0.05146789199060864,
  "summary_gm_mad": 127.03748938946568,
  "summary_gm_mean": 1417.9379002787755,
  "summary_gm_median": 1411.491945579648,
  "summary_gm_n": 752915.0,
  "summary_gm_p05": 1232.5604926869273,
  "summary_gm_p95": 1626.2096890509129,
  "summary_gm_stdv": 122.19885921175678,
  "summary_wm_k": -0.09372500094870873,
  "summary_wm_mad": 105.21693238845157,
  "summary_wm_mean": 994.7717552036622,
  "summary_wm_median": 1000.4032329618931,
  "summary_wm_n": 823163.0,
  "summary_wm_p05": 807.7621025517583,
  "summary_wm_p95": 1161.5927502438426,
  "summary_wm_stdv": 106.00693646656296,
  "tpm_overlap_csf": 0.13588222861289978,
  "tpm_overlap_gm": 0.41303491592407227,
  "tpm_overlap_wm": 0.4254697263240814,
  "wm2max": 0.2174525406378915
}