{
  "aor": 0.0004256738768718802,
  "aqi": 0.010262899168053242,
  "bids_meta": {
    "AcquisitionMatrixPE": 84,
    "AcquisitionNumber": 1,
    "AcquisitionTime": "16:59:28.472500",
    "BandwidthPerPixelPhaseEncode": 33.069,
    "BaseResolution": 84,
    "BodyPartExamined": "BRAIN",
    "ConsistencyInfo": "N4_VE11B_LATEST_20150530",
    "ConversionSoftware": "dcm2niix",
    "ConversionSoftwareVersion": "v1.0.20181125  GCC4.8.5",
    "DerivedVendorReportedEchoSpacing": 0.000719995,
    "DeviceSerialNumber": "67007",
    "DwellTime": 3.8e-06,
    "EchoTime": 0.03,
    "EchoTrainLength": 36,
    "EffectiveEchoSpacing": 0.000359998,
    "FlipAngle": 40,
    "ImageComments": "Unaliased_MB3_PE4",
    "ImageOrientationPatientDICOM": [
      1,
      0,
      0,
      0,
      0.934826,
      -0.355107
    ],
    "ImageType": [
      "ORIGINAL",
      "PRIMARY",
      "M",
      "MB",
      "ND",
      "NORM",
      "MOSAIC"
    ],
    "ImagingFrequency": 123.211,
    "InPlanePhaseEncodingDirectionDICOM": "COL",
    "InstitutionAddress": "Perth_Drive_100_London_Ontario_CA_N6A_5K8",
    "InstitutionName": "Robarts_Research_Institute",
    "InstitutionalDepartmentName": "CFMM",
    "MRAcquisitionType": "2D",
    "MagneticFieldStrength": 3,
    "Manufacturer": "Siemens",
    "ManufacturersModelName": "Prisma_fit",
    "Modality": "MR",
    "MultibandAccelerationFactor": 3,
    "ParallelReductionFactorInPlane": 2,
    "PartialFourier": 0.875,
    "PatientPosition": "HFS",
    "PercentPhaseFOV": 100,
    "PhaseEncodingDirection": "j-",
    "PhaseEncodingSteps": 73,
    "PhaseResolution": 1,
    "PixelBandwidth": 1565,
    "ProcedureStepDescription": "Diedrichsen_Feb2016",
    "ProtocolName": "ep_bold_mb3_p2",
    "PulseSequenceDetails": "%CustomerSeq%_cmrr_mbep2d_bold",
    "ReceiveCoilActiveElements": "HEA;HEP",
    "ReceiveCoilName": "Head_32",
    "ReconMatrixPE": 84,
    "RepetitionTime": 1,
    "SAR": 0.069715,
    "ScanOptions": "PFP_FS",
    "ScanningSequence": "EP",
    "SequenceName": "epfid2d1_84",
    "SequenceVariant": "SK_SS",
    "SeriesDescription": "ep_bold_mb3_p2",
    "SeriesNumber": 11,
    "ShimSetting": [
      5232,
      -6176,
      -3998,
      815,
      -38,
      139,
      -500,
      -4
    ],
    "SliceThickness": 3,
    "SliceTiming": [
      0,
      0.43,
      0.8575,
      0.3075,
      0.735,
      0.185,
      0.6125,
      0.0625,
      0.49,
      0.92,
      0.3675,
      0.7975,
      0.245,
      0.675,
      0.1225,
      0.5525,
      0,
      0.43,
      0.8575,
      0.3075,
      0.735,
      0.185,
      0.6125,
      0.0625,
      0.49,
      0.92,
      0.3675,
      0.7975,
      0.245,
      0.675,
      0.1225,
      0.5525,
      0,
      0.43,
      0.8575,
      0.3075,
      0.735,
      0.185,
      0.6125,
      0.0625,
      0.49,
      0.92,
      0.3675,
      0.7975,
      0.245,
      0.675,
      0.1225,
      0.5525
    ],
    "SoftwareVersions": "syngo_MR_E11",
    "SpacingBetweenSlices": 3,
    "StationName": "MRC35368",
    "TaskName": "a",
    "TotalReadoutTime": 0.0298798,
    "TxRefAmp": 249.776,
    "WipMemBlock": "fdf63f6f-07c3-4b9e-ad7b-d7193ed578cd||Sequence: ve11b/R013 r/f10bb7f; Apr  4 2016 11:55:08 by eja",
    "dataset": "ds002105",
    "modality": "bold",
    "run_id": 8,
    "session_id": "a2",
    "subject_id": "03",
    "task_id": "a"
  },
  "dummy_trs": 0,
  "dvars_nstd": 30.347860670399974,
  "dvars_std": 1.167775051900001,
  "dvars_vstd": 1.0045706142333344,
  "efc": 0.4852910233505596,
  "fber": 4604.4619140625,
  "fd_mean": 0.08700023964447055,
  "fd_num": 0,
  "fd_perc": 0.0,
  "fwhm_avg": 1.7813248056385529,
  "fwhm_x": 1.7701383966101722,
  "fwhm_y": 1.8930893536388194,
  "fwhm_z": 1.6807466666666666,
  "gcor": 0.0130152,
  "gsr_x": 9.508291987003759e-05,
  "gsr_y": 0.021120332181453705,
  "provenance": {
    "md5sum": "dc9683926cae8f3c73eecab07f63c614",
    "settings": {
      "fd_thres": 0.2,
      "testing": false
    },
    "software": "mriqc",
    "version": "21.0.0rc2",
    "webapi_port": null,
    "webapi_url": "https://mriqc.nimh.nih.gov/api/v1"
  },
  "size_t": 601,
  "size_x": 84,
  "size_y": 84,
  "size_z": 48,
  "snr": 5.839179867336495,
  "spacing_tr": 1.0,
  "spacing_x": 2.4761905670166016,
  "spacing_y": 2.4761905670166016,
  "spacing_z": 3.0,
  "summary_bg_k": 37.405476499458445,
  "summary_bg_mad": 38.700604198308156,
  "summary_bg_mean": 161.1754608154297,
  "summary_bg_median": 54.246253967285156,
  "summary_bg_n": 226001.0,
  "summary_bg_p05": 23.396005630493164,
  "summary_bg_p95": 693.6123046875,
  "summary_bg_stdv": 293.7427062988281,
  "summary_fg_k": 5.104140071581261,
  "summary_fg_mad": 544.9565791715426,
  "summary_fg_mean": 3808.6318359375,
  "summary_fg_median": 3740.533935546875,
  "summary_fg_n": 57033.0,
  "summary_fg_p05": 2965.865478515625,
  "summary_fg_p95": 4845.378515624998,
  "summary_fg_stdv": 640.5867309570312,
  "tsnr": 52.86877948092297
}