{
  "aor": 0.00032920133111480863,
  "aqi": 0.012159301580698835,
  "bids_meta": {
    "AcquisitionMatrixPE": 84,
    "AcquisitionNumber": 1,
    "AcquisitionTime": "15:48:35.842500",
    "BandwidthPerPixelPhaseEncode": 33.069,
    "BaseResolution": 84,
    "BodyPartExamined": "BRAIN",
    "ConsistencyInfo": "N4_VE11B_LATEST_20150530",
    "ConversionSoftware": "dcm2niix",
    "ConversionSoftwareVersion": "v1.0.20181125  GCC4.8.5",
    "DerivedVendorReportedEchoSpacing": 0.000719995,
    "DeviceSerialNumber": "67007",
    "DwellTime": 3.8e-06,
    "EchoTime": 0.03,
    "EchoTrainLength": 36,
    "EffectiveEchoSpacing": 0.000359998,
    "FlipAngle": 40,
    "ImageComments": "Unaliased_MB3_PE4",
    "ImageOrientationPatientDICOM": [
      1,
      0,
      0,
      0,
      0.934826,
      -0.355107
    ],
    "ImageType": [
      "ORIGINAL",
      "PRIMARY",
      "M",
      "MB",
      "ND",
      "NORM",
      "MOSAIC"
    ],
    "ImagingFrequency": 123.211,
    "InPlanePhaseEncodingDirectionDICOM": "COL",
    "InstitutionAddress": "Perth_Drive_100_London_Ontario_CA_N6A_5K8",
    "InstitutionName": "Robarts_Research_Institute",
    "InstitutionalDepartmentName": "CFMM",
    "MRAcquisitionType": "2D",
    "MagneticFieldStrength": 3,
    "Manufacturer": "Siemens",
    "ManufacturersModelName": "Prisma_fit",
    "Modality": "MR",
    "MultibandAccelerationFactor": 3,
    "ParallelReductionFactorInPlane": 2,
    "PartialFourier": 0.875,
    "PatientPosition": "HFS",
    "PercentPhaseFOV": 100,
    "PhaseEncodingDirection": "j-",
    "PhaseEncodingSteps": 73,
    "PhaseResolution": 1,
    "PixelBandwidth": 1565,
    "ProcedureStepDescription": "Diedrichsen_Feb2016",
    "ProtocolName": "ep_bold_mb3_p2",
    "PulseSequenceDetails": "%CustomerSeq%_cmrr_mbep2d_bold",
    "ReceiveCoilActiveElements": "HEA;HEP",
    "ReceiveCoilName": "Head_32",
    "ReconMatrixPE": 84,
    "RepetitionTime": 1,
    "SAR": 0.069715,
    "ScanOptions": "PFP_FS",
    "ScanningSequence": "EP",
    "SequenceName": "epfid2d1_84",
    "SequenceVariant": "SK_SS",
    "SeriesDescription": "ep_bold_mb3_p2",
    "SeriesNumber": 4,
    "ShimSetting": [
      5232,
      -6176,
      -3998,
      815,
      -38,
      139,
      -500,
      -4
    ],
    "SliceThickness": 3,
    "SliceTiming": [
      0,
      0.4275,
      0.8575,
      0.305,
      0.735,
      0.1825,
      0.6125,
      0.06,
      0.49,
      0.9175,
      0.3675,
      0.795,
      0.245,
      0.6725,
      0.1225,
      0.55,
      0,
      0.4275,
      0.8575,
      0.305,
      0.735,
      0.1825,
      0.6125,
      0.06,
      0.49,
      0.9175,
      0.3675,
      0.795,
      0.245,
      0.6725,
      0.1225,
      0.55,
      0,
      0.4275,
      0.8575,
      0.305,
      0.735,
      0.1825,
      0.6125,
      0.06,
      0.49,
      0.9175,
      0.3675,
      0.795,
      0.245,
      0.6725,
      0.1225,
      0.55
    ],
    "SoftwareVersions": "syngo_MR_E11",
    "SpacingBetweenSlices": 3,
    "StationName": "MRC35368",
    "TaskName": "a",
    "TotalReadoutTime": 0.0298798,
    "TxRefAmp": 249.776,
    "WipMemBlock": "70f69323-cdbc-4c30-a346-c0fcb2a0bd74||Sequence: ve11b/R013 r/f10bb7f; Apr  4 2016 11:55:08 by eja",
    "dataset": "ds002105",
    "modality": "bold",
    "run_id": 2,
    "session_id": "a2",
    "subject_id": "03",
    "task_id": "a"
  },
  "dummy_trs": 0,
  "dvars_nstd": 28.484915307133335,
  "dvars_std": 1.113292438133332,
  "dvars_vstd": 0.9851064555166672,
  "efc": 0.4842106932765872,
  "fber": 4695.451171875,
  "fd_mean": 0.08172194890698366,
  "fd_num": 3,
  "fd_perc": 0.49916805324459235,
  "fwhm_avg": 1.7857761730125805,
  "fwhm_x": 1.7718708965466243,
  "fwhm_y": 1.9034076224911167,
  "fwhm_z": 1.68205,
  "gcor": 0.0194878,
  "gsr_x": -0.0010782815515995026,
  "gsr_y": 0.021945806220173836,
  "provenance": {
    "md5sum": "5362f1430702c46100cc81df880b7433",
    "settings": {
      "fd_thres": 0.2,
      "testing": false
    },
    "software": "mriqc",
    "version": "21.0.0rc2",
    "webapi_port": null,
    "webapi_url": "https://mriqc.nimh.nih.gov/api/v1"
  },
  "size_t": 601,
  "size_x": 84,
  "size_y": 84,
  "size_z": 48,
  "snr": 5.863450429480532,
  "spacing_tr": 1.0,
  "spacing_x": 2.4761905670166016,
  "spacing_y": 2.4761905670166016,
  "spacing_z": 3.0,
  "summary_bg_k": 40.27365583704257,
  "summary_bg_mad": 38.05921347987494,
  "summary_bg_mean": 157.914306640625,
  "summary_bg_median": 53.60981750488281,
  "summary_bg_n": 225940.0,
  "summary_bg_p05": 23.153078079223633,
  "summary_bg_p95": 677.7970550537086,
  "summary_bg_stdv": 290.0151672363281,
  "summary_fg_k": 5.112895640002021,
  "summary_fg_mad": 540.8908249187682,
  "summary_fg_mean": 3807.52001953125,
  "summary_fg_median": 3737.431640625,
  "summary_fg_n": 57036.0,
  "summary_fg_p05": 2968.975341796875,
  "summary_fg_p95": 4838.7674560546875,
  "summary_fg_stdv": 637.4060668945312,
  "tsnr": 49.599478490650654
}