{
  "aor": 0.000512063227953411,
  "aqi": 0.009197810133111481,
  "bids_meta": {
    "AcquisitionMatrixPE": 84,
    "AcquisitionNumber": 1,
    "AcquisitionTime": "13:59:29.207500",
    "BandwidthPerPixelPhaseEncode": 33.069,
    "BaseResolution": 84,
    "BodyPartExamined": "BRAIN",
    "ConsistencyInfo": "N4_VE11B_LATEST_20150530",
    "ConversionSoftware": "dcm2niix",
    "ConversionSoftwareVersion": "v1.0.20181125  GCC4.8.5",
    "DerivedVendorReportedEchoSpacing": 0.000719995,
    "DeviceSerialNumber": "67007",
    "DwellTime": 3.8e-06,
    "EchoTime": 0.03,
    "EchoTrainLength": 36,
    "EffectiveEchoSpacing": 0.000359998,
    "FlipAngle": 40,
    "ImageComments": "Unaliased_MB3_PE4",
    "ImageOrientationPatientDICOM": [
      0.999887,
      0.00427789,
      0.0144401,
      4.69888e-09,
      0.95881,
      -0.284048
    ],
    "ImageType": [
      "ORIGINAL",
      "PRIMARY",
      "M",
      "MB",
      "ND",
      "NORM",
      "MOSAIC"
    ],
    "ImagingFrequency": 123.211,
    "InPlanePhaseEncodingDirectionDICOM": "COL",
    "InstitutionAddress": "Perth_Drive_100_London_Ontario_CA_N6A_5K8",
    "InstitutionName": "Robarts_Research_Institute",
    "InstitutionalDepartmentName": "CFMM",
    "MRAcquisitionType": "2D",
    "MagneticFieldStrength": 3,
    "Manufacturer": "Siemens",
    "ManufacturersModelName": "Prisma_fit",
    "Modality": "MR",
    "MultibandAccelerationFactor": 3,
    "ParallelReductionFactorInPlane": 2,
    "PartialFourier": 0.875,
    "PatientPosition": "HFS",
    "PercentPhaseFOV": 100,
    "PhaseEncodingDirection": "j-",
    "PhaseEncodingSteps": 73,
    "PhaseResolution": 1,
    "PixelBandwidth": 1565,
    "ProcedureStepDescription": "Diedrichsen_Feb2016",
    "ProtocolName": "ep_bold_mb3_p2",
    "PulseSequenceDetails": "%CustomerSeq%_cmrr_mbep2d_bold",
    "ReceiveCoilActiveElements": "HEA;HEP",
    "ReceiveCoilName": "Head_32",
    "ReconMatrixPE": 84,
    "RepetitionTime": 1,
    "SAR": 0.140857,
    "ScanOptions": "PFP_FS_EXT",
    "ScanningSequence": "EP",
    "SequenceName": "epfid2d1_84",
    "SequenceVariant": "SK_SS",
    "SeriesDescription": "ep_bold_mb3_p2",
    "SeriesNumber": 6,
    "ShimSetting": [
      5271,
      -6254,
      -3706,
      555,
      64,
      -145,
      -22,
      -39
    ],
    "SliceThickness": 3,
    "SliceTiming": [
      0,
      0.4275,
      0.8575,
      0.305,
      0.735,
      0.1825,
      0.6125,
      0.06,
      0.49,
      0.9175,
      0.3675,
      0.795,
      0.245,
      0.6725,
      0.1225,
      0.55,
      0,
      0.4275,
      0.8575,
      0.305,
      0.735,
      0.1825,
      0.6125,
      0.06,
      0.49,
      0.9175,
      0.3675,
      0.795,
      0.245,
      0.6725,
      0.1225,
      0.55,
      0,
      0.4275,
      0.8575,
      0.305,
      0.735,
      0.1825,
      0.6125,
      0.06,
      0.49,
      0.9175,
      0.3675,
      0.795,
      0.245,
      0.6725,
      0.1225,
      0.55
    ],
    "SoftwareVersions": "syngo_MR_E11",
    "SpacingBetweenSlices": 3,
    "StationName": "MRC35368",
    "TaskName": "a",
    "TotalReadoutTime": 0.0298798,
    "TxRefAmp": 345.68,
    "WipMemBlock": "376d9f4c-0a41-4157-8949-8d80b21832fe||Sequence: ve11b/master r/93e61f0; Jul 21 2016 00:18:29 by eja",
    "dataset": "ds002105",
    "modality": "bold",
    "run_id": 4,
    "session_id": "a2",
    "subject_id": "15",
    "task_id": "a"
  },
  "dummy_trs": 0,
  "dvars_nstd": 37.21386838903331,
  "dvars_std": 1.2464881037000004,
  "dvars_vstd": 1.003863220466666,
  "efc": 0.5219845216224169,
  "fber": 3607.780029296875,
  "fd_mean": 0.1306861110272102,
  "fd_num": 76,
  "fd_perc": 12.645590682196339,
  "fwhm_avg": 2.0816091564902592,
  "fwhm_x": 2.0044176187860923,
  "fwhm_y": 2.3231531840180186,
  "fwhm_z": 1.9172566666666666,
  "gcor": 0.0142408,
  "gsr_x": -0.007856377400457859,
  "gsr_y": 0.029384950175881386,
  "provenance": {
    "md5sum": "06660244abb3bd79ba34b96fdd938bf8",
    "settings": {
      "fd_thres": 0.2,
      "testing": false
    },
    "software": "mriqc",
    "version": "21.0.0rc2",
    "webapi_port": null,
    "webapi_url": "https://mriqc.nimh.nih.gov/api/v1"
  },
  "size_t": 601,
  "size_x": 84,
  "size_y": 84,
  "size_z": 48,
  "snr": 4.919696449135927,
  "spacing_tr": 1.0,
  "spacing_x": 2.4761905670166016,
  "spacing_y": 2.4761905670166016,
  "spacing_z": 3.0,
  "summary_bg_k": 17.73441319645223,
  "summary_bg_mad": 63.1906753357926,
  "summary_bg_mean": 247.6746063232422,
  "summary_bg_median": 74.25790405273438,
  "summary_bg_n": 214254.0,
  "summary_bg_p05": 26.524126052856445,
  "summary_bg_p95": 1092.396435546871,
  "summary_bg_stdv": 435.5279846191406,
  "summary_fg_k": 3.9984098704069524,
  "summary_fg_mad": 815.3103243917087,
  "summary_fg_mean": 4750.11669921875,
  "summary_fg_median": 4621.60302734375,
  "summary_fg_n": 66102.0,
  "summary_fg_p05": 3559.659533691406,
  "summary_fg_p95": 6317.030029296875,
  "summary_fg_stdv": 939.4010620117188,
  "tsnr": 47.61868352396414
}