{
  "aor": 0.0007845091514143096,
  "aqi": 0.010604078585690515,
  "bids_meta": {
    "AcquisitionMatrixPE": 84,
    "AcquisitionNumber": 1,
    "AcquisitionTime": "13:22:3.285000",
    "BandwidthPerPixelPhaseEncode": 33.069,
    "BaseResolution": 84,
    "BodyPartExamined": "BRAIN",
    "ConsistencyInfo": "N4_VE11B_LATEST_20150530",
    "ConversionSoftware": "dcm2niix",
    "ConversionSoftwareVersion": "v1.0.20181125  GCC4.8.5",
    "DerivedVendorReportedEchoSpacing": 0.000719995,
    "DeviceSerialNumber": "67007",
    "DwellTime": 3.8e-06,
    "EchoTime": 0.03,
    "EchoTrainLength": 36,
    "EffectiveEchoSpacing": 0.000359998,
    "FlipAngle": 40,
    "ImageComments": "Unaliased_MB3_PE4",
    "ImageOrientationPatientDICOM": [
      0.999887,
      0.00427789,
      0.0144401,
      4.69888e-09,
      0.95881,
      -0.284048
    ],
    "ImageType": [
      "ORIGINAL",
      "PRIMARY",
      "M",
      "MB",
      "ND",
      "NORM",
      "MOSAIC"
    ],
    "ImagingFrequency": 123.211,
    "InPlanePhaseEncodingDirectionDICOM": "COL",
    "InstitutionAddress": "Perth_Drive_100_London_Ontario_CA_N6A_5K8",
    "InstitutionName": "Robarts_Research_Institute",
    "InstitutionalDepartmentName": "CFMM",
    "MRAcquisitionType": "2D",
    "MagneticFieldStrength": 3,
    "Manufacturer": "Siemens",
    "ManufacturersModelName": "Prisma_fit",
    "Modality": "MR",
    "MultibandAccelerationFactor": 3,
    "ParallelReductionFactorInPlane": 2,
    "PartialFourier": 0.875,
    "PatientPosition": "HFS",
    "PercentPhaseFOV": 100,
    "PhaseEncodingDirection": "j-",
    "PhaseEncodingSteps": 73,
    "PhaseResolution": 1,
    "PixelBandwidth": 1565,
    "ProcedureStepDescription": "Diedrichsen_Feb2016",
    "ProtocolName": "ep_bold_mb3_p2",
    "PulseSequenceDetails": "%CustomerSeq%_cmrr_mbep2d_bold",
    "ReceiveCoilActiveElements": "HEA;HEP",
    "ReceiveCoilName": "Head_32",
    "ReconMatrixPE": 84,
    "RepetitionTime": 1,
    "SAR": 0.140857,
    "ScanOptions": "PFP_FS_EXT",
    "ScanningSequence": "EP",
    "SequenceName": "epfid2d1_84",
    "SequenceVariant": "SK_SS",
    "SeriesDescription": "ep_bold_mb3_p2",
    "SeriesNumber": 3,
    "ShimSetting": [
      5271,
      -6254,
      -3706,
      555,
      64,
      -145,
      -22,
      -39
    ],
    "SliceThickness": 3,
    "SliceTiming": [
      0,
      0.4275,
      0.8575,
      0.305,
      0.735,
      0.1825,
      0.6125,
      0.06,
      0.49,
      0.9175,
      0.3675,
      0.795,
      0.245,
      0.6725,
      0.1225,
      0.55,
      0,
      0.4275,
      0.8575,
      0.305,
      0.735,
      0.1825,
      0.6125,
      0.06,
      0.49,
      0.9175,
      0.3675,
      0.795,
      0.245,
      0.6725,
      0.1225,
      0.55,
      0,
      0.4275,
      0.8575,
      0.305,
      0.735,
      0.1825,
      0.6125,
      0.06,
      0.49,
      0.9175,
      0.3675,
      0.795,
      0.245,
      0.6725,
      0.1225,
      0.55
    ],
    "SoftwareVersions": "syngo_MR_E11",
    "SpacingBetweenSlices": 3,
    "StationName": "MRC35368",
    "TaskName": "a",
    "TotalReadoutTime": 0.0298798,
    "TxRefAmp": 345.68,
    "WipMemBlock": "fd0fd922-9b66-49a7-b44d-07419f6ad8f1||Sequence: ve11b/master r/93e61f0; Jul 21 2016 00:18:29 by eja",
    "dataset": "ds002105",
    "modality": "bold",
    "run_id": 2,
    "session_id": "a2",
    "subject_id": "15",
    "task_id": "a"
  },
  "dummy_trs": 0,
  "dvars_nstd": 38.46269421901668,
  "dvars_std": 1.2528289029000024,
  "dvars_vstd": 0.996149243283334,
  "efc": 0.5195797246691004,
  "fber": 3878.5400390625,
  "fd_mean": 0.1372054366829126,
  "fd_num": 59,
  "fd_perc": 9.816971713810316,
  "fwhm_avg": 2.1055485362456934,
  "fwhm_x": 2.0213226181660207,
  "fwhm_y": 2.354212990571059,
  "fwhm_z": 1.9411100000000001,
  "gcor": 0.0123786,
  "gsr_x": -0.008013078011572361,
  "gsr_y": 0.030150417238473892,
  "provenance": {
    "md5sum": "86cbf8c47d6e20616a7f8e33bf10d7aa",
    "settings": {
      "fd_thres": 0.2,
      "testing": false
    },
    "software": "mriqc",
    "version": "21.0.0rc2",
    "webapi_port": null,
    "webapi_url": "https://mriqc.nimh.nih.gov/api/v1"
  },
  "size_t": 601,
  "size_x": 84,
  "size_y": 84,
  "size_z": 48,
  "snr": 4.898792470030878,
  "spacing_tr": 1.0,
  "spacing_x": 2.4761905670166016,
  "spacing_y": 2.4761905670166016,
  "spacing_z": 3.0,
  "summary_bg_k": 18.807083921342997,
  "summary_bg_mad": 59.365758259994074,
  "summary_bg_mean": 238.41574096679688,
  "summary_bg_median": 71.52412414550781,
  "summary_bg_n": 214225.0,
  "summary_bg_p05": 26.69717025756836,
  "summary_bg_p95": 1046.1040771484375,
  "summary_bg_stdv": 423.1990966796875,
  "summary_fg_k": 3.955479986675561,
  "summary_fg_mad": 820.510291059446,
  "summary_fg_mean": 4757.25390625,
  "summary_fg_median": 4625.57568359375,
  "summary_fg_n": 66059.0,
  "summary_fg_p05": 3564.5162109375,
  "summary_fg_p95": 6353.058642578125,
  "summary_fg_stdv": 944.2205810546875,
  "tsnr": 45.77406808687374
}