{
  "aor": 0.00047357737104825287,
  "aqi": 0.009801137287853577,
  "bids_meta": {
    "AcquisitionMatrixPE": 84,
    "AcquisitionNumber": 1,
    "AcquisitionTime": "14:47:39.827500",
    "BandwidthPerPixelPhaseEncode": 33.069,
    "BaseResolution": 84,
    "BodyPartExamined": "BRAIN",
    "ConsistencyInfo": "N4_VE11B_LATEST_20150530",
    "ConversionSoftware": "dcm2niix",
    "ConversionSoftwareVersion": "v1.0.20181125  GCC4.8.5",
    "DerivedVendorReportedEchoSpacing": 0.000719995,
    "DeviceSerialNumber": "67007",
    "DwellTime": 3.8e-06,
    "EchoTime": 0.03,
    "EchoTrainLength": 36,
    "EffectiveEchoSpacing": 0.000359998,
    "FlipAngle": 40,
    "ImageComments": "Unaliased_MB3_PE4",
    "ImageOrientationPatientDICOM": [
      0.999887,
      0.00427789,
      0.0144401,
      4.69888e-09,
      0.95881,
      -0.284048
    ],
    "ImageType": [
      "ORIGINAL",
      "PRIMARY",
      "M",
      "MB",
      "ND",
      "NORM",
      "MOSAIC"
    ],
    "ImagingFrequency": 123.211,
    "InPlanePhaseEncodingDirectionDICOM": "COL",
    "InstitutionAddress": "Perth_Drive_100_London_Ontario_CA_N6A_5K8",
    "InstitutionName": "Robarts_Research_Institute",
    "InstitutionalDepartmentName": "CFMM",
    "MRAcquisitionType": "2D",
    "MagneticFieldStrength": 3,
    "Manufacturer": "Siemens",
    "ManufacturersModelName": "Prisma_fit",
    "Modality": "MR",
    "MultibandAccelerationFactor": 3,
    "ParallelReductionFactorInPlane": 2,
    "PartialFourier": 0.875,
    "PatientPosition": "HFS",
    "PercentPhaseFOV": 100,
    "PhaseEncodingDirection": "j-",
    "PhaseEncodingSteps": 73,
    "PhaseResolution": 1,
    "PixelBandwidth": 1565,
    "ProcedureStepDescription": "Diedrichsen_Feb2016",
    "ProtocolName": "ep_bold_mb3_p2",
    "PulseSequenceDetails": "%CustomerSeq%_cmrr_mbep2d_bold",
    "ReceiveCoilActiveElements": "HEA;HEP",
    "ReceiveCoilName": "Head_32",
    "ReconMatrixPE": 84,
    "RepetitionTime": 1,
    "SAR": 0.140857,
    "ScanOptions": "PFP_FS_EXT",
    "ScanningSequence": "EP",
    "SequenceName": "epfid2d1_84",
    "SequenceVariant": "SK_SS",
    "SeriesDescription": "ep_bold_mb3_p2",
    "SeriesNumber": 10,
    "ShimSetting": [
      5271,
      -6254,
      -3706,
      555,
      64,
      -145,
      -22,
      -39
    ],
    "SliceThickness": 3,
    "SliceTiming": [
      0,
      0.43,
      0.8575,
      0.3075,
      0.735,
      0.185,
      0.6125,
      0.0625,
      0.49,
      0.9175,
      0.3675,
      0.7975,
      0.245,
      0.675,
      0.1225,
      0.5525,
      0,
      0.43,
      0.8575,
      0.3075,
      0.735,
      0.185,
      0.6125,
      0.0625,
      0.49,
      0.9175,
      0.3675,
      0.7975,
      0.245,
      0.675,
      0.1225,
      0.5525,
      0,
      0.43,
      0.8575,
      0.3075,
      0.735,
      0.185,
      0.6125,
      0.0625,
      0.49,
      0.9175,
      0.3675,
      0.7975,
      0.245,
      0.675,
      0.1225,
      0.5525
    ],
    "SoftwareVersions": "syngo_MR_E11",
    "SpacingBetweenSlices": 3,
    "StationName": "MRC35368",
    "TaskName": "a",
    "TotalReadoutTime": 0.0298798,
    "TxRefAmp": 345.68,
    "WipMemBlock": "b24bd084-d14c-4ade-b047-166ceb4a94eb||Sequence: ve11b/master r/93e61f0; Jul 21 2016 00:18:29 by eja",
    "dataset": "ds002105",
    "modality": "bold",
    "run_id": 8,
    "session_id": "a2",
    "subject_id": "15",
    "task_id": "a"
  },
  "dummy_trs": 0,
  "dvars_nstd": 35.185809780883304,
  "dvars_std": 1.2097172075500007,
  "dvars_vstd": 1.0005721479166665,
  "efc": 0.5245460801033931,
  "fber": 3508.572021484375,
  "fd_mean": 0.1331852102843505,
  "fd_num": 80,
  "fd_perc": 13.311148086522463,
  "fwhm_avg": 2.078705887326,
  "fwhm_x": 1.9923183884606588,
  "fwhm_y": 2.329812606850675,
  "fwhm_z": 1.9139866666666665,
  "gcor": 0.0144897,
  "gsr_x": -0.008756004273891449,
  "gsr_y": 0.02904653735458851,
  "provenance": {
    "md5sum": "1ff9e895b06eec1bee841fd4dfb9807c",
    "settings": {
      "fd_thres": 0.2,
      "testing": false
    },
    "software": "mriqc",
    "version": "21.0.0rc2",
    "webapi_port": null,
    "webapi_url": "https://mriqc.nimh.nih.gov/api/v1"
  },
  "size_t": 601,
  "size_x": 84,
  "size_y": 84,
  "size_z": 48,
  "snr": 4.945144976134389,
  "spacing_tr": 1.0,
  "spacing_x": 2.4761905670166016,
  "spacing_y": 2.4761905670166016,
  "spacing_z": 3.0,
  "summary_bg_k": 17.540682523632576,
  "summary_bg_mad": 64.5659709497516,
  "summary_bg_mean": 257.2139892578125,
  "summary_bg_median": 75.48419189453125,
  "summary_bg_n": 214159.0,
  "summary_bg_p05": 27.249582290649414,
  "summary_bg_p95": 1149.737023925781,
  "summary_bg_stdv": 451.0426025390625,
  "summary_fg_k": 4.000447513315172,
  "summary_fg_mad": 817.4786663326165,
  "summary_fg_mean": 4767.0576171875,
  "summary_fg_median": 4640.1982421875,
  "summary_fg_n": 66172.0,
  "summary_fg_p05": 3574.309814453125,
  "summary_fg_p95": 6337.700781249999,
  "summary_fg_stdv": 938.3270263671875,
  "tsnr": 47.10761805064976
}