{
  "aor": 0.00116216306156406,
  "aqi": 0.009525966422628951,
  "bids_meta": {
    "AcquisitionMatrixPE": 84,
    "AcquisitionNumber": 1,
    "AcquisitionTime": "13:33:39.212500",
    "BandwidthPerPixelPhaseEncode": 33.069,
    "BaseResolution": 84,
    "BodyPartExamined": "BRAIN",
    "ConsistencyInfo": "N4_VE11B_LATEST_20150530",
    "ConversionSoftware": "dcm2niix",
    "ConversionSoftwareVersion": "v1.0.20181125  GCC4.8.5",
    "DerivedVendorReportedEchoSpacing": 0.000719995,
    "DeviceSerialNumber": "67007",
    "DwellTime": 3.8e-06,
    "EchoTime": 0.03,
    "EchoTrainLength": 36,
    "EffectiveEchoSpacing": 0.000359998,
    "FlipAngle": 40,
    "ImageComments": "Unaliased_MB3_PE4",
    "ImageOrientationPatientDICOM": [
      0.999887,
      0.00427789,
      0.0144401,
      4.69888e-09,
      0.95881,
      -0.284048
    ],
    "ImageType": [
      "ORIGINAL",
      "PRIMARY",
      "M",
      "MB",
      "ND",
      "NORM",
      "MOSAIC"
    ],
    "ImagingFrequency": 123.211,
    "InPlanePhaseEncodingDirectionDICOM": "COL",
    "InstitutionAddress": "Perth_Drive_100_London_Ontario_CA_N6A_5K8",
    "InstitutionName": "Robarts_Research_Institute",
    "InstitutionalDepartmentName": "CFMM",
    "MRAcquisitionType": "2D",
    "MagneticFieldStrength": 3,
    "Manufacturer": "Siemens",
    "ManufacturersModelName": "Prisma_fit",
    "Modality": "MR",
    "MultibandAccelerationFactor": 3,
    "ParallelReductionFactorInPlane": 2,
    "PartialFourier": 0.875,
    "PatientPosition": "HFS",
    "PercentPhaseFOV": 100,
    "PhaseEncodingDirection": "j-",
    "PhaseEncodingSteps": 73,
    "PhaseResolution": 1,
    "PixelBandwidth": 1565,
    "ProcedureStepDescription": "Diedrichsen_Feb2016",
    "ProtocolName": "ep_bold_mb3_p2",
    "PulseSequenceDetails": "%CustomerSeq%_cmrr_mbep2d_bold",
    "ReceiveCoilActiveElements": "HEA;HEP",
    "ReceiveCoilName": "Head_32",
    "ReconMatrixPE": 84,
    "RepetitionTime": 1,
    "SAR": 0.140857,
    "ScanOptions": "PFP_FS_EXT",
    "ScanningSequence": "EP",
    "SequenceName": "epfid2d1_84",
    "SequenceVariant": "SK_SS",
    "SeriesDescription": "ep_bold_mb3_p2",
    "SeriesNumber": 4,
    "ShimSetting": [
      5271,
      -6254,
      -3706,
      555,
      64,
      -145,
      -22,
      -39
    ],
    "SliceThickness": 3,
    "SliceTiming": [
      0,
      0.4275,
      0.8575,
      0.305,
      0.735,
      0.1825,
      0.6125,
      0.06,
      0.49,
      0.9175,
      0.3675,
      0.795,
      0.245,
      0.6725,
      0.1225,
      0.55,
      0,
      0.4275,
      0.8575,
      0.305,
      0.735,
      0.1825,
      0.6125,
      0.06,
      0.49,
      0.9175,
      0.3675,
      0.795,
      0.245,
      0.6725,
      0.1225,
      0.55,
      0,
      0.4275,
      0.8575,
      0.305,
      0.735,
      0.1825,
      0.6125,
      0.06,
      0.49,
      0.9175,
      0.3675,
      0.795,
      0.245,
      0.6725,
      0.1225,
      0.55
    ],
    "SoftwareVersions": "syngo_MR_E11",
    "SpacingBetweenSlices": 3,
    "StationName": "MRC35368",
    "TaskName": "a",
    "TotalReadoutTime": 0.0298798,
    "TxRefAmp": 345.68,
    "WipMemBlock": "79c2ead3-642d-4a8c-ae1c-88929cafd1b3||Sequence: ve11b/master r/93e61f0; Jul 21 2016 00:18:29 by eja",
    "dataset": "ds002105",
    "modality": "bold",
    "run_id": 3,
    "session_id": "a2",
    "subject_id": "15",
    "task_id": "a"
  },
  "dummy_trs": 0,
  "dvars_nstd": 39.18206718768331,
  "dvars_std": 1.2904447260166656,
  "dvars_vstd": 1.013105487199999,
  "efc": 0.5212152435834666,
  "fber": 3683.065185546875,
  "fd_mean": 0.14320715283306093,
  "fd_num": 84,
  "fd_perc": 13.976705490848586,
  "fwhm_avg": 2.0915213571327884,
  "fwhm_x": 2.008880118622409,
  "fwhm_y": 2.336043952775957,
  "fwhm_z": 1.92964,
  "gcor": 0.0163466,
  "gsr_x": -0.008963832631707191,
  "gsr_y": 0.02935047261416912,
  "provenance": {
    "md5sum": "5fa67d3f1671b8f9649407afed1c6c89",
    "settings": {
      "fd_thres": 0.2,
      "testing": false
    },
    "software": "mriqc",
    "version": "21.0.0rc2",
    "webapi_port": null,
    "webapi_url": "https://mriqc.nimh.nih.gov/api/v1"
  },
  "size_t": 601,
  "size_x": 84,
  "size_y": 84,
  "size_z": 48,
  "snr": 4.885417970291215,
  "spacing_tr": 1.0,
  "spacing_x": 2.4761905670166016,
  "spacing_y": 2.4761905670166016,
  "spacing_z": 3.0,
  "summary_bg_k": 17.672750623369435,
  "summary_bg_mad": 62.141013902412915,
  "summary_bg_mean": 243.34243774414062,
  "summary_bg_median": 73.20964813232422,
  "summary_bg_n": 214041.0,
  "summary_bg_p05": 25.921796798706055,
  "summary_bg_p95": 1075.585693359375,
  "summary_bg_stdv": 429.0421142578125,
  "summary_fg_k": 4.037791559315951,
  "summary_fg_mad": 814.0767530145928,
  "summary_fg_mean": 4743.4521484375,
  "summary_fg_median": 4613.2958984375,
  "summary_fg_n": 66225.0,
  "summary_fg_p05": 3550.96796875,
  "summary_fg_p95": 6324.41630859375,
  "summary_fg_stdv": 944.2919921875,
  "tsnr": 47.32652958598919
}