{
  "aor": 0.0006942809364548496,
  "aqi": 0.01157768973244147,
  "bids_meta": {
    "AcquisitionMatrixPE": 84,
    "AcquisitionNumber": 1,
    "AcquisitionTime": "13:11:3.765000",
    "BandwidthPerPixelPhaseEncode": 33.069,
    "BaseResolution": 84,
    "BodyPartExamined": "BRAIN",
    "ConsistencyInfo": "N4_VE11B_LATEST_20150530",
    "ConversionSoftware": "dcm2niix",
    "ConversionSoftwareVersion": "v1.0.20181125  GCC4.8.5",
    "DerivedVendorReportedEchoSpacing": 0.000719995,
    "DeviceSerialNumber": "67007",
    "DwellTime": 3.8e-06,
    "EchoTime": 0.03,
    "EchoTrainLength": 36,
    "EffectiveEchoSpacing": 0.000359998,
    "FlipAngle": 40,
    "ImageComments": "Unaliased_MB3_PE4",
    "ImageOrientationPatientDICOM": [
      0.999887,
      0.00427789,
      0.0144401,
      4.69888e-09,
      0.95881,
      -0.284048
    ],
    "ImageType": [
      "ORIGINAL",
      "PRIMARY",
      "M",
      "MB",
      "ND",
      "NORM",
      "MOSAIC"
    ],
    "ImagingFrequency": 123.211,
    "InPlanePhaseEncodingDirectionDICOM": "COL",
    "InstitutionAddress": "Perth_Drive_100_London_Ontario_CA_N6A_5K8",
    "InstitutionName": "Robarts_Research_Institute",
    "InstitutionalDepartmentName": "CFMM",
    "MRAcquisitionType": "2D",
    "MagneticFieldStrength": 3,
    "Manufacturer": "Siemens",
    "ManufacturersModelName": "Prisma_fit",
    "Modality": "MR",
    "MultibandAccelerationFactor": 3,
    "ParallelReductionFactorInPlane": 2,
    "PartialFourier": 0.875,
    "PatientPosition": "HFS",
    "PercentPhaseFOV": 100,
    "PhaseEncodingDirection": "j-",
    "PhaseEncodingSteps": 73,
    "PhaseResolution": 1,
    "PixelBandwidth": 1565,
    "ProcedureStepDescription": "Diedrichsen_Feb2016",
    "ProtocolName": "ep_bold_mb3_p2",
    "PulseSequenceDetails": "%CustomerSeq%_cmrr_mbep2d_bold",
    "ReceiveCoilActiveElements": "HEA;HEP",
    "ReceiveCoilName": "Head_32",
    "ReconMatrixPE": 84,
    "RepetitionTime": 1,
    "SAR": 0.140857,
    "ScanOptions": "PFP_FS_EXT",
    "ScanningSequence": "EP",
    "SequenceName": "epfid2d1_84",
    "SequenceVariant": "SK_SS",
    "SeriesDescription": "ep_bold_mb3_p2",
    "SeriesNumber": 2,
    "ShimSetting": [
      5271,
      -6254,
      -3706,
      555,
      64,
      -145,
      -22,
      -39
    ],
    "SliceThickness": 3,
    "SliceTiming": [
      0,
      0.43,
      0.8575,
      0.3075,
      0.735,
      0.185,
      0.6125,
      0.0625,
      0.49,
      0.92,
      0.3675,
      0.7975,
      0.245,
      0.675,
      0.1225,
      0.5525,
      0,
      0.43,
      0.8575,
      0.3075,
      0.735,
      0.185,
      0.6125,
      0.0625,
      0.49,
      0.92,
      0.3675,
      0.7975,
      0.245,
      0.675,
      0.1225,
      0.5525,
      0,
      0.43,
      0.8575,
      0.3075,
      0.735,
      0.185,
      0.6125,
      0.0625,
      0.49,
      0.92,
      0.3675,
      0.7975,
      0.245,
      0.675,
      0.1225,
      0.5525
    ],
    "SoftwareVersions": "syngo_MR_E11",
    "SpacingBetweenSlices": 3,
    "StationName": "MRC35368",
    "TaskName": "a",
    "TotalReadoutTime": 0.0298798,
    "TxRefAmp": 345.68,
    "WipMemBlock": "c68e0fcb-1ea4-4f8f-974d-5862c63daf13||Sequence: ve11b/master r/93e61f0; Jul 21 2016 00:18:29 by eja",
    "dataset": "ds002105",
    "modality": "bold",
    "run_id": 1,
    "session_id": "a2",
    "subject_id": "15",
    "task_id": "a"
  },
  "dummy_trs": 3,
  "dvars_nstd": 37.54903420175882,
  "dvars_std": 1.183896419715243,
  "dvars_vstd": 0.985879052747068,
  "efc": 0.5206490175190783,
  "fber": 3652.868896484375,
  "fd_mean": 0.13122014014526942,
  "fd_num": 64,
  "fd_perc": 10.702341137123746,
  "fwhm_avg": 2.105071442072767,
  "fwhm_x": 2.0275701179368637,
  "fwhm_y": 2.360710874948103,
  "fwhm_z": 1.9269333333333334,
  "gcor": 0.0100871,
  "gsr_x": -0.008600902743637562,
  "gsr_y": 0.0320122130215168,
  "provenance": {
    "md5sum": "b76c91b25db7704403c1d2228ee2f946",
    "settings": {
      "fd_thres": 0.2,
      "testing": false
    },
    "software": "mriqc",
    "version": "21.0.0rc2",
    "webapi_port": null,
    "webapi_url": "https://mriqc.nimh.nih.gov/api/v1"
  },
  "size_t": 598,
  "size_x": 84,
  "size_y": 84,
  "size_z": 48,
  "snr": 4.975803100137616,
  "spacing_tr": 1.0,
  "spacing_x": 2.4761905670166016,
  "spacing_y": 2.4761905670166016,
  "spacing_z": 3.0,
  "summary_bg_k": 18.820541806908217,
  "summary_bg_mad": 61.5279948958218,
  "summary_bg_mean": 238.97784423828125,
  "summary_bg_median": 73.033447265625,
  "summary_bg_n": 214421.0,
  "summary_bg_p05": 26.210702896118164,
  "summary_bg_p95": 1023.4765625,
  "summary_bg_stdv": 413.05126953125,
  "summary_fg_k": 3.6870853027973345,
  "summary_fg_mad": 799.1899209729183,
  "summary_fg_mean": 4706.1953125,
  "summary_fg_median": 4585.5634765625,
  "summary_fg_n": 65985.0,
  "summary_fg_p05": 3513.675146484375,
  "summary_fg_p95": 6249.089160156249,
  "summary_fg_stdv": 921.5655517578125,
  "tsnr": 44.22901323833503
}