{
  "bids_meta": {
    "AcquisitionMatrixPE": 256,
    "AcquisitionNumber": 1,
    "AcquisitionTime": "14:12:19.865000",
    "BaseResolution": 256,
    "BodyPartExamined": "BRAIN",
    "ConsistencyInfo": "N4_VE11B_LATEST_20150530",
    "ConversionSoftware": "dcm2niix",
    "ConversionSoftwareVersion": "v1.0.20181125  GCC4.8.5",
    "DeviceSerialNumber": "67007",
    "DwellTime": 8.9e-06,
    "EchoTime": 0.091,
    "EchoTrainLength": 18,
    "FlipAngle": 120,
    "ImageOrientationPatientDICOM": [
      1,
      0,
      0,
      0,
      0.848048,
      -0.529919
    ],
    "ImageType": [
      "ORIGINAL",
      "PRIMARY",
      "M",
      "ND",
      "NORM"
    ],
    "ImagingFrequency": 123.211,
    "InPlanePhaseEncodingDirectionDICOM": "COL",
    "InstitutionAddress": "Perth_Drive_100_London_Ontario_CA_N6A_5K8",
    "InstitutionName": "Robarts_Research_Institute",
    "InstitutionalDepartmentName": "CFMM",
    "Interpolation2D": 1,
    "MRAcquisitionType": "2D",
    "MagneticFieldStrength": 3,
    "Manufacturer": "Siemens",
    "ManufacturersModelName": "Prisma_fit",
    "Modality": "MR",
    "ParallelReductionFactorInPlane": 2,
    "PartialFourier": 1,
    "PatientPosition": "HFS",
    "PercentPhaseFOV": 100,
    "PhaseEncodingDirection": "j-",
    "PhaseEncodingSteps": 255,
    "PhaseResolution": 1,
    "PixelBandwidth": 220,
    "ProcedureStepDescription": "Diedrichsen_MCC",
    "ProtocolName": "t2_tse_tra_256_p2",
    "PulseSequenceDetails": "%SiemensSeq%_tse",
    "ReceiveCoilActiveElements": "HEA;HEP",
    "ReceiveCoilName": "Head_32",
    "ReconMatrixPE": 512,
    "RepetitionTime": 8.53,
    "SAR": 0.659702,
    "ScanningSequence": "SE",
    "SequenceName": "_tse2d1_18",
    "SequenceVariant": "SK_SP",
    "SeriesDescription": "t2_tse_tra_256_p2",
    "SeriesNumber": 20,
    "ShimSetting": [
      5237,
      -6157,
      -4055,
      53,
      3,
      -37,
      -27,
      1
    ],
    "SliceThickness": 3,
    "SoftwareVersions": "syngo_MR_E11",
    "SpacingBetweenSlices": 3,
    "StationName": "MRC35368",
    "TxRefAmp": 251.949,
    "dataset": "ds002105",
    "modality": "T2w",
    "session_id": "a1",
    "subject_id": "27"
  },
  "cjv": 0.4335864362968211,
  "cnr": 3.324801269875522,
  "efc": 0.5378876412973527,
  "fber": 13280.504544005104,
  "fwhm_avg": 4.630616283940607,
  "fwhm_x": 5.867741538461539,
  "fwhm_y": 6.339593846153846,
  "fwhm_z": 1.6845134672064357,
  "icvs_csf": 0.18168591452465319,
  "icvs_gm": 0.4548121627216953,
  "icvs_wm": 0.3635019227536515,
  "inu_med": 1.2990391254425049,
  "inu_range": 0.17242169380187988,
  "provenance": {
    "md5sum": "87d7bfe884c12a939043afe4018b11ba",
    "settings": {
      "testing": false
    },
    "software": "mriqc",
    "version": "21.0.0rc2",
    "warnings": {
      "large_rot_frame": true,
      "small_air_mask": false
    },
    "webapi_port": null,
    "webapi_url": "https://mriqc.nimh.nih.gov/api/v1"
  },
  "qi_1": 0.0,
  "qi_2": 0.00430951579919534,
  "rpve_csf": 19.16439858784056,
  "rpve_gm": 8.906183761532489,
  "rpve_wm": 12.20558684432583,
  "size_x": 512,
  "size_y": 512,
  "size_z": 48,
  "snr_csf": 3.6223647536963557,
  "snr_gm": 11.691529013761956,
  "snr_total": 7.9963902342788415,
  "snr_wm": 8.675276935378212,
  "snrd_csf": 249.2218832084466,
  "snrd_gm": 120.45250909248153,
  "snrd_total": 147.9781234096083,
  "snrd_wm": 74.25997792789676,
  "spacing_x": 0.40625,
  "spacing_y": 0.40625,
  "spacing_z": 2.999999761581421,
  "summary_bg_k": 225.51931034753417,
  "summary_bg_mad": 9.136758280644928,
  "summary_bg_mean": 16.68586873311936,
  "summary_bg_median": 12.215252302587032,
  "summary_bg_n": 3506392.0,
  "summary_bg_p05": 0.0,
  "summary_bg_p95": 36.75580422580242,
  "summary_bg_stdv": 51.44930966054001,
  "summary_csf_k": 1.5726867833169171,
  "summary_csf_mad": 852.8184916594828,
  "summary_csf_mean": 3505.4814988936023,
  "summary_csf_median": 3475.7344930171967,
  "summary_csf_n": 293961.0,
  "summary_csf_p05": 2082.865588568151,
  "summary_csf_p95": 4981.732040412724,
  "summary_csf_stdv": 959.5192139521923,
  "summary_gm_k": -0.2603237067283035,
  "summary_gm_mad": 155.32489077096378,
  "summary_gm_mean": 1684.747948698306,
  "summary_gm_median": 1679.8723099008203,
  "summary_gm_n": 657110.0,
  "summary_gm_p05": 1463.0790933594108,
  "summary_gm_p95": 1921.0960310474038,
  "summary_gm_stdv": 143.6827492533571,
  "summary_wm_k": 0.11639946559093106,
  "summary_wm_mad": 123.99886238018117,
  "summary_wm_mean": 1032.7758709569325,
  "summary_wm_median": 1035.655310086906,
  "summary_wm_n": 627454.0,
  "summary_wm_p05": 833.9385761171579,
  "summary_wm_p95": 1216.5731009468436,
  "summary_wm_stdv": 119.37999126912858,
  "tpm_overlap_csf": 0.1474623829126358,
  "tpm_overlap_gm": 0.4178491532802582,
  "tpm_overlap_wm": 0.43149957060813904,
  "wm2max": 0.1969899945577092
}