{
  "bids_meta": {
    "AcquisitionMatrixPE": 200,
    "AcquisitionNumber": 1,
    "AcquisitionTime": "12:29:20.137500",
    "BaseResolution": 256,
    "BodyPartExamined": "BRAIN",
    "ConsistencyInfo": "N4_VE11B_LATEST_20150530",
    "ConversionSoftware": "dcm2niix",
    "ConversionSoftwareVersion": "v1.0.20181125  GCC4.8.5",
    "DeviceSerialNumber": "67007",
    "DwellTime": 8.2e-06,
    "EchoTime": 0.00298,
    "FlipAngle": 9,
    "ImageOrientationPatientDICOM": [
      0,
      1,
      0,
      0,
      0,
      -1
    ],
    "ImageType": [
      "ORIGINAL",
      "PRIMARY",
      "M",
      "ND",
      "NORM"
    ],
    "ImagingFrequency": 123.211,
    "InPlanePhaseEncodingDirectionDICOM": "ROW",
    "InstitutionAddress": "Perth_Drive_100_London_Ontario_CA_N6A_5K8",
    "InstitutionName": "Robarts_Research_Institute",
    "InstitutionalDepartmentName": "CFMM",
    "InversionTime": 0.9,
    "MRAcquisitionType": "3D",
    "MagneticFieldStrength": 3,
    "Manufacturer": "Siemens",
    "ManufacturersModelName": "Prisma_fit",
    "Modality": "MR",
    "PartialFourier": 1,
    "PatientPosition": "HFS",
    "PercentPhaseFOV": 78.125,
    "PhaseEncodingSteps": 199,
    "PhaseResolution": 1,
    "PixelBandwidth": 240,
    "ProcedureStepDescription": "Diedrichsen_MCC",
    "ProtocolName": "mprage_sag_p2",
    "PulseSequenceDetails": "%SiemensSeq%_tfl",
    "ReceiveCoilActiveElements": "HEA;HEP",
    "ReceiveCoilName": "Head_32",
    "ReconMatrixPE": 256,
    "RepetitionTime": 2.3,
    "SAR": 0.048002,
    "ScanOptions": "IR",
    "ScanningSequence": "GR_IR",
    "SequenceName": "_tfl3d1_16ns",
    "SequenceVariant": "SK_SP_MP",
    "SeriesDescription": "mprage_sag_p2",
    "SeriesNumber": 6,
    "ShimSetting": [
      5242,
      -6235,
      -3931,
      219,
      51,
      -32,
      124,
      10
    ],
    "SliceThickness": 1,
    "SoftwareVersions": "syngo_MR_E11",
    "StationName": "MRC35368",
    "TxRefAmp": 231.744,
    "dataset": "ds002105",
    "modality": "T1w",
    "session_id": "a1",
    "subject_id": "27"
  },
  "cjv": 0.34669172098633994,
  "cnr": 3.745709432614801,
  "efc": 0.5606291596479056,
  "fber": 18202.08268066928,
  "fwhm_avg": 3.1611466666666668,
  "fwhm_x": 3.26338,
  "fwhm_y": 3.169,
  "fwhm_z": 3.05106,
  "icvs_csf": 0.19183311679842227,
  "icvs_gm": 0.4649641850177884,
  "icvs_wm": 0.34320269818378935,
  "inu_med": 1.365321397781372,
  "inu_range": 0.2930554866790771,
  "provenance": {
    "md5sum": "eb726f1a7dc2de01c82daf0c70dfb45c",
    "settings": {
      "testing": false
    },
    "software": "mriqc",
    "version": "21.0.0rc2",
    "warnings": {
      "large_rot_frame": true,
      "small_air_mask": false
    },
    "webapi_port": null,
    "webapi_url": "https://mriqc.nimh.nih.gov/api/v1"
  },
  "qi_1": 0.025428073659527,
  "qi_2": 0.011438898347162784,
  "rpve_csf": 27.08921898186003,
  "rpve_gm": 12.654805932075515,
  "rpve_wm": 19.795908622663948,
  "size_x": 176,
  "size_y": 200,
  "size_z": 256,
  "snr_csf": 2.9661528310297642,
  "snr_gm": 10.521437667520345,
  "snr_total": 11.4354358869524,
  "snr_wm": 20.818717162307088,
  "snrd_csf": 30.324741469718802,
  "snrd_gm": 63.227847461373095,
  "snrd_total": 61.57400466069734,
  "snrd_wm": 91.16942505100012,
  "spacing_x": 1.0,
  "spacing_y": 1.0,
  "spacing_z": 1.0,
  "summary_bg_k": 10.700442449493504,
  "summary_bg_mad": 7.1855839051537105,
  "summary_bg_mean": 6.42434484182534,
  "summary_bg_median": 4.893657088279724,
  "summary_bg_n": 2052492.0,
  "summary_bg_p05": 0.0,
  "summary_bg_p95": 19.48051956295967,
  "summary_bg_stdv": 6.558131219601542,
  "summary_csf_k": -0.41620929860221123,
  "summary_csf_mad": 125.01520735956747,
  "summary_csf_mean": 351.84973179104645,
  "summary_csf_median": 332.6039916202426,
  "summary_csf_n": 9266.0,
  "summary_csf_p05": 198.72247401997447,
  "summary_csf_p95": 541.5843237675726,
  "summary_csf_stdv": 112.12707589001386,
  "summary_gm_k": 0.12558622650509976,
  "summary_gm_mad": 63.065707284067514,
  "summary_gm_mean": 694.7837256345539,
  "summary_gm_median": 693.4876746833324,
  "summary_gm_n": 17264.0,
  "summary_gm_p05": 585.8413350597024,
  "summary_gm_p95": 806.6393785312771,
  "summary_gm_stdv": 65.90996511264704,
  "summary_wm_k": 0.9309039561361123,
  "summary_wm_mad": 43.183266381457734,
  "summary_wm_mean": 996.3109855337348,
  "summary_wm_median": 999.9529498368502,
  "summary_wm_n": 127185.0,
  "summary_wm_p05": 909.5614568889141,
  "summary_wm_p95": 1067.6171699613333,
  "summary_wm_stdv": 48.03125048181756,
  "tpm_overlap_csf": 0.18286189436912537,
  "tpm_overlap_gm": 0.4565544128417969,
  "tpm_overlap_wm": 0.49820321798324585,
  "wm2max": 0.4880687168415976
}