{
  "bids_meta": {
    "AcquisitionMatrixPE": 256,
    "AcquisitionNumber": 1,
    "AcquisitionTime": "14:10:7.282500",
    "BaseResolution": 256,
    "BodyPartExamined": "BRAIN",
    "ConsistencyInfo": "N4_VE11B_LATEST_20150530",
    "ConversionSoftware": "dcm2niix",
    "ConversionSoftwareVersion": "v1.0.20181125  GCC4.8.5",
    "DeviceSerialNumber": "67007",
    "DwellTime": 8.2e-06,
    "EchoTime": 0.00298,
    "FlipAngle": 9,
    "ImageOrientationPatientDICOM": [
      0.0140234,
      0.999902,
      -2.45119e-08,
      0.0190137,
      -0.000266688,
      -0.999819
    ],
    "ImageType": [
      "ORIGINAL",
      "PRIMARY",
      "M",
      "ND",
      "NORM"
    ],
    "ImagingFrequency": 123.211,
    "InPlanePhaseEncodingDirectionDICOM": "ROW",
    "InstitutionAddress": "Perth_Drive_100_London_Ontario_CA_N6A_5K8",
    "InstitutionName": "Robarts_Research_Institute",
    "InstitutionalDepartmentName": "CFMM",
    "InversionTime": 0.9,
    "MRAcquisitionType": "3D",
    "MagneticFieldStrength": 3,
    "Manufacturer": "Siemens",
    "ManufacturersModelName": "Prisma_fit",
    "Modality": "MR",
    "PartialFourier": 1,
    "PatientPosition": "HFS",
    "PercentPhaseFOV": 100,
    "PhaseEncodingSteps": 255,
    "PhaseResolution": 1,
    "PixelBandwidth": 240,
    "ProcedureStepDescription": "Diedrichsen_Feb2016",
    "ProtocolName": "mprage_sag_p2",
    "PulseSequenceDetails": "%SiemensSeq%_tfl",
    "ReceiveCoilActiveElements": "HEA;HEP",
    "ReceiveCoilName": "Head_32",
    "ReconMatrixPE": 256,
    "RepetitionTime": 2.3,
    "SAR": 0.0983961,
    "ScanOptions": "IR",
    "ScanningSequence": "GR_IR",
    "SequenceName": "_tfl3d1_16ns",
    "SequenceVariant": "SK_SP_MP",
    "SeriesDescription": "mprage_sag_p2",
    "SeriesNumber": 2,
    "ShimSetting": [
      5261,
      -6223,
      -3849,
      467,
      57,
      -104,
      32,
      -5
    ],
    "SliceThickness": 1,
    "SoftwareVersions": "syngo_MR_E11",
    "StationName": "MRC35368",
    "TxRefAmp": 316.102,
    "dataset": "ds002105",
    "modality": "T1w",
    "session_id": "b1",
    "subject_id": "15"
  },
  "cjv": 0.42155715747520234,
  "cnr": 3.0764628638478357,
  "efc": 0.5841582819566812,
  "fber": 18577.954661136773,
  "fwhm_avg": 3.1600533333333334,
  "fwhm_x": 3.1544,
  "fwhm_y": 3.29556,
  "fwhm_z": 3.0302,
  "icvs_csf": 0.19987334466832268,
  "icvs_gm": 0.44477487754058576,
  "icvs_wm": 0.35535177779109156,
  "inu_med": 1.012880802154541,
  "inu_range": 0.29908002018928515,
  "provenance": {
    "md5sum": "ecc25cd57fe3b7d2ccc097536b5fbd75",
    "settings": {
      "testing": false
    },
    "software": "mriqc",
    "version": "22.0.0rc1",
    "warnings": {
      "large_rot_frame": true,
      "small_air_mask": false
    },
    "webapi_port": null,
    "webapi_url": "https://mriqc.nimh.nih.gov/api/v1"
  },
  "qi_1": 0.0,
  "qi_2": 0.007158209788518184,
  "rpve_csf": 23.16971444433863,
  "rpve_gm": 11.347828911921967,
  "rpve_wm": 16.661661466458657,
  "size_x": 176,
  "size_y": 256,
  "size_z": 256,
  "snr_csf": 3.321073359803306,
  "snr_gm": 9.953589819757541,
  "snr_total": 10.479604794509433,
  "snr_wm": 18.16415120396745,
  "snrd_csf": 37.65534363871189,
  "snrd_gm": 58.53213850697611,
  "snrd_total": 59.20651515520738,
  "snrd_wm": 81.43206331993413,
  "spacing_x": 1.0,
  "spacing_y": 1.0,
  "spacing_z": 1.0,
  "summary_bg_k": 114.79801699418043,
  "summary_bg_mad": 8.045189715683179,
  "summary_bg_mean": 8.286359008689908,
  "summary_bg_median": 5.479597982019186,
  "summary_bg_n": 3076821.0,
  "summary_bg_p05": 0.0,
  "summary_bg_p95": 26.706390164792538,
  "summary_bg_stdv": 10.491037411477349,
  "summary_csf_k": 0.4144577471142967,
  "summary_csf_mad": 130.694895675363,
  "summary_csf_mean": 435.5883030925669,
  "summary_csf_median": 462.41422970592976,
  "summary_csf_n": 9517.0,
  "summary_csf_p05": 188.55137056186794,
  "summary_csf_p95": 616.3430530183016,
  "summary_csf_stdv": 139.22906387643044,
  "summary_gm_k": 0.23277521607769636,
  "summary_gm_mad": 69.01510785512531,
  "summary_gm_mean": 724.0646117970239,
  "summary_gm_median": 718.7849352918565,
  "summary_gm_n": 24199.0,
  "summary_gm_p05": 614.1937738098204,
  "summary_gm_p95": 853.1148858219385,
  "summary_gm_stdv": 72.21214623186223,
  "summary_wm_k": 0.8386977725419724,
  "summary_wm_mad": 49.533128837735646,
  "summary_wm_mean": 998.826761723044,
  "summary_wm_median": 1000.0000317282975,
  "summary_wm_n": 199275.0,
  "summary_wm_p05": 905.7296664454043,
  "summary_wm_p95": 1086.928799714893,
  "summary_wm_stdv": 55.0533581999239,
  "tpm_overlap_csf": 0.1420777589082718,
  "tpm_overlap_gm": 0.4471152126789093,
  "tpm_overlap_wm": 0.48133617639541626,
  "wm2max": 0.42388093358890516
}