{
  "bids_meta": {
    "AcquisitionMatrixPE": 256,
    "AcquisitionNumber": 1,
    "AcquisitionTime": "14:56:27.815000",
    "BaseResolution": 256,
    "BodyPartExamined": "BRAIN",
    "ConsistencyInfo": "N4_VE11B_LATEST_20150530",
    "ConversionSoftware": "dcm2niix",
    "ConversionSoftwareVersion": "v1.0.20181125  GCC4.8.5",
    "DeviceSerialNumber": "67007",
    "DwellTime": 8.9e-06,
    "EchoTime": 0.091,
    "EchoTrainLength": 18,
    "FlipAngle": 120,
    "ImageOrientationPatientDICOM": [
      1,
      0,
      0,
      0,
      0.934826,
      -0.355107
    ],
    "ImageType": [
      "ORIGINAL",
      "PRIMARY",
      "M",
      "ND",
      "NORM"
    ],
    "ImagingFrequency": 123.211,
    "InPlanePhaseEncodingDirectionDICOM": "COL",
    "InstitutionAddress": "Perth_Drive_100_London_Ontario_CA_N6A_5K8",
    "InstitutionName": "Robarts_Research_Institute",
    "InstitutionalDepartmentName": "CFMM",
    "Interpolation2D": 1,
    "MRAcquisitionType": "2D",
    "MagneticFieldStrength": 3,
    "Manufacturer": "Siemens",
    "ManufacturersModelName": "Prisma_fit",
    "Modality": "MR",
    "ParallelReductionFactorInPlane": 2,
    "PartialFourier": 1,
    "PatientPosition": "HFS",
    "PercentPhaseFOV": 100,
    "PhaseEncodingDirection": "j-",
    "PhaseEncodingSteps": 255,
    "PhaseResolution": 1,
    "PixelBandwidth": 220,
    "ProcedureStepDescription": "Diedrichsen_MCC",
    "ProtocolName": "t2_tse_tra_256_p2",
    "PulseSequenceDetails": "%SiemensSeq%_tse",
    "ReceiveCoilActiveElements": "HEA;HEP",
    "ReceiveCoilName": "Head_32",
    "ReconMatrixPE": 512,
    "RepetitionTime": 8.53,
    "SAR": 0.447502,
    "ScanningSequence": "SE",
    "SequenceName": "_tse2d1_18",
    "SequenceVariant": "SK_SP",
    "SeriesDescription": "t2_tse_tra_256_p2",
    "SeriesNumber": 22,
    "ShimSetting": [
      5237,
      -6157,
      -4055,
      53,
      3,
      -37,
      -27,
      1
    ],
    "SliceThickness": 3,
    "SoftwareVersions": "syngo_MR_E11",
    "SpacingBetweenSlices": 3,
    "StationName": "MRC35368",
    "TxRefAmp": 241.13,
    "dataset": "ds002105",
    "modality": "T2w",
    "session_id": "a2",
    "subject_id": "26"
  },
  "cjv": 0.4089310440254495,
  "cnr": 3.5501825211398033,
  "efc": 0.5976453836082243,
  "fber": 11571.612244897959,
  "fwhm_avg": 4.828721568167752,
  "fwhm_x": 5.991876923076924,
  "fwhm_y": 6.857673846153846,
  "fwhm_z": 1.6366139352724836,
  "icvs_csf": 0.13603538922557,
  "icvs_gm": 0.47112612116135266,
  "icvs_wm": 0.3928384896130773,
  "inu_med": 1.2141835689544678,
  "inu_range": 0.2518115758895876,
  "provenance": {
    "md5sum": "06ef859bed07f40a225c9d632fb69614",
    "settings": {
      "testing": false
    },
    "software": "mriqc",
    "version": "21.0.0rc2",
    "warnings": {
      "large_rot_frame": true,
      "small_air_mask": false
    },
    "webapi_port": null,
    "webapi_url": "https://mriqc.nimh.nih.gov/api/v1"
  },
  "qi_1": 0.00015581840073659607,
  "qi_2": 0.018085012570361925,
  "rpve_csf": 19.16867745853126,
  "rpve_gm": 6.5732987197289505,
  "rpve_wm": 8.423087499200246,
  "size_x": 512,
  "size_y": 512,
  "size_z": 48,
  "snr_csf": 2.9389976045138466,
  "snr_gm": 12.310667394884831,
  "snr_total": 7.94647949480959,
  "snr_wm": 8.589773485030092,
  "snrd_csf": 221.22194631302503,
  "snrd_gm": 118.15805033573936,
  "snrd_total": 137.25486768391934,
  "snrd_wm": 72.3846064029936,
  "spacing_x": 0.40625,
  "spacing_y": 0.40625,
  "spacing_z": 3.000005006790161,
  "summary_bg_k": 595.3305045041351,
  "summary_bg_mad": 9.243339224066185,
  "summary_bg_mean": 14.741974967507801,
  "summary_bg_median": 12.469075128436089,
  "summary_bg_n": 2611608.0,
  "summary_bg_p05": 0.0,
  "summary_bg_p95": 37.01138173043728,
  "summary_bg_stdv": 24.853076269180026,
  "summary_csf_k": 0.9460762351601901,
  "summary_csf_mad": 785.5371143754024,
  "summary_csf_mean": 3090.253976368598,
  "summary_csf_median": 3121.227218657732,
  "summary_csf_n": 281223.0,
  "summary_csf_p05": 578.5255015939474,
  "summary_csf_p95": 4659.970466054976,
  "summary_csf_stdv": 1062.0021140806496,
  "summary_gm_k": -0.34385143472902113,
  "summary_gm_mad": 145.9860718721564,
  "summary_gm_mean": 1671.8478669718847,
  "summary_gm_median": 1667.0955524891615,
  "summary_gm_n": 956982.0,
  "summary_gm_p05": 1462.147500179708,
  "summary_gm_p95": 1897.1796768829226,
  "summary_gm_stdv": 135.41870866923347,
  "summary_wm_k": 0.1183701513169595,
  "summary_wm_mad": 118.10933452973458,
  "summary_wm_mean": 1016.765664588585,
  "summary_wm_median": 1021.2766295671463,
  "summary_wm_n": 899176.0,
  "summary_wm_p05": 806.8283295407891,
  "summary_wm_p95": 1199.5052351728082,
  "summary_wm_stdv": 118.89441129629104,
  "tpm_overlap_csf": 0.13567443192005157,
  "tpm_overlap_gm": 0.4343269169330597,
  "tpm_overlap_wm": 0.43102964758872986,
  "wm2max": 0.20182266202526694
}