{
  "aor": 0.0002568166666666667,
  "aqi": 0.007549895000000001,
  "bids_meta": {
    "AcquisitionMatrixPE": 84,
    "AcquisitionNumber": 1,
    "AcquisitionTime": "12:48:45.720000",
    "BandwidthPerPixelPhaseEncode": 33.069,
    "BaseResolution": 84,
    "BodyPartExamined": "BRAIN",
    "ConsistencyInfo": "N4_VE11B_LATEST_20150530",
    "ConversionSoftware": "dcm2niix",
    "ConversionSoftwareVersion": "v1.0.20181125  GCC4.8.5",
    "DerivedVendorReportedEchoSpacing": 0.000719995,
    "DeviceSerialNumber": "67007",
    "DwellTime": 3.8e-06,
    "EchoTime": 0.03,
    "EchoTrainLength": 36,
    "EffectiveEchoSpacing": 0.000359998,
    "FlipAngle": 40,
    "ImageComments": "Unaliased_MB3_PE4",
    "ImageOrientationPatientDICOM": [
      1,
      0,
      0,
      0,
      0.921863,
      -0.387516
    ],
    "ImageType": [
      "ORIGINAL",
      "PRIMARY",
      "M",
      "MB",
      "ND",
      "NORM",
      "MOSAIC"
    ],
    "ImagingFrequency": 123.211,
    "InPlanePhaseEncodingDirectionDICOM": "COL",
    "InstitutionAddress": "Perth_Drive_100_London_Ontario_CA_N6A_5K8",
    "InstitutionName": "Robarts_Research_Institute",
    "InstitutionalDepartmentName": "CFMM",
    "MRAcquisitionType": "2D",
    "MagneticFieldStrength": 3,
    "Manufacturer": "Siemens",
    "ManufacturersModelName": "Prisma_fit",
    "Modality": "MR",
    "MultibandAccelerationFactor": 3,
    "ParallelReductionFactorInPlane": 2,
    "PartialFourier": 0.875,
    "PatientPosition": "HFS",
    "PercentPhaseFOV": 100,
    "PhaseEncodingDirection": "j-",
    "PhaseEncodingSteps": 73,
    "PhaseResolution": 1,
    "PixelBandwidth": 1565,
    "ProcedureStepDescription": "Diedrichsen_MCC",
    "ProtocolName": "ep_bold_mb3_p2",
    "PulseSequenceDetails": "%CustomerSeq%_cmrr_mbep2d_bold",
    "ReceiveCoilActiveElements": "HEA;HEP",
    "ReceiveCoilName": "Head_32",
    "ReconMatrixPE": 84,
    "RepetitionTime": 1,
    "SAR": 0.071616,
    "ScanOptions": "PFP_FS_EXT",
    "ScanningSequence": "EP",
    "SequenceName": "epfid2d1_84",
    "SequenceVariant": "SK_SS",
    "SeriesDescription": "ep_bold_mb3_p2",
    "SeriesNumber": 7,
    "ShimSetting": [
      5248,
      -6226,
      -3997,
      648,
      102,
      -120,
      52,
      20
    ],
    "SliceThickness": 3,
    "SliceTiming": [
      0,
      0.43,
      0.8575,
      0.3075,
      0.735,
      0.185,
      0.6125,
      0.0625,
      0.49,
      0.92,
      0.3675,
      0.7975,
      0.245,
      0.675,
      0.1225,
      0.5525,
      0,
      0.43,
      0.8575,
      0.3075,
      0.735,
      0.185,
      0.6125,
      0.0625,
      0.49,
      0.92,
      0.3675,
      0.7975,
      0.245,
      0.675,
      0.1225,
      0.5525,
      0,
      0.43,
      0.8575,
      0.3075,
      0.735,
      0.185,
      0.6125,
      0.0625,
      0.49,
      0.92,
      0.3675,
      0.7975,
      0.245,
      0.675,
      0.1225,
      0.5525
    ],
    "SoftwareVersions": "syngo_MR_E11",
    "SpacingBetweenSlices": 3,
    "StationName": "MRC35368",
    "TaskName": "b",
    "TotalReadoutTime": 0.0298798,
    "TxRefAmp": 259.866,
    "WipMemBlock": "1ae1a8dd-16e7-4736-b2c5-8a0fab052786||Sequence: ve11b/master r/50434d5; Mar  3 2017 10:46:13 by eja",
    "dataset": "ds002105",
    "modality": "bold",
    "run_id": 3,
    "session_id": "b1",
    "subject_id": "09",
    "task_id": "b"
  },
  "dummy_trs": 1,
  "dvars_nstd": 32.71141233744572,
  "dvars_std": 1.162090236327211,
  "dvars_vstd": 1.0001215912020025,
  "efc": 0.512218291627994,
  "fber": 3384.008544921875,
  "fd_mean": 0.08897309940567558,
  "fd_num": 8,
  "fd_perc": 1.3333333333333333,
  "fwhm_avg": 1.8369442487517045,
  "fwhm_x": 1.759117435475957,
  "fwhm_y": 2.0129953107791567,
  "fwhm_z": 1.73872,
  "gcor": 0.00854298,
  "gsr_x": 0.0050622569397091866,
  "gsr_y": 0.02784098871052265,
  "provenance": {
    "md5sum": "6ac1e3ff48c796b7d6e9d6c2c1a0e888",
    "settings": {
      "fd_thres": 0.2,
      "testing": false
    },
    "software": "mriqc",
    "version": "21.0.0rc2",
    "webapi_port": null,
    "webapi_url": "https://mriqc.nimh.nih.gov/api/v1"
  },
  "size_t": 600,
  "size_x": 84,
  "size_y": 84,
  "size_z": 48,
  "snr": 4.748088109568922,
  "spacing_tr": 1.0,
  "spacing_x": 2.4761905670166016,
  "spacing_y": 2.4761905670166016,
  "spacing_z": 3.0,
  "summary_bg_k": 37.251918779642544,
  "summary_bg_mad": 45.6888625144453,
  "summary_bg_mean": 194.23306274414062,
  "summary_bg_median": 62.56666946411133,
  "summary_bg_n": 216675.0,
  "summary_bg_p05": 25.83500099182129,
  "summary_bg_p95": 849.4676818847656,
  "summary_bg_stdv": 380.6441650390625,
  "summary_fg_k": 4.528275579986403,
  "summary_fg_mad": 654.6159347164161,
  "summary_fg_mean": 3819.19287109375,
  "summary_fg_median": 3697.08837890625,
  "summary_fg_n": 64681.0,
  "summary_fg_p05": 2879.28515625,
  "summary_fg_p95": 5163.6884765625,
  "summary_fg_stdv": 778.6417846679688,
  "tsnr": 50.02992251701653
}