{
  "aor": 0.00046530782029950083,
  "aqi": 0.007463233111480865,
  "bids_meta": {
    "AcquisitionMatrixPE": 84,
    "AcquisitionNumber": 1,
    "AcquisitionTime": "13:32:59.330000",
    "BandwidthPerPixelPhaseEncode": 33.069,
    "BaseResolution": 84,
    "BodyPartExamined": "BRAIN",
    "ConsistencyInfo": "N4_VE11B_LATEST_20150530",
    "ConversionSoftware": "dcm2niix",
    "ConversionSoftwareVersion": "v1.0.20181125  GCC4.8.5",
    "DerivedVendorReportedEchoSpacing": 0.000719995,
    "DeviceSerialNumber": "67007",
    "DwellTime": 3.8e-06,
    "EchoTime": 0.03,
    "EchoTrainLength": 36,
    "EffectiveEchoSpacing": 0.000359998,
    "FlipAngle": 40,
    "ImageComments": "Unaliased_MB3_PE4",
    "ImageOrientationPatientDICOM": [
      1,
      0,
      0,
      0,
      0.921863,
      -0.387516
    ],
    "ImageType": [
      "ORIGINAL",
      "PRIMARY",
      "M",
      "MB",
      "ND",
      "NORM",
      "MOSAIC"
    ],
    "ImagingFrequency": 123.211,
    "InPlanePhaseEncodingDirectionDICOM": "COL",
    "InstitutionAddress": "Perth_Drive_100_London_Ontario_CA_N6A_5K8",
    "InstitutionName": "Robarts_Research_Institute",
    "InstitutionalDepartmentName": "CFMM",
    "MRAcquisitionType": "2D",
    "MagneticFieldStrength": 3,
    "Manufacturer": "Siemens",
    "ManufacturersModelName": "Prisma_fit",
    "Modality": "MR",
    "MultibandAccelerationFactor": 3,
    "ParallelReductionFactorInPlane": 2,
    "PartialFourier": 0.875,
    "PatientPosition": "HFS",
    "PercentPhaseFOV": 100,
    "PhaseEncodingDirection": "j-",
    "PhaseEncodingSteps": 73,
    "PhaseResolution": 1,
    "PixelBandwidth": 1565,
    "ProcedureStepDescription": "Diedrichsen_MCC",
    "ProtocolName": "ep_bold_mb3_p2",
    "PulseSequenceDetails": "%CustomerSeq%_cmrr_mbep2d_bold",
    "ReceiveCoilActiveElements": "HEA;HEP",
    "ReceiveCoilName": "Head_32",
    "ReconMatrixPE": 84,
    "RepetitionTime": 1,
    "SAR": 0.071616,
    "ScanOptions": "PFP_FS_EXT",
    "ScanningSequence": "EP",
    "SequenceName": "epfid2d1_84",
    "SequenceVariant": "SK_SS",
    "SeriesDescription": "ep_bold_mb3_p2",
    "SeriesNumber": 15,
    "ShimSetting": [
      5248,
      -6226,
      -3997,
      648,
      102,
      -120,
      52,
      20
    ],
    "SliceThickness": 3,
    "SliceTiming": [
      0,
      0.4275,
      0.8575,
      0.305,
      0.735,
      0.1825,
      0.6125,
      0.06,
      0.49,
      0.9175,
      0.3675,
      0.795,
      0.245,
      0.6725,
      0.1225,
      0.55,
      0,
      0.4275,
      0.8575,
      0.305,
      0.735,
      0.1825,
      0.6125,
      0.06,
      0.49,
      0.9175,
      0.3675,
      0.795,
      0.245,
      0.6725,
      0.1225,
      0.55,
      0,
      0.4275,
      0.8575,
      0.305,
      0.735,
      0.1825,
      0.6125,
      0.06,
      0.49,
      0.9175,
      0.3675,
      0.795,
      0.245,
      0.6725,
      0.1225,
      0.55
    ],
    "SoftwareVersions": "syngo_MR_E11",
    "SpacingBetweenSlices": 3,
    "StationName": "MRC35368",
    "TaskName": "b",
    "TotalReadoutTime": 0.0298798,
    "TxRefAmp": 259.866,
    "WipMemBlock": "4d3a65e8-0f59-4c82-b606-ef873b79cbb6||Sequence: ve11b/master r/50434d5; Mar  3 2017 10:46:13 by eja",
    "dataset": "ds002105",
    "modality": "bold",
    "run_id": 7,
    "session_id": "b1",
    "subject_id": "09",
    "task_id": "b"
  },
  "dummy_trs": 0,
  "dvars_nstd": 33.601661093899985,
  "dvars_std": 1.2098742649000007,
  "dvars_vstd": 1.0095766997500002,
  "efc": 0.5138768733984681,
  "fber": 3258.36474609375,
  "fd_mean": 0.06868758559603814,
  "fd_num": 9,
  "fd_perc": 1.497504159733777,
  "fwhm_avg": 1.8159477747822625,
  "fwhm_x": 1.7459237821137437,
  "fwhm_y": 1.9943295422330438,
  "fwhm_z": 1.70759,
  "gcor": 0.0124454,
  "gsr_x": 0.005358072929084301,
  "gsr_y": 0.025362959131598473,
  "provenance": {
    "md5sum": "3a106fffc46765f587e6348fd0022334",
    "settings": {
      "fd_thres": 0.2,
      "testing": false
    },
    "software": "mriqc",
    "version": "21.0.0rc2",
    "webapi_port": null,
    "webapi_url": "https://mriqc.nimh.nih.gov/api/v1"
  },
  "size_t": 601,
  "size_x": 84,
  "size_y": 84,
  "size_z": 48,
  "snr": 4.734719473065931,
  "spacing_tr": 1.0,
  "spacing_x": 2.4761905670166016,
  "spacing_y": 2.4761905670166016,
  "spacing_z": 3.0,
  "summary_bg_k": 36.71141613665026,
  "summary_bg_mad": 46.86601284155895,
  "summary_bg_mean": 200.07701110839844,
  "summary_bg_median": 63.82196044921875,
  "summary_bg_n": 216779.0,
  "summary_bg_p05": 26.09467468261719,
  "summary_bg_p95": 883.8520507812495,
  "summary_bg_stdv": 388.79986572265625,
  "summary_fg_k": 5.025213080627488,
  "summary_fg_mad": 650.1891219399699,
  "summary_fg_mean": 3813.61083984375,
  "summary_fg_median": 3693.27783203125,
  "summary_fg_n": 64899.0,
  "summary_fg_p05": 2875.8885009765627,
  "summary_fg_p95": 5150.599316406249,
  "summary_fg_stdv": 780.0355224609375,
  "tsnr": 49.94735203683376
}