{
  "aor": 0.000317228714524207,
  "aqi": 0.007204396777963272,
  "bids_meta": {
    "AcquisitionMatrixPE": 84,
    "AcquisitionNumber": 1,
    "AcquisitionTime": "12:26:55.092500",
    "BandwidthPerPixelPhaseEncode": 33.069,
    "BaseResolution": 84,
    "BodyPartExamined": "BRAIN",
    "ConsistencyInfo": "N4_VE11B_LATEST_20150530",
    "ConversionSoftware": "dcm2niix",
    "ConversionSoftwareVersion": "v1.0.20181125  GCC4.8.5",
    "DerivedVendorReportedEchoSpacing": 0.000719995,
    "DeviceSerialNumber": "67007",
    "DwellTime": 3.8e-06,
    "EchoTime": 0.03,
    "EchoTrainLength": 36,
    "EffectiveEchoSpacing": 0.000359998,
    "FlipAngle": 40,
    "ImageComments": "Unaliased_MB3_PE4",
    "ImageOrientationPatientDICOM": [
      1,
      0,
      0,
      0,
      0.921863,
      -0.387516
    ],
    "ImageType": [
      "ORIGINAL",
      "PRIMARY",
      "M",
      "MB",
      "ND",
      "NORM",
      "MOSAIC"
    ],
    "ImagingFrequency": 123.211,
    "InPlanePhaseEncodingDirectionDICOM": "COL",
    "InstitutionAddress": "Perth_Drive_100_London_Ontario_CA_N6A_5K8",
    "InstitutionName": "Robarts_Research_Institute",
    "InstitutionalDepartmentName": "CFMM",
    "MRAcquisitionType": "2D",
    "MagneticFieldStrength": 3,
    "Manufacturer": "Siemens",
    "ManufacturersModelName": "Prisma_fit",
    "Modality": "MR",
    "MultibandAccelerationFactor": 3,
    "ParallelReductionFactorInPlane": 2,
    "PartialFourier": 0.875,
    "PatientPosition": "HFS",
    "PercentPhaseFOV": 100,
    "PhaseEncodingDirection": "j-",
    "PhaseEncodingSteps": 73,
    "PhaseResolution": 1,
    "PixelBandwidth": 1565,
    "ProcedureStepDescription": "Diedrichsen_MCC",
    "ProtocolName": "ep_bold_mb3_p2",
    "PulseSequenceDetails": "%CustomerSeq%_cmrr_mbep2d_bold",
    "ReceiveCoilActiveElements": "HEA;HEP",
    "ReceiveCoilName": "Head_32",
    "ReconMatrixPE": 84,
    "RepetitionTime": 1,
    "SAR": 0.071616,
    "ScanOptions": "PFP_FS_EXT",
    "ScanningSequence": "EP",
    "SequenceName": "epfid2d1_84",
    "SequenceVariant": "SK_SS",
    "SeriesDescription": "ep_bold_mb3_p2",
    "SeriesNumber": 3,
    "ShimSetting": [
      5248,
      -6226,
      -3997,
      648,
      102,
      -120,
      52,
      20
    ],
    "SliceThickness": 3,
    "SliceTiming": [
      0,
      0.4275,
      0.8575,
      0.305,
      0.735,
      0.1825,
      0.6125,
      0.06,
      0.49,
      0.9175,
      0.3675,
      0.795,
      0.245,
      0.6725,
      0.1225,
      0.55,
      0,
      0.4275,
      0.8575,
      0.305,
      0.735,
      0.1825,
      0.6125,
      0.06,
      0.49,
      0.9175,
      0.3675,
      0.795,
      0.245,
      0.6725,
      0.1225,
      0.55,
      0,
      0.4275,
      0.8575,
      0.305,
      0.735,
      0.1825,
      0.6125,
      0.06,
      0.49,
      0.9175,
      0.3675,
      0.795,
      0.245,
      0.6725,
      0.1225,
      0.55
    ],
    "SoftwareVersions": "syngo_MR_E11",
    "SpacingBetweenSlices": 3,
    "StationName": "MRC35368",
    "TaskName": "b",
    "TotalReadoutTime": 0.0298798,
    "TxRefAmp": 259.866,
    "WipMemBlock": "bd240698-a8c7-4df4-aaa5-df7397ab4dde||Sequence: ve11b/master r/50434d5; Mar  3 2017 10:46:13 by eja",
    "dataset": "ds002105",
    "modality": "bold",
    "run_id": 1,
    "session_id": "b1",
    "subject_id": "09",
    "task_id": "b"
  },
  "dummy_trs": 2,
  "dvars_nstd": 33.93389602003343,
  "dvars_std": 1.2025113158862857,
  "dvars_vstd": 1.0089840774247494,
  "efc": 0.510125139754571,
  "fber": 3468.580078125,
  "fd_mean": 0.09205072537851523,
  "fd_num": 4,
  "fd_perc": 0.667779632721202,
  "fwhm_avg": 1.8336946120375384,
  "fwhm_x": 1.7576030124545825,
  "fwhm_y": 2.011404156991366,
  "fwhm_z": 1.7320766666666667,
  "gcor": 0.011821,
  "gsr_x": 0.0047525325790047646,
  "gsr_y": 0.027197405695915222,
  "provenance": {
    "md5sum": "c4f1296f8b00e50143cf58a230f2c535",
    "settings": {
      "fd_thres": 0.2,
      "testing": false
    },
    "software": "mriqc",
    "version": "21.0.0rc2",
    "webapi_port": null,
    "webapi_url": "https://mriqc.nimh.nih.gov/api/v1"
  },
  "size_t": 599,
  "size_x": 84,
  "size_y": 84,
  "size_z": 48,
  "snr": 4.738606445007313,
  "spacing_tr": 1.0,
  "spacing_x": 2.4761905670166016,
  "spacing_y": 2.4761905670166016,
  "spacing_z": 3.0,
  "summary_bg_k": 40.143448773425675,
  "summary_bg_mad": 44.695878050525906,
  "summary_bg_mean": 190.2360382080078,
  "summary_bg_median": 61.87479019165039,
  "summary_bg_n": 216928.0,
  "summary_bg_p05": 25.58096694946289,
  "summary_bg_p95": 826.4023284912099,
  "summary_bg_stdv": 375.1004943847656,
  "summary_fg_k": 4.458952064521523,
  "summary_fg_mad": 658.4042439983691,
  "summary_fg_mean": 3823.102783203125,
  "summary_fg_median": 3699.5341796875,
  "summary_fg_n": 64715.0,
  "summary_fg_p05": 2881.02001953125,
  "summary_fg_p95": 5176.10458984375,
  "summary_fg_stdv": 780.7159423828125,
  "tsnr": 50.97973349830136
}