{
  "bids_meta": {
    "AcquisitionMatrixPE": 256,
    "AcquisitionNumber": 1,
    "AcquisitionTime": "11:53:6.857500",
    "BaseResolution": 256,
    "BodyPartExamined": "BRAIN",
    "ConsistencyInfo": "N4_VE11B_LATEST_20150530",
    "ConversionSoftware": "dcm2niix",
    "ConversionSoftwareVersion": "v1.0.20181125  GCC4.8.5",
    "DeviceSerialNumber": "67007",
    "DwellTime": 8.9e-06,
    "EchoTime": 0.091,
    "EchoTrainLength": 18,
    "FlipAngle": 120,
    "ImageOrientationPatientDICOM": [
      1,
      0,
      0,
      0,
      0.892586,
      -0.450878
    ],
    "ImageType": [
      "ORIGINAL",
      "PRIMARY",
      "M",
      "ND",
      "NORM"
    ],
    "ImagingFrequency": 123.211,
    "InPlanePhaseEncodingDirectionDICOM": "COL",
    "InstitutionAddress": "Perth_Drive_100_London_Ontario_CA_N6A_5K8",
    "InstitutionName": "Robarts_Research_Institute",
    "InstitutionalDepartmentName": "CFMM",
    "Interpolation2D": 1,
    "MRAcquisitionType": "2D",
    "MagneticFieldStrength": 3,
    "Manufacturer": "Siemens",
    "ManufacturersModelName": "Prisma_fit",
    "Modality": "MR",
    "ParallelReductionFactorInPlane": 2,
    "PartialFourier": 1,
    "PatientPosition": "HFS",
    "PercentPhaseFOV": 100,
    "PhaseEncodingDirection": "j-",
    "PhaseEncodingSteps": 255,
    "PhaseResolution": 1,
    "PixelBandwidth": 220,
    "ProcedureStepDescription": "Diedrichsen_MCC",
    "ProtocolName": "t2_tse_tra_256_p2",
    "PulseSequenceDetails": "%SiemensSeq%_tse",
    "ReceiveCoilActiveElements": "HEA;HEP",
    "ReceiveCoilName": "Head_32",
    "ReconMatrixPE": 512,
    "RepetitionTime": 8.53,
    "SAR": 0.558632,
    "ScanningSequence": "SE",
    "SequenceName": "_tse2d1_18",
    "SequenceVariant": "SK_SP",
    "SeriesDescription": "t2_tse_tra_256_p2",
    "SeriesNumber": 20,
    "ShimSetting": [
      5237,
      -6157,
      -4055,
      53,
      3,
      -37,
      -27,
      1
    ],
    "SliceThickness": 3,
    "SoftwareVersions": "syngo_MR_E11",
    "SpacingBetweenSlices": 3,
    "StationName": "MRC35368",
    "TxRefAmp": 254.722,
    "dataset": "ds002105",
    "modality": "T2w",
    "session_id": "b2",
    "subject_id": "02"
  },
  "cjv": 0.44851291071979366,
  "cnr": 3.1789973875758757,
  "efc": 0.5715070696051182,
  "fber": 12796.974067382293,
  "fwhm_avg": 4.761114313089116,
  "fwhm_x": 6.007876923076923,
  "fwhm_y": 6.6860553846153845,
  "fwhm_z": 1.5894106315750407,
  "icvs_csf": 0.17585561472395367,
  "icvs_gm": 0.42546158044772336,
  "icvs_wm": 0.39868280482832297,
  "inu_med": 0.9701159596443176,
  "inu_range": 0.16025649905204775,
  "provenance": {
    "md5sum": "16429a3124d38a3ca829649922d13b3e",
    "settings": {
      "testing": false
    },
    "software": "mriqc",
    "version": "21.0.0rc2",
    "warnings": {
      "large_rot_frame": true,
      "small_air_mask": false
    },
    "webapi_port": null,
    "webapi_url": "https://mriqc.nimh.nih.gov/api/v1"
  },
  "qi_1": 0.0,
  "qi_2": 0.018290469068493548,
  "rpve_csf": 16.67062311762094,
  "rpve_gm": 7.779164387676062,
  "rpve_wm": 9.365824769256536,
  "size_x": 512,
  "size_y": 512,
  "size_z": 48,
  "snr_csf": 2.9330960325544546,
  "snr_gm": 11.722707190558781,
  "snr_total": 8.392714092736293,
  "snr_wm": 10.522339055095644,
  "snrd_csf": 246.44170410350603,
  "snrd_gm": 122.59485145858758,
  "snrd_total": 149.7368869808826,
  "snrd_wm": 80.17410538055412,
  "spacing_x": 0.40625,
  "spacing_y": 0.40625,
  "spacing_z": 2.9999988079071045,
  "summary_bg_k": 322.02543687029066,
  "summary_bg_mad": 8.283657925504649,
  "summary_bg_mean": 15.51268435744583,
  "summary_bg_median": 11.174484729766846,
  "summary_bg_n": 2926813.0,
  "summary_bg_p05": 0.0,
  "summary_bg_p95": 33.639855071902275,
  "summary_bg_stdv": 41.24625951188287,
  "summary_csf_k": 0.5584971417620577,
  "summary_csf_mad": 874.0984873475218,
  "summary_csf_mean": 3086.148138105558,
  "summary_csf_median": 3116.0516272485256,
  "summary_csf_n": 354650.0,
  "summary_csf_p05": 631.4747881144285,
  "summary_csf_p95": 4638.342369914055,
  "summary_csf_stdv": 1062.3747737967074,
  "summary_gm_k": -0.3379287593498086,
  "summary_gm_mad": 143.92855645564327,
  "summary_gm_mean": 1556.3475559151682,
  "summary_gm_median": 1550.1105536073446,
  "summary_gm_n": 761167.0,
  "summary_gm_p05": 1355.1390752494335,
  "summary_gm_p95": 1777.2086755633354,
  "summary_gm_stdv": 132.23136176338213,
  "summary_wm_k": 0.006374188771730793,
  "summary_wm_mad": 96.64267579755423,
  "summary_wm_mean": 1008.6364011193687,
  "summary_wm_median": 1013.735286578536,
  "summary_wm_n": 854179.0,
  "summary_wm_p05": 835.8747379630804,
  "summary_wm_p95": 1155.045958057046,
  "summary_wm_stdv": 96.34119256877476,
  "tpm_overlap_csf": 0.15234375,
  "tpm_overlap_gm": 0.42658987641334534,
  "tpm_overlap_wm": 0.4535563588142395,
  "wm2max": 0.1958619138648375
}