{
  "bids_meta": {
    "AcquisitionMatrixPE": 240,
    "AcquisitionNumber": 1,
    "AcquisitionTime": "10:18:22.150000",
    "BaseResolution": 256,
    "BodyPartExamined": "BRAIN",
    "ConsistencyInfo": "N4_VE11B_LATEST_20150530",
    "ConversionSoftware": "dcm2niix",
    "ConversionSoftwareVersion": "v1.0.20181125  GCC4.8.5",
    "DeviceSerialNumber": "67007",
    "DwellTime": 8.2e-06,
    "EchoTime": 0.00298,
    "FlipAngle": 9,
    "ImageOrientationPatientDICOM": [
      0,
      1,
      0,
      0,
      0,
      -1
    ],
    "ImageType": [
      "ORIGINAL",
      "PRIMARY",
      "M",
      "ND",
      "NORM"
    ],
    "ImagingFrequency": 123.211,
    "InPlanePhaseEncodingDirectionDICOM": "ROW",
    "InstitutionAddress": "Perth_Drive_100_London_Ontario_CA_N6A_5K8",
    "InstitutionName": "Robarts_Research_Institute",
    "InstitutionalDepartmentName": "CFMM",
    "InversionTime": 0.9,
    "MRAcquisitionType": "3D",
    "MagneticFieldStrength": 3,
    "Manufacturer": "Siemens",
    "ManufacturersModelName": "Prisma_fit",
    "Modality": "MR",
    "PartialFourier": 1,
    "PatientPosition": "HFS",
    "PercentPhaseFOV": 93.75,
    "PhaseEncodingSteps": 239,
    "PhaseResolution": 1,
    "PixelBandwidth": 240,
    "ProcedureStepDescription": "Diedrichsen_Feb2016",
    "ProtocolName": "MPRAGE_iPAT2_sag",
    "PulseSequenceDetails": "%SiemensSeq%_tfl",
    "ReceiveCoilActiveElements": "HEA;HEP",
    "ReceiveCoilName": "Head_32",
    "ReconMatrixPE": 256,
    "RepetitionTime": 2.3,
    "SAR": 0.0559271,
    "ScanOptions": "IR",
    "ScanningSequence": "GR_IR",
    "SequenceName": "_tfl3d1_16ns",
    "SequenceVariant": "SK_SP_MP",
    "SeriesDescription": "MPRAGE_iPAT2_sag",
    "SeriesNumber": 2,
    "ShimSetting": [
      5240,
      -6164,
      -3937,
      392,
      -45,
      -61,
      203,
      0
    ],
    "SliceThickness": 1,
    "SoftwareVersions": "syngo_MR_E11",
    "StationName": "MRC35368",
    "TxRefAmp": 244.207,
    "dataset": "ds002105",
    "modality": "T1w",
    "session_id": "b2",
    "subject_id": "02"
  },
  "cjv": 0.4605177840721311,
  "cnr": 2.9057327297868722,
  "efc": 0.49465992330526276,
  "fber": 702.1181653919457,
  "fwhm_avg": 4.005663333333334,
  "fwhm_x": 3.88657,
  "fwhm_y": 4.20137,
  "fwhm_z": 3.92905,
  "icvs_csf": 0.15355315903421773,
  "icvs_gm": 0.4587196842165202,
  "icvs_wm": 0.38772715674926206,
  "inu_med": 1.506788730621338,
  "inu_range": 0.675522404909134,
  "provenance": {
    "md5sum": "a9cf426a4bda0c5226ddf72d56c75005",
    "settings": {
      "testing": false
    },
    "software": "mriqc",
    "version": "21.0.0rc2",
    "warnings": {
      "large_rot_frame": true,
      "small_air_mask": false
    },
    "webapi_port": null,
    "webapi_url": "https://mriqc.nimh.nih.gov/api/v1"
  },
  "qi_1": 0.0,
  "qi_2": 0.021201885993836975,
  "rpve_csf": 33.8661801751231,
  "rpve_gm": 12.327943121693123,
  "rpve_wm": 16.46557688279925,
  "size_x": 160,
  "size_y": 240,
  "size_z": 256,
  "snr_csf": 1.1671144167193948,
  "snr_gm": 7.512389354355971,
  "snr_total": 7.140708567866096,
  "snr_wm": 12.742621932522926,
  "snrd_csf": 25.567949678220664,
  "snrd_gm": 22.137889351779013,
  "snrd_total": 27.196936661483978,
  "snrd_wm": 33.884970954452264,
  "spacing_x": 1.0,
  "spacing_y": 1.0,
  "spacing_z": 1.0,
  "summary_bg_k": 5.682882761456552,
  "summary_bg_mad": 19.334127344310183,
  "summary_bg_mean": 29.730908319401127,
  "summary_bg_median": 25.952225893735886,
  "summary_bg_n": 2578473.0,
  "summary_bg_p05": 0.0,
  "summary_bg_p95": 65.07423806190491,
  "summary_bg_stdv": 22.646952506954353,
  "summary_csf_k": -1.5814775604246418,
  "summary_csf_mad": 760.3480575405945,
  "summary_csf_mean": 961.143445357735,
  "summary_csf_median": 754.5512841939926,
  "summary_csf_n": 13074.0,
  "summary_csf_p05": 232.10457153171302,
  "summary_csf_p95": 1899.3414118766777,
  "summary_csf_stdv": 646.4853967123306,
  "summary_gm_k": -0.0257185912242468,
  "summary_gm_mad": 86.14215153405527,
  "summary_gm_mean": 646.8230167876848,
  "summary_gm_median": 653.3246916532516,
  "summary_gm_n": 21920.0,
  "summary_gm_p05": 491.1555587053299,
  "summary_gm_p95": 779.7288167774677,
  "summary_gm_stdv": 86.96431430636498,
  "summary_wm_k": 0.6707175802779899,
  "summary_wm_mad": 73.5079693090605,
  "summary_wm_mean": 992.5877571870456,
  "summary_wm_median": 999.9999479949474,
  "summary_wm_n": 157719.0,
  "summary_wm_p05": 855.2614145278931,
  "summary_wm_p95": 1109.3608202934265,
  "summary_wm_stdv": 78.47653199556262,
  "tpm_overlap_csf": 0.18171562254428864,
  "tpm_overlap_gm": 0.45402005314826965,
  "tpm_overlap_wm": 0.49287542700767517,
  "wm2max": 0.18297234763361694
}