{
  "aor": 0.0005522537562604341,
  "aqi": 0.010886783472454089,
  "bids_meta": {
    "AcquisitionMatrixPE": 84,
    "AcquisitionNumber": 1,
    "AcquisitionTime": "16:35:8.112500",
    "BandwidthPerPixelPhaseEncode": 33.069,
    "BaseResolution": 84,
    "BodyPartExamined": "BRAIN",
    "ConsistencyInfo": "N4_VE11B_LATEST_20150530",
    "ConversionSoftware": "dcm2niix",
    "ConversionSoftwareVersion": "v1.0.20181125  GCC4.8.5",
    "DerivedVendorReportedEchoSpacing": 0.000719995,
    "DeviceSerialNumber": "67007",
    "DwellTime": 3.8e-06,
    "EchoTime": 0.03,
    "EchoTrainLength": 36,
    "EffectiveEchoSpacing": 0.000359998,
    "FlipAngle": 40,
    "ImageComments": "Unaliased_MB3_PE4",
    "ImageOrientationPatientDICOM": [
      1,
      0,
      0,
      0,
      0.836764,
      -0.547563
    ],
    "ImageType": [
      "ORIGINAL",
      "PRIMARY",
      "M",
      "MB",
      "ND",
      "NORM",
      "MOSAIC"
    ],
    "ImagingFrequency": 123.211,
    "InPlanePhaseEncodingDirectionDICOM": "COL",
    "InstitutionAddress": "Perth_Drive_100_London_Ontario_CA_N6A_5K8",
    "InstitutionName": "Robarts_Research_Institute",
    "InstitutionalDepartmentName": "CFMM",
    "MRAcquisitionType": "2D",
    "MagneticFieldStrength": 3,
    "Manufacturer": "Siemens",
    "ManufacturersModelName": "Prisma_fit",
    "Modality": "MR",
    "MultibandAccelerationFactor": 3,
    "ParallelReductionFactorInPlane": 2,
    "PartialFourier": 0.875,
    "PatientPosition": "HFS",
    "PercentPhaseFOV": 100,
    "PhaseEncodingDirection": "j-",
    "PhaseEncodingSteps": 73,
    "PhaseResolution": 1,
    "PixelBandwidth": 1565,
    "ProcedureStepDescription": "Diedrichsen_MCC",
    "ProtocolName": "ep_bold_mb3_p2_RS",
    "PulseSequenceDetails": "%CustomerSeq%_cmrr_mbep2d_bold",
    "ReceiveCoilActiveElements": "HEA;HEP",
    "ReceiveCoilName": "Head_32",
    "ReconMatrixPE": 84,
    "RepetitionTime": 1,
    "SAR": 0.0795532,
    "ScanOptions": "PFP_FS_EXT",
    "ScanningSequence": "EP",
    "SequenceName": "epfid2d1_84",
    "SequenceVariant": "SK_SS",
    "SeriesDescription": "ep_bold_mb3_p2_RS",
    "SeriesNumber": 25,
    "ShimSetting": [
      5238,
      -6175,
      -3995,
      542,
      -39,
      32,
      74,
      -48
    ],
    "SliceThickness": 3,
    "SliceTiming": [
      0,
      0.43,
      0.8575,
      0.3075,
      0.735,
      0.185,
      0.6125,
      0.0625,
      0.49,
      0.92,
      0.3675,
      0.7975,
      0.245,
      0.675,
      0.1225,
      0.5525,
      0,
      0.43,
      0.8575,
      0.3075,
      0.735,
      0.185,
      0.6125,
      0.0625,
      0.49,
      0.92,
      0.3675,
      0.7975,
      0.245,
      0.675,
      0.1225,
      0.5525,
      0,
      0.43,
      0.8575,
      0.3075,
      0.735,
      0.185,
      0.6125,
      0.0625,
      0.49,
      0.92,
      0.3675,
      0.7975,
      0.245,
      0.675,
      0.1225,
      0.5525
    ],
    "SoftwareVersions": "syngo_MR_E11",
    "SpacingBetweenSlices": 3,
    "StationName": "MRC35368",
    "TaskName": "rest",
    "TotalReadoutTime": 0.0298798,
    "TxRefAmp": 250.205,
    "WipMemBlock": "3f65d099-2cf7-4449-a943-bac25319ee74||Sequence: ve11b/master r/50434d5; Mar  3 2017 10:46:13 by eja",
    "dataset": "ds002105",
    "modality": "bold",
    "run_id": 2,
    "session_id": "rest",
    "subject_id": "26",
    "task_id": "rest"
  },
  "dummy_trs": 2,
  "dvars_nstd": 27.598016949648798,
  "dvars_std": 1.1170981793478267,
  "dvars_vstd": 1.0028392355016713,
  "efc": 0.48311599833795327,
  "fber": 5959.74951171875,
  "fd_mean": 0.08388968829028266,
  "fd_num": 2,
  "fd_perc": 0.333889816360601,
  "fwhm_avg": 1.8018209407214474,
  "fwhm_x": 1.7478541666583223,
  "fwhm_y": 1.9364018520501265,
  "fwhm_z": 1.7212068034558934,
  "gcor": 0.0105711,
  "gsr_x": -0.00909513235092163,
  "gsr_y": 0.02543853037059307,
  "provenance": {
    "md5sum": "00f5f2fc4b0a794b5d74f09ca61b13eb",
    "settings": {
      "fd_thres": 0.2,
      "testing": false
    },
    "software": "mriqc",
    "version": "21.0.0rc2",
    "webapi_port": null,
    "webapi_url": "https://mriqc.nimh.nih.gov/api/v1"
  },
  "size_t": 599,
  "size_x": 84,
  "size_y": 84,
  "size_z": 48,
  "snr": 5.8004295270247574,
  "spacing_tr": 1.0,
  "spacing_x": 2.4761905670166016,
  "spacing_y": 2.4761905670166016,
  "spacing_z": 2.999999761581421,
  "summary_bg_k": 24.654325681367318,
  "summary_bg_mad": 27.988757358608286,
  "summary_bg_mean": 142.9298095703125,
  "summary_bg_median": 46.938228607177734,
  "summary_bg_n": 224389.0,
  "summary_bg_p05": 23.726877212524418,
  "summary_bg_p95": 634.6003295898425,
  "summary_bg_stdv": 273.7464904785156,
  "summary_fg_k": 4.170374720422088,
  "summary_fg_mad": 581.4920821327975,
  "summary_fg_mean": 3731.14892578125,
  "summary_fg_median": 3678.348876953125,
  "summary_fg_n": 58411.0,
  "summary_fg_p05": 2881.9239501953125,
  "summary_fg_p95": 4708.543212890625,
  "summary_fg_stdv": 634.1456909179688,
  "tsnr": 47.81383896502666
}