{
  "aor": 0.0001595341098169717,
  "aqi": 0.010316917470881863,
  "bids_meta": {
    "AcquisitionMatrixPE": 84,
    "AcquisitionNumber": 1,
    "AcquisitionTime": "16:24:29.675000",
    "BandwidthPerPixelPhaseEncode": 33.069,
    "BaseResolution": 84,
    "BodyPartExamined": "BRAIN",
    "ConsistencyInfo": "N4_VE11B_LATEST_20150530",
    "ConversionSoftware": "dcm2niix",
    "ConversionSoftwareVersion": "v1.0.20181125  GCC4.8.5",
    "DerivedVendorReportedEchoSpacing": 0.000719995,
    "DeviceSerialNumber": "67007",
    "DwellTime": 3.8e-06,
    "EchoTime": 0.03,
    "EchoTrainLength": 36,
    "EffectiveEchoSpacing": 0.000359998,
    "FlipAngle": 40,
    "ImageComments": "Unaliased_MB3_PE4",
    "ImageOrientationPatientDICOM": [
      1,
      0,
      0,
      0,
      0.836764,
      -0.547563
    ],
    "ImageType": [
      "ORIGINAL",
      "PRIMARY",
      "M",
      "MB",
      "ND",
      "NORM",
      "MOSAIC"
    ],
    "ImagingFrequency": 123.211,
    "InPlanePhaseEncodingDirectionDICOM": "COL",
    "InstitutionAddress": "Perth_Drive_100_London_Ontario_CA_N6A_5K8",
    "InstitutionName": "Robarts_Research_Institute",
    "InstitutionalDepartmentName": "CFMM",
    "MRAcquisitionType": "2D",
    "MagneticFieldStrength": 3,
    "Manufacturer": "Siemens",
    "ManufacturersModelName": "Prisma_fit",
    "Modality": "MR",
    "MultibandAccelerationFactor": 3,
    "ParallelReductionFactorInPlane": 2,
    "PartialFourier": 0.875,
    "PatientPosition": "HFS",
    "PercentPhaseFOV": 100,
    "PhaseEncodingDirection": "j-",
    "PhaseEncodingSteps": 73,
    "PhaseResolution": 1,
    "PixelBandwidth": 1565,
    "ProcedureStepDescription": "Diedrichsen_MCC",
    "ProtocolName": "ep_bold_mb3_p2_RS",
    "PulseSequenceDetails": "%CustomerSeq%_cmrr_mbep2d_bold",
    "ReceiveCoilActiveElements": "HEA;HEP",
    "ReceiveCoilName": "Head_32",
    "ReconMatrixPE": 84,
    "RepetitionTime": 1,
    "SAR": 0.0795532,
    "ScanOptions": "PFP_FS_EXT",
    "ScanningSequence": "EP",
    "SequenceName": "epfid2d1_84",
    "SequenceVariant": "SK_SS",
    "SeriesDescription": "ep_bold_mb3_p2_RS",
    "SeriesNumber": 23,
    "ShimSetting": [
      5238,
      -6175,
      -3995,
      542,
      -39,
      32,
      74,
      -48
    ],
    "SliceThickness": 3,
    "SliceTiming": [
      0,
      0.4275,
      0.8575,
      0.305,
      0.735,
      0.1825,
      0.6125,
      0.06,
      0.49,
      0.9175,
      0.3675,
      0.795,
      0.245,
      0.6725,
      0.1225,
      0.55,
      0,
      0.4275,
      0.8575,
      0.305,
      0.735,
      0.1825,
      0.6125,
      0.06,
      0.49,
      0.9175,
      0.3675,
      0.795,
      0.245,
      0.6725,
      0.1225,
      0.55,
      0,
      0.4275,
      0.8575,
      0.305,
      0.735,
      0.1825,
      0.6125,
      0.06,
      0.49,
      0.9175,
      0.3675,
      0.795,
      0.245,
      0.6725,
      0.1225,
      0.55
    ],
    "SoftwareVersions": "syngo_MR_E11",
    "SpacingBetweenSlices": 3,
    "StationName": "MRC35368",
    "TaskName": "rest",
    "TotalReadoutTime": 0.0298798,
    "TxRefAmp": 250.205,
    "WipMemBlock": "f9416f7e-3c98-465f-a043-8eb15158b609||Sequence: ve11b/master r/50434d5; Mar  3 2017 10:46:13 by eja",
    "dataset": "ds002105",
    "modality": "bold",
    "run_id": 1,
    "session_id": "rest",
    "subject_id": "26",
    "task_id": "rest"
  },
  "dummy_trs": 0,
  "dvars_nstd": 27.31536270458331,
  "dvars_std": 1.0888072718500001,
  "dvars_vstd": 0.976234591533334,
  "efc": 0.48260301452423715,
  "fber": 5885.81201171875,
  "fd_mean": 0.07809319739772107,
  "fd_num": 1,
  "fd_perc": 0.16638935108153077,
  "fwhm_avg": 1.8018841028994756,
  "fwhm_x": 1.7484558974054814,
  "fwhm_y": 1.941486274940554,
  "fwhm_z": 1.7157101363523908,
  "gcor": 0.0100186,
  "gsr_x": -0.008558925241231918,
  "gsr_y": 0.02520422637462616,
  "provenance": {
    "md5sum": "d3c595c41c0e3fac78d5e68c3634502a",
    "settings": {
      "fd_thres": 0.2,
      "testing": false
    },
    "software": "mriqc",
    "version": "21.0.0rc2",
    "webapi_port": null,
    "webapi_url": "https://mriqc.nimh.nih.gov/api/v1"
  },
  "size_t": 601,
  "size_x": 84,
  "size_y": 84,
  "size_z": 48,
  "snr": 5.799891506373879,
  "spacing_tr": 1.0,
  "spacing_x": 2.4761905670166016,
  "spacing_y": 2.4761905670166016,
  "spacing_z": 2.999999761581421,
  "summary_bg_k": 26.375703840487674,
  "summary_bg_mad": 27.777206699492677,
  "summary_bg_mean": 141.96560668945312,
  "summary_bg_median": 47.43760299682617,
  "summary_bg_n": 224382.0,
  "summary_bg_p05": 24.119800567626953,
  "summary_bg_p95": 624.8420532226552,
  "summary_bg_stdv": 272.7095947265625,
  "summary_fg_k": 4.324869768816351,
  "summary_fg_mad": 579.2460990356717,
  "summary_fg_mean": 3730.676025390625,
  "summary_fg_median": 3682.662109375,
  "summary_fg_n": 58369.0,
  "summary_fg_p05": 2880.776611328125,
  "summary_fg_p95": 4705.22734375,
  "summary_fg_stdv": 634.9481811523438,
  "tsnr": 49.88070565788075
}