{
  "aor": 0.00023545909849749581,
  "aqi": 0.009041619499165276,
  "bids_meta": {
    "AcquisitionMatrixPE": 84,
    "AcquisitionNumber": 1,
    "AcquisitionTime": "14:23:53.630000",
    "BandwidthPerPixelPhaseEncode": 33.069,
    "BaseResolution": 84,
    "BodyPartExamined": "BRAIN",
    "ConsistencyInfo": "N4_VE11B_LATEST_20150530",
    "ConversionSoftware": "dcm2niix",
    "ConversionSoftwareVersion": "v1.0.20181125  GCC4.8.5",
    "DerivedVendorReportedEchoSpacing": 0.000719995,
    "DeviceSerialNumber": "67007",
    "DwellTime": 3.8e-06,
    "EchoTime": 0.03,
    "EchoTrainLength": 36,
    "EffectiveEchoSpacing": 0.000359998,
    "FlipAngle": 40,
    "ImageComments": "Unaliased_MB3_PE4",
    "ImageOrientationPatientDICOM": [
      0.999299,
      -0.0211613,
      -0.0308736,
      -4.67506e-08,
      0.824842,
      -0.565363
    ],
    "ImageType": [
      "ORIGINAL",
      "PRIMARY",
      "M",
      "MB",
      "ND",
      "NORM",
      "MOSAIC"
    ],
    "ImagingFrequency": 123.211,
    "InPlanePhaseEncodingDirectionDICOM": "COL",
    "InstitutionAddress": "Perth_Drive_100_London_Ontario_CA_N6A_5K8",
    "InstitutionName": "Robarts_Research_Institute",
    "InstitutionalDepartmentName": "CFMM",
    "MRAcquisitionType": "2D",
    "MagneticFieldStrength": 3,
    "Manufacturer": "Siemens",
    "ManufacturersModelName": "Prisma_fit",
    "Modality": "MR",
    "MultibandAccelerationFactor": 3,
    "ParallelReductionFactorInPlane": 2,
    "PartialFourier": 0.875,
    "PatientPosition": "HFS",
    "PercentPhaseFOV": 100,
    "PhaseEncodingDirection": "j-",
    "PhaseEncodingSteps": 73,
    "PhaseResolution": 1,
    "PixelBandwidth": 1565,
    "ProcedureStepDescription": "Diedrichsen_Feb2016",
    "ProtocolName": "ep_bold_mb3_p2",
    "PulseSequenceDetails": "%CustomerSeq%_cmrr_mbep2d_bold",
    "ReceiveCoilActiveElements": "HEA;HEP",
    "ReceiveCoilName": "Head_32",
    "ReconMatrixPE": 84,
    "RepetitionTime": 1,
    "SAR": 0.094095,
    "ScanOptions": "PFP_FS_EXT",
    "ScanningSequence": "EP",
    "SequenceName": "epfid2d1_84",
    "SequenceVariant": "SK_SS",
    "SeriesDescription": "ep_bold_mb3_p2",
    "SeriesNumber": 3,
    "ShimSetting": [
      5226,
      -6185,
      -3828,
      415,
      29,
      24,
      106,
      22
    ],
    "SliceThickness": 3,
    "SliceTiming": [
      0,
      0.4275,
      0.8575,
      0.305,
      0.735,
      0.1825,
      0.6125,
      0.06,
      0.49,
      0.9175,
      0.3675,
      0.795,
      0.245,
      0.6725,
      0.1225,
      0.55,
      0,
      0.4275,
      0.8575,
      0.305,
      0.735,
      0.1825,
      0.6125,
      0.06,
      0.49,
      0.9175,
      0.3675,
      0.795,
      0.245,
      0.6725,
      0.1225,
      0.55,
      0,
      0.4275,
      0.8575,
      0.305,
      0.735,
      0.1825,
      0.6125,
      0.06,
      0.49,
      0.9175,
      0.3675,
      0.795,
      0.245,
      0.6725,
      0.1225,
      0.55
    ],
    "SoftwareVersions": "syngo_MR_E11",
    "SpacingBetweenSlices": 3,
    "StationName": "MRC35368",
    "TaskName": "a",
    "TotalReadoutTime": 0.0298798,
    "TxRefAmp": 261.035,
    "WipMemBlock": "1e8fbef6-376e-4550-b787-8a2f7c2045ae||Sequence: ve11b/R013 r/f10bb7f; Apr  4 2016 11:55:08 by eja",
    "dataset": "ds002105",
    "modality": "bold",
    "run_id": 1,
    "session_id": "a1",
    "subject_id": "08",
    "task_id": "a"
  },
  "dummy_trs": 2,
  "dvars_nstd": 35.72223549471573,
  "dvars_std": 1.188580696421403,
  "dvars_vstd": 1.0007334326086952,
  "efc": 0.47705936285462447,
  "fber": 4603.43017578125,
  "fd_mean": 0.1425895260415002,
  "fd_num": 67,
  "fd_perc": 11.185308848080133,
  "fwhm_avg": 1.7738218788582774,
  "fwhm_x": 1.7199605138353011,
  "fwhm_y": 1.8966351227395308,
  "fwhm_z": 1.7048699999999999,
  "gcor": 0.0150126,
  "gsr_x": -0.018489442765712738,
  "gsr_y": 0.02331378497183323,
  "provenance": {
    "md5sum": "b341745c8350efaa6332b00baea56a94",
    "settings": {
      "fd_thres": 0.2,
      "testing": false
    },
    "software": "mriqc",
    "version": "21.0.0rc2",
    "webapi_port": null,
    "webapi_url": "https://mriqc.nimh.nih.gov/api/v1"
  },
  "size_t": 599,
  "size_x": 84,
  "size_y": 84,
  "size_z": 48,
  "snr": 5.092206089849644,
  "spacing_tr": 1.0,
  "spacing_x": 2.4761905670166016,
  "spacing_y": 2.4761905670166016,
  "spacing_z": 3.0,
  "summary_bg_k": 26.535260521752946,
  "summary_bg_mad": 32.461313263805344,
  "summary_bg_mean": 145.87588500976562,
  "summary_bg_median": 50.57428741455078,
  "summary_bg_n": 227869.0,
  "summary_bg_p05": 22.934890747070312,
  "summary_bg_p95": 596.3706054687467,
  "summary_bg_stdv": 290.1554260253906,
  "summary_fg_k": 3.905714891939242,
  "summary_fg_mad": 586.2388705833547,
  "summary_fg_mean": 3575.43798828125,
  "summary_fg_median": 3490.54736328125,
  "summary_fg_n": 55329.0,
  "summary_fg_p05": 2709.71416015625,
  "summary_fg_p95": 4740.92490234375,
  "summary_fg_stdv": 685.46240234375,
  "tsnr": 47.99708155961707
}