{
  "aor": 0.0007088851913477537,
  "aqi": 0.012047477287853579,
  "bids_meta": {
    "AcquisitionMatrixPE": 84,
    "AcquisitionNumber": 1,
    "AcquisitionTime": "15:40:58.732500",
    "BandwidthPerPixelPhaseEncode": 33.069,
    "BaseResolution": 84,
    "BodyPartExamined": "BRAIN",
    "ConsistencyInfo": "N4_VE11B_LATEST_20150530",
    "ConversionSoftware": "dcm2niix",
    "ConversionSoftwareVersion": "v1.0.20181125  GCC4.8.5",
    "DerivedVendorReportedEchoSpacing": 0.000719995,
    "DeviceSerialNumber": "67007",
    "DwellTime": 3.8e-06,
    "EchoTime": 0.03,
    "EchoTrainLength": 36,
    "EffectiveEchoSpacing": 0.000359998,
    "FlipAngle": 40,
    "ImageComments": "Unaliased_MB3_PE4",
    "ImageOrientationPatientDICOM": [
      0.999299,
      -0.0211613,
      -0.0308736,
      -4.67506e-08,
      0.824842,
      -0.565363
    ],
    "ImageType": [
      "ORIGINAL",
      "PRIMARY",
      "M",
      "MB",
      "ND",
      "NORM",
      "MOSAIC"
    ],
    "ImagingFrequency": 123.211,
    "InPlanePhaseEncodingDirectionDICOM": "COL",
    "InstitutionAddress": "Perth_Drive_100_London_Ontario_CA_N6A_5K8",
    "InstitutionName": "Robarts_Research_Institute",
    "InstitutionalDepartmentName": "CFMM",
    "MRAcquisitionType": "2D",
    "MagneticFieldStrength": 3,
    "Manufacturer": "Siemens",
    "ManufacturersModelName": "Prisma_fit",
    "Modality": "MR",
    "MultibandAccelerationFactor": 3,
    "ParallelReductionFactorInPlane": 2,
    "PartialFourier": 0.875,
    "PatientPosition": "HFS",
    "PercentPhaseFOV": 100,
    "PhaseEncodingDirection": "j-",
    "PhaseEncodingSteps": 73,
    "PhaseResolution": 1,
    "PixelBandwidth": 1565,
    "ProcedureStepDescription": "Diedrichsen_Feb2016",
    "ProtocolName": "ep_bold_mb3_p2",
    "PulseSequenceDetails": "%CustomerSeq%_cmrr_mbep2d_bold",
    "ReceiveCoilActiveElements": "HEA;HEP",
    "ReceiveCoilName": "Head_32",
    "ReconMatrixPE": 84,
    "RepetitionTime": 1,
    "SAR": 0.094095,
    "ScanOptions": "PFP_FS_EXT",
    "ScanningSequence": "EP",
    "SequenceName": "epfid2d1_84",
    "SequenceVariant": "SK_SS",
    "SeriesDescription": "ep_bold_mb3_p2",
    "SeriesNumber": 10,
    "ShimSetting": [
      5226,
      -6185,
      -3828,
      415,
      29,
      24,
      106,
      22
    ],
    "SliceThickness": 3,
    "SliceTiming": [
      0,
      0.43,
      0.8575,
      0.3075,
      0.735,
      0.185,
      0.6125,
      0.0625,
      0.49,
      0.92,
      0.3675,
      0.7975,
      0.245,
      0.675,
      0.1225,
      0.5525,
      0,
      0.43,
      0.8575,
      0.3075,
      0.735,
      0.185,
      0.6125,
      0.0625,
      0.49,
      0.92,
      0.3675,
      0.7975,
      0.245,
      0.675,
      0.1225,
      0.5525,
      0,
      0.43,
      0.8575,
      0.3075,
      0.735,
      0.185,
      0.6125,
      0.0625,
      0.49,
      0.92,
      0.3675,
      0.7975,
      0.245,
      0.675,
      0.1225,
      0.5525
    ],
    "SoftwareVersions": "syngo_MR_E11",
    "SpacingBetweenSlices": 3,
    "StationName": "MRC35368",
    "TaskName": "a",
    "TotalReadoutTime": 0.0298798,
    "TxRefAmp": 261.035,
    "WipMemBlock": "8460abf9-c5dc-4d68-9182-f4f152fe1ecf||Sequence: ve11b/R013 r/f10bb7f; Apr  4 2016 11:55:08 by eja",
    "dataset": "ds002105",
    "modality": "bold",
    "run_id": 8,
    "session_id": "a1",
    "subject_id": "08",
    "task_id": "a"
  },
  "dummy_trs": 0,
  "dvars_nstd": 39.501292870683336,
  "dvars_std": 1.1452845108166665,
  "dvars_vstd": 1.004490056966667,
  "efc": 0.48220425774213016,
  "fber": 3274.71240234375,
  "fd_mean": 0.17517189489684123,
  "fd_num": 165,
  "fd_perc": 27.45424292845258,
  "fwhm_avg": 1.8744833078928493,
  "fwhm_x": 1.8249322407541921,
  "fwhm_y": 2.0034443495910224,
  "fwhm_z": 1.7950733333333335,
  "gcor": 0.023383,
  "gsr_x": -0.020028701052069664,
  "gsr_y": 0.03017548844218254,
  "provenance": {
    "md5sum": "058f1f49bdb08efd401fc3ed8b347db2",
    "settings": {
      "fd_thres": 0.2,
      "testing": false
    },
    "software": "mriqc",
    "version": "21.0.0rc2",
    "webapi_port": null,
    "webapi_url": "https://mriqc.nimh.nih.gov/api/v1"
  },
  "size_t": 601,
  "size_x": 84,
  "size_y": 84,
  "size_z": 48,
  "snr": 4.847284321508563,
  "spacing_tr": 1.0,
  "spacing_x": 2.4761905670166016,
  "spacing_y": 2.4761905670166016,
  "spacing_z": 3.0,
  "summary_bg_k": 25.446265743982934,
  "summary_bg_mad": 40.309019815753906,
  "summary_bg_mean": 153.6634521484375,
  "summary_bg_median": 57.98169708251953,
  "summary_bg_n": 228173.0,
  "summary_bg_p05": 24.00499153137207,
  "summary_bg_p95": 605.2961547851562,
  "summary_bg_stdv": 281.692138671875,
  "summary_fg_k": 4.1637742323656886,
  "summary_fg_mad": 590.5122108645259,
  "summary_fg_mean": 3479.446044921875,
  "summary_fg_median": 3392.470703125,
  "summary_fg_n": 54997.0,
  "summary_fg_p05": 2584.06708984375,
  "summary_fg_p95": 4661.401757812499,
  "summary_fg_stdv": 699.864013671875,
  "tsnr": 39.34181795362383
}