{
  "bids_meta": {
    "AcquisitionMatrixPE": 256,
    "AcquisitionNumber": 1,
    "AcquisitionTime": "14:58:15.827500",
    "BaseResolution": 256,
    "BodyPartExamined": "BRAIN",
    "ConsistencyInfo": "N4_VE11B_LATEST_20150530",
    "ConversionSoftware": "dcm2niix",
    "ConversionSoftwareVersion": "v1.0.20181125  GCC4.8.5",
    "DeviceSerialNumber": "67007",
    "DwellTime": 8.9e-06,
    "EchoTime": 0.091,
    "EchoTrainLength": 18,
    "FlipAngle": 120,
    "ImageOrientationPatientDICOM": [
      0.999887,
      0.00427789,
      0.0144401,
      4.69888e-09,
      0.95881,
      -0.284048
    ],
    "ImageType": [
      "ORIGINAL",
      "PRIMARY",
      "M",
      "ND",
      "NORM"
    ],
    "ImagingFrequency": 123.211,
    "InPlanePhaseEncodingDirectionDICOM": "COL",
    "InstitutionAddress": "Perth_Drive_100_London_Ontario_CA_N6A_5K8",
    "InstitutionName": "Robarts_Research_Institute",
    "InstitutionalDepartmentName": "CFMM",
    "Interpolation2D": 1,
    "MRAcquisitionType": "2D",
    "MagneticFieldStrength": 3,
    "Manufacturer": "Siemens",
    "ManufacturersModelName": "Prisma_fit",
    "Modality": "MR",
    "ParallelReductionFactorInPlane": 2,
    "PartialFourier": 1,
    "PatientPosition": "HFS",
    "PercentPhaseFOV": 100,
    "PhaseEncodingDirection": "j-",
    "PhaseEncodingSteps": 255,
    "PhaseResolution": 1,
    "PixelBandwidth": 220,
    "ProcedureStepDescription": "Diedrichsen_Feb2016",
    "ProtocolName": "t2_tse_tra_256_p2",
    "PulseSequenceDetails": "%SiemensSeq%_tse",
    "ReceiveCoilActiveElements": "HEA;HEP",
    "ReceiveCoilName": "Head_32",
    "ReconMatrixPE": 512,
    "RepetitionTime": 8.53,
    "SAR": 0.725011,
    "ScanningSequence": "SE",
    "SequenceName": "_tse2d1_18",
    "SequenceVariant": "SK_SP",
    "SeriesDescription": "t2_tse_tra_256_p2",
    "SeriesNumber": 11,
    "ShimSetting": [
      5237,
      -6157,
      -4055,
      53,
      3,
      -37,
      -27,
      1
    ],
    "SliceThickness": 3,
    "SoftwareVersions": "syngo_MR_E11",
    "SpacingBetweenSlices": 3,
    "StationName": "MRC35368",
    "TxRefAmp": 345.68,
    "dataset": "ds002105",
    "modality": "T2w",
    "session_id": "a2",
    "subject_id": "15"
  },
  "cjv": 0.4715804918992028,
  "cnr": 2.9455937906490433,
  "efc": 0.642031669077754,
  "fber": 10856.42605335093,
  "fwhm_avg": 4.859236746915591,
  "fwhm_x": 6.034510769230769,
  "fwhm_y": 6.897156923076922,
  "fwhm_z": 1.6460425484390824,
  "icvs_csf": 0.1648886826704546,
  "icvs_gm": 0.4506211271074842,
  "icvs_wm": 0.3844901902220612,
  "inu_med": 1.094344139099121,
  "inu_range": 0.28103864192962646,
  "provenance": {
    "md5sum": "b7994a4e63c1d1fe7aa20fa0a774f764",
    "settings": {
      "testing": false
    },
    "software": "mriqc",
    "version": "21.0.0rc2",
    "warnings": {
      "large_rot_frame": true,
      "small_air_mask": false
    },
    "webapi_port": null,
    "webapi_url": "https://mriqc.nimh.nih.gov/api/v1"
  },
  "qi_1": 0.0,
  "qi_2": 0.005755517554005565,
  "rpve_csf": 13.896056341807562,
  "rpve_gm": 5.867063133314355,
  "rpve_wm": 7.552757900813165,
  "size_x": 512,
  "size_y": 512,
  "size_z": 48,
  "snr_csf": 2.973417682085848,
  "snr_gm": 11.911617859171788,
  "snr_total": 7.967604361028269,
  "snr_wm": 9.017777541827172,
  "snrd_csf": 298.73800407691306,
  "snrd_gm": 160.4665722177992,
  "snrd_total": 188.44406427402603,
  "snrd_wm": 106.12761652736586,
  "spacing_x": 0.40625,
  "spacing_y": 0.40625,
  "spacing_z": 3.0000014305114746,
  "summary_bg_k": 218.69333656574554,
  "summary_bg_mad": 6.292878588928268,
  "summary_bg_mean": 17.207985844470926,
  "summary_bg_median": 8.367693297564983,
  "summary_bg_n": 2736168.0,
  "summary_bg_p05": 0.0,
  "summary_bg_p95": 41.59592465311289,
  "summary_bg_stdv": 43.30973459391863,
  "summary_csf_k": 0.751070643996278,
  "summary_csf_mad": 724.4002238511998,
  "summary_csf_mean": 2880.6192306243565,
  "summary_csf_median": 2869.512446478009,
  "summary_csf_n": 394010.0,
  "summary_csf_p05": 616.7838856726885,
  "summary_csf_p95": 4404.923531122506,
  "summary_csf_stdv": 965.0540596240445,
  "summary_gm_k": -0.2435631752787546,
  "summary_gm_mad": 136.10597405196282,
  "summary_gm_mean": 1548.7743957401378,
  "summary_gm_median": 1541.3533595949411,
  "summary_gm_n": 982983.0,
  "summary_gm_p05": 1350.2303938418627,
  "summary_gm_p95": 1768.3725168853998,
  "summary_gm_stdv": 129.39909538733238,
  "summary_wm_k": 0.11560288671758023,
  "summary_wm_mad": 110.03547704068858,
  "summary_wm_mean": 1008.8958848933676,
  "summary_wm_median": 1019.4033312946558,
  "summary_wm_n": 998609.0,
  "summary_wm_p05": 797.7200943678617,
  "summary_wm_p95": 1174.993918262422,
  "summary_wm_stdv": 113.04368689009925,
  "tpm_overlap_csf": 0.15253113210201263,
  "tpm_overlap_gm": 0.41842198371887207,
  "tpm_overlap_wm": 0.41908079385757446,
  "wm2max": 0.21071894114108092
}