{
  "aor": 0.00018830282861896836,
  "aqi": 0.01880330316139767,
  "bids_meta": {
    "AcquisitionMatrixPE": 84,
    "AcquisitionNumber": 1,
    "AcquisitionTime": "10:44:6.682500",
    "BandwidthPerPixelPhaseEncode": 33.069,
    "BaseResolution": 84,
    "BodyPartExamined": "BRAIN",
    "ConsistencyInfo": "N4_VE11B_LATEST_20150530",
    "ConversionSoftware": "dcm2niix",
    "ConversionSoftwareVersion": "v1.0.20181125  GCC4.8.5",
    "DerivedVendorReportedEchoSpacing": 0.000719995,
    "DeviceSerialNumber": "67007",
    "DwellTime": 3.8e-06,
    "EchoTime": 0.03,
    "EchoTrainLength": 36,
    "EffectiveEchoSpacing": 0.000359998,
    "FlipAngle": 40,
    "ImageComments": "Unaliased_MB3_PE4",
    "ImageOrientationPatientDICOM": [
      0.999632,
      0.0135493,
      0.0234925,
      -0.00872364,
      0.980862,
      -0.194511
    ],
    "ImageType": [
      "ORIGINAL",
      "PRIMARY",
      "M",
      "MB",
      "ND",
      "NORM",
      "MOSAIC"
    ],
    "ImagingFrequency": 123.211,
    "InPlanePhaseEncodingDirectionDICOM": "COL",
    "InstitutionAddress": "Perth_Drive_100_London_Ontario_CA_N6A_5K8",
    "InstitutionName": "Robarts_Research_Institute",
    "InstitutionalDepartmentName": "CFMM",
    "MRAcquisitionType": "2D",
    "MagneticFieldStrength": 3,
    "Manufacturer": "Siemens",
    "ManufacturersModelName": "Prisma_fit",
    "Modality": "MR",
    "MultibandAccelerationFactor": 3,
    "ParallelReductionFactorInPlane": 2,
    "PartialFourier": 0.875,
    "PatientPosition": "HFS",
    "PercentPhaseFOV": 100,
    "PhaseEncodingDirection": "j-",
    "PhaseEncodingSteps": 73,
    "PhaseResolution": 1,
    "PixelBandwidth": 1565,
    "ProcedureStepDescription": "Diedrichsen_MCC",
    "ProtocolName": "ep_bold_mb3_p2",
    "PulseSequenceDetails": "%CustomerSeq%_cmrr_mbep2d_bold",
    "ReceiveCoilActiveElements": "HEP",
    "ReceiveCoilName": "Head_32",
    "ReconMatrixPE": 84,
    "RepetitionTime": 1,
    "SAR": 0.0772102,
    "ScanOptions": "PFP_FS_EXT",
    "ScanningSequence": "EP",
    "SequenceName": "epfid2d1_84",
    "SequenceVariant": "SK_SS",
    "SeriesDescription": "ep_bold_mb3_p2",
    "SeriesNumber": 4,
    "ShimSetting": [
      5230,
      -6301,
      -3924,
      578,
      144,
      232,
      99,
      29
    ],
    "SliceThickness": 3,
    "SliceTiming": [
      0,
      0.43,
      0.8575,
      0.3075,
      0.735,
      0.185,
      0.6125,
      0.0625,
      0.49,
      0.92,
      0.3675,
      0.7975,
      0.245,
      0.675,
      0.1225,
      0.5525,
      0,
      0.43,
      0.8575,
      0.3075,
      0.735,
      0.185,
      0.6125,
      0.0625,
      0.49,
      0.92,
      0.3675,
      0.7975,
      0.245,
      0.675,
      0.1225,
      0.5525,
      0,
      0.43,
      0.8575,
      0.3075,
      0.735,
      0.185,
      0.6125,
      0.0625,
      0.49,
      0.92,
      0.3675,
      0.7975,
      0.245,
      0.675,
      0.1225,
      0.5525
    ],
    "SoftwareVersions": "syngo_MR_E11",
    "SpacingBetweenSlices": 3,
    "StationName": "MRC35368",
    "TaskName": "b",
    "TotalReadoutTime": 0.0298798,
    "TxRefAmp": 261.357,
    "WipMemBlock": "978256c5-70cf-40a1-b350-333a38268add||Sequence: ve11b/master r/50434d5; Mar  3 2017 10:46:13 by eja",
    "dataset": "ds002105",
    "modality": "bold",
    "run_id": 1,
    "session_id": "b1",
    "subject_id": "06",
    "task_id": "b"
  },
  "dummy_trs": 0,
  "dvars_nstd": 48.820415846400046,
  "dvars_std": 1.1438141883333328,
  "dvars_vstd": 0.9938221496166668,
  "efc": 0.489783074675523,
  "fber": 1587.1728515625,
  "fd_mean": 0.068876674285211,
  "fd_num": 0,
  "fd_perc": 0.0,
  "fwhm_avg": 1.8584685212415846,
  "fwhm_x": 1.7937997418961253,
  "fwhm_y": 2.061279155161962,
  "fwhm_z": 1.7203266666666668,
  "gcor": 0.00434335,
  "gsr_x": -0.015580982901155949,
  "gsr_y": 0.04381297156214714,
  "provenance": {
    "md5sum": "71a25719ab829f1351df351eced160f5",
    "settings": {
      "fd_thres": 0.2,
      "testing": false
    },
    "software": "mriqc",
    "version": "21.0.0rc2",
    "webapi_port": null,
    "webapi_url": "https://mriqc.nimh.nih.gov/api/v1"
  },
  "size_t": 601,
  "size_x": 84,
  "size_y": 84,
  "size_z": 48,
  "snr": 5.686167998644642,
  "spacing_tr": 1.0,
  "spacing_x": 2.4761905670166016,
  "spacing_y": 2.4761905670166016,
  "spacing_z": 3.0,
  "summary_bg_k": 26.179593290425462,
  "summary_bg_mad": 59.23501310928948,
  "summary_bg_mean": 116.17107391357422,
  "summary_bg_median": 57.71713638305664,
  "summary_bg_n": 230147.0,
  "summary_bg_p05": 12.590682029724121,
  "summary_bg_p95": 372.2424163818359,
  "summary_bg_stdv": 173.8118896484375,
  "summary_fg_k": 2.2054294136866224,
  "summary_fg_mad": 393.18567399156694,
  "summary_fg_mean": 2423.48583984375,
  "summary_fg_median": 2393.611328125,
  "summary_fg_n": 53230.0,
  "summary_fg_p05": 1817.2592346191407,
  "summary_fg_p95": 3122.571948242187,
  "summary_fg_stdv": 420.9493713378906,
  "tsnr": 34.586949036456645
}