{
  "bids_meta": {
    "AcquisitionMatrixPE": 256,
    "AcquisitionNumber": 1,
    "AcquisitionTime": "13:58:37.605000",
    "BaseResolution": 256,
    "BodyPartExamined": "BRAIN",
    "ConsistencyInfo": "N4_VE11B_LATEST_20150530",
    "ConversionSoftware": "dcm2niix",
    "ConversionSoftwareVersion": "v1.0.20181125  GCC4.8.5",
    "DeviceSerialNumber": "67007",
    "DwellTime": 8.9e-06,
    "EchoTime": 0.091,
    "EchoTrainLength": 18,
    "FlipAngle": 120,
    "ImageOrientationPatientDICOM": [
      1,
      0,
      0,
      0,
      0.979925,
      -0.199368
    ],
    "ImageType": [
      "ORIGINAL",
      "PRIMARY",
      "M",
      "ND",
      "NORM"
    ],
    "ImagingFrequency": 123.211,
    "InPlanePhaseEncodingDirectionDICOM": "COL",
    "InstitutionAddress": "Perth_Drive_100_London_Ontario_CA_N6A_5K8",
    "InstitutionName": "Robarts_Research_Institute",
    "InstitutionalDepartmentName": "CFMM",
    "Interpolation2D": 1,
    "MRAcquisitionType": "2D",
    "MagneticFieldStrength": 3,
    "Manufacturer": "Siemens",
    "ManufacturersModelName": "Prisma_fit",
    "Modality": "MR",
    "ParallelReductionFactorInPlane": 2,
    "PartialFourier": 1,
    "PatientPosition": "HFS",
    "PercentPhaseFOV": 100,
    "PhaseEncodingDirection": "j-",
    "PhaseEncodingSteps": 255,
    "PhaseResolution": 1,
    "PixelBandwidth": 220,
    "ProcedureStepDescription": "Diedrichsen_Maebdh",
    "ProtocolName": "t2_tse_tra_256_p2",
    "PulseSequenceDetails": "%SiemensSeq%_tse",
    "ReceiveCoilActiveElements": "HEA;HEP",
    "ReceiveCoilName": "Head_32",
    "ReconMatrixPE": 512,
    "RepetitionTime": 8.53,
    "SAR": 0.628124,
    "ScanningSequence": "SE",
    "SequenceName": "_tse2d1_18",
    "SequenceVariant": "SK_SP",
    "SeriesDescription": "t2_tse_tra_256_p2",
    "SeriesNumber": 11,
    "ShimSetting": [
      5237,
      -6157,
      -4055,
      53,
      3,
      -37,
      -27,
      1
    ],
    "SliceThickness": 3,
    "SoftwareVersions": "syngo_MR_E11",
    "SpacingBetweenSlices": 3,
    "StationName": "MRC35368",
    "TxRefAmp": 253.354,
    "dataset": "ds002105",
    "modality": "T2w",
    "session_id": "a1",
    "subject_id": "20"
  },
  "cjv": 0.4125689655575597,
  "cnr": 3.4699081191022882,
  "efc": 0.6079729509713904,
  "fber": 15171.812854442342,
  "fwhm_avg": 4.632443119495101,
  "fwhm_x": 5.637021538461538,
  "fwhm_y": 6.6532676923076925,
  "fwhm_z": 1.6070401277160744,
  "icvs_csf": 0.13258922712451648,
  "icvs_gm": 0.46142028707719646,
  "icvs_wm": 0.40599048579828706,
  "inu_med": 1.3598172664642334,
  "inu_range": 0.22224793434143075,
  "provenance": {
    "md5sum": "9e25de16653dae6eb642d9bf7ce7f2ec",
    "settings": {
      "testing": false
    },
    "software": "mriqc",
    "version": "21.0.0rc2",
    "warnings": {
      "large_rot_frame": true,
      "small_air_mask": false
    },
    "webapi_port": null,
    "webapi_url": "https://mriqc.nimh.nih.gov/api/v1"
  },
  "qi_1": 0.0,
  "qi_2": 0.007171641585242357,
  "rpve_csf": 21.19487812047104,
  "rpve_gm": 7.340536279957126,
  "rpve_wm": 9.137041081597284,
  "size_x": 512,
  "size_y": 512,
  "size_z": 48,
  "snr_csf": 2.8931506608186743,
  "snr_gm": 12.365830923179722,
  "snr_total": 8.058303001393119,
  "snr_wm": 8.91592742018096,
  "snrd_csf": 249.87510121870616,
  "snrd_gm": 138.28048908362584,
  "snrd_total": 157.89624168583245,
  "snrd_wm": 85.53313475516529,
  "spacing_x": 0.40625,
  "spacing_y": 0.40625,
  "spacing_z": 2.999999761581421,
  "summary_bg_k": 220.4454202643071,
  "summary_bg_mad": 7.839947601551994,
  "summary_bg_mean": 14.618628722052312,
  "summary_bg_median": 10.57592859864235,
  "summary_bg_n": 2584103.0,
  "summary_bg_p05": 0.0,
  "summary_bg_p95": 31.61283005028963,
  "summary_bg_stdv": 44.78079796497571,
  "summary_csf_k": 0.8530075336345448,
  "summary_csf_mad": 718.8891083336155,
  "summary_csf_mean": 3030.2412751731244,
  "summary_csf_median": 2990.228855520487,
  "summary_csf_n": 240314.0,
  "summary_csf_p05": 622.8302298635244,
  "summary_csf_p95": 4764.685745179653,
  "summary_csf_stdv": 1033.5523394983595,
  "summary_gm_k": -0.24871346531000826,
  "summary_gm_mad": 142.3120923325199,
  "summary_gm_mean": 1657.4637854884302,
  "summary_gm_median": 1654.7879584506154,
  "summary_gm_n": 842001.0,
  "summary_gm_p05": 1446.8330145925283,
  "summary_gm_p95": 1878.7217509523034,
  "summary_gm_stdv": 133.81931113876175,
  "summary_wm_k": -0.08792536562060649,
  "summary_wm_mad": 118.11051495381592,
  "summary_wm_mean": 1020.7220552727836,
  "summary_wm_median": 1023.5659591555595,
  "summary_wm_n": 851699.0,
  "summary_wm_p05": 823.5429617464542,
  "summary_wm_p95": 1199.5632057264447,
  "summary_wm_stdv": 114.8018944100009,
  "tpm_overlap_csf": 0.15850263833999634,
  "tpm_overlap_gm": 0.4431063234806061,
  "tpm_overlap_wm": 0.45523419976234436,
  "wm2max": 0.20140239764759105
}