{
  "aor": 0.00023935000000000002,
  "aqi": 0.01000704915,
  "bids_meta": {
    "AcquisitionMatrixPE": 84,
    "AcquisitionNumber": 1,
    "AcquisitionTime": "20:18:33.530000",
    "BandwidthPerPixelPhaseEncode": 33.069,
    "BaseResolution": 84,
    "BodyPartExamined": "BRAIN",
    "ConsistencyInfo": "N4_VE11B_LATEST_20150530",
    "ConversionSoftware": "dcm2niix",
    "ConversionSoftwareVersion": "v1.0.20181125  GCC4.8.5",
    "DerivedVendorReportedEchoSpacing": 0.000719995,
    "DeviceSerialNumber": "67007",
    "DwellTime": 3.8e-06,
    "EchoTime": 0.03,
    "EchoTrainLength": 36,
    "EffectiveEchoSpacing": 0.000359998,
    "FlipAngle": 40,
    "ImageComments": "Unaliased_MB3_PE4",
    "ImageOrientationPatientDICOM": [
      0.999302,
      0.0194828,
      0.0318746,
      -2.09053e-08,
      0.853236,
      -0.521525
    ],
    "ImageType": [
      "ORIGINAL",
      "PRIMARY",
      "M",
      "MB",
      "ND",
      "NORM",
      "MOSAIC"
    ],
    "ImagingFrequency": 123.211,
    "InPlanePhaseEncodingDirectionDICOM": "COL",
    "InstitutionAddress": "Perth_Drive_100_London_Ontario_CA_N6A_5K8",
    "InstitutionName": "Robarts-CFMM",
    "InstitutionalDepartmentName": "CFMM",
    "MRAcquisitionType": "2D",
    "MagneticFieldStrength": 3,
    "Manufacturer": "Siemens",
    "ManufacturersModelName": "Prisma_fit",
    "Modality": "MR",
    "MultibandAccelerationFactor": 3,
    "ParallelReductionFactorInPlane": 2,
    "PartialFourier": 0.875,
    "PatientPosition": "HFS",
    "PercentPhaseFOV": 100,
    "PhaseEncodingDirection": "j-",
    "PhaseEncodingSteps": 73,
    "PhaseResolution": 1,
    "PixelBandwidth": 1565,
    "ProcedureStepDescription": "Diedrichsen_MCC",
    "ProtocolName": "ep_bold_mb3_p2",
    "PulseSequenceDetails": "%CustomerSeq%_cmrr_mbep2d_bold",
    "ReceiveCoilActiveElements": "HEA;HEP",
    "ReceiveCoilName": "Head_32",
    "ReconMatrixPE": 84,
    "RepetitionTime": 1,
    "SAR": 0.100442,
    "ScanOptions": "PFP_FS_EXT",
    "ScanningSequence": "EP",
    "SequenceName": "epfid2d1_84",
    "SequenceVariant": "SK_SS",
    "SeriesDescription": "ep_bold_mb3_p2",
    "SeriesNumber": 14,
    "ShimSetting": [
      5265,
      -6273,
      -3911,
      365,
      -23,
      -35,
      -34,
      32
    ],
    "SliceThickness": 3,
    "SliceTiming": [
      0,
      0.4275,
      0.855,
      0.305,
      0.7325,
      0.1825,
      0.6125,
      0.06,
      0.49,
      0.9175,
      0.3675,
      0.795,
      0.245,
      0.6725,
      0.1225,
      0.55,
      0,
      0.4275,
      0.855,
      0.305,
      0.7325,
      0.1825,
      0.6125,
      0.06,
      0.49,
      0.9175,
      0.3675,
      0.795,
      0.245,
      0.6725,
      0.1225,
      0.55,
      0,
      0.4275,
      0.855,
      0.305,
      0.7325,
      0.1825,
      0.6125,
      0.06,
      0.49,
      0.9175,
      0.3675,
      0.795,
      0.245,
      0.6725,
      0.1225,
      0.55
    ],
    "SoftwareVersions": "syngo_MR_E11",
    "SpacingBetweenSlices": 3,
    "StationName": "MRC35368",
    "TaskName": "b",
    "TotalReadoutTime": 0.0298798,
    "TxRefAmp": 254.053,
    "WipMemBlock": "5dfe49f0-b2bf-4137-a035-c62b123f4c68||Sequence: ve11b/master r/50434d5; Mar  3 2017 10:46:13 by eja",
    "dataset": "ds002105",
    "modality": "bold",
    "run_id": 7,
    "session_id": "b1",
    "subject_id": "27",
    "task_id": "b"
  },
  "dummy_trs": 1,
  "dvars_nstd": 33.42890268484138,
  "dvars_std": 1.154502001368947,
  "dvars_vstd": 0.984128817262104,
  "efc": 0.44879444892292725,
  "fber": 4204.88330078125,
  "fd_mean": 0.11545317969423767,
  "fd_num": 36,
  "fd_perc": 6.0,
  "fwhm_avg": 1.7584339950743457,
  "fwhm_x": 1.7074978219847377,
  "fwhm_y": 1.8410941632382996,
  "fwhm_z": 1.72671,
  "gcor": 0.0105373,
  "gsr_x": -0.007939781062304974,
  "gsr_y": 0.018065879121422768,
  "provenance": {
    "md5sum": "9c9ce695d0a5e66e37f14187e32486a5",
    "settings": {
      "fd_thres": 0.2,
      "testing": false
    },
    "software": "mriqc",
    "version": "21.0.0rc2",
    "webapi_port": null,
    "webapi_url": "https://mriqc.nimh.nih.gov/api/v1"
  },
  "size_t": 600,
  "size_x": 84,
  "size_y": 84,
  "size_z": 48,
  "snr": 5.421788606923072,
  "spacing_tr": 1.0,
  "spacing_x": 2.4761905670166016,
  "spacing_y": 2.4761905670166016,
  "spacing_z": 3.0,
  "summary_bg_k": 27.12446783570585,
  "summary_bg_mad": 33.10156719083414,
  "summary_bg_mean": 135.1171875,
  "summary_bg_median": 52.081668853759766,
  "summary_bg_n": 239409.0,
  "summary_bg_p05": 22.668333053588867,
  "summary_bg_p95": 519.3300170898432,
  "summary_bg_stdv": 248.57440185546875,
  "summary_fg_k": 3.858768174529846,
  "summary_fg_mad": 573.1343464820909,
  "summary_fg_mean": 3489.62744140625,
  "summary_fg_median": 3426.13916015625,
  "summary_fg_n": 46702.0,
  "summary_fg_p05": 2664.1929321289062,
  "summary_fg_p95": 4517.659912109375,
  "summary_fg_stdv": 631.9136962890625,
  "tsnr": 45.76884032471571
}