{
  "aor": 0.0002404991680532446,
  "aqi": 0.007728915856905158,
  "bids_meta": {
    "AcquisitionMatrixPE": 84,
    "AcquisitionNumber": 1,
    "AcquisitionTime": "19:24:20.070000",
    "BandwidthPerPixelPhaseEncode": 33.069,
    "BaseResolution": 84,
    "BodyPartExamined": "BRAIN",
    "ConsistencyInfo": "N4_VE11B_LATEST_20150530",
    "ConversionSoftware": "dcm2niix",
    "ConversionSoftwareVersion": "v1.0.20181125  GCC4.8.5",
    "DerivedVendorReportedEchoSpacing": 0.000719995,
    "DeviceSerialNumber": "67007",
    "DwellTime": 3.8e-06,
    "EchoTime": 0.03,
    "EchoTrainLength": 36,
    "EffectiveEchoSpacing": 0.000359998,
    "FlipAngle": 40,
    "ImageComments": "Unaliased_MB3_PE4",
    "ImageOrientationPatientDICOM": [
      0.999302,
      0.0194828,
      0.0318746,
      -2.09053e-08,
      0.853236,
      -0.521525
    ],
    "ImageType": [
      "ORIGINAL",
      "PRIMARY",
      "M",
      "MB",
      "ND",
      "NORM",
      "MOSAIC"
    ],
    "ImagingFrequency": 123.211,
    "InPlanePhaseEncodingDirectionDICOM": "COL",
    "InstitutionAddress": "Perth_Drive_100_London_Ontario_CA_N6A_5K8",
    "InstitutionName": "Robarts-CFMM",
    "InstitutionalDepartmentName": "CFMM",
    "MRAcquisitionType": "2D",
    "MagneticFieldStrength": 3,
    "Manufacturer": "Siemens",
    "ManufacturersModelName": "Prisma_fit",
    "Modality": "MR",
    "MultibandAccelerationFactor": 3,
    "ParallelReductionFactorInPlane": 2,
    "PartialFourier": 0.875,
    "PatientPosition": "HFS",
    "PercentPhaseFOV": 100,
    "PhaseEncodingDirection": "j-",
    "PhaseEncodingSteps": 73,
    "PhaseResolution": 1,
    "PixelBandwidth": 1565,
    "ProcedureStepDescription": "Diedrichsen_MCC",
    "ProtocolName": "ep_bold_mb3_p2",
    "PulseSequenceDetails": "%CustomerSeq%_cmrr_mbep2d_bold",
    "ReceiveCoilActiveElements": "HEA;HEP",
    "ReceiveCoilName": "Head_32",
    "ReconMatrixPE": 84,
    "RepetitionTime": 1,
    "SAR": 0.100442,
    "ScanOptions": "PFP_FS_EXT",
    "ScanningSequence": "EP",
    "SequenceName": "epfid2d1_84",
    "SequenceVariant": "SK_SS",
    "SeriesDescription": "ep_bold_mb3_p2",
    "SeriesNumber": 4,
    "ShimSetting": [
      5265,
      -6273,
      -3911,
      365,
      -23,
      -35,
      -34,
      32
    ],
    "SliceThickness": 3,
    "SliceTiming": [
      0,
      0.4275,
      0.8575,
      0.305,
      0.735,
      0.1825,
      0.6125,
      0.06,
      0.49,
      0.9175,
      0.3675,
      0.795,
      0.245,
      0.6725,
      0.1225,
      0.55,
      0,
      0.4275,
      0.8575,
      0.305,
      0.735,
      0.1825,
      0.6125,
      0.06,
      0.49,
      0.9175,
      0.3675,
      0.795,
      0.245,
      0.6725,
      0.1225,
      0.55,
      0,
      0.4275,
      0.8575,
      0.305,
      0.735,
      0.1825,
      0.6125,
      0.06,
      0.49,
      0.9175,
      0.3675,
      0.795,
      0.245,
      0.6725,
      0.1225,
      0.55
    ],
    "SoftwareVersions": "syngo_MR_E11",
    "SpacingBetweenSlices": 3,
    "StationName": "MRC35368",
    "TaskName": "b",
    "TotalReadoutTime": 0.0298798,
    "TxRefAmp": 254.053,
    "WipMemBlock": "8437d5a1-d86e-4491-a192-2f2a3aba35f8||Sequence: ve11b/master r/50434d5; Mar  3 2017 10:46:13 by eja",
    "dataset": "ds002105",
    "modality": "bold",
    "run_id": 2,
    "session_id": "b1",
    "subject_id": "27",
    "task_id": "b"
  },
  "dummy_trs": 0,
  "dvars_nstd": 35.17169142381667,
  "dvars_std": 1.2314084862499999,
  "dvars_vstd": 1.002951300866666,
  "efc": 0.44675414393692875,
  "fber": 4436.64208984375,
  "fd_mean": 0.11538994269926561,
  "fd_num": 24,
  "fd_perc": 3.9933444259567388,
  "fwhm_avg": 1.7612139094976067,
  "fwhm_x": 1.7151305140124646,
  "fwhm_y": 1.842184547813689,
  "fwhm_z": 1.7263266666666668,
  "gcor": 0.011404,
  "gsr_x": -0.008353962562978268,
  "gsr_y": 0.017261618748307228,
  "provenance": {
    "md5sum": "995edaecb8a8b7a802b49508799dbe57",
    "settings": {
      "fd_thres": 0.2,
      "testing": false
    },
    "software": "mriqc",
    "version": "21.0.0rc2",
    "webapi_port": null,
    "webapi_url": "https://mriqc.nimh.nih.gov/api/v1"
  },
  "size_t": 601,
  "size_x": 84,
  "size_y": 84,
  "size_z": 48,
  "snr": 5.376849715334744,
  "spacing_tr": 1.0,
  "spacing_x": 2.4761905670166016,
  "spacing_y": 2.4761905670166016,
  "spacing_z": 3.0,
  "summary_bg_k": 27.756612134748426,
  "summary_bg_mad": 31.447940078428616,
  "summary_bg_mean": 133.5614471435547,
  "summary_bg_median": 50.79201126098633,
  "summary_bg_n": 239350.0,
  "summary_bg_p05": 22.428368377685548,
  "summary_bg_p95": 511.3654541015624,
  "summary_bg_stdv": 260.76239013671875,
  "summary_fg_k": 3.97025107368216,
  "summary_fg_mad": 576.828183308226,
  "summary_fg_mean": 3495.63623046875,
  "summary_fg_median": 3429.291015625,
  "summary_fg_n": 46651.0,
  "summary_fg_p05": 2664.1387939453125,
  "summary_fg_p95": 4527.32763671875,
  "summary_fg_stdv": 637.7813110351562,
  "tsnr": 50.94610917521641
}