{
  "bids_meta": {
    "AcquisitionMatrixPE": 256,
    "AcquisitionNumber": 1,
    "AcquisitionTime": "16:49:17.795000",
    "BaseResolution": 256,
    "BodyPartExamined": "BRAIN",
    "ConsistencyInfo": "N4_VE11B_LATEST_20150530",
    "ConversionSoftware": "dcm2niix",
    "ConversionSoftwareVersion": "v1.0.20181125  GCC4.8.5",
    "DeviceSerialNumber": "67007",
    "DwellTime": 8.9e-06,
    "EchoTime": 0.091,
    "EchoTrainLength": 18,
    "FlipAngle": 120,
    "ImageOrientationPatientDICOM": [
      1,
      0,
      0,
      0,
      0.866897,
      -0.498488
    ],
    "ImageType": [
      "ORIGINAL",
      "PRIMARY",
      "M",
      "ND",
      "NORM"
    ],
    "ImagingFrequency": 123.211,
    "InPlanePhaseEncodingDirectionDICOM": "COL",
    "InstitutionAddress": "Perth_Drive_100_London_Ontario_CA_N6A_5K8",
    "InstitutionName": "Robarts_Research_Institute",
    "InstitutionalDepartmentName": "CFMM",
    "Interpolation2D": 1,
    "MRAcquisitionType": "2D",
    "MagneticFieldStrength": 3,
    "Manufacturer": "Siemens",
    "ManufacturersModelName": "Prisma_fit",
    "Modality": "MR",
    "ParallelReductionFactorInPlane": 2,
    "PartialFourier": 1,
    "PatientPosition": "HFS",
    "PercentPhaseFOV": 100,
    "PhaseEncodingDirection": "j-",
    "PhaseEncodingSteps": 255,
    "PhaseResolution": 1,
    "PixelBandwidth": 220,
    "ProcedureStepDescription": "Diedrichsen_MCC",
    "ProtocolName": "t2_tse_tra_256_p2",
    "PulseSequenceDetails": "%SiemensSeq%_tse",
    "ReceiveCoilActiveElements": "HEA;HEP",
    "ReceiveCoilName": "Head_32",
    "ReconMatrixPE": 512,
    "RepetitionTime": 8.53,
    "SAR": 0.613375,
    "ScanningSequence": "SE",
    "SequenceName": "_tse2d1_18",
    "SequenceVariant": "SK_SP",
    "SeriesDescription": "t2_tse_tra_256_p2",
    "SeriesNumber": 20,
    "ShimSetting": [
      5237,
      -6157,
      -4055,
      53,
      3,
      -37,
      -27,
      1
    ],
    "SliceThickness": 3,
    "SoftwareVersions": "syngo_MR_E11",
    "SpacingBetweenSlices": 3,
    "StationName": "MRC35368",
    "TxRefAmp": 263.826,
    "dataset": "ds002105",
    "modality": "T2w",
    "session_id": "b2",
    "subject_id": "06"
  },
  "cjv": 0.4313587399827458,
  "cnr": 3.2547005448512736,
  "efc": 0.57364060200652,
  "fber": 6774.005671077505,
  "fwhm_avg": 4.536174613362657,
  "fwhm_x": 5.743433846153847,
  "fwhm_y": 6.173144615384615,
  "fwhm_z": 1.6919453785495078,
  "icvs_csf": 0.1390560096555725,
  "icvs_gm": 0.44463658953290597,
  "icvs_wm": 0.4163074008115215,
  "inu_med": 1.1683473587036133,
  "inu_range": 0.25398271679878226,
  "provenance": {
    "md5sum": "72ca51d0e04080612060926fbd9d4e43",
    "settings": {
      "testing": false
    },
    "software": "mriqc",
    "version": "21.0.0rc2",
    "warnings": {
      "large_rot_frame": true,
      "small_air_mask": false
    },
    "webapi_port": null,
    "webapi_url": "https://mriqc.nimh.nih.gov/api/v1"
  },
  "qi_1": 0.0,
  "qi_2": 0.012157036752171496,
  "rpve_csf": 21.165197789560455,
  "rpve_gm": 7.946082720351013,
  "rpve_wm": 9.551434647673913,
  "size_x": 512,
  "size_y": 512,
  "size_z": 48,
  "snr_csf": 2.9397161190615098,
  "snr_gm": 11.52455725490421,
  "snr_total": 8.087299294637416,
  "snr_wm": 9.797624509946528,
  "snrd_csf": 182.40660882512245,
  "snrd_gm": 93.23076654129076,
  "snrd_total": 111.54290846039282,
  "snrd_wm": 58.99135001476528,
  "spacing_x": 0.40625,
  "spacing_y": 0.40625,
  "spacing_z": 2.999990463256836,
  "summary_bg_k": 412.0262086623688,
  "summary_bg_mad": 11.240601271808517,
  "summary_bg_mean": 18.384827413812403,
  "summary_bg_median": 15.274835839867592,
  "summary_bg_n": 3050163.0,
  "summary_bg_p05": 0.0,
  "summary_bg_p95": 38.465827479958534,
  "summary_bg_stdv": 51.39862831577043,
  "summary_csf_k": 0.7478485059240163,
  "summary_csf_mad": 829.4902526755168,
  "summary_csf_mean": 3171.2068284583243,
  "summary_csf_median": 3129.668919891119,
  "summary_csf_n": 244725.0,
  "summary_csf_p05": 710.3356141299009,
  "summary_csf_p95": 4879.451538166402,
  "summary_csf_stdv": 1064.6138602754138,
  "summary_gm_k": -0.268471708578351,
  "summary_gm_mad": 149.26857277122193,
  "summary_gm_mean": 1603.6181785404315,
  "summary_gm_median": 1599.620947405696,
  "summary_gm_n": 765561.0,
  "summary_gm_p05": 1388.2261389940977,
  "summary_gm_p95": 1833.649271696806,
  "summary_gm_stdv": 138.8009853469121,
  "summary_wm_k": 0.01269711917745564,
  "summary_wm_mad": 104.14086472410833,
  "summary_wm_mean": 1006.9319879075182,
  "summary_wm_median": 1012.1529909074306,
  "summary_wm_n": 839080.0,
  "summary_wm_p05": 825.9560868740082,
  "summary_wm_p95": 1165.235834762454,
  "summary_wm_stdv": 103.30589692911009,
  "tpm_overlap_csf": 0.15640224516391754,
  "tpm_overlap_gm": 0.4339640140533447,
  "tpm_overlap_wm": 0.4650515019893646,
  "wm2max": 0.19063418731625367
}