{
  "bids_meta": {
    "AcquisitionMatrixPE": 256,
    "AcquisitionNumber": 1,
    "AcquisitionTime": "11:54:55.815000",
    "BaseResolution": 256,
    "BodyPartExamined": "BRAIN",
    "ConsistencyInfo": "N4_VE11B_LATEST_20150530",
    "ConversionSoftware": "dcm2niix",
    "ConversionSoftwareVersion": "v1.0.20181125  GCC4.8.5",
    "DeviceSerialNumber": "67007",
    "DwellTime": 8.9e-06,
    "EchoTime": 0.091,
    "EchoTrainLength": 18,
    "FlipAngle": 120,
    "ImageOrientationPatientDICOM": [
      0.999216,
      0.0193336,
      0.0345578,
      -1.89596e-08,
      0.872708,
      -0.488243
    ],
    "ImageType": [
      "ORIGINAL",
      "PRIMARY",
      "M",
      "ND",
      "NORM"
    ],
    "ImagingFrequency": 123.211,
    "InPlanePhaseEncodingDirectionDICOM": "COL",
    "InstitutionAddress": "Perth_Drive_100_London_Ontario_CA_N6A_5K8",
    "InstitutionName": "Robarts_Research_Institute",
    "InstitutionalDepartmentName": "CFMM",
    "Interpolation2D": 1,
    "MRAcquisitionType": "2D",
    "MagneticFieldStrength": 3,
    "Manufacturer": "Siemens",
    "ManufacturersModelName": "Prisma_fit",
    "Modality": "MR",
    "ParallelReductionFactorInPlane": 2,
    "PartialFourier": 1,
    "PatientPosition": "HFS",
    "PercentPhaseFOV": 100,
    "PhaseEncodingDirection": "j-",
    "PhaseEncodingSteps": 255,
    "PhaseResolution": 1,
    "PixelBandwidth": 220,
    "ProcedureStepDescription": "Diedrichsen_MCC",
    "ProtocolName": "t2_tse_tra_256_p2",
    "PulseSequenceDetails": "%SiemensSeq%_tse",
    "ReceiveCoilActiveElements": "HEA;HEP",
    "ReceiveCoilName": "Head_32",
    "ReconMatrixPE": 512,
    "RepetitionTime": 8.53,
    "SAR": 0.512274,
    "ScanningSequence": "SE",
    "SequenceName": "_tse2d1_18",
    "SequenceVariant": "SK_SP",
    "SeriesDescription": "t2_tse_tra_256_p2",
    "SeriesNumber": 21,
    "ShimSetting": [
      5237,
      -6157,
      -4055,
      53,
      3,
      -37,
      -27,
      1
    ],
    "SliceThickness": 3,
    "SoftwareVersions": "syngo_MR_E11",
    "SpacingBetweenSlices": 3,
    "StationName": "MRC35368",
    "TxRefAmp": 250.657,
    "dataset": "ds002105",
    "modality": "T2w",
    "session_id": "b1",
    "subject_id": "02"
  },
  "cjv": 0.44541082878211186,
  "cnr": 3.160755204729048,
  "efc": 0.5739737601898373,
  "fber": 19507.835872933883,
  "fwhm_avg": 4.784026686846063,
  "fwhm_x": 6.025674288194677,
  "fwhm_y": 6.705378461538462,
  "fwhm_z": 1.6210273108050468,
  "icvs_csf": 0.17578653096178612,
  "icvs_gm": 0.42880102763338973,
  "icvs_wm": 0.3954124414048241,
  "inu_med": 1.1948636770248413,
  "inu_range": 0.19782227277755737,
  "provenance": {
    "md5sum": "f3aa9851d3cbaeee0d745fb500f192b8",
    "settings": {
      "testing": false
    },
    "software": "mriqc",
    "version": "21.0.0rc2",
    "warnings": {
      "large_rot_frame": true,
      "small_air_mask": false
    },
    "webapi_port": null,
    "webapi_url": "https://mriqc.nimh.nih.gov/api/v1"
  },
  "qi_1": 0.0,
  "qi_2": 0.014962697954315403,
  "rpve_csf": 16.65218913249696,
  "rpve_gm": 7.672265264366096,
  "rpve_wm": 9.364942778086727,
  "size_x": 512,
  "size_y": 512,
  "size_z": 48,
  "snr_csf": 2.910969452617831,
  "snr_gm": 11.76325787738492,
  "snr_total": 8.363893296927477,
  "snr_wm": 10.417452560779678,
  "snrd_csf": 304.2619791372129,
  "snrd_gm": 154.70007545027028,
  "snrd_total": 186.82392531459504,
  "snrd_wm": 101.50972135630198,
  "spacing_x": 0.4062499701976776,
  "spacing_y": 0.40625,
  "spacing_z": 2.9999988079071045,
  "summary_bg_k": 356.49647389869875,
  "summary_bg_mad": 6.5192650872498525,
  "summary_bg_mean": 12.101500225323438,
  "summary_bg_median": 8.896614901721478,
  "summary_bg_n": 2883145.0,
  "summary_bg_p05": 0.0,
  "summary_bg_p95": 26.894364587962627,
  "summary_bg_stdv": 38.91446337533504,
  "summary_csf_k": 0.4940319132101241,
  "summary_csf_mad": 863.8784294685968,
  "summary_csf_mean": 2984.634779126848,
  "summary_csf_median": 3027.712344944477,
  "summary_csf_n": 354698.0,
  "summary_csf_p05": 605.9924127310514,
  "summary_csf_p95": 4477.4515341594815,
  "summary_csf_stdv": 1040.1030056169957,
  "summary_gm_k": -0.2834086846576849,
  "summary_gm_mad": 140.9980588637759,
  "summary_gm_mean": 1545.3211182038583,
  "summary_gm_median": 1539.421157822013,
  "summary_gm_n": 773862.0,
  "summary_gm_p05": 1345.1272691637278,
  "summary_gm_p95": 1763.165909603238,
  "summary_gm_stdv": 130.86682101442364,
  "summary_wm_k": 0.20367720790855515,
  "summary_wm_mad": 94.7567599890967,
  "summary_wm_mean": 1005.1586396063367,
  "summary_wm_median": 1010.1237011402845,
  "summary_wm_n": 847261.0,
  "summary_wm_p05": 830.2484642192721,
  "summary_wm_p95": 1152.367279626429,
  "summary_wm_stdv": 96.9645025149233,
  "tpm_overlap_csf": 0.15451985597610474,
  "tpm_overlap_gm": 0.42825695872306824,
  "tpm_overlap_wm": 0.4498685598373413,
  "wm2max": 0.20367850220627653
}