{
  "aor": 0.00018173622704507512,
  "aqi": 0.0063196127378964935,
  "bids_meta": {
    "AcquisitionMatrixPE": 84,
    "AcquisitionNumber": 1,
    "AcquisitionTime": "16:18:11.645000",
    "BandwidthPerPixelPhaseEncode": 33.069,
    "BaseResolution": 84,
    "BodyPartExamined": "BRAIN",
    "ConsistencyInfo": "N4_VE11B_LATEST_20150530",
    "ConversionSoftware": "dcm2niix",
    "ConversionSoftwareVersion": "v1.0.20181125  GCC4.8.5",
    "DerivedVendorReportedEchoSpacing": 0.000719995,
    "DeviceSerialNumber": "67007",
    "DwellTime": 3.8e-06,
    "EchoTime": 0.03,
    "EchoTrainLength": 36,
    "EffectiveEchoSpacing": 0.000359998,
    "FlipAngle": 40,
    "ImageComments": "Unaliased_MB3_PE4",
    "ImageOrientationPatientDICOM": [
      1,
      0,
      0,
      0,
      0.889416,
      -0.457098
    ],
    "ImageType": [
      "ORIGINAL",
      "PRIMARY",
      "M",
      "MB",
      "ND",
      "NORM",
      "MOSAIC"
    ],
    "ImagingFrequency": 123.211,
    "InPlanePhaseEncodingDirectionDICOM": "COL",
    "InstitutionAddress": "Perth_Drive_100_London_Ontario_CA_N6A_5K8",
    "InstitutionName": "Robarts_Research_Institute",
    "InstitutionalDepartmentName": "CFMM",
    "MRAcquisitionType": "2D",
    "MagneticFieldStrength": 3,
    "Manufacturer": "Siemens",
    "ManufacturersModelName": "Prisma_fit",
    "Modality": "MR",
    "MultibandAccelerationFactor": 3,
    "ParallelReductionFactorInPlane": 2,
    "PartialFourier": 0.875,
    "PatientPosition": "HFS",
    "PercentPhaseFOV": 100,
    "PhaseEncodingDirection": "j-",
    "PhaseEncodingSteps": 73,
    "PhaseResolution": 1,
    "PixelBandwidth": 1565,
    "ProcedureStepDescription": "Diedrichsen_MCC",
    "ProtocolName": "ep_bold_mb3_p2",
    "PulseSequenceDetails": "%CustomerSeq%_cmrr_mbep2d_bold",
    "ReceiveCoilActiveElements": "HEA;HEP",
    "ReceiveCoilName": "Head_32",
    "ReconMatrixPE": 84,
    "RepetitionTime": 1,
    "SAR": 0.0695415,
    "ScanOptions": "PFP_FS_EXT",
    "ScanningSequence": "EP",
    "SequenceName": "epfid2d1_84",
    "SequenceVariant": "SK_SS",
    "SeriesDescription": "ep_bold_mb3_p2",
    "SeriesNumber": 14,
    "ShimSetting": [
      5242,
      -6212,
      -3956,
      419,
      31,
      49,
      -74,
      -19
    ],
    "SliceThickness": 3,
    "SliceTiming": [
      0,
      0.4275,
      0.8575,
      0.305,
      0.735,
      0.1825,
      0.6125,
      0.06,
      0.49,
      0.9175,
      0.3675,
      0.795,
      0.245,
      0.6725,
      0.1225,
      0.55,
      0,
      0.4275,
      0.8575,
      0.305,
      0.735,
      0.1825,
      0.6125,
      0.06,
      0.49,
      0.9175,
      0.3675,
      0.795,
      0.245,
      0.6725,
      0.1225,
      0.55,
      0,
      0.4275,
      0.8575,
      0.305,
      0.735,
      0.1825,
      0.6125,
      0.06,
      0.49,
      0.9175,
      0.3675,
      0.795,
      0.245,
      0.6725,
      0.1225,
      0.55
    ],
    "SoftwareVersions": "syngo_MR_E11",
    "SpacingBetweenSlices": 3,
    "StationName": "MRC35368",
    "TaskName": "a",
    "TotalReadoutTime": 0.0298798,
    "TxRefAmp": 257.657,
    "WipMemBlock": "5a276666-f251-4ead-800d-7d12bdf99970||Sequence: ve11b/master r/50434d5; Mar  3 2017 10:46:13 by eja",
    "dataset": "ds002105",
    "modality": "bold",
    "run_id": 6,
    "session_id": "a2",
    "subject_id": "25",
    "task_id": "a"
  },
  "dummy_trs": 2,
  "dvars_nstd": 34.98177349122076,
  "dvars_std": 1.1864702065217392,
  "dvars_vstd": 0.9998715476588643,
  "efc": 0.4908548714927355,
  "fber": 3948.312744140625,
  "fd_mean": 0.09637885504975449,
  "fd_num": 12,
  "fd_perc": 2.003338898163606,
  "fwhm_avg": 1.9072186276996332,
  "fwhm_x": 1.8834858924526108,
  "fwhm_y": 2.002636657312956,
  "fwhm_z": 1.8355333333333332,
  "gcor": 0.00829518,
  "gsr_x": -0.0062380386516451836,
  "gsr_y": 0.020173916593194008,
  "provenance": {
    "md5sum": "085acbf5033bf91ddfc128ee87f7dbd6",
    "settings": {
      "fd_thres": 0.2,
      "testing": false
    },
    "software": "mriqc",
    "version": "21.0.0rc2",
    "webapi_port": null,
    "webapi_url": "https://mriqc.nimh.nih.gov/api/v1"
  },
  "size_t": 599,
  "size_x": 84,
  "size_y": 84,
  "size_z": 48,
  "snr": 3.9995765911320578,
  "spacing_tr": 1.0,
  "spacing_x": 2.4761905670166016,
  "spacing_y": 2.4761905670166016,
  "spacing_z": 3.0,
  "summary_bg_k": 40.38436128872142,
  "summary_bg_mad": 25.95667485506842,
  "summary_bg_mean": 107.27115631103516,
  "summary_bg_median": 43.282135009765625,
  "summary_bg_n": 217210.0,
  "summary_bg_p05": 20.603421688079834,
  "summary_bg_p95": 407.46568603515607,
  "summary_bg_stdv": 204.9383544921875,
  "summary_fg_k": 2.1564193239266105,
  "summary_fg_mad": 571.7127351019197,
  "summary_fg_mean": 2896.940673828125,
  "summary_fg_median": 2762.745361328125,
  "summary_fg_n": 64324.0,
  "summary_fg_p05": 2080.107458496094,
  "summary_fg_p95": 4328.449926757812,
  "summary_fg_stdv": 690.7540893554688,
  "tsnr": 48.363041224423796
}