{
  "aor": 0.0004504825291181365,
  "aqi": 0.0057451873710482534,
  "bids_meta": {
    "AcquisitionMatrixPE": 84,
    "AcquisitionNumber": 1,
    "AcquisitionTime": "16:39:38.210000",
    "BandwidthPerPixelPhaseEncode": 33.069,
    "BaseResolution": 84,
    "BodyPartExamined": "BRAIN",
    "ConsistencyInfo": "N4_VE11B_LATEST_20150530",
    "ConversionSoftware": "dcm2niix",
    "ConversionSoftwareVersion": "v1.0.20181125  GCC4.8.5",
    "DerivedVendorReportedEchoSpacing": 0.000719995,
    "DeviceSerialNumber": "67007",
    "DwellTime": 3.8e-06,
    "EchoTime": 0.03,
    "EchoTrainLength": 36,
    "EffectiveEchoSpacing": 0.000359998,
    "FlipAngle": 40,
    "ImageComments": "Unaliased_MB3_PE4",
    "ImageOrientationPatientDICOM": [
      1,
      0,
      0,
      0,
      0.889416,
      -0.457098
    ],
    "ImageType": [
      "ORIGINAL",
      "PRIMARY",
      "M",
      "MB",
      "ND",
      "NORM",
      "MOSAIC"
    ],
    "ImagingFrequency": 123.211,
    "InPlanePhaseEncodingDirectionDICOM": "COL",
    "InstitutionAddress": "Perth_Drive_100_London_Ontario_CA_N6A_5K8",
    "InstitutionName": "Robarts_Research_Institute",
    "InstitutionalDepartmentName": "CFMM",
    "MRAcquisitionType": "2D",
    "MagneticFieldStrength": 3,
    "Manufacturer": "Siemens",
    "ManufacturersModelName": "Prisma_fit",
    "Modality": "MR",
    "MultibandAccelerationFactor": 3,
    "ParallelReductionFactorInPlane": 2,
    "PartialFourier": 0.875,
    "PatientPosition": "HFS",
    "PercentPhaseFOV": 100,
    "PhaseEncodingDirection": "j-",
    "PhaseEncodingSteps": 73,
    "PhaseResolution": 1,
    "PixelBandwidth": 1565,
    "ProcedureStepDescription": "Diedrichsen_MCC",
    "ProtocolName": "ep_bold_mb3_p2",
    "PulseSequenceDetails": "%CustomerSeq%_cmrr_mbep2d_bold",
    "ReceiveCoilActiveElements": "HEA;HEP",
    "ReceiveCoilName": "Head_32",
    "ReconMatrixPE": 84,
    "RepetitionTime": 1,
    "SAR": 0.0695415,
    "ScanOptions": "PFP_FS_EXT",
    "ScanningSequence": "EP",
    "SequenceName": "epfid2d1_84",
    "SequenceVariant": "SK_SS",
    "SeriesDescription": "ep_bold_mb3_p2",
    "SeriesNumber": 18,
    "ShimSetting": [
      5242,
      -6212,
      -3956,
      419,
      31,
      49,
      -74,
      -19
    ],
    "SliceThickness": 3,
    "SliceTiming": [
      0,
      0.4275,
      0.855,
      0.305,
      0.7325,
      0.1825,
      0.61,
      0.06,
      0.4875,
      0.9175,
      0.365,
      0.795,
      0.245,
      0.6725,
      0.1225,
      0.55,
      0,
      0.4275,
      0.855,
      0.305,
      0.7325,
      0.1825,
      0.61,
      0.06,
      0.4875,
      0.9175,
      0.365,
      0.795,
      0.245,
      0.6725,
      0.1225,
      0.55,
      0,
      0.4275,
      0.855,
      0.305,
      0.7325,
      0.1825,
      0.61,
      0.06,
      0.4875,
      0.9175,
      0.365,
      0.795,
      0.245,
      0.6725,
      0.1225,
      0.55
    ],
    "SoftwareVersions": "syngo_MR_E11",
    "SpacingBetweenSlices": 3,
    "StationName": "MRC35368",
    "TaskName": "a",
    "TotalReadoutTime": 0.0298798,
    "TxRefAmp": 257.657,
    "WipMemBlock": "369f9e1b-01ed-4ae7-987d-b86d83ad4c5b||Sequence: ve11b/master r/50434d5; Mar  3 2017 10:46:13 by eja",
    "dataset": "ds002105",
    "modality": "bold",
    "run_id": 8,
    "session_id": "a2",
    "subject_id": "25",
    "task_id": "a"
  },
  "dummy_trs": 0,
  "dvars_nstd": 33.15958694140003,
  "dvars_std": 1.1683969084500005,
  "dvars_vstd": 1.006004891200001,
  "efc": 0.4914370109278382,
  "fber": 4007.801513671875,
  "fd_mean": 0.08498145129416296,
  "fd_num": 7,
  "fd_perc": 1.1647254575707155,
  "fwhm_avg": 1.9016387774403116,
  "fwhm_x": 1.8744558927838293,
  "fwhm_y": 1.9979237728704389,
  "fwhm_z": 1.8325366666666667,
  "gcor": 0.011272,
  "gsr_x": -0.006894796621054411,
  "gsr_y": 0.019508227705955505,
  "provenance": {
    "md5sum": "959f21afc40d4c742a4103d1892e508f",
    "settings": {
      "fd_thres": 0.2,
      "testing": false
    },
    "software": "mriqc",
    "version": "21.0.0rc2",
    "webapi_port": null,
    "webapi_url": "https://mriqc.nimh.nih.gov/api/v1"
  },
  "size_t": 601,
  "size_x": 84,
  "size_y": 84,
  "size_z": 48,
  "snr": 3.9630908112402206,
  "spacing_tr": 1.0,
  "spacing_x": 2.4761905670166016,
  "spacing_y": 2.4761905670166016,
  "spacing_z": 3.0,
  "summary_bg_k": 39.910631382315295,
  "summary_bg_mad": 25.89743444926956,
  "summary_bg_mean": 108.91658782958984,
  "summary_bg_median": 43.159732818603516,
  "summary_bg_n": 217167.0,
  "summary_bg_p05": 20.988351821899414,
  "summary_bg_p95": 417.22228698730447,
  "summary_bg_stdv": 207.18026733398438,
  "summary_fg_k": 2.122612416620881,
  "summary_fg_mad": 583.1658010435324,
  "summary_fg_mean": 2907.172607421875,
  "summary_fg_median": 2772.51171875,
  "summary_fg_n": 64384.0,
  "summary_fg_p05": 2078.6074340820314,
  "summary_fg_p95": 4352.518115234375,
  "summary_fg_stdv": 699.5777587890625,
  "tsnr": 50.11807878501713
}