{
  "aor": 0.00021035,
  "aqi": 0.0063954473,
  "bids_meta": {
    "AcquisitionMatrixPE": 84,
    "AcquisitionNumber": 1,
    "AcquisitionTime": "16:07:32.397500",
    "BandwidthPerPixelPhaseEncode": 33.069,
    "BaseResolution": 84,
    "BodyPartExamined": "BRAIN",
    "ConsistencyInfo": "N4_VE11B_LATEST_20150530",
    "ConversionSoftware": "dcm2niix",
    "ConversionSoftwareVersion": "v1.0.20181125  GCC4.8.5",
    "DerivedVendorReportedEchoSpacing": 0.000719995,
    "DeviceSerialNumber": "67007",
    "DwellTime": 3.8e-06,
    "EchoTime": 0.03,
    "EchoTrainLength": 36,
    "EffectiveEchoSpacing": 0.000359998,
    "FlipAngle": 40,
    "ImageComments": "Unaliased_MB3_PE4",
    "ImageOrientationPatientDICOM": [
      1,
      0,
      0,
      0,
      0.889416,
      -0.457098
    ],
    "ImageType": [
      "ORIGINAL",
      "PRIMARY",
      "M",
      "MB",
      "ND",
      "NORM",
      "MOSAIC"
    ],
    "ImagingFrequency": 123.211,
    "InPlanePhaseEncodingDirectionDICOM": "COL",
    "InstitutionAddress": "Perth_Drive_100_London_Ontario_CA_N6A_5K8",
    "InstitutionName": "Robarts_Research_Institute",
    "InstitutionalDepartmentName": "CFMM",
    "MRAcquisitionType": "2D",
    "MagneticFieldStrength": 3,
    "Manufacturer": "Siemens",
    "ManufacturersModelName": "Prisma_fit",
    "Modality": "MR",
    "MultibandAccelerationFactor": 3,
    "ParallelReductionFactorInPlane": 2,
    "PartialFourier": 0.875,
    "PatientPosition": "HFS",
    "PercentPhaseFOV": 100,
    "PhaseEncodingDirection": "j-",
    "PhaseEncodingSteps": 73,
    "PhaseResolution": 1,
    "PixelBandwidth": 1565,
    "ProcedureStepDescription": "Diedrichsen_MCC",
    "ProtocolName": "ep_bold_mb3_p2",
    "PulseSequenceDetails": "%CustomerSeq%_cmrr_mbep2d_bold",
    "ReceiveCoilActiveElements": "HEA;HEP",
    "ReceiveCoilName": "Head_32",
    "ReconMatrixPE": 84,
    "RepetitionTime": 1,
    "SAR": 0.0695415,
    "ScanOptions": "PFP_FS_EXT",
    "ScanningSequence": "EP",
    "SequenceName": "epfid2d1_84",
    "SequenceVariant": "SK_SS",
    "SeriesDescription": "ep_bold_mb3_p2",
    "SeriesNumber": 12,
    "ShimSetting": [
      5242,
      -6212,
      -3956,
      419,
      31,
      49,
      -74,
      -19
    ],
    "SliceThickness": 3,
    "SliceTiming": [
      0,
      0.4275,
      0.8575,
      0.305,
      0.735,
      0.1825,
      0.6125,
      0.06,
      0.49,
      0.9175,
      0.3675,
      0.795,
      0.245,
      0.6725,
      0.1225,
      0.55,
      0,
      0.4275,
      0.8575,
      0.305,
      0.735,
      0.1825,
      0.6125,
      0.06,
      0.49,
      0.9175,
      0.3675,
      0.795,
      0.245,
      0.6725,
      0.1225,
      0.55,
      0,
      0.4275,
      0.8575,
      0.305,
      0.735,
      0.1825,
      0.6125,
      0.06,
      0.49,
      0.9175,
      0.3675,
      0.795,
      0.245,
      0.6725,
      0.1225,
      0.55
    ],
    "SoftwareVersions": "syngo_MR_E11",
    "SpacingBetweenSlices": 3,
    "StationName": "MRC35368",
    "TaskName": "a",
    "TotalReadoutTime": 0.0298798,
    "TxRefAmp": 257.657,
    "WipMemBlock": "de8716da-0588-4307-848d-baba6d872a8e||Sequence: ve11b/master r/50434d5; Mar  3 2017 10:46:13 by eja",
    "dataset": "ds002105",
    "modality": "bold",
    "run_id": 5,
    "session_id": "a2",
    "subject_id": "25",
    "task_id": "a"
  },
  "dummy_trs": 1,
  "dvars_nstd": 34.98862708190318,
  "dvars_std": 1.1700928930884793,
  "dvars_vstd": 0.9944267141068454,
  "efc": 0.4912051303831411,
  "fber": 3795.6064453125,
  "fd_mean": 0.09470856405041449,
  "fd_num": 4,
  "fd_perc": 0.6666666666666666,
  "fwhm_avg": 1.9110470464492317,
  "fwhm_x": 1.882209738653266,
  "fwhm_y": 2.0083147340277625,
  "fwhm_z": 1.8426166666666666,
  "gcor": 0.00918814,
  "gsr_x": -0.00617325259372592,
  "gsr_y": 0.021410740911960602,
  "provenance": {
    "md5sum": "b1cb493dc5575a4d8a9e45d511a98f42",
    "settings": {
      "fd_thres": 0.2,
      "testing": false
    },
    "software": "mriqc",
    "version": "21.0.0rc2",
    "webapi_port": null,
    "webapi_url": "https://mriqc.nimh.nih.gov/api/v1"
  },
  "size_t": 600,
  "size_x": 84,
  "size_y": 84,
  "size_z": 48,
  "snr": 4.008735933148293,
  "spacing_tr": 1.0,
  "spacing_x": 2.4761905670166016,
  "spacing_y": 2.4761905670166016,
  "spacing_z": 3.0,
  "summary_bg_k": 39.26321840435045,
  "summary_bg_mad": 26.266767230775418,
  "summary_bg_mean": 107.19863891601562,
  "summary_bg_median": 43.875,
  "summary_bg_n": 217382.0,
  "summary_bg_p05": 21.378334045410156,
  "summary_bg_p95": 398.28991851806524,
  "summary_bg_stdv": 200.82342529296875,
  "summary_fg_k": 2.1101946587495393,
  "summary_fg_mad": 570.2013567905501,
  "summary_fg_mean": 2885.22802734375,
  "summary_fg_median": 2751.3017578125,
  "summary_fg_n": 64181.0,
  "summary_fg_p05": 2068.638427734375,
  "summary_fg_p95": 4301.6767578125,
  "summary_fg_stdv": 686.3211669921875,
  "tsnr": 47.706378331407905
}