{
  "bids_meta": {
    "AcquisitionMatrixPE": 256,
    "AcquisitionNumber": 1,
    "AcquisitionTime": "13:03:41.750000",
    "BaseResolution": 256,
    "BodyPartExamined": "BRAIN",
    "ConsistencyInfo": "N4_VE11B_LATEST_20150530",
    "ConversionSoftware": "dcm2niix",
    "ConversionSoftwareVersion": "v1.0.20181125  GCC4.8.5",
    "DeviceSerialNumber": "67007",
    "DwellTime": 8.2e-06,
    "EchoTime": 0.00298,
    "FlipAngle": 9,
    "ImageOrientationPatientDICOM": [
      0,
      1,
      0,
      0,
      0,
      -1
    ],
    "ImageType": [
      "ORIGINAL",
      "PRIMARY",
      "M",
      "ND",
      "NORM"
    ],
    "ImagingFrequency": 123.211,
    "InPlanePhaseEncodingDirectionDICOM": "ROW",
    "InstitutionAddress": "Perth_Drive_100_London_Ontario_CA_N6A_5K8",
    "InstitutionName": "Robarts_Research_Institute",
    "InstitutionalDepartmentName": "CFMM",
    "InversionTime": 0.9,
    "MRAcquisitionType": "3D",
    "MagneticFieldStrength": 3,
    "Manufacturer": "Siemens",
    "ManufacturersModelName": "Prisma_fit",
    "Modality": "MR",
    "PartialFourier": 1,
    "PatientPosition": "HFS",
    "PercentPhaseFOV": 100,
    "PhaseEncodingSteps": 255,
    "PhaseResolution": 1,
    "PixelBandwidth": 240,
    "ProcedureStepDescription": "Diedrichsen_MCC",
    "ProtocolName": "mprage_sag_p2",
    "PulseSequenceDetails": "%SiemensSeq%_tfl",
    "ReceiveCoilActiveElements": "HEA;HEP",
    "ReceiveCoilName": "Head_32",
    "ReconMatrixPE": 256,
    "RepetitionTime": 2.3,
    "SAR": 0.0565575,
    "ScanOptions": "IR",
    "ScanningSequence": "GR_IR",
    "SequenceName": "_tfl3d1_16ns",
    "SequenceVariant": "SK_SP_MP",
    "SeriesDescription": "mprage_sag_p2",
    "SeriesNumber": 2,
    "ShimSetting": [
      5247,
      -6216,
      -3911,
      457,
      63,
      -167,
      50,
      4
    ],
    "SliceThickness": 1,
    "SoftwareVersions": "syngo_MR_E11",
    "StationName": "MRC35368",
    "TxRefAmp": 258.531,
    "dataset": "ds002105",
    "modality": "T1w",
    "session_id": "b1",
    "subject_id": "29"
  },
  "cjv": 0.37014899771892223,
  "cnr": 3.4903675263781415,
  "efc": 0.5582768333089194,
  "fber": 13871.880443213297,
  "fwhm_avg": 3.3998333333333335,
  "fwhm_x": 3.33804,
  "fwhm_y": 3.61396,
  "fwhm_z": 3.2475,
  "icvs_csf": 0.1977171353064025,
  "icvs_gm": 0.42505267057987894,
  "icvs_wm": 0.37723019411371855,
  "inu_med": 1.1180198192596436,
  "inu_range": 0.2696925699710846,
  "provenance": {
    "md5sum": "57278334ae4c9a2b52d47a0e957732bc",
    "settings": {
      "testing": false
    },
    "software": "mriqc",
    "version": "21.0.0rc2",
    "warnings": {
      "large_rot_frame": true,
      "small_air_mask": false
    },
    "webapi_port": null,
    "webapi_url": "https://mriqc.nimh.nih.gov/api/v1"
  },
  "qi_1": 0.012929682465645484,
  "qi_2": 0.0493054078167661,
  "rpve_csf": 21.380085595001283,
  "rpve_gm": 10.863486903542992,
  "rpve_wm": 14.86837115801175,
  "size_x": 176,
  "size_y": 256,
  "size_z": 256,
  "snr_csf": 2.572061327590655,
  "snr_gm": 10.576685980154407,
  "snr_total": 11.807364916165627,
  "snr_wm": 22.27334744075182,
  "snrd_csf": 25.314241758666913,
  "snrd_gm": 52.485331334357674,
  "snrd_total": 50.376202927847885,
  "snrd_wm": 73.32903569051906,
  "spacing_x": 1.0,
  "spacing_y": 1.0,
  "spacing_z": 1.0,
  "summary_bg_k": 8.04111421791591,
  "summary_bg_mad": 8.934201387729038,
  "summary_bg_mean": 5.715196360774338,
  "summary_bg_median": 6.026027262210846,
  "summary_bg_n": 3351485.0,
  "summary_bg_p05": 0.0,
  "summary_bg_p95": 18.013975113630295,
  "summary_bg_stdv": 6.090859032678584,
  "summary_csf_k": 4.357749819407239,
  "summary_csf_mad": 150.93097663525228,
  "summary_csf_mean": 368.4598770604398,
  "summary_csf_median": 345.2144341170788,
  "summary_csf_n": 18492.0,
  "summary_csf_p05": 193.38098444491627,
  "summary_csf_p95": 575.03044616282,
  "summary_csf_stdv": 134.21340157468836,
  "summary_gm_k": 0.27844307389605527,
  "summary_gm_mad": 63.67994606147294,
  "summary_gm_mean": 717.6672217138675,
  "summary_gm_median": 715.7510040700436,
  "summary_gm_n": 22117.0,
  "summary_gm_p05": 608.615932148695,
  "summary_gm_p95": 834.284242451191,
  "summary_gm_stdv": 67.67099110396316,
  "summary_wm_k": 0.7741134777785015,
  "summary_wm_mad": 41.53453198337861,
  "summary_wm_mean": 999.643318435082,
  "summary_wm_median": 999.9999921619892,
  "summary_wm_n": 258574.0,
  "summary_wm_p05": 925.5080381333828,
  "summary_wm_p95": 1071.8635725975037,
  "summary_wm_stdv": 44.89662189923407,
  "tpm_overlap_csf": 0.16344977915287018,
  "tpm_overlap_gm": 0.437432199716568,
  "tpm_overlap_wm": 0.4749078154563904,
  "wm2max": 0.4635271042935047
}