{
  "aor": 0.0002850915141430948,
  "aqi": 0.008392870282861896,
  "bids_meta": {
    "AcquisitionMatrixPE": 84,
    "AcquisitionNumber": 1,
    "AcquisitionTime": "16:07:26.007500",
    "BandwidthPerPixelPhaseEncode": 33.069,
    "BaseResolution": 84,
    "BodyPartExamined": "BRAIN",
    "ConsistencyInfo": "N4_VE11B_LATEST_20150530",
    "ConversionSoftware": "dcm2niix",
    "ConversionSoftwareVersion": "v1.0.20181125  GCC4.8.5",
    "DerivedVendorReportedEchoSpacing": 0.000719995,
    "DeviceSerialNumber": "67007",
    "DwellTime": 3.8e-06,
    "EchoTime": 0.03,
    "EchoTrainLength": 36,
    "EffectiveEchoSpacing": 0.000359998,
    "FlipAngle": 40,
    "ImageComments": "Unaliased_MB3_PE4",
    "ImageOrientationPatientDICOM": [
      0.998241,
      0.0141667,
      0.0575689,
      2.1879e-08,
      0.971031,
      -0.238954
    ],
    "ImageType": [
      "ORIGINAL",
      "PRIMARY",
      "M",
      "MB",
      "ND",
      "NORM",
      "MOSAIC"
    ],
    "ImagingFrequency": 123.211,
    "InPlanePhaseEncodingDirectionDICOM": "COL",
    "InstitutionAddress": "Perth_Drive_100_London_Ontario_CA_N6A_5K8",
    "InstitutionName": "Robarts_Research_Institute",
    "InstitutionalDepartmentName": "CFMM",
    "MRAcquisitionType": "2D",
    "MagneticFieldStrength": 3,
    "Manufacturer": "Siemens",
    "ManufacturersModelName": "Prisma_fit",
    "Modality": "MR",
    "MultibandAccelerationFactor": 3,
    "ParallelReductionFactorInPlane": 2,
    "PartialFourier": 0.875,
    "PatientPosition": "HFS",
    "PercentPhaseFOV": 100,
    "PhaseEncodingDirection": "j-",
    "PhaseEncodingSteps": 73,
    "PhaseResolution": 1,
    "PixelBandwidth": 1565,
    "ProcedureStepDescription": "Diedrichsen_Maebdh",
    "ProtocolName": "ep_bold_mb3_p2",
    "PulseSequenceDetails": "%CustomerSeq%_cmrr_mbep2d_bold",
    "ReceiveCoilActiveElements": "HEA;HEP",
    "ReceiveCoilName": "Head_32",
    "ReconMatrixPE": 84,
    "RepetitionTime": 1,
    "SAR": 0.0713063,
    "ScanOptions": "PFP_FS_EXT",
    "ScanningSequence": "EP",
    "SequenceName": "epfid2d1_84",
    "SequenceVariant": "SK_SS",
    "SeriesDescription": "ep_bold_mb3_p2",
    "SeriesNumber": 10,
    "ShimSetting": [
      5248,
      -6165,
      -3894,
      567,
      120,
      119,
      87,
      -37
    ],
    "SliceThickness": 3,
    "SliceTiming": [
      0,
      0.43,
      0.8575,
      0.3075,
      0.735,
      0.185,
      0.6125,
      0.0625,
      0.49,
      0.92,
      0.3675,
      0.7975,
      0.245,
      0.675,
      0.1225,
      0.5525,
      0,
      0.43,
      0.8575,
      0.3075,
      0.735,
      0.185,
      0.6125,
      0.0625,
      0.49,
      0.92,
      0.3675,
      0.7975,
      0.245,
      0.675,
      0.1225,
      0.5525,
      0,
      0.43,
      0.8575,
      0.3075,
      0.735,
      0.185,
      0.6125,
      0.0625,
      0.49,
      0.92,
      0.3675,
      0.7975,
      0.245,
      0.675,
      0.1225,
      0.5525
    ],
    "SoftwareVersions": "syngo_MR_E11",
    "SpacingBetweenSlices": 3,
    "StationName": "MRC35368",
    "TaskName": "a",
    "TotalReadoutTime": 0.0298798,
    "TxRefAmp": 241.59,
    "WipMemBlock": "a0af2623-9fb5-44ec-a610-57edbd48fe4f||Sequence: ve11b/master r/50434d5; Mar  3 2017 10:46:13 by eja",
    "dataset": "ds002105",
    "modality": "bold",
    "run_id": 8,
    "session_id": "a1",
    "subject_id": "22",
    "task_id": "a"
  },
  "dummy_trs": 0,
  "dvars_nstd": 31.925275125266634,
  "dvars_std": 1.1889880460500009,
  "dvars_vstd": 0.9937711170666668,
  "efc": 0.46117808245704495,
  "fber": 5168.69384765625,
  "fd_mean": 0.1179502102878556,
  "fd_num": 25,
  "fd_perc": 4.159733777038269,
  "fwhm_avg": 1.860132837368421,
  "fwhm_x": 1.777722627101215,
  "fwhm_y": 2.086555885004048,
  "fwhm_z": 1.71612,
  "gcor": 0.0100554,
  "gsr_x": -0.017843620851635933,
  "gsr_y": 0.024865906685590744,
  "provenance": {
    "md5sum": "0cbc17bc42c2c109fef18d0a0a0ac42f",
    "settings": {
      "fd_thres": 0.2,
      "testing": false
    },
    "software": "mriqc",
    "version": "21.0.0rc2",
    "webapi_port": null,
    "webapi_url": "https://mriqc.nimh.nih.gov/api/v1"
  },
  "size_t": 601,
  "size_x": 84,
  "size_y": 84,
  "size_z": 48,
  "snr": 5.125308500645693,
  "spacing_tr": 1.0,
  "spacing_x": 2.4761905670166016,
  "spacing_y": 2.4761905670166016,
  "spacing_z": 3.0,
  "summary_bg_k": 37.09392725182255,
  "summary_bg_mad": 34.66723718920234,
  "summary_bg_mean": 146.42794799804688,
  "summary_bg_median": 52.24958419799805,
  "summary_bg_n": 232515.0,
  "summary_bg_p05": 22.991680145263672,
  "summary_bg_p95": 577.7036437988279,
  "summary_bg_stdv": 286.20684814453125,
  "summary_fg_k": 4.432023249156237,
  "summary_fg_mad": 639.006623663966,
  "summary_fg_mean": 3887.90234375,
  "summary_fg_median": 3811.737060546875,
  "summary_fg_n": 52045.0,
  "summary_fg_p05": 2928.957080078125,
  "summary_fg_p95": 5086.357714843749,
  "summary_fg_stdv": 743.70166015625,
  "tsnr": 51.15369984600693
}