{
  "aor": 0.00025658901830282865,
  "aqi": 0.007783034658901832,
  "bids_meta": {
    "AcquisitionMatrixPE": 84,
    "AcquisitionNumber": 1,
    "AcquisitionTime": "15:01:58.810000",
    "BandwidthPerPixelPhaseEncode": 33.069,
    "BaseResolution": 84,
    "BodyPartExamined": "BRAIN",
    "ConsistencyInfo": "N4_VE11B_LATEST_20150530",
    "ConversionSoftware": "dcm2niix",
    "ConversionSoftwareVersion": "v1.0.20181125  GCC4.8.5",
    "DerivedVendorReportedEchoSpacing": 0.000719995,
    "DeviceSerialNumber": "67007",
    "DwellTime": 3.8e-06,
    "EchoTime": 0.03,
    "EchoTrainLength": 36,
    "EffectiveEchoSpacing": 0.000359998,
    "FlipAngle": 40,
    "ImageComments": "Unaliased_MB3_PE4",
    "ImageOrientationPatientDICOM": [
      0.998241,
      0.0141667,
      0.0575689,
      2.1879e-08,
      0.971031,
      -0.238954
    ],
    "ImageType": [
      "ORIGINAL",
      "PRIMARY",
      "M",
      "MB",
      "ND",
      "NORM",
      "MOSAIC"
    ],
    "ImagingFrequency": 123.211,
    "InPlanePhaseEncodingDirectionDICOM": "COL",
    "InstitutionAddress": "Perth_Drive_100_London_Ontario_CA_N6A_5K8",
    "InstitutionName": "Robarts_Research_Institute",
    "InstitutionalDepartmentName": "CFMM",
    "MRAcquisitionType": "2D",
    "MagneticFieldStrength": 3,
    "Manufacturer": "Siemens",
    "ManufacturersModelName": "Prisma_fit",
    "Modality": "MR",
    "MultibandAccelerationFactor": 3,
    "ParallelReductionFactorInPlane": 2,
    "PartialFourier": 0.875,
    "PatientPosition": "HFS",
    "PercentPhaseFOV": 100,
    "PhaseEncodingDirection": "j-",
    "PhaseEncodingSteps": 73,
    "PhaseResolution": 1,
    "PixelBandwidth": 1565,
    "ProcedureStepDescription": "Diedrichsen_Maebdh",
    "ProtocolName": "ep_bold_mb3_p2",
    "PulseSequenceDetails": "%CustomerSeq%_cmrr_mbep2d_bold",
    "ReceiveCoilActiveElements": "HEA;HEP",
    "ReceiveCoilName": "Head_32",
    "ReconMatrixPE": 84,
    "RepetitionTime": 1,
    "SAR": 0.0713063,
    "ScanOptions": "PFP_FS_EXT",
    "ScanningSequence": "EP",
    "SequenceName": "epfid2d1_84",
    "SequenceVariant": "SK_SS",
    "SeriesDescription": "ep_bold_mb3_p2",
    "SeriesNumber": 4,
    "ShimSetting": [
      5248,
      -6165,
      -3894,
      567,
      120,
      119,
      87,
      -37
    ],
    "SliceThickness": 3,
    "SliceTiming": [
      0,
      0.43,
      0.8575,
      0.3075,
      0.735,
      0.185,
      0.6125,
      0.0625,
      0.49,
      0.92,
      0.3675,
      0.7975,
      0.245,
      0.675,
      0.1225,
      0.5525,
      0,
      0.43,
      0.8575,
      0.3075,
      0.735,
      0.185,
      0.6125,
      0.0625,
      0.49,
      0.92,
      0.3675,
      0.7975,
      0.245,
      0.675,
      0.1225,
      0.5525,
      0,
      0.43,
      0.8575,
      0.3075,
      0.735,
      0.185,
      0.6125,
      0.0625,
      0.49,
      0.92,
      0.3675,
      0.7975,
      0.245,
      0.675,
      0.1225,
      0.5525
    ],
    "SoftwareVersions": "syngo_MR_E11",
    "SpacingBetweenSlices": 3,
    "StationName": "MRC35368",
    "TaskName": "a",
    "TotalReadoutTime": 0.0298798,
    "TxRefAmp": 241.59,
    "WipMemBlock": "cc21198e-937a-4c09-9955-146220c76b59||Sequence: ve11b/master r/50434d5; Mar  3 2017 10:46:13 by eja",
    "dataset": "ds002105",
    "modality": "bold",
    "run_id": 2,
    "session_id": "a1",
    "subject_id": "22",
    "task_id": "a"
  },
  "dummy_trs": 0,
  "dvars_nstd": 32.98996601103334,
  "dvars_std": 1.212566549383333,
  "dvars_vstd": 0.9970399809666671,
  "efc": 0.4584745226763182,
  "fber": 5280.609375,
  "fd_mean": 0.12316900335360179,
  "fd_num": 26,
  "fd_perc": 4.3261231281198,
  "fwhm_avg": 1.8654044826518152,
  "fwhm_x": 1.7810341654412871,
  "fwhm_y": 2.0845326158474915,
  "fwhm_z": 1.7306466666666667,
  "gcor": 0.012971,
  "gsr_x": -0.016803637146949768,
  "gsr_y": 0.024596016854047775,
  "provenance": {
    "md5sum": "6e9f658fa2acd7f243523dafc7f7e53f",
    "settings": {
      "fd_thres": 0.2,
      "testing": false
    },
    "software": "mriqc",
    "version": "21.0.0rc2",
    "webapi_port": null,
    "webapi_url": "https://mriqc.nimh.nih.gov/api/v1"
  },
  "size_t": 601,
  "size_x": 84,
  "size_y": 84,
  "size_z": 48,
  "snr": 5.1132050705907695,
  "spacing_tr": 1.0,
  "spacing_x": 2.4761905670166016,
  "spacing_y": 2.4761905670166016,
  "spacing_z": 3.0,
  "summary_bg_k": 36.53420171099708,
  "summary_bg_mad": 34.2059289339933,
  "summary_bg_mean": 142.11495971679688,
  "summary_bg_median": 51.908485412597656,
  "summary_bg_n": 232891.0,
  "summary_bg_p05": 22.977537155151367,
  "summary_bg_p95": 540.6197814941406,
  "summary_bg_stdv": 281.923583984375,
  "summary_fg_k": 4.440518315185758,
  "summary_fg_mad": 642.7524022426294,
  "summary_fg_mean": 3903.689208984375,
  "summary_fg_median": 3818.357421875,
  "summary_fg_n": 51748.0,
  "summary_fg_p05": 2941.250341796875,
  "summary_fg_p95": 5120.431396484373,
  "summary_fg_stdv": 746.7567749023438,
  "tsnr": 51.93155947502237
}