{
  "aor": 0.00025458333333333333,
  "aqi": 0.007879491333333334,
  "bids_meta": {
    "AcquisitionMatrixPE": 84,
    "AcquisitionNumber": 1,
    "AcquisitionTime": "10:54:1.487500",
    "BandwidthPerPixelPhaseEncode": 33.069,
    "BaseResolution": 84,
    "BodyPartExamined": "BRAIN",
    "ConsistencyInfo": "N4_VE11B_LATEST_20150530",
    "ConversionSoftware": "dcm2niix",
    "ConversionSoftwareVersion": "v1.0.20181125  GCC4.8.5",
    "DerivedVendorReportedEchoSpacing": 0.000719995,
    "DeviceSerialNumber": "67007",
    "DwellTime": 3.8e-06,
    "EchoTime": 0.03,
    "EchoTrainLength": 36,
    "EffectiveEchoSpacing": 0.000359998,
    "FlipAngle": 40,
    "ImageComments": "Unaliased_MB3_PE4",
    "ImageOrientationPatientDICOM": [
      1,
      0,
      0,
      0,
      0.892586,
      -0.450878
    ],
    "ImageType": [
      "ORIGINAL",
      "PRIMARY",
      "M",
      "MB",
      "ND",
      "NORM",
      "MOSAIC"
    ],
    "ImagingFrequency": 123.211,
    "InPlanePhaseEncodingDirectionDICOM": "COL",
    "InstitutionAddress": "Perth_Drive_100_London_Ontario_CA_N6A_5K8",
    "InstitutionName": "Robarts_Research_Institute",
    "InstitutionalDepartmentName": "CFMM",
    "MRAcquisitionType": "2D",
    "MagneticFieldStrength": 3,
    "Manufacturer": "Siemens",
    "ManufacturersModelName": "Prisma_fit",
    "Modality": "MR",
    "MultibandAccelerationFactor": 3,
    "ParallelReductionFactorInPlane": 2,
    "PartialFourier": 0.875,
    "PatientPosition": "HFS",
    "PercentPhaseFOV": 100,
    "PhaseEncodingDirection": "j-",
    "PhaseEncodingSteps": 73,
    "PhaseResolution": 1,
    "PixelBandwidth": 1565,
    "ProcedureStepDescription": "Diedrichsen_MCC",
    "ProtocolName": "ep_bold_mb3_p2",
    "PulseSequenceDetails": "%CustomerSeq%_cmrr_mbep2d_bold",
    "ReceiveCoilActiveElements": "HEA;HEP",
    "ReceiveCoilName": "Head_32",
    "ReconMatrixPE": 84,
    "RepetitionTime": 1,
    "SAR": 0.0744465,
    "ScanOptions": "PFP_FS_EXT",
    "ScanningSequence": "EP",
    "SequenceName": "epfid2d1_84",
    "SequenceVariant": "SK_SS",
    "SeriesDescription": "ep_bold_mb3_p2",
    "SeriesNumber": 8,
    "ShimSetting": [
      5245,
      -6202,
      -3912,
      555,
      76,
      -118,
      175,
      -7
    ],
    "SliceThickness": 3,
    "SliceTiming": [
      0,
      0.43,
      0.8575,
      0.3075,
      0.735,
      0.185,
      0.6125,
      0.0625,
      0.49,
      0.92,
      0.3675,
      0.7975,
      0.245,
      0.675,
      0.1225,
      0.5525,
      0,
      0.43,
      0.8575,
      0.3075,
      0.735,
      0.185,
      0.6125,
      0.0625,
      0.49,
      0.92,
      0.3675,
      0.7975,
      0.245,
      0.675,
      0.1225,
      0.5525,
      0,
      0.43,
      0.8575,
      0.3075,
      0.735,
      0.185,
      0.6125,
      0.0625,
      0.49,
      0.92,
      0.3675,
      0.7975,
      0.245,
      0.675,
      0.1225,
      0.5525
    ],
    "SoftwareVersions": "syngo_MR_E11",
    "SpacingBetweenSlices": 3,
    "StationName": "MRC35368",
    "TaskName": "b",
    "TotalReadoutTime": 0.0298798,
    "TxRefAmp": 254.722,
    "WipMemBlock": "a5b7b8aa-a6d1-42bb-ad14-df8b766a684a||Sequence: ve11b/master r/50434d5; Mar  3 2017 10:46:13 by eja",
    "dataset": "ds002105",
    "modality": "bold",
    "run_id": 4,
    "session_id": "b2",
    "subject_id": "02",
    "task_id": "b"
  },
  "dummy_trs": 1,
  "dvars_nstd": 31.596512496644436,
  "dvars_std": 1.1890018758263778,
  "dvars_vstd": 0.9993575053255431,
  "efc": 0.46916046642539017,
  "fber": 5318.6640625,
  "fd_mean": 0.11013791213595552,
  "fd_num": 13,
  "fd_perc": 2.1666666666666665,
  "fwhm_avg": 1.7897224980629716,
  "fwhm_x": 1.7569487817093488,
  "fwhm_y": 1.8967320458128987,
  "fwhm_z": 1.7154866666666668,
  "gcor": 0.0133647,
  "gsr_x": -0.016034038737416267,
  "gsr_y": 0.02024206332862377,
  "provenance": {
    "md5sum": "9633e5ea0c2d724a48c7bc3e2b46a918",
    "settings": {
      "fd_thres": 0.2,
      "testing": false
    },
    "software": "mriqc",
    "version": "21.0.0rc2",
    "webapi_port": null,
    "webapi_url": "https://mriqc.nimh.nih.gov/api/v1"
  },
  "size_t": 600,
  "size_x": 84,
  "size_y": 84,
  "size_z": 48,
  "snr": 5.567278044825642,
  "spacing_tr": 1.0,
  "spacing_x": 2.4761905670166016,
  "spacing_y": 2.4761905670166016,
  "spacing_z": 3.0,
  "summary_bg_k": 31.557291297047158,
  "summary_bg_mad": 33.26218280821749,
  "summary_bg_mean": 147.80764770507812,
  "summary_bg_median": 51.616668701171875,
  "summary_bg_n": 229575.0,
  "summary_bg_p05": 24.283334732055664,
  "summary_bg_p95": 581.3773437499992,
  "summary_bg_stdv": 295.5939025878906,
  "summary_fg_k": 4.606689716798654,
  "summary_fg_mad": 607.3134674993829,
  "summary_fg_mean": 3883.05078125,
  "summary_fg_median": 3812.065185546875,
  "summary_fg_n": 54477.0,
  "summary_fg_p05": 2993.68974609375,
  "summary_fg_p95": 5012.98349609375,
  "summary_fg_stdv": 684.7206420898438,
  "tsnr": 53.73396893730387
}