{
  "bids_meta": {
    "AcquisitionMatrixPE": 256,
    "AcquisitionNumber": 1,
    "AcquisitionTime": "14:46:33.845000",
    "BaseResolution": 256,
    "BodyPartExamined": "BRAIN",
    "ConsistencyInfo": "N4_VE11B_LATEST_20150530",
    "ConversionSoftware": "dcm2niix",
    "ConversionSoftwareVersion": "v1.0.20181125  GCC4.8.5",
    "DeviceSerialNumber": "67007",
    "DwellTime": 8.9e-06,
    "EchoTime": 0.091,
    "EchoTrainLength": 18,
    "FlipAngle": 120,
    "ImageOrientationPatientDICOM": [
      1,
      0,
      0,
      0,
      0.91706,
      -0.398749
    ],
    "ImageType": [
      "ORIGINAL",
      "PRIMARY",
      "M",
      "ND",
      "NORM"
    ],
    "ImagingFrequency": 123.211,
    "InPlanePhaseEncodingDirectionDICOM": "COL",
    "InstitutionAddress": "Perth_Drive_100_London_Ontario_CA_N6A_5K8",
    "InstitutionName": "Robarts_Research_Institute",
    "InstitutionalDepartmentName": "CFMM",
    "Interpolation2D": 1,
    "MRAcquisitionType": "2D",
    "MagneticFieldStrength": 3,
    "Manufacturer": "Siemens",
    "ManufacturersModelName": "Prisma_fit",
    "Modality": "MR",
    "ParallelReductionFactorInPlane": 2,
    "PartialFourier": 1,
    "PatientPosition": "HFS",
    "PercentPhaseFOV": 100,
    "PhaseEncodingDirection": "j-",
    "PhaseEncodingSteps": 255,
    "PhaseResolution": 1,
    "PixelBandwidth": 220,
    "ProcedureStepDescription": "Diedrichsen_MCC",
    "ProtocolName": "t2_tse_tra_256_p2",
    "PulseSequenceDetails": "%SiemensSeq%_tse",
    "ReceiveCoilActiveElements": "HEA;HEP",
    "ReceiveCoilName": "Head_32",
    "ReconMatrixPE": 512,
    "RepetitionTime": 8.53,
    "SAR": 0.489561,
    "ScanningSequence": "SE",
    "SequenceName": "_tse2d1_18",
    "SequenceVariant": "SK_SP",
    "SeriesDescription": "t2_tse_tra_256_p2",
    "SeriesNumber": 23,
    "ShimSetting": [
      5237,
      -6157,
      -4055,
      53,
      3,
      -37,
      -27,
      1
    ],
    "SliceThickness": 3,
    "SoftwareVersions": "syngo_MR_E11",
    "SpacingBetweenSlices": 3,
    "StationName": "MRC35368",
    "TxRefAmp": 258.531,
    "dataset": "ds002105",
    "modality": "T2w",
    "session_id": "a1",
    "subject_id": "29"
  },
  "cjv": 0.4352180534223163,
  "cnr": 3.297373254608557,
  "efc": 0.5900853890041953,
  "fber": 12782.04178994083,
  "fwhm_avg": 5.038401018105482,
  "fwhm_x": 6.259106909090909,
  "fwhm_y": 7.028736,
  "fwhm_z": 1.8273601452255364,
  "icvs_csf": 0.1588330660791339,
  "icvs_gm": 0.43573010538277857,
  "icvs_wm": 0.40543682853808755,
  "inu_med": 1.1905555725097656,
  "inu_range": 0.2635052919387817,
  "provenance": {
    "md5sum": "050136c9e69869320dcbcb4226947b12",
    "settings": {
      "testing": false
    },
    "software": "mriqc",
    "version": "22.0.0rc1",
    "warnings": {
      "large_rot_frame": true,
      "small_air_mask": false
    },
    "webapi_port": null,
    "webapi_url": "https://mriqc.nimh.nih.gov/api/v1"
  },
  "qi_1": 0.00014506687834289666,
  "qi_2": 0.010565742083552557,
  "rpve_csf": 14.941514418658295,
  "rpve_gm": 6.35624502875276,
  "rpve_wm": 7.804769119841878,
  "size_x": 512,
  "size_y": 512,
  "size_z": 48,
  "snr_csf": 2.98503959619458,
  "snr_gm": 10.573046187122907,
  "snr_total": 7.926806966454116,
  "snr_wm": 10.222335116044862,
  "snrd_csf": 259.4446711755689,
  "snrd_gm": 126.93932390097434,
  "snrd_total": 155.2538122687643,
  "snrd_wm": 79.37744172974972,
  "spacing_x": 0.4296875,
  "spacing_y": 0.4296875,
  "spacing_z": 2.999999761581421,
  "summary_bg_k": 638.0692396719456,
  "summary_bg_mad": 8.3826589008747,
  "summary_bg_mean": 11.264952376576417,
  "summary_bg_median": 5.654017508029938,
  "summary_bg_n": 3184276.0,
  "summary_bg_p05": 0.0,
  "summary_bg_p95": 28.37881864607334,
  "summary_bg_stdv": 24.336974057415173,
  "summary_csf_k": 0.6616386058864738,
  "summary_csf_mad": 918.8683795189576,
  "summary_csf_mean": 3339.4930761550504,
  "summary_csf_median": 3319.669394955039,
  "summary_csf_n": 355098.0,
  "summary_csf_p05": 669.566150277853,
  "summary_csf_p95": 4967.163111910224,
  "summary_csf_stdv": 1112.1007322259416,
  "summary_gm_k": -0.15673265804455294,
  "summary_gm_mad": 163.78425852478262,
  "summary_gm_mean": 1632.2667527110389,
  "summary_gm_median": 1624.2252602875233,
  "summary_gm_n": 927587.0,
  "summary_gm_p05": 1400.2391820847988,
  "summary_gm_p95": 1890.6164698004723,
  "summary_gm_stdv": 153.61934073024756,
  "summary_wm_k": 0.011538472810323164,
  "summary_wm_mad": 101.07552174708533,
  "summary_wm_mean": 1011.5450518523089,
  "summary_wm_median": 1015.6572604328394,
  "summary_wm_n": 1026331.0,
  "summary_wm_p05": 840.7089110016823,
  "summary_wm_p95": 1164.8363377600908,
  "summary_wm_stdv": 99.35662978202556,
  "tpm_overlap_csf": 0.1712716966867447,
  "tpm_overlap_gm": 0.43461984395980835,
  "tpm_overlap_wm": 0.4588293731212616,
  "wm2max": 0.1948721158259273
}