{
  "aor": 0.0010853,
  "aqi": 0.015512933683333332,
  "bids_meta": {
    "AcquisitionMatrixPE": 84,
    "AcquisitionNumber": 1,
    "AcquisitionTime": "14:17:46.427500",
    "BandwidthPerPixelPhaseEncode": 33.069,
    "BaseResolution": 84,
    "BodyPartExamined": "BRAIN",
    "ConsistencyInfo": "N4_VE11B_LATEST_20150530",
    "ConversionSoftware": "dcm2niix",
    "ConversionSoftwareVersion": "v1.0.20181125  GCC4.8.5",
    "DerivedVendorReportedEchoSpacing": 0.000719995,
    "DeviceSerialNumber": "67007",
    "DwellTime": 3.8e-06,
    "EchoTime": 0.03,
    "EchoTrainLength": 36,
    "EffectiveEchoSpacing": 0.000359998,
    "FlipAngle": 40,
    "ImageComments": "Unaliased_MB3_PE4",
    "ImageOrientationPatientDICOM": [
      0.999413,
      0.0115545,
      0.0322479,
      3.6555e-08,
      0.941395,
      -0.337305
    ],
    "ImageType": [
      "ORIGINAL",
      "PRIMARY",
      "M",
      "MB",
      "ND",
      "NORM",
      "MOSAIC"
    ],
    "ImagingFrequency": 123.211,
    "InPlanePhaseEncodingDirectionDICOM": "COL",
    "InstitutionAddress": "Perth_Drive_100_London_Ontario_CA_N6A_5K8",
    "InstitutionName": "Robarts_Research_Institute",
    "InstitutionalDepartmentName": "CFMM",
    "MRAcquisitionType": "2D",
    "MagneticFieldStrength": 3,
    "Manufacturer": "Siemens",
    "ManufacturersModelName": "Prisma_fit",
    "Modality": "MR",
    "MultibandAccelerationFactor": 3,
    "ParallelReductionFactorInPlane": 2,
    "PartialFourier": 0.875,
    "PatientPosition": "HFS",
    "PercentPhaseFOV": 100,
    "PhaseEncodingDirection": "j-",
    "PhaseEncodingSteps": 73,
    "PhaseResolution": 1,
    "PixelBandwidth": 1565,
    "ProcedureStepDescription": "Diedrichsen_Feb2016",
    "ProtocolName": "ep_bold_mb3_p2",
    "PulseSequenceDetails": "%CustomerSeq%_cmrr_mbep2d_bold",
    "ReceiveCoilActiveElements": "HEA;HEP",
    "ReceiveCoilName": "Head_32",
    "ReconMatrixPE": 84,
    "RepetitionTime": 1,
    "SAR": 0.113505,
    "ScanOptions": "PFP_FS_EXT",
    "ScanningSequence": "EP",
    "SequenceName": "epfid2d1_84",
    "SequenceVariant": "SK_SS",
    "SeriesDescription": "ep_bold_mb3_p2",
    "SeriesNumber": 3,
    "ShimSetting": [
      5259,
      -6248,
      -3829,
      577,
      71,
      -41,
      -3,
      -18
    ],
    "SliceThickness": 3,
    "SliceTiming": [
      0,
      0.4275,
      0.8575,
      0.305,
      0.735,
      0.1825,
      0.6125,
      0.06,
      0.49,
      0.9175,
      0.3675,
      0.795,
      0.245,
      0.6725,
      0.1225,
      0.55,
      0,
      0.4275,
      0.8575,
      0.305,
      0.735,
      0.1825,
      0.6125,
      0.06,
      0.49,
      0.9175,
      0.3675,
      0.795,
      0.245,
      0.6725,
      0.1225,
      0.55,
      0,
      0.4275,
      0.8575,
      0.305,
      0.735,
      0.1825,
      0.6125,
      0.06,
      0.49,
      0.9175,
      0.3675,
      0.795,
      0.245,
      0.6725,
      0.1225,
      0.55
    ],
    "SoftwareVersions": "syngo_MR_E11",
    "SpacingBetweenSlices": 3,
    "StationName": "MRC35368",
    "TaskName": "a",
    "TotalReadoutTime": 0.0298798,
    "TxRefAmp": 316.102,
    "WipMemBlock": "26fffef2-8a85-4e87-bdc2-086f12bac194||Sequence: ve11b/master r/93e61f0; Jul 21 2016 00:18:29 by eja",
    "dataset": "ds002105",
    "modality": "bold",
    "run_id": 1,
    "session_id": "a1",
    "subject_id": "15",
    "task_id": "a"
  },
  "dummy_trs": 1,
  "dvars_nstd": 38.540216932938236,
  "dvars_std": 1.2111826358263773,
  "dvars_vstd": 0.9737836433555923,
  "efc": 0.5225685060860084,
  "fber": 4082.527099609375,
  "fd_mean": 0.13348208609636925,
  "fd_num": 56,
  "fd_perc": 9.333333333333334,
  "fwhm_avg": 1.9829867235472243,
  "fwhm_x": 1.8979274303844367,
  "fwhm_y": 2.1880060735905693,
  "fwhm_z": 1.8630266666666666,
  "gcor": 0.00828962,
  "gsr_x": -0.00307836988940835,
  "gsr_y": 0.030179496854543686,
  "provenance": {
    "md5sum": "eb9d41f485009f5aa9ae578932cf098f",
    "settings": {
      "fd_thres": 0.2,
      "testing": false
    },
    "software": "mriqc",
    "version": "21.0.0rc2",
    "webapi_port": null,
    "webapi_url": "https://mriqc.nimh.nih.gov/api/v1"
  },
  "size_t": 600,
  "size_x": 84,
  "size_y": 84,
  "size_z": 48,
  "snr": 5.35709983527477,
  "spacing_tr": 1.0,
  "spacing_x": 2.4761905670166016,
  "spacing_y": 2.4761905670166016,
  "spacing_z": 3.0,
  "summary_bg_k": 21.094681395814575,
  "summary_bg_mad": 55.71619408616626,
  "summary_bg_mean": 222.75839233398438,
  "summary_bg_median": 67.42500305175781,
  "summary_bg_n": 212620.0,
  "summary_bg_p05": 24.808334350585938,
  "summary_bg_p95": 954.7079528808583,
  "summary_bg_stdv": 398.4951171875,
  "summary_fg_k": 5.039231153096846,
  "summary_fg_mad": 709.5710328181283,
  "summary_fg_mean": 4548.060546875,
  "summary_fg_median": 4441.8154296875,
  "summary_fg_n": 67580.0,
  "summary_fg_p05": 3511.8045043945312,
  "summary_fg_p95": 5886.155761718749,
  "summary_fg_stdv": 829.139404296875,
  "tsnr": 41.32460569962859
}