{
  "aor": 0.0006247088186356074,
  "aqi": 0.015677738935108154,
  "bids_meta": {
    "AcquisitionMatrixPE": 84,
    "AcquisitionNumber": 1,
    "AcquisitionTime": "15:35:43.710000",
    "BandwidthPerPixelPhaseEncode": 33.069,
    "BaseResolution": 84,
    "BodyPartExamined": "BRAIN",
    "ConsistencyInfo": "N4_VE11B_LATEST_20150530",
    "ConversionSoftware": "dcm2niix",
    "ConversionSoftwareVersion": "v1.0.20181125  GCC4.8.5",
    "DerivedVendorReportedEchoSpacing": 0.000719995,
    "DeviceSerialNumber": "67007",
    "DwellTime": 3.8e-06,
    "EchoTime": 0.03,
    "EchoTrainLength": 36,
    "EffectiveEchoSpacing": 0.000359998,
    "FlipAngle": 40,
    "ImageComments": "Unaliased_MB3_PE4",
    "ImageOrientationPatientDICOM": [
      0.999413,
      0.0115545,
      0.0322479,
      3.6555e-08,
      0.941395,
      -0.337305
    ],
    "ImageType": [
      "ORIGINAL",
      "PRIMARY",
      "M",
      "MB",
      "ND",
      "NORM",
      "MOSAIC"
    ],
    "ImagingFrequency": 123.211,
    "InPlanePhaseEncodingDirectionDICOM": "COL",
    "InstitutionAddress": "Perth_Drive_100_London_Ontario_CA_N6A_5K8",
    "InstitutionName": "Robarts_Research_Institute",
    "InstitutionalDepartmentName": "CFMM",
    "MRAcquisitionType": "2D",
    "MagneticFieldStrength": 3,
    "Manufacturer": "Siemens",
    "ManufacturersModelName": "Prisma_fit",
    "Modality": "MR",
    "MultibandAccelerationFactor": 3,
    "ParallelReductionFactorInPlane": 2,
    "PartialFourier": 0.875,
    "PatientPosition": "HFS",
    "PercentPhaseFOV": 100,
    "PhaseEncodingDirection": "j-",
    "PhaseEncodingSteps": 73,
    "PhaseResolution": 1,
    "PixelBandwidth": 1565,
    "ProcedureStepDescription": "Diedrichsen_Feb2016",
    "ProtocolName": "ep_bold_mb3_p2",
    "PulseSequenceDetails": "%CustomerSeq%_cmrr_mbep2d_bold",
    "ReceiveCoilActiveElements": "HEA;HEP",
    "ReceiveCoilName": "Head_32",
    "ReconMatrixPE": 84,
    "RepetitionTime": 1,
    "SAR": 0.113505,
    "ScanOptions": "PFP_FS_EXT",
    "ScanningSequence": "EP",
    "SequenceName": "epfid2d1_84",
    "SequenceVariant": "SK_SS",
    "SeriesDescription": "ep_bold_mb3_p2",
    "SeriesNumber": 10,
    "ShimSetting": [
      5259,
      -6248,
      -3829,
      577,
      71,
      -41,
      -3,
      -18
    ],
    "SliceThickness": 3,
    "SliceTiming": [
      0,
      0.4275,
      0.8575,
      0.305,
      0.735,
      0.1825,
      0.6125,
      0.06,
      0.49,
      0.9175,
      0.3675,
      0.795,
      0.245,
      0.6725,
      0.1225,
      0.55,
      0,
      0.4275,
      0.8575,
      0.305,
      0.735,
      0.1825,
      0.6125,
      0.06,
      0.49,
      0.9175,
      0.3675,
      0.795,
      0.245,
      0.6725,
      0.1225,
      0.55,
      0,
      0.4275,
      0.8575,
      0.305,
      0.735,
      0.1825,
      0.6125,
      0.06,
      0.49,
      0.9175,
      0.3675,
      0.795,
      0.245,
      0.6725,
      0.1225,
      0.55
    ],
    "SoftwareVersions": "syngo_MR_E11",
    "SpacingBetweenSlices": 3,
    "StationName": "MRC35368",
    "TaskName": "a",
    "TotalReadoutTime": 0.0298798,
    "TxRefAmp": 316.102,
    "WipMemBlock": "8e774dfe-3f1e-400e-b097-5c1855ab83ca||Sequence: ve11b/master r/93e61f0; Jul 21 2016 00:18:29 by eja",
    "dataset": "ds002105",
    "modality": "bold",
    "run_id": 8,
    "session_id": "a1",
    "subject_id": "15",
    "task_id": "a"
  },
  "dummy_trs": 0,
  "dvars_nstd": 36.38755846661668,
  "dvars_std": 1.1779036199166677,
  "dvars_vstd": 0.9862420852333341,
  "efc": 0.5261422933215637,
  "fber": 3842.632568359375,
  "fd_mean": 0.1451519249195197,
  "fd_num": 83,
  "fd_perc": 13.810316139767055,
  "fwhm_avg": 1.9119335843515304,
  "fwhm_x": 1.8409003170915634,
  "fwhm_y": 2.095363769296361,
  "fwhm_z": 1.7995366666666666,
  "gcor": 0.00796321,
  "gsr_x": -0.0006011240766383708,
  "gsr_y": 0.03305073454976082,
  "provenance": {
    "md5sum": "3881cdf5256bfa244fedeaa761b7677d",
    "settings": {
      "fd_thres": 0.2,
      "testing": false
    },
    "software": "mriqc",
    "version": "21.0.0rc2",
    "webapi_port": null,
    "webapi_url": "https://mriqc.nimh.nih.gov/api/v1"
  },
  "size_t": 601,
  "size_x": 84,
  "size_y": 84,
  "size_z": 48,
  "snr": 5.619740709943476,
  "spacing_tr": 1.0,
  "spacing_x": 2.4761905670166016,
  "spacing_y": 2.4761905670166016,
  "spacing_z": 3.0,
  "summary_bg_k": 20.231643158780585,
  "summary_bg_mad": 58.4530109087835,
  "summary_bg_mean": 233.8477783203125,
  "summary_bg_median": 70.00831604003906,
  "summary_bg_n": 212905.0,
  "summary_bg_p05": 25.467554092407227,
  "summary_bg_p95": 1009.9640502929677,
  "summary_bg_stdv": 410.0171813964844,
  "summary_fg_k": 5.172238359000012,
  "summary_fg_mad": 679.6638042282783,
  "summary_fg_mean": 4528.68603515625,
  "summary_fg_median": 4447.697265625,
  "summary_fg_n": 67413.0,
  "summary_fg_p05": 3507.52763671875,
  "summary_fg_p95": 5765.10595703125,
  "summary_fg_stdv": 791.4358520507812,
  "tsnr": 41.99167475919239
}