{
  "bids_meta": {
    "AcquisitionMatrixPE": 256,
    "AcquisitionNumber": 1,
    "AcquisitionTime": "13:32:1.847500",
    "BaseResolution": 256,
    "BodyPartExamined": "BRAIN",
    "ConsistencyInfo": "N4_VE11B_LATEST_20150530",
    "ConversionSoftware": "dcm2niix",
    "ConversionSoftwareVersion": "v1.0.20181125  GCC4.8.5",
    "DeviceSerialNumber": "67007",
    "DwellTime": 8.9e-06,
    "EchoTime": 0.091,
    "EchoTrainLength": 18,
    "FlipAngle": 120,
    "ImageOrientationPatientDICOM": [
      0.999892,
      -0.00578501,
      -0.013496,
      -2.57027e-08,
      0.919119,
      -0.39398
    ],
    "ImageType": [
      "ORIGINAL",
      "PRIMARY",
      "M",
      "ND",
      "NORM"
    ],
    "ImagingFrequency": 123.211,
    "InPlanePhaseEncodingDirectionDICOM": "COL",
    "InstitutionAddress": "Perth_Drive_100_London_Ontario_CA_N6A_5K8",
    "InstitutionName": "Robarts_Research_Institute",
    "InstitutionalDepartmentName": "CFMM",
    "Interpolation2D": 1,
    "MRAcquisitionType": "2D",
    "MagneticFieldStrength": 3,
    "Manufacturer": "Siemens",
    "ManufacturersModelName": "Prisma_fit",
    "Modality": "MR",
    "ParallelReductionFactorInPlane": 2,
    "PartialFourier": 1,
    "PatientPosition": "HFS",
    "PercentPhaseFOV": 100,
    "PhaseEncodingDirection": "j-",
    "PhaseEncodingSteps": 255,
    "PhaseResolution": 1,
    "PixelBandwidth": 220,
    "ProcedureStepDescription": "Diedrichsen_MCC",
    "ProtocolName": "t2_tse_tra_256_p2",
    "PulseSequenceDetails": "%SiemensSeq%_tse",
    "ReceiveCoilActiveElements": "HEA;HEP",
    "ReceiveCoilName": "Head_32",
    "ReconMatrixPE": 512,
    "RepetitionTime": 8.53,
    "SAR": 0.520654,
    "ScanningSequence": "SE",
    "SequenceName": "_tse2d1_18",
    "SequenceVariant": "SK_SP",
    "SeriesDescription": "t2_tse_tra_256_p2",
    "SeriesNumber": 18,
    "ShimSetting": [
      5237,
      -6157,
      -4055,
      53,
      3,
      -37,
      -27,
      1
    ],
    "SliceThickness": 3,
    "SoftwareVersions": "syngo_MR_E11",
    "SpacingBetweenSlices": 3,
    "StationName": "MRC35368",
    "TxRefAmp": 266.11,
    "dataset": "ds002105",
    "modality": "T2w",
    "session_id": "b1",
    "subject_id": "29"
  },
  "cjv": 0.46371783362647917,
  "cnr": 3.127491299925808,
  "efc": 0.6279795426553179,
  "fber": 3871.235236924133,
  "fwhm_avg": 5.402373751212555,
  "fwhm_x": 6.63872,
  "fwhm_y": 7.704073846153846,
  "fwhm_z": 1.864327407483819,
  "icvs_csf": 0.14895990726764366,
  "icvs_gm": 0.43485833052036693,
  "icvs_wm": 0.4161817622119894,
  "inu_med": 1.2110165357589722,
  "inu_range": 0.25527221560478197,
  "provenance": {
    "md5sum": "7a2892b8f5da1d3da4eb63e9a0708d26",
    "settings": {
      "testing": false
    },
    "software": "mriqc",
    "version": "22.0.0rc1",
    "warnings": {
      "large_rot_frame": true,
      "small_air_mask": false
    },
    "webapi_port": null,
    "webapi_url": "https://mriqc.nimh.nih.gov/api/v1"
  },
  "qi_1": 0.0,
  "qi_2": 0.009820354106905,
  "rpve_csf": 14.393660941284343,
  "rpve_gm": 5.685695032236252,
  "rpve_wm": 6.6749027592091315,
  "size_x": 512,
  "size_y": 512,
  "size_z": 48,
  "snr_csf": 2.9373673424003264,
  "snr_gm": 11.203743348420526,
  "snr_total": 7.54897908965387,
  "snr_wm": 8.50582657814076,
  "snrd_csf": 138.96743080217476,
  "snrd_gm": 69.81277703954731,
  "snrd_total": 84.25231512720534,
  "snrd_wm": 43.97673753989395,
  "spacing_x": 0.40625,
  "spacing_y": 0.40625,
  "spacing_z": 2.9999988079071045,
  "summary_bg_k": 284.9254589066197,
  "summary_bg_mad": 15.219461611850411,
  "summary_bg_mean": 27.4169634819515,
  "summary_bg_median": 15.398056291043758,
  "summary_bg_n": 2865749.0,
  "summary_bg_p05": 0.0,
  "summary_bg_p95": 86.709621950984,
  "summary_bg_stdv": 38.063211287874225,
  "summary_csf_k": 0.7478980405924025,
  "summary_csf_mad": 863.7854010555526,
  "summary_csf_mean": 3242.09134386077,
  "summary_csf_median": 3228.349929615855,
  "summary_csf_n": 374902.0,
  "summary_csf_p05": 576.7172714397311,
  "summary_csf_p95": 4895.708251968026,
  "summary_csf_stdv": 1099.0609098905252,
  "summary_gm_k": -0.3109395381695159,
  "summary_gm_mad": 155.75661777234146,
  "summary_gm_mean": 1629.3657857267106,
  "summary_gm_median": 1621.8193899169564,
  "summary_gm_n": 1016193.0,
  "summary_gm_p05": 1408.8675475940108,
  "summary_gm_p95": 1873.4738645061748,
  "summary_gm_stdv": 144.75684969680447,
  "summary_wm_k": -0.10398607944069171,
  "summary_wm_mad": 122.56523872522087,
  "summary_wm_mean": 1011.7486275843312,
  "summary_wm_median": 1021.6228127852082,
  "summary_wm_n": 1169076.0,
  "summary_wm_p05": 796.1122720688581,
  "summary_wm_p95": 1190.6738137677312,
  "summary_wm_stdv": 120.10853577412254,
  "tpm_overlap_csf": 0.17160038650035858,
  "tpm_overlap_gm": 0.4346001446247101,
  "tpm_overlap_wm": 0.45176103711128235,
  "wm2max": 0.20113089095287237
}