{
  "bids_meta": {
    "AcquisitionMatrixPE": 256,
    "AcquisitionNumber": 1,
    "AcquisitionTime": "16:51:46.822500",
    "BaseResolution": 256,
    "BodyPartExamined": "BRAIN",
    "ConsistencyInfo": "N4_VE11B_LATEST_20150530",
    "ConversionSoftware": "dcm2niix",
    "ConversionSoftwareVersion": "v1.0.20181125  GCC4.8.5",
    "DeviceSerialNumber": "67007",
    "DwellTime": 8.9e-06,
    "EchoTime": 0.091,
    "EchoTrainLength": 18,
    "FlipAngle": 120,
    "ImageOrientationPatientDICOM": [
      1,
      0,
      0,
      0,
      0.91706,
      -0.398749
    ],
    "ImageType": [
      "ORIGINAL",
      "PRIMARY",
      "M",
      "ND",
      "NORM"
    ],
    "ImagingFrequency": 123.211,
    "InPlanePhaseEncodingDirectionDICOM": "COL",
    "InstitutionAddress": "Perth_Drive_100_London_Ontario_CA_N6A_5K8",
    "InstitutionName": "Robarts_Research_Institute",
    "InstitutionalDepartmentName": "CFMM",
    "Interpolation2D": 1,
    "MRAcquisitionType": "2D",
    "MagneticFieldStrength": 3,
    "Manufacturer": "Siemens",
    "ManufacturersModelName": "Prisma_fit",
    "Modality": "MR",
    "ParallelReductionFactorInPlane": 2,
    "PartialFourier": 1,
    "PatientPosition": "HFS",
    "PercentPhaseFOV": 100,
    "PhaseEncodingDirection": "j-",
    "PhaseEncodingSteps": 255,
    "PhaseResolution": 1,
    "PixelBandwidth": 220,
    "ProcedureStepDescription": "Diedrichsen_MCC",
    "ProtocolName": "t2_tse_tra_256_p2",
    "PulseSequenceDetails": "%SiemensSeq%_tse",
    "ReceiveCoilActiveElements": "HEA;HEP",
    "ReceiveCoilName": "Head_32",
    "ReconMatrixPE": 512,
    "RepetitionTime": 8.53,
    "SAR": 0.521825,
    "ScanningSequence": "SE",
    "SequenceName": "_tse2d1_18",
    "SequenceVariant": "SK_SP",
    "SeriesDescription": "t2_tse_tra_256_p2",
    "SeriesNumber": 22,
    "ShimSetting": [
      5237,
      -6157,
      -4055,
      53,
      3,
      -37,
      -27,
      1
    ],
    "SliceThickness": 3,
    "SoftwareVersions": "syngo_MR_E11",
    "SpacingBetweenSlices": 3,
    "StationName": "MRC35368",
    "TxRefAmp": 257.657,
    "dataset": "ds002105",
    "modality": "T2w",
    "session_id": "a2",
    "subject_id": "25"
  },
  "cjv": 0.47012875512472235,
  "cnr": 3.0447184643158924,
  "efc": 0.5759331242201169,
  "fber": 7139.5949762634455,
  "fwhm_avg": 5.6883470317424,
  "fwhm_x": 7.206572307692308,
  "fwhm_y": 7.999409230769231,
  "fwhm_z": 1.859059556765662,
  "icvs_csf": 0.2253060899787352,
  "icvs_gm": 0.39857114451427417,
  "icvs_wm": 0.37612276550699064,
  "inu_med": 1.2501089572906494,
  "inu_range": 0.24527478218078613,
  "provenance": {
    "md5sum": "8c65f6c3af27ab301c7d4df8f820e148",
    "settings": {
      "testing": false
    },
    "software": "mriqc",
    "version": "21.0.0rc2",
    "warnings": {
      "large_rot_frame": true,
      "small_air_mask": false
    },
    "webapi_port": null,
    "webapi_url": "https://mriqc.nimh.nih.gov/api/v1"
  },
  "qi_1": 0.0,
  "qi_2": 0.014364660952412232,
  "rpve_csf": 12.182956630072075,
  "rpve_gm": 7.3061228864781045,
  "rpve_wm": 9.019358232279897,
  "size_x": 512,
  "size_y": 512,
  "size_z": 48,
  "snr_csf": 4.125059970695599,
  "snr_gm": 8.997493284463175,
  "snr_total": 7.3124260742834855,
  "snr_wm": 8.814724967691681,
  "snrd_csf": 237.4944547292019,
  "snrd_gm": 89.42164215424084,
  "snrd_total": 126.82736947470255,
  "snrd_wm": 53.56601154066493,
  "spacing_x": 0.40625,
  "spacing_y": 0.40625,
  "spacing_z": 3.0000007152557373,
  "summary_bg_k": 1375.1956412877812,
  "summary_bg_mad": 12.492167935789565,
  "summary_bg_mean": 18.573666863519968,
  "summary_bg_median": 17.119165420532227,
  "summary_bg_n": 2492255.0,
  "summary_bg_p05": 0.0,
  "summary_bg_p95": 43.3328874707222,
  "summary_bg_stdv": 32.916153396212984,
  "summary_csf_k": 2.345535884741637,
  "summary_csf_mad": 1150.0726036123726,
  "summary_csf_mean": 4422.918784945463,
  "summary_csf_median": 4528.554227650166,
  "summary_csf_n": 538982.0,
  "summary_csf_p05": 2923.3716696895663,
  "summary_csf_p95": 5813.026608109474,
  "summary_csf_stdv": 1097.8143490745665,
  "summary_gm_k": -0.18094157883242445,
  "summary_gm_mad": 203.8404545712964,
  "summary_gm_mean": 1716.5225034425932,
  "summary_gm_median": 1705.0956245809793,
  "summary_gm_n": 755390.0,
  "summary_gm_p05": 1433.596360489726,
  "summary_gm_p95": 2033.3021241277456,
  "summary_gm_stdv": 189.50772643593405,
  "summary_wm_k": 0.26926833396212757,
  "summary_wm_mad": 117.58500930036844,
  "summary_wm_mean": 1017.3003813154297,
  "summary_wm_median": 1021.3989555984735,
  "summary_wm_n": 901493.0,
  "summary_wm_p05": 821.9874271452427,
  "summary_wm_p95": 1195.131735920906,
  "summary_wm_stdv": 115.87410756863284,
  "tpm_overlap_csf": 0.15027712285518646,
  "tpm_overlap_gm": 0.387923002243042,
  "tpm_overlap_wm": 0.43499064445495605,
  "wm2max": 0.16602173913043478
}