{
  "bids_meta": {
    "AcquisitionMatrixPE": 256,
    "AcquisitionNumber": 1,
    "AcquisitionTime": "14:13:43.837500",
    "BaseResolution": 256,
    "BodyPartExamined": "BRAIN",
    "ConsistencyInfo": "N4_VE11B_LATEST_20150530",
    "ConversionSoftware": "dcm2niix",
    "ConversionSoftwareVersion": "v1.0.20181125  GCC4.8.5",
    "DeviceSerialNumber": "67007",
    "DwellTime": 8.9e-06,
    "EchoTime": 0.091,
    "EchoTrainLength": 18,
    "FlipAngle": 120,
    "ImageOrientationPatientDICOM": [
      1,
      0,
      0,
      0,
      0.921863,
      -0.387516
    ],
    "ImageType": [
      "ORIGINAL",
      "PRIMARY",
      "M",
      "ND",
      "NORM"
    ],
    "ImagingFrequency": 123.211,
    "InPlanePhaseEncodingDirectionDICOM": "COL",
    "InstitutionAddress": "Perth_Drive_100_London_Ontario_CA_N6A_5K8",
    "InstitutionName": "Robarts_Research_Institute",
    "InstitutionalDepartmentName": "CFMM",
    "Interpolation2D": 1,
    "MRAcquisitionType": "2D",
    "MagneticFieldStrength": 3,
    "Manufacturer": "Siemens",
    "ManufacturersModelName": "Prisma_fit",
    "Modality": "MR",
    "ParallelReductionFactorInPlane": 2,
    "PartialFourier": 1,
    "PatientPosition": "HFS",
    "PercentPhaseFOV": 100,
    "PhaseEncodingDirection": "j-",
    "PhaseEncodingSteps": 255,
    "PhaseResolution": 1,
    "PixelBandwidth": 220,
    "ProcedureStepDescription": "Diedrichsen_MCC",
    "ProtocolName": "t2_tse_tra_256_p2",
    "PulseSequenceDetails": "%SiemensSeq%_tse",
    "ReceiveCoilActiveElements": "HEA;HEP",
    "ReceiveCoilName": "Head_32",
    "ReconMatrixPE": 512,
    "RepetitionTime": 8.53,
    "SAR": 0.59472,
    "ScanningSequence": "SE",
    "SequenceName": "_tse2d1_18",
    "SequenceVariant": "SK_SP",
    "SeriesDescription": "t2_tse_tra_256_p2",
    "SeriesNumber": 20,
    "ShimSetting": [
      5237,
      -6157,
      -4055,
      53,
      3,
      -37,
      -27,
      1
    ],
    "SliceThickness": 3,
    "SoftwareVersions": "syngo_MR_E11",
    "SpacingBetweenSlices": 3,
    "StationName": "MRC35368",
    "TxRefAmp": 265.535,
    "dataset": "ds002105",
    "modality": "T2w",
    "session_id": "b2",
    "subject_id": "03"
  },
  "cjv": 0.5196925245518261,
  "cnr": 2.693811524044095,
  "efc": 0.5858421134907941,
  "fber": 13584.69459892544,
  "fwhm_avg": 4.702947905504454,
  "fwhm_x": 6.037710769230769,
  "fwhm_y": 6.39968,
  "fwhm_z": 1.6714529472825908,
  "icvs_csf": 0.1682501140833789,
  "icvs_gm": 0.44721126802213595,
  "icvs_wm": 0.3845386178944852,
  "inu_med": 1.1905778646469116,
  "inu_range": 0.3186175525188447,
  "provenance": {
    "md5sum": "9d4ac284e5dfd8601e3a97da1a8c9538",
    "settings": {
      "testing": false
    },
    "software": "mriqc",
    "version": "21.0.0rc2",
    "warnings": {
      "large_rot_frame": true,
      "small_air_mask": false
    },
    "webapi_port": null,
    "webapi_url": "https://mriqc.nimh.nih.gov/api/v1"
  },
  "qi_1": 0.0,
  "qi_2": 0.015441561779822015,
  "rpve_csf": 16.492527457112118,
  "rpve_gm": 7.187683349696132,
  "rpve_wm": 9.148639491435093,
  "size_x": 512,
  "size_y": 512,
  "size_z": 48,
  "snr_csf": 2.9697386740077367,
  "snr_gm": 12.131128150213689,
  "snr_total": 8.142847813475898,
  "snr_wm": 9.327676616206267,
  "snrd_csf": 249.80239586923668,
  "snrd_gm": 124.00443583921874,
  "snrd_total": 153.33909800660612,
  "snrd_wm": 86.21046231136293,
  "spacing_x": 0.40625,
  "spacing_y": 0.40625,
  "spacing_z": 3.000006675720215,
  "summary_bg_k": 334.46216180375836,
  "summary_bg_mad": 7.70928939586008,
  "summary_bg_mean": 12.239381476923228,
  "summary_bg_median": 5.30179426074028,
  "summary_bg_n": 3241834.0,
  "summary_bg_p05": 0.0,
  "summary_bg_p95": 31.50489281862974,
  "summary_bg_stdv": 30.971058746676214,
  "summary_csf_k": 0.6127633990770485,
  "summary_csf_mad": 800.8591219464059,
  "summary_csf_mean": 2920.1602905144036,
  "summary_csf_median": 2939.5390448346734,
  "summary_csf_n": 345597.0,
  "summary_csf_p05": 616.6394555568695,
  "summary_csf_p95": 4385.195599123836,
  "summary_csf_stdv": 989.8294478626204,
  "summary_gm_k": -0.13785777725043324,
  "summary_gm_mad": 124.40676809397738,
  "summary_gm_mean": 1466.3403228403047,
  "summary_gm_median": 1459.2169126868248,
  "summary_gm_n": 821996.0,
  "summary_gm_p05": 1283.2381262630224,
  "summary_gm_p95": 1672.3082589358091,
  "summary_gm_stdv": 120.28691866180665,
  "summary_wm_k": 0.032026091372150844,
  "summary_wm_mad": 106.72075124465131,
  "summary_wm_mean": 1008.6619550106747,
  "summary_wm_median": 1014.4779402762651,
  "summary_wm_n": 835395.0,
  "summary_wm_p05": 815.3547827526927,
  "summary_wm_p95": 1178.3237744495273,
  "summary_wm_stdv": 108.75991684026671,
  "tpm_overlap_csf": 0.1630372256040573,
  "tpm_overlap_gm": 0.43443700671195984,
  "tpm_overlap_wm": 0.4529035985469818,
  "wm2max": 0.21533999913431157
}