{
  "aor": 0.0003770735785953178,
  "aqi": 0.008264819866220735,
  "bids_meta": {
    "AcquisitionMatrixPE": 84,
    "AcquisitionNumber": 1,
    "AcquisitionTime": "15:13:45.890000",
    "BandwidthPerPixelPhaseEncode": 33.069,
    "BaseResolution": 84,
    "BodyPartExamined": "BRAIN",
    "ConsistencyInfo": "N4_VE11B_LATEST_20150530",
    "ConversionSoftware": "dcm2niix",
    "ConversionSoftwareVersion": "v1.0.20181125  GCC4.8.5",
    "DerivedVendorReportedEchoSpacing": 0.000719995,
    "DeviceSerialNumber": "67007",
    "DwellTime": 3.8e-06,
    "EchoTime": 0.03,
    "EchoTrainLength": 36,
    "EffectiveEchoSpacing": 0.000359998,
    "FlipAngle": 40,
    "ImageComments": "Unaliased_MB3_PE4",
    "ImageOrientationPatientDICOM": [
      0.992982,
      -0.0114688,
      -0.11771,
      -0.0416183,
      0.897741,
      -0.438553
    ],
    "ImageType": [
      "ORIGINAL",
      "PRIMARY",
      "M",
      "MB",
      "ND",
      "NORM",
      "MOSAIC"
    ],
    "ImagingFrequency": 123.211,
    "InPlanePhaseEncodingDirectionDICOM": "COL",
    "InstitutionAddress": "Perth_Drive_100_London_Ontario_CA_N6A_5K8",
    "InstitutionName": "Robarts_Research_Institute",
    "InstitutionalDepartmentName": "CFMM",
    "MRAcquisitionType": "2D",
    "MagneticFieldStrength": 3,
    "Manufacturer": "Siemens",
    "ManufacturersModelName": "Prisma_fit",
    "Modality": "MR",
    "MultibandAccelerationFactor": 3,
    "ParallelReductionFactorInPlane": 2,
    "PartialFourier": 0.875,
    "PatientPosition": "HFS",
    "PercentPhaseFOV": 100,
    "PhaseEncodingDirection": "j-",
    "PhaseEncodingSteps": 73,
    "PhaseResolution": 1,
    "PixelBandwidth": 1565,
    "ProcedureStepDescription": "Diedrichsen_MCC",
    "ProtocolName": "ep_bold_mb3_p2",
    "PulseSequenceDetails": "%CustomerSeq%_cmrr_mbep2d_bold",
    "ReceiveCoilActiveElements": "HEA;HEP",
    "ReceiveCoilName": "Head_32",
    "ReconMatrixPE": 84,
    "RepetitionTime": 1,
    "SAR": 0.0880308,
    "ScanOptions": "PFP_FS_EXT",
    "ScanningSequence": "EP",
    "SequenceName": "epfid2d1_84",
    "SequenceVariant": "SK_SS",
    "SeriesDescription": "ep_bold_mb3_p2",
    "SeriesNumber": 13,
    "ShimSetting": [
      5208,
      -6179,
      -3897,
      533,
      81,
      124,
      -7,
      -25
    ],
    "SliceThickness": 3,
    "SliceTiming": [
      0,
      0.4275,
      0.8575,
      0.305,
      0.735,
      0.1825,
      0.6125,
      0.06,
      0.49,
      0.9175,
      0.3675,
      0.795,
      0.245,
      0.6725,
      0.1225,
      0.55,
      0,
      0.4275,
      0.8575,
      0.305,
      0.735,
      0.1825,
      0.6125,
      0.06,
      0.49,
      0.9175,
      0.3675,
      0.795,
      0.245,
      0.6725,
      0.1225,
      0.55,
      0,
      0.4275,
      0.8575,
      0.305,
      0.735,
      0.1825,
      0.6125,
      0.06,
      0.49,
      0.9175,
      0.3675,
      0.795,
      0.245,
      0.6725,
      0.1225,
      0.55
    ],
    "SoftwareVersions": "syngo_MR_E11",
    "SpacingBetweenSlices": 3,
    "StationName": "MRC35368",
    "TaskName": "b",
    "TotalReadoutTime": 0.0298798,
    "TxRefAmp": 283.205,
    "WipMemBlock": "fdc85b78-2b74-4083-a3d6-39c57aa3b686||Sequence: ve11b/master r/50434d5; Mar  3 2017 10:46:13 by eja",
    "dataset": "ds002105",
    "modality": "bold",
    "run_id": 6,
    "session_id": "b1",
    "subject_id": "04",
    "task_id": "b"
  },
  "dummy_trs": 3,
  "dvars_nstd": 33.687192341725236,
  "dvars_std": 1.173114925125628,
  "dvars_vstd": 1.003938733802346,
  "efc": 0.5161194396325336,
  "fber": 3910.0517578125,
  "fd_mean": 0.11929534432857689,
  "fd_num": 35,
  "fd_perc": 5.852842809364549,
  "fwhm_avg": 1.9067947334643767,
  "fwhm_x": 1.830957625148567,
  "fwhm_y": 2.0909133848442156,
  "fwhm_z": 1.7985131904003466,
  "gcor": 0.00802476,
  "gsr_x": -0.004746306221932173,
  "gsr_y": 0.028204670175909996,
  "provenance": {
    "md5sum": "d861dbbb1084e080b732b1d1470a14a0",
    "settings": {
      "fd_thres": 0.2,
      "testing": false
    },
    "software": "mriqc",
    "version": "21.0.0rc2",
    "webapi_port": null,
    "webapi_url": "https://mriqc.nimh.nih.gov/api/v1"
  },
  "size_t": 598,
  "size_x": 84,
  "size_y": 84,
  "size_z": 48,
  "snr": 4.4641108853589175,
  "spacing_tr": 1.0,
  "spacing_x": 2.4761905670166016,
  "spacing_y": 2.4761905670166016,
  "spacing_z": 3.000000238418579,
  "summary_bg_k": 19.66057896662494,
  "summary_bg_mad": 46.951136460603166,
  "summary_bg_mean": 203.35479736328125,
  "summary_bg_median": 61.32107162475586,
  "summary_bg_n": 214166.0,
  "summary_bg_p05": 24.553510665893555,
  "summary_bg_p95": 930.8942260742188,
  "summary_bg_stdv": 377.64898681640625,
  "summary_fg_k": 3.897286300076259,
  "summary_fg_mad": 719.3907387717021,
  "summary_fg_mean": 4050.32275390625,
  "summary_fg_median": 3917.24658203125,
  "summary_fg_n": 66158.0,
  "summary_fg_p05": 2975.7419189453126,
  "summary_fg_p95": 5563.4345703125,
  "summary_fg_stdv": 877.490966796875,
  "tsnr": 46.61665982415434
}