{
  "aor": 0.0005155241264559068,
  "aqi": 0.00898911680532446,
  "bids_meta": {
    "AcquisitionMatrixPE": 84,
    "AcquisitionNumber": 1,
    "AcquisitionTime": "14:19:5.832500",
    "BandwidthPerPixelPhaseEncode": 33.069,
    "BaseResolution": 84,
    "BodyPartExamined": "BRAIN",
    "ConsistencyInfo": "N4_VE11B_LATEST_20150530",
    "ConversionSoftware": "dcm2niix",
    "ConversionSoftwareVersion": "v1.0.20181125  GCC4.8.5",
    "DerivedVendorReportedEchoSpacing": 0.000719995,
    "DeviceSerialNumber": "67007",
    "DwellTime": 3.8e-06,
    "EchoTime": 0.03,
    "EchoTrainLength": 36,
    "EffectiveEchoSpacing": 0.000359998,
    "FlipAngle": 40,
    "ImageComments": "Unaliased_MB3_PE4",
    "ImageOrientationPatientDICOM": [
      0.992982,
      -0.0114688,
      -0.11771,
      -0.0416183,
      0.897741,
      -0.438553
    ],
    "ImageType": [
      "ORIGINAL",
      "PRIMARY",
      "M",
      "MB",
      "ND",
      "NORM",
      "MOSAIC"
    ],
    "ImagingFrequency": 123.211,
    "InPlanePhaseEncodingDirectionDICOM": "COL",
    "InstitutionAddress": "Perth_Drive_100_London_Ontario_CA_N6A_5K8",
    "InstitutionName": "Robarts_Research_Institute",
    "InstitutionalDepartmentName": "CFMM",
    "MRAcquisitionType": "2D",
    "MagneticFieldStrength": 3,
    "Manufacturer": "Siemens",
    "ManufacturersModelName": "Prisma_fit",
    "Modality": "MR",
    "MultibandAccelerationFactor": 3,
    "ParallelReductionFactorInPlane": 2,
    "PartialFourier": 0.875,
    "PatientPosition": "HFS",
    "PercentPhaseFOV": 100,
    "PhaseEncodingDirection": "j-",
    "PhaseEncodingSteps": 73,
    "PhaseResolution": 1,
    "PixelBandwidth": 1565,
    "ProcedureStepDescription": "Diedrichsen_MCC",
    "ProtocolName": "ep_bold_mb3_p2",
    "PulseSequenceDetails": "%CustomerSeq%_cmrr_mbep2d_bold",
    "ReceiveCoilActiveElements": "HEA;HEP",
    "ReceiveCoilName": "Head_32",
    "ReconMatrixPE": 84,
    "RepetitionTime": 1,
    "SAR": 0.0880308,
    "ScanOptions": "PFP_FS_EXT",
    "ScanningSequence": "EP",
    "SequenceName": "epfid2d1_84",
    "SequenceVariant": "SK_SS",
    "SeriesDescription": "ep_bold_mb3_p2",
    "SeriesNumber": 3,
    "ShimSetting": [
      5208,
      -6179,
      -3897,
      533,
      81,
      124,
      -7,
      -25
    ],
    "SliceThickness": 3,
    "SliceTiming": [
      0,
      0.43,
      0.8575,
      0.3075,
      0.735,
      0.185,
      0.6125,
      0.0625,
      0.49,
      0.92,
      0.3675,
      0.7975,
      0.245,
      0.675,
      0.1225,
      0.5525,
      0,
      0.43,
      0.8575,
      0.3075,
      0.735,
      0.185,
      0.6125,
      0.0625,
      0.49,
      0.92,
      0.3675,
      0.7975,
      0.245,
      0.675,
      0.1225,
      0.5525,
      0,
      0.43,
      0.8575,
      0.3075,
      0.735,
      0.185,
      0.6125,
      0.0625,
      0.49,
      0.92,
      0.3675,
      0.7975,
      0.245,
      0.675,
      0.1225,
      0.5525
    ],
    "SoftwareVersions": "syngo_MR_E11",
    "SpacingBetweenSlices": 3,
    "StationName": "MRC35368",
    "TaskName": "b",
    "TotalReadoutTime": 0.0298798,
    "TxRefAmp": 283.205,
    "WipMemBlock": "1d28e50c-64c6-4b8a-8c22-4a0b04c2e043||Sequence: ve11b/master r/50434d5; Mar  3 2017 10:46:13 by eja",
    "dataset": "ds002105",
    "modality": "bold",
    "run_id": 1,
    "session_id": "b1",
    "subject_id": "04",
    "task_id": "b"
  },
  "dummy_trs": 0,
  "dvars_nstd": 34.39818654684998,
  "dvars_std": 1.182875193633333,
  "dvars_vstd": 0.9963923219166672,
  "efc": 0.512748572583791,
  "fber": 4170.576171875,
  "fd_mean": 0.11568666877643824,
  "fd_num": 38,
  "fd_perc": 6.322795341098169,
  "fwhm_avg": 1.9198753737588845,
  "fwhm_x": 1.8414858939931615,
  "fwhm_y": 2.102007038283457,
  "fwhm_z": 1.8161331890000354,
  "gcor": 0.00688354,
  "gsr_x": -0.005009666550904512,
  "gsr_y": 0.026655826717615128,
  "provenance": {
    "md5sum": "0dd6c17df28caf3c601f2e7239114ffb",
    "settings": {
      "fd_thres": 0.2,
      "testing": false
    },
    "software": "mriqc",
    "version": "21.0.0rc2",
    "webapi_port": null,
    "webapi_url": "https://mriqc.nimh.nih.gov/api/v1"
  },
  "size_t": 601,
  "size_x": 84,
  "size_y": 84,
  "size_z": 48,
  "snr": 4.4787451879115245,
  "spacing_tr": 1.0,
  "spacing_x": 2.4761905670166016,
  "spacing_y": 2.4761905670166016,
  "spacing_z": 3.000000238418579,
  "summary_bg_k": 22.679913093839815,
  "summary_bg_mad": 44.74942177402576,
  "summary_bg_mean": 191.4166259765625,
  "summary_bg_median": 59.29201126098633,
  "summary_bg_n": 214052.0,
  "summary_bg_p05": 23.916805267333984,
  "summary_bg_p95": 859.9897460937491,
  "summary_bg_stdv": 362.04962158203125,
  "summary_fg_k": 3.829903332494447,
  "summary_fg_mad": 722.7573606550811,
  "summary_fg_mean": 4064.023681640625,
  "summary_fg_median": 3926.043212890625,
  "summary_fg_n": 66119.0,
  "summary_fg_p05": 2985.592333984375,
  "summary_fg_p95": 5560.996679687499,
  "summary_fg_stdv": 876.5878295898438,
  "tsnr": 45.59491016389802
}