{
  "bids_meta": {
    "AcquisitionMatrixPE": 256,
    "AcquisitionNumber": 1,
    "AcquisitionTime": "11:56:37.817500",
    "BaseResolution": 256,
    "BodyPartExamined": "BRAIN",
    "ConsistencyInfo": "N4_VE11B_LATEST_20150530",
    "ConversionSoftware": "dcm2niix",
    "ConversionSoftwareVersion": "v1.0.20181125  GCC4.8.5",
    "DeviceSerialNumber": "67007",
    "DwellTime": 8.9e-06,
    "EchoTime": 0.091,
    "EchoTrainLength": 18,
    "FlipAngle": 120,
    "ImageOrientationPatientDICOM": [
      0.998973,
      -0.0201701,
      -0.0405804,
      2.48301e-08,
      0.895485,
      -0.445092
    ],
    "ImageType": [
      "ORIGINAL",
      "PRIMARY",
      "M",
      "ND",
      "NORM"
    ],
    "ImagingFrequency": 123.211,
    "InPlanePhaseEncodingDirectionDICOM": "COL",
    "InstitutionAddress": "Perth_Drive_100_London_Ontario_CA_N6A_5K8",
    "InstitutionName": "Robarts_Research_Institute",
    "InstitutionalDepartmentName": "CFMM",
    "Interpolation2D": 1,
    "MRAcquisitionType": "2D",
    "MagneticFieldStrength": 3,
    "Manufacturer": "Siemens",
    "ManufacturersModelName": "Prisma_fit",
    "Modality": "MR",
    "ParallelReductionFactorInPlane": 2,
    "PartialFourier": 1,
    "PatientPosition": "HFS",
    "PercentPhaseFOV": 100,
    "PhaseEncodingDirection": "j-",
    "PhaseEncodingSteps": 255,
    "PhaseResolution": 1,
    "PixelBandwidth": 220,
    "ProcedureStepDescription": "Diedrichsen_MCC",
    "ProtocolName": "t2_tse_tra_256_p2",
    "PulseSequenceDetails": "%SiemensSeq%_tse",
    "ReceiveCoilActiveElements": "HEA;HEP",
    "ReceiveCoilName": "Head_32",
    "ReconMatrixPE": 512,
    "RepetitionTime": 8.53,
    "SAR": 0.569603,
    "ScanningSequence": "SE",
    "SequenceName": "_tse2d1_18",
    "SequenceVariant": "SK_SP",
    "SeriesDescription": "t2_tse_tra_256_p2",
    "SeriesNumber": 20,
    "ShimSetting": [
      5237,
      -6157,
      -4055,
      53,
      3,
      -37,
      -27,
      1
    ],
    "SliceThickness": 3,
    "SoftwareVersions": "syngo_MR_E11",
    "SpacingBetweenSlices": 3,
    "StationName": "MRC35368",
    "TxRefAmp": 252.952,
    "dataset": "ds002105",
    "modality": "T2w",
    "session_id": "a2",
    "subject_id": "27"
  },
  "cjv": 0.4414060766841732,
  "cnr": 3.1910721375053868,
  "efc": 0.5585149583826844,
  "fber": 11747.762747138398,
  "fwhm_avg": 4.635201965811966,
  "fwhm_x": 5.870203076923077,
  "fwhm_y": 6.3628061538461544,
  "fwhm_z": 1.6725966666666665,
  "icvs_csf": 0.18075411103325814,
  "icvs_gm": 0.45352269265117184,
  "icvs_wm": 0.36572319631557,
  "inu_med": 1.3879070281982422,
  "inu_range": 0.20334379673004155,
  "provenance": {
    "md5sum": "a94292c608633caad5df3487ef419752",
    "settings": {
      "testing": false
    },
    "software": "mriqc",
    "version": "21.0.0rc2",
    "warnings": {
      "large_rot_frame": true,
      "small_air_mask": false
    },
    "webapi_port": null,
    "webapi_url": "https://mriqc.nimh.nih.gov/api/v1"
  },
  "qi_1": 1.6420400568830044e-05,
  "qi_2": 0.0022561636932513095,
  "rpve_csf": 19.19790158243091,
  "rpve_gm": 8.874919481080303,
  "rpve_wm": 12.059416174036645,
  "size_x": 512,
  "size_y": 512,
  "size_z": 48,
  "snr_csf": 3.5374618584192565,
  "snr_gm": 11.80132738742153,
  "snr_total": 7.999610275461514,
  "snr_wm": 8.660041580543757,
  "snrd_csf": 235.68387797067368,
  "snrd_gm": 114.11978934836557,
  "snrd_total": 140.3417307034448,
  "snrd_wm": 71.22152479129511,
  "spacing_x": 0.40625,
  "spacing_y": 0.40625,
  "spacing_z": 3.0,
  "summary_bg_k": 549.8747964483571,
  "summary_bg_mad": 9.513696911559464,
  "summary_bg_mean": 18.70326078879149,
  "summary_bg_median": 12.730283863842487,
  "summary_bg_n": 2923145.0,
  "summary_bg_p05": 0.0,
  "summary_bg_p95": 38.19085159152746,
  "summary_bg_stdv": 64.24611741625309,
  "summary_csf_k": 1.5522827767578073,
  "summary_csf_mad": 845.2612812471824,
  "summary_csf_mean": 3438.501090894159,
  "summary_csf_median": 3422.531641881913,
  "summary_csf_n": 294758.0,
  "summary_csf_p05": 1643.847065583989,
  "summary_csf_p95": 4900.434799879789,
  "summary_csf_stdv": 967.5089013518499,
  "summary_gm_k": -0.2609872850175168,
  "summary_gm_mad": 151.29847023867148,
  "summary_gm_mean": 1662.3423152192477,
  "summary_gm_median": 1657.2138636410236,
  "summary_gm_n": 657794.0,
  "summary_gm_p05": 1446.1809465810657,
  "summary_gm_p95": 1895.2598220705986,
  "summary_gm_stdv": 140.42594951915925,
  "summary_wm_k": 0.08194171043946019,
  "summary_wm_mad": 123.67805985027304,
  "summary_wm_mean": 1030.3930515550276,
  "summary_wm_median": 1034.2579402551055,
  "summary_wm_n": 633518.0,
  "summary_wm_p05": 828.3999353349209,
  "summary_wm_p95": 1214.0343879908323,
  "summary_wm_stdv": 119.4286556656957,
  "tpm_overlap_csf": 0.149779811501503,
  "tpm_overlap_gm": 0.42182672023773193,
  "tpm_overlap_wm": 0.43282124400138855,
  "wm2max": 0.19982984767428133
}