{
  "bids_meta": {
    "AcquisitionMatrixPE": 256,
    "AcquisitionNumber": 1,
    "AcquisitionTime": "15:54:15.930000",
    "BaseResolution": 256,
    "BodyPartExamined": "BRAIN",
    "ConsistencyInfo": "N4_VE11B_LATEST_20150530",
    "ConversionSoftware": "dcm2niix",
    "ConversionSoftwareVersion": "v1.0.20181125  GCC4.8.5",
    "DeviceSerialNumber": "67007",
    "DwellTime": 8.9e-06,
    "EchoTime": 0.091,
    "EchoTrainLength": 18,
    "FlipAngle": 120,
    "ImageOrientationPatientDICOM": [
      1,
      0,
      0,
      0,
      0.904827,
      -0.425779
    ],
    "ImageType": [
      "ORIGINAL",
      "PRIMARY",
      "M",
      "ND",
      "NORM"
    ],
    "ImagingFrequency": 123.211,
    "InPlanePhaseEncodingDirectionDICOM": "COL",
    "InstitutionAddress": "Perth_Drive_100_London_Ontario_CA_N6A_5K8",
    "InstitutionName": "Robarts_Research_Institute",
    "InstitutionalDepartmentName": "CFMM",
    "Interpolation2D": 1,
    "MRAcquisitionType": "2D",
    "MagneticFieldStrength": 3,
    "Manufacturer": "Siemens",
    "ManufacturersModelName": "Prisma_fit",
    "Modality": "MR",
    "ParallelReductionFactorInPlane": 2,
    "PartialFourier": 1,
    "PatientPosition": "HFS",
    "PercentPhaseFOV": 100,
    "PhaseEncodingDirection": "j-",
    "PhaseEncodingSteps": 255,
    "PhaseResolution": 1,
    "PixelBandwidth": 220,
    "ProcedureStepDescription": "Diedrichsen_MCC",
    "ProtocolName": "t2_tse_tra_256_p2",
    "PulseSequenceDetails": "%SiemensSeq%_tse",
    "ReceiveCoilActiveElements": "HEA;HEP",
    "ReceiveCoilName": "Head_32",
    "ReconMatrixPE": 512,
    "RepetitionTime": 8.53,
    "SAR": 0.588244,
    "ScanningSequence": "SE",
    "SequenceName": "_tse2d1_18",
    "SequenceVariant": "SK_SP",
    "SeriesDescription": "t2_tse_tra_256_p2",
    "SeriesNumber": 20,
    "ShimSetting": [
      5237,
      -6157,
      -4055,
      53,
      3,
      -37,
      -27,
      1
    ],
    "SliceThickness": 3,
    "SoftwareVersions": "syngo_MR_E11",
    "SpacingBetweenSlices": 3,
    "StationName": "MRC35368",
    "TxRefAmp": 278.213,
    "dataset": "ds002105",
    "modality": "T2w",
    "session_id": "b2",
    "subject_id": "18"
  },
  "cjv": 0.4513573968519644,
  "cnr": 3.1659360779326784,
  "efc": 0.5886028802825821,
  "fber": 9491.178658731002,
  "fwhm_avg": 4.9343676841628,
  "fwhm_x": 6.079163076923077,
  "fwhm_y": 7.03392,
  "fwhm_z": 1.6900199755653231,
  "icvs_csf": 0.1687722199630596,
  "icvs_gm": 0.4465503822791559,
  "icvs_wm": 0.38467739775778453,
  "inu_med": 1.1157479286193848,
  "inu_range": 0.25946009159088135,
  "provenance": {
    "md5sum": "07cc5e12724f191c3e4bdbb975ab0028",
    "settings": {
      "testing": false
    },
    "software": "mriqc",
    "version": "21.0.0rc2",
    "warnings": {
      "large_rot_frame": true,
      "small_air_mask": false
    },
    "webapi_port": null,
    "webapi_url": "https://mriqc.nimh.nih.gov/api/v1"
  },
  "qi_1": 0.0,
  "qi_2": 0.028141989903466544,
  "rpve_csf": 15.71220536756126,
  "rpve_gm": 6.854343389638809,
  "rpve_wm": 8.727075543207198,
  "size_x": 512,
  "size_y": 512,
  "size_z": 48,
  "snr_csf": 3.0376176552650183,
  "snr_gm": 11.125567036817484,
  "snr_total": 7.675338532146877,
  "snr_wm": 8.862830904358125,
  "snrd_csf": 228.79401091088664,
  "snrd_gm": 110.74686964382434,
  "snrd_total": 136.46812931006252,
  "snrd_wm": 69.86350737547656,
  "spacing_x": 0.40625,
  "spacing_y": 0.40625,
  "spacing_z": 3.0000059604644775,
  "summary_bg_k": 1183.2855418910679,
  "summary_bg_mad": 9.558751881194679,
  "summary_bg_mean": 14.165526868551456,
  "summary_bg_median": 13.028878673911095,
  "summary_bg_n": 2936182.0,
  "summary_bg_p05": 0.0,
  "summary_bg_p95": 32.7736741900444,
  "summary_bg_stdv": 34.3227177056346,
  "summary_csf_k": 0.8352907116238364,
  "summary_csf_mad": 926.2032291549261,
  "summary_csf_mean": 3298.302383925545,
  "summary_csf_median": 3338.2136255949736,
  "summary_csf_n": 365496.0,
  "summary_csf_p05": 603.2236507683992,
  "summary_csf_p95": 4850.7724168002605,
  "summary_csf_stdv": 1098.9562998872295,
  "summary_gm_k": -0.2230705454543518,
  "summary_gm_mad": 154.1348740842642,
  "summary_gm_mean": 1623.1592031004611,
  "summary_gm_median": 1615.8495922386646,
  "summary_gm_n": 869414.0,
  "summary_gm_p05": 1401.7461633086205,
  "summary_gm_p95": 1868.6367021799088,
  "summary_gm_stdv": 145.23742094367006,
  "summary_wm_k": 0.06491005415537954,
  "summary_wm_mad": 115.10330390271926,
  "summary_wm_mean": 1013.2900647336357,
  "summary_wm_median": 1019.3418583124876,
  "summary_wm_n": 883685.0,
  "summary_wm_p05": 809.8052528351545,
  "summary_wm_p95": 1188.5829627364874,
  "summary_wm_stdv": 115.01305762865677,
  "tpm_overlap_csf": 0.1405162513256073,
  "tpm_overlap_gm": 0.4199053645133972,
  "tpm_overlap_wm": 0.42447587847709656,
  "wm2max": 0.19451221550938114
}