{
  "aor": 0.00016492512479201332,
  "aqi": 0.010877630915141432,
  "bids_meta": {
    "AcquisitionMatrixPE": 84,
    "AcquisitionNumber": 1,
    "AcquisitionTime": "15:46:21.885000",
    "BandwidthPerPixelPhaseEncode": 33.069,
    "BaseResolution": 84,
    "BodyPartExamined": "BRAIN",
    "ConsistencyInfo": "N4_VE11B_LATEST_20150530",
    "ConversionSoftware": "dcm2niix",
    "ConversionSoftwareVersion": "v1.0.20181125  GCC4.8.5",
    "DerivedVendorReportedEchoSpacing": 0.000719995,
    "DeviceSerialNumber": "67007",
    "DwellTime": 3.8e-06,
    "EchoTime": 0.03,
    "EchoTrainLength": 36,
    "EffectiveEchoSpacing": 0.000359998,
    "FlipAngle": 40,
    "ImageComments": "Unaliased_MB3_PE4",
    "ImageOrientationPatientDICOM": [
      1,
      0,
      0,
      0,
      0.91706,
      -0.398749
    ],
    "ImageType": [
      "ORIGINAL",
      "PRIMARY",
      "M",
      "MB",
      "ND",
      "NORM",
      "MOSAIC"
    ],
    "ImagingFrequency": 123.211,
    "InPlanePhaseEncodingDirectionDICOM": "COL",
    "InstitutionAddress": "Perth_Drive_100_London_Ontario_CA_N6A_5K8",
    "InstitutionName": "Robarts_Research_Institute",
    "InstitutionalDepartmentName": "CFMM",
    "MRAcquisitionType": "2D",
    "MagneticFieldStrength": 3,
    "Manufacturer": "Siemens",
    "ManufacturersModelName": "Prisma_fit",
    "Modality": "MR",
    "MultibandAccelerationFactor": 3,
    "ParallelReductionFactorInPlane": 2,
    "PartialFourier": 0.875,
    "PatientPosition": "HFS",
    "PercentPhaseFOV": 100,
    "PhaseEncodingDirection": "j-",
    "PhaseEncodingSteps": 73,
    "PhaseResolution": 1,
    "PixelBandwidth": 1565,
    "ProcedureStepDescription": "Diedrichsen_Maebdh",
    "ProtocolName": "ep_bold_mb3_p2",
    "PulseSequenceDetails": "%CustomerSeq%_cmrr_mbep2d_bold",
    "ReceiveCoilActiveElements": "HEA;HEP",
    "ReceiveCoilName": "Head_32",
    "ReconMatrixPE": 84,
    "RepetitionTime": 1,
    "SAR": 0.102079,
    "ScanOptions": "PFP_FS_EXT",
    "ScanningSequence": "EP",
    "SequenceName": "epfid2d1_84",
    "SequenceVariant": "SK_SS",
    "SeriesDescription": "ep_bold_mb3_p2",
    "SeriesNumber": 8,
    "ShimSetting": [
      5258,
      -6206,
      -3743,
      611,
      59,
      33,
      -74,
      39
    ],
    "SliceThickness": 3,
    "SliceTiming": [
      0,
      0.4275,
      0.8575,
      0.305,
      0.735,
      0.1825,
      0.6125,
      0.06,
      0.49,
      0.9175,
      0.3675,
      0.795,
      0.245,
      0.6725,
      0.1225,
      0.55,
      0,
      0.4275,
      0.8575,
      0.305,
      0.735,
      0.1825,
      0.6125,
      0.06,
      0.49,
      0.9175,
      0.3675,
      0.795,
      0.245,
      0.6725,
      0.1225,
      0.55,
      0,
      0.4275,
      0.8575,
      0.305,
      0.735,
      0.1825,
      0.6125,
      0.06,
      0.49,
      0.9175,
      0.3675,
      0.795,
      0.245,
      0.6725,
      0.1225,
      0.55
    ],
    "SoftwareVersions": "syngo_MR_E11",
    "SpacingBetweenSlices": 3,
    "StationName": "MRC35368",
    "TaskName": "a",
    "TotalReadoutTime": 0.0298798,
    "TxRefAmp": 284.846,
    "WipMemBlock": "d59a1536-9e24-47c9-af42-9f8a1ae4d5e6||Sequence: ve11b/master r/93e61f0; Jul 21 2016 00:18:29 by eja",
    "dataset": "ds002105",
    "modality": "bold",
    "run_id": 7,
    "session_id": "a2",
    "subject_id": "18",
    "task_id": "a"
  },
  "dummy_trs": 0,
  "dvars_nstd": 31.713988234049992,
  "dvars_std": 1.1041225054333328,
  "dvars_vstd": 0.9829930432333321,
  "efc": 0.49833965786708234,
  "fber": 3933.107666015625,
  "fd_mean": 0.1517430630516975,
  "fd_num": 188,
  "fd_perc": 31.281198003327788,
  "fwhm_avg": 1.7636294428931956,
  "fwhm_x": 1.7220483983741028,
  "fwhm_y": 1.9000799303054834,
  "fwhm_z": 1.66876,
  "gcor": 0.00778493,
  "gsr_x": -0.004055157769471407,
  "gsr_y": 0.01816403679549694,
  "provenance": {
    "md5sum": "017618c68ea08b08dcf6fe99f05b4772",
    "settings": {
      "fd_thres": 0.2,
      "testing": false
    },
    "software": "mriqc",
    "version": "21.0.0rc2",
    "webapi_port": null,
    "webapi_url": "https://mriqc.nimh.nih.gov/api/v1"
  },
  "size_t": 601,
  "size_x": 84,
  "size_y": 84,
  "size_z": 48,
  "snr": 5.387091081160548,
  "spacing_tr": 1.0,
  "spacing_x": 2.4761905670166016,
  "spacing_y": 2.4761905670166016,
  "spacing_z": 3.0,
  "summary_bg_k": 20.124352071952078,
  "summary_bg_mad": 40.22267739796515,
  "summary_bg_mean": 190.8818359375,
  "summary_bg_median": 57.1031608581543,
  "summary_bg_n": 224610.0,
  "summary_bg_p05": 25.310231876373294,
  "summary_bg_p95": 894.2023834228511,
  "summary_bg_stdv": 345.42108154296875,
  "summary_fg_k": 3.231560590342265,
  "summary_fg_mad": 624.0955400723307,
  "summary_fg_mean": 3701.94140625,
  "summary_fg_median": 3642.388427734375,
  "summary_fg_n": 57028.0,
  "summary_fg_p05": 2784.446179199219,
  "summary_fg_p95": 4812.376171874999,
  "summary_fg_stdv": 676.1267700195312,
  "tsnr": 44.999268842162564
}