{
  "bids_meta": {
    "AcquisitionMatrixPE": 256,
    "AcquisitionNumber": 1,
    "AcquisitionTime": "14:18:50.922500",
    "BaseResolution": 256,
    "BodyPartExamined": "BRAIN",
    "ConsistencyInfo": "N4_VE11B_LATEST_20150530",
    "ConversionSoftware": "dcm2niix",
    "ConversionSoftwareVersion": "v1.0.20181125  GCC4.8.5",
    "DeviceSerialNumber": "67007",
    "DwellTime": 8.9e-06,
    "EchoTime": 0.091,
    "EchoTrainLength": 18,
    "FlipAngle": 120,
    "ImageOrientationPatientDICOM": [
      0.999701,
      0.00869232,
      0.022875,
      6.48319e-08,
      0.934785,
      -0.355213
    ],
    "ImageType": [
      "ORIGINAL",
      "PRIMARY",
      "M",
      "ND",
      "NORM"
    ],
    "ImagingFrequency": 123.211,
    "InPlanePhaseEncodingDirectionDICOM": "COL",
    "InstitutionAddress": "Perth_Drive_100_London_Ontario_CA_N6A_5K8",
    "InstitutionName": "Robarts_Research_Institute",
    "InstitutionalDepartmentName": "CFMM",
    "Interpolation2D": 1,
    "MRAcquisitionType": "2D",
    "MagneticFieldStrength": 3,
    "Manufacturer": "Siemens",
    "ManufacturersModelName": "Prisma_fit",
    "Modality": "MR",
    "ParallelReductionFactorInPlane": 2,
    "PartialFourier": 1,
    "PatientPosition": "HFS",
    "PercentPhaseFOV": 100,
    "PhaseEncodingDirection": "j-",
    "PhaseEncodingSteps": 255,
    "PhaseResolution": 1,
    "PixelBandwidth": 220,
    "ProcedureStepDescription": "Diedrichsen_Feb2016",
    "ProtocolName": "t2_tse_tra_256_p2",
    "PulseSequenceDetails": "%SiemensSeq%_tse",
    "ReceiveCoilActiveElements": "HEA;HEP",
    "ReceiveCoilName": "Head_32",
    "ReconMatrixPE": 512,
    "RepetitionTime": 8.53,
    "SAR": 0.615654,
    "ScanningSequence": "SE",
    "SequenceName": "_tse2d1_18",
    "SequenceVariant": "SK_SP",
    "SeriesDescription": "t2_tse_tra_256_p2",
    "SeriesNumber": 3,
    "ShimSetting": [
      5237,
      -6157,
      -4055,
      53,
      3,
      -37,
      -27,
      1
    ],
    "SliceThickness": 3,
    "SoftwareVersions": "syngo_MR_E11",
    "SpacingBetweenSlices": 3,
    "StationName": "MRC35368",
    "TxRefAmp": 282.008,
    "dataset": "ds002105",
    "modality": "T2w",
    "session_id": "a1",
    "subject_id": "04"
  },
  "cjv": 0.453025437173553,
  "cnr": 3.1434248945957535,
  "efc": 0.6121528526073309,
  "fber": 14816.765755053508,
  "fwhm_avg": 5.059604302424002,
  "fwhm_x": 6.264049230769231,
  "fwhm_y": 7.197267692307692,
  "fwhm_z": 1.7174959841950799,
  "icvs_csf": 0.18002987121378802,
  "icvs_gm": 0.4212526989124912,
  "icvs_wm": 0.3987174298737208,
  "inu_med": 1.2270493507385254,
  "inu_range": 0.2915551245212553,
  "provenance": {
    "md5sum": "2a776a9f866098f1f6c58e20f9c45a8c",
    "settings": {
      "testing": false
    },
    "software": "mriqc",
    "version": "22.0.0rc1",
    "warnings": {
      "large_rot_frame": true,
      "small_air_mask": false
    },
    "webapi_port": null,
    "webapi_url": "https://mriqc.nimh.nih.gov/api/v1"
  },
  "qi_1": 0.0,
  "qi_2": 0.012130851118996033,
  "rpve_csf": 12.175801526867255,
  "rpve_gm": 5.713463339973785,
  "rpve_wm": 6.858513983488705,
  "size_x": 512,
  "size_y": 512,
  "size_z": 48,
  "snr_csf": 3.0492738264775294,
  "snr_gm": 10.162045541055154,
  "snr_total": 7.47272917383371,
  "snr_wm": 9.206868153968449,
  "snrd_csf": 283.96620067206845,
  "snrd_gm": 138.43262364757481,
  "snrd_total": 169.51171192002292,
  "snrd_wm": 86.1363114404255,
  "spacing_x": 0.40625,
  "spacing_y": 0.40625,
  "spacing_z": 3.0000011920928955,
  "summary_bg_k": 861.542258796125,
  "summary_bg_mad": 7.733126567945191,
  "summary_bg_mean": 11.83044453820052,
  "summary_bg_median": 10.55312955379486,
  "summary_bg_n": 2542246.0,
  "summary_bg_p05": 0.0,
  "summary_bg_p95": 31.659388661384583,
  "summary_bg_stdv": 22.64304217542602,
  "summary_csf_k": 0.9204375497323531,
  "summary_csf_mad": 915.9258979196479,
  "summary_csf_mean": 3266.0769463710567,
  "summary_csf_median": 3351.8922868967056,
  "summary_csf_n": 483708.0,
  "summary_csf_p05": 586.3658421039581,
  "summary_csf_p95": 4747.937896490097,
  "summary_csf_stdv": 1099.2416597685458,
  "summary_gm_k": -0.06178597979418976,
  "summary_gm_mad": 169.22958373107966,
  "summary_gm_mean": 1645.107401212819,
  "summary_gm_median": 1634.0368760824203,
  "summary_gm_n": 997931.0,
  "summary_gm_p05": 1404.6579337120056,
  "summary_gm_p95": 1918.6074730157852,
  "summary_gm_stdv": 160.79794670947663,
  "summary_wm_k": 0.04481727211530773,
  "summary_wm_mad": 110.42185378414761,
  "summary_wm_mean": 1009.8146877541153,
  "summary_wm_median": 1016.7394473552704,
  "summary_wm_n": 1136162.0,
  "summary_wm_p05": 812.5909756422043,
  "summary_wm_p95": 1176.7345954179764,
  "summary_wm_stdv": 110.43266645153098,
  "tpm_overlap_csf": 0.1468321830034256,
  "tpm_overlap_gm": 0.40022730827331543,
  "tpm_overlap_wm": 0.4036794602870941,
  "wm2max": 0.1942256001482992
}