{
  "bids_meta": {
    "AcquisitionMatrixPE": 256,
    "AcquisitionNumber": 1,
    "AcquisitionTime": "12:17:18.650000",
    "BaseResolution": 256,
    "BodyPartExamined": "BRAIN",
    "ConsistencyInfo": "N4_VE11B_LATEST_20150530",
    "ConversionSoftware": "dcm2niix",
    "ConversionSoftwareVersion": "v1.0.20181125  GCC4.8.5",
    "DeviceSerialNumber": "67007",
    "DwellTime": 8.9e-06,
    "EchoTime": 0.091,
    "EchoTrainLength": 18,
    "FlipAngle": 120,
    "ImageOrientationPatientDICOM": [
      1,
      0,
      0,
      0,
      0.878817,
      -0.477159
    ],
    "ImageType": [
      "ORIGINAL",
      "PRIMARY",
      "M",
      "ND",
      "NORM"
    ],
    "ImagingFrequency": 123.211,
    "InPlanePhaseEncodingDirectionDICOM": "COL",
    "InstitutionAddress": "Perth_Drive_100_London_Ontario_CA_N6A_5K8",
    "InstitutionName": "Robarts_Research_Institute",
    "InstitutionalDepartmentName": "CFMM",
    "Interpolation2D": 1,
    "MRAcquisitionType": "2D",
    "MagneticFieldStrength": 3,
    "Manufacturer": "Siemens",
    "ManufacturersModelName": "Prisma_fit",
    "Modality": "MR",
    "ParallelReductionFactorInPlane": 2,
    "PartialFourier": 1,
    "PatientPosition": "HFS",
    "PercentPhaseFOV": 100,
    "PhaseEncodingDirection": "j-",
    "PhaseEncodingSteps": 255,
    "PhaseResolution": 1,
    "PixelBandwidth": 220,
    "ProcedureStepDescription": "Diedrichsen_MCC",
    "ProtocolName": "t2_tse_tra_256_p2",
    "PulseSequenceDetails": "%SiemensSeq%_tse",
    "ReceiveCoilActiveElements": "HEA;HEP",
    "ReceiveCoilName": "Head_32",
    "ReconMatrixPE": 512,
    "RepetitionTime": 8.53,
    "SAR": 0.638195,
    "ScanningSequence": "SE",
    "SequenceName": "_tse2d1_18",
    "SequenceVariant": "SK_SP",
    "SeriesDescription": "t2_tse_tra_256_p2",
    "SeriesNumber": 20,
    "ShimSetting": [
      5237,
      -6157,
      -4055,
      53,
      3,
      -37,
      -27,
      1
    ],
    "SliceThickness": 3,
    "SoftwareVersions": "syngo_MR_E11",
    "SpacingBetweenSlices": 3,
    "StationName": "MRC35368",
    "TxRefAmp": 262.094,
    "dataset": "ds002105",
    "modality": "T2w",
    "session_id": "a1",
    "subject_id": "30"
  },
  "cjv": 0.45462897649539635,
  "cnr": 3.0232189155325155,
  "efc": 0.5705006376238346,
  "fber": 18519.659735349716,
  "fwhm_avg": 4.700008706579884,
  "fwhm_x": 5.9870769230769225,
  "fwhm_y": 6.483249230769231,
  "fwhm_z": 1.6296999658934979,
  "icvs_csf": 0.1673912254197659,
  "icvs_gm": 0.4382405945936165,
  "icvs_wm": 0.39436817998661766,
  "inu_med": 1.1243700981140137,
  "inu_range": 0.23344705402851118,
  "provenance": {
    "md5sum": "74b561ddfae241f47b337045a66e3c26",
    "settings": {
      "testing": false
    },
    "software": "mriqc",
    "version": "22.0.0rc1",
    "warnings": {
      "large_rot_frame": true,
      "small_air_mask": false
    },
    "webapi_port": null,
    "webapi_url": "https://mriqc.nimh.nih.gov/api/v1"
  },
  "qi_1": 0.010576640469494114,
  "qi_2": 0.0015392558039902754,
  "rpve_csf": 17.899718566165653,
  "rpve_gm": 7.852916070157172,
  "rpve_wm": 9.745070478908124,
  "size_x": 512,
  "size_y": 512,
  "size_z": 48,
  "snr_csf": 3.1269066922152096,
  "snr_gm": 11.985048061803681,
  "snr_total": 8.45170208162132,
  "snr_wm": 10.243151490845069,
  "snrd_csf": 287.30235850719976,
  "snrd_gm": 145.26159646582153,
  "snrd_total": 176.29813306396298,
  "snrd_wm": 96.33044421886765,
  "spacing_x": 0.40625,
  "spacing_y": 0.40625,
  "spacing_z": 3.0000061988830566,
  "summary_bg_k": 666.7016213871196,
  "summary_bg_mad": 6.925890032854044,
  "summary_bg_mean": 16.061993235924835,
  "summary_bg_median": 9.446693494915962,
  "summary_bg_n": 3312534.0,
  "summary_bg_p05": 0.0,
  "summary_bg_p95": 33.42676159739494,
  "summary_bg_stdv": 54.53996100206801,
  "summary_csf_k": 1.0264330913867301,
  "summary_csf_mad": 756.7689175898519,
  "summary_csf_mean": 3063.4338420430845,
  "summary_csf_median": 3037.26767334342,
  "summary_csf_n": 324729.0,
  "summary_csf_p05": 738.1293343544008,
  "summary_csf_p95": 4571.888222083449,
  "summary_csf_stdv": 971.3315092779563,
  "summary_gm_k": -0.1873212868112013,
  "summary_gm_mad": 134.82399263955872,
  "summary_gm_mean": 1541.4386358812953,
  "summary_gm_median": 1535.6586469262838,
  "summary_gm_n": 763710.0,
  "summary_gm_p05": 1344.2333413809538,
  "summary_gm_p95": 1758.953566789627,
  "summary_gm_stdv": 128.13112084433436,
  "summary_wm_k": 0.020283089167827395,
  "summary_wm_mad": 100.34845114268525,
  "summary_wm_mean": 1013.9435867186495,
  "summary_wm_median": 1018.3743207156658,
  "summary_wm_n": 813905.0,
  "summary_wm_p05": 842.1052486896515,
  "summary_wm_p95": 1168.1718889921904,
  "summary_wm_stdv": 99.41995840006771,
  "tpm_overlap_csf": 0.14590959250926971,
  "tpm_overlap_gm": 0.4316372275352478,
  "tpm_overlap_wm": 0.46609288454055786,
  "wm2max": 0.1980098096602951
}