{
  "bids_meta": {
    "AcquisitionMatrixPE": 256,
    "AcquisitionNumber": 1,
    "AcquisitionTime": "11:42:15.027500",
    "BaseResolution": 256,
    "BodyPartExamined": "BRAIN",
    "ConsistencyInfo": "N4_VE11B_LATEST_20150530",
    "ConversionSoftware": "dcm2niix",
    "ConversionSoftwareVersion": "v1.0.20181125  GCC4.8.5",
    "DeviceSerialNumber": "67007",
    "DwellTime": 8.2e-06,
    "EchoTime": 0.00298,
    "FlipAngle": 9,
    "ImageOrientationPatientDICOM": [
      0,
      1,
      0,
      0,
      0,
      -1
    ],
    "ImageType": [
      "ORIGINAL",
      "PRIMARY",
      "M",
      "ND",
      "NORM"
    ],
    "ImagingFrequency": 123.211,
    "InPlanePhaseEncodingDirectionDICOM": "ROW",
    "InstitutionAddress": "Perth_Drive_100_London_Ontario_CA_N6A_5K8",
    "InstitutionName": "Robarts_Research_Institute",
    "InstitutionalDepartmentName": "CFMM",
    "InversionTime": 0.9,
    "MRAcquisitionType": "3D",
    "MagneticFieldStrength": 3,
    "Manufacturer": "Siemens",
    "ManufacturersModelName": "Prisma_fit",
    "Modality": "MR",
    "PartialFourier": 1,
    "PatientPosition": "HFS",
    "PercentPhaseFOV": 100,
    "PhaseEncodingSteps": 255,
    "PhaseResolution": 1,
    "PixelBandwidth": 240,
    "ProcedureStepDescription": "Diedrichsen_MCC",
    "ProtocolName": "mprage_sag_p2",
    "PulseSequenceDetails": "%SiemensSeq%_tfl",
    "ReceiveCoilActiveElements": "HEA;HEP",
    "ReceiveCoilName": "Head_32",
    "ReconMatrixPE": 256,
    "RepetitionTime": 2.3,
    "SAR": 0.0550388,
    "ScanOptions": "IR",
    "ScanningSequence": "GR_IR",
    "SequenceName": "_tfl3d1_16ns",
    "SequenceVariant": "SK_SP_MP",
    "SeriesDescription": "mprage_sag_p2",
    "SeriesNumber": 2,
    "ShimSetting": [
      5236,
      -6276,
      -3935,
      615,
      -31,
      -291,
      -684,
      110
    ],
    "SliceThickness": 1,
    "SoftwareVersions": "syngo_MR_E11",
    "StationName": "MRC35368",
    "TxRefAmp": 241.301,
    "dataset": "ds002105",
    "modality": "T1w",
    "session_id": "a1",
    "subject_id": "30"
  },
  "cjv": 0.38447392190485896,
  "cnr": 3.298250176938609,
  "efc": 0.5118770922015321,
  "fber": 19744.047479912344,
  "fwhm_avg": 3.31447,
  "fwhm_x": 3.37095,
  "fwhm_y": 3.37334,
  "fwhm_z": 3.19912,
  "icvs_csf": 0.17642003235077688,
  "icvs_gm": 0.44050428259050195,
  "icvs_wm": 0.3830756850587212,
  "inu_med": 1.5402493476867676,
  "inu_range": 0.3195297122001648,
  "provenance": {
    "md5sum": "19a3a1f4da669ddfa255eed16bd41300",
    "settings": {
      "testing": false
    },
    "software": "mriqc",
    "version": "22.0.0rc1",
    "warnings": {
      "large_rot_frame": true,
      "small_air_mask": false
    },
    "webapi_port": null,
    "webapi_url": "https://mriqc.nimh.nih.gov/api/v1"
  },
  "qi_1": 0.01849629183713623,
  "qi_2": 0.009216603509792812,
  "rpve_csf": 33.63319807409624,
  "rpve_gm": 15.269166636532026,
  "rpve_wm": 21.016243003838156,
  "size_x": 176,
  "size_y": 256,
  "size_z": 256,
  "snr_csf": 3.00011826366519,
  "snr_gm": 10.16483851442857,
  "snr_total": 12.283010028244847,
  "snr_wm": 23.684073306640784,
  "snrd_csf": 33.38223483981611,
  "snrd_gm": 64.12522439807275,
  "snrd_total": 61.95598170090057,
  "snrd_wm": 88.36048586481287,
  "spacing_x": 1.0,
  "spacing_y": 1.0,
  "spacing_z": 1.0,
  "summary_bg_k": 12.581928496007343,
  "summary_bg_mad": 7.414359452707388,
  "summary_bg_mean": 4.843480627251319,
  "summary_bg_median": 5.0009094551205635,
  "summary_bg_n": 3225620.0,
  "summary_bg_p05": 0.0,
  "summary_bg_p95": 15.184579618275166,
  "summary_bg_stdv": 5.967057734220823,
  "summary_csf_k": -0.729480158870428,
  "summary_csf_mad": 152.66840145802033,
  "summary_csf_mean": 389.02336998472333,
  "summary_csf_median": 377.7959779277444,
  "summary_csf_n": 9363.0,
  "summary_csf_p05": 213.4069915752858,
  "summary_csf_p95": 599.3089891016482,
  "summary_csf_stdv": 125.92030354988614,
  "summary_gm_k": 0.1765953434503773,
  "summary_gm_mad": 67.3695661180094,
  "summary_gm_mean": 731.6066771673178,
  "summary_gm_median": 725.7228875644505,
  "summary_gm_n": 15854.0,
  "summary_gm_p05": 622.8996428858488,
  "summary_gm_p95": 859.4903960669412,
  "summary_gm_stdv": 71.39316561527396,
  "summary_wm_k": 1.4388490609938547,
  "summary_wm_mad": 38.08284627981522,
  "summary_wm_mean": 998.4985778014766,
  "summary_wm_median": 1000.0000397711992,
  "summary_wm_n": 177893.0,
  "summary_wm_p05": 926.9685766011477,
  "summary_wm_p95": 1062.96603609249,
  "summary_wm_stdv": 42.22234985265051,
  "tpm_overlap_csf": 0.18631191551685333,
  "tpm_overlap_gm": 0.4469974935054779,
  "tpm_overlap_wm": 0.5117776393890381,
  "wm2max": 0.46168377306214975
}