{
  "aor": 0.00023376039933444261,
  "aqi": 0.009398073793677205,
  "bids_meta": {
    "AcquisitionMatrixPE": 84,
    "AcquisitionNumber": 1,
    "AcquisitionTime": "15:52:30.597500",
    "BandwidthPerPixelPhaseEncode": 33.069,
    "BaseResolution": 84,
    "BodyPartExamined": "BRAIN",
    "ConsistencyInfo": "N4_VE11B_LATEST_20150530",
    "ConversionSoftware": "dcm2niix",
    "ConversionSoftwareVersion": "v1.0.20181125  GCC4.8.5",
    "DerivedVendorReportedEchoSpacing": 0.000719995,
    "DeviceSerialNumber": "67007",
    "DwellTime": 3.8e-06,
    "EchoTime": 0.03,
    "EchoTrainLength": 36,
    "EffectiveEchoSpacing": 0.000359998,
    "FlipAngle": 40,
    "ImageComments": "Unaliased_MB3_PE4",
    "ImageOrientationPatientDICOM": [
      1,
      0,
      0,
      0,
      0.866897,
      -0.498488
    ],
    "ImageType": [
      "ORIGINAL",
      "PRIMARY",
      "M",
      "MB",
      "ND",
      "NORM",
      "MOSAIC"
    ],
    "ImagingFrequency": 123.211,
    "InPlanePhaseEncodingDirectionDICOM": "COL",
    "InstitutionAddress": "Perth_Drive_100_London_Ontario_CA_N6A_5K8",
    "InstitutionName": "Robarts_Research_Institute",
    "InstitutionalDepartmentName": "CFMM",
    "MRAcquisitionType": "2D",
    "MagneticFieldStrength": 3,
    "Manufacturer": "Siemens",
    "ManufacturersModelName": "Prisma_fit",
    "Modality": "MR",
    "MultibandAccelerationFactor": 3,
    "ParallelReductionFactorInPlane": 2,
    "PartialFourier": 0.875,
    "PatientPosition": "HFS",
    "PercentPhaseFOV": 100,
    "PhaseEncodingDirection": "j-",
    "PhaseEncodingSteps": 73,
    "PhaseResolution": 1,
    "PixelBandwidth": 1565,
    "ProcedureStepDescription": "Diedrichsen_MCC",
    "ProtocolName": "ep_bold_mb3_p2",
    "PulseSequenceDetails": "%CustomerSeq%_cmrr_mbep2d_bold",
    "ReceiveCoilActiveElements": "HEA;HEP",
    "ReceiveCoilName": "Head_32",
    "ReconMatrixPE": 84,
    "RepetitionTime": 1,
    "SAR": 0.0817419,
    "ScanOptions": "PFP_FS_EXT",
    "ScanningSequence": "EP",
    "SequenceName": "epfid2d1_84",
    "SequenceVariant": "SK_SS",
    "SeriesDescription": "ep_bold_mb3_p2",
    "SeriesNumber": 8,
    "ShimSetting": [
      5241,
      -6264,
      -3944,
      550,
      59,
      30,
      -34,
      19
    ],
    "SliceThickness": 3,
    "SliceTiming": [
      0,
      0.43,
      0.8575,
      0.3075,
      0.735,
      0.185,
      0.6125,
      0.0625,
      0.49,
      0.92,
      0.3675,
      0.7975,
      0.245,
      0.675,
      0.1225,
      0.5525,
      0,
      0.43,
      0.8575,
      0.3075,
      0.735,
      0.185,
      0.6125,
      0.0625,
      0.49,
      0.92,
      0.3675,
      0.7975,
      0.245,
      0.675,
      0.1225,
      0.5525,
      0,
      0.43,
      0.8575,
      0.3075,
      0.735,
      0.185,
      0.6125,
      0.0625,
      0.49,
      0.92,
      0.3675,
      0.7975,
      0.245,
      0.675,
      0.1225,
      0.5525
    ],
    "SoftwareVersions": "syngo_MR_E11",
    "SpacingBetweenSlices": 3,
    "StationName": "MRC35368",
    "TaskName": "b",
    "TotalReadoutTime": 0.0298798,
    "TxRefAmp": 263.826,
    "WipMemBlock": "f110ac58-4f3d-4aa0-b264-22200ac26a35||Sequence: ve11b/master r/50434d5; Mar  3 2017 10:46:13 by eja",
    "dataset": "ds002105",
    "modality": "bold",
    "run_id": 4,
    "session_id": "b2",
    "subject_id": "06",
    "task_id": "b"
  },
  "dummy_trs": 0,
  "dvars_nstd": 33.16903168676666,
  "dvars_std": 1.123338823949999,
  "dvars_vstd": 1.0013066311166667,
  "efc": 0.4735226738704656,
  "fber": 3842.458740234375,
  "fd_mean": 0.054459004206773874,
  "fd_num": 0,
  "fd_perc": 0.0,
  "fwhm_avg": 1.754235319196555,
  "fwhm_x": 1.730161667307279,
  "fwhm_y": 1.8727476236157188,
  "fwhm_z": 1.6597966666666668,
  "gcor": 0.00892157,
  "gsr_x": -0.006540910806506872,
  "gsr_y": 0.01900533214211464,
  "provenance": {
    "md5sum": "25da51e44ec34335cdef75f892717d6c",
    "settings": {
      "fd_thres": 0.2,
      "testing": false
    },
    "software": "mriqc",
    "version": "21.0.0rc2",
    "webapi_port": null,
    "webapi_url": "https://mriqc.nimh.nih.gov/api/v1"
  },
  "size_t": 601,
  "size_x": 84,
  "size_y": 84,
  "size_z": 48,
  "snr": 5.886724408692398,
  "spacing_tr": 1.0,
  "spacing_x": 2.4761905670166016,
  "spacing_y": 2.4761905670166016,
  "spacing_z": 3.0,
  "summary_bg_k": 32.35209721530471,
  "summary_bg_mad": 27.83394446749823,
  "summary_bg_mean": 116.11685180664062,
  "summary_bg_median": 44.093177795410156,
  "summary_bg_n": 230518.0,
  "summary_bg_p05": 20.628702259063722,
  "summary_bg_p95": 449.8652999877929,
  "summary_bg_stdv": 218.6546173095703,
  "summary_fg_k": 2.7556112426828907,
  "summary_fg_mad": 450.4569760962618,
  "summary_fg_mean": 2825.404541015625,
  "summary_fg_median": 2783.504150390625,
  "summary_fg_n": 52917.0,
  "summary_fg_p05": 2188.59091796875,
  "summary_fg_p95": 3616.8527343749984,
  "summary_fg_stdv": 472.83984375,
  "tsnr": 48.911280405241996
}