{
  "aor": 0.00024104825291181364,
  "aqi": 0.009461595008319466,
  "bids_meta": {
    "AcquisitionMatrixPE": 84,
    "AcquisitionNumber": 1,
    "AcquisitionTime": "15:30:53.495000",
    "BandwidthPerPixelPhaseEncode": 33.069,
    "BaseResolution": 84,
    "BodyPartExamined": "BRAIN",
    "ConsistencyInfo": "N4_VE11B_LATEST_20150530",
    "ConversionSoftware": "dcm2niix",
    "ConversionSoftwareVersion": "v1.0.20181125  GCC4.8.5",
    "DerivedVendorReportedEchoSpacing": 0.000719995,
    "DeviceSerialNumber": "67007",
    "DwellTime": 3.8e-06,
    "EchoTime": 0.03,
    "EchoTrainLength": 36,
    "EffectiveEchoSpacing": 0.000359998,
    "FlipAngle": 40,
    "ImageComments": "Unaliased_MB3_PE4",
    "ImageOrientationPatientDICOM": [
      1,
      0,
      0,
      0,
      0.866897,
      -0.498488
    ],
    "ImageType": [
      "ORIGINAL",
      "PRIMARY",
      "M",
      "MB",
      "ND",
      "NORM",
      "MOSAIC"
    ],
    "ImagingFrequency": 123.211,
    "InPlanePhaseEncodingDirectionDICOM": "COL",
    "InstitutionAddress": "Perth_Drive_100_London_Ontario_CA_N6A_5K8",
    "InstitutionName": "Robarts_Research_Institute",
    "InstitutionalDepartmentName": "CFMM",
    "MRAcquisitionType": "2D",
    "MagneticFieldStrength": 3,
    "Manufacturer": "Siemens",
    "ManufacturersModelName": "Prisma_fit",
    "Modality": "MR",
    "MultibandAccelerationFactor": 3,
    "ParallelReductionFactorInPlane": 2,
    "PartialFourier": 0.875,
    "PatientPosition": "HFS",
    "PercentPhaseFOV": 100,
    "PhaseEncodingDirection": "j-",
    "PhaseEncodingSteps": 73,
    "PhaseResolution": 1,
    "PixelBandwidth": 1565,
    "ProcedureStepDescription": "Diedrichsen_MCC",
    "ProtocolName": "ep_bold_mb3_p2",
    "PulseSequenceDetails": "%CustomerSeq%_cmrr_mbep2d_bold",
    "ReceiveCoilActiveElements": "HEA;HEP",
    "ReceiveCoilName": "Head_32",
    "ReconMatrixPE": 84,
    "RepetitionTime": 1,
    "SAR": 0.0817419,
    "ScanOptions": "PFP_FS_EXT",
    "ScanningSequence": "EP",
    "SequenceName": "epfid2d1_84",
    "SequenceVariant": "SK_SS",
    "SeriesDescription": "ep_bold_mb3_p2",
    "SeriesNumber": 4,
    "ShimSetting": [
      5241,
      -6264,
      -3944,
      550,
      59,
      30,
      -34,
      19
    ],
    "SliceThickness": 3,
    "SliceTiming": [
      0,
      0.4275,
      0.8575,
      0.305,
      0.735,
      0.1825,
      0.6125,
      0.06,
      0.49,
      0.9175,
      0.3675,
      0.795,
      0.245,
      0.6725,
      0.1225,
      0.55,
      0,
      0.4275,
      0.8575,
      0.305,
      0.735,
      0.1825,
      0.6125,
      0.06,
      0.49,
      0.9175,
      0.3675,
      0.795,
      0.245,
      0.6725,
      0.1225,
      0.55,
      0,
      0.4275,
      0.8575,
      0.305,
      0.735,
      0.1825,
      0.6125,
      0.06,
      0.49,
      0.9175,
      0.3675,
      0.795,
      0.245,
      0.6725,
      0.1225,
      0.55
    ],
    "SoftwareVersions": "syngo_MR_E11",
    "SpacingBetweenSlices": 3,
    "StationName": "MRC35368",
    "TaskName": "b",
    "TotalReadoutTime": 0.0298798,
    "TxRefAmp": 263.826,
    "WipMemBlock": "3654aa25-b075-4b67-b7be-3b40b95b4db5||Sequence: ve11b/master r/50434d5; Mar  3 2017 10:46:13 by eja",
    "dataset": "ds002105",
    "modality": "bold",
    "run_id": 2,
    "session_id": "b2",
    "subject_id": "06",
    "task_id": "b"
  },
  "dummy_trs": 0,
  "dvars_nstd": 32.974133161116654,
  "dvars_std": 1.1189109144999998,
  "dvars_vstd": 1.001068512299999,
  "efc": 0.47264813036685094,
  "fber": 3864.81787109375,
  "fd_mean": 0.05194354956827328,
  "fd_num": 0,
  "fd_perc": 0.0,
  "fwhm_avg": 1.7505801910599612,
  "fwhm_x": 1.7304322442204314,
  "fwhm_y": 1.8668716622927861,
  "fwhm_z": 1.6544366666666666,
  "gcor": 0.00634599,
  "gsr_x": -0.006706245243549347,
  "gsr_y": 0.0189763642847538,
  "provenance": {
    "md5sum": "20832e3d655e462f5f507319efafc21b",
    "settings": {
      "fd_thres": 0.2,
      "testing": false
    },
    "software": "mriqc",
    "version": "21.0.0rc2",
    "webapi_port": null,
    "webapi_url": "https://mriqc.nimh.nih.gov/api/v1"
  },
  "size_t": 601,
  "size_x": 84,
  "size_y": 84,
  "size_z": 48,
  "snr": 5.88802562181032,
  "spacing_tr": 1.0,
  "spacing_x": 2.4761905670166016,
  "spacing_y": 2.4761905670166016,
  "spacing_z": 3.0,
  "summary_bg_k": 31.33245922091689,
  "summary_bg_mad": 27.666197039363784,
  "summary_bg_mean": 114.39894104003906,
  "summary_bg_median": 43.88019943237305,
  "summary_bg_n": 230545.0,
  "summary_bg_p05": 20.574375915527344,
  "summary_bg_p95": 441.52145996093725,
  "summary_bg_stdv": 215.15187072753906,
  "summary_fg_k": 2.6745809007537984,
  "summary_fg_mad": 452.7871156913863,
  "summary_fg_mean": 2822.98876953125,
  "summary_fg_median": 2783.801025390625,
  "summary_fg_n": 52888.0,
  "summary_fg_p05": 2184.1044677734376,
  "summary_fg_p95": 3612.369018554687,
  "summary_fg_stdv": 472.7857666015625,
  "tsnr": 48.87087873124983
}