{
  "bids_meta": {
    "AcquisitionMatrixPE": 256,
    "AcquisitionNumber": 1,
    "AcquisitionTime": "10:09:19.127500",
    "BaseResolution": 256,
    "BodyPartExamined": "BRAIN",
    "ConsistencyInfo": "N4_VE11B_LATEST_20150530",
    "ConversionSoftware": "dcm2niix",
    "ConversionSoftwareVersion": "v1.0.20181125  GCC4.8.5",
    "DeviceSerialNumber": "67007",
    "DwellTime": 8.2e-06,
    "EchoTime": 0.00298,
    "FlipAngle": 9,
    "ImageOrientationPatientDICOM": [
      0,
      1,
      0,
      0.0209424,
      0,
      -0.999781
    ],
    "ImageType": [
      "ORIGINAL",
      "PRIMARY",
      "M",
      "ND",
      "NORM"
    ],
    "ImagingFrequency": 123.211,
    "InPlanePhaseEncodingDirectionDICOM": "ROW",
    "InstitutionAddress": "Perth_Drive_100_London_Ontario_CA_N6A_5K8",
    "InstitutionName": "Robarts_Research_Institute",
    "InstitutionalDepartmentName": "CFMM",
    "InversionTime": 0.9,
    "MRAcquisitionType": "3D",
    "MagneticFieldStrength": 3,
    "Manufacturer": "Siemens",
    "ManufacturersModelName": "Prisma_fit",
    "Modality": "MR",
    "PartialFourier": 1,
    "PatientPosition": "HFS",
    "PercentPhaseFOV": 100,
    "PhaseEncodingSteps": 255,
    "PhaseResolution": 1,
    "PixelBandwidth": 240,
    "ProcedureStepDescription": "Diedrichsen_Feb2016",
    "ProtocolName": "mprage_sag_p2",
    "PulseSequenceDetails": "%SiemensSeq%_tfl",
    "ReceiveCoilActiveElements": "HEA;HEP",
    "ReceiveCoilName": "Head_32",
    "ReconMatrixPE": 256,
    "RepetitionTime": 2.3,
    "SAR": 0.065567,
    "ScanOptions": "IR",
    "ScanningSequence": "GR_IR",
    "SequenceName": "_tfl3d1_16ns",
    "SequenceVariant": "SK_SP_MP",
    "SeriesDescription": "mprage_sag_p2",
    "SeriesNumber": 2,
    "ShimSetting": [
      5270,
      -6207,
      -4019,
      344,
      21,
      -6,
      82,
      -4
    ],
    "SliceThickness": 1,
    "SoftwareVersions": "syngo_MR_E11",
    "StationName": "MRC35368",
    "TxRefAmp": 243.425,
    "dataset": "ds002105",
    "modality": "T1w",
    "session_id": "a2",
    "subject_id": "17"
  },
  "cjv": 0.38962896056963997,
  "cnr": 3.3690948657638824,
  "efc": 0.5086555919465376,
  "fber": 18383.82277882798,
  "fwhm_avg": 3.32115,
  "fwhm_x": 3.31201,
  "fwhm_y": 3.41827,
  "fwhm_z": 3.23317,
  "icvs_csf": 0.18629766418197713,
  "icvs_gm": 0.45232015117273017,
  "icvs_wm": 0.3613821846452927,
  "inu_med": 1.5533945560455322,
  "inu_range": 0.34808105826377833,
  "provenance": {
    "md5sum": "1df209b5ba4324bb90d4c840ec8090e1",
    "settings": {
      "testing": false
    },
    "software": "mriqc",
    "version": "21.0.0rc2",
    "warnings": {
      "large_rot_frame": true,
      "small_air_mask": false
    },
    "webapi_port": null,
    "webapi_url": "https://mriqc.nimh.nih.gov/api/v1"
  },
  "qi_1": 0.009105468935343726,
  "qi_2": 0.019813557402564432,
  "rpve_csf": 32.00774028832644,
  "rpve_gm": 14.903249643280796,
  "rpve_wm": 21.976983106638745,
  "size_x": 176,
  "size_y": 256,
  "size_z": 256,
  "snr_csf": 3.4558392799622166,
  "snr_gm": 11.097293379296161,
  "snr_total": 12.298063429900035,
  "snr_wm": 22.34105763044173,
  "snrd_csf": 34.51968999805553,
  "snrd_gm": 63.4678146144853,
  "snrd_total": 61.604222055803575,
  "snrd_wm": 86.8251615548699,
  "spacing_x": 1.0,
  "spacing_y": 1.0,
  "spacing_z": 1.0,
  "summary_bg_k": 14.074426238517624,
  "summary_bg_mad": 7.545466953462884,
  "summary_bg_mean": 4.62786804271849,
  "summary_bg_median": 5.08934012055397,
  "summary_bg_n": 3106330.0,
  "summary_bg_p05": 0.0,
  "summary_bg_p95": 15.268020361661911,
  "summary_bg_stdv": 5.789526224816272,
  "summary_csf_k": 2.2027389040315324,
  "summary_csf_mad": 131.47156006957613,
  "summary_csf_mean": 394.12834433454884,
  "summary_csf_median": 397.577037461102,
  "summary_csf_n": 8169.0,
  "summary_csf_p05": 218.64247709214686,
  "summary_csf_p95": 566.9192980810999,
  "summary_csf_stdv": 115.03796039442055,
  "summary_gm_k": 0.16260570229058446,
  "summary_gm_mad": 64.71058072045886,
  "summary_gm_mean": 731.1826614654934,
  "summary_gm_median": 730.9841342717409,
  "summary_gm_n": 19690.0,
  "summary_gm_p05": 622.8909756243229,
  "summary_gm_p95": 840.3855852436274,
  "summary_gm_stdv": 65.86881564116204,
  "summary_wm_k": 0.9696884246997435,
  "summary_wm_mad": 40.105797176558156,
  "summary_wm_mean": 998.8996528862302,
  "summary_wm_median": 1000.0000147745013,
  "summary_wm_n": 159960.0,
  "summary_wm_p05": 923.5465091917664,
  "summary_wm_p95": 1069.8678036034107,
  "summary_wm_stdv": 44.76049905647876,
  "tpm_overlap_csf": 0.1686592698097229,
  "tpm_overlap_gm": 0.45263853669166565,
  "tpm_overlap_wm": 0.4917653501033783,
  "wm2max": 0.44629242695916266
}