{
  "bids_meta": {
    "AcquisitionMatrixPE": 256,
    "AcquisitionNumber": 1,
    "AcquisitionTime": "11:33:36.247500",
    "BaseResolution": 256,
    "BodyPartExamined": "BRAIN",
    "ConsistencyInfo": "N4_VE11B_LATEST_20150530",
    "ConversionSoftware": "dcm2niix",
    "ConversionSoftwareVersion": "v1.0.20181125  GCC4.8.5",
    "DeviceSerialNumber": "67007",
    "DwellTime": 8.9e-06,
    "EchoTime": 0.091,
    "EchoTrainLength": 18,
    "FlipAngle": 120,
    "ImageOrientationPatientDICOM": [
      1,
      0,
      0,
      0,
      0.996195,
      -0.0871557
    ],
    "ImageType": [
      "ORIGINAL",
      "PRIMARY",
      "M",
      "ND",
      "NORM"
    ],
    "ImagingFrequency": 123.211,
    "InPlanePhaseEncodingDirectionDICOM": "COL",
    "InstitutionAddress": "Perth_Drive_100_London_Ontario_CA_N6A_5K8",
    "InstitutionName": "Robarts_Research_Institute",
    "InstitutionalDepartmentName": "CFMM",
    "Interpolation2D": 1,
    "MRAcquisitionType": "2D",
    "MagneticFieldStrength": 3,
    "Manufacturer": "Siemens",
    "ManufacturersModelName": "Prisma_fit",
    "Modality": "MR",
    "ParallelReductionFactorInPlane": 2,
    "PartialFourier": 1,
    "PatientPosition": "HFS",
    "PercentPhaseFOV": 100,
    "PhaseEncodingDirection": "j-",
    "PhaseEncodingSteps": 255,
    "PhaseResolution": 1,
    "PixelBandwidth": 220,
    "ProcedureStepDescription": "Diedrichsen_Feb2016",
    "ProtocolName": "t2_tse_tra_256_p2",
    "PulseSequenceDetails": "%SiemensSeq%_tse",
    "ReceiveCoilActiveElements": "HEA;HEP",
    "ReceiveCoilName": "Head_32",
    "ReconMatrixPE": 512,
    "RepetitionTime": 8.53,
    "SAR": 0.676252,
    "ScanningSequence": "SE",
    "SequenceName": "_tse2d1_18",
    "SequenceVariant": "SK_SP",
    "SeriesDescription": "t2_tse_tra_256_p2",
    "SeriesNumber": 10,
    "ShimSetting": [
      5237,
      -6157,
      -4055,
      53,
      3,
      -37,
      -27,
      1
    ],
    "SliceThickness": 3,
    "SoftwareVersions": "syngo_MR_E11",
    "SpacingBetweenSlices": 3,
    "StationName": "MRC35368",
    "TxRefAmp": 250.749,
    "dataset": "ds002105",
    "modality": "T2w",
    "session_id": "a2",
    "subject_id": "17"
  },
  "cjv": 0.5114718587056271,
  "cnr": 2.75381988461845,
  "efc": 0.595912799311955,
  "fber": 13359.113806747187,
  "fwhm_avg": 4.5273240398608,
  "fwhm_x": 5.585476923076923,
  "fwhm_y": 6.469243076923077,
  "fwhm_z": 1.5272521195823991,
  "icvs_csf": 0.17812067839373727,
  "icvs_gm": 0.42753983060609424,
  "icvs_wm": 0.3943394910001685,
  "inu_med": 1.0333982706069946,
  "inu_range": 0.19831734895706177,
  "provenance": {
    "md5sum": "888252f640a6eca9c1df4132e0f952f7",
    "settings": {
      "testing": false
    },
    "software": "mriqc",
    "version": "21.0.0rc2",
    "warnings": {
      "large_rot_frame": true,
      "small_air_mask": false
    },
    "webapi_port": null,
    "webapi_url": "https://mriqc.nimh.nih.gov/api/v1"
  },
  "qi_1": 0.0,
  "qi_2": 0.015449192479855725,
  "rpve_csf": 16.58688892348346,
  "rpve_gm": 7.586705139850187,
  "rpve_wm": 9.130566981332944,
  "size_x": 512,
  "size_y": 512,
  "size_z": 48,
  "snr_csf": 2.7828399640603956,
  "snr_gm": 12.691810767432042,
  "snr_total": 8.563927545996489,
  "snr_wm": 10.217131906497029,
  "snrd_csf": 221.18487224828374,
  "snrd_gm": 122.25723949402628,
  "snrd_total": 143.191060050108,
  "snrd_wm": 86.13106840801393,
  "spacing_x": 0.40625,
  "spacing_y": 0.40625,
  "spacing_z": 3.000002384185791,
  "summary_bg_k": 296.56933148130076,
  "summary_bg_mad": 7.660814883626336,
  "summary_bg_mean": 13.012917178492463,
  "summary_bg_median": 10.334282234311104,
  "summary_bg_n": 2644186.0,
  "summary_bg_p05": 0.0,
  "summary_bg_p95": 30.475587405264378,
  "summary_bg_stdv": 33.56833110858168,
  "summary_csf_k": 0.262089956192082,
  "summary_csf_mad": 680.0927498729502,
  "summary_csf_mean": 2534.282077272407,
  "summary_csf_median": 2586.417758785188,
  "summary_csf_n": 367154.0,
  "summary_csf_p05": 575.0289900377393,
  "summary_csf_p95": 3897.853992098195,
  "summary_csf_stdv": 929.4153706047406,
  "summary_gm_k": -0.19448754189318151,
  "summary_gm_mad": 118.9771454375437,
  "summary_gm_mean": 1435.5595047801228,
  "summary_gm_median": 1429.6108596995473,
  "summary_gm_n": 764974.0,
  "summary_gm_p05": 1263.4187290742993,
  "summary_gm_p95": 1625.3295109942555,
  "summary_gm_stdv": 112.64034356309244,
  "summary_wm_k": -0.07529821783595292,
  "summary_wm_mad": 97.08910291289703,
  "summary_wm_mean": 999.9493746769135,
  "summary_wm_median": 1007.1707104071975,
  "summary_wm_n": 835236.0,
  "summary_wm_p05": 821.6808894872665,
  "summary_wm_p95": 1151.2179505303502,
  "summary_wm_stdv": 98.57659827614987,
  "tpm_overlap_csf": 0.14145763218402863,
  "tpm_overlap_gm": 0.4177081882953644,
  "tpm_overlap_wm": 0.43593958020210266,
  "wm2max": 0.2267084431151938
}