{
  "bids_meta": {
    "AcquisitionMatrixPE": 256,
    "AcquisitionNumber": 1,
    "AcquisitionTime": "16:49:37.892500",
    "BaseResolution": 256,
    "BodyPartExamined": "BRAIN",
    "ConsistencyInfo": "N4_VE11B_LATEST_20150530",
    "ConversionSoftware": "dcm2niix",
    "ConversionSoftwareVersion": "v1.0.20181125  GCC4.8.5",
    "DeviceSerialNumber": "67007",
    "DwellTime": 8.9e-06,
    "EchoTime": 0.091,
    "EchoTrainLength": 18,
    "FlipAngle": 120,
    "ImageOrientationPatientDICOM": [
      1,
      0,
      0,
      0,
      0.885394,
      -0.464842
    ],
    "ImageType": [
      "ORIGINAL",
      "PRIMARY",
      "M",
      "ND",
      "NORM"
    ],
    "ImagingFrequency": 123.211,
    "InPlanePhaseEncodingDirectionDICOM": "COL",
    "InstitutionAddress": "Perth_Drive_100_London_Ontario_CA_N6A_5K8",
    "InstitutionName": "Robarts_Research_Institute",
    "InstitutionalDepartmentName": "CFMM",
    "Interpolation2D": 1,
    "MRAcquisitionType": "2D",
    "MagneticFieldStrength": 3,
    "Manufacturer": "Siemens",
    "ManufacturersModelName": "Prisma_fit",
    "Modality": "MR",
    "ParallelReductionFactorInPlane": 2,
    "PartialFourier": 1,
    "PatientPosition": "HFS",
    "PercentPhaseFOV": 100,
    "PhaseEncodingDirection": "j-",
    "PhaseEncodingSteps": 255,
    "PhaseResolution": 1,
    "PixelBandwidth": 220,
    "ProcedureStepDescription": "Diedrichsen_MCC",
    "ProtocolName": "t2_tse_tra_256_p2",
    "PulseSequenceDetails": "%SiemensSeq%_tse",
    "ReceiveCoilActiveElements": "HEA;HEP",
    "ReceiveCoilName": "Head_32",
    "ReconMatrixPE": 512,
    "RepetitionTime": 8.53,
    "SAR": 0.502993,
    "ScanningSequence": "SE",
    "SequenceName": "_tse2d1_18",
    "SequenceVariant": "SK_SP",
    "SeriesDescription": "t2_tse_tra_256_p2",
    "SeriesNumber": 20,
    "ShimSetting": [
      5237,
      -6157,
      -4055,
      53,
      3,
      -37,
      -27,
      1
    ],
    "SliceThickness": 3,
    "SoftwareVersions": "syngo_MR_E11",
    "SpacingBetweenSlices": 3,
    "StationName": "MRC35368",
    "TxRefAmp": 259.49,
    "dataset": "ds002105",
    "modality": "T2w",
    "session_id": "b2",
    "subject_id": "19"
  },
  "cjv": 0.43578321294187666,
  "cnr": 3.3197879237287067,
  "efc": 0.6168608180882487,
  "fber": 7789.649811086382,
  "fwhm_avg": 4.819551181856071,
  "fwhm_x": 6.042732307692308,
  "fwhm_y": 6.756406153846154,
  "fwhm_z": 1.6595150840297535,
  "icvs_csf": 0.1478704707166281,
  "icvs_gm": 0.4406842976334714,
  "icvs_wm": 0.41144523164990054,
  "inu_med": 1.169818639755249,
  "inu_range": 0.29562083482742296,
  "provenance": {
    "md5sum": "d3cb054a31f779b17143c324ba0f48a0",
    "settings": {
      "testing": false
    },
    "software": "mriqc",
    "version": "21.0.0rc2",
    "warnings": {
      "large_rot_frame": true,
      "small_air_mask": false
    },
    "webapi_port": null,
    "webapi_url": "https://mriqc.nimh.nih.gov/api/v1"
  },
  "qi_1": 0.0,
  "qi_2": 0.013794278808139935,
  "rpve_csf": 15.36783230081338,
  "rpve_gm": 5.98045930553363,
  "rpve_wm": 7.103641348685137,
  "size_x": 512,
  "size_y": 512,
  "size_z": 48,
  "snr_csf": 2.531383457179843,
  "snr_gm": 11.258402355738902,
  "snr_total": 7.933850884704754,
  "snr_wm": 10.01176684119552,
  "snrd_csf": 197.09865398726765,
  "snrd_gm": 103.43213162032414,
  "snrd_total": 122.0332921029539,
  "snrd_wm": 65.56909070126987,
  "spacing_x": 0.40625,
  "spacing_y": 0.40625,
  "spacing_z": 3.000002861022949,
  "summary_bg_k": 478.76561541108646,
  "summary_bg_mad": 10.113248134582962,
  "summary_bg_mean": 14.567888452918801,
  "summary_bg_median": 13.545117527246475,
  "summary_bg_n": 2976901.0,
  "summary_bg_p05": 0.0,
  "summary_bg_p95": 33.814070373773575,
  "summary_bg_stdv": 25.761917959683444,
  "summary_csf_k": 0.06474568899008837,
  "summary_csf_mad": 884.6202618293067,
  "summary_csf_mean": 2982.0416007671915,
  "summary_csf_median": 3042.584205418825,
  "summary_csf_n": 362909.0,
  "summary_csf_p05": 536.5425691008568,
  "summary_csf_p95": 4864.607151299713,
  "summary_csf_stdv": 1201.943547844545,
  "summary_gm_k": -0.31636221576692547,
  "summary_gm_mad": 151.9876719654468,
  "summary_gm_mean": 1601.7416252116338,
  "summary_gm_median": 1596.6672711074352,
  "summary_gm_n": 1039860.0,
  "summary_gm_p05": 1380.8224126696587,
  "summary_gm_p95": 1838.6278957128525,
  "summary_gm_stdv": 141.81998945538797,
  "summary_wm_k": -0.09516585803036604,
  "summary_wm_mad": 102.72170605269265,
  "summary_wm_mean": 1008.772427920216,
  "summary_wm_median": 1012.180832773447,
  "summary_wm_n": 1112452.0,
  "summary_wm_p05": 833.7555795907974,
  "summary_wm_p95": 1167.4137264490128,
  "summary_wm_stdv": 101.09907610674206,
  "tpm_overlap_csf": 0.14221525192260742,
  "tpm_overlap_gm": 0.4365061819553375,
  "tpm_overlap_wm": 0.45122724771499634,
  "wm2max": 0.19261743383972416
}