{
  "aor": 0.0005250249584026623,
  "aqi": 0.015173731896838604,
  "bids_meta": {
    "AcquisitionMatrixPE": 84,
    "AcquisitionNumber": 1,
    "AcquisitionTime": "15:40:27.585000",
    "BandwidthPerPixelPhaseEncode": 33.069,
    "BaseResolution": 84,
    "BodyPartExamined": "BRAIN",
    "ConsistencyInfo": "N4_VE11B_LATEST_20150530",
    "ConversionSoftware": "dcm2niix",
    "ConversionSoftwareVersion": "v1.0.20181125  GCC4.8.5",
    "DerivedVendorReportedEchoSpacing": 0.000719995,
    "DeviceSerialNumber": "67007",
    "DwellTime": 3.8e-06,
    "EchoTime": 0.03,
    "EchoTrainLength": 36,
    "EffectiveEchoSpacing": 0.000359998,
    "FlipAngle": 40,
    "ImageComments": "Unaliased_MB3_PE4",
    "ImageOrientationPatientDICOM": [
      1,
      0,
      0,
      0,
      0.904083,
      -0.427358
    ],
    "ImageType": [
      "ORIGINAL",
      "PRIMARY",
      "M",
      "MB",
      "ND",
      "NORM",
      "MOSAIC"
    ],
    "ImagingFrequency": 123.211,
    "InPlanePhaseEncodingDirectionDICOM": "COL",
    "InstitutionAddress": "Perth_Drive_100_London_Ontario_CA_N6A_5K8",
    "InstitutionName": "Robarts_Research_Institute",
    "InstitutionalDepartmentName": "CFMM",
    "MRAcquisitionType": "2D",
    "MagneticFieldStrength": 3,
    "Manufacturer": "Siemens",
    "ManufacturersModelName": "Prisma_fit",
    "Modality": "MR",
    "MultibandAccelerationFactor": 3,
    "ParallelReductionFactorInPlane": 2,
    "PartialFourier": 0.875,
    "PatientPosition": "HFS",
    "PercentPhaseFOV": 100,
    "PhaseEncodingDirection": "j-",
    "PhaseEncodingSteps": 73,
    "PhaseResolution": 1,
    "PixelBandwidth": 1565,
    "ProcedureStepDescription": "Diedrichsen_MCC",
    "ProtocolName": "ep_bold_mb3_p2",
    "PulseSequenceDetails": "%CustomerSeq%_cmrr_mbep2d_bold",
    "ReceiveCoilActiveElements": "HEA;HEP",
    "ReceiveCoilName": "Head_32",
    "ReconMatrixPE": 84,
    "RepetitionTime": 1,
    "SAR": 0.0764064,
    "ScanOptions": "PFP_FS_EXT",
    "ScanningSequence": "EP",
    "SequenceName": "epfid2d1_84",
    "SequenceVariant": "SK_SS",
    "SeriesDescription": "ep_bold_mb3_p2",
    "SeriesNumber": 17,
    "ShimSetting": [
      5275,
      -6248,
      -3970,
      339,
      -44,
      -32,
      -11,
      -41
    ],
    "SliceThickness": 3,
    "SliceTiming": [
      0,
      0.4275,
      0.8575,
      0.305,
      0.735,
      0.1825,
      0.6125,
      0.06,
      0.49,
      0.9175,
      0.3675,
      0.795,
      0.245,
      0.6725,
      0.1225,
      0.55,
      0,
      0.4275,
      0.8575,
      0.305,
      0.735,
      0.1825,
      0.6125,
      0.06,
      0.49,
      0.9175,
      0.3675,
      0.795,
      0.245,
      0.6725,
      0.1225,
      0.55,
      0,
      0.4275,
      0.8575,
      0.305,
      0.735,
      0.1825,
      0.6125,
      0.06,
      0.49,
      0.9175,
      0.3675,
      0.795,
      0.245,
      0.6725,
      0.1225,
      0.55
    ],
    "SoftwareVersions": "syngo_MR_E11",
    "SpacingBetweenSlices": 3,
    "StationName": "MRC35368",
    "TaskName": "b",
    "TotalReadoutTime": 0.0298798,
    "TxRefAmp": 271.471,
    "WipMemBlock": "52fd0206-9959-4102-9a5e-f1f279ca2d26||Sequence: ve11b/master r/50434d5; Mar  3 2017 10:46:13 by eja",
    "dataset": "ds002105",
    "modality": "bold",
    "run_id": 8,
    "session_id": "b1",
    "subject_id": "12",
    "task_id": "b"
  },
  "dummy_trs": 0,
  "dvars_nstd": 36.54846222563332,
  "dvars_std": 1.1124084133666676,
  "dvars_vstd": 1.0007956447833337,
  "efc": 0.4777272631675116,
  "fber": 3629.119384765625,
  "fd_mean": 0.14282853792789468,
  "fd_num": 96,
  "fd_perc": 15.973377703826955,
  "fwhm_avg": 2.000814564718666,
  "fwhm_x": 1.9451491594215848,
  "fwhm_y": 2.198764534734413,
  "fwhm_z": 1.85853,
  "gcor": 0.0118502,
  "gsr_x": -0.01410826575011015,
  "gsr_y": 0.018055187538266182,
  "provenance": {
    "md5sum": "6f3775695fb0452914e30e7a731847c1",
    "settings": {
      "fd_thres": 0.2,
      "testing": false
    },
    "software": "mriqc",
    "version": "21.0.0rc2",
    "webapi_port": null,
    "webapi_url": "https://mriqc.nimh.nih.gov/api/v1"
  },
  "size_t": 601,
  "size_x": 84,
  "size_y": 84,
  "size_z": 48,
  "snr": 5.289537620436494,
  "spacing_tr": 1.0,
  "spacing_x": 2.4761905670166016,
  "spacing_y": 2.4761905670166016,
  "spacing_z": 3.0,
  "summary_bg_k": 23.21661346718104,
  "summary_bg_mad": 30.662236236259986,
  "summary_bg_mean": 133.95269775390625,
  "summary_bg_median": 49.03078079223633,
  "summary_bg_n": 230146.0,
  "summary_bg_p05": 23.509151458740234,
  "summary_bg_p95": 543.6185302734375,
  "summary_bg_stdv": 244.6079559326172,
  "summary_fg_k": 5.119193119841976,
  "summary_fg_mad": 484.9539010070715,
  "summary_fg_mean": 3089.403564453125,
  "summary_fg_median": 3020.5107421875,
  "summary_fg_n": 54215.0,
  "summary_fg_p05": 2381.4893310546877,
  "summary_fg_p95": 4026.4503662109373,
  "summary_fg_stdv": 571.0296630859375,
  "tsnr": 38.339047090034
}