{
  "bids_meta": {
    "AcquisitionMatrixPE": 256,
    "AcquisitionNumber": 1,
    "AcquisitionTime": "11:59:39.845000",
    "BaseResolution": 256,
    "BodyPartExamined": "BRAIN",
    "ConsistencyInfo": "N4_VE11B_LATEST_20150530",
    "ConversionSoftware": "dcm2niix",
    "ConversionSoftwareVersion": "v1.0.20181125  GCC4.8.5",
    "DeviceSerialNumber": "67007",
    "DwellTime": 8.9e-06,
    "EchoTime": 0.091,
    "EchoTrainLength": 18,
    "FlipAngle": 120,
    "ImageOrientationPatientDICOM": [
      1,
      0,
      0,
      0,
      0.887011,
      -0.461749
    ],
    "ImageType": [
      "ORIGINAL",
      "PRIMARY",
      "M",
      "ND",
      "NORM"
    ],
    "ImagingFrequency": 123.211,
    "InPlanePhaseEncodingDirectionDICOM": "COL",
    "InstitutionAddress": "Perth_Drive_100_London_Ontario_CA_N6A_5K8",
    "InstitutionName": "Robarts_Research_Institute",
    "InstitutionalDepartmentName": "CFMM",
    "Interpolation2D": 1,
    "MRAcquisitionType": "2D",
    "MagneticFieldStrength": 3,
    "Manufacturer": "Siemens",
    "ManufacturersModelName": "Prisma_fit",
    "Modality": "MR",
    "ParallelReductionFactorInPlane": 2,
    "PartialFourier": 1,
    "PatientPosition": "HFS",
    "PercentPhaseFOV": 100,
    "PhaseEncodingDirection": "j-",
    "PhaseEncodingSteps": 255,
    "PhaseResolution": 1,
    "PixelBandwidth": 220,
    "ProcedureStepDescription": "Diedrichsen_MCC",
    "ProtocolName": "t2_tse_tra_256_p2",
    "PulseSequenceDetails": "%SiemensSeq%_tse",
    "ReceiveCoilActiveElements": "HEA;HEP",
    "ReceiveCoilName": "Head_32",
    "ReconMatrixPE": 512,
    "RepetitionTime": 8.53,
    "SAR": 0.432729,
    "ScanningSequence": "SE",
    "SequenceName": "_tse2d1_18",
    "SequenceVariant": "SK_SP",
    "SeriesDescription": "t2_tse_tra_256_p2",
    "SeriesNumber": 21,
    "ShimSetting": [
      5237,
      -6157,
      -4055,
      53,
      3,
      -37,
      -27,
      1
    ],
    "SliceThickness": 3,
    "SoftwareVersions": "syngo_MR_E11",
    "SpacingBetweenSlices": 3,
    "StationName": "MRC35368",
    "TxRefAmp": 244.249,
    "dataset": "ds002105",
    "modality": "T2w",
    "session_id": "b1",
    "subject_id": "22"
  },
  "cjv": 0.4607732392752571,
  "cnr": 3.057486067125314,
  "efc": 0.5877518096064706,
  "fber": 9285.95041322314,
  "fwhm_avg": 4.730760981493307,
  "fwhm_x": 5.824763076923077,
  "fwhm_y": 6.685095875031095,
  "fwhm_z": 1.6824239925257483,
  "icvs_csf": 0.17236516161254506,
  "icvs_gm": 0.43434885118351757,
  "icvs_wm": 0.39328598720393737,
  "inu_med": 1.2648109197616577,
  "inu_range": 0.22425127029418945,
  "provenance": {
    "md5sum": "77556e31a75e84f9f8a28033f11ec55e",
    "settings": {
      "testing": false
    },
    "software": "mriqc",
    "version": "21.0.0rc2",
    "warnings": {
      "large_rot_frame": true,
      "small_air_mask": false
    },
    "webapi_port": null,
    "webapi_url": "https://mriqc.nimh.nih.gov/api/v1"
  },
  "qi_1": 0.0,
  "qi_2": 0.019107447993861226,
  "rpve_csf": 17.33614598921854,
  "rpve_gm": 7.948335349936014,
  "rpve_wm": 9.909324979992995,
  "size_x": 512,
  "size_y": 512,
  "size_z": 48,
  "snr_csf": 3.1013374812528167,
  "snr_gm": 11.362990084695756,
  "snr_total": 8.205013665724298,
  "snr_wm": 10.150713431224322,
  "snrd_csf": 221.1949251182978,
  "snrd_gm": 104.99424413507803,
  "snrd_total": 131.48306383430545,
  "snrd_wm": 68.26002224954053,
  "spacing_x": 0.40625,
  "spacing_y": 0.4062499701976776,
  "spacing_z": 3.000004768371582,
  "summary_bg_k": 1648.7959262964557,
  "summary_bg_mad": 9.80153224772204,
  "summary_bg_mean": 16.329757618484287,
  "summary_bg_median": 13.113688483834267,
  "summary_bg_n": 2696251.0,
  "summary_bg_p05": 0.0,
  "summary_bg_p95": 33.05516518652439,
  "summary_bg_stdv": 55.47691196725701,
  "summary_csf_k": 0.7844130527629218,
  "summary_csf_mad": 906.7220733425487,
  "summary_csf_mean": 3336.3516288795113,
  "summary_csf_median": 3309.3097343295813,
  "summary_csf_n": 323014.0,
  "summary_csf_p05": 792.6357667751612,
  "summary_csf_p95": 4988.295370623469,
  "summary_csf_stdv": 1067.0572395882348,
  "summary_gm_k": -0.3393427302870875,
  "summary_gm_mad": 150.55796255927135,
  "summary_gm_mean": 1576.285292422035,
  "summary_gm_median": 1570.8248006999493,
  "summary_gm_n": 729613.0,
  "summary_gm_p05": 1365.0157558172941,
  "summary_gm_p95": 1805.0287743657827,
  "summary_gm_stdv": 138.24034981225284,
  "summary_wm_k": 0.05146940867470162,
  "summary_wm_mad": 102.67506731630138,
  "summary_wm_mean": 1017.517244327754,
  "summary_wm_median": 1021.2420378774405,
  "summary_wm_n": 797550.0,
  "summary_wm_p05": 845.453585639596,
  "summary_wm_p95": 1172.7539097815752,
  "summary_wm_stdv": 100.60784441996252,
  "tpm_overlap_csf": 0.147756889462471,
  "tpm_overlap_gm": 0.4232272803783417,
  "tpm_overlap_wm": 0.4412701427936554,
  "wm2max": 0.1951174058889303
}