{
  "aor": 0.00020016666666666666,
  "aqi": 0.007372616916666666,
  "bids_meta": {
    "AcquisitionMatrixPE": 84,
    "AcquisitionNumber": 1,
    "AcquisitionTime": "10:36:43.635000",
    "BandwidthPerPixelPhaseEncode": 33.069,
    "BaseResolution": 84,
    "BodyPartExamined": "BRAIN",
    "ConsistencyInfo": "N4_VE11B_LATEST_20150530",
    "ConversionSoftware": "dcm2niix",
    "ConversionSoftwareVersion": "v1.0.20181125  GCC4.8.5",
    "DerivedVendorReportedEchoSpacing": 0.000719995,
    "DeviceSerialNumber": "67007",
    "DwellTime": 3.8e-06,
    "EchoTime": 0.03,
    "EchoTrainLength": 36,
    "EffectiveEchoSpacing": 0.000359998,
    "FlipAngle": 40,
    "ImageComments": "Unaliased_MB3_PE4",
    "ImageOrientationPatientDICOM": [
      1,
      0,
      0,
      0,
      0.936672,
      -0.350207
    ],
    "ImageType": [
      "ORIGINAL",
      "PRIMARY",
      "M",
      "MB",
      "ND",
      "NORM",
      "MOSAIC"
    ],
    "ImagingFrequency": 123.211,
    "InPlanePhaseEncodingDirectionDICOM": "COL",
    "InstitutionAddress": "Perth_Drive_100_London_Ontario_CA_N6A_5K8",
    "InstitutionName": "Robarts_Research_Institute",
    "InstitutionalDepartmentName": "CFMM",
    "MRAcquisitionType": "2D",
    "MagneticFieldStrength": 3,
    "Manufacturer": "Siemens",
    "ManufacturersModelName": "Prisma_fit",
    "Modality": "MR",
    "MultibandAccelerationFactor": 3,
    "ParallelReductionFactorInPlane": 2,
    "PartialFourier": 0.875,
    "PatientPosition": "HFS",
    "PercentPhaseFOV": 100,
    "PhaseEncodingDirection": "j-",
    "PhaseEncodingSteps": 73,
    "PhaseResolution": 1,
    "PixelBandwidth": 1565,
    "ProcedureStepDescription": "Diedrichsen_Feb2016",
    "ProtocolName": "ep_bold_mb3_p2",
    "PulseSequenceDetails": "%CustomerSeq%_cmrr_mbep2d_bold",
    "ReceiveCoilActiveElements": "HEA;HEP",
    "ReceiveCoilName": "Head_32",
    "ReconMatrixPE": 84,
    "RepetitionTime": 1,
    "SAR": 0.072815,
    "ScanOptions": "PFP_FS",
    "ScanningSequence": "EP",
    "SequenceName": "epfid2d1_84",
    "SequenceVariant": "SK_SS",
    "SeriesDescription": "ep_bold_mb3_p2",
    "SeriesNumber": 3,
    "ShimSetting": [
      5251,
      -6185,
      -3859,
      648,
      80,
      16,
      95,
      -8
    ],
    "SliceThickness": 3,
    "SliceTiming": [
      0,
      0.43,
      0.8575,
      0.3075,
      0.735,
      0.185,
      0.6125,
      0.0625,
      0.49,
      0.92,
      0.3675,
      0.7975,
      0.245,
      0.675,
      0.1225,
      0.5525,
      0,
      0.43,
      0.8575,
      0.3075,
      0.735,
      0.185,
      0.6125,
      0.0625,
      0.49,
      0.92,
      0.3675,
      0.7975,
      0.245,
      0.675,
      0.1225,
      0.5525,
      0,
      0.43,
      0.8575,
      0.3075,
      0.735,
      0.185,
      0.6125,
      0.0625,
      0.49,
      0.92,
      0.3675,
      0.7975,
      0.245,
      0.675,
      0.1225,
      0.5525
    ],
    "SoftwareVersions": "syngo_MR_E11",
    "SpacingBetweenSlices": 3,
    "StationName": "MRC35368",
    "TaskName": "a",
    "TotalReadoutTime": 0.0298798,
    "TxRefAmp": 239.808,
    "WipMemBlock": "56bc9223-9f27-43a0-aeca-50eeb260d8c7||Sequence: ve11b/R013 r/f10bb7f; Apr  4 2016 11:55:08 by eja",
    "dataset": "ds002105",
    "modality": "bold",
    "run_id": 2,
    "session_id": "a2",
    "subject_id": "02",
    "task_id": "a"
  },
  "dummy_trs": 1,
  "dvars_nstd": 29.47320924110184,
  "dvars_std": 1.1922143493656079,
  "dvars_vstd": 0.9868705707178634,
  "efc": 0.46564097574250035,
  "fber": 5953.96875,
  "fd_mean": 0.07712998204336836,
  "fd_num": 4,
  "fd_perc": 0.6666666666666666,
  "fwhm_avg": 1.8167007451250339,
  "fwhm_x": 1.7951607033846668,
  "fwhm_y": 1.9240481986571019,
  "fwhm_z": 1.7308933333333334,
  "gcor": 0.0133812,
  "gsr_x": -0.016238568350672722,
  "gsr_y": 0.0150698097422719,
  "provenance": {
    "md5sum": "bb85b419f4bf023b3983060bfcc099b4",
    "settings": {
      "fd_thres": 0.2,
      "testing": false
    },
    "software": "mriqc",
    "version": "21.0.0rc2",
    "webapi_port": null,
    "webapi_url": "https://mriqc.nimh.nih.gov/api/v1"
  },
  "size_t": 600,
  "size_x": 84,
  "size_y": 84,
  "size_z": 48,
  "snr": 5.157205254481797,
  "spacing_tr": 1.0,
  "spacing_x": 2.4761905670166016,
  "spacing_y": 2.4761905670166016,
  "spacing_z": 3.0,
  "summary_bg_k": 33.19700836972645,
  "summary_bg_mad": 32.99160665909091,
  "summary_bg_mean": 150.72364807128906,
  "summary_bg_median": 51.25749969482422,
  "summary_bg_n": 229414.0,
  "summary_bg_p05": 23.921667098999023,
  "summary_bg_p95": 597.5289184570312,
  "summary_bg_stdv": 314.2606506347656,
  "summary_fg_k": 4.340489298117598,
  "summary_fg_mad": 698.1534392928763,
  "summary_fg_mean": 4088.010498046875,
  "summary_fg_median": 4004.356689453125,
  "summary_fg_n": 54500.0,
  "summary_fg_p05": 3067.7708129882812,
  "summary_fg_p95": 5375.010424804687,
  "summary_fg_stdv": 776.4515380859375,
  "tsnr": 54.73379543516785
}