{
  "aor": 0.00022799331103678927,
  "aqi": 0.012720334916387958,
  "bids_meta": {
    "AcquisitionMatrixPE": 84,
    "AcquisitionNumber": 1,
    "AcquisitionTime": "16:22:13.745000",
    "BandwidthPerPixelPhaseEncode": 33.069,
    "BaseResolution": 84,
    "BodyPartExamined": "HEAD",
    "ConsistencyInfo": "N4_VE11B_LATEST_20150530",
    "ConversionSoftware": "dcm2niix",
    "ConversionSoftwareVersion": "v1.0.20181125  GCC4.8.5",
    "DerivedVendorReportedEchoSpacing": 0.000719995,
    "DeviceSerialNumber": "67007",
    "DwellTime": 3.8e-06,
    "EchoTime": 0.03,
    "EchoTrainLength": 36,
    "EffectiveEchoSpacing": 0.000359998,
    "FlipAngle": 40,
    "ImageComments": "Unaliased_MB3_PE4",
    "ImageOrientationPatientDICOM": [
      1,
      0,
      0,
      0,
      0.834848,
      -0.550481
    ],
    "ImageType": [
      "ORIGINAL",
      "PRIMARY",
      "M",
      "MB",
      "ND",
      "NORM",
      "MOSAIC"
    ],
    "ImagingFrequency": 123.211,
    "InPlanePhaseEncodingDirectionDICOM": "COL",
    "InstitutionAddress": "Perth_Drive_100_London_Ontario_CA_N6A_5K8",
    "InstitutionName": "Robarts_Research_Institute",
    "InstitutionalDepartmentName": "CFMM",
    "MRAcquisitionType": "2D",
    "MagneticFieldStrength": 3,
    "Manufacturer": "Siemens",
    "ManufacturersModelName": "Prisma_fit",
    "Modality": "MR",
    "MultibandAccelerationFactor": 3,
    "ParallelReductionFactorInPlane": 2,
    "PartialFourier": 0.875,
    "PatientPosition": "HFS",
    "PercentPhaseFOV": 100,
    "PhaseEncodingDirection": "j-",
    "PhaseEncodingSteps": 73,
    "PhaseResolution": 1,
    "PixelBandwidth": 1565,
    "ProcedureStepDescription": "Diedrichsen_MCC",
    "ProtocolName": "ep_bold_mb3_p2",
    "PulseSequenceDetails": "%CustomerSeq%_cmrr_mbep2d_bold",
    "ReceiveCoilActiveElements": "HEA;HEP",
    "ReceiveCoilName": "Head_32",
    "ReconMatrixPE": 84,
    "RepetitionTime": 1,
    "SAR": 0.0798363,
    "ScanOptions": "PFP_FS_EXT",
    "ScanningSequence": "EP",
    "SequenceName": "epfid2d1_84",
    "SequenceVariant": "SK_SS",
    "SeriesDescription": "ep_bold_mb3_p2",
    "SeriesNumber": 4,
    "ShimSetting": [
      5207,
      -5859,
      -4011,
      -41,
      -166,
      1284,
      665,
      126
    ],
    "SliceThickness": 3,
    "SliceTiming": [
      0,
      0.43,
      0.8575,
      0.3075,
      0.735,
      0.185,
      0.6125,
      0.0625,
      0.49,
      0.92,
      0.3675,
      0.7975,
      0.245,
      0.675,
      0.1225,
      0.5525,
      0,
      0.43,
      0.8575,
      0.3075,
      0.735,
      0.185,
      0.6125,
      0.0625,
      0.49,
      0.92,
      0.3675,
      0.7975,
      0.245,
      0.675,
      0.1225,
      0.5525,
      0,
      0.43,
      0.8575,
      0.3075,
      0.735,
      0.185,
      0.6125,
      0.0625,
      0.49,
      0.92,
      0.3675,
      0.7975,
      0.245,
      0.675,
      0.1225,
      0.5525
    ],
    "SoftwareVersions": "syngo_MR_E11",
    "SpacingBetweenSlices": 3,
    "StationName": "MRC35368",
    "TaskName": "rest",
    "TotalReadoutTime": 0.0298798,
    "TxRefAmp": 272.174,
    "WipMemBlock": "044a0207-b5eb-4b57-8df1-a24cdcdfd9ad||Sequence: ve11b/master r/50434d5; Mar  3 2017 10:46:13 by eja",
    "dataset": "ds002105",
    "modality": "bold",
    "run_id": 2,
    "session_id": "rest",
    "subject_id": "10",
    "task_id": "rest"
  },
  "dummy_trs": 3,
  "dvars_nstd": 39.45754043855947,
  "dvars_std": 1.1243811205025134,
  "dvars_vstd": 0.9873120356113901,
  "efc": 0.4786449342120482,
  "fber": 3366.82568359375,
  "fd_mean": 0.2528644753535403,
  "fd_num": 384,
  "fd_perc": 64.21404682274247,
  "fwhm_avg": 1.84102606521682,
  "fwhm_x": 1.8103170489825817,
  "fwhm_y": 1.9433278133345453,
  "fwhm_z": 1.7694333333333334,
  "gcor": 0.0169359,
  "gsr_x": -0.01483948528766632,
  "gsr_y": 0.01376582495868206,
  "provenance": {
    "md5sum": "03b5f602f9c4e1fc6738ad6c6d2cebe3",
    "settings": {
      "fd_thres": 0.2,
      "testing": false
    },
    "software": "mriqc",
    "version": "21.0.0rc2",
    "webapi_port": null,
    "webapi_url": "https://mriqc.nimh.nih.gov/api/v1"
  },
  "size_t": 598,
  "size_x": 84,
  "size_y": 84,
  "size_z": 48,
  "snr": 5.086584461874094,
  "spacing_tr": 1.0,
  "spacing_x": 2.4761905670166016,
  "spacing_y": 2.4761905670166016,
  "spacing_z": 3.0,
  "summary_bg_k": 67.7517054495286,
  "summary_bg_mad": 37.605531907297035,
  "summary_bg_mean": 147.18797302246094,
  "summary_bg_median": 59.094482421875,
  "summary_bg_n": 227536.0,
  "summary_bg_p05": 27.382524490356445,
  "summary_bg_p95": 533.0714874267578,
  "summary_bg_stdv": 291.8377990722656,
  "summary_fg_k": 2.5984861849647922,
  "summary_fg_mad": 637.3899139938109,
  "summary_fg_mean": 3565.715087890625,
  "summary_fg_median": 3485.051025390625,
  "summary_fg_n": 56290.0,
  "summary_fg_p05": 2652.529992675781,
  "summary_fg_p95": 4732.269189453124,
  "summary_fg_stdv": 685.1395263671875,
  "tsnr": 38.00513872108422
}