{
  "bids_meta": {
    "AcquisitionMatrixPE": 256,
    "AcquisitionNumber": 1,
    "AcquisitionTime": "17:42:58.817500",
    "BaseResolution": 256,
    "BodyPartExamined": "BRAIN",
    "ConsistencyInfo": "N4_VE11B_LATEST_20150530",
    "ConversionSoftware": "dcm2niix",
    "ConversionSoftwareVersion": "v1.0.20181125  GCC4.8.5",
    "DeviceSerialNumber": "67007",
    "DwellTime": 8.9e-06,
    "EchoTime": 0.091,
    "EchoTrainLength": 18,
    "FlipAngle": 120,
    "ImageOrientationPatientDICOM": [
      1,
      0,
      0,
      0,
      0.877983,
      -0.478692
    ],
    "ImageType": [
      "ORIGINAL",
      "PRIMARY",
      "M",
      "ND",
      "NORM"
    ],
    "ImagingFrequency": 123.211,
    "InPlanePhaseEncodingDirectionDICOM": "COL",
    "InstitutionAddress": "Perth_Drive_100_London_Ontario_CA_N6A_5K8",
    "InstitutionName": "Robarts_Research_Institute",
    "InstitutionalDepartmentName": "CFMM",
    "Interpolation2D": 1,
    "MRAcquisitionType": "2D",
    "MagneticFieldStrength": 3,
    "Manufacturer": "Siemens",
    "ManufacturersModelName": "Prisma_fit",
    "Modality": "MR",
    "ParallelReductionFactorInPlane": 2,
    "PartialFourier": 1,
    "PatientPosition": "HFS",
    "PercentPhaseFOV": 100,
    "PhaseEncodingDirection": "j-",
    "PhaseEncodingSteps": 255,
    "PhaseResolution": 1,
    "PixelBandwidth": 220,
    "ProcedureStepDescription": "Diedrichsen_MCC",
    "ProtocolName": "t2_tse_tra_256_p2",
    "PulseSequenceDetails": "%SiemensSeq%_tse",
    "ReceiveCoilActiveElements": "HEA;HEP",
    "ReceiveCoilName": "Head_32",
    "ReconMatrixPE": 512,
    "RepetitionTime": 8.53,
    "SAR": 0.677486,
    "ScanningSequence": "SE",
    "SequenceName": "_tse2d1_18",
    "SequenceVariant": "SK_SP",
    "SeriesDescription": "t2_tse_tra_256_p2",
    "SeriesNumber": 21,
    "ShimSetting": [
      5237,
      -6157,
      -4055,
      53,
      3,
      -37,
      -27,
      1
    ],
    "SliceThickness": 3,
    "SoftwareVersions": "syngo_MR_E11",
    "SpacingBetweenSlices": 3,
    "StationName": "MRC35368",
    "TxRefAmp": 292.823,
    "dataset": "ds002105",
    "modality": "T2w",
    "session_id": "b1",
    "subject_id": "21"
  },
  "cjv": 0.4533577031793989,
  "cnr": 3.1506645415230894,
  "efc": 0.5992641039408527,
  "fber": 7472.036952073904,
  "fwhm_avg": 4.8065348572212745,
  "fwhm_x": 6.047064615384615,
  "fwhm_y": 6.713501538461538,
  "fwhm_z": 1.6590384178176711,
  "icvs_csf": 0.16733317182229404,
  "icvs_gm": 0.4287381983635787,
  "icvs_wm": 0.4039286298141273,
  "inu_med": 1.2347898483276367,
  "inu_range": 0.2481739044189455,
  "provenance": {
    "md5sum": "2446736024a7458c98715931ecf71216",
    "settings": {
      "testing": false
    },
    "software": "mriqc",
    "version": "22.0.0rc1",
    "warnings": {
      "large_rot_frame": true,
      "small_air_mask": false
    },
    "webapi_port": null,
    "webapi_url": "https://mriqc.nimh.nih.gov/api/v1"
  },
  "qi_1": 0.007027137990970414,
  "qi_2": 0.0040464372801884245,
  "rpve_csf": 13.615387478434497,
  "rpve_gm": 5.95270234727515,
  "rpve_wm": 7.081427935165351,
  "size_x": 512,
  "size_y": 512,
  "size_z": 48,
  "snr_csf": 2.8018641234126314,
  "snr_gm": 10.836998346316987,
  "snr_total": 7.780756093946944,
  "snr_wm": 9.70340581211121,
  "snrd_csf": 201.3949775960544,
  "snrd_gm": 99.2095866528748,
  "snrd_total": 121.29682081687695,
  "snrd_wm": 63.28589820170161,
  "spacing_x": 0.40625,
  "spacing_y": 0.40625,
  "spacing_z": 3.000002861022949,
  "summary_bg_k": 1089.073094154506,
  "summary_bg_mad": 10.54529275975613,
  "summary_bg_mean": 16.912380374497054,
  "summary_bg_median": 14.11424794793129,
  "summary_bg_n": 3448842.0,
  "summary_bg_p05": 0.0,
  "summary_bg_p95": 42.120472222566605,
  "summary_bg_stdv": 30.788886221427514,
  "summary_csf_k": 0.38505156162971144,
  "summary_csf_mad": 930.2925456497361,
  "summary_csf_mean": 3161.186402965506,
  "summary_csf_median": 3241.7204597890377,
  "summary_csf_n": 433743.0,
  "summary_csf_p05": 567.9039922356606,
  "summary_csf_p95": 4834.852304935455,
  "summary_csf_stdv": 1156.98569955086,
  "summary_gm_k": -0.1659553859058729,
  "summary_gm_mad": 155.04875760828935,
  "summary_gm_mean": 1606.452937317948,
  "summary_gm_median": 1596.910462707281,
  "summary_gm_n": 1001195.0,
  "summary_gm_p05": 1384.7522002458572,
  "summary_gm_p95": 1858.9687041342258,
  "summary_gm_stdv": 147.3571937701351,
  "summary_wm_k": -0.06721052253813387,
  "summary_wm_mad": 107.10062959127319,
  "summary_wm_mean": 1012.8957529347673,
  "summary_wm_median": 1018.6708400845528,
  "summary_wm_n": 1110351.0,
  "summary_wm_p05": 827.7395174503326,
  "summary_wm_p95": 1172.371666163206,
  "summary_wm_stdv": 104.98070482606433,
  "tpm_overlap_csf": 0.1545776128768921,
  "tpm_overlap_gm": 0.43630051612854004,
  "tpm_overlap_wm": 0.4585501253604889,
  "wm2max": 0.19717340331705638
}