{
  "bids_meta": {
    "AcquisitionMatrixPE": 256,
    "AcquisitionNumber": 1,
    "AcquisitionTime": "16:08:31.470000",
    "BaseResolution": 256,
    "BodyPartExamined": "BRAIN",
    "ConsistencyInfo": "N4_VE11B_LATEST_20150530",
    "ConversionSoftware": "dcm2niix",
    "ConversionSoftwareVersion": "v1.0.20181125  GCC4.8.5",
    "DeviceSerialNumber": "67007",
    "DwellTime": 8.9e-06,
    "EchoTime": 0.091,
    "EchoTrainLength": 18,
    "FlipAngle": 120,
    "ImageOrientationPatientDICOM": [
      1,
      0,
      0,
      0,
      0.871214,
      -0.490904
    ],
    "ImageType": [
      "ORIGINAL",
      "PRIMARY",
      "M",
      "ND",
      "NORM"
    ],
    "ImagingFrequency": 123.211,
    "InPlanePhaseEncodingDirectionDICOM": "COL",
    "InstitutionAddress": "Perth_Drive_100_London_Ontario_CA_N6A_5K8",
    "InstitutionName": "Robarts_Research_Institute",
    "InstitutionalDepartmentName": "CFMM",
    "Interpolation2D": 1,
    "MRAcquisitionType": "2D",
    "MagneticFieldStrength": 3,
    "Manufacturer": "Siemens",
    "ManufacturersModelName": "Prisma_fit",
    "Modality": "MR",
    "ParallelReductionFactorInPlane": 2,
    "PartialFourier": 1,
    "PatientPosition": "HFS",
    "PercentPhaseFOV": 100,
    "PhaseEncodingDirection": "j-",
    "PhaseEncodingSteps": 255,
    "PhaseResolution": 1,
    "PixelBandwidth": 220,
    "ProcedureStepDescription": "Diedrichsen_Feb2016",
    "ProtocolName": "t2_tse_tra_256_p2",
    "PulseSequenceDetails": "%SiemensSeq%_tse",
    "ReceiveCoilActiveElements": "HEA;HEP",
    "ReceiveCoilName": "Head_32",
    "ReconMatrixPE": 512,
    "RepetitionTime": 8.53,
    "SAR": 0.661412,
    "ScanningSequence": "SE",
    "SequenceName": "_tse2d1_18",
    "SequenceVariant": "SK_SP",
    "SeriesDescription": "t2_tse_tra_256_p2",
    "SeriesNumber": 11,
    "ShimSetting": [
      5237,
      -6157,
      -4055,
      53,
      3,
      -37,
      -27,
      1
    ],
    "SliceThickness": 3,
    "SoftwareVersions": "syngo_MR_E11",
    "SpacingBetweenSlices": 3,
    "StationName": "MRC35368",
    "TxRefAmp": 274.163,
    "dataset": "ds002105",
    "modality": "T2w",
    "session_id": "a1",
    "subject_id": "10"
  },
  "cjv": 0.42647992038578764,
  "cnr": 3.323483525908966,
  "efc": 0.5868801328245672,
  "fber": 10617.444302606826,
  "fwhm_avg": 4.900013097875788,
  "fwhm_x": 6.182326153846153,
  "fwhm_y": 6.810757422711109,
  "fwhm_z": 1.706955717070101,
  "icvs_csf": 0.16452552820010263,
  "icvs_gm": 0.45285293300776025,
  "icvs_wm": 0.3826215387921371,
  "inu_med": 1.2933530807495117,
  "inu_range": 0.2685750246047971,
  "provenance": {
    "md5sum": "1615365c1115d2956325b0628b421d70",
    "settings": {
      "testing": false
    },
    "software": "mriqc",
    "version": "21.0.0rc2",
    "warnings": {
      "large_rot_frame": true,
      "small_air_mask": false
    },
    "webapi_port": null,
    "webapi_url": "https://mriqc.nimh.nih.gov/api/v1"
  },
  "qi_1": 0.0,
  "qi_2": 0.013590878088494067,
  "rpve_csf": 17.204384922360397,
  "rpve_gm": 7.396601052149798,
  "rpve_wm": 9.668356577063262,
  "size_x": 512,
  "size_y": 512,
  "size_z": 48,
  "snr_csf": 3.27806036110506,
  "snr_gm": 11.506782445492844,
  "snr_total": 8.068425528711332,
  "snr_wm": 9.420433779536095,
  "snrd_csf": 222.27439885089026,
  "snrd_gm": 108.17290249898532,
  "snrd_total": 132.6630276653315,
  "snrd_wm": 67.54178164611889,
  "spacing_x": 0.40625,
  "spacing_y": 0.4062499701976776,
  "spacing_z": 3.0000016689300537,
  "summary_bg_k": 383.88825813407243,
  "summary_bg_mad": 9.898312242513006,
  "summary_bg_mean": 18.39751576318277,
  "summary_bg_median": 13.463892139494419,
  "summary_bg_n": 2812096.0,
  "summary_bg_p05": 0.0,
  "summary_bg_p95": 40.61422009021044,
  "summary_bg_stdv": 47.01330401716055,
  "summary_csf_k": 1.1626561057097033,
  "summary_csf_mad": 866.4322649613051,
  "summary_csf_mean": 3394.8051902637,
  "summary_csf_median": 3358.295278199017,
  "summary_csf_n": 325021.0,
  "summary_csf_p05": 1058.3064308986068,
  "summary_csf_p95": 4992.989818871021,
  "summary_csf_stdv": 1024.4747631152948,
  "summary_gm_k": -0.25231901087760544,
  "summary_gm_mad": 152.92892414682595,
  "summary_gm_mean": 1639.2943125908785,
  "summary_gm_median": 1634.3607251644135,
  "summary_gm_n": 828808.0,
  "summary_gm_p05": 1419.6060819476843,
  "summary_gm_p95": 1874.9304343014956,
  "summary_gm_stdv": 142.0344694040546,
  "summary_wm_k": 0.12961532579650692,
  "summary_wm_mad": 108.88143466764306,
  "summary_wm_mean": 1019.4628932472377,
  "summary_wm_median": 1020.4740067049861,
  "summary_wm_n": 823500.0,
  "summary_wm_p05": 838.9896424114704,
  "summary_wm_p95": 1191.9439057707787,
  "summary_wm_stdv": 108.32551992732316,
  "tpm_overlap_csf": 0.14968863129615784,
  "tpm_overlap_gm": 0.440076619386673,
  "tpm_overlap_wm": 0.4659738540649414,
  "wm2max": 0.18864547979018823
}