{
  "aor": 0.00032226289517470885,
  "aqi": 0.009087625873544093,
  "bids_meta": {
    "AcquisitionMatrixPE": 84,
    "AcquisitionNumber": 1,
    "AcquisitionTime": "14:12:11.330000",
    "BandwidthPerPixelPhaseEncode": 33.069,
    "BaseResolution": 84,
    "BodyPartExamined": "BRAIN",
    "ConsistencyInfo": "N4_VE11B_LATEST_20150530",
    "ConversionSoftware": "dcm2niix",
    "ConversionSoftwareVersion": "v1.0.20181125  GCC4.8.5",
    "DerivedVendorReportedEchoSpacing": 0.000719995,
    "DeviceSerialNumber": "67007",
    "DwellTime": 3.8e-06,
    "EchoTime": 0.03,
    "EchoTrainLength": 36,
    "EffectiveEchoSpacing": 0.000359998,
    "FlipAngle": 40,
    "ImageComments": "Unaliased_MB3_PE4",
    "ImageOrientationPatientDICOM": [
      1,
      0,
      0,
      0,
      0.915663,
      -0.401948
    ],
    "ImageType": [
      "ORIGINAL",
      "PRIMARY",
      "M",
      "MB",
      "ND",
      "NORM",
      "MOSAIC"
    ],
    "ImagingFrequency": 123.211,
    "InPlanePhaseEncodingDirectionDICOM": "COL",
    "InstitutionAddress": "Perth_Drive_100_London_Ontario_CA_N6A_5K8",
    "InstitutionName": "Robarts_Research_Institute",
    "InstitutionalDepartmentName": "CFMM",
    "MRAcquisitionType": "2D",
    "MagneticFieldStrength": 3,
    "Manufacturer": "Siemens",
    "ManufacturersModelName": "Prisma_fit",
    "Modality": "MR",
    "MultibandAccelerationFactor": 3,
    "ParallelReductionFactorInPlane": 2,
    "PartialFourier": 0.875,
    "PatientPosition": "HFS",
    "PercentPhaseFOV": 100,
    "PhaseEncodingDirection": "j-",
    "PhaseEncodingSteps": 73,
    "PhaseResolution": 1,
    "PixelBandwidth": 1565,
    "ProcedureStepDescription": "Diedrichsen_MCC",
    "ProtocolName": "ep_bold_mb3_p2",
    "PulseSequenceDetails": "%CustomerSeq%_cmrr_mbep2d_bold",
    "ReceiveCoilActiveElements": "HEA;HEP",
    "ReceiveCoilName": "Head_32",
    "ReconMatrixPE": 84,
    "RepetitionTime": 1,
    "SAR": 0.0596367,
    "ScanOptions": "PFP_FS_EXT",
    "ScanningSequence": "EP",
    "SequenceName": "epfid2d1_84",
    "SequenceVariant": "SK_SS",
    "SeriesDescription": "ep_bold_mb3_p2",
    "SeriesNumber": 12,
    "ShimSetting": [
      5236,
      -6200,
      -4018,
      475,
      79,
      25,
      79,
      -40
    ],
    "SliceThickness": 3,
    "SliceTiming": [
      0,
      0.43,
      0.8575,
      0.3075,
      0.735,
      0.185,
      0.6125,
      0.0625,
      0.49,
      0.92,
      0.3675,
      0.7975,
      0.245,
      0.675,
      0.1225,
      0.5525,
      0,
      0.43,
      0.8575,
      0.3075,
      0.735,
      0.185,
      0.6125,
      0.0625,
      0.49,
      0.92,
      0.3675,
      0.7975,
      0.245,
      0.675,
      0.1225,
      0.5525,
      0,
      0.43,
      0.8575,
      0.3075,
      0.735,
      0.185,
      0.6125,
      0.0625,
      0.49,
      0.92,
      0.3675,
      0.7975,
      0.245,
      0.675,
      0.1225,
      0.5525
    ],
    "SoftwareVersions": "syngo_MR_E11",
    "SpacingBetweenSlices": 3,
    "StationName": "MRC35368",
    "TaskName": "a",
    "TotalReadoutTime": 0.0298798,
    "TxRefAmp": 241.13,
    "WipMemBlock": "b27811f5-7647-4926-83e6-b810f40d36e2||Sequence: ve11b/master r/50434d5; Mar  3 2017 10:46:13 by eja",
    "dataset": "ds002105",
    "modality": "bold",
    "run_id": 5,
    "session_id": "a2",
    "subject_id": "26",
    "task_id": "a"
  },
  "dummy_trs": 0,
  "dvars_nstd": 27.192269598783334,
  "dvars_std": 1.0953910822000004,
  "dvars_vstd": 0.9988090592166653,
  "efc": 0.4806082751525206,
  "fber": 5033.59033203125,
  "fd_mean": 0.07463113739909973,
  "fd_num": 6,
  "fd_perc": 0.9983361064891847,
  "fwhm_avg": 1.7805087371848642,
  "fwhm_x": 1.723062052183076,
  "fwhm_y": 1.946514159371517,
  "fwhm_z": 1.67195,
  "gcor": 0.0197824,
  "gsr_x": -0.011345725506544113,
  "gsr_y": 0.017542662099003792,
  "provenance": {
    "md5sum": "90ec78794ee3719fe2033a4caff0d811",
    "settings": {
      "fd_thres": 0.2,
      "testing": false
    },
    "software": "mriqc",
    "version": "21.0.0rc2",
    "webapi_port": null,
    "webapi_url": "https://mriqc.nimh.nih.gov/api/v1"
  },
  "size_t": 601,
  "size_x": 84,
  "size_y": 84,
  "size_z": 48,
  "snr": 5.773617267284299,
  "spacing_tr": 1.0,
  "spacing_x": 2.4761905670166016,
  "spacing_y": 2.4761905670166016,
  "spacing_z": 3.0,
  "summary_bg_k": 25.011282222201054,
  "summary_bg_mad": 29.09452736574605,
  "summary_bg_mean": 135.24118041992188,
  "summary_bg_median": 49.08485794067383,
  "summary_bg_n": 224990.0,
  "summary_bg_p05": 24.529117584228516,
  "summary_bg_p95": 590.6408233642576,
  "summary_bg_stdv": 251.6299591064453,
  "summary_fg_k": 3.9361516308157247,
  "summary_fg_mad": 568.828429492017,
  "summary_fg_mean": 3578.176025390625,
  "summary_fg_median": 3532.302734375,
  "summary_fg_n": 57826.0,
  "summary_fg_p05": 2764.2188110351562,
  "summary_fg_p95": 4533.1807861328125,
  "summary_fg_stdv": 611.7953491210938,
  "tsnr": 51.553843843284994
}