{
  "aor": 0.00025841930116472545,
  "aqi": 0.010139453178036606,
  "bids_meta": {
    "AcquisitionMatrixPE": 84,
    "AcquisitionNumber": 1,
    "AcquisitionTime": "14:44:15.505000",
    "BandwidthPerPixelPhaseEncode": 33.069,
    "BaseResolution": 84,
    "BodyPartExamined": "BRAIN",
    "ConsistencyInfo": "N4_VE11B_LATEST_20150530",
    "ConversionSoftware": "dcm2niix",
    "ConversionSoftwareVersion": "v1.0.20181125  GCC4.8.5",
    "DerivedVendorReportedEchoSpacing": 0.000719995,
    "DeviceSerialNumber": "67007",
    "DwellTime": 3.8e-06,
    "EchoTime": 0.03,
    "EchoTrainLength": 36,
    "EffectiveEchoSpacing": 0.000359998,
    "FlipAngle": 40,
    "ImageComments": "Unaliased_MB3_PE4",
    "ImageOrientationPatientDICOM": [
      1,
      0,
      0,
      0,
      0.915663,
      -0.401948
    ],
    "ImageType": [
      "ORIGINAL",
      "PRIMARY",
      "M",
      "MB",
      "ND",
      "NORM",
      "MOSAIC"
    ],
    "ImagingFrequency": 123.211,
    "InPlanePhaseEncodingDirectionDICOM": "COL",
    "InstitutionAddress": "Perth_Drive_100_London_Ontario_CA_N6A_5K8",
    "InstitutionName": "Robarts_Research_Institute",
    "InstitutionalDepartmentName": "CFMM",
    "MRAcquisitionType": "2D",
    "MagneticFieldStrength": 3,
    "Manufacturer": "Siemens",
    "ManufacturersModelName": "Prisma_fit",
    "Modality": "MR",
    "MultibandAccelerationFactor": 3,
    "ParallelReductionFactorInPlane": 2,
    "PartialFourier": 0.875,
    "PatientPosition": "HFS",
    "PercentPhaseFOV": 100,
    "PhaseEncodingDirection": "j-",
    "PhaseEncodingSteps": 73,
    "PhaseResolution": 1,
    "PixelBandwidth": 1565,
    "ProcedureStepDescription": "Diedrichsen_MCC",
    "ProtocolName": "ep_bold_mb3_p2",
    "PulseSequenceDetails": "%CustomerSeq%_cmrr_mbep2d_bold",
    "ReceiveCoilActiveElements": "HEA;HEP",
    "ReceiveCoilName": "Head_32",
    "ReconMatrixPE": 84,
    "RepetitionTime": 1,
    "SAR": 0.0596367,
    "ScanOptions": "PFP_FS_EXT",
    "ScanningSequence": "EP",
    "SequenceName": "epfid2d1_84",
    "SequenceVariant": "SK_SS",
    "SeriesDescription": "ep_bold_mb3_p2",
    "SeriesNumber": 18,
    "ShimSetting": [
      5236,
      -6200,
      -4018,
      475,
      79,
      25,
      79,
      -40
    ],
    "SliceThickness": 3,
    "SliceTiming": [
      0,
      0.43,
      0.8575,
      0.3075,
      0.735,
      0.185,
      0.6125,
      0.0625,
      0.49,
      0.92,
      0.3675,
      0.7975,
      0.245,
      0.675,
      0.1225,
      0.5525,
      0,
      0.43,
      0.8575,
      0.3075,
      0.735,
      0.185,
      0.6125,
      0.0625,
      0.49,
      0.92,
      0.3675,
      0.7975,
      0.245,
      0.675,
      0.1225,
      0.5525,
      0,
      0.43,
      0.8575,
      0.3075,
      0.735,
      0.185,
      0.6125,
      0.0625,
      0.49,
      0.92,
      0.3675,
      0.7975,
      0.245,
      0.675,
      0.1225,
      0.5525
    ],
    "SoftwareVersions": "syngo_MR_E11",
    "SpacingBetweenSlices": 3,
    "StationName": "MRC35368",
    "TaskName": "a",
    "TotalReadoutTime": 0.0298798,
    "TxRefAmp": 241.13,
    "WipMemBlock": "ee189598-cfc0-48c5-95ef-5adff2dc21f6||Sequence: ve11b/master r/50434d5; Mar  3 2017 10:46:13 by eja",
    "dataset": "ds002105",
    "modality": "bold",
    "run_id": 8,
    "session_id": "a2",
    "subject_id": "26",
    "task_id": "a"
  },
  "dummy_trs": 0,
  "dvars_nstd": 27.273061355116635,
  "dvars_std": 1.0908034464833332,
  "dvars_vstd": 0.9914913328833332,
  "efc": 0.4828676772715449,
  "fber": 5074.9052734375,
  "fd_mean": 0.07977789598661124,
  "fd_num": 11,
  "fd_perc": 1.8302828618968385,
  "fwhm_avg": 1.791001707070606,
  "fwhm_x": 1.7360255132460405,
  "fwhm_y": 1.949886274632444,
  "fwhm_z": 1.6870933333333333,
  "gcor": 0.021309,
  "gsr_x": -0.012193833477795124,
  "gsr_y": 0.017680196091532707,
  "provenance": {
    "md5sum": "b6c99820f47b66cbd7866b573be0f152",
    "settings": {
      "fd_thres": 0.2,
      "testing": false
    },
    "software": "mriqc",
    "version": "21.0.0rc2",
    "webapi_port": null,
    "webapi_url": "https://mriqc.nimh.nih.gov/api/v1"
  },
  "size_t": 601,
  "size_x": 84,
  "size_y": 84,
  "size_z": 48,
  "snr": 5.744855141475974,
  "spacing_tr": 1.0,
  "spacing_x": 2.4761905670166016,
  "spacing_y": 2.4761905670166016,
  "spacing_z": 3.0,
  "summary_bg_k": 23.847667909986026,
  "summary_bg_mad": 29.057525088316194,
  "summary_bg_mean": 142.0525665283203,
  "summary_bg_median": 48.99001693725586,
  "summary_bg_n": 225058.0,
  "summary_bg_p05": 24.54076385498047,
  "summary_bg_p95": 637.6452514648435,
  "summary_bg_stdv": 267.52191162109375,
  "summary_fg_k": 3.922156312228579,
  "summary_fg_mad": 571.4356520945306,
  "summary_fg_mean": 3581.9873046875,
  "summary_fg_median": 3533.831787109375,
  "summary_fg_n": 57793.0,
  "summary_fg_p05": 2762.9888671875,
  "summary_fg_p95": 4540.90830078125,
  "summary_fg_stdv": 615.12451171875,
  "tsnr": 48.60902238730341
}