{
  "bids_meta": {
    "AcquisitionMatrixPE": 256,
    "AcquisitionNumber": 1,
    "AcquisitionTime": "16:41:22.845000",
    "BaseResolution": 256,
    "BodyPartExamined": "BRAIN",
    "ConsistencyInfo": "N4_VE11B_LATEST_20150530",
    "ConversionSoftware": "dcm2niix",
    "ConversionSoftwareVersion": "v1.0.20181125  GCC4.8.5",
    "DeviceSerialNumber": "67007",
    "DwellTime": 8.9e-06,
    "EchoTime": 0.091,
    "EchoTrainLength": 18,
    "FlipAngle": 120,
    "ImageOrientationPatientDICOM": [
      1,
      0,
      0,
      0,
      0.934826,
      -0.355107
    ],
    "ImageType": [
      "ORIGINAL",
      "PRIMARY",
      "M",
      "ND",
      "NORM"
    ],
    "ImagingFrequency": 123.211,
    "InPlanePhaseEncodingDirectionDICOM": "COL",
    "InstitutionAddress": "Perth_Drive_100_London_Ontario_CA_N6A_5K8",
    "InstitutionName": "Robarts_Research_Institute",
    "InstitutionalDepartmentName": "CFMM",
    "Interpolation2D": 1,
    "MRAcquisitionType": "2D",
    "MagneticFieldStrength": 3,
    "Manufacturer": "Siemens",
    "ManufacturersModelName": "Prisma_fit",
    "Modality": "MR",
    "ParallelReductionFactorInPlane": 2,
    "PartialFourier": 1,
    "PatientPosition": "HFS",
    "PercentPhaseFOV": 100,
    "PhaseEncodingDirection": "j-",
    "PhaseEncodingSteps": 255,
    "PhaseResolution": 1,
    "PixelBandwidth": 220,
    "ProcedureStepDescription": "Diedrichsen_MCC",
    "ProtocolName": "t2_tse_tra_256_p2",
    "PulseSequenceDetails": "%SiemensSeq%_tse",
    "ReceiveCoilActiveElements": "HEA;HEP",
    "ReceiveCoilName": "Head_32",
    "ReconMatrixPE": 512,
    "RepetitionTime": 8.53,
    "SAR": 0.614144,
    "ScanningSequence": "SE",
    "SequenceName": "_tse2d1_18",
    "SequenceVariant": "SK_SP",
    "SeriesDescription": "t2_tse_tra_256_p2",
    "SeriesNumber": 21,
    "ShimSetting": [
      5237,
      -6157,
      -4055,
      53,
      3,
      -37,
      -27,
      1
    ],
    "SliceThickness": 3,
    "SoftwareVersions": "syngo_MR_E11",
    "SpacingBetweenSlices": 3,
    "StationName": "MRC35368",
    "TxRefAmp": 285.738,
    "dataset": "ds002105",
    "modality": "T2w",
    "session_id": "a2",
    "subject_id": "24"
  },
  "cjv": 0.4532084507844851,
  "cnr": 3.1603669212126557,
  "efc": 0.5995078319121727,
  "fber": 10104.697392121543,
  "fwhm_avg": 4.938745270390844,
  "fwhm_x": 6.165169230769231,
  "fwhm_y": 6.909366153846154,
  "fwhm_z": 1.741700426557147,
  "icvs_csf": 0.16741137478934853,
  "icvs_gm": 0.4428315407046422,
  "icvs_wm": 0.38975708450600927,
  "inu_med": 1.2916500568389893,
  "inu_range": 0.31579284667968754,
  "provenance": {
    "md5sum": "e1874ac76d053cbedda0fc5cf468a086",
    "settings": {
      "testing": false
    },
    "software": "mriqc",
    "version": "21.0.0rc2",
    "warnings": {
      "large_rot_frame": true,
      "small_air_mask": false
    },
    "webapi_port": null,
    "webapi_url": "https://mriqc.nimh.nih.gov/api/v1"
  },
  "qi_1": 7.91434045514053e-06,
  "qi_2": 0.02305055751158721,
  "rpve_csf": 16.11423580537594,
  "rpve_gm": 6.867820166796589,
  "rpve_wm": 8.601806523650211,
  "size_x": 512,
  "size_y": 512,
  "size_z": 48,
  "snr_csf": 3.012138188370101,
  "snr_gm": 11.297334568572195,
  "snr_total": 8.047477374336088,
  "snr_wm": 9.832959366065968,
  "snrd_csf": 228.92628503003073,
  "snrd_gm": 113.57937697172302,
  "snrd_total": 138.66333056452703,
  "snrd_wm": 73.48432969182734,
  "spacing_x": 0.40625,
  "spacing_y": 0.40625,
  "spacing_z": 3.000005006790161,
  "summary_bg_k": 442.90499303472893,
  "summary_bg_mad": 9.052846733180626,
  "summary_bg_mean": 15.594724978579526,
  "summary_bg_median": 12.104980938136578,
  "summary_bg_n": 3032446.0,
  "summary_bg_p05": 0.0,
  "summary_bg_p95": 41.77825279533863,
  "summary_bg_stdv": 27.74147443497899,
  "summary_csf_k": 0.7507832221455746,
  "summary_csf_mad": 847.3146898512043,
  "summary_csf_mean": 3052.9484965291754,
  "summary_csf_median": 3163.363602682948,
  "summary_csf_n": 372207.0,
  "summary_csf_p05": 581.574703656137,
  "summary_csf_p95": 4474.847232163699,
  "summary_csf_stdv": 1050.2039267075074,
  "summary_gm_k": -0.2652145448181433,
  "summary_gm_mad": 148.33962892615273,
  "summary_gm_mean": 1576.327560264494,
  "summary_gm_median": 1569.4696966782212,
  "summary_gm_n": 881583.0,
  "summary_gm_p05": 1364.0063919052482,
  "summary_gm_p95": 1810.6052019149065,
  "summary_gm_stdv": 138.9238140207991,
  "summary_wm_k": 0.10420381630974473,
  "summary_wm_mad": 102.7577515152257,
  "summary_wm_mean": 1010.5538489059805,
  "summary_wm_median": 1015.4257903769612,
  "summary_wm_n": 898058.0,
  "summary_wm_p05": 830.3159933760762,
  "summary_wm_p95": 1169.7910782694817,
  "summary_wm_stdv": 103.26750952879539,
  "tpm_overlap_csf": 0.14547809958457947,
  "tpm_overlap_gm": 0.42154669761657715,
  "tpm_overlap_wm": 0.44221213459968567,
  "wm2max": 0.2085909821094558
}