{
  "bids_meta": {
    "AcquisitionMatrixPE": 256,
    "AcquisitionNumber": 1,
    "AcquisitionTime": "15:55:45.812500",
    "BaseResolution": 256,
    "BodyPartExamined": "BRAIN",
    "ConsistencyInfo": "N4_VE11B_LATEST_20150530",
    "ConversionSoftware": "dcm2niix",
    "ConversionSoftwareVersion": "v1.0.20181125  GCC4.8.5",
    "DeviceSerialNumber": "67007",
    "DwellTime": 8.9e-06,
    "EchoTime": 0.091,
    "EchoTrainLength": 18,
    "FlipAngle": 120,
    "ImageOrientationPatientDICOM": [
      1,
      0,
      0,
      0,
      0.882948,
      -0.469472
    ],
    "ImageType": [
      "ORIGINAL",
      "PRIMARY",
      "M",
      "ND",
      "NORM"
    ],
    "ImagingFrequency": 123.211,
    "InPlanePhaseEncodingDirectionDICOM": "COL",
    "InstitutionAddress": "Perth_Drive_100_London_Ontario_CA_N6A_5K8",
    "InstitutionName": "Robarts_Research_Institute",
    "InstitutionalDepartmentName": "CFMM",
    "Interpolation2D": 1,
    "MRAcquisitionType": "2D",
    "MagneticFieldStrength": 3,
    "Manufacturer": "Siemens",
    "ManufacturersModelName": "Prisma_fit",
    "Modality": "MR",
    "ParallelReductionFactorInPlane": 2,
    "PartialFourier": 1,
    "PatientPosition": "HFS",
    "PercentPhaseFOV": 100,
    "PhaseEncodingDirection": "j-",
    "PhaseEncodingSteps": 255,
    "PhaseResolution": 1,
    "PixelBandwidth": 220,
    "ProcedureStepDescription": "Diedrichsen_MCC",
    "ProtocolName": "t2_tse_tra_256_p2",
    "PulseSequenceDetails": "%SiemensSeq%_tse",
    "ReceiveCoilActiveElements": "HEA;HEP",
    "ReceiveCoilName": "Head_32",
    "ReconMatrixPE": 512,
    "RepetitionTime": 8.53,
    "SAR": 0.652591,
    "ScanningSequence": "SE",
    "SequenceName": "_tse2d1_18",
    "SequenceVariant": "SK_SP",
    "SeriesDescription": "t2_tse_tra_256_p2",
    "SeriesNumber": 21,
    "ShimSetting": [
      5237,
      -6157,
      -4055,
      53,
      3,
      -37,
      -27,
      1
    ],
    "SliceThickness": 3,
    "SoftwareVersions": "syngo_MR_E11",
    "SpacingBetweenSlices": 3,
    "StationName": "MRC35368",
    "TxRefAmp": 283.924,
    "dataset": "ds002105",
    "modality": "T2w",
    "session_id": "b1",
    "subject_id": "18"
  },
  "cjv": 0.45479125096184647,
  "cnr": 3.173417013594249,
  "efc": 0.590575454389761,
  "fber": 9087.348692033294,
  "fwhm_avg": 4.960234188034188,
  "fwhm_x": 6.107249230769231,
  "fwhm_y": 7.0598399999999994,
  "fwhm_z": 1.7136133333333332,
  "icvs_csf": 0.16652129881644057,
  "icvs_gm": 0.44525658918117994,
  "icvs_wm": 0.38822211200237955,
  "inu_med": 1.0158621072769165,
  "inu_range": 0.23140413761138912,
  "provenance": {
    "md5sum": "1282711fee96c682f6b2ff814b167515",
    "settings": {
      "testing": false
    },
    "software": "mriqc",
    "version": "22.0.0rc1",
    "warnings": {
      "large_rot_frame": true,
      "small_air_mask": false
    },
    "webapi_port": null,
    "webapi_url": "https://mriqc.nimh.nih.gov/api/v1"
  },
  "qi_1": 1.0547777741446543e-05,
  "qi_2": 0.017770001076694478,
  "rpve_csf": 16.189601878283195,
  "rpve_gm": 7.00751778394364,
  "rpve_wm": 8.833848871602099,
  "size_x": 512,
  "size_y": 512,
  "size_z": 48,
  "snr_csf": 3.0212279760260317,
  "snr_gm": 11.400754356800235,
  "snr_total": 7.7503443603155775,
  "snr_wm": 8.829050748120466,
  "snrd_csf": 228.84100940743235,
  "snrd_gm": 109.2535772071867,
  "snrd_total": 135.7975528232661,
  "snrd_wm": 69.2980718551793,
  "spacing_x": 0.40625,
  "spacing_y": 0.40625,
  "spacing_z": 3.0,
  "summary_bg_k": 888.0336561126331,
  "summary_bg_mad": 9.66582706685987,
  "summary_bg_mean": 16.18757782049687,
  "summary_bg_median": 13.153379783034325,
  "summary_bg_n": 2844171.0,
  "summary_bg_p05": 0.0,
  "summary_bg_p95": 39.460139349102974,
  "summary_bg_stdv": 33.275618101288515,
  "summary_csf_k": 0.7891900142516319,
  "summary_csf_mad": 952.5079058693315,
  "summary_csf_mean": 3332.445718063608,
  "summary_csf_median": 3376.301024481654,
  "summary_csf_n": 354867.0,
  "summary_csf_p05": 608.0292776226997,
  "summary_csf_p95": 4917.270935811103,
  "summary_csf_stdv": 1117.5244947200254,
  "summary_gm_k": -0.26943710716496705,
  "summary_gm_mad": 149.90510749305483,
  "summary_gm_mean": 1618.5665461091562,
  "summary_gm_median": 1611.9180981069803,
  "summary_gm_n": 852944.0,
  "summary_gm_p05": 1400.549003854394,
  "summary_gm_p95": 1857.6003570109606,
  "summary_gm_stdv": 141.3868857047044,
  "summary_wm_k": -0.09348576694992339,
  "summary_wm_mad": 118.19441167721631,
  "summary_wm_mean": 1017.2114099899709,
  "summary_wm_median": 1022.4179293960333,
  "summary_wm_n": 876628.0,
  "summary_wm_p05": 815.5095465481281,
  "summary_wm_p95": 1196.500051394105,
  "summary_wm_stdv": 115.801502948627,
  "tpm_overlap_csf": 0.13955554366111755,
  "tpm_overlap_gm": 0.41513577103614807,
  "tpm_overlap_wm": 0.4262177050113678,
  "wm2max": 0.19263010451459972
}