{
  "aor": 0.0005795500000000001,
  "aqi": 0.007925203583333333,
  "bids_meta": {
    "AcquisitionMatrixPE": 84,
    "AcquisitionNumber": 1,
    "AcquisitionTime": "13:35:43.215000",
    "BandwidthPerPixelPhaseEncode": 33.069,
    "BaseResolution": 84,
    "BodyPartExamined": "BRAIN",
    "ConsistencyInfo": "N4_VE11B_LATEST_20150530",
    "ConversionSoftware": "dcm2niix",
    "ConversionSoftwareVersion": "v1.0.20181125  GCC4.8.5",
    "DerivedVendorReportedEchoSpacing": 0.000719995,
    "DeviceSerialNumber": "67007",
    "DwellTime": 3.8e-06,
    "EchoTime": 0.03,
    "EchoTrainLength": 36,
    "EffectiveEchoSpacing": 0.000359998,
    "FlipAngle": 40,
    "ImageComments": "Unaliased_MB3_PE4",
    "ImageOrientationPatientDICOM": [
      1,
      0,
      0,
      0,
      0.846193,
      -0.532876
    ],
    "ImageType": [
      "ORIGINAL",
      "PRIMARY",
      "M",
      "MB",
      "ND",
      "NORM",
      "MOSAIC"
    ],
    "ImagingFrequency": 123.211,
    "InPlanePhaseEncodingDirectionDICOM": "COL",
    "InstitutionAddress": "Perth_Drive_100_London_Ontario_CA_N6A_5K8",
    "InstitutionName": "Robarts_Research_Institute",
    "InstitutionalDepartmentName": "CFMM",
    "MRAcquisitionType": "2D",
    "MagneticFieldStrength": 3,
    "Manufacturer": "Siemens",
    "ManufacturersModelName": "Prisma_fit",
    "Modality": "MR",
    "MultibandAccelerationFactor": 3,
    "ParallelReductionFactorInPlane": 2,
    "PartialFourier": 0.875,
    "PatientPosition": "HFS",
    "PercentPhaseFOV": 100,
    "PhaseEncodingDirection": "j-",
    "PhaseEncodingSteps": 73,
    "PhaseResolution": 1,
    "PixelBandwidth": 1565,
    "ProcedureStepDescription": "Diedrichsen_MCC",
    "ProtocolName": "ep_bold_mb3_p2",
    "PulseSequenceDetails": "%CustomerSeq%_cmrr_mbep2d_bold",
    "ReceiveCoilActiveElements": "HEA;HEP",
    "ReceiveCoilName": "Head_32",
    "ReconMatrixPE": 84,
    "RepetitionTime": 1,
    "SAR": 0.0886839,
    "ScanOptions": "PFP_FS_EXT",
    "ScanningSequence": "EP",
    "SequenceName": "epfid2d1_84",
    "SequenceVariant": "SK_SS",
    "SeriesDescription": "ep_bold_mb3_p2",
    "SeriesNumber": 16,
    "ShimSetting": [
      5228,
      -6160,
      -4092,
      498,
      12,
      775,
      247,
      22
    ],
    "SliceThickness": 3,
    "SliceTiming": [
      0,
      0.43,
      0.8575,
      0.3075,
      0.735,
      0.185,
      0.6125,
      0.0625,
      0.49,
      0.92,
      0.3675,
      0.7975,
      0.245,
      0.675,
      0.1225,
      0.5525,
      0,
      0.43,
      0.8575,
      0.3075,
      0.735,
      0.185,
      0.6125,
      0.0625,
      0.49,
      0.92,
      0.3675,
      0.7975,
      0.245,
      0.675,
      0.1225,
      0.5525,
      0,
      0.43,
      0.8575,
      0.3075,
      0.735,
      0.185,
      0.6125,
      0.0625,
      0.49,
      0.92,
      0.3675,
      0.7975,
      0.245,
      0.675,
      0.1225,
      0.5525
    ],
    "SoftwareVersions": "syngo_MR_E11",
    "SpacingBetweenSlices": 3,
    "StationName": "MRC35368",
    "TaskName": "b",
    "TotalReadoutTime": 0.0298798,
    "TxRefAmp": 268.39,
    "WipMemBlock": "0f46a2cf-703a-4859-91ca-5121a6029754||Sequence: ve11b/master r/50434d5; Mar  3 2017 10:46:13 by eja",
    "dataset": "ds002105",
    "modality": "bold",
    "run_id": 8,
    "session_id": "b1",
    "subject_id": "28",
    "task_id": "b"
  },
  "dummy_trs": 1,
  "dvars_nstd": 29.69026889068448,
  "dvars_std": 1.0921654346911513,
  "dvars_vstd": 1.0037099397328881,
  "efc": 0.48470723656859205,
  "fber": 4622.39990234375,
  "fd_mean": 0.1083790486077562,
  "fd_num": 28,
  "fd_perc": 4.666666666666667,
  "fwhm_avg": 1.7896529685299385,
  "fwhm_x": 1.729773975013807,
  "fwhm_y": 1.8829284034840708,
  "fwhm_z": 1.7562565270919381,
  "gcor": 0.00642187,
  "gsr_x": -0.0031423342879861593,
  "gsr_y": 0.02405145950615406,
  "provenance": {
    "md5sum": "c63bc239e29d4c1040f8533faa205eec",
    "settings": {
      "fd_thres": 0.2,
      "testing": false
    },
    "software": "mriqc",
    "version": "21.0.0rc2",
    "webapi_port": null,
    "webapi_url": "https://mriqc.nimh.nih.gov/api/v1"
  },
  "size_t": 600,
  "size_x": 84,
  "size_y": 84,
  "size_z": 48,
  "snr": 4.982884770710332,
  "spacing_tr": 1.0,
  "spacing_x": 2.4761905670166016,
  "spacing_y": 2.4761908054351807,
  "spacing_z": 3.000000238418579,
  "summary_bg_k": 46.287882840154204,
  "summary_bg_mad": 32.12922595391039,
  "summary_bg_mean": 127.93174743652344,
  "summary_bg_median": 52.78083801269531,
  "summary_bg_n": 220252.0,
  "summary_bg_p05": 25.59166717529297,
  "summary_bg_p95": 476.0630050659179,
  "summary_bg_stdv": 236.83607482910156,
  "summary_fg_k": 3.6186393255778153,
  "summary_fg_mad": 629.7218996632612,
  "summary_fg_mean": 3740.568603515625,
  "summary_fg_median": 3636.1201171875,
  "summary_fg_n": 61930.0,
  "summary_fg_p05": 2828.6259887695314,
  "summary_fg_p95": 5012.043237304687,
  "summary_fg_stdv": 729.7160034179688,
  "tsnr": 49.472185894846916
}