{
  "aor": 0.00019165275459098497,
  "aqi": 0.00834248487479132,
  "bids_meta": {
    "AcquisitionMatrixPE": 84,
    "AcquisitionNumber": 1,
    "AcquisitionTime": "12:30:58.027500",
    "BandwidthPerPixelPhaseEncode": 33.069,
    "BaseResolution": 84,
    "BodyPartExamined": "BRAIN",
    "ConsistencyInfo": "N4_VE11B_LATEST_20150530",
    "ConversionSoftware": "dcm2niix",
    "ConversionSoftwareVersion": "v1.0.20181125  GCC4.8.5",
    "DerivedVendorReportedEchoSpacing": 0.000719995,
    "DeviceSerialNumber": "67007",
    "DwellTime": 3.8e-06,
    "EchoTime": 0.03,
    "EchoTrainLength": 36,
    "EffectiveEchoSpacing": 0.000359998,
    "FlipAngle": 40,
    "ImageComments": "Unaliased_MB3_PE4",
    "ImageOrientationPatientDICOM": [
      1,
      0,
      0,
      0,
      0.846193,
      -0.532876
    ],
    "ImageType": [
      "ORIGINAL",
      "PRIMARY",
      "M",
      "MB",
      "ND",
      "NORM",
      "MOSAIC"
    ],
    "ImagingFrequency": 123.211,
    "InPlanePhaseEncodingDirectionDICOM": "COL",
    "InstitutionAddress": "Perth_Drive_100_London_Ontario_CA_N6A_5K8",
    "InstitutionName": "Robarts_Research_Institute",
    "InstitutionalDepartmentName": "CFMM",
    "MRAcquisitionType": "2D",
    "MagneticFieldStrength": 3,
    "Manufacturer": "Siemens",
    "ManufacturersModelName": "Prisma_fit",
    "Modality": "MR",
    "MultibandAccelerationFactor": 3,
    "ParallelReductionFactorInPlane": 2,
    "PartialFourier": 0.875,
    "PatientPosition": "HFS",
    "PercentPhaseFOV": 100,
    "PhaseEncodingDirection": "j-",
    "PhaseEncodingSteps": 73,
    "PhaseResolution": 1,
    "PixelBandwidth": 1565,
    "ProcedureStepDescription": "Diedrichsen_MCC",
    "ProtocolName": "ep_bold_mb3_p2",
    "PulseSequenceDetails": "%CustomerSeq%_cmrr_mbep2d_bold",
    "ReceiveCoilActiveElements": "HEA;HEP",
    "ReceiveCoilName": "Head_32",
    "ReconMatrixPE": 84,
    "RepetitionTime": 1,
    "SAR": 0.0886839,
    "ScanOptions": "PFP_FS_EXT",
    "ScanningSequence": "EP",
    "SequenceName": "epfid2d1_84",
    "SequenceVariant": "SK_SS",
    "SeriesDescription": "ep_bold_mb3_p2",
    "SeriesNumber": 4,
    "ShimSetting": [
      5228,
      -6160,
      -4092,
      498,
      12,
      775,
      247,
      22
    ],
    "SliceThickness": 3,
    "SliceTiming": [
      0,
      0.43,
      0.8575,
      0.3075,
      0.735,
      0.185,
      0.6125,
      0.0625,
      0.49,
      0.9175,
      0.3675,
      0.795,
      0.245,
      0.6725,
      0.1225,
      0.55,
      0,
      0.43,
      0.8575,
      0.3075,
      0.735,
      0.185,
      0.6125,
      0.0625,
      0.49,
      0.9175,
      0.3675,
      0.795,
      0.245,
      0.6725,
      0.1225,
      0.55,
      0,
      0.43,
      0.8575,
      0.3075,
      0.735,
      0.185,
      0.6125,
      0.0625,
      0.49,
      0.9175,
      0.3675,
      0.795,
      0.245,
      0.6725,
      0.1225,
      0.55
    ],
    "SoftwareVersions": "syngo_MR_E11",
    "SpacingBetweenSlices": 3,
    "StationName": "MRC35368",
    "TaskName": "b",
    "TotalReadoutTime": 0.0298798,
    "TxRefAmp": 268.39,
    "WipMemBlock": "385c3fbc-852d-4892-a916-fe77ae79f4d8||Sequence: ve11b/master r/50434d5; Mar  3 2017 10:46:13 by eja",
    "dataset": "ds002105",
    "modality": "bold",
    "run_id": 2,
    "session_id": "b1",
    "subject_id": "28",
    "task_id": "b"
  },
  "dummy_trs": 2,
  "dvars_nstd": 30.210500005969894,
  "dvars_std": 1.0951117120066893,
  "dvars_vstd": 0.9918542842809356,
  "efc": 0.4905850360762721,
  "fber": 4628.404296875,
  "fd_mean": 0.10497282233984602,
  "fd_num": 15,
  "fd_perc": 2.5041736227045077,
  "fwhm_avg": 1.793709826430676,
  "fwhm_x": 1.7248349367334317,
  "fwhm_y": 1.9211080137921646,
  "fwhm_z": 1.7351865287664312,
  "gcor": 0.00406251,
  "gsr_x": -0.0042749675922095776,
  "gsr_y": 0.02304084226489067,
  "provenance": {
    "md5sum": "2a39ca43460265a2fc693e6a6204aa50",
    "settings": {
      "fd_thres": 0.2,
      "testing": false
    },
    "software": "mriqc",
    "version": "21.0.0rc2",
    "webapi_port": null,
    "webapi_url": "https://mriqc.nimh.nih.gov/api/v1"
  },
  "size_t": 599,
  "size_x": 84,
  "size_y": 84,
  "size_z": 48,
  "snr": 5.010638840867673,
  "spacing_tr": 1.0,
  "spacing_x": 2.4761905670166016,
  "spacing_y": 2.4761908054351807,
  "spacing_z": 3.000000238418579,
  "summary_bg_k": 80.51402679339292,
  "summary_bg_mad": 32.48854252856439,
  "summary_bg_mean": 133.3931884765625,
  "summary_bg_median": 52.41569137573242,
  "summary_bg_n": 218271.0,
  "summary_bg_p05": 24.966609954833984,
  "summary_bg_p95": 492.4056701660156,
  "summary_bg_stdv": 271.51507568359375,
  "summary_fg_k": 3.685816949852587,
  "summary_fg_mad": 635.856817876506,
  "summary_fg_mean": 3723.69775390625,
  "summary_fg_median": 3624.9755859375,
  "summary_fg_n": 63486.0,
  "summary_fg_p05": 2815.7474365234375,
  "summary_fg_p95": 4962.8277587890625,
  "summary_fg_stdv": 723.4500732421875,
  "tsnr": 48.46101535693742
}