{
  "bids_meta": {
    "AcquisitionMatrixPE": 256,
    "AcquisitionNumber": 1,
    "AcquisitionTime": "15:15:38.297500",
    "BaseResolution": 256,
    "BodyPartExamined": "BRAIN",
    "ConsistencyInfo": "N4_VE11B_LATEST_20150530",
    "ConversionSoftware": "dcm2niix",
    "ConversionSoftwareVersion": "v1.0.20181125  GCC4.8.5",
    "DeviceSerialNumber": "67007",
    "DwellTime": 8.2e-06,
    "EchoTime": 0.00298,
    "FlipAngle": 9,
    "ImageOrientationPatientDICOM": [
      0.0471675,
      0.998887,
      -8.24832e-09,
      0.0189945,
      -0.00089693,
      -0.999819
    ],
    "ImageType": [
      "ORIGINAL",
      "PRIMARY",
      "M",
      "ND",
      "NORM"
    ],
    "ImagingFrequency": 123.211,
    "InPlanePhaseEncodingDirectionDICOM": "ROW",
    "InstitutionAddress": "Perth_Drive_100_London_Ontario_CA_N6A_5K8",
    "InstitutionName": "Robarts_Research_Institute",
    "InstitutionalDepartmentName": "CFMM",
    "InversionTime": 0.9,
    "MRAcquisitionType": "3D",
    "MagneticFieldStrength": 3,
    "Manufacturer": "Siemens",
    "ManufacturersModelName": "Prisma_fit",
    "Modality": "MR",
    "PartialFourier": 1,
    "PatientPosition": "HFS",
    "PercentPhaseFOV": 100,
    "PhaseEncodingSteps": 255,
    "PhaseResolution": 1,
    "PixelBandwidth": 240,
    "ProcedureStepDescription": "Diedrichsen_Feb2016",
    "ProtocolName": "mprage_sag_p2",
    "PulseSequenceDetails": "%SiemensSeq%_tfl",
    "ReceiveCoilActiveElements": "HEA;HEP",
    "ReceiveCoilName": "Head_32",
    "ReconMatrixPE": 256,
    "RepetitionTime": 2.3,
    "SAR": 0.0738665,
    "ScanOptions": "IR",
    "ScanningSequence": "GR_IR",
    "SequenceName": "_tfl3d1_16ns",
    "SequenceVariant": "SK_SP_MP",
    "SeriesDescription": "mprage_sag_p2",
    "SeriesNumber": 2,
    "ShimSetting": [
      5255,
      -6217,
      -3951,
      553,
      36,
      -295,
      115,
      0
    ],
    "SliceThickness": 1,
    "SoftwareVersions": "syngo_MR_E11",
    "StationName": "MRC35368",
    "TxRefAmp": 285.731,
    "dataset": "ds002105",
    "modality": "T1w",
    "session_id": "b1",
    "subject_id": "09"
  },
  "cjv": 0.3757235472271963,
  "cnr": 3.43893270934033,
  "efc": 0.5531567630427513,
  "fber": 16570.965146502833,
  "fwhm_avg": 3.4803866666666665,
  "fwhm_x": 3.4901,
  "fwhm_y": 3.61389,
  "fwhm_z": 3.33717,
  "icvs_csf": 0.17599610105915425,
  "icvs_gm": 0.4318586982063132,
  "icvs_wm": 0.39214520073453263,
  "inu_med": 0.9500213265419006,
  "inu_range": 0.2933959543704987,
  "provenance": {
    "md5sum": "08e8042533a97433dc40ca7ad256268e",
    "settings": {
      "testing": false
    },
    "software": "mriqc",
    "version": "21.0.0rc2",
    "warnings": {
      "large_rot_frame": true,
      "small_air_mask": false
    },
    "webapi_port": null,
    "webapi_url": "https://mriqc.nimh.nih.gov/api/v1"
  },
  "qi_1": 0.01645275950338532,
  "qi_2": 0.03258721489685364,
  "rpve_csf": 28.300554348658864,
  "rpve_gm": 13.092181434429294,
  "rpve_wm": 17.318171244547024,
  "size_x": 176,
  "size_y": 256,
  "size_z": 256,
  "snr_csf": 3.3273237844312744,
  "snr_gm": 10.615246963249946,
  "snr_total": 12.50454131011715,
  "snr_wm": 23.571053182670227,
  "snrd_csf": 34.164262551296645,
  "snrd_gm": 57.66089862622188,
  "snrd_total": 57.19820253562134,
  "snrd_wm": 79.76944642934552,
  "spacing_x": 1.0,
  "spacing_y": 1.0,
  "spacing_z": 1.0,
  "summary_bg_k": 91.8447536231539,
  "summary_bg_mad": 8.212873462201813,
  "summary_bg_mean": 5.952175133416138,
  "summary_bg_median": 5.539498969912529,
  "summary_bg_n": 3477100.0,
  "summary_bg_p05": 0.0,
  "summary_bg_p95": 16.678708855062723,
  "summary_bg_stdv": 7.663008500190449,
  "summary_csf_k": -0.7506959309471384,
  "summary_csf_mad": 154.5269995986015,
  "summary_csf_mean": 407.963636727537,
  "summary_csf_median": 428.2875670976937,
  "summary_csf_n": 10103.0,
  "summary_csf_p05": 210.38655816055834,
  "summary_csf_p95": 594.2256672192365,
  "summary_csf_stdv": 128.71196140216412,
  "summary_gm_k": 0.34764984752900707,
  "summary_gm_mad": 64.85491924227844,
  "summary_gm_mean": 724.5211385566993,
  "summary_gm_median": 722.8444036282599,
  "summary_gm_n": 23726.0,
  "summary_gm_p05": 614.5231139883399,
  "summary_gm_p95": 841.025399315171,
  "summary_gm_stdv": 68.09348598292121,
  "summary_wm_k": 0.6980633820743081,
  "summary_wm_mad": 39.27896003661736,
  "summary_wm_mean": 1000.0682413471136,
  "summary_wm_median": 999.9999879598618,
  "summary_wm_n": 232336.0,
  "summary_wm_p05": 930.8766747266054,
  "summary_wm_p95": 1069.4243609197438,
  "summary_wm_stdv": 42.42482625414214,
  "tpm_overlap_csf": 0.17403659224510193,
  "tpm_overlap_gm": 0.43473345041275024,
  "tpm_overlap_wm": 0.5127107501029968,
  "wm2max": 0.48118209474141677
}