{
  "aor": 0.0002362063227953411,
  "aqi": 0.008237108252911813,
  "bids_meta": {
    "AcquisitionMatrixPE": 84,
    "AcquisitionNumber": 1,
    "AcquisitionTime": "11:11:59.530000",
    "BandwidthPerPixelPhaseEncode": 33.069,
    "BaseResolution": 84,
    "BodyPartExamined": "BRAIN",
    "ConsistencyInfo": "N4_VE11B_LATEST_20150530",
    "ConversionSoftware": "dcm2niix",
    "ConversionSoftwareVersion": "v1.0.20181125  GCC4.8.5",
    "DerivedVendorReportedEchoSpacing": 0.000719995,
    "DeviceSerialNumber": "67007",
    "DwellTime": 3.8e-06,
    "EchoTime": 0.03,
    "EchoTrainLength": 36,
    "EffectiveEchoSpacing": 0.000359998,
    "FlipAngle": 40,
    "ImageComments": "Unaliased_MB3_PE4",
    "ImageOrientationPatientDICOM": [
      1,
      0,
      0,
      0,
      0.944376,
      -0.328867
    ],
    "ImageType": [
      "ORIGINAL",
      "PRIMARY",
      "M",
      "MB",
      "ND",
      "NORM",
      "MOSAIC"
    ],
    "ImagingFrequency": 123.211,
    "InPlanePhaseEncodingDirectionDICOM": "COL",
    "InstitutionAddress": "Perth_Drive_100_London_Ontario_CA_N6A_5K8",
    "InstitutionName": "Robarts_Research_Institute",
    "InstitutionalDepartmentName": "CFMM",
    "MRAcquisitionType": "2D",
    "MagneticFieldStrength": 3,
    "Manufacturer": "Siemens",
    "ManufacturersModelName": "Prisma_fit",
    "Modality": "MR",
    "MultibandAccelerationFactor": 3,
    "ParallelReductionFactorInPlane": 2,
    "PartialFourier": 0.875,
    "PatientPosition": "HFS",
    "PercentPhaseFOV": 100,
    "PhaseEncodingDirection": "j-",
    "PhaseEncodingSteps": 73,
    "PhaseResolution": 1,
    "PixelBandwidth": 1565,
    "ProcedureStepDescription": "Diedrichsen_Feb2016",
    "ProtocolName": "ep_bold_mb3_p2",
    "PulseSequenceDetails": "%CustomerSeq%_cmrr_mbep2d_bold",
    "ReceiveCoilActiveElements": "HEA;HEP",
    "ReceiveCoilName": "Head_32",
    "ReconMatrixPE": 84,
    "RepetitionTime": 1,
    "SAR": 0.0756348,
    "ScanOptions": "PFP_FS_EXT",
    "ScanningSequence": "EP",
    "SequenceName": "epfid2d1_84",
    "SequenceVariant": "SK_SS",
    "SeriesDescription": "ep_bold_mb3_p2",
    "SeriesNumber": 8,
    "ShimSetting": [
      5272,
      -6224,
      -4021,
      605,
      15,
      105,
      -26,
      26
    ],
    "SliceThickness": 3,
    "SliceTiming": [
      0,
      0.4275,
      0.8575,
      0.305,
      0.735,
      0.1825,
      0.6125,
      0.06,
      0.49,
      0.9175,
      0.3675,
      0.795,
      0.245,
      0.6725,
      0.1225,
      0.55,
      0,
      0.4275,
      0.8575,
      0.305,
      0.735,
      0.1825,
      0.6125,
      0.06,
      0.49,
      0.9175,
      0.3675,
      0.795,
      0.245,
      0.6725,
      0.1225,
      0.55,
      0,
      0.4275,
      0.8575,
      0.305,
      0.735,
      0.1825,
      0.6125,
      0.06,
      0.49,
      0.9175,
      0.3675,
      0.795,
      0.245,
      0.6725,
      0.1225,
      0.55
    ],
    "SoftwareVersions": "syngo_MR_E11",
    "SpacingBetweenSlices": 3,
    "StationName": "MRC35368",
    "TaskName": "a",
    "TotalReadoutTime": 0.0298798,
    "TxRefAmp": 243.425,
    "WipMemBlock": "fb2adacf-cac5-4f99-803e-c758d8a45744||Sequence: ve11b/master r/93e61f0; Jul 21 2016 00:18:29 by eja",
    "dataset": "ds002105",
    "modality": "bold",
    "run_id": 6,
    "session_id": "a1",
    "subject_id": "17",
    "task_id": "a"
  },
  "dummy_trs": 0,
  "dvars_nstd": 28.453790133916662,
  "dvars_std": 1.1663057986166678,
  "dvars_vstd": 0.9987725753333333,
  "efc": 0.4516565493659277,
  "fber": 7348.5439453125,
  "fd_mean": 0.08182265226397357,
  "fd_num": 0,
  "fd_perc": 0.0,
  "fwhm_avg": 1.7799851691811452,
  "fwhm_x": 1.7268420520444265,
  "fwhm_y": 1.9122801221656756,
  "fwhm_z": 1.7008333333333334,
  "gcor": 0.0133138,
  "gsr_x": -0.007032675668597221,
  "gsr_y": 0.01988525502383709,
  "provenance": {
    "md5sum": "a6e3a929938faa04b836e82563e48020",
    "settings": {
      "fd_thres": 0.2,
      "testing": false
    },
    "software": "mriqc",
    "version": "21.0.0rc2",
    "webapi_port": null,
    "webapi_url": "https://mriqc.nimh.nih.gov/api/v1"
  },
  "size_t": 601,
  "size_x": 84,
  "size_y": 84,
  "size_z": 48,
  "snr": 5.969549613295329,
  "spacing_tr": 1.0,
  "spacing_x": 2.4761905670166016,
  "spacing_y": 2.4761905670166016,
  "spacing_z": 3.0,
  "summary_bg_k": 32.85889194205925,
  "summary_bg_mad": 29.965339273842673,
  "summary_bg_mean": 124.53047180175781,
  "summary_bg_median": 45.73793411254883,
  "summary_bg_n": 232308.0,
  "summary_bg_p05": 20.975623226165773,
  "summary_bg_p95": 470.19025878906234,
  "summary_bg_stdv": 254.87648010253906,
  "summary_fg_k": 4.936244111810358,
  "summary_fg_mad": 577.8644846147645,
  "summary_fg_mean": 4049.918701171875,
  "summary_fg_median": 3981.16455078125,
  "summary_fg_n": 52045.0,
  "summary_fg_p05": 3169.476416015625,
  "summary_fg_p95": 5122.733789062499,
  "summary_fg_stdv": 666.9056396484375,
  "tsnr": 57.54525945405476
}