{
  "aor": 0.00035955074875207985,
  "aqi": 0.007405443244592347,
  "bids_meta": {
    "AcquisitionMatrixPE": 84,
    "AcquisitionNumber": 1,
    "AcquisitionTime": "12:18:40.530000",
    "BandwidthPerPixelPhaseEncode": 33.069,
    "BaseResolution": 84,
    "BodyPartExamined": "BRAIN",
    "ConsistencyInfo": "N4_VE11B_LATEST_20150530",
    "ConversionSoftware": "dcm2niix",
    "ConversionSoftwareVersion": "v1.0.20181125  GCC4.8.5",
    "DerivedVendorReportedEchoSpacing": 0.000719995,
    "DeviceSerialNumber": "67007",
    "DwellTime": 3.8e-06,
    "EchoTime": 0.03,
    "EchoTrainLength": 36,
    "EffectiveEchoSpacing": 0.000359998,
    "FlipAngle": 40,
    "ImageComments": "Unaliased_MB3_PE4",
    "ImageOrientationPatientDICOM": [
      1,
      0,
      0,
      0,
      0.922538,
      -0.385906
    ],
    "ImageType": [
      "ORIGINAL",
      "PRIMARY",
      "M",
      "MB",
      "ND",
      "NORM",
      "MOSAIC"
    ],
    "ImagingFrequency": 123.211,
    "InPlanePhaseEncodingDirectionDICOM": "COL",
    "InstitutionAddress": "Perth_Drive_100_London_Ontario_CA_N6A_5K8",
    "InstitutionName": "Robarts_Research_Institute",
    "InstitutionalDepartmentName": "CFMM",
    "MRAcquisitionType": "2D",
    "MagneticFieldStrength": 3,
    "Manufacturer": "Siemens",
    "ManufacturersModelName": "Prisma_fit",
    "Modality": "MR",
    "MultibandAccelerationFactor": 3,
    "ParallelReductionFactorInPlane": 2,
    "PartialFourier": 0.875,
    "PatientPosition": "HFS",
    "PercentPhaseFOV": 100,
    "PhaseEncodingDirection": "j-",
    "PhaseEncodingSteps": 73,
    "PhaseResolution": 1,
    "PixelBandwidth": 1565,
    "ProcedureStepDescription": "Diedrichsen_MCC",
    "ProtocolName": "ep_bold_mb3_p2",
    "PulseSequenceDetails": "%CustomerSeq%_cmrr_mbep2d_bold",
    "ReceiveCoilActiveElements": "HEA;HEP",
    "ReceiveCoilName": "Head_32",
    "ReconMatrixPE": 84,
    "RepetitionTime": 1,
    "SAR": 0.0554324,
    "ScanOptions": "PFP_FS_EXT",
    "ScanningSequence": "EP",
    "SequenceName": "epfid2d1_84",
    "SequenceVariant": "SK_SS",
    "SeriesDescription": "ep_bold_mb3_p2",
    "SeriesNumber": 4,
    "ShimSetting": [
      5241,
      -6257,
      -3901,
      527,
      2,
      -10,
      28,
      -5
    ],
    "SliceThickness": 3,
    "SliceTiming": [
      0,
      0.4275,
      0.8575,
      0.305,
      0.735,
      0.1825,
      0.6125,
      0.06,
      0.49,
      0.9175,
      0.3675,
      0.795,
      0.245,
      0.6725,
      0.1225,
      0.55,
      0,
      0.4275,
      0.8575,
      0.305,
      0.735,
      0.1825,
      0.6125,
      0.06,
      0.49,
      0.9175,
      0.3675,
      0.795,
      0.245,
      0.6725,
      0.1225,
      0.55,
      0,
      0.4275,
      0.8575,
      0.305,
      0.735,
      0.1825,
      0.6125,
      0.06,
      0.49,
      0.9175,
      0.3675,
      0.795,
      0.245,
      0.6725,
      0.1225,
      0.55
    ],
    "SoftwareVersions": "syngo_MR_E11",
    "SpacingBetweenSlices": 3,
    "StationName": "MRC35368",
    "TaskName": "rest",
    "TotalReadoutTime": 0.0298798,
    "TxRefAmp": 231.744,
    "WipMemBlock": "3a911dae-18ae-4853-a547-06726f645512||Sequence: ve11b/master r/50434d5; Mar  3 2017 10:46:13 by eja",
    "dataset": "ds002105",
    "modality": "bold",
    "run_id": 2,
    "session_id": "rest",
    "subject_id": "27",
    "task_id": "rest"
  },
  "dummy_trs": 0,
  "dvars_nstd": 30.125587676299997,
  "dvars_std": 1.2085550684499988,
  "dvars_vstd": 1.0037993011166657,
  "efc": 0.43725771641203187,
  "fber": 6600.00341796875,
  "fd_mean": 0.1036851739213424,
  "fd_num": 39,
  "fd_perc": 6.4891846921797,
  "fwhm_avg": 1.755210426603326,
  "fwhm_x": 1.6972724377444182,
  "fwhm_y": 1.8590855087322267,
  "fwhm_z": 1.7092733333333332,
  "gcor": 0.0230744,
  "gsr_x": -0.006528435740619898,
  "gsr_y": 0.008818398229777813,
  "provenance": {
    "md5sum": "f00d0bbfe3751d11b460e7065c6e15cb",
    "settings": {
      "fd_thres": 0.2,
      "testing": false
    },
    "software": "mriqc",
    "version": "21.0.0rc2",
    "webapi_port": null,
    "webapi_url": "https://mriqc.nimh.nih.gov/api/v1"
  },
  "size_t": 601,
  "size_x": 84,
  "size_y": 84,
  "size_z": 48,
  "snr": 5.418481458889454,
  "spacing_tr": 1.0,
  "spacing_x": 2.4761905670166016,
  "spacing_y": 2.4761905670166016,
  "spacing_z": 3.0,
  "summary_bg_k": 31.66725516338972,
  "summary_bg_mad": 29.837061412939963,
  "summary_bg_mean": 134.46823120117188,
  "summary_bg_median": 47.24292755126953,
  "summary_bg_n": 240007.0,
  "summary_bg_p05": 22.39317684173584,
  "summary_bg_p95": 510.5447357177696,
  "summary_bg_stdv": 275.67181396484375,
  "summary_fg_k": 3.9893833346657495,
  "summary_fg_mad": 636.8326712898584,
  "summary_fg_mean": 3927.644287109375,
  "summary_fg_median": 3860.4326171875,
  "summary_fg_n": 46267.0,
  "summary_fg_p05": 2980.042529296875,
  "summary_fg_p95": 5071.999169921874,
  "summary_fg_stdv": 712.4488525390625,
  "tsnr": 54.40455620200373
}