{
  "aor": 0.0006566555740432613,
  "aqi": 0.010394406921797005,
  "bids_meta": {
    "AcquisitionMatrixPE": 84,
    "AcquisitionNumber": 1,
    "AcquisitionTime": "14:42:18.077500",
    "BandwidthPerPixelPhaseEncode": 33.069,
    "BaseResolution": 84,
    "BodyPartExamined": "BRAIN",
    "ConsistencyInfo": "N4_VE11B_LATEST_20150530",
    "ConversionSoftware": "dcm2niix",
    "ConversionSoftwareVersion": "v1.0.20181125  GCC4.8.5",
    "DerivedVendorReportedEchoSpacing": 0.000719995,
    "DeviceSerialNumber": "67007",
    "DwellTime": 3.8e-06,
    "EchoTime": 0.03,
    "EchoTrainLength": 36,
    "EffectiveEchoSpacing": 0.000359998,
    "FlipAngle": 40,
    "ImageComments": "Unaliased_MB3_PE4",
    "ImageOrientationPatientDICOM": [
      1,
      0,
      0,
      0,
      0.934826,
      -0.355107
    ],
    "ImageType": [
      "ORIGINAL",
      "PRIMARY",
      "M",
      "MB",
      "ND",
      "NORM",
      "MOSAIC"
    ],
    "ImagingFrequency": 123.211,
    "InPlanePhaseEncodingDirectionDICOM": "COL",
    "InstitutionAddress": "Perth_Drive_100_London_Ontario_CA_N6A_5K8",
    "InstitutionName": "Robarts_Research_Institute",
    "InstitutionalDepartmentName": "CFMM",
    "MRAcquisitionType": "2D",
    "MagneticFieldStrength": 3,
    "Manufacturer": "Siemens",
    "ManufacturersModelName": "Prisma_fit",
    "Modality": "MR",
    "MultibandAccelerationFactor": 3,
    "ParallelReductionFactorInPlane": 2,
    "PartialFourier": 0.875,
    "PatientPosition": "HFS",
    "PercentPhaseFOV": 100,
    "PhaseEncodingDirection": "j-",
    "PhaseEncodingSteps": 73,
    "PhaseResolution": 1,
    "PixelBandwidth": 1565,
    "ProcedureStepDescription": "Diedrichsen_MCC",
    "ProtocolName": "ep_bold_mb3_p2",
    "PulseSequenceDetails": "%CustomerSeq%_cmrr_mbep2d_bold",
    "ReceiveCoilActiveElements": "HEA;HEP",
    "ReceiveCoilName": "Head_32",
    "ReconMatrixPE": 84,
    "RepetitionTime": 1,
    "SAR": 0.074457,
    "ScanOptions": "PFP_FS_EXT",
    "ScanningSequence": "EP",
    "SequenceName": "epfid2d1_84",
    "SequenceVariant": "SK_SS",
    "SeriesDescription": "ep_bold_mb3_p2",
    "SeriesNumber": 6,
    "ShimSetting": [
      5228,
      -6250,
      -3902,
      587,
      65,
      -146,
      -20,
      -26
    ],
    "SliceThickness": 3,
    "SliceTiming": [
      0,
      0.4275,
      0.8575,
      0.305,
      0.735,
      0.1825,
      0.6125,
      0.06,
      0.49,
      0.9175,
      0.3675,
      0.795,
      0.245,
      0.6725,
      0.1225,
      0.55,
      0,
      0.4275,
      0.8575,
      0.305,
      0.735,
      0.1825,
      0.6125,
      0.06,
      0.49,
      0.9175,
      0.3675,
      0.795,
      0.245,
      0.6725,
      0.1225,
      0.55,
      0,
      0.4275,
      0.8575,
      0.305,
      0.735,
      0.1825,
      0.6125,
      0.06,
      0.49,
      0.9175,
      0.3675,
      0.795,
      0.245,
      0.6725,
      0.1225,
      0.55
    ],
    "SoftwareVersions": "syngo_MR_E11",
    "SpacingBetweenSlices": 3,
    "StationName": "MRC35368",
    "TaskName": "b",
    "TotalReadoutTime": 0.0298798,
    "TxRefAmp": 282.42,
    "WipMemBlock": "99adfa28-57ae-43f7-97ba-149b7a5f406e||Sequence: ve11b/master r/50434d5; Mar  3 2017 10:46:13 by eja",
    "dataset": "ds002105",
    "modality": "bold",
    "run_id": 3,
    "session_id": "b2",
    "subject_id": "15",
    "task_id": "b"
  },
  "dummy_trs": 0,
  "dvars_nstd": 32.127326326266676,
  "dvars_std": 1.1518460849833334,
  "dvars_vstd": 1.005457363933332,
  "efc": 0.524276376474679,
  "fber": 3893.70458984375,
  "fd_mean": 0.09830901097915629,
  "fd_num": 43,
  "fd_perc": 7.1547420965058235,
  "fwhm_avg": 1.9085428150980477,
  "fwhm_x": 1.8404278171088946,
  "fwhm_y": 2.0976939615185826,
  "fwhm_z": 1.7875066666666666,
  "gcor": 0.0116516,
  "gsr_x": -0.009536300785839558,
  "gsr_y": 0.034846361726522446,
  "provenance": {
    "md5sum": "fe7006ab07eb5e429d6e8de81ba803de",
    "settings": {
      "fd_thres": 0.2,
      "testing": false
    },
    "software": "mriqc",
    "version": "21.0.0rc2",
    "webapi_port": null,
    "webapi_url": "https://mriqc.nimh.nih.gov/api/v1"
  },
  "size_t": 601,
  "size_x": 84,
  "size_y": 84,
  "size_z": 48,
  "snr": 5.416481237205409,
  "spacing_tr": 1.0,
  "spacing_x": 2.4761905670166016,
  "spacing_y": 2.4761905670166016,
  "spacing_z": 3.0,
  "summary_bg_k": 17.1673928636038,
  "summary_bg_mad": 51.68879099017467,
  "summary_bg_mean": 220.76080322265625,
  "summary_bg_median": 66.88685607910156,
  "summary_bg_n": 212618.0,
  "summary_bg_p05": 28.006654739379883,
  "summary_bg_p95": 979.9869262695311,
  "summary_bg_stdv": 386.0979309082031,
  "summary_fg_k": 5.255948763848222,
  "summary_fg_mad": 671.6553632896952,
  "summary_fg_mean": 4425.578125,
  "summary_fg_median": 4331.671875,
  "summary_fg_n": 67493.0,
  "summary_fg_p05": 3419.873876953125,
  "summary_fg_p95": 5696.720703124999,
  "summary_fg_stdv": 799.7147216796875,
  "tsnr": 48.14609194826335
}