{
  "aor": 0.0008898169717138104,
  "aqi": 0.01376965038269551,
  "bids_meta": {
    "AcquisitionMatrixPE": 84,
    "AcquisitionNumber": 1,
    "AcquisitionTime": "14:53:14.487500",
    "BandwidthPerPixelPhaseEncode": 33.069,
    "BaseResolution": 84,
    "BodyPartExamined": "BRAIN",
    "ConsistencyInfo": "N4_VE11B_LATEST_20150530",
    "ConversionSoftware": "dcm2niix",
    "ConversionSoftwareVersion": "v1.0.20181125  GCC4.8.5",
    "DerivedVendorReportedEchoSpacing": 0.000719995,
    "DeviceSerialNumber": "67007",
    "DwellTime": 3.8e-06,
    "EchoTime": 0.03,
    "EchoTrainLength": 36,
    "EffectiveEchoSpacing": 0.000359998,
    "FlipAngle": 40,
    "ImageComments": "Unaliased_MB3_PE4",
    "ImageOrientationPatientDICOM": [
      1,
      0,
      0,
      0,
      0.934826,
      -0.355107
    ],
    "ImageType": [
      "ORIGINAL",
      "PRIMARY",
      "M",
      "MB",
      "ND",
      "NORM",
      "MOSAIC"
    ],
    "ImagingFrequency": 123.211,
    "InPlanePhaseEncodingDirectionDICOM": "COL",
    "InstitutionAddress": "Perth_Drive_100_London_Ontario_CA_N6A_5K8",
    "InstitutionName": "Robarts_Research_Institute",
    "InstitutionalDepartmentName": "CFMM",
    "MRAcquisitionType": "2D",
    "MagneticFieldStrength": 3,
    "Manufacturer": "Siemens",
    "ManufacturersModelName": "Prisma_fit",
    "Modality": "MR",
    "MultibandAccelerationFactor": 3,
    "ParallelReductionFactorInPlane": 2,
    "PartialFourier": 0.875,
    "PatientPosition": "HFS",
    "PercentPhaseFOV": 100,
    "PhaseEncodingDirection": "j-",
    "PhaseEncodingSteps": 73,
    "PhaseResolution": 1,
    "PixelBandwidth": 1565,
    "ProcedureStepDescription": "Diedrichsen_MCC",
    "ProtocolName": "ep_bold_mb3_p2",
    "PulseSequenceDetails": "%CustomerSeq%_cmrr_mbep2d_bold",
    "ReceiveCoilActiveElements": "HEA;HEP",
    "ReceiveCoilName": "Head_32",
    "ReconMatrixPE": 84,
    "RepetitionTime": 1,
    "SAR": 0.074457,
    "ScanOptions": "PFP_FS_EXT",
    "ScanningSequence": "EP",
    "SequenceName": "epfid2d1_84",
    "SequenceVariant": "SK_SS",
    "SeriesDescription": "ep_bold_mb3_p2",
    "SeriesNumber": 8,
    "ShimSetting": [
      5228,
      -6250,
      -3902,
      587,
      65,
      -146,
      -20,
      -26
    ],
    "SliceThickness": 3,
    "SliceTiming": [
      0,
      0.43,
      0.8575,
      0.3075,
      0.735,
      0.185,
      0.6125,
      0.0625,
      0.49,
      0.92,
      0.3675,
      0.7975,
      0.245,
      0.675,
      0.1225,
      0.5525,
      0,
      0.43,
      0.8575,
      0.3075,
      0.735,
      0.185,
      0.6125,
      0.0625,
      0.49,
      0.92,
      0.3675,
      0.7975,
      0.245,
      0.675,
      0.1225,
      0.5525,
      0,
      0.43,
      0.8575,
      0.3075,
      0.735,
      0.185,
      0.6125,
      0.0625,
      0.49,
      0.92,
      0.3675,
      0.7975,
      0.245,
      0.675,
      0.1225,
      0.5525
    ],
    "SoftwareVersions": "syngo_MR_E11",
    "SpacingBetweenSlices": 3,
    "StationName": "MRC35368",
    "TaskName": "b",
    "TotalReadoutTime": 0.0298798,
    "TxRefAmp": 282.42,
    "WipMemBlock": "0a909c08-1ad2-4909-8a9e-8884464821e5||Sequence: ve11b/master r/50434d5; Mar  3 2017 10:46:13 by eja",
    "dataset": "ds002105",
    "modality": "bold",
    "run_id": 4,
    "session_id": "b2",
    "subject_id": "15",
    "task_id": "b"
  },
  "dummy_trs": 0,
  "dvars_nstd": 31.597454344599992,
  "dvars_std": 1.1174479696666675,
  "dvars_vstd": 0.9875558679999991,
  "efc": 0.525054945549947,
  "fber": 3754.908447265625,
  "fd_mean": 0.09195795016633686,
  "fd_num": 28,
  "fd_perc": 4.658901830282862,
  "fwhm_avg": 1.8895985846840324,
  "fwhm_x": 1.8276097406559817,
  "fwhm_y": 2.0814593467294493,
  "fwhm_z": 1.7597266666666667,
  "gcor": 0.00862746,
  "gsr_x": -0.009603181853890419,
  "gsr_y": 0.03544935584068298,
  "provenance": {
    "md5sum": "6d866a3b8305077f7c20c1fbe7c085e3",
    "settings": {
      "fd_thres": 0.2,
      "testing": false
    },
    "software": "mriqc",
    "version": "21.0.0rc2",
    "webapi_port": null,
    "webapi_url": "https://mriqc.nimh.nih.gov/api/v1"
  },
  "size_t": 601,
  "size_x": 84,
  "size_y": 84,
  "size_z": 48,
  "snr": 5.51461011127467,
  "spacing_tr": 1.0,
  "spacing_x": 2.4761905670166016,
  "spacing_y": 2.4761905670166016,
  "spacing_z": 3.0,
  "summary_bg_k": 18.708960715683137,
  "summary_bg_mad": 53.099854529702775,
  "summary_bg_mean": 220.99044799804688,
  "summary_bg_median": 67.91014862060547,
  "summary_bg_n": 212779.0,
  "summary_bg_p05": 28.036603927612305,
  "summary_bg_p95": 966.0121459960909,
  "summary_bg_stdv": 381.63360595703125,
  "summary_fg_k": 5.022150313290739,
  "summary_fg_mad": 654.0545294329927,
  "summary_fg_mean": 4381.89892578125,
  "summary_fg_median": 4298.32275390625,
  "summary_fg_n": 67447.0,
  "summary_fg_p05": 3386.7131103515626,
  "summary_fg_p95": 5618.38017578125,
  "summary_fg_stdv": 779.4369506835938,
  "tsnr": 43.45762999821454
}