{
  "bids_meta": {
    "AcquisitionMatrixPE": 256,
    "AcquisitionNumber": 1,
    "AcquisitionTime": "15:06:51.805000",
    "BaseResolution": 256,
    "BodyPartExamined": "BRAIN",
    "ConsistencyInfo": "N4_VE11B_LATEST_20150530",
    "ConversionSoftware": "dcm2niix",
    "ConversionSoftwareVersion": "v1.0.20181125  GCC4.8.5",
    "DeviceSerialNumber": "67007",
    "DwellTime": 8.9e-06,
    "EchoTime": 0.091,
    "EchoTrainLength": 18,
    "FlipAngle": 120,
    "ImageOrientationPatientDICOM": [
      1,
      0,
      0,
      0,
      0.934826,
      -0.355107
    ],
    "ImageType": [
      "ORIGINAL",
      "PRIMARY",
      "M",
      "ND",
      "NORM"
    ],
    "ImagingFrequency": 123.211,
    "InPlanePhaseEncodingDirectionDICOM": "COL",
    "InstitutionAddress": "Perth_Drive_100_London_Ontario_CA_N6A_5K8",
    "InstitutionName": "Robarts_Research_Institute",
    "InstitutionalDepartmentName": "CFMM",
    "Interpolation2D": 1,
    "MRAcquisitionType": "2D",
    "MagneticFieldStrength": 3,
    "Manufacturer": "Siemens",
    "ManufacturersModelName": "Prisma_fit",
    "Modality": "MR",
    "ParallelReductionFactorInPlane": 2,
    "PartialFourier": 1,
    "PatientPosition": "HFS",
    "PercentPhaseFOV": 100,
    "PhaseEncodingDirection": "j-",
    "PhaseEncodingSteps": 255,
    "PhaseResolution": 1,
    "PixelBandwidth": 220,
    "ProcedureStepDescription": "Diedrichsen_MCC",
    "ProtocolName": "t2_tse_tra_256_p2",
    "PulseSequenceDetails": "%SiemensSeq%_tse",
    "ReceiveCoilActiveElements": "HEA;HEP",
    "ReceiveCoilName": "Head_32",
    "ReconMatrixPE": 512,
    "RepetitionTime": 8.53,
    "SAR": 0.563504,
    "ScanningSequence": "SE",
    "SequenceName": "_tse2d1_18",
    "SequenceVariant": "SK_SP",
    "SeriesDescription": "t2_tse_tra_256_p2",
    "SeriesNumber": 21,
    "ShimSetting": [
      5237,
      -6157,
      -4055,
      53,
      3,
      -37,
      -27,
      1
    ],
    "SliceThickness": 3,
    "SoftwareVersions": "syngo_MR_E11",
    "SpacingBetweenSlices": 3,
    "StationName": "MRC35368",
    "TxRefAmp": 255.084,
    "dataset": "ds002105",
    "modality": "T2w",
    "session_id": "a1",
    "subject_id": "26"
  },
  "cjv": 0.39625528565109225,
  "cnr": 3.6535099855061617,
  "efc": 0.5985127077457038,
  "fber": 12397.670630202141,
  "fwhm_avg": 4.867096503345383,
  "fwhm_x": 6.0127999999999995,
  "fwhm_y": 6.912172307692307,
  "fwhm_z": 1.6763172023438413,
  "icvs_csf": 0.1363163275702316,
  "icvs_gm": 0.4700634120410284,
  "icvs_wm": 0.39362026038874004,
  "inu_med": 1.0475908517837524,
  "inu_range": 0.2084657430648803,
  "provenance": {
    "md5sum": "1275c7d07e886e4cf6ba8cf30fc11333",
    "settings": {
      "testing": false
    },
    "software": "mriqc",
    "version": "21.0.0rc2",
    "warnings": {
      "large_rot_frame": true,
      "small_air_mask": false
    },
    "webapi_port": null,
    "webapi_url": "https://mriqc.nimh.nih.gov/api/v1"
  },
  "qi_1": 0.00017244614269509577,
  "qi_2": 0.021055715352805437,
  "rpve_csf": 19.262955089024715,
  "rpve_gm": 6.672274154145357,
  "rpve_wm": 8.593747115011519,
  "size_x": 512,
  "size_y": 512,
  "size_z": 48,
  "snr_csf": 3.0120583368507905,
  "snr_gm": 12.039292494877644,
  "snr_total": 7.984566935288817,
  "snr_wm": 8.902349974138016,
  "snrd_csf": 234.45369584027156,
  "snrd_gm": 123.68841441429531,
  "snrd_total": 144.33803563198327,
  "snrd_wm": 74.8719966413829,
  "spacing_x": 0.40625,
  "spacing_y": 0.40625,
  "spacing_z": 3.000005006790161,
  "summary_bg_k": 1043.4279013935945,
  "summary_bg_mad": 8.953101671544706,
  "summary_bg_mean": 13.19223484723564,
  "summary_bg_median": 12.183494046330452,
  "summary_bg_n": 2568475.0,
  "summary_bg_p05": 0.0,
  "summary_bg_p95": 30.723593682050705,
  "summary_bg_stdv": 20.48309072701346,
  "summary_csf_k": 1.030751785790872,
  "summary_csf_mad": 812.8473886007695,
  "summary_csf_mean": 3184.7526750056345,
  "summary_csf_median": 3204.047047331929,
  "summary_csf_n": 274511.0,
  "summary_csf_p05": 609.5984760224819,
  "summary_csf_p95": 4740.968335419893,
  "summary_csf_stdv": 1063.738099694025,
  "summary_gm_k": -0.34408956930609724,
  "summary_gm_mad": 151.26029666136057,
  "summary_gm_mean": 1695.2267760517136,
  "summary_gm_median": 1690.327369645238,
  "summary_gm_n": 934533.0,
  "summary_gm_p05": 1477.804856106639,
  "summary_gm_p95": 1930.3951740711927,
  "summary_gm_stdv": 140.4008139177695,
  "summary_wm_k": 0.1621909482329995,
  "summary_wm_mad": 113.09181058793314,
  "summary_wm_mean": 1020.8117434432814,
  "summary_wm_median": 1023.2016130387783,
  "summary_wm_n": 884397.0,
  "summary_wm_p05": 821.5912724286318,
  "summary_wm_p95": 1200.6568524092436,
  "summary_wm_stdv": 114.93606042639699,
  "tpm_overlap_csf": 0.14142382144927979,
  "tpm_overlap_gm": 0.43894922733306885,
  "tpm_overlap_wm": 0.44120633602142334,
  "wm2max": 0.19665437318917647
}