{
  "bids_meta": {
    "AcquisitionMatrixPE": 256,
    "AcquisitionNumber": 1,
    "AcquisitionTime": "12:46:19.525000",
    "BaseResolution": 256,
    "BodyPartExamined": "BRAIN",
    "ConsistencyInfo": "N4_VE11B_LATEST_20150530",
    "ConversionSoftware": "dcm2niix",
    "ConversionSoftwareVersion": "v1.0.20181125  GCC4.8.5",
    "DeviceSerialNumber": "67007",
    "DwellTime": 8.9e-06,
    "EchoTime": 0.091,
    "EchoTrainLength": 18,
    "FlipAngle": 120,
    "ImageOrientationPatientDICOM": [
      1,
      0,
      0,
      0,
      0.901833,
      -0.432086
    ],
    "ImageType": [
      "ORIGINAL",
      "PRIMARY",
      "M",
      "ND",
      "NORM"
    ],
    "ImagingFrequency": 123.211,
    "InPlanePhaseEncodingDirectionDICOM": "COL",
    "InstitutionAddress": "Perth_Drive_100_London_Ontario_CA_N6A_5K8",
    "InstitutionName": "Robarts_Research_Institute",
    "InstitutionalDepartmentName": "CFMM",
    "Interpolation2D": 1,
    "MRAcquisitionType": "2D",
    "MagneticFieldStrength": 3,
    "Manufacturer": "Siemens",
    "ManufacturersModelName": "Prisma_fit",
    "Modality": "MR",
    "ParallelReductionFactorInPlane": 2,
    "PartialFourier": 1,
    "PatientPosition": "HFS",
    "PercentPhaseFOV": 100,
    "PhaseEncodingDirection": "j-",
    "PhaseEncodingSteps": 255,
    "PhaseResolution": 1,
    "PixelBandwidth": 220,
    "ProcedureStepDescription": "Diedrichsen_Feb2016",
    "ProtocolName": "t2_tse_tra_256_p2",
    "PulseSequenceDetails": "%SiemensSeq%_tse",
    "ReceiveCoilActiveElements": "HEA;HEP",
    "ReceiveCoilName": "Head_32",
    "ReconMatrixPE": 512,
    "RepetitionTime": 8.53,
    "SAR": 0.554792,
    "ScanningSequence": "SE",
    "SequenceName": "_tse2d1_18",
    "SequenceVariant": "SK_SP",
    "SeriesDescription": "t2_tse_tra_256_p2",
    "SeriesNumber": 10,
    "ShimSetting": [
      5237,
      -6157,
      -4055,
      53,
      3,
      -37,
      -27,
      1
    ],
    "SliceThickness": 3,
    "SoftwareVersions": "syngo_MR_E11",
    "SpacingBetweenSlices": 3,
    "StationName": "MRC35368",
    "TxRefAmp": 262.532,
    "dataset": "ds002105",
    "modality": "T2w",
    "session_id": "a2",
    "subject_id": "12"
  },
  "cjv": 0.42978568584884613,
  "cnr": 3.0883108292650414,
  "efc": 0.5945487782590129,
  "fber": 5272.994082840237,
  "fwhm_avg": 4.841517456529953,
  "fwhm_x": 6.0342892307692315,
  "fwhm_y": 6.932701538461538,
  "fwhm_z": 1.5575616003590897,
  "icvs_csf": 0.144275349071375,
  "icvs_gm": 0.43220936991057,
  "icvs_wm": 0.423515281018055,
  "inu_med": 1.2502005100250244,
  "inu_range": 0.24053623080253606,
  "provenance": {
    "md5sum": "3a92adfc475e084d2c48bd34de57e0a5",
    "settings": {
      "testing": false
    },
    "software": "mriqc",
    "version": "21.0.0rc2",
    "warnings": {
      "large_rot_frame": true,
      "small_air_mask": false
    },
    "webapi_port": null,
    "webapi_url": "https://mriqc.nimh.nih.gov/api/v1"
  },
  "qi_1": 0.0,
  "qi_2": 0.00287886688496027,
  "rpve_csf": 18.911842374693798,
  "rpve_gm": 7.087864429950991,
  "rpve_wm": 8.160487514299119,
  "size_x": 512,
  "size_y": 512,
  "size_z": 48,
  "snr_csf": 2.776412210120868,
  "snr_gm": 11.42674521350263,
  "snr_total": 8.020694219363191,
  "snr_wm": 9.858925234466076,
  "snrd_csf": 218.94502258690375,
  "snrd_gm": 120.96540873814229,
  "snrd_total": 138.85377022603328,
  "snrd_wm": 76.65087935305377,
  "spacing_x": 0.40625,
  "spacing_y": 0.40625,
  "spacing_z": 3.0000033378601074,
  "summary_bg_k": 262.60950659695175,
  "summary_bg_mad": 8.643111208515506,
  "summary_bg_mean": 27.18465649019746,
  "summary_bg_median": 11.763481445610523,
  "summary_bg_n": 2920278.0,
  "summary_bg_p05": 0.0,
  "summary_bg_p95": 64.23069072514772,
  "summary_bg_stdv": 76.22606694471,
  "summary_csf_k": 0.7736510511251917,
  "summary_csf_mad": 692.3749443107243,
  "summary_csf_mean": 2862.382403745941,
  "summary_csf_median": 2888.507253728807,
  "summary_csf_n": 294873.0,
  "summary_csf_p05": 565.2300783813,
  "summary_csf_p95": 4541.474189887937,
  "summary_csf_stdv": 1040.3722996576648,
  "summary_gm_k": -0.2192490883100695,
  "summary_gm_mad": 148.47630326056995,
  "summary_gm_mean": 1602.638883947011,
  "summary_gm_median": 1595.8776155859232,
  "summary_gm_n": 849160.0,
  "summary_gm_p05": 1389.3400298506021,
  "summary_gm_p95": 1839.2671697437763,
  "summary_gm_stdv": 139.6615261903,
  "summary_wm_k": -0.05481925905917828,
  "summary_wm_mad": 102.79128687270227,
  "summary_wm_mean": 1004.3801433611113,
  "summary_wm_median": 1011.2429978996515,
  "summary_wm_n": 960463.0,
  "summary_wm_p05": 819.9042465984821,
  "summary_wm_p95": 1160.108294069767,
  "summary_wm_stdv": 102.57126891774361,
  "tpm_overlap_csf": 0.11973568052053452,
  "tpm_overlap_gm": 0.4055776596069336,
  "tpm_overlap_wm": 0.42332082986831665,
  "wm2max": 0.193021499821166
}