{
  "aor": 0.00043529999999999996,
  "aqi": 0.008861036966666668,
  "bids_meta": {
    "AcquisitionMatrixPE": 84,
    "AcquisitionNumber": 1,
    "AcquisitionTime": "16:38:43.860000",
    "BandwidthPerPixelPhaseEncode": 33.069,
    "BaseResolution": 84,
    "BodyPartExamined": "BRAIN",
    "ConsistencyInfo": "N4_VE11B_LATEST_20150530",
    "ConversionSoftware": "dcm2niix",
    "ConversionSoftwareVersion": "v1.0.20181125  GCC4.8.5",
    "DerivedVendorReportedEchoSpacing": 0.000719995,
    "DeviceSerialNumber": "67007",
    "DwellTime": 3.8e-06,
    "EchoTime": 0.03,
    "EchoTrainLength": 36,
    "EffectiveEchoSpacing": 0.000359998,
    "FlipAngle": 40,
    "ImageComments": "Unaliased_MB3_PE4",
    "ImageOrientationPatientDICOM": [
      0.997062,
      -0.0367422,
      -0.0672108,
      1.02681e-08,
      0.877447,
      -0.479674
    ],
    "ImageType": [
      "ORIGINAL",
      "PRIMARY",
      "M",
      "MB",
      "ND",
      "NORM",
      "MOSAIC"
    ],
    "ImagingFrequency": 123.211,
    "InPlanePhaseEncodingDirectionDICOM": "COL",
    "InstitutionAddress": "Perth_Drive_100_London_Ontario_CA_N6A_5K8",
    "InstitutionName": "Robarts_Research_Institute",
    "InstitutionalDepartmentName": "CFMM",
    "MRAcquisitionType": "2D",
    "MagneticFieldStrength": 3,
    "Manufacturer": "Siemens",
    "ManufacturersModelName": "Prisma_fit",
    "Modality": "MR",
    "MultibandAccelerationFactor": 3,
    "ParallelReductionFactorInPlane": 2,
    "PartialFourier": 0.875,
    "PatientPosition": "HFS",
    "PercentPhaseFOV": 100,
    "PhaseEncodingDirection": "j-",
    "PhaseEncodingSteps": 73,
    "PhaseResolution": 1,
    "PixelBandwidth": 1565,
    "ProcedureStepDescription": "Diedrichsen_MCC",
    "ProtocolName": "ep_bold_mb3_p2",
    "PulseSequenceDetails": "%CustomerSeq%_cmrr_mbep2d_bold",
    "ReceiveCoilActiveElements": "HEA;HEP",
    "ReceiveCoilName": "Head_32",
    "ReconMatrixPE": 84,
    "RepetitionTime": 1,
    "SAR": 0.0648545,
    "ScanOptions": "PFP_FS_EXT",
    "ScanningSequence": "EP",
    "SequenceName": "epfid2d1_84",
    "SequenceVariant": "SK_SS",
    "SeriesDescription": "ep_bold_mb3_p2",
    "SeriesNumber": 6,
    "ShimSetting": [
      5221,
      -6256,
      -3948,
      611,
      111,
      134,
      99,
      1
    ],
    "SliceThickness": 3,
    "SliceTiming": [
      0,
      0.43,
      0.8575,
      0.3075,
      0.735,
      0.185,
      0.6125,
      0.0625,
      0.49,
      0.92,
      0.3675,
      0.7975,
      0.245,
      0.675,
      0.1225,
      0.5525,
      0,
      0.43,
      0.8575,
      0.3075,
      0.735,
      0.185,
      0.6125,
      0.0625,
      0.49,
      0.92,
      0.3675,
      0.7975,
      0.245,
      0.675,
      0.1225,
      0.5525,
      0,
      0.43,
      0.8575,
      0.3075,
      0.735,
      0.185,
      0.6125,
      0.0625,
      0.49,
      0.92,
      0.3675,
      0.7975,
      0.245,
      0.675,
      0.1225,
      0.5525
    ],
    "SoftwareVersions": "syngo_MR_E11",
    "SpacingBetweenSlices": 3,
    "StationName": "MRC35368",
    "TaskName": "b",
    "TotalReadoutTime": 0.0298798,
    "TxRefAmp": 259.965,
    "WipMemBlock": "5004d095-5c7a-4dcf-8eaa-97fc38747da3||Sequence: ve11b/master r/50434d5; Mar  3 2017 10:46:13 by eja",
    "dataset": "ds002105",
    "modality": "bold",
    "run_id": 3,
    "session_id": "b2",
    "subject_id": "14",
    "task_id": "b"
  },
  "dummy_trs": 1,
  "dvars_nstd": 31.89405788048418,
  "dvars_std": 1.131085740651085,
  "dvars_vstd": 0.999739129315526,
  "efc": 0.4835678985299205,
  "fber": 4377.39794921875,
  "fd_mean": 0.08634343789348498,
  "fd_num": 17,
  "fd_perc": 2.8333333333333335,
  "fwhm_avg": 1.8470074750313097,
  "fwhm_x": 1.8128976258110039,
  "fwhm_y": 1.9768914659495915,
  "fwhm_z": 1.7512333333333334,
  "gcor": 0.00588847,
  "gsr_x": -0.013192332349717617,
  "gsr_y": 0.021507252007722855,
  "provenance": {
    "md5sum": "3337ab70866d9396798f1a0ecc24b646",
    "settings": {
      "fd_thres": 0.2,
      "testing": false
    },
    "software": "mriqc",
    "version": "21.0.0rc2",
    "webapi_port": null,
    "webapi_url": "https://mriqc.nimh.nih.gov/api/v1"
  },
  "size_t": 600,
  "size_x": 84,
  "size_y": 84,
  "size_z": 48,
  "snr": 4.9383018942183385,
  "spacing_tr": 1.0,
  "spacing_x": 2.4761905670166016,
  "spacing_y": 2.4761905670166016,
  "spacing_z": 3.0,
  "summary_bg_k": 28.762697300534185,
  "summary_bg_mad": 31.295262206000988,
  "summary_bg_mean": 140.08314514160156,
  "summary_bg_median": 50.02333450317383,
  "summary_bg_n": 224538.0,
  "summary_bg_p05": 24.281667709350586,
  "summary_bg_p95": 575.6656188964835,
  "summary_bg_stdv": 264.4124450683594,
  "summary_fg_k": 3.1480758879082797,
  "summary_fg_mad": 605.1018709283211,
  "summary_fg_mean": 3457.91162109375,
  "summary_fg_median": 3364.036865234375,
  "summary_fg_n": 58439.0,
  "summary_fg_p05": 2600.3788330078123,
  "summary_fg_p95": 4636.64609375,
  "summary_fg_stdv": 681.2074584960938,
  "tsnr": 46.95474682783242
}