{
  "aor": 0.0008930333333333335,
  "aqi": 0.009279562233333333,
  "bids_meta": {
    "AcquisitionMatrixPE": 84,
    "AcquisitionNumber": 1,
    "AcquisitionTime": "17:00:46.205000",
    "BandwidthPerPixelPhaseEncode": 33.069,
    "BaseResolution": 84,
    "BodyPartExamined": "BRAIN",
    "ConsistencyInfo": "N4_VE11B_LATEST_20150530",
    "ConversionSoftware": "dcm2niix",
    "ConversionSoftwareVersion": "v1.0.20181125  GCC4.8.5",
    "DerivedVendorReportedEchoSpacing": 0.000719995,
    "DeviceSerialNumber": "67007",
    "DwellTime": 3.8e-06,
    "EchoTime": 0.03,
    "EchoTrainLength": 36,
    "EffectiveEchoSpacing": 0.000359998,
    "FlipAngle": 40,
    "ImageComments": "Unaliased_MB3_PE4",
    "ImageOrientationPatientDICOM": [
      0.997062,
      -0.0367422,
      -0.0672108,
      1.02681e-08,
      0.877447,
      -0.479674
    ],
    "ImageType": [
      "ORIGINAL",
      "PRIMARY",
      "M",
      "MB",
      "ND",
      "NORM",
      "MOSAIC"
    ],
    "ImagingFrequency": 123.211,
    "InPlanePhaseEncodingDirectionDICOM": "COL",
    "InstitutionAddress": "Perth_Drive_100_London_Ontario_CA_N6A_5K8",
    "InstitutionName": "Robarts_Research_Institute",
    "InstitutionalDepartmentName": "CFMM",
    "MRAcquisitionType": "2D",
    "MagneticFieldStrength": 3,
    "Manufacturer": "Siemens",
    "ManufacturersModelName": "Prisma_fit",
    "Modality": "MR",
    "MultibandAccelerationFactor": 3,
    "ParallelReductionFactorInPlane": 2,
    "PartialFourier": 0.875,
    "PatientPosition": "HFS",
    "PercentPhaseFOV": 100,
    "PhaseEncodingDirection": "j-",
    "PhaseEncodingSteps": 73,
    "PhaseResolution": 1,
    "PixelBandwidth": 1565,
    "ProcedureStepDescription": "Diedrichsen_MCC",
    "ProtocolName": "ep_bold_mb3_p2",
    "PulseSequenceDetails": "%CustomerSeq%_cmrr_mbep2d_bold",
    "ReceiveCoilActiveElements": "HEA;HEP",
    "ReceiveCoilName": "Head_32",
    "ReconMatrixPE": 84,
    "RepetitionTime": 1,
    "SAR": 0.0648545,
    "ScanOptions": "PFP_FS_EXT",
    "ScanningSequence": "EP",
    "SequenceName": "epfid2d1_84",
    "SequenceVariant": "SK_SS",
    "SeriesDescription": "ep_bold_mb3_p2",
    "SeriesNumber": 10,
    "ShimSetting": [
      5221,
      -6256,
      -3948,
      611,
      111,
      134,
      99,
      1
    ],
    "SliceThickness": 3,
    "SliceTiming": [
      0,
      0.4275,
      0.8575,
      0.305,
      0.735,
      0.1825,
      0.6125,
      0.06,
      0.49,
      0.9175,
      0.3675,
      0.795,
      0.245,
      0.6725,
      0.1225,
      0.55,
      0,
      0.4275,
      0.8575,
      0.305,
      0.735,
      0.1825,
      0.6125,
      0.06,
      0.49,
      0.9175,
      0.3675,
      0.795,
      0.245,
      0.6725,
      0.1225,
      0.55,
      0,
      0.4275,
      0.8575,
      0.305,
      0.735,
      0.1825,
      0.6125,
      0.06,
      0.49,
      0.9175,
      0.3675,
      0.795,
      0.245,
      0.6725,
      0.1225,
      0.55
    ],
    "SoftwareVersions": "syngo_MR_E11",
    "SpacingBetweenSlices": 3,
    "StationName": "MRC35368",
    "TaskName": "b",
    "TotalReadoutTime": 0.0298798,
    "TxRefAmp": 259.965,
    "WipMemBlock": "f78c7af3-f6bc-4a6e-9f5d-89f7228aa8ed||Sequence: ve11b/master r/50434d5; Mar  3 2017 10:46:13 by eja",
    "dataset": "ds002105",
    "modality": "bold",
    "run_id": 5,
    "session_id": "b2",
    "subject_id": "14",
    "task_id": "b"
  },
  "dummy_trs": 1,
  "dvars_nstd": 31.562687044490794,
  "dvars_std": 1.1275186285475787,
  "dvars_vstd": 1.0018583203672782,
  "efc": 0.48534578116034743,
  "fber": 4266.060546875,
  "fd_mean": 0.07730177958058977,
  "fd_num": 18,
  "fd_perc": 3.0,
  "fwhm_avg": 1.8463511716119632,
  "fwhm_x": 1.8126714719731452,
  "fwhm_y": 1.9771620428627439,
  "fwhm_z": 1.74922,
  "gcor": 0.00925527,
  "gsr_x": -0.0139458691701293,
  "gsr_y": 0.021251987665891647,
  "provenance": {
    "md5sum": "99fa8c75a101c1a41cbca340342192e1",
    "settings": {
      "fd_thres": 0.2,
      "testing": false
    },
    "software": "mriqc",
    "version": "21.0.0rc2",
    "webapi_port": null,
    "webapi_url": "https://mriqc.nimh.nih.gov/api/v1"
  },
  "size_t": 600,
  "size_x": 84,
  "size_y": 84,
  "size_z": 48,
  "snr": 4.942877032071654,
  "spacing_tr": 1.0,
  "spacing_x": 2.4761905670166016,
  "spacing_y": 2.4761905670166016,
  "spacing_z": 3.0,
  "summary_bg_k": 28.15375420264131,
  "summary_bg_mad": 32.14034501809489,
  "summary_bg_mean": 144.15052795410156,
  "summary_bg_median": 50.64666748046875,
  "summary_bg_n": 224491.0,
  "summary_bg_p05": 24.398334503173828,
  "summary_bg_p95": 601.4025268554688,
  "summary_bg_stdv": 271.4043273925781,
  "summary_fg_k": 3.124906749270737,
  "summary_fg_mad": 604.0380604009315,
  "summary_fg_mean": 3458.36181640625,
  "summary_fg_median": 3365.5068359375,
  "summary_fg_n": 58520.0,
  "summary_fg_p05": 2603.0753662109373,
  "summary_fg_p95": 4644.687402343749,
  "summary_fg_stdv": 680.8743286132812,
  "tsnr": 46.162265003542416
}