{
  "aor": 0.0018434442595673876,
  "aqi": 0.011503758918469218,
  "bids_meta": {
    "AcquisitionMatrixPE": 84,
    "AcquisitionNumber": 1,
    "AcquisitionTime": "11:38:7.800000",
    "BandwidthPerPixelPhaseEncode": 33.069,
    "BaseResolution": 84,
    "BodyPartExamined": "BRAIN",
    "ConsistencyInfo": "N4_VE11B_LATEST_20150530",
    "ConversionSoftware": "dcm2niix",
    "ConversionSoftwareVersion": "v1.0.20181125  GCC4.8.5",
    "DerivedVendorReportedEchoSpacing": 0.000719995,
    "DeviceSerialNumber": "67007",
    "DwellTime": 3.8e-06,
    "EchoTime": 0.03,
    "EchoTrainLength": 36,
    "EffectiveEchoSpacing": 0.000359998,
    "FlipAngle": 40,
    "ImageComments": "Unaliased_MB3_PE4",
    "ImageOrientationPatientDICOM": [
      0.999168,
      -0.0165971,
      -0.037246,
      2.73665e-08,
      0.913417,
      -0.407026
    ],
    "ImageType": [
      "ORIGINAL",
      "PRIMARY",
      "M",
      "MB",
      "ND",
      "NORM",
      "MOSAIC"
    ],
    "ImagingFrequency": 123.211,
    "InPlanePhaseEncodingDirectionDICOM": "COL",
    "InstitutionAddress": "Perth_Drive_100_London_Ontario_CA_N6A_5K8",
    "InstitutionName": "Robarts_Research_Institute",
    "InstitutionalDepartmentName": "CFMM",
    "MRAcquisitionType": "2D",
    "MagneticFieldStrength": 3,
    "Manufacturer": "Siemens",
    "ManufacturersModelName": "Prisma_fit",
    "Modality": "MR",
    "MultibandAccelerationFactor": 3,
    "ParallelReductionFactorInPlane": 2,
    "PartialFourier": 0.875,
    "PatientPosition": "HFS",
    "PercentPhaseFOV": 100,
    "PhaseEncodingDirection": "j-",
    "PhaseEncodingSteps": 73,
    "PhaseResolution": 1,
    "PixelBandwidth": 1565,
    "ProcedureStepDescription": "Diedrichsen_MCC",
    "ProtocolName": "ep_bold_mb3_p2",
    "PulseSequenceDetails": "%CustomerSeq%_cmrr_mbep2d_bold",
    "ReceiveCoilActiveElements": "HEA;HEP",
    "ReceiveCoilName": "Head_32",
    "ReconMatrixPE": 84,
    "RepetitionTime": 1,
    "SAR": 0.0894726,
    "ScanOptions": "PFP_FS_EXT",
    "ScanningSequence": "EP",
    "SequenceName": "epfid2d1_84",
    "SequenceVariant": "SK_SS",
    "SeriesDescription": "ep_bold_mb3_p2",
    "SeriesNumber": 21,
    "ShimSetting": [
      5231,
      -6207,
      -3940,
      669,
      66,
      -62,
      13,
      10
    ],
    "SliceThickness": 3,
    "SliceTiming": [
      0,
      0.4275,
      0.8575,
      0.305,
      0.735,
      0.1825,
      0.6125,
      0.06,
      0.49,
      0.9175,
      0.3675,
      0.795,
      0.245,
      0.6725,
      0.1225,
      0.55,
      0,
      0.4275,
      0.8575,
      0.305,
      0.735,
      0.1825,
      0.6125,
      0.06,
      0.49,
      0.9175,
      0.3675,
      0.795,
      0.245,
      0.6725,
      0.1225,
      0.55,
      0,
      0.4275,
      0.8575,
      0.305,
      0.735,
      0.1825,
      0.6125,
      0.06,
      0.49,
      0.9175,
      0.3675,
      0.795,
      0.245,
      0.6725,
      0.1225,
      0.55
    ],
    "SoftwareVersions": "syngo_MR_E11",
    "SpacingBetweenSlices": 3,
    "StationName": "MRC35368",
    "TaskName": "b",
    "TotalReadoutTime": 0.0298798,
    "TxRefAmp": 294.935,
    "WipMemBlock": "04adfb77-d244-4aad-9dd1-5cc526dd4a73||Sequence: ve11b/master r/50434d5; Mar  3 2017 10:46:13 by eja",
    "dataset": "ds002105",
    "modality": "bold",
    "run_id": 8,
    "session_id": "b2",
    "subject_id": "29",
    "task_id": "b"
  },
  "dummy_trs": 0,
  "dvars_nstd": 33.88953522670003,
  "dvars_std": 1.1580565700500007,
  "dvars_vstd": 1.0254231463333325,
  "efc": 0.5392637405695131,
  "fber": 3888.755859375,
  "fd_mean": 0.11249521470777632,
  "fd_num": 59,
  "fd_perc": 9.816971713810316,
  "fwhm_avg": 2.031548068399256,
  "fwhm_x": 1.9603418511720128,
  "fwhm_y": 2.232065687359088,
  "fwhm_z": 1.9022366666666668,
  "gcor": 0.0311856,
  "gsr_x": -0.006070494186133146,
  "gsr_y": 0.02943940833210945,
  "provenance": {
    "md5sum": "f9b2fd8e025671a79952d124ebe572ca",
    "settings": {
      "fd_thres": 0.2,
      "testing": false
    },
    "software": "mriqc",
    "version": "21.0.0rc2",
    "webapi_port": null,
    "webapi_url": "https://mriqc.nimh.nih.gov/api/v1"
  },
  "size_t": 601,
  "size_x": 84,
  "size_y": 84,
  "size_z": 48,
  "snr": 4.569196245555134,
  "spacing_tr": 1.0,
  "spacing_x": 2.4761905670166016,
  "spacing_y": 2.4761905670166016,
  "spacing_z": 3.0,
  "summary_bg_k": 18.984445174508696,
  "summary_bg_mad": 38.13445238659543,
  "summary_bg_mean": 188.35052490234375,
  "summary_bg_median": 55.93177795410156,
  "summary_bg_n": 204348.0,
  "summary_bg_p05": 23.850248336791992,
  "summary_bg_p95": 829.0700256347654,
  "summary_bg_stdv": 353.20989990234375,
  "summary_fg_k": 5.649226099646572,
  "summary_fg_mad": 604.6946620670373,
  "summary_fg_mean": 3716.49365234375,
  "summary_fg_median": 3591.44091796875,
  "summary_fg_n": 74133.0,
  "summary_fg_p05": 2816.80859375,
  "summary_fg_p95": 4963.3290039062485,
  "summary_fg_stdv": 786.0062255859375,
  "tsnr": 43.086622373666614
}