{
  "aor": 0.0006681697171381033,
  "aqi": 0.006650002163061564,
  "bids_meta": {
    "AcquisitionMatrixPE": 84,
    "AcquisitionNumber": 1,
    "AcquisitionTime": "14:50:48.810000",
    "BandwidthPerPixelPhaseEncode": 33.069,
    "BaseResolution": 84,
    "BodyPartExamined": "BRAIN",
    "ConsistencyInfo": "N4_VE11B_LATEST_20150530",
    "ConversionSoftware": "dcm2niix",
    "ConversionSoftwareVersion": "v1.0.20181125  GCC4.8.5",
    "DerivedVendorReportedEchoSpacing": 0.000719995,
    "DeviceSerialNumber": "67007",
    "DwellTime": 3.8e-06,
    "EchoTime": 0.03,
    "EchoTrainLength": 36,
    "EffectiveEchoSpacing": 0.000359998,
    "FlipAngle": 40,
    "ImageComments": "Unaliased_MB3_PE4",
    "ImageOrientationPatientDICOM": [
      1,
      0,
      0,
      0,
      0.853551,
      -0.52101
    ],
    "ImageType": [
      "ORIGINAL",
      "PRIMARY",
      "M",
      "MB",
      "ND",
      "NORM",
      "MOSAIC"
    ],
    "ImagingFrequency": 123.211,
    "InPlanePhaseEncodingDirectionDICOM": "COL",
    "InstitutionAddress": "Perth_Drive_100_London_Ontario_CA_N6A_5K8",
    "InstitutionName": "Robarts_Research_Institute",
    "InstitutionalDepartmentName": "CFMM",
    "MRAcquisitionType": "2D",
    "MagneticFieldStrength": 3,
    "Manufacturer": "Siemens",
    "ManufacturersModelName": "Prisma_fit",
    "Modality": "MR",
    "MultibandAccelerationFactor": 3,
    "ParallelReductionFactorInPlane": 2,
    "PartialFourier": 0.875,
    "PatientPosition": "HFS",
    "PercentPhaseFOV": 100,
    "PhaseEncodingDirection": "j-",
    "PhaseEncodingSteps": 73,
    "PhaseResolution": 1,
    "PixelBandwidth": 1565,
    "ProcedureStepDescription": "Diedrichsen_Feb2016",
    "ProtocolName": "ep_bold_mb3_p2",
    "PulseSequenceDetails": "%CustomerSeq%_cmrr_mbep2d_bold",
    "ReceiveCoilActiveElements": "HEA;HEP",
    "ReceiveCoilName": "Head_32",
    "ReconMatrixPE": 84,
    "RepetitionTime": 1,
    "SAR": 0.095245,
    "ScanOptions": "PFP_FS_EXT",
    "ScanningSequence": "EP",
    "SequenceName": "epfid2d1_84",
    "SequenceVariant": "SK_SS",
    "SeriesDescription": "ep_bold_mb3_p2",
    "SeriesNumber": 2,
    "ShimSetting": [
      5258,
      -6231,
      -3909,
      655,
      70,
      -185,
      102,
      14
    ],
    "SliceThickness": 3,
    "SliceTiming": [
      0,
      0.43,
      0.8575,
      0.3075,
      0.735,
      0.185,
      0.6125,
      0.0625,
      0.49,
      0.92,
      0.3675,
      0.7975,
      0.245,
      0.675,
      0.1225,
      0.5525,
      0,
      0.43,
      0.8575,
      0.3075,
      0.735,
      0.185,
      0.6125,
      0.0625,
      0.49,
      0.92,
      0.3675,
      0.7975,
      0.245,
      0.675,
      0.1225,
      0.5525,
      0,
      0.43,
      0.8575,
      0.3075,
      0.735,
      0.185,
      0.6125,
      0.0625,
      0.49,
      0.92,
      0.3675,
      0.7975,
      0.245,
      0.675,
      0.1225,
      0.5525
    ],
    "SoftwareVersions": "syngo_MR_E11",
    "SpacingBetweenSlices": 3,
    "StationName": "MRC35368",
    "TaskName": "a",
    "TotalReadoutTime": 0.0298798,
    "TxRefAmp": 284.316,
    "WipMemBlock": "02c26ff8-1625-4ba2-af14-1ce2ae72eb49||Sequence: ve11b/R013 r/f10bb7f; Apr  4 2016 11:55:08 by eja",
    "dataset": "ds002105",
    "modality": "bold",
    "run_id": 1,
    "session_id": "a2",
    "subject_id": "09",
    "task_id": "a"
  },
  "dummy_trs": 0,
  "dvars_nstd": 35.78992743185002,
  "dvars_std": 1.2726600392166674,
  "dvars_vstd": 1.0137308633500004,
  "efc": 0.5119112920662594,
  "fber": 3635.56396484375,
  "fd_mean": 0.10998792091370817,
  "fd_num": 28,
  "fd_perc": 4.658901830282862,
  "fwhm_avg": 1.950385655901041,
  "fwhm_x": 1.8977012765465782,
  "fwhm_y": 2.1285356911565456,
  "fwhm_z": 1.8249199999999999,
  "gcor": 0.0105668,
  "gsr_x": 0.008976423181593418,
  "gsr_y": 0.020986713469028473,
  "provenance": {
    "md5sum": "0e0b416f40cf89767354a4073bf6a4d3",
    "settings": {
      "fd_thres": 0.2,
      "testing": false
    },
    "software": "mriqc",
    "version": "21.0.0rc2",
    "webapi_port": null,
    "webapi_url": "https://mriqc.nimh.nih.gov/api/v1"
  },
  "size_t": 601,
  "size_x": 84,
  "size_y": 84,
  "size_z": 48,
  "snr": 4.552108088657493,
  "spacing_tr": 1.0,
  "spacing_x": 2.4761905670166016,
  "spacing_y": 2.4761905670166016,
  "spacing_z": 3.0,
  "summary_bg_k": 30.189392410778773,
  "summary_bg_mad": 47.102838728467304,
  "summary_bg_mean": 200.7471160888672,
  "summary_bg_median": 63.18136215209961,
  "summary_bg_n": 215779.0,
  "summary_bg_p05": 24.026620864868164,
  "summary_bg_p95": 865.2548645019526,
  "summary_bg_stdv": 407.1445617675781,
  "summary_fg_k": 3.679248505114331,
  "summary_fg_mad": 747.3377543941895,
  "summary_fg_mean": 3992.663818359375,
  "summary_fg_median": 3870.560546875,
  "summary_fg_n": 65578.0,
  "summary_fg_p05": 2907.3072143554687,
  "summary_fg_p95": 5443.329907226563,
  "summary_fg_stdv": 850.272216796875,
  "tsnr": 50.04601389169693
}