{
  "bids_meta": {
    "AcquisitionMatrixPE": 256,
    "AcquisitionNumber": 1,
    "AcquisitionTime": "14:16:21.440000",
    "BaseResolution": 256,
    "BodyPartExamined": "BRAIN",
    "ConsistencyInfo": "N4_VE11B_LATEST_20150530",
    "ConversionSoftware": "dcm2niix",
    "ConversionSoftwareVersion": "v1.0.20181125  GCC4.8.5",
    "DeviceSerialNumber": "67007",
    "DwellTime": 8.2e-06,
    "EchoTime": 0.00298,
    "FlipAngle": 9,
    "ImageOrientationPatientDICOM": [
      -0.0313442,
      0.999509,
      2.15717e-08,
      0.00331491,
      0.000103976,
      -0.999995
    ],
    "ImageType": [
      "ORIGINAL",
      "PRIMARY",
      "M",
      "ND",
      "NORM"
    ],
    "ImagingFrequency": 123.211,
    "InPlanePhaseEncodingDirectionDICOM": "ROW",
    "InstitutionAddress": "Perth_Drive_100_London_Ontario_CA_N6A_5K8",
    "InstitutionName": "Robarts_Research_Institute",
    "InstitutionalDepartmentName": "CFMM",
    "InversionTime": 0.9,
    "MRAcquisitionType": "3D",
    "MagneticFieldStrength": 3,
    "Manufacturer": "Siemens",
    "ManufacturersModelName": "Prisma_fit",
    "Modality": "MR",
    "PartialFourier": 1,
    "PatientPosition": "HFS",
    "PercentPhaseFOV": 100,
    "PhaseEncodingSteps": 255,
    "PhaseResolution": 1,
    "PixelBandwidth": 240,
    "ProcedureStepDescription": "Diedrichsen_Feb2016",
    "ProtocolName": "mprage_sag_p2",
    "PulseSequenceDetails": "%SiemensSeq%_tfl",
    "ReceiveCoilActiveElements": "HEA;HEP",
    "ReceiveCoilName": "Head_32",
    "ReconMatrixPE": 256,
    "RepetitionTime": 2.3,
    "SAR": 0.08157,
    "ScanOptions": "IR",
    "ScanningSequence": "GR_IR",
    "SequenceName": "_tfl3d1_16ns",
    "SequenceVariant": "SK_SP_MP",
    "SeriesDescription": "mprage_sag_p2",
    "SeriesNumber": 2,
    "ShimSetting": [
      5216,
      -6160,
      -3899,
      197,
      39,
      -93,
      160,
      44
    ],
    "SliceThickness": 1,
    "SoftwareVersions": "syngo_MR_E11",
    "StationName": "MRC35368",
    "TxRefAmp": 261.035,
    "dataset": "ds002105",
    "modality": "T1w",
    "session_id": "b2",
    "subject_id": "08"
  },
  "cjv": 0.3649264322207861,
  "cnr": 3.584733732176891,
  "efc": 0.5542352097822685,
  "fber": 19398.823972996266,
  "fwhm_avg": 3.2900333333333336,
  "fwhm_x": 3.29828,
  "fwhm_y": 3.43066,
  "fwhm_z": 3.14116,
  "icvs_csf": 0.18730731967164949,
  "icvs_gm": 0.43208533073080974,
  "icvs_wm": 0.3806073495975408,
  "inu_med": 1.6122492551803589,
  "inu_range": 0.34041113853454585,
  "provenance": {
    "md5sum": "abdb2aacf4f0c36e394947b8392dfc19",
    "settings": {
      "testing": false
    },
    "software": "mriqc",
    "version": "21.0.0rc2",
    "warnings": {
      "large_rot_frame": true,
      "small_air_mask": false
    },
    "webapi_port": null,
    "webapi_url": "https://mriqc.nimh.nih.gov/api/v1"
  },
  "qi_1": 0.012817528997067498,
  "qi_2": 0.023762940026974204,
  "rpve_csf": 31.03319160460393,
  "rpve_gm": 14.894135298645864,
  "rpve_wm": 20.346278965815724,
  "size_x": 176,
  "size_y": 256,
  "size_z": 256,
  "snr_csf": 3.4837384718399482,
  "snr_gm": 10.892705645620426,
  "snr_total": 12.059226261585186,
  "snr_wm": 21.801234667295184,
  "snrd_csf": 38.54577408052079,
  "snrd_gm": 63.72176173687505,
  "snrd_total": 63.889198798495975,
  "snrd_wm": 89.40006057809207,
  "spacing_x": 1.0,
  "spacing_y": 1.0,
  "spacing_z": 1.0,
  "summary_bg_k": 12.322596176958493,
  "summary_bg_mad": 7.32814254790383,
  "summary_bg_mean": 5.1302381314857355,
  "summary_bg_median": 4.942757036536932,
  "summary_bg_n": 2458692.0,
  "summary_bg_p05": 0.0,
  "summary_bg_p95": 15.081745829433203,
  "summary_bg_stdv": 5.885898471808297,
  "summary_csf_k": -0.5781339397658294,
  "summary_csf_mad": 141.5521551988261,
  "summary_csf_mean": 407.0414438934635,
  "summary_csf_median": 431.1604984179139,
  "summary_csf_n": 12033.0,
  "summary_csf_p05": 205.5173028320074,
  "summary_csf_p95": 578.792624399811,
  "summary_csf_stdv": 123.7585960537157,
  "summary_gm_k": 0.03474376656077949,
  "summary_gm_mad": 63.47925190000454,
  "summary_gm_mean": 713.524099483967,
  "summary_gm_median": 712.7709121406078,
  "summary_gm_n": 14524.0,
  "summary_gm_p05": 604.6702810043469,
  "summary_gm_p95": 824.2934519944712,
  "summary_gm_stdv": 65.43336405235522,
  "summary_wm_k": 0.9680403940299467,
  "summary_wm_mad": 41.338240013816474,
  "summary_wm_mean": 997.6750073769315,
  "summary_wm_median": 1000.0000154860318,
  "summary_wm_n": 180967.0,
  "summary_wm_p05": 917.6629773303866,
  "summary_wm_p95": 1067.424290958792,
  "summary_wm_stdv": 45.86883577046328,
  "tpm_overlap_csf": 0.18030939996242523,
  "tpm_overlap_gm": 0.43383124470710754,
  "tpm_overlap_wm": 0.5034663081169128,
  "wm2max": 0.5028893137879753
}