{
  "bids_meta": {
    "AcquisitionMatrixPE": 256,
    "AcquisitionNumber": 1,
    "AcquisitionTime": "15:39:45.070000",
    "BaseResolution": 256,
    "BodyPartExamined": "BRAIN",
    "ConsistencyInfo": "N4_VE11B_LATEST_20150530",
    "ConversionSoftware": "dcm2niix",
    "ConversionSoftwareVersion": "v1.0.20181125  GCC4.8.5",
    "DeviceSerialNumber": "67007",
    "DwellTime": 8.9e-06,
    "EchoTime": 0.091,
    "EchoTrainLength": 18,
    "FlipAngle": 120,
    "ImageOrientationPatientDICOM": [
      1,
      0,
      0,
      0,
      0.985109,
      -0.171929
    ],
    "ImageType": [
      "ORIGINAL",
      "PRIMARY",
      "M",
      "ND",
      "NORM"
    ],
    "ImagingFrequency": 123.211,
    "InPlanePhaseEncodingDirectionDICOM": "COL",
    "InstitutionAddress": "Perth_Drive_100_London_Ontario_CA_N6A_5K8",
    "InstitutionName": "Robarts_Research_Institute",
    "InstitutionalDepartmentName": "CFMM",
    "Interpolation2D": 1,
    "MRAcquisitionType": "2D",
    "MagneticFieldStrength": 3,
    "Manufacturer": "Siemens",
    "ManufacturersModelName": "Prisma_fit",
    "Modality": "MR",
    "ParallelReductionFactorInPlane": 2,
    "PartialFourier": 1,
    "PatientPosition": "HFS",
    "PercentPhaseFOV": 100,
    "PhaseEncodingDirection": "j-",
    "PhaseEncodingSteps": 255,
    "PhaseResolution": 1,
    "PixelBandwidth": 220,
    "ProcedureStepDescription": "Diedrichsen_Feb2016",
    "ProtocolName": "t2_tse_tra_256_p2",
    "PulseSequenceDetails": "%SiemensSeq%_tse",
    "ReceiveCoilActiveElements": "HEA;HEP",
    "ReceiveCoilName": "Head_32",
    "ReconMatrixPE": 512,
    "RepetitionTime": 8.53,
    "SAR": 0.794856,
    "ScanningSequence": "SE",
    "SequenceName": "_tse2d1_18",
    "SequenceVariant": "SK_SP",
    "SeriesDescription": "t2_tse_tra_256_p2",
    "SeriesNumber": 10,
    "ShimSetting": [
      5237,
      -6157,
      -4055,
      53,
      3,
      -37,
      -27,
      1
    ],
    "SliceThickness": 3,
    "SoftwareVersions": "syngo_MR_E11",
    "SpacingBetweenSlices": 3,
    "StationName": "MRC35368",
    "TxRefAmp": 275.713,
    "dataset": "ds002105",
    "modality": "T2w",
    "session_id": "a2",
    "subject_id": "08"
  },
  "cjv": 0.5040626341543664,
  "cnr": 2.7608858917192087,
  "efc": 0.5912666607364494,
  "fber": 5486.753877844012,
  "fwhm_avg": 4.842641496604246,
  "fwhm_x": 6.029169230769231,
  "fwhm_y": 6.9186953846153845,
  "fwhm_z": 1.5800598744281231,
  "icvs_csf": 0.18690887790662902,
  "icvs_gm": 0.4090751757739947,
  "icvs_wm": 0.40401594631937626,
  "inu_med": 1.3060364723205566,
  "inu_range": 0.3026346683502197,
  "provenance": {
    "md5sum": "1a1710ddf68433044ffd72db30ba593b",
    "settings": {
      "testing": false
    },
    "software": "mriqc",
    "version": "21.0.0rc2",
    "warnings": {
      "large_rot_frame": true,
      "small_air_mask": false
    },
    "webapi_port": null,
    "webapi_url": "https://mriqc.nimh.nih.gov/api/v1"
  },
  "qi_1": 0.0,
  "qi_2": 0.009463860706349482,
  "rpve_csf": 15.263441249045405,
  "rpve_gm": 7.682370532453494,
  "rpve_wm": 8.948079785349792,
  "size_x": 512,
  "size_y": 512,
  "size_z": 48,
  "snr_csf": 3.0559204751083495,
  "snr_gm": 11.131917900452555,
  "snr_total": 7.673842067247551,
  "snr_wm": 8.83368782618175,
  "snrd_csf": 236.97436572098658,
  "snrd_gm": 117.45244070355514,
  "snrd_total": 144.1298855895499,
  "snrd_wm": 77.96285034410802,
  "spacing_x": 0.40625,
  "spacing_y": 0.40625,
  "spacing_z": 3.000000238418579,
  "summary_bg_k": 443.77158438875966,
  "summary_bg_mad": 8.523151878806207,
  "summary_bg_mean": 23.104044932389833,
  "summary_bg_median": 11.497557163238525,
  "summary_bg_n": 2792277.0,
  "summary_bg_p05": 0.0,
  "summary_bg_p95": 67.64396131038666,
  "summary_bg_stdv": 51.00108964379499,
  "summary_csf_k": 0.8885729685740378,
  "summary_csf_mad": 820.2113158037839,
  "summary_csf_mean": 3105.495406904252,
  "summary_csf_median": 3082.9741403460503,
  "summary_csf_n": 385227.0,
  "summary_csf_p05": 645.1375137269496,
  "summary_csf_p95": 4649.037238955498,
  "summary_csf_stdv": 1008.8515600953107,
  "summary_gm_k": -0.2112131180601815,
  "summary_gm_mad": 145.1776870023324,
  "summary_gm_mean": 1535.2745210236712,
  "summary_gm_median": 1528.0253469944,
  "summary_gm_n": 704033.0,
  "summary_gm_p05": 1325.4767149686813,
  "summary_gm_p95": 1766.79128408432,
  "summary_gm_stdv": 137.26513934651712,
  "summary_wm_k": -0.011785407303136708,
  "summary_wm_mad": 113.78407758206286,
  "summary_wm_mean": 1003.6263360159894,
  "summary_wm_median": 1014.2761677503586,
  "summary_wm_n": 884628.0,
  "summary_wm_p05": 793.5230702161789,
  "summary_wm_p95": 1174.092212319374,
  "summary_wm_stdv": 114.81904437076427,
  "tpm_overlap_csf": 0.14039164781570435,
  "tpm_overlap_gm": 0.3989766836166382,
  "tpm_overlap_wm": 0.4323729872703552,
  "wm2max": 0.19831397527163733
}