{
  "bids_meta": {
    "AcquisitionMatrixPE": 256,
    "AcquisitionNumber": 1,
    "AcquisitionTime": "11:45:59.500000",
    "BaseResolution": 256,
    "BodyPartExamined": "BRAIN",
    "ConsistencyInfo": "N4_VE11B_LATEST_20150530",
    "ConversionSoftware": "dcm2niix",
    "ConversionSoftwareVersion": "v1.0.20181125  GCC4.8.5",
    "DeviceSerialNumber": "67007",
    "DwellTime": 8.9e-06,
    "EchoTime": 0.091,
    "EchoTrainLength": 18,
    "FlipAngle": 120,
    "ImageOrientationPatientDICOM": [
      1,
      0,
      0,
      0,
      0.904827,
      -0.425779
    ],
    "ImageType": [
      "ORIGINAL",
      "PRIMARY",
      "M",
      "ND",
      "NORM"
    ],
    "ImagingFrequency": 123.211,
    "InPlanePhaseEncodingDirectionDICOM": "COL",
    "InstitutionAddress": "Perth_Drive_100_London_Ontario_CA_N6A_5K8",
    "InstitutionName": "Robarts_Research_Institute",
    "InstitutionalDepartmentName": "CFMM",
    "Interpolation2D": 1,
    "MRAcquisitionType": "2D",
    "MagneticFieldStrength": 3,
    "Manufacturer": "Siemens",
    "ManufacturersModelName": "Prisma_fit",
    "Modality": "MR",
    "ParallelReductionFactorInPlane": 2,
    "PartialFourier": 1,
    "PatientPosition": "HFS",
    "PercentPhaseFOV": 100,
    "PhaseEncodingDirection": "j-",
    "PhaseEncodingSteps": 255,
    "PhaseResolution": 1,
    "PixelBandwidth": 220,
    "ProcedureStepDescription": "Diedrichsen_MCC",
    "ProtocolName": "t2_tse_tra_256_p2",
    "PulseSequenceDetails": "%SiemensSeq%_tse",
    "ReceiveCoilActiveElements": "HEA;HEP",
    "ReceiveCoilName": "Head_32",
    "ReconMatrixPE": 512,
    "RepetitionTime": 8.53,
    "SAR": 0.51511,
    "ScanningSequence": "SE",
    "SequenceName": "_tse2d1_18",
    "SequenceVariant": "SK_SP",
    "SeriesDescription": "t2_tse_tra_256_p2",
    "SeriesNumber": 19,
    "ShimSetting": [
      5237,
      -6157,
      -4055,
      53,
      3,
      -37,
      -27,
      1
    ],
    "SliceThickness": 3,
    "SoftwareVersions": "syngo_MR_E11",
    "SpacingBetweenSlices": 3,
    "StationName": "MRC35368",
    "TxRefAmp": 267.562,
    "dataset": "ds002105",
    "modality": "T2w",
    "session_id": "b1",
    "subject_id": "08"
  },
  "cjv": 0.5145635526473065,
  "cnr": 2.288722208949188,
  "efc": 0.5873905665435419,
  "fber": 7036.064101562501,
  "fwhm_avg": 4.819299702807339,
  "fwhm_x": 6.08004923076923,
  "fwhm_y": 6.740086153846154,
  "fwhm_z": 1.6377637238066332,
  "icvs_csf": 0.17899979775161273,
  "icvs_gm": 0.41246845756974615,
  "icvs_wm": 0.4085317446786411,
  "inu_med": 1.2668037414550781,
  "inu_range": 0.24844768047332755,
  "provenance": {
    "md5sum": "c67253717f29c8c66b9dea080e223704",
    "settings": {
      "testing": false
    },
    "software": "mriqc",
    "version": "22.0.0rc1",
    "warnings": {
      "large_rot_frame": true,
      "small_air_mask": false
    },
    "webapi_port": null,
    "webapi_url": "https://mriqc.nimh.nih.gov/api/v1"
  },
  "qi_1": 0.0,
  "qi_2": 0.006346502656291075,
  "rpve_csf": 16.578773290066895,
  "rpve_gm": 7.955428367273101,
  "rpve_wm": 9.135112246190463,
  "size_x": 512,
  "size_y": 512,
  "size_z": 48,
  "snr_csf": 3.0726427147002275,
  "snr_gm": 11.30688345498456,
  "snr_total": 7.766463782598762,
  "snr_wm": 8.919865178111497,
  "snrd_csf": 264.47502184452964,
  "snrd_gm": 130.07719514977236,
  "snrd_total": 160.64348119339652,
  "snrd_wm": 87.3782265858876,
  "spacing_x": 0.40625,
  "spacing_y": 0.40625,
  "spacing_z": 2.9999992847442627,
  "summary_bg_k": 691.5312778227348,
  "summary_bg_mad": 7.6095925179549795,
  "summary_bg_mean": 26.066856007644105,
  "summary_bg_median": 10.17013631016016,
  "summary_bg_n": 3111149.0,
  "summary_bg_p05": 0.0,
  "summary_bg_p95": 60.830721855163574,
  "summary_bg_stdv": 127.10547033384732,
  "summary_csf_k": 0.8518588443513972,
  "summary_csf_mad": 813.6627259013343,
  "summary_csf_mean": 3085.4360038835557,
  "summary_csf_median": 3071.9514536857605,
  "summary_csf_n": 360643.0,
  "summary_csf_p05": 650.9837718531489,
  "summary_csf_p95": 4611.253860630095,
  "summary_csf_stdv": 999.7736411050007,
  "summary_gm_k": -0.203163307415406,
  "summary_gm_mad": 141.48205348197777,
  "summary_gm_mean": 1517.900720924879,
  "summary_gm_median": 1510.8830540776253,
  "summary_gm_n": 698648.0,
  "summary_gm_p05": 1313.9435920715332,
  "summary_gm_p95": 1743.845709182322,
  "summary_gm_stdv": 133.62497091279027,
  "summary_wm_k": -0.09918068406956682,
  "summary_wm_mad": 113.7211326294383,
  "summary_wm_mean": 1004.2211436266122,
  "summary_wm_median": 1014.9225749522448,
  "summary_wm_n": 862986.0,
  "summary_wm_p05": 796.217120282352,
  "summary_wm_p95": 1173.2725477814674,
  "summary_wm_stdv": 113.78221157568899,
  "tpm_overlap_csf": 0.13902397453784943,
  "tpm_overlap_gm": 0.40729719400405884,
  "tpm_overlap_wm": 0.44583290815353394,
  "wm2max": 0.20452020685692396
}