{
  "aor": 0.0006046921797004992,
  "aqi": 0.006865857936772047,
  "bids_meta": {
    "AcquisitionMatrixPE": 84,
    "AcquisitionNumber": 1,
    "AcquisitionTime": "11:21:17.372500",
    "BandwidthPerPixelPhaseEncode": 33.069,
    "BaseResolution": 84,
    "BodyPartExamined": "BRAIN",
    "ConsistencyInfo": "N4_VE11B_LATEST_20150530",
    "ConversionSoftware": "dcm2niix",
    "ConversionSoftwareVersion": "v1.0.20181125  GCC4.8.5",
    "DerivedVendorReportedEchoSpacing": 0.000719995,
    "DeviceSerialNumber": "67007",
    "DwellTime": 3.8e-06,
    "EchoTime": 0.03,
    "EchoTrainLength": 36,
    "EffectiveEchoSpacing": 0.000359998,
    "FlipAngle": 40,
    "ImageComments": "Unaliased_MB3_PE4",
    "ImageOrientationPatientDICOM": [
      0.999216,
      0.0193336,
      0.0345578,
      -1.89596e-08,
      0.872708,
      -0.488243
    ],
    "ImageType": [
      "ORIGINAL",
      "PRIMARY",
      "M",
      "MB",
      "ND",
      "NORM",
      "MOSAIC"
    ],
    "ImagingFrequency": 123.211,
    "InPlanePhaseEncodingDirectionDICOM": "COL",
    "InstitutionAddress": "Perth_Drive_100_London_Ontario_CA_N6A_5K8",
    "InstitutionName": "Robarts_Research_Institute",
    "InstitutionalDepartmentName": "CFMM",
    "MRAcquisitionType": "2D",
    "MagneticFieldStrength": 3,
    "Manufacturer": "Siemens",
    "ManufacturersModelName": "Prisma_fit",
    "Modality": "MR",
    "MultibandAccelerationFactor": 3,
    "ParallelReductionFactorInPlane": 2,
    "PartialFourier": 0.875,
    "PatientPosition": "HFS",
    "PercentPhaseFOV": 100,
    "PhaseEncodingDirection": "j-",
    "PhaseEncodingSteps": 73,
    "PhaseResolution": 1,
    "PixelBandwidth": 1565,
    "ProcedureStepDescription": "Diedrichsen_MCC",
    "ProtocolName": "ep_bold_mb3_p2",
    "PulseSequenceDetails": "%CustomerSeq%_cmrr_mbep2d_bold",
    "ReceiveCoilActiveElements": "HEA;HEP",
    "ReceiveCoilName": "Head_32",
    "ReconMatrixPE": 84,
    "RepetitionTime": 1,
    "SAR": 0.0682686,
    "ScanOptions": "PFP_FS_EXT",
    "ScanningSequence": "EP",
    "SequenceName": "epfid2d1_84",
    "SequenceVariant": "SK_SS",
    "SeriesDescription": "ep_bold_mb3_p2",
    "SeriesNumber": 13,
    "ShimSetting": [
      5258,
      -6201,
      -3869,
      633,
      14,
      -96,
      181,
      -22
    ],
    "SliceThickness": 3,
    "SliceTiming": [
      0,
      0.4275,
      0.8575,
      0.305,
      0.735,
      0.1825,
      0.6125,
      0.06,
      0.49,
      0.9175,
      0.3675,
      0.795,
      0.245,
      0.6725,
      0.1225,
      0.55,
      0,
      0.4275,
      0.8575,
      0.305,
      0.735,
      0.1825,
      0.6125,
      0.06,
      0.49,
      0.9175,
      0.3675,
      0.795,
      0.245,
      0.6725,
      0.1225,
      0.55,
      0,
      0.4275,
      0.8575,
      0.305,
      0.735,
      0.1825,
      0.6125,
      0.06,
      0.49,
      0.9175,
      0.3675,
      0.795,
      0.245,
      0.6725,
      0.1225,
      0.55
    ],
    "SoftwareVersions": "syngo_MR_E11",
    "SpacingBetweenSlices": 3,
    "StationName": "MRC35368",
    "TaskName": "b",
    "TotalReadoutTime": 0.0298798,
    "TxRefAmp": 250.657,
    "WipMemBlock": "82d1439a-2dbf-4d4a-b873-f0a49e2d9abe||Sequence: ve11b/master r/50434d5; Mar  3 2017 10:46:13 by eja",
    "dataset": "ds002105",
    "modality": "bold",
    "run_id": 6,
    "session_id": "b1",
    "subject_id": "02",
    "task_id": "b"
  },
  "dummy_trs": 0,
  "dvars_nstd": 28.957928988016658,
  "dvars_std": 1.1942872825333337,
  "dvars_vstd": 1.0073859999333334,
  "efc": 0.4711319123124377,
  "fber": 5970.65283203125,
  "fd_mean": 0.09031061826394239,
  "fd_num": 1,
  "fd_perc": 0.16638935108153077,
  "fwhm_avg": 1.7969849550967967,
  "fwhm_x": 1.7763293579215504,
  "fwhm_y": 1.8962555073688396,
  "fwhm_z": 1.71837,
  "gcor": 0.0155402,
  "gsr_x": -0.01627429574728012,
  "gsr_y": 0.026683295145630836,
  "provenance": {
    "md5sum": "739325758fd0bf21fb734354580ebd53",
    "settings": {
      "fd_thres": 0.2,
      "testing": false
    },
    "software": "mriqc",
    "version": "21.0.0rc2",
    "webapi_port": null,
    "webapi_url": "https://mriqc.nimh.nih.gov/api/v1"
  },
  "size_t": 601,
  "size_x": 84,
  "size_y": 84,
  "size_z": 48,
  "snr": 5.374447053382924,
  "spacing_tr": 1.0,
  "spacing_x": 2.4761905670166016,
  "spacing_y": 2.4761905670166016,
  "spacing_z": 3.0,
  "summary_bg_k": 25.87667572372849,
  "summary_bg_mad": 37.21553327608102,
  "summary_bg_mean": 167.9352264404297,
  "summary_bg_median": 53.866886138916016,
  "summary_bg_n": 228908.0,
  "summary_bg_p05": 23.093177795410156,
  "summary_bg_p95": 686.4740447998034,
  "summary_bg_stdv": 347.63909912109375,
  "summary_fg_k": 4.203386719618809,
  "summary_fg_mad": 700.2794315122105,
  "summary_fg_mean": 4286.19775390625,
  "summary_fg_median": 4211.314453125,
  "summary_fg_n": 55021.0,
  "summary_fg_p05": 3251.683837890625,
  "summary_fg_p95": 5568.671875,
  "summary_fg_stdv": 783.5738525390625,
  "tsnr": 56.649046232923865
}