{
  "aor": 0.00018951585976627715,
  "aqi": 0.007017771151919867,
  "bids_meta": {
    "AcquisitionMatrixPE": 84,
    "AcquisitionNumber": 1,
    "AcquisitionTime": "11:32:14.772500",
    "BandwidthPerPixelPhaseEncode": 33.069,
    "BaseResolution": 84,
    "BodyPartExamined": "BRAIN",
    "ConsistencyInfo": "N4_VE11B_LATEST_20150530",
    "ConversionSoftware": "dcm2niix",
    "ConversionSoftwareVersion": "v1.0.20181125  GCC4.8.5",
    "DerivedVendorReportedEchoSpacing": 0.000719995,
    "DeviceSerialNumber": "67007",
    "DwellTime": 3.8e-06,
    "EchoTime": 0.03,
    "EchoTrainLength": 36,
    "EffectiveEchoSpacing": 0.000359998,
    "FlipAngle": 40,
    "ImageComments": "Unaliased_MB3_PE4",
    "ImageOrientationPatientDICOM": [
      0.999216,
      0.0193336,
      0.0345578,
      -1.89596e-08,
      0.872708,
      -0.488243
    ],
    "ImageType": [
      "ORIGINAL",
      "PRIMARY",
      "M",
      "MB",
      "ND",
      "NORM",
      "MOSAIC"
    ],
    "ImagingFrequency": 123.211,
    "InPlanePhaseEncodingDirectionDICOM": "COL",
    "InstitutionAddress": "Perth_Drive_100_London_Ontario_CA_N6A_5K8",
    "InstitutionName": "Robarts_Research_Institute",
    "InstitutionalDepartmentName": "CFMM",
    "MRAcquisitionType": "2D",
    "MagneticFieldStrength": 3,
    "Manufacturer": "Siemens",
    "ManufacturersModelName": "Prisma_fit",
    "Modality": "MR",
    "MultibandAccelerationFactor": 3,
    "ParallelReductionFactorInPlane": 2,
    "PartialFourier": 0.875,
    "PatientPosition": "HFS",
    "PercentPhaseFOV": 100,
    "PhaseEncodingDirection": "j-",
    "PhaseEncodingSteps": 73,
    "PhaseResolution": 1,
    "PixelBandwidth": 1565,
    "ProcedureStepDescription": "Diedrichsen_MCC",
    "ProtocolName": "ep_bold_mb3_p2",
    "PulseSequenceDetails": "%CustomerSeq%_cmrr_mbep2d_bold",
    "ReceiveCoilActiveElements": "HEA;HEP",
    "ReceiveCoilName": "Head_32",
    "ReconMatrixPE": 84,
    "RepetitionTime": 1,
    "SAR": 0.0682686,
    "ScanOptions": "PFP_FS_EXT",
    "ScanningSequence": "EP",
    "SequenceName": "epfid2d1_84",
    "SequenceVariant": "SK_SS",
    "SeriesDescription": "ep_bold_mb3_p2",
    "SeriesNumber": 15,
    "ShimSetting": [
      5258,
      -6201,
      -3869,
      633,
      14,
      -96,
      181,
      -22
    ],
    "SliceThickness": 3,
    "SliceTiming": [
      0,
      0.4275,
      0.8575,
      0.305,
      0.735,
      0.1825,
      0.6125,
      0.06,
      0.49,
      0.9175,
      0.3675,
      0.795,
      0.245,
      0.6725,
      0.1225,
      0.55,
      0,
      0.4275,
      0.8575,
      0.305,
      0.735,
      0.1825,
      0.6125,
      0.06,
      0.49,
      0.9175,
      0.3675,
      0.795,
      0.245,
      0.6725,
      0.1225,
      0.55,
      0,
      0.4275,
      0.8575,
      0.305,
      0.735,
      0.1825,
      0.6125,
      0.06,
      0.49,
      0.9175,
      0.3675,
      0.795,
      0.245,
      0.6725,
      0.1225,
      0.55
    ],
    "SoftwareVersions": "syngo_MR_E11",
    "SpacingBetweenSlices": 3,
    "StationName": "MRC35368",
    "TaskName": "b",
    "TotalReadoutTime": 0.0298798,
    "TxRefAmp": 250.657,
    "WipMemBlock": "1e9f6930-3ded-4273-9b84-50b44506c643||Sequence: ve11b/master r/50434d5; Mar  3 2017 10:46:13 by eja",
    "dataset": "ds002105",
    "modality": "bold",
    "run_id": 7,
    "session_id": "b1",
    "subject_id": "02",
    "task_id": "b"
  },
  "dummy_trs": 2,
  "dvars_nstd": 29.345384492541783,
  "dvars_std": 1.1915284945652165,
  "dvars_vstd": 1.0002617546153856,
  "efc": 0.47194187981894997,
  "fber": 5693.20654296875,
  "fd_mean": 0.08345690968256476,
  "fd_num": 2,
  "fd_perc": 0.333889816360601,
  "fwhm_avg": 1.7909086091779338,
  "fwhm_x": 1.7615849353854498,
  "fwhm_y": 1.8917808921483519,
  "fwhm_z": 1.71936,
  "gcor": 0.0126247,
  "gsr_x": -0.017123298719525337,
  "gsr_y": 0.026155687868595123,
  "provenance": {
    "md5sum": "72347c145025c2f271cb7b16685f1913",
    "settings": {
      "fd_thres": 0.2,
      "testing": false
    },
    "software": "mriqc",
    "version": "21.0.0rc2",
    "webapi_port": null,
    "webapi_url": "https://mriqc.nimh.nih.gov/api/v1"
  },
  "size_t": 599,
  "size_x": 84,
  "size_y": 84,
  "size_z": 48,
  "snr": 5.407497697771975,
  "spacing_tr": 1.0,
  "spacing_x": 2.4761905670166016,
  "spacing_y": 2.4761905670166016,
  "spacing_z": 3.0,
  "summary_bg_k": 31.201429558291544,
  "summary_bg_mad": 37.812543884312916,
  "summary_bg_mean": 170.6707763671875,
  "summary_bg_median": 54.9432373046875,
  "summary_bg_n": 229035.0,
  "summary_bg_p05": 23.630550765991213,
  "summary_bg_p95": 697.2978027343729,
  "summary_bg_stdv": 355.2737731933594,
  "summary_fg_k": 4.027039796632097,
  "summary_fg_mad": 687.0809779002773,
  "summary_fg_mean": 4272.07421875,
  "summary_fg_median": 4193.6767578125,
  "summary_fg_n": 54898.0,
  "summary_fg_p05": 3249.7403930664063,
  "summary_fg_p95": 5559.932128906249,
  "summary_fg_stdv": 775.52294921875,
  "tsnr": 57.476952482014894
}