{
  "bids_meta": {
    "AcquisitionMatrixPE": 256,
    "AcquisitionNumber": 1,
    "AcquisitionTime": "14:10:57.090000",
    "BaseResolution": 256,
    "BodyPartExamined": "BRAIN",
    "ConsistencyInfo": "N4_VE11B_LATEST_20150530",
    "ConversionSoftware": "dcm2niix",
    "ConversionSoftwareVersion": "v1.0.20181125  GCC4.8.5",
    "DeviceSerialNumber": "67007",
    "DwellTime": 8.2e-06,
    "EchoTime": 0.00298,
    "FlipAngle": 9,
    "ImageOrientationPatientDICOM": [
      -0.00519202,
      0.999987,
      4.89374e-09,
      0.0381961,
      0.000198323,
      -0.99927
    ],
    "ImageType": [
      "ORIGINAL",
      "PRIMARY",
      "M",
      "ND",
      "NORM"
    ],
    "ImagingFrequency": 123.211,
    "InPlanePhaseEncodingDirectionDICOM": "ROW",
    "InstitutionAddress": "Perth_Drive_100_London_Ontario_CA_N6A_5K8",
    "InstitutionName": "Robarts_Research_Institute",
    "InstitutionalDepartmentName": "CFMM",
    "InversionTime": 0.9,
    "MRAcquisitionType": "3D",
    "MagneticFieldStrength": 3,
    "Manufacturer": "Siemens",
    "ManufacturersModelName": "Prisma_fit",
    "Modality": "MR",
    "PartialFourier": 1,
    "PatientPosition": "HFS",
    "PercentPhaseFOV": 100,
    "PhaseEncodingSteps": 255,
    "PhaseResolution": 1,
    "PixelBandwidth": 240,
    "ProcedureStepDescription": "Diedrichsen_Feb2016",
    "ProtocolName": "mprage_sag_p2",
    "PulseSequenceDetails": "%SiemensSeq%_tfl",
    "ReceiveCoilActiveElements": "HEA;HEP",
    "ReceiveCoilName": "Head_32",
    "ReconMatrixPE": 256,
    "RepetitionTime": 2.3,
    "SAR": 0.0711246,
    "ScanOptions": "IR",
    "ScanningSequence": "GR_IR",
    "SequenceName": "_tfl3d1_16ns",
    "SequenceVariant": "SK_SP_MP",
    "SeriesDescription": "mprage_sag_p2",
    "SeriesNumber": 2,
    "ShimSetting": [
      5260,
      -6185,
      -3817,
      453,
      -65,
      60,
      39,
      20
    ],
    "SliceThickness": 1,
    "SoftwareVersions": "syngo_MR_E11",
    "StationName": "MRC35368",
    "TxRefAmp": 282.008,
    "dataset": "ds002105",
    "modality": "T1w",
    "session_id": "a2",
    "subject_id": "04"
  },
  "cjv": 0.4411473094317254,
  "cnr": 2.9838223211243933,
  "efc": 0.5787703809779463,
  "fber": 14493.866757369613,
  "fwhm_avg": 3.40997,
  "fwhm_x": 3.37576,
  "fwhm_y": 3.61225,
  "fwhm_z": 3.2419,
  "icvs_csf": 0.20046020185127508,
  "icvs_gm": 0.4275861339167122,
  "icvs_wm": 0.3719536642320127,
  "inu_med": 1.3438183069229126,
  "inu_range": 0.37261791229248,
  "provenance": {
    "md5sum": "2206bb932cf6f8326c11ae2d63d79cd1",
    "settings": {
      "testing": false
    },
    "software": "mriqc",
    "version": "22.0.0rc1",
    "warnings": {
      "large_rot_frame": true,
      "small_air_mask": false
    },
    "webapi_port": null,
    "webapi_url": "https://mriqc.nimh.nih.gov/api/v1"
  },
  "qi_1": 0.026571258199165174,
  "qi_2": 0.01365488730206735,
  "rpve_csf": 23.622036605093477,
  "rpve_gm": 12.155039323738698,
  "rpve_wm": 16.96983218877319,
  "size_x": 176,
  "size_y": 256,
  "size_z": 256,
  "snr_csf": 2.515412724083441,
  "snr_gm": 9.901094598151444,
  "snr_total": 10.951398407069682,
  "snr_wm": 20.437687898974165,
  "snrd_csf": 22.71872288453976,
  "snrd_gm": 54.04991094337577,
  "snrd_total": 50.13669909062449,
  "snrd_wm": 73.64146344395793,
  "spacing_x": 1.0,
  "spacing_y": 1.0,
  "spacing_z": 1.0,
  "summary_bg_k": 14.692615644945558,
  "summary_bg_mad": 8.896297471407756,
  "summary_bg_mean": 6.525150007814901,
  "summary_bg_median": 6.000461459159851,
  "summary_bg_n": 2530625.0,
  "summary_bg_p05": 0.0,
  "summary_bg_p95": 18.001384377479553,
  "summary_bg_stdv": 7.787535840148101,
  "summary_csf_k": 3.823782879992449,
  "summary_csf_mad": 113.76995804781073,
  "summary_csf_mean": 338.0369057812099,
  "summary_csf_median": 308.5044944435358,
  "summary_csf_n": 10975.0,
  "summary_csf_p05": 184.88344903588296,
  "summary_csf_p95": 560.3680945172905,
  "summary_csf_stdv": 122.6400885609376,
  "summary_gm_k": 0.04660746364974644,
  "summary_gm_mad": 72.79566488623078,
  "summary_gm_mean": 738.3257089062793,
  "summary_gm_median": 733.9602905958891,
  "summary_gm_n": 25915.0,
  "summary_gm_p05": 622.3747861534357,
  "summary_gm_p95": 867.1416866168379,
  "summary_gm_stdv": 74.12777670865103,
  "summary_wm_k": 0.8621746467240112,
  "summary_wm_mad": 44.56702867887924,
  "summary_wm_mean": 998.9857138789454,
  "summary_wm_median": 999.999980866909,
  "summary_wm_n": 233987.0,
  "summary_wm_p05": 917.1474553346634,
  "summary_wm_p95": 1076.7366514503956,
  "summary_wm_stdv": 48.929108269825775,
  "tpm_overlap_csf": 0.17830809950828552,
  "tpm_overlap_gm": 0.451102614402771,
  "tpm_overlap_wm": 0.504310131072998,
  "wm2max": 0.43907568387233187
}