{
  "bids_meta": {
    "AcquisitionMatrixPE": 256,
    "AcquisitionNumber": 1,
    "AcquisitionTime": "16:50:7.205000",
    "BaseResolution": 256,
    "BodyPartExamined": "BRAIN",
    "ConsistencyInfo": "N4_VE11B_LATEST_20150530",
    "ConversionSoftware": "dcm2niix",
    "ConversionSoftwareVersion": "v1.0.20181125  GCC4.8.5",
    "DeviceSerialNumber": "67007",
    "DwellTime": 8.9e-06,
    "EchoTime": 0.091,
    "EchoTrainLength": 18,
    "FlipAngle": 120,
    "ImageOrientationPatientDICOM": [
      1,
      0,
      0,
      0,
      0.934826,
      -0.355107
    ],
    "ImageType": [
      "ORIGINAL",
      "PRIMARY",
      "M",
      "ND",
      "NORM"
    ],
    "ImagingFrequency": 123.211,
    "InPlanePhaseEncodingDirectionDICOM": "COL",
    "InstitutionAddress": "Perth_Drive_100_London_Ontario_CA_N6A_5K8",
    "InstitutionName": "Robarts_Research_Institute",
    "InstitutionalDepartmentName": "CFMM",
    "Interpolation2D": 1,
    "MRAcquisitionType": "2D",
    "MagneticFieldStrength": 3,
    "Manufacturer": "Siemens",
    "ManufacturersModelName": "Prisma_fit",
    "Modality": "MR",
    "ParallelReductionFactorInPlane": 2,
    "PartialFourier": 1,
    "PatientPosition": "HFS",
    "PercentPhaseFOV": 100,
    "PhaseEncodingDirection": "j-",
    "PhaseEncodingSteps": 255,
    "PhaseResolution": 1,
    "PixelBandwidth": 220,
    "ProcedureStepDescription": "Diedrichsen_MCC",
    "ProtocolName": "t2_tse_tra_256_p2",
    "PulseSequenceDetails": "%SiemensSeq%_tse",
    "ReceiveCoilActiveElements": "HEA;HEP",
    "ReceiveCoilName": "Head_32",
    "ReconMatrixPE": 512,
    "RepetitionTime": 8.53,
    "SAR": 0.6039,
    "ScanningSequence": "SE",
    "SequenceName": "_tse2d1_18",
    "SequenceVariant": "SK_SP",
    "SeriesDescription": "t2_tse_tra_256_p2",
    "SeriesNumber": 21,
    "ShimSetting": [
      5237,
      -6157,
      -4055,
      53,
      3,
      -37,
      -27,
      1
    ],
    "SliceThickness": 3,
    "SoftwareVersions": "syngo_MR_E11",
    "SpacingBetweenSlices": 3,
    "StationName": "MRC35368",
    "TxRefAmp": 305.038,
    "dataset": "ds002105",
    "modality": "T2w",
    "session_id": "a1",
    "subject_id": "24"
  },
  "cjv": 0.45569274594341697,
  "cnr": 3.1195005198064063,
  "efc": 0.5853866485165844,
  "fber": 11198.837796245,
  "fwhm_avg": 4.951232717863156,
  "fwhm_x": 6.160812307692307,
  "fwhm_y": 6.972504615384616,
  "fwhm_z": 1.7203812305125454,
  "icvs_csf": 0.17279412960271082,
  "icvs_gm": 0.4264143488483264,
  "icvs_wm": 0.4007915215489628,
  "inu_med": 1.2772836685180664,
  "inu_range": 0.37052717208862296,
  "provenance": {
    "md5sum": "0b2fc59c9400135218cf52ef660b9018",
    "settings": {
      "testing": false
    },
    "software": "mriqc",
    "version": "21.0.0rc2",
    "warnings": {
      "large_rot_frame": true,
      "small_air_mask": false
    },
    "webapi_port": null,
    "webapi_url": "https://mriqc.nimh.nih.gov/api/v1"
  },
  "qi_1": 0.0,
  "qi_2": 0.023505385591358563,
  "rpve_csf": 15.730357476505729,
  "rpve_gm": 6.947058263561815,
  "rpve_wm": 8.273254535403924,
  "size_x": 512,
  "size_y": 512,
  "size_z": 48,
  "snr_csf": 2.9091781961866006,
  "snr_gm": 10.895660602205359,
  "snr_total": 7.873313941833331,
  "snr_wm": 9.815103027108036,
  "snrd_csf": 235.6010405806862,
  "snrd_gm": 120.96734682047406,
  "snrd_total": 144.81868005026504,
  "snrd_wm": 77.8876527496349,
  "spacing_x": 0.40625,
  "spacing_y": 0.40625,
  "spacing_z": 2.999997854232788,
  "summary_bg_k": 569.2794741873461,
  "summary_bg_mad": 8.58475511004602,
  "summary_bg_mean": 15.233929239430669,
  "summary_bg_median": 11.580658659338951,
  "summary_bg_n": 3568708.0,
  "summary_bg_p05": 0.0,
  "summary_bg_p95": 40.53230530768633,
  "summary_bg_stdv": 27.725969867997474,
  "summary_csf_k": 0.5981689541851845,
  "summary_csf_mad": 837.0889280988732,
  "summary_csf_mean": 2981.074704457845,
  "summary_csf_median": 3087.2613799646497,
  "summary_csf_n": 388500.0,
  "summary_csf_p05": 564.3031478300691,
  "summary_csf_p95": 4397.297994621098,
  "summary_csf_stdv": 1061.2128919086333,
  "summary_gm_k": -0.1498631091885585,
  "summary_gm_mad": 151.81461668291908,
  "summary_gm_mean": 1592.3375684534735,
  "summary_gm_median": 1585.1280501782894,
  "summary_gm_n": 832619.0,
  "summary_gm_p05": 1368.3462468534708,
  "summary_gm_p95": 1839.089862883091,
  "summary_gm_stdv": 145.48242242093792,
  "summary_wm_k": -0.021610833505640414,
  "summary_wm_mad": 105.42681714091603,
  "summary_wm_mean": 1016.3088043760467,
  "summary_wm_median": 1020.6217328980565,
  "summary_wm_n": 926698.0,
  "summary_wm_p05": 836.956549949944,
  "summary_wm_p95": 1178.1796415001154,
  "summary_wm_stdv": 103.9847650506088,
  "tpm_overlap_csf": 0.14922460913658142,
  "tpm_overlap_gm": 0.41861337423324585,
  "tpm_overlap_wm": 0.4414270222187042,
  "wm2max": 0.20897726563637498
}