{
  "aor": 0.00017846153846153844,
  "aqi": 0.009216551421404682,
  "bids_meta": {
    "AcquisitionMatrixPE": 84,
    "AcquisitionNumber": 1,
    "AcquisitionTime": "10:12:8.050000",
    "BandwidthPerPixelPhaseEncode": 33.069,
    "BaseResolution": 84,
    "BodyPartExamined": "BRAIN",
    "ConsistencyInfo": "N4_VE11B_LATEST_20150530",
    "ConversionSoftware": "dcm2niix",
    "ConversionSoftwareVersion": "v1.0.20181125  GCC4.8.5",
    "DerivedVendorReportedEchoSpacing": 0.000719995,
    "DeviceSerialNumber": "67007",
    "DwellTime": 3.8e-06,
    "EchoTime": 0.03,
    "EchoTrainLength": 36,
    "EffectiveEchoSpacing": 0.000359998,
    "FlipAngle": 40,
    "ImageComments": "Unaliased_MB3_PE4",
    "ImageOrientationPatientDICOM": [
      1,
      0,
      0,
      0,
      0.845262,
      -0.534352
    ],
    "ImageType": [
      "ORIGINAL",
      "PRIMARY",
      "M",
      "MB",
      "ND",
      "NORM",
      "MOSAIC"
    ],
    "ImagingFrequency": 123.211,
    "InPlanePhaseEncodingDirectionDICOM": "COL",
    "InstitutionAddress": "Perth_Drive_100_London_Ontario_CA_N6A_5K8",
    "InstitutionName": "Robarts_Research_Institute",
    "InstitutionalDepartmentName": "CFMM",
    "MRAcquisitionType": "2D",
    "MagneticFieldStrength": 3,
    "Manufacturer": "Siemens",
    "ManufacturersModelName": "Prisma_fit",
    "Modality": "MR",
    "MultibandAccelerationFactor": 3,
    "ParallelReductionFactorInPlane": 2,
    "PartialFourier": 0.875,
    "PatientPosition": "HFS",
    "PercentPhaseFOV": 100,
    "PhaseEncodingDirection": "j-",
    "PhaseEncodingSteps": 73,
    "PhaseResolution": 1,
    "PixelBandwidth": 1565,
    "ProcedureStepDescription": "Diedrichsen_MCC",
    "ProtocolName": "ep_bold_mb3_p2_RS",
    "PulseSequenceDetails": "%CustomerSeq%_cmrr_mbep2d_bold",
    "ReceiveCoilActiveElements": "HEA;HEP",
    "ReceiveCoilName": "Head_32",
    "ReconMatrixPE": 84,
    "RepetitionTime": 1,
    "SAR": 0.0759618,
    "ScanOptions": "PFP_FS_EXT",
    "ScanningSequence": "EP",
    "SequenceName": "epfid2d1_84",
    "SequenceVariant": "SK_SS",
    "SeriesDescription": "ep_bold_mb3_p2_RS",
    "SeriesNumber": 2,
    "ShimSetting": [
      5230,
      -6230,
      -3960,
      368,
      94,
      -41,
      10,
      11
    ],
    "SliceThickness": 3,
    "SliceTiming": [
      0,
      0.43,
      0.8575,
      0.3075,
      0.735,
      0.185,
      0.6125,
      0.0625,
      0.49,
      0.92,
      0.3675,
      0.7975,
      0.245,
      0.675,
      0.1225,
      0.5525,
      0,
      0.43,
      0.8575,
      0.3075,
      0.735,
      0.185,
      0.6125,
      0.0625,
      0.49,
      0.92,
      0.3675,
      0.7975,
      0.245,
      0.675,
      0.1225,
      0.5525,
      0,
      0.43,
      0.8575,
      0.3075,
      0.735,
      0.185,
      0.6125,
      0.0625,
      0.49,
      0.92,
      0.3675,
      0.7975,
      0.245,
      0.675,
      0.1225,
      0.5525
    ],
    "SoftwareVersions": "syngo_MR_E11",
    "SpacingBetweenSlices": 3,
    "StationName": "MRC35368",
    "TaskName": "rest",
    "TotalReadoutTime": 0.0298798,
    "TxRefAmp": 275.577,
    "WipMemBlock": "1353b0e9-1623-48d5-b851-b1b25bd235ac||Sequence: ve11b/master r/50434d5; Mar  3 2017 10:46:13 by eja",
    "dataset": "ds002105",
    "modality": "bold",
    "run_id": 1,
    "session_id": "rest",
    "subject_id": "31",
    "task_id": "rest"
  },
  "dummy_trs": 3,
  "dvars_nstd": 32.39459330093804,
  "dvars_std": 1.1263709938190947,
  "dvars_vstd": 0.9996830315242887,
  "efc": 0.4796067212056256,
  "fber": 3748.261474609375,
  "fd_mean": 0.10006638714521719,
  "fd_num": 1,
  "fd_perc": 0.16722408026755853,
  "fwhm_avg": 1.820583287676544,
  "fwhm_x": 1.8386307017901973,
  "fwhm_y": 1.8955891612394347,
  "fwhm_z": 1.72753,
  "gcor": 0.00734626,
  "gsr_x": -0.0025055515579879284,
  "gsr_y": 0.006802492309361696,
  "provenance": {
    "md5sum": "da1f54332d2d06235d01a6e5b09015ab",
    "settings": {
      "fd_thres": 0.2,
      "testing": false
    },
    "software": "mriqc",
    "version": "21.0.0rc2",
    "webapi_port": null,
    "webapi_url": "https://mriqc.nimh.nih.gov/api/v1"
  },
  "size_t": 598,
  "size_x": 84,
  "size_y": 84,
  "size_z": 48,
  "snr": 5.490751308054793,
  "spacing_tr": 1.0,
  "spacing_x": 2.4761905670166016,
  "spacing_y": 2.4761905670166016,
  "spacing_z": 3.0,
  "summary_bg_k": 31.71806798649314,
  "summary_bg_mad": 31.34786001725016,
  "summary_bg_mean": 116.17135620117188,
  "summary_bg_median": 48.36621856689453,
  "summary_bg_n": 225481.0,
  "summary_bg_p05": 22.05518341064453,
  "summary_bg_p95": 408.7759094238281,
  "summary_bg_stdv": 207.62005615234375,
  "summary_fg_k": 3.879120748768134,
  "summary_fg_mad": 456.00153195150324,
  "summary_fg_mean": 3070.423095703125,
  "summary_fg_median": 3002.2490234375,
  "summary_fg_n": 57183.0,
  "summary_fg_p05": 2375.3108642578127,
  "summary_fg_p95": 4006.7162597656247,
  "summary_fg_stdv": 546.7781372070312,
  "tsnr": 48.76392689556815
}