{
  "aor": 0.0003291680532445924,
  "aqi": 0.008423931347753743,
  "bids_meta": {
    "AcquisitionMatrixPE": 84,
    "AcquisitionNumber": 1,
    "AcquisitionTime": "14:44:55.572500",
    "BandwidthPerPixelPhaseEncode": 33.069,
    "BaseResolution": 84,
    "BodyPartExamined": "BRAIN",
    "ConsistencyInfo": "N4_VE11B_LATEST_20150530",
    "ConversionSoftware": "dcm2niix",
    "ConversionSoftwareVersion": "v1.0.20181125  GCC4.8.5",
    "DerivedVendorReportedEchoSpacing": 0.000719995,
    "DeviceSerialNumber": "67007",
    "DwellTime": 3.8e-06,
    "EchoTime": 0.03,
    "EchoTrainLength": 36,
    "EffectiveEchoSpacing": 0.000359998,
    "FlipAngle": 40,
    "ImageComments": "Unaliased_MB3_PE4",
    "ImageOrientationPatientDICOM": [
      1,
      0,
      0,
      0,
      0.836764,
      -0.547563
    ],
    "ImageType": [
      "ORIGINAL",
      "PRIMARY",
      "M",
      "MB",
      "ND",
      "NORM",
      "MOSAIC"
    ],
    "ImagingFrequency": 123.211,
    "InPlanePhaseEncodingDirectionDICOM": "COL",
    "InstitutionAddress": "Perth_Drive_100_London_Ontario_CA_N6A_5K8",
    "InstitutionName": "Robarts_Research_Institute",
    "InstitutionalDepartmentName": "CFMM",
    "MRAcquisitionType": "2D",
    "MagneticFieldStrength": 3,
    "Manufacturer": "Siemens",
    "ManufacturersModelName": "Prisma_fit",
    "Modality": "MR",
    "MultibandAccelerationFactor": 3,
    "ParallelReductionFactorInPlane": 2,
    "PartialFourier": 0.875,
    "PatientPosition": "HFS",
    "PercentPhaseFOV": 100,
    "PhaseEncodingDirection": "j-",
    "PhaseEncodingSteps": 73,
    "PhaseResolution": 1,
    "PixelBandwidth": 1565,
    "ProcedureStepDescription": "Diedrichsen_MCC",
    "ProtocolName": "ep_bold_mb3_p2",
    "PulseSequenceDetails": "%CustomerSeq%_cmrr_mbep2d_bold",
    "ReceiveCoilActiveElements": "HEA;HEP",
    "ReceiveCoilName": "Head_32",
    "ReconMatrixPE": 84,
    "RepetitionTime": 1,
    "SAR": 0.0795532,
    "ScanOptions": "PFP_FS_EXT",
    "ScanningSequence": "EP",
    "SequenceName": "epfid2d1_84",
    "SequenceVariant": "SK_SS",
    "SeriesDescription": "ep_bold_mb3_p2",
    "SeriesNumber": 3,
    "ShimSetting": [
      5238,
      -6175,
      -3995,
      542,
      -39,
      32,
      74,
      -48
    ],
    "SliceThickness": 3,
    "SliceTiming": [
      0,
      0.43,
      0.8575,
      0.3075,
      0.735,
      0.185,
      0.6125,
      0.0625,
      0.49,
      0.92,
      0.3675,
      0.7975,
      0.245,
      0.675,
      0.1225,
      0.5525,
      0,
      0.43,
      0.8575,
      0.3075,
      0.735,
      0.185,
      0.6125,
      0.0625,
      0.49,
      0.92,
      0.3675,
      0.7975,
      0.245,
      0.675,
      0.1225,
      0.5525,
      0,
      0.43,
      0.8575,
      0.3075,
      0.735,
      0.185,
      0.6125,
      0.0625,
      0.49,
      0.92,
      0.3675,
      0.7975,
      0.245,
      0.675,
      0.1225,
      0.5525
    ],
    "SoftwareVersions": "syngo_MR_E11",
    "SpacingBetweenSlices": 3,
    "StationName": "MRC35368",
    "TaskName": "b",
    "TotalReadoutTime": 0.0298798,
    "TxRefAmp": 250.205,
    "WipMemBlock": "522d2aa2-9606-4118-9063-9fa4bc74d3bc||Sequence: ve11b/master r/50434d5; Mar  3 2017 10:46:13 by eja",
    "dataset": "ds002105",
    "modality": "bold",
    "run_id": 1,
    "session_id": "b1",
    "subject_id": "26",
    "task_id": "b"
  },
  "dummy_trs": 0,
  "dvars_nstd": 28.96411191970001,
  "dvars_std": 1.1516201532333337,
  "dvars_vstd": 1.0015216680833332,
  "efc": 0.4781759016126864,
  "fber": 6140.884765625,
  "fd_mean": 0.07502637089752598,
  "fd_num": 2,
  "fd_perc": 0.33277870216306155,
  "fwhm_avg": 1.7964716459119006,
  "fwhm_x": 1.7474826282104114,
  "fwhm_y": 1.924185506344373,
  "fwhm_z": 1.7177468031809175,
  "gcor": 0.0203168,
  "gsr_x": -0.006148342043161392,
  "gsr_y": 0.023512769490480423,
  "provenance": {
    "md5sum": "cd4865966608128cc7d51a072457f32b",
    "settings": {
      "fd_thres": 0.2,
      "testing": false
    },
    "software": "mriqc",
    "version": "21.0.0rc2",
    "webapi_port": null,
    "webapi_url": "https://mriqc.nimh.nih.gov/api/v1"
  },
  "size_t": 601,
  "size_x": 84,
  "size_y": 84,
  "size_z": 48,
  "snr": 5.75934044044818,
  "spacing_tr": 1.0,
  "spacing_x": 2.4761905670166016,
  "spacing_y": 2.4761905670166016,
  "spacing_z": 2.999999761581421,
  "summary_bg_k": 30.04686918276726,
  "summary_bg_mad": 26.33160675841693,
  "summary_bg_mean": 132.22210693359375,
  "summary_bg_median": 46.264556884765625,
  "summary_bg_n": 224619.0,
  "summary_bg_p05": 23.86355972290039,
  "summary_bg_p95": 555.8054809570308,
  "summary_bg_stdv": 261.9154357910156,
  "summary_fg_k": 4.378245365428066,
  "summary_fg_mad": 578.8957184332514,
  "summary_fg_mean": 3724.912109375,
  "summary_fg_median": 3673.330078125,
  "summary_fg_n": 58116.0,
  "summary_fg_p05": 2868.0643310546875,
  "summary_fg_p95": 4701.2127685546875,
  "summary_fg_stdv": 637.7984619140625,
  "tsnr": 53.419265722855926
}