{
  "aor": 0.00025600000000000004,
  "aqi": 0.009108417516666665,
  "bids_meta": {
    "AcquisitionMatrixPE": 84,
    "AcquisitionNumber": 1,
    "AcquisitionTime": "11:22:0.827500",
    "BandwidthPerPixelPhaseEncode": 33.069,
    "BaseResolution": 84,
    "BodyPartExamined": "BRAIN",
    "ConsistencyInfo": "N4_VE11B_LATEST_20150530",
    "ConversionSoftware": "dcm2niix",
    "ConversionSoftwareVersion": "v1.0.20181125  GCC4.8.5",
    "DerivedVendorReportedEchoSpacing": 0.000719995,
    "DeviceSerialNumber": "67007",
    "DwellTime": 3.8e-06,
    "EchoTime": 0.03,
    "EchoTrainLength": 36,
    "EffectiveEchoSpacing": 0.000359998,
    "FlipAngle": 40,
    "ImageComments": "Unaliased_MB3_PE4",
    "ImageOrientationPatientDICOM": [
      1,
      0,
      0,
      0,
      0.916363,
      -0.400349
    ],
    "ImageType": [
      "ORIGINAL",
      "PRIMARY",
      "M",
      "MB",
      "ND",
      "NORM",
      "MOSAIC"
    ],
    "ImagingFrequency": 123.211,
    "InPlanePhaseEncodingDirectionDICOM": "COL",
    "InstitutionAddress": "Perth_Drive_100_London_Ontario_CA_N6A_5K8",
    "InstitutionName": "Robarts_Research_Institute",
    "InstitutionalDepartmentName": "CFMM",
    "MRAcquisitionType": "2D",
    "MagneticFieldStrength": 3,
    "Manufacturer": "Siemens",
    "ManufacturersModelName": "Prisma_fit",
    "Modality": "MR",
    "MultibandAccelerationFactor": 3,
    "ParallelReductionFactorInPlane": 2,
    "PartialFourier": 0.875,
    "PatientPosition": "HFS",
    "PercentPhaseFOV": 100,
    "PhaseEncodingDirection": "j-",
    "PhaseEncodingSteps": 73,
    "PhaseResolution": 1,
    "PixelBandwidth": 1565,
    "ProcedureStepDescription": "Diedrichsen_MCC",
    "ProtocolName": "ep_bold_mb3_p2",
    "PulseSequenceDetails": "%CustomerSeq%_cmrr_mbep2d_bold",
    "ReceiveCoilActiveElements": "HEA;HEP",
    "ReceiveCoilName": "Head_32",
    "ReconMatrixPE": 84,
    "RepetitionTime": 1,
    "SAR": 0.0731657,
    "ScanOptions": "PFP_FS_EXT",
    "ScanningSequence": "EP",
    "SequenceName": "epfid2d1_84",
    "SequenceVariant": "SK_SS",
    "SeriesDescription": "ep_bold_mb3_p2",
    "SeriesNumber": 14,
    "ShimSetting": [
      5234,
      -6265,
      -3934,
      734,
      41,
      24,
      -84,
      33
    ],
    "SliceThickness": 3,
    "SliceTiming": [
      0,
      0.4275,
      0.8575,
      0.305,
      0.735,
      0.1825,
      0.6125,
      0.06,
      0.49,
      0.9175,
      0.3675,
      0.795,
      0.245,
      0.6725,
      0.1225,
      0.55,
      0,
      0.4275,
      0.8575,
      0.305,
      0.735,
      0.1825,
      0.6125,
      0.06,
      0.49,
      0.9175,
      0.3675,
      0.795,
      0.245,
      0.6725,
      0.1225,
      0.55,
      0,
      0.4275,
      0.8575,
      0.305,
      0.735,
      0.1825,
      0.6125,
      0.06,
      0.49,
      0.9175,
      0.3675,
      0.795,
      0.245,
      0.6725,
      0.1225,
      0.55
    ],
    "SoftwareVersions": "syngo_MR_E11",
    "SpacingBetweenSlices": 3,
    "StationName": "MRC35368",
    "TaskName": "b",
    "TotalReadoutTime": 0.0298798,
    "TxRefAmp": 251.799,
    "WipMemBlock": "b7479b66-fd8b-4f44-98bd-69bcaa380305||Sequence: ve11b/master r/50434d5; Mar  3 2017 10:46:13 by eja",
    "dataset": "ds002105",
    "modality": "bold",
    "run_id": 7,
    "session_id": "b2",
    "subject_id": "17",
    "task_id": "b"
  },
  "dummy_trs": 1,
  "dvars_nstd": 30.659230291051724,
  "dvars_std": 1.1326097056928224,
  "dvars_vstd": 1.0031200187813014,
  "efc": 0.4555905784138898,
  "fber": 5386.830078125,
  "fd_mean": 0.11447757988969295,
  "fd_num": 23,
  "fd_perc": 3.8333333333333335,
  "fwhm_avg": 1.7620490583306436,
  "fwhm_x": 1.7326412826009427,
  "fwhm_y": 1.8851658923909886,
  "fwhm_z": 1.66834,
  "gcor": 0.00865432,
  "gsr_x": -0.007270412519574165,
  "gsr_y": 0.018382031470537186,
  "provenance": {
    "md5sum": "bb058faac26ba8d5b228d534b33efd69",
    "settings": {
      "fd_thres": 0.2,
      "testing": false
    },
    "software": "mriqc",
    "version": "21.0.0rc2",
    "webapi_port": null,
    "webapi_url": "https://mriqc.nimh.nih.gov/api/v1"
  },
  "size_t": 600,
  "size_x": 84,
  "size_y": 84,
  "size_z": 48,
  "snr": 5.901900832425382,
  "spacing_tr": 1.0,
  "spacing_x": 2.4761905670166016,
  "spacing_y": 2.4761905670166016,
  "spacing_z": 3.0,
  "summary_bg_k": 29.153677860863638,
  "summary_bg_mad": 25.98260331374281,
  "summary_bg_mean": 114.44528198242188,
  "summary_bg_median": 44.91166687011719,
  "summary_bg_n": 233187.0,
  "summary_bg_p05": 23.011667251586914,
  "summary_bg_p95": 439.99818115234353,
  "summary_bg_stdv": 216.70237731933594,
  "summary_fg_k": 5.560196385600298,
  "summary_fg_mad": 482.2409850823402,
  "summary_fg_mean": 3392.708251953125,
  "summary_fg_median": 3338.093505859375,
  "summary_fg_n": 51241.0,
  "summary_fg_p05": 2664.493408203125,
  "summary_fg_p95": 4300.056640625,
  "summary_fg_stdv": 565.5908203125,
  "tsnr": 52.0173417031765
}