{
  "aor": 0.0003002495840266223,
  "aqi": 0.009393785757071546,
  "bids_meta": {
    "AcquisitionMatrixPE": 84,
    "AcquisitionNumber": 1,
    "AcquisitionTime": "08:42:42.140000",
    "BandwidthPerPixelPhaseEncode": 33.069,
    "BaseResolution": 84,
    "BodyPartExamined": "BRAIN",
    "ConsistencyInfo": "N4_VE11B_LATEST_20150530",
    "ConversionSoftware": "dcm2niix",
    "ConversionSoftwareVersion": "v1.0.20181125  GCC4.8.5",
    "DerivedVendorReportedEchoSpacing": 0.000719995,
    "DeviceSerialNumber": "67007",
    "DwellTime": 3.8e-06,
    "EchoTime": 0.03,
    "EchoTrainLength": 36,
    "EffectiveEchoSpacing": 0.000359998,
    "FlipAngle": 40,
    "ImageComments": "Unaliased_MB3_PE4",
    "ImageOrientationPatientDICOM": [
      1,
      0,
      0,
      0,
      0.934826,
      -0.355107
    ],
    "ImageType": [
      "ORIGINAL",
      "PRIMARY",
      "M",
      "MB",
      "ND",
      "NORM",
      "MOSAIC"
    ],
    "ImagingFrequency": 123.211,
    "InPlanePhaseEncodingDirectionDICOM": "COL",
    "InstitutionAddress": "Perth_Drive_100_London_Ontario_CA_N6A_5K8",
    "InstitutionName": "Robarts_Research_Institute",
    "InstitutionalDepartmentName": "CFMM",
    "MRAcquisitionType": "2D",
    "MagneticFieldStrength": 3,
    "Manufacturer": "Siemens",
    "ManufacturersModelName": "Prisma_fit",
    "Modality": "MR",
    "MultibandAccelerationFactor": 3,
    "ParallelReductionFactorInPlane": 2,
    "PartialFourier": 0.875,
    "PatientPosition": "HFS",
    "PercentPhaseFOV": 100,
    "PhaseEncodingDirection": "j-",
    "PhaseEncodingSteps": 73,
    "PhaseResolution": 1,
    "PixelBandwidth": 1565,
    "ProcedureStepDescription": "Diedrichsen_MCC",
    "ProtocolName": "ep_bold_mb3_p2",
    "PulseSequenceDetails": "%CustomerSeq%_cmrr_mbep2d_bold",
    "ReceiveCoilActiveElements": "HEA;HEP",
    "ReceiveCoilName": "Head_32",
    "ReconMatrixPE": 84,
    "RepetitionTime": 1,
    "SAR": 0.121253,
    "ScanOptions": "PFP_FS_EXT",
    "ScanningSequence": "EP",
    "SequenceName": "epfid2d1_84",
    "SequenceVariant": "SK_SS",
    "SeriesDescription": "ep_bold_mb3_p2",
    "SeriesNumber": 2,
    "ShimSetting": [
      5241,
      -6220,
      -3898,
      429,
      18,
      -47,
      177,
      13
    ],
    "SliceThickness": 3,
    "SliceTiming": [
      0,
      0.4275,
      0.855,
      0.305,
      0.7325,
      0.1825,
      0.61,
      0.06,
      0.4875,
      0.9175,
      0.365,
      0.795,
      0.2425,
      0.6725,
      0.1225,
      0.55,
      0,
      0.4275,
      0.855,
      0.305,
      0.7325,
      0.1825,
      0.61,
      0.06,
      0.4875,
      0.9175,
      0.365,
      0.795,
      0.2425,
      0.6725,
      0.1225,
      0.55,
      0,
      0.4275,
      0.855,
      0.305,
      0.7325,
      0.1825,
      0.61,
      0.06,
      0.4875,
      0.9175,
      0.365,
      0.795,
      0.2425,
      0.6725,
      0.1225,
      0.55
    ],
    "SoftwareVersions": "syngo_MR_E11",
    "SpacingBetweenSlices": 3,
    "StationName": "MRC35368",
    "TaskName": "b",
    "TotalReadoutTime": 0.0298798,
    "TxRefAmp": 311.896,
    "WipMemBlock": "e4414057-e86d-40f4-92fa-4d0f1d86e872||Sequence: ve11b/master r/50434d5; Mar  3 2017 10:46:13 by eja",
    "dataset": "ds002105",
    "modality": "bold",
    "run_id": 1,
    "session_id": "b2",
    "subject_id": "08",
    "task_id": "b"
  },
  "dummy_trs": 0,
  "dvars_nstd": 34.062863273766666,
  "dvars_std": 1.1565196203833332,
  "dvars_vstd": 1.0027722747666663,
  "efc": 0.470296509770332,
  "fber": 4853.80517578125,
  "fd_mean": 0.16269559570224298,
  "fd_num": 170,
  "fd_perc": 28.286189683860233,
  "fwhm_avg": 1.810197326294557,
  "fwhm_x": 1.7380972439392808,
  "fwhm_y": 1.9833247349443899,
  "fwhm_z": 1.70917,
  "gcor": 0.011,
  "gsr_x": -0.011426565237343311,
  "gsr_y": 0.014231815002858639,
  "provenance": {
    "md5sum": "55a8a7861b2c8b122e82efc12186c520",
    "settings": {
      "fd_thres": 0.2,
      "testing": false
    },
    "software": "mriqc",
    "version": "21.0.0rc2",
    "webapi_port": null,
    "webapi_url": "https://mriqc.nimh.nih.gov/api/v1"
  },
  "size_t": 601,
  "size_x": 84,
  "size_y": 84,
  "size_z": 48,
  "snr": 5.1798397451679925,
  "spacing_tr": 1.0,
  "spacing_x": 2.4761905670166016,
  "spacing_y": 2.4761905670166016,
  "spacing_z": 3.0,
  "summary_bg_k": 35.17697319863446,
  "summary_bg_mad": 25.05375707331495,
  "summary_bg_mean": 114.01213836669922,
  "summary_bg_median": 42.547420501708984,
  "summary_bg_n": 227986.0,
  "summary_bg_p05": 21.480865478515625,
  "summary_bg_p95": 419.08734130859375,
  "summary_bg_stdv": 232.33880615234375,
  "summary_fg_k": 3.7730878902140033,
  "summary_fg_mad": 499.6639139120906,
  "summary_fg_mean": 3077.7021484375,
  "summary_fg_median": 3004.419921875,
  "summary_fg_n": 55244.0,
  "summary_fg_p05": 2353.2514770507814,
  "summary_fg_p95": 4076.8912841796873,
  "summary_fg_stdv": 580.0165405273438,
  "tsnr": 46.501948619261384
}