{
  "bids_meta": {
    "AcquisitionMatrixPE": 256,
    "AcquisitionNumber": 1,
    "AcquisitionTime": "14:48:47.960000",
    "BaseResolution": 256,
    "BodyPartExamined": "BRAIN",
    "ConsistencyInfo": "N4_VE11B_LATEST_20150530",
    "ConversionSoftware": "dcm2niix",
    "ConversionSoftwareVersion": "v1.0.20181125  GCC4.8.5",
    "DeviceSerialNumber": "67007",
    "DwellTime": 8.2e-06,
    "EchoTime": 0.00298,
    "FlipAngle": 9,
    "ImageOrientationPatientDICOM": [
      -0.0313457,
      0.999509,
      -7.16801e-09,
      -0.0106338,
      -0.000333495,
      -0.999943
    ],
    "ImageType": [
      "ORIGINAL",
      "PRIMARY",
      "M",
      "ND",
      "NORM"
    ],
    "ImagingFrequency": 123.211,
    "InPlanePhaseEncodingDirectionDICOM": "ROW",
    "InstitutionAddress": "Perth_Drive_100_London_Ontario_CA_N6A_5K8",
    "InstitutionName": "Robarts_Research_Institute",
    "InstitutionalDepartmentName": "CFMM",
    "InversionTime": 0.9,
    "MRAcquisitionType": "3D",
    "MagneticFieldStrength": 3,
    "Manufacturer": "Siemens",
    "ManufacturersModelName": "Prisma_fit",
    "Modality": "MR",
    "PartialFourier": 1,
    "PatientPosition": "HFS",
    "PercentPhaseFOV": 100,
    "PhaseEncodingSteps": 255,
    "PhaseResolution": 1,
    "PixelBandwidth": 240,
    "ProcedureStepDescription": "Diedrichsen_Feb2016",
    "ProtocolName": "mprage_sag_p2",
    "PulseSequenceDetails": "%SiemensSeq%_tfl",
    "ReceiveCoilActiveElements": "HEA;HEP",
    "ReceiveCoilName": "Head_32",
    "ReconMatrixPE": 256,
    "RepetitionTime": 2.3,
    "SAR": 0.0756492,
    "ScanOptions": "IR",
    "ScanningSequence": "GR_IR",
    "SequenceName": "_tfl3d1_16ns",
    "SequenceVariant": "SK_SP_MP",
    "SeriesDescription": "mprage_sag_p2",
    "SeriesNumber": 2,
    "ShimSetting": [
      5254,
      -6209,
      -3869,
      318,
      -39,
      -119,
      118,
      19
    ],
    "SliceThickness": 1,
    "SoftwareVersions": "syngo_MR_E11",
    "StationName": "MRC35368",
    "TxRefAmp": 262.981,
    "dataset": "ds002105",
    "modality": "T1w",
    "session_id": "a1",
    "subject_id": "06"
  },
  "cjv": 0.39654695668736356,
  "cnr": 3.223309935808664,
  "efc": 0.5131516480868216,
  "fber": 13312.071982143963,
  "fwhm_avg": 3.4109700000000003,
  "fwhm_x": 3.44657,
  "fwhm_y": 3.53979,
  "fwhm_z": 3.24655,
  "icvs_csf": 0.18848962216543963,
  "icvs_gm": 0.4393029265804035,
  "icvs_wm": 0.3722074512541569,
  "inu_med": 0.9362607598304749,
  "inu_range": 0.21938740611076357,
  "provenance": {
    "md5sum": "ab38fcf829298e5aa63b46f3f615709c",
    "settings": {
      "testing": false
    },
    "software": "mriqc",
    "version": "21.0.0rc2",
    "warnings": {
      "large_rot_frame": true,
      "small_air_mask": false
    },
    "webapi_port": null,
    "webapi_url": "https://mriqc.nimh.nih.gov/api/v1"
  },
  "qi_1": 0.004215334761291511,
  "qi_2": 0.009883525308064528,
  "rpve_csf": 29.801545331993943,
  "rpve_gm": 14.423416132864245,
  "rpve_wm": 20.560433494570564,
  "size_x": 176,
  "size_y": 256,
  "size_z": 256,
  "snr_csf": 3.9495092334118826,
  "snr_gm": 10.432498662725793,
  "snr_total": 12.292015625535468,
  "snr_wm": 22.49403898046873,
  "snrd_csf": 34.153710917156864,
  "snrd_gm": 52.938947799973676,
  "snrd_total": 53.151190706039955,
  "snrd_wm": 72.36091340098932,
  "spacing_x": 1.0,
  "spacing_y": 1.0,
  "spacing_z": 1.0,
  "summary_bg_k": 10.875494135412486,
  "summary_bg_mad": 9.053732542799638,
  "summary_bg_mean": 5.356675204088198,
  "summary_bg_median": 6.106649801135063,
  "summary_bg_n": 3248754.0,
  "summary_bg_p05": 0.0,
  "summary_bg_p95": 18.127613976597786,
  "summary_bg_stdv": 6.32086643290697,
  "summary_csf_k": 28.255161608238456,
  "summary_csf_mad": 87.29366534376501,
  "summary_csf_mean": 453.93334939954434,
  "summary_csf_median": 471.99113738536835,
  "summary_csf_n": 9534.0,
  "summary_csf_p05": 239.96969944909216,
  "summary_csf_p95": 595.4873107455671,
  "summary_csf_stdv": 119.50000767046973,
  "summary_gm_k": 0.21521674594491547,
  "summary_gm_mad": 66.37027556965718,
  "summary_gm_mean": 734.085717543036,
  "summary_gm_median": 731.5958797186613,
  "summary_gm_n": 25041.0,
  "summary_gm_p05": 622.5897765755653,
  "summary_gm_p95": 857.1909134238958,
  "summary_gm_stdv": 70.12522074180951,
  "summary_wm_k": 0.8990813159314879,
  "summary_wm_mad": 40.064548732703905,
  "summary_wm_mean": 1000.0501237071398,
  "summary_wm_median": 999.999967828393,
  "summary_wm_n": 184977.0,
  "summary_wm_p05": 927.2490926384926,
  "summary_wm_p95": 1072.5104237347841,
  "summary_wm_stdv": 44.45610082094882,
  "tpm_overlap_csf": 0.16925011575222015,
  "tpm_overlap_gm": 0.45421579480171204,
  "tpm_overlap_wm": 0.513272762298584,
  "wm2max": 0.4243852668095092
}