{
  "bids_meta": {
    "AcquisitionMatrixPE": 256,
    "AcquisitionNumber": 1,
    "AcquisitionTime": "16:26:37.212500",
    "BaseResolution": 256,
    "BodyPartExamined": "BRAIN",
    "ConsistencyInfo": "N4_VE11B_LATEST_20150530",
    "ConversionSoftware": "dcm2niix",
    "ConversionSoftwareVersion": "v1.0.20181125  GCC4.8.5",
    "DeviceSerialNumber": "67007",
    "DwellTime": 8.9e-06,
    "EchoTime": 0.091,
    "EchoTrainLength": 18,
    "FlipAngle": 120,
    "ImageOrientationPatientDICOM": [
      1,
      0,
      0,
      0,
      0.915663,
      -0.401948
    ],
    "ImageType": [
      "ORIGINAL",
      "PRIMARY",
      "M",
      "ND",
      "NORM"
    ],
    "ImagingFrequency": 123.211,
    "InPlanePhaseEncodingDirectionDICOM": "COL",
    "InstitutionAddress": "Perth_Drive_100_London_Ontario_CA_N6A_5K8",
    "InstitutionName": "Robarts_Research_Institute",
    "InstitutionalDepartmentName": "CFMM",
    "Interpolation2D": 1,
    "MRAcquisitionType": "2D",
    "MagneticFieldStrength": 3,
    "Manufacturer": "Siemens",
    "ManufacturersModelName": "Prisma_fit",
    "Modality": "MR",
    "ParallelReductionFactorInPlane": 2,
    "PartialFourier": 1,
    "PatientPosition": "HFS",
    "PercentPhaseFOV": 100,
    "PhaseEncodingDirection": "j-",
    "PhaseEncodingSteps": 255,
    "PhaseResolution": 1,
    "PixelBandwidth": 220,
    "ProcedureStepDescription": "Diedrichsen_Feb2016",
    "ProtocolName": "t2_tse_tra_256_p2",
    "PulseSequenceDetails": "%SiemensSeq%_tse",
    "ReceiveCoilActiveElements": "HEA;HEP",
    "ReceiveCoilName": "Head_32",
    "ReconMatrixPE": 512,
    "RepetitionTime": 8.53,
    "SAR": 0.654819,
    "ScanningSequence": "SE",
    "SequenceName": "_tse2d1_18",
    "SequenceVariant": "SK_SP",
    "SeriesDescription": "t2_tse_tra_256_p2",
    "SeriesNumber": 11,
    "ShimSetting": [
      5237,
      -6157,
      -4055,
      53,
      3,
      -37,
      -27,
      1
    ],
    "SliceThickness": 3,
    "SoftwareVersions": "syngo_MR_E11",
    "SpacingBetweenSlices": 3,
    "StationName": "MRC35368",
    "TxRefAmp": 262.981,
    "dataset": "ds002105",
    "modality": "T2w",
    "session_id": "a1",
    "subject_id": "06"
  },
  "cjv": 0.45390862697158446,
  "cnr": 3.0883836139933676,
  "efc": 0.5801769617630178,
  "fber": 14292.2025,
  "fwhm_avg": 4.591351686995992,
  "fwhm_x": 5.772110769230769,
  "fwhm_y": 6.303483076923077,
  "fwhm_z": 1.6984612148341283,
  "icvs_csf": 0.13762090555585996,
  "icvs_gm": 0.4470013923486857,
  "icvs_wm": 0.4153777020954543,
  "inu_med": 1.3082479238510132,
  "inu_range": 0.2995890974998474,
  "provenance": {
    "md5sum": "1305c832c3cbe565fa1e28451154406f",
    "settings": {
      "testing": false
    },
    "software": "mriqc",
    "version": "21.0.0rc2",
    "warnings": {
      "large_rot_frame": true,
      "small_air_mask": false
    },
    "webapi_port": null,
    "webapi_url": "https://mriqc.nimh.nih.gov/api/v1"
  },
  "qi_1": 0.0,
  "qi_2": 0.009168424705096491,
  "rpve_csf": 21.20029155806865,
  "rpve_gm": 7.777712143458231,
  "rpve_wm": 9.397001865791674,
  "size_x": 512,
  "size_y": 512,
  "size_z": 48,
  "snr_csf": 2.8704580803671114,
  "snr_gm": 11.223518029099864,
  "snr_total": 7.9500709646919745,
  "snr_wm": 9.756236784608946,
  "snrd_csf": 255.7599446256605,
  "snrd_gm": 137.27223571424858,
  "snrd_total": 160.6559505485047,
  "snrd_wm": 88.93567130560501,
  "spacing_x": 0.40625,
  "spacing_y": 0.40625,
  "spacing_z": 2.999997854232788,
  "summary_bg_k": 359.7104520266825,
  "summary_bg_mad": 7.420583118327389,
  "summary_bg_mean": 12.575483716682,
  "summary_bg_median": 5.209397345781326,
  "summary_bg_n": 3282960.0,
  "summary_bg_p05": 0.0,
  "summary_bg_p95": 25.94484168291092,
  "summary_bg_stdv": 39.67252218350512,
  "summary_csf_k": 0.6934595345213719,
  "summary_csf_mad": 743.4212760789624,
  "summary_csf_mean": 2899.674451152775,
  "summary_csf_median": 2896.935649484396,
  "summary_csf_n": 246046.0,
  "summary_csf_p05": 606.741573214531,
  "summary_csf_p95": 4469.152197450399,
  "summary_csf_stdv": 1009.2221106842105,
  "summary_gm_k": -0.15720121056778513,
  "summary_gm_mad": 145.68573387410098,
  "summary_gm_mean": 1558.569187300274,
  "summary_gm_median": 1554.8518901467323,
  "summary_gm_n": 789544.0,
  "summary_gm_p05": 1342.1859043836594,
  "summary_gm_p95": 1789.6833508908749,
  "summary_gm_stdv": 138.5350744270413,
  "summary_wm_k": 0.0340871924359929,
  "summary_wm_mad": 102.82808035396525,
  "summary_wm_mean": 1002.848709036377,
  "summary_wm_median": 1007.3544436097145,
  "summary_wm_n": 849386.0,
  "summary_wm_p05": 823.3912157714367,
  "summary_wm_p95": 1164.0449441671371,
  "summary_wm_stdv": 103.25229623464206,
  "tpm_overlap_csf": 0.1586870700120926,
  "tpm_overlap_gm": 0.4401634931564331,
  "tpm_overlap_wm": 0.4708077311515808,
  "wm2max": 0.20798009194820533
}