{
  "aor": 0.00023251666666666672,
  "aqi": 0.00891515395,
  "bids_meta": {
    "AcquisitionMatrixPE": 84,
    "AcquisitionNumber": 1,
    "AcquisitionTime": "14:51:52.405000",
    "BandwidthPerPixelPhaseEncode": 33.069,
    "BaseResolution": 84,
    "BodyPartExamined": "BRAIN",
    "ConsistencyInfo": "N4_VE11B_LATEST_20150530",
    "ConversionSoftware": "dcm2niix",
    "ConversionSoftwareVersion": "v1.0.20181125  GCC4.8.5",
    "DerivedVendorReportedEchoSpacing": 0.000719995,
    "DeviceSerialNumber": "67007",
    "DwellTime": 3.8e-06,
    "EchoTime": 0.03,
    "EchoTrainLength": 36,
    "EffectiveEchoSpacing": 0.000359998,
    "FlipAngle": 40,
    "ImageComments": "Unaliased_MB3_PE4",
    "ImageOrientationPatientDICOM": [
      0.992982,
      -0.0114688,
      -0.11771,
      -0.0416183,
      0.897741,
      -0.438553
    ],
    "ImageType": [
      "ORIGINAL",
      "PRIMARY",
      "M",
      "MB",
      "ND",
      "NORM",
      "MOSAIC"
    ],
    "ImagingFrequency": 123.211,
    "InPlanePhaseEncodingDirectionDICOM": "COL",
    "InstitutionAddress": "Perth_Drive_100_London_Ontario_CA_N6A_5K8",
    "InstitutionName": "Robarts_Research_Institute",
    "InstitutionalDepartmentName": "CFMM",
    "MRAcquisitionType": "2D",
    "MagneticFieldStrength": 3,
    "Manufacturer": "Siemens",
    "ManufacturersModelName": "Prisma_fit",
    "Modality": "MR",
    "MultibandAccelerationFactor": 3,
    "ParallelReductionFactorInPlane": 2,
    "PartialFourier": 0.875,
    "PatientPosition": "HFS",
    "PercentPhaseFOV": 100,
    "PhaseEncodingDirection": "j-",
    "PhaseEncodingSteps": 73,
    "PhaseResolution": 1,
    "PixelBandwidth": 1565,
    "ProcedureStepDescription": "Diedrichsen_MCC",
    "ProtocolName": "ep_bold_mb3_p2",
    "PulseSequenceDetails": "%CustomerSeq%_cmrr_mbep2d_bold",
    "ReceiveCoilActiveElements": "HEA;HEP",
    "ReceiveCoilName": "Head_32",
    "ReconMatrixPE": 84,
    "RepetitionTime": 1,
    "SAR": 0.0880308,
    "ScanOptions": "PFP_FS_EXT",
    "ScanningSequence": "EP",
    "SequenceName": "epfid2d1_84",
    "SequenceVariant": "SK_SS",
    "SeriesDescription": "ep_bold_mb3_p2",
    "SeriesNumber": 9,
    "ShimSetting": [
      5208,
      -6179,
      -3897,
      533,
      81,
      124,
      -7,
      -25
    ],
    "SliceThickness": 3,
    "SliceTiming": [
      0,
      0.43,
      0.8575,
      0.3075,
      0.735,
      0.185,
      0.6125,
      0.0625,
      0.49,
      0.92,
      0.3675,
      0.7975,
      0.245,
      0.675,
      0.1225,
      0.5525,
      0,
      0.43,
      0.8575,
      0.3075,
      0.735,
      0.185,
      0.6125,
      0.0625,
      0.49,
      0.92,
      0.3675,
      0.7975,
      0.245,
      0.675,
      0.1225,
      0.5525,
      0,
      0.43,
      0.8575,
      0.3075,
      0.735,
      0.185,
      0.6125,
      0.0625,
      0.49,
      0.92,
      0.3675,
      0.7975,
      0.245,
      0.675,
      0.1225,
      0.5525
    ],
    "SoftwareVersions": "syngo_MR_E11",
    "SpacingBetweenSlices": 3,
    "StationName": "MRC35368",
    "TaskName": "b",
    "TotalReadoutTime": 0.0298798,
    "TxRefAmp": 283.205,
    "WipMemBlock": "39b4ecb4-323b-491f-ad73-2a06cd4598fb||Sequence: ve11b/master r/50434d5; Mar  3 2017 10:46:13 by eja",
    "dataset": "ds002105",
    "modality": "bold",
    "run_id": 4,
    "session_id": "b1",
    "subject_id": "04",
    "task_id": "b"
  },
  "dummy_trs": 1,
  "dvars_nstd": 33.99127089968281,
  "dvars_std": 1.1571050956594326,
  "dvars_vstd": 0.9806872473956577,
  "efc": 0.5151466483618989,
  "fber": 3892.01513671875,
  "fd_mean": 0.115627164692127,
  "fd_num": 29,
  "fd_perc": 4.833333333333333,
  "fwhm_avg": 1.9058443915192325,
  "fwhm_x": 1.8256914714955745,
  "fwhm_y": 2.08634184655036,
  "fwhm_z": 1.8054998565117633,
  "gcor": 0.00601923,
  "gsr_x": -0.005138106178492308,
  "gsr_y": 0.02749982848763466,
  "provenance": {
    "md5sum": "000c987c18a14925d06aa2071b3c67b2",
    "settings": {
      "fd_thres": 0.2,
      "testing": false
    },
    "software": "mriqc",
    "version": "21.0.0rc2",
    "webapi_port": null,
    "webapi_url": "https://mriqc.nimh.nih.gov/api/v1"
  },
  "size_t": 600,
  "size_x": 84,
  "size_y": 84,
  "size_z": 48,
  "snr": 4.462046735249665,
  "spacing_tr": 1.0,
  "spacing_x": 2.4761905670166016,
  "spacing_y": 2.4761905670166016,
  "spacing_z": 3.000000238418579,
  "summary_bg_k": 21.3813643202578,
  "summary_bg_mad": 47.56435058810698,
  "summary_bg_mean": 199.80908203125,
  "summary_bg_median": 61.33000183105469,
  "summary_bg_n": 214141.0,
  "summary_bg_p05": 23.968334197998047,
  "summary_bg_p95": 910.010009765625,
  "summary_bg_stdv": 373.91552734375,
  "summary_fg_k": 3.8176717521733794,
  "summary_fg_mad": 721.3735744535804,
  "summary_fg_mean": 4060.88671875,
  "summary_fg_median": 3923.521728515625,
  "summary_fg_n": 66154.0,
  "summary_fg_p05": 2981.5021850585936,
  "summary_fg_p95": 5567.0197265625,
  "summary_fg_stdv": 879.30322265625,
  "tsnr": 46.11837211996317
}