{
  "aor": 0.0002693155258764608,
  "aqi": 0.008333714207011686,
  "bids_meta": {
    "AcquisitionMatrixPE": 84,
    "AcquisitionNumber": 1,
    "AcquisitionTime": "14:40:59.637500",
    "BandwidthPerPixelPhaseEncode": 33.069,
    "BaseResolution": 84,
    "BodyPartExamined": "BRAIN",
    "ConsistencyInfo": "N4_VE11B_LATEST_20150530",
    "ConversionSoftware": "dcm2niix",
    "ConversionSoftwareVersion": "v1.0.20181125  GCC4.8.5",
    "DerivedVendorReportedEchoSpacing": 0.000719995,
    "DeviceSerialNumber": "67007",
    "DwellTime": 3.8e-06,
    "EchoTime": 0.03,
    "EchoTrainLength": 36,
    "EffectiveEchoSpacing": 0.000359998,
    "FlipAngle": 40,
    "ImageComments": "Unaliased_MB3_PE4",
    "ImageOrientationPatientDICOM": [
      0.992982,
      -0.0114688,
      -0.11771,
      -0.0416183,
      0.897741,
      -0.438553
    ],
    "ImageType": [
      "ORIGINAL",
      "PRIMARY",
      "M",
      "MB",
      "ND",
      "NORM",
      "MOSAIC"
    ],
    "ImagingFrequency": 123.211,
    "InPlanePhaseEncodingDirectionDICOM": "COL",
    "InstitutionAddress": "Perth_Drive_100_London_Ontario_CA_N6A_5K8",
    "InstitutionName": "Robarts_Research_Institute",
    "InstitutionalDepartmentName": "CFMM",
    "MRAcquisitionType": "2D",
    "MagneticFieldStrength": 3,
    "Manufacturer": "Siemens",
    "ManufacturersModelName": "Prisma_fit",
    "Modality": "MR",
    "MultibandAccelerationFactor": 3,
    "ParallelReductionFactorInPlane": 2,
    "PartialFourier": 0.875,
    "PatientPosition": "HFS",
    "PercentPhaseFOV": 100,
    "PhaseEncodingDirection": "j-",
    "PhaseEncodingSteps": 73,
    "PhaseResolution": 1,
    "PixelBandwidth": 1565,
    "ProcedureStepDescription": "Diedrichsen_MCC",
    "ProtocolName": "ep_bold_mb3_p2",
    "PulseSequenceDetails": "%CustomerSeq%_cmrr_mbep2d_bold",
    "ReceiveCoilActiveElements": "HEA;HEP",
    "ReceiveCoilName": "Head_32",
    "ReconMatrixPE": 84,
    "RepetitionTime": 1,
    "SAR": 0.0880308,
    "ScanOptions": "PFP_FS_EXT",
    "ScanningSequence": "EP",
    "SequenceName": "epfid2d1_84",
    "SequenceVariant": "SK_SS",
    "SeriesDescription": "ep_bold_mb3_p2",
    "SeriesNumber": 7,
    "ShimSetting": [
      5208,
      -6179,
      -3897,
      533,
      81,
      124,
      -7,
      -25
    ],
    "SliceThickness": 3,
    "SliceTiming": [
      0,
      0.4275,
      0.8575,
      0.305,
      0.735,
      0.1825,
      0.6125,
      0.06,
      0.49,
      0.9175,
      0.3675,
      0.795,
      0.245,
      0.6725,
      0.1225,
      0.55,
      0,
      0.4275,
      0.8575,
      0.305,
      0.735,
      0.1825,
      0.6125,
      0.06,
      0.49,
      0.9175,
      0.3675,
      0.795,
      0.245,
      0.6725,
      0.1225,
      0.55,
      0,
      0.4275,
      0.8575,
      0.305,
      0.735,
      0.1825,
      0.6125,
      0.06,
      0.49,
      0.9175,
      0.3675,
      0.795,
      0.245,
      0.6725,
      0.1225,
      0.55
    ],
    "SoftwareVersions": "syngo_MR_E11",
    "SpacingBetweenSlices": 3,
    "StationName": "MRC35368",
    "TaskName": "b",
    "TotalReadoutTime": 0.0298798,
    "TxRefAmp": 283.205,
    "WipMemBlock": "ffbd1f3f-897f-4a95-a035-af28816e1888||Sequence: ve11b/master r/50434d5; Mar  3 2017 10:46:13 by eja",
    "dataset": "ds002105",
    "modality": "bold",
    "run_id": 3,
    "session_id": "b1",
    "subject_id": "04",
    "task_id": "b"
  },
  "dummy_trs": 2,
  "dvars_nstd": 34.514691518745835,
  "dvars_std": 1.1680758650836103,
  "dvars_vstd": 1.002440941755853,
  "efc": 0.5161040534128158,
  "fber": 3727.021484375,
  "fd_mean": 0.11353017989173446,
  "fd_num": 39,
  "fd_perc": 6.510851419031719,
  "fwhm_avg": 1.8958687083291006,
  "fwhm_x": 1.819197625579921,
  "fwhm_y": 2.0772553084221137,
  "fwhm_z": 1.791153190985267,
  "gcor": 0.00879407,
  "gsr_x": -0.0047545768320560455,
  "gsr_y": 0.02938680350780487,
  "provenance": {
    "md5sum": "5373b9504ae4d289da089a6024720a22",
    "settings": {
      "fd_thres": 0.2,
      "testing": false
    },
    "software": "mriqc",
    "version": "21.0.0rc2",
    "webapi_port": null,
    "webapi_url": "https://mriqc.nimh.nih.gov/api/v1"
  },
  "size_t": 599,
  "size_x": 84,
  "size_y": 84,
  "size_z": 48,
  "snr": 4.506305673721246,
  "spacing_tr": 1.0,
  "spacing_x": 2.4761905670166016,
  "spacing_y": 2.4761905670166016,
  "spacing_z": 3.000000238418579,
  "summary_bg_k": 23.064106014072223,
  "summary_bg_mad": 46.208181065351404,
  "summary_bg_mean": 197.23208618164062,
  "summary_bg_median": 62.03004837036133,
  "summary_bg_n": 214119.0,
  "summary_bg_p05": 25.634389877319336,
  "summary_bg_p95": 878.3512329101553,
  "summary_bg_stdv": 357.98040771484375,
  "summary_fg_k": 3.72332532835582,
  "summary_fg_mad": 710.4225517925018,
  "summary_fg_mean": 4020.9443359375,
  "summary_fg_median": 3886.598388671875,
  "summary_fg_n": 66124.0,
  "summary_fg_p05": 2958.721228027344,
  "summary_fg_p95": 5517.0084228515625,
  "summary_fg_stdv": 862.4734497070312,
  "tsnr": 47.34613356180489
}