{
  "aor": 0.0007736333333333334,
  "aqi": 0.0088792571,
  "bids_meta": {
    "AcquisitionMatrixPE": 84,
    "AcquisitionNumber": 1,
    "AcquisitionTime": "13:59:20.137500",
    "BandwidthPerPixelPhaseEncode": 33.069,
    "BaseResolution": 84,
    "BodyPartExamined": "BRAIN",
    "ConsistencyInfo": "N4_VE11B_LATEST_20150530",
    "ConversionSoftware": "dcm2niix",
    "ConversionSoftwareVersion": "v1.0.20181125  GCC4.8.5",
    "DerivedVendorReportedEchoSpacing": 0.000719995,
    "DeviceSerialNumber": "67007",
    "DwellTime": 3.8e-06,
    "EchoTime": 0.03,
    "EchoTrainLength": 36,
    "EffectiveEchoSpacing": 0.000359998,
    "FlipAngle": 40,
    "ImageComments": "Unaliased_MB3_PE4",
    "ImageOrientationPatientDICOM": [
      1,
      0,
      0,
      0,
      0.862514,
      -0.506034
    ],
    "ImageType": [
      "ORIGINAL",
      "PRIMARY",
      "M",
      "MB",
      "ND",
      "NORM",
      "MOSAIC"
    ],
    "ImagingFrequency": 123.211,
    "InPlanePhaseEncodingDirectionDICOM": "COL",
    "InstitutionAddress": "Perth_Drive_100_London_Ontario_CA_N6A_5K8",
    "InstitutionName": "Robarts_Research_Institute",
    "InstitutionalDepartmentName": "CFMM",
    "MRAcquisitionType": "2D",
    "MagneticFieldStrength": 3,
    "Manufacturer": "Siemens",
    "ManufacturersModelName": "Prisma_fit",
    "Modality": "MR",
    "MultibandAccelerationFactor": 3,
    "ParallelReductionFactorInPlane": 2,
    "PartialFourier": 0.875,
    "PatientPosition": "HFS",
    "PercentPhaseFOV": 100,
    "PhaseEncodingDirection": "j-",
    "PhaseEncodingSteps": 73,
    "PhaseResolution": 1,
    "PixelBandwidth": 1565,
    "ProcedureStepDescription": "Diedrichsen_MCC",
    "ProtocolName": "ep_bold_mb3_p2_RS",
    "PulseSequenceDetails": "%CustomerSeq%_cmrr_mbep2d_bold",
    "ReceiveCoilActiveElements": "HEA;HEP",
    "ReceiveCoilName": "Head_32",
    "ReconMatrixPE": 84,
    "RepetitionTime": 1,
    "SAR": 0.0901831,
    "ScanOptions": "PFP_FS_EXT",
    "ScanningSequence": "EP",
    "SequenceName": "epfid2d1_84",
    "SequenceVariant": "SK_SS",
    "SeriesDescription": "ep_bold_mb3_p2_RS",
    "SeriesNumber": 22,
    "ShimSetting": [
      5259,
      -6242,
      -3941,
      689,
      66,
      -87,
      35,
      -36
    ],
    "SliceThickness": 3,
    "SliceTiming": [
      0,
      0.4275,
      0.8575,
      0.305,
      0.735,
      0.1825,
      0.6125,
      0.06,
      0.49,
      0.9175,
      0.3675,
      0.795,
      0.245,
      0.6725,
      0.1225,
      0.55,
      0,
      0.4275,
      0.8575,
      0.305,
      0.735,
      0.1825,
      0.6125,
      0.06,
      0.49,
      0.9175,
      0.3675,
      0.795,
      0.245,
      0.6725,
      0.1225,
      0.55,
      0,
      0.4275,
      0.8575,
      0.305,
      0.735,
      0.1825,
      0.6125,
      0.06,
      0.49,
      0.9175,
      0.3675,
      0.795,
      0.245,
      0.6725,
      0.1225,
      0.55
    ],
    "SoftwareVersions": "syngo_MR_E11",
    "SpacingBetweenSlices": 3,
    "StationName": "MRC35368",
    "TaskName": "rest",
    "TotalReadoutTime": 0.0298798,
    "TxRefAmp": 261.185,
    "WipMemBlock": "620c4505-f4fb-43c7-a724-4e98b9220347||Sequence: ve11b/master r/50434d5; Mar  3 2017 10:46:13 by eja",
    "dataset": "ds002105",
    "modality": "bold",
    "run_id": 2,
    "session_id": "rest",
    "subject_id": "28",
    "task_id": "rest"
  },
  "dummy_trs": 1,
  "dvars_nstd": 32.09543207779631,
  "dvars_std": 1.1383349628547565,
  "dvars_vstd": 1.0062937183472451,
  "efc": 0.4988120510540484,
  "fber": 4280.873046875,
  "fd_mean": 0.1070710679355661,
  "fd_num": 30,
  "fd_perc": 5.0,
  "fwhm_avg": 1.7965309811665102,
  "fwhm_x": 1.739583397730923,
  "fwhm_y": 1.8979395457686077,
  "fwhm_z": 1.75207,
  "gcor": 0.00686494,
  "gsr_x": -0.00797723326832056,
  "gsr_y": 0.021511442959308624,
  "provenance": {
    "md5sum": "5afc76af548e8e7313916af615b2436e",
    "settings": {
      "fd_thres": 0.2,
      "testing": false
    },
    "software": "mriqc",
    "version": "21.0.0rc2",
    "webapi_port": null,
    "webapi_url": "https://mriqc.nimh.nih.gov/api/v1"
  },
  "size_t": 600,
  "size_x": 84,
  "size_y": 84,
  "size_z": 48,
  "snr": 4.787542136390491,
  "spacing_tr": 1.0,
  "spacing_x": 2.4761905670166016,
  "spacing_y": 2.4761905670166016,
  "spacing_z": 3.0,
  "summary_bg_k": 48.1962738245753,
  "summary_bg_mad": 33.178170530023856,
  "summary_bg_mean": 141.46200561523438,
  "summary_bg_median": 51.673336029052734,
  "summary_bg_n": 216888.0,
  "summary_bg_p05": 24.538333892822266,
  "summary_bg_p95": 548.5407562255858,
  "summary_bg_stdv": 277.28167724609375,
  "summary_fg_k": 3.724150737882762,
  "summary_fg_mad": 635.574124435917,
  "summary_fg_mean": 3544.580322265625,
  "summary_fg_median": 3444.311767578125,
  "summary_fg_n": 64435.0,
  "summary_fg_p05": 2651.2546142578126,
  "summary_fg_p95": 4780.244628906249,
  "summary_fg_stdv": 719.4265747070312,
  "tsnr": 46.35329863848165
}