{
  "bids_meta": {
    "AcquisitionMatrixPE": 256,
    "AcquisitionNumber": 1,
    "AcquisitionTime": "15:47:38.820000",
    "BaseResolution": 256,
    "BodyPartExamined": "BRAIN",
    "ConsistencyInfo": "N4_VE11B_LATEST_20150530",
    "ConversionSoftware": "dcm2niix",
    "ConversionSoftwareVersion": "v1.0.20181125  GCC4.8.5",
    "DeviceSerialNumber": "67007",
    "DwellTime": 8.9e-06,
    "EchoTime": 0.091,
    "EchoTrainLength": 18,
    "FlipAngle": 120,
    "ImageOrientationPatientDICOM": [
      0.992982,
      -0.0114688,
      -0.11771,
      -0.0416183,
      0.897741,
      -0.438553
    ],
    "ImageType": [
      "ORIGINAL",
      "PRIMARY",
      "M",
      "ND",
      "NORM"
    ],
    "ImagingFrequency": 123.211,
    "InPlanePhaseEncodingDirectionDICOM": "COL",
    "InstitutionAddress": "Perth_Drive_100_London_Ontario_CA_N6A_5K8",
    "InstitutionName": "Robarts_Research_Institute",
    "InstitutionalDepartmentName": "CFMM",
    "Interpolation2D": 1,
    "MRAcquisitionType": "2D",
    "MagneticFieldStrength": 3,
    "Manufacturer": "Siemens",
    "ManufacturersModelName": "Prisma_fit",
    "Modality": "MR",
    "ParallelReductionFactorInPlane": 2,
    "PartialFourier": 1,
    "PatientPosition": "HFS",
    "PercentPhaseFOV": 100,
    "PhaseEncodingDirection": "j-",
    "PhaseEncodingSteps": 255,
    "PhaseResolution": 1,
    "PixelBandwidth": 220,
    "ProcedureStepDescription": "Diedrichsen_MCC",
    "ProtocolName": "t2_tse_tra_256_p2",
    "PulseSequenceDetails": "%SiemensSeq%_tse",
    "ReceiveCoilActiveElements": "HEA;HEP",
    "ReceiveCoilName": "Head_32",
    "ReconMatrixPE": 512,
    "RepetitionTime": 8.53,
    "SAR": 0.650674,
    "ScanningSequence": "SE",
    "SequenceName": "_tse2d1_18",
    "SequenceVariant": "SK_SP",
    "SeriesDescription": "t2_tse_tra_256_p2",
    "SeriesNumber": 21,
    "ShimSetting": [
      5237,
      -6157,
      -4055,
      53,
      3,
      -37,
      -27,
      1
    ],
    "SliceThickness": 3,
    "SoftwareVersions": "syngo_MR_E11",
    "SpacingBetweenSlices": 3,
    "StationName": "MRC35368",
    "TxRefAmp": 283.205,
    "dataset": "ds002105",
    "modality": "T2w",
    "session_id": "b1",
    "subject_id": "04"
  },
  "cjv": 0.4587643930400677,
  "cnr": 3.0755310662747597,
  "efc": 0.6130744199519197,
  "fber": 5943.878287752675,
  "fwhm_avg": 5.0677614938619024,
  "fwhm_x": 6.308898461538462,
  "fwhm_y": 7.210806153846154,
  "fwhm_z": 1.6835798662010937,
  "icvs_csf": 0.19061333939688999,
  "icvs_gm": 0.4131057872200488,
  "icvs_wm": 0.3962808733830612,
  "inu_med": 1.0882819890975952,
  "inu_range": 0.24370984435081489,
  "provenance": {
    "md5sum": "bbf64d28bc9087566e17f4d35a16544b",
    "settings": {
      "testing": false
    },
    "software": "mriqc",
    "version": "22.0.0rc1",
    "warnings": {
      "large_rot_frame": true,
      "small_air_mask": false
    },
    "webapi_port": null,
    "webapi_url": "https://mriqc.nimh.nih.gov/api/v1"
  },
  "qi_1": 0.0001617517832847313,
  "qi_2": 0.008421995014913914,
  "rpve_csf": 11.779327626482772,
  "rpve_gm": 5.88251596287215,
  "rpve_wm": 7.035916578718198,
  "size_x": 512,
  "size_y": 512,
  "size_z": 48,
  "snr_csf": 3.152629962591978,
  "snr_gm": 9.69958596414216,
  "snr_total": 7.135499181019516,
  "snr_wm": 8.554281616324413,
  "snrd_csf": 259.75492560197193,
  "snrd_gm": 124.96264421839066,
  "snrd_total": 153.5437421286757,
  "snrd_wm": 75.91365656566448,
  "spacing_x": 0.40625,
  "spacing_y": 0.40625,
  "spacing_z": 3.000000238418579,
  "summary_bg_k": 679.8291824938054,
  "summary_bg_mad": 8.8518958762554,
  "summary_bg_mean": 20.189192164414646,
  "summary_bg_median": 11.819178871810436,
  "summary_bg_n": 2614695.0,
  "summary_bg_p05": 0.0,
  "summary_bg_p95": 58.242963925004005,
  "summary_bg_stdv": 41.885601347677024,
  "summary_csf_k": 1.200539122000797,
  "summary_csf_mad": 905.0611906130522,
  "summary_csf_mean": 3439.815291057366,
  "summary_csf_median": 3509.6868889033794,
  "summary_csf_n": 509542.0,
  "summary_csf_p05": 612.7695932611823,
  "summary_csf_p95": 5015.596493817866,
  "summary_csf_stdv": 1113.2557536355594,
  "summary_gm_k": -0.14952265535218423,
  "summary_gm_mad": 183.36070029386187,
  "summary_gm_mean": 1699.144724146872,
  "summary_gm_median": 1688.436717800796,
  "summary_gm_n": 941606.0,
  "summary_gm_p05": 1437.7970173954964,
  "summary_gm_p95": 1998.0504653602839,
  "summary_gm_stdv": 174.07297873018558,
  "summary_wm_k": 0.048374652198936996,
  "summary_wm_mad": 120.67482541507361,
  "summary_wm_mean": 1019.4675166285905,
  "summary_wm_median": 1025.7097705453634,
  "summary_wm_n": 1115770.0,
  "summary_wm_p05": 809.7965235263109,
  "summary_wm_p95": 1202.3882175981998,
  "summary_wm_stdv": 119.90595550954842,
  "tpm_overlap_csf": 0.14117100834846497,
  "tpm_overlap_gm": 0.3898475766181946,
  "tpm_overlap_wm": 0.4044024646282196,
  "wm2max": 0.1825436408977556
}