{
  "bids_meta": {
    "AcquisitionMatrixPE": 224,
    "AcquisitionNumber": 1,
    "AcquisitionTime": "13:32:15.417500",
    "BaseResolution": 256,
    "BodyPartExamined": "BRAIN",
    "ConsistencyInfo": "N4_VE11B_LATEST_20150530",
    "ConversionSoftware": "dcm2niix",
    "ConversionSoftwareVersion": "v1.0.20181125  GCC4.8.5",
    "DeviceSerialNumber": "67007",
    "DwellTime": 8.2e-06,
    "EchoTime": 0.00298,
    "FlipAngle": 9,
    "ImageOrientationPatientDICOM": [
      0,
      1,
      0,
      0,
      0,
      -1
    ],
    "ImageType": [
      "ORIGINAL",
      "PRIMARY",
      "M",
      "ND",
      "NORM"
    ],
    "ImagingFrequency": 123.211,
    "InPlanePhaseEncodingDirectionDICOM": "ROW",
    "InstitutionAddress": "Perth_Drive_100_London_Ontario_CA_N6A_5K8",
    "InstitutionName": "Robarts_Research_Institute",
    "InstitutionalDepartmentName": "CFMM",
    "InversionTime": 0.9,
    "MRAcquisitionType": "3D",
    "MagneticFieldStrength": 3,
    "Manufacturer": "Siemens",
    "ManufacturersModelName": "Prisma_fit",
    "Modality": "MR",
    "PartialFourier": 1,
    "PatientPosition": "HFS",
    "PercentPhaseFOV": 87.5,
    "PhaseEncodingSteps": 223,
    "PhaseResolution": 1,
    "PixelBandwidth": 240,
    "ProcedureStepDescription": "Diedrichsen_MCC",
    "ProtocolName": "mprage_sag_p2",
    "PulseSequenceDetails": "%SiemensSeq%_tfl",
    "ReceiveCoilActiveElements": "HEA;HEP",
    "ReceiveCoilName": "Head_32",
    "ReconMatrixPE": 256,
    "RepetitionTime": 2.3,
    "SAR": 0.0650635,
    "ScanOptions": "IR",
    "ScanningSequence": "GR_IR",
    "SequenceName": "_tfl3d1_16ns",
    "SequenceVariant": "SK_SP_MP",
    "SeriesDescription": "mprage_sag_p2",
    "SeriesNumber": 2,
    "ShimSetting": [
      5238,
      -6170,
      -4005,
      397,
      14,
      -12,
      44,
      -37
    ],
    "SliceThickness": 1,
    "SoftwareVersions": "syngo_MR_E11",
    "StationName": "MRC35368",
    "TxRefAmp": 255.084,
    "dataset": "ds002105",
    "modality": "T1w",
    "session_id": "b1",
    "subject_id": "26"
  },
  "cjv": 0.362038628300229,
  "cnr": 3.5082472983048567,
  "efc": 0.5724985071873491,
  "fber": 11142.9136,
  "fwhm_avg": 3.2048133333333335,
  "fwhm_x": 3.18884,
  "fwhm_y": 3.38298,
  "fwhm_z": 3.04262,
  "icvs_csf": 0.18075230796025743,
  "icvs_gm": 0.4655555564044371,
  "icvs_wm": 0.3536921356353055,
  "inu_med": 0.8401308059692383,
  "inu_range": 0.21270242929458616,
  "provenance": {
    "md5sum": "b0f0a3ad3baf98b76a6f9f1a222d9e07",
    "settings": {
      "testing": false
    },
    "software": "mriqc",
    "version": "21.0.0rc2",
    "warnings": {
      "large_rot_frame": true,
      "small_air_mask": false
    },
    "webapi_port": null,
    "webapi_url": "https://mriqc.nimh.nih.gov/api/v1"
  },
  "qi_1": 0.020319522588807138,
  "qi_2": 0.047555895776553406,
  "rpve_csf": 25.6534155539387,
  "rpve_gm": 11.485577356033334,
  "rpve_wm": 17.48768206561077,
  "size_x": 176,
  "size_y": 224,
  "size_z": 256,
  "snr_csf": 2.5845475562289795,
  "snr_gm": 10.39029351813343,
  "snr_total": 11.589763168331109,
  "snr_wm": 21.79444843063092,
  "snrd_csf": 26.637943244287005,
  "snrd_gm": 47.99114707817927,
  "snrd_total": 47.404945690877604,
  "snrd_wm": 67.58574675016652,
  "spacing_x": 1.0,
  "spacing_y": 1.0,
  "spacing_z": 1.0,
  "summary_bg_k": 7.23171307963511,
  "summary_bg_mad": 9.693410794649237,
  "summary_bg_mean": 7.698326943507751,
  "summary_bg_median": 6.604147702455521,
  "summary_bg_n": 1960056.0,
  "summary_bg_p05": 0.0,
  "summary_bg_p95": 19.746401630342007,
  "summary_bg_stdv": 7.340884968121811,
  "summary_csf_k": 31.26564490217166,
  "summary_csf_mad": 153.03839466703795,
  "summary_csf_mean": 398.79324837893074,
  "summary_csf_median": 394.13553488254547,
  "summary_csf_n": 10002.0,
  "summary_csf_p05": 205.4616391710937,
  "summary_csf_p95": 599.65330930911,
  "summary_csf_stdv": 152.48929376595098,
  "summary_gm_k": 0.2023846647336236,
  "summary_gm_mad": 64.8185651116949,
  "summary_gm_mean": 712.0942148502099,
  "summary_gm_median": 710.0779609680176,
  "summary_gm_n": 25934.0,
  "summary_gm_p05": 602.2322289869189,
  "summary_gm_p95": 831.2211443480103,
  "summary_gm_stdv": 68.33919268013288,
  "summary_wm_k": 1.4602487139399791,
  "summary_wm_mad": 40.144428543496836,
  "summary_wm_mean": 998.6183357620148,
  "summary_wm_median": 1000.0000451058149,
  "summary_wm_n": 180071.0,
  "summary_wm_p05": 921.0144385844469,
  "summary_wm_p95": 1069.4096374586225,
  "summary_wm_stdv": 45.88311888700344,
  "tpm_overlap_csf": 0.17460812628269196,
  "tpm_overlap_gm": 0.46492937207221985,
  "tpm_overlap_wm": 0.505914568901062,
  "wm2max": 0.4516225244571701
}