{
  "bids_meta": {
    "AcquisitionMatrixPE": 256,
    "AcquisitionNumber": 1,
    "AcquisitionTime": "10:10:50.750000",
    "BaseResolution": 256,
    "BodyPartExamined": "BRAIN",
    "ConsistencyInfo": "N4_VE11B_LATEST_20150530",
    "ConversionSoftware": "dcm2niix",
    "ConversionSoftwareVersion": "v1.0.20181125  GCC4.8.5",
    "DeviceSerialNumber": "67007",
    "DwellTime": 8.9e-06,
    "EchoTime": 0.091,
    "EchoTrainLength": 18,
    "FlipAngle": 120,
    "ImageOrientationPatientDICOM": [
      1,
      0,
      0,
      0,
      0.934826,
      -0.355107
    ],
    "ImageType": [
      "ORIGINAL",
      "PRIMARY",
      "M",
      "ND",
      "NORM"
    ],
    "ImagingFrequency": 123.211,
    "InPlanePhaseEncodingDirectionDICOM": "COL",
    "InstitutionAddress": "Perth_Drive_100_London_Ontario_CA_N6A_5K8",
    "InstitutionName": "Robarts_Research_Institute",
    "InstitutionalDepartmentName": "CFMM",
    "Interpolation2D": 1,
    "MRAcquisitionType": "2D",
    "MagneticFieldStrength": 3,
    "Manufacturer": "Siemens",
    "ManufacturersModelName": "Prisma_fit",
    "Modality": "MR",
    "ParallelReductionFactorInPlane": 2,
    "PartialFourier": 1,
    "PatientPosition": "HFS",
    "PercentPhaseFOV": 100,
    "PhaseEncodingDirection": "j-",
    "PhaseEncodingSteps": 255,
    "PhaseResolution": 1,
    "PixelBandwidth": 220,
    "ProcedureStepDescription": "Diedrichsen_MCC",
    "ProtocolName": "t2_tse_tra_256_p2",
    "PulseSequenceDetails": "%SiemensSeq%_tse",
    "ReceiveCoilActiveElements": "HEA;HEP",
    "ReceiveCoilName": "Head_32",
    "ReconMatrixPE": 512,
    "RepetitionTime": 8.53,
    "SAR": 0.681642,
    "ScanningSequence": "SE",
    "SequenceName": "_tse2d1_18",
    "SequenceVariant": "SK_SP",
    "SeriesDescription": "t2_tse_tra_256_p2",
    "SeriesNumber": 20,
    "ShimSetting": [
      5237,
      -6157,
      -4055,
      53,
      3,
      -37,
      -27,
      1
    ],
    "SliceThickness": 3,
    "SoftwareVersions": "syngo_MR_E11",
    "SpacingBetweenSlices": 3,
    "StationName": "MRC35368",
    "TxRefAmp": 311.896,
    "dataset": "ds002105",
    "modality": "T2w",
    "session_id": "b2",
    "subject_id": "08"
  },
  "cjv": 0.4870632360428572,
  "cnr": 2.8480920292150484,
  "efc": 0.5730440668287308,
  "fber": 8266.706173469389,
  "fwhm_avg": 4.813099955789299,
  "fwhm_x": 6.0457600000000005,
  "fwhm_y": 6.786535384615385,
  "fwhm_z": 1.6070044827525096,
  "icvs_csf": 0.19098252264242482,
  "icvs_gm": 0.40457507317703156,
  "icvs_wm": 0.40444240418054356,
  "inu_med": 1.0253655910491943,
  "inu_range": 0.21455889344215406,
  "provenance": {
    "md5sum": "a82479d7c5a2846eea23e2e5be659683",
    "settings": {
      "testing": false
    },
    "software": "mriqc",
    "version": "22.0.0rc1",
    "warnings": {
      "large_rot_frame": true,
      "small_air_mask": false
    },
    "webapi_port": null,
    "webapi_url": "https://mriqc.nimh.nih.gov/api/v1"
  },
  "qi_1": 0.0,
  "qi_2": 0.026378494485262048,
  "rpve_csf": 15.15260897599669,
  "rpve_gm": 7.831536010945231,
  "rpve_wm": 9.048581032444483,
  "size_x": 512,
  "size_y": 512,
  "size_z": 48,
  "snr_csf": 2.9714444572504233,
  "snr_gm": 10.466397389204621,
  "snr_total": 7.750673639994595,
  "snr_wm": 9.81417907352874,
  "snrd_csf": 196.68202165971556,
  "snrd_gm": 95.14998595747,
  "snrd_total": 118.0668681765108,
  "snrd_wm": 62.36859691234681,
  "spacing_x": 0.40625,
  "spacing_y": 0.40625,
  "spacing_z": 2.999997854232788,
  "summary_bg_k": 314.77633345524083,
  "summary_bg_mad": 10.702501360985412,
  "summary_bg_mean": 19.902589668104646,
  "summary_bg_median": 14.43745493888855,
  "summary_bg_n": 3074267.0,
  "summary_bg_p05": 0.0,
  "summary_bg_p95": 49.396720826625824,
  "summary_bg_stdv": 50.21242395813306,
  "summary_csf_k": 0.7199450095443818,
  "summary_csf_mad": 863.8447527081082,
  "summary_csf_mean": 3237.07573896301,
  "summary_csf_median": 3213.0555966496468,
  "summary_csf_n": 396070.0,
  "summary_csf_p05": 670.3104078769684,
  "summary_csf_p95": 4939.9350505918255,
  "summary_csf_stdv": 1081.3096413886365,
  "summary_gm_k": -0.1170991232101759,
  "summary_gm_mad": 156.71519850014354,
  "summary_gm_mean": 1563.8862503456435,
  "summary_gm_median": 1554.3982735276222,
  "summary_gm_n": 694992.0,
  "summary_gm_p05": 1341.0333144664764,
  "summary_gm_p95": 1816.1287066340446,
  "summary_gm_stdv": 148.51310316627797,
  "summary_wm_k": 0.03367005089877839,
  "summary_wm_mad": 104.12004895472951,
  "summary_wm_mean": 1010.5481397855423,
  "summary_wm_median": 1018.871819972992,
  "summary_wm_n": 879668.0,
  "summary_wm_p05": 823.4505549073219,
  "summary_wm_p95": 1164.4838654994965,
  "summary_wm_stdv": 103.81624720890245,
  "tpm_overlap_csf": 0.1407579928636551,
  "tpm_overlap_gm": 0.4051056206226349,
  "tpm_overlap_wm": 0.442617803812027,
  "wm2max": 0.18524073796310184
}