{
  "aor": 0.00017202995008319468,
  "aqi": 0.009500194242928452,
  "bids_meta": {
    "AcquisitionMatrixPE": 84,
    "AcquisitionNumber": 1,
    "AcquisitionTime": "11:38:23.195000",
    "BandwidthPerPixelPhaseEncode": 33.069,
    "BaseResolution": 84,
    "BodyPartExamined": "BRAIN",
    "ConsistencyInfo": "N4_VE11B_LATEST_20150530",
    "ConversionSoftware": "dcm2niix",
    "ConversionSoftwareVersion": "v1.0.20181125  GCC4.8.5",
    "DerivedVendorReportedEchoSpacing": 0.000719995,
    "DeviceSerialNumber": "67007",
    "DwellTime": 3.8e-06,
    "EchoTime": 0.03,
    "EchoTrainLength": 36,
    "EffectiveEchoSpacing": 0.000359998,
    "FlipAngle": 40,
    "ImageComments": "Unaliased_MB3_PE4",
    "ImageOrientationPatientDICOM": [
      0.998127,
      -0.0267753,
      -0.0550139,
      7.55199e-09,
      0.899159,
      -0.437622
    ],
    "ImageType": [
      "ORIGINAL",
      "PRIMARY",
      "M",
      "MB",
      "ND",
      "NORM",
      "MOSAIC"
    ],
    "ImagingFrequency": 123.211,
    "InPlanePhaseEncodingDirectionDICOM": "COL",
    "InstitutionAddress": "Perth_Drive_100_London_Ontario_CA_N6A_5K8",
    "InstitutionName": "Robarts-CFMM",
    "InstitutionalDepartmentName": "CFMM",
    "MRAcquisitionType": "2D",
    "MagneticFieldStrength": 3,
    "Manufacturer": "Siemens",
    "ManufacturersModelName": "Prisma_fit",
    "Modality": "MR",
    "MultibandAccelerationFactor": 3,
    "ParallelReductionFactorInPlane": 2,
    "PartialFourier": 0.875,
    "PatientPosition": "HFS",
    "PercentPhaseFOV": 100,
    "PhaseEncodingDirection": "j-",
    "PhaseEncodingSteps": 73,
    "PhaseResolution": 1,
    "PixelBandwidth": 1565,
    "ProcedureStepDescription": "Diedrichsen_MCC",
    "ProtocolName": "ep_bold_mb3_p2",
    "PulseSequenceDetails": "%CustomerSeq%_cmrr_mbep2d_bold",
    "ReceiveCoilActiveElements": "HEA;HEP",
    "ReceiveCoilName": "Head_32",
    "ReconMatrixPE": 84,
    "RepetitionTime": 1,
    "SAR": 0.0985041,
    "ScanOptions": "PFP_FS_EXT",
    "ScanningSequence": "EP",
    "SequenceName": "epfid2d1_84",
    "SequenceVariant": "SK_SS",
    "SeriesDescription": "ep_bold_mb3_p2",
    "SeriesNumber": 2,
    "ShimSetting": [
      5231,
      -6153,
      -4063,
      757,
      -4,
      0,
      5,
      -6
    ],
    "SliceThickness": 3,
    "SliceTiming": [
      0,
      0.43,
      0.8575,
      0.3075,
      0.735,
      0.185,
      0.6125,
      0.0625,
      0.49,
      0.92,
      0.3675,
      0.7975,
      0.245,
      0.675,
      0.1225,
      0.5525,
      0,
      0.43,
      0.8575,
      0.3075,
      0.735,
      0.185,
      0.6125,
      0.0625,
      0.49,
      0.92,
      0.3675,
      0.7975,
      0.245,
      0.675,
      0.1225,
      0.5525,
      0,
      0.43,
      0.8575,
      0.3075,
      0.735,
      0.185,
      0.6125,
      0.0625,
      0.49,
      0.92,
      0.3675,
      0.7975,
      0.245,
      0.675,
      0.1225,
      0.5525
    ],
    "SoftwareVersions": "syngo_MR_E11",
    "SpacingBetweenSlices": 3,
    "StationName": "MRC35368",
    "TaskName": "rest",
    "TotalReadoutTime": 0.0298798,
    "TxRefAmp": 286.496,
    "WipMemBlock": "9cf1a4d5-8a2b-46dc-9e61-e5ca9089c074||Sequence: ve11b/master r/50434d5; Mar  3 2017 10:46:13 by eja",
    "dataset": "ds002105",
    "modality": "bold",
    "run_id": 1,
    "session_id": "rest",
    "subject_id": "20",
    "task_id": "rest"
  },
  "dummy_trs": 0,
  "dvars_nstd": 31.6711703968167,
  "dvars_std": 1.127633174683333,
  "dvars_vstd": 0.9950263735999999,
  "efc": 0.46682531929751975,
  "fber": 4291.64306640625,
  "fd_mean": 0.08310673099766339,
  "fd_num": 0,
  "fd_perc": 0.0,
  "fwhm_avg": 1.7828783311196474,
  "fwhm_x": 1.689672053407814,
  "fwhm_y": 1.986636273284462,
  "fwhm_z": 1.6723266666666667,
  "gcor": 0.0155919,
  "gsr_x": -0.012184650637209415,
  "gsr_y": 0.024287426844239235,
  "provenance": {
    "md5sum": "a35fa3a14f562cbbb1ffc94f58f2dcbd",
    "settings": {
      "fd_thres": 0.2,
      "testing": false
    },
    "software": "mriqc",
    "version": "21.0.0rc2",
    "webapi_port": null,
    "webapi_url": "https://mriqc.nimh.nih.gov/api/v1"
  },
  "size_t": 601,
  "size_x": 84,
  "size_y": 84,
  "size_z": 48,
  "snr": 5.799147840140425,
  "spacing_tr": 1.0,
  "spacing_x": 2.4761905670166016,
  "spacing_y": 2.4761905670166016,
  "spacing_z": 3.0,
  "summary_bg_k": 37.00895329910264,
  "summary_bg_mad": 27.010002582119316,
  "summary_bg_mean": 105.30599212646484,
  "summary_bg_median": 45.07487487792969,
  "summary_bg_n": 229317.0,
  "summary_bg_p05": 20.179698944091797,
  "summary_bg_p95": 376.68251953124997,
  "summary_bg_stdv": 198.1922607421875,
  "summary_fg_k": 3.1690191515078503,
  "summary_fg_mad": 496.17458642517806,
  "summary_fg_mean": 3050.061279296875,
  "summary_fg_median": 3014.17626953125,
  "summary_fg_n": 54276.0,
  "summary_fg_p05": 2332.3326416015625,
  "summary_fg_p95": 3872.4237060546875,
  "summary_fg_stdv": 519.7571411132812,
  "tsnr": 47.80771608208306
}