{
  "aor": 0.00023941763727121463,
  "aqi": 0.010540423610648917,
  "bids_meta": {
    "AcquisitionMatrixPE": 84,
    "AcquisitionNumber": 1,
    "AcquisitionTime": "16:28:36.262500",
    "BandwidthPerPixelPhaseEncode": 33.069,
    "BaseResolution": 84,
    "BodyPartExamined": "BRAIN",
    "ConsistencyInfo": "N4_VE11B_LATEST_20150530",
    "ConversionSoftware": "dcm2niix",
    "ConversionSoftwareVersion": "v1.0.20181125  GCC4.8.5",
    "DerivedVendorReportedEchoSpacing": 0.000719995,
    "DeviceSerialNumber": "67007",
    "DwellTime": 3.8e-06,
    "EchoTime": 0.03,
    "EchoTrainLength": 36,
    "EffectiveEchoSpacing": 0.000359998,
    "FlipAngle": 40,
    "ImageComments": "Unaliased_MB3_PE4",
    "ImageOrientationPatientDICOM": [
      1,
      0,
      0,
      0,
      0.940881,
      -0.338738
    ],
    "ImageType": [
      "ORIGINAL",
      "PRIMARY",
      "M",
      "MB",
      "ND",
      "NORM",
      "MOSAIC"
    ],
    "ImagingFrequency": 123.211,
    "InPlanePhaseEncodingDirectionDICOM": "COL",
    "InstitutionAddress": "Perth_Drive_100_London_Ontario_CA_N6A_5K8",
    "InstitutionName": "Robarts_Research_Institute",
    "InstitutionalDepartmentName": "CFMM",
    "MRAcquisitionType": "2D",
    "MagneticFieldStrength": 3,
    "Manufacturer": "Siemens",
    "ManufacturersModelName": "Prisma_fit",
    "Modality": "MR",
    "MultibandAccelerationFactor": 3,
    "ParallelReductionFactorInPlane": 2,
    "PartialFourier": 0.875,
    "PatientPosition": "HFS",
    "PercentPhaseFOV": 100,
    "PhaseEncodingDirection": "j-",
    "PhaseEncodingSteps": 73,
    "PhaseResolution": 1,
    "PixelBandwidth": 1565,
    "ProcedureStepDescription": "Diedrichsen_MCC",
    "ProtocolName": "ep_bold_mb3_p2",
    "PulseSequenceDetails": "%CustomerSeq%_cmrr_mbep2d_bold",
    "ReceiveCoilActiveElements": "HEA;HEP",
    "ReceiveCoilName": "Head_32",
    "ReconMatrixPE": 84,
    "RepetitionTime": 1,
    "SAR": 0.0666002,
    "ScanOptions": "PFP_FS_EXT",
    "ScanningSequence": "EP",
    "SequenceName": "epfid2d1_84",
    "SequenceVariant": "SK_SS",
    "SeriesDescription": "ep_bold_mb3_p2",
    "SeriesNumber": 15,
    "ShimSetting": [
      5234,
      -6267,
      -3992,
      652,
      61,
      44,
      -160,
      30
    ],
    "SliceThickness": 3,
    "SliceTiming": [
      0,
      0.4275,
      0.8575,
      0.305,
      0.735,
      0.1825,
      0.6125,
      0.06,
      0.49,
      0.9175,
      0.3675,
      0.795,
      0.245,
      0.6725,
      0.1225,
      0.55,
      0,
      0.4275,
      0.8575,
      0.305,
      0.735,
      0.1825,
      0.6125,
      0.06,
      0.49,
      0.9175,
      0.3675,
      0.795,
      0.245,
      0.6725,
      0.1225,
      0.55,
      0,
      0.4275,
      0.8575,
      0.305,
      0.735,
      0.1825,
      0.6125,
      0.06,
      0.49,
      0.9175,
      0.3675,
      0.795,
      0.245,
      0.6725,
      0.1225,
      0.55
    ],
    "SoftwareVersions": "syngo_MR_E11",
    "SpacingBetweenSlices": 3,
    "StationName": "MRC35368",
    "TaskName": "b",
    "TotalReadoutTime": 0.0298798,
    "TxRefAmp": 259.61,
    "WipMemBlock": "888b388b-c324-4358-bcec-a1b242df3208||Sequence: ve11b/master r/50434d5; Mar  3 2017 10:46:13 by eja",
    "dataset": "ds002105",
    "modality": "bold",
    "run_id": 7,
    "session_id": "b1",
    "subject_id": "17",
    "task_id": "b"
  },
  "dummy_trs": 0,
  "dvars_nstd": 31.27104395211667,
  "dvars_std": 1.1210518200499997,
  "dvars_vstd": 1.000841842500001,
  "efc": 0.44930216122667577,
  "fber": 4745.47900390625,
  "fd_mean": 0.083978852017828,
  "fd_num": 3,
  "fd_perc": 0.49916805324459235,
  "fwhm_avg": 1.775498096503181,
  "fwhm_x": 1.7200493599858886,
  "fwhm_y": 1.921394929523654,
  "fwhm_z": 1.6850500000000002,
  "gcor": 0.0129898,
  "gsr_x": -0.005413293372839689,
  "gsr_y": 0.017824219539761543,
  "provenance": {
    "md5sum": "340871d89dcec22272e7dad8d67f8746",
    "settings": {
      "fd_thres": 0.2,
      "testing": false
    },
    "software": "mriqc",
    "version": "21.0.0rc2",
    "webapi_port": null,
    "webapi_url": "https://mriqc.nimh.nih.gov/api/v1"
  },
  "size_t": 601,
  "size_x": 84,
  "size_y": 84,
  "size_z": 48,
  "snr": 6.101596593666838,
  "spacing_tr": 1.0,
  "spacing_x": 2.4761905670166016,
  "spacing_y": 2.4761905670166016,
  "spacing_z": 3.0,
  "summary_bg_k": 35.98450522415579,
  "summary_bg_mad": 24.08920370586326,
  "summary_bg_mean": 94.13642120361328,
  "summary_bg_median": 43.70881652832031,
  "summary_bg_n": 234139.0,
  "summary_bg_p05": 22.124792098999023,
  "summary_bg_p95": 331.77270202636623,
  "summary_bg_stdv": 163.30311584472656,
  "summary_fg_k": 5.505430155592142,
  "summary_fg_mad": 430.7328647459671,
  "summary_fg_mean": 3104.50927734375,
  "summary_fg_median": 3060.43505859375,
  "summary_fg_n": 50652.0,
  "summary_fg_p05": 2447.6919677734377,
  "summary_fg_p95": 3909.585961914061,
  "summary_fg_stdv": 501.5744323730469,
  "tsnr": 49.81311670213472
}