{
  "aor": 0.000202063227953411,
  "aqi": 0.00969890514143095,
  "bids_meta": {
    "AcquisitionMatrixPE": 84,
    "AcquisitionNumber": 1,
    "AcquisitionTime": "16:39:29.112500",
    "BandwidthPerPixelPhaseEncode": 33.069,
    "BaseResolution": 84,
    "BodyPartExamined": "BRAIN",
    "ConsistencyInfo": "N4_VE11B_LATEST_20150530",
    "ConversionSoftware": "dcm2niix",
    "ConversionSoftwareVersion": "v1.0.20181125  GCC4.8.5",
    "DerivedVendorReportedEchoSpacing": 0.000719995,
    "DeviceSerialNumber": "67007",
    "DwellTime": 3.8e-06,
    "EchoTime": 0.03,
    "EchoTrainLength": 36,
    "EffectiveEchoSpacing": 0.000359998,
    "FlipAngle": 40,
    "ImageComments": "Unaliased_MB3_PE4",
    "ImageOrientationPatientDICOM": [
      1,
      0,
      0,
      0,
      0.940881,
      -0.338738
    ],
    "ImageType": [
      "ORIGINAL",
      "PRIMARY",
      "M",
      "MB",
      "ND",
      "NORM",
      "MOSAIC"
    ],
    "ImagingFrequency": 123.211,
    "InPlanePhaseEncodingDirectionDICOM": "COL",
    "InstitutionAddress": "Perth_Drive_100_London_Ontario_CA_N6A_5K8",
    "InstitutionName": "Robarts_Research_Institute",
    "InstitutionalDepartmentName": "CFMM",
    "MRAcquisitionType": "2D",
    "MagneticFieldStrength": 3,
    "Manufacturer": "Siemens",
    "ManufacturersModelName": "Prisma_fit",
    "Modality": "MR",
    "MultibandAccelerationFactor": 3,
    "ParallelReductionFactorInPlane": 2,
    "PartialFourier": 0.875,
    "PatientPosition": "HFS",
    "PercentPhaseFOV": 100,
    "PhaseEncodingDirection": "j-",
    "PhaseEncodingSteps": 73,
    "PhaseResolution": 1,
    "PixelBandwidth": 1565,
    "ProcedureStepDescription": "Diedrichsen_MCC",
    "ProtocolName": "ep_bold_mb3_p2",
    "PulseSequenceDetails": "%CustomerSeq%_cmrr_mbep2d_bold",
    "ReceiveCoilActiveElements": "HEA;HEP",
    "ReceiveCoilName": "Head_32",
    "ReconMatrixPE": 84,
    "RepetitionTime": 1,
    "SAR": 0.0666002,
    "ScanOptions": "PFP_FS_EXT",
    "ScanningSequence": "EP",
    "SequenceName": "epfid2d1_84",
    "SequenceVariant": "SK_SS",
    "SeriesDescription": "ep_bold_mb3_p2",
    "SeriesNumber": 17,
    "ShimSetting": [
      5234,
      -6267,
      -3992,
      652,
      61,
      44,
      -160,
      30
    ],
    "SliceThickness": 3,
    "SliceTiming": [
      0,
      0.4275,
      0.855,
      0.305,
      0.7325,
      0.1825,
      0.61,
      0.06,
      0.4875,
      0.9175,
      0.365,
      0.795,
      0.2425,
      0.6725,
      0.1225,
      0.55,
      0,
      0.4275,
      0.855,
      0.305,
      0.7325,
      0.1825,
      0.61,
      0.06,
      0.4875,
      0.9175,
      0.365,
      0.795,
      0.2425,
      0.6725,
      0.1225,
      0.55,
      0,
      0.4275,
      0.855,
      0.305,
      0.7325,
      0.1825,
      0.61,
      0.06,
      0.4875,
      0.9175,
      0.365,
      0.795,
      0.2425,
      0.6725,
      0.1225,
      0.55
    ],
    "SoftwareVersions": "syngo_MR_E11",
    "SpacingBetweenSlices": 3,
    "StationName": "MRC35368",
    "TaskName": "b",
    "TotalReadoutTime": 0.0298798,
    "TxRefAmp": 259.61,
    "WipMemBlock": "b0ff057c-11ce-44c6-8661-3ddb9957a65a||Sequence: ve11b/master r/50434d5; Mar  3 2017 10:46:13 by eja",
    "dataset": "ds002105",
    "modality": "bold",
    "run_id": 8,
    "session_id": "b1",
    "subject_id": "17",
    "task_id": "b"
  },
  "dummy_trs": 0,
  "dvars_nstd": 31.15878035883332,
  "dvars_std": 1.1195672591666666,
  "dvars_vstd": 1.0018559357499999,
  "efc": 0.44978789792324714,
  "fber": 4732.00732421875,
  "fd_mean": 0.08314158868291403,
  "fd_num": 3,
  "fd_perc": 0.49916805324459235,
  "fwhm_avg": 1.7786990579506412,
  "fwhm_x": 1.718155321593823,
  "fwhm_y": 1.9307318522581007,
  "fwhm_z": 1.68721,
  "gcor": 0.00972392,
  "gsr_x": -0.0056070368736982346,
  "gsr_y": 0.01880420558154583,
  "provenance": {
    "md5sum": "f2350babadf776d23187c841217d4d5c",
    "settings": {
      "fd_thres": 0.2,
      "testing": false
    },
    "software": "mriqc",
    "version": "21.0.0rc2",
    "webapi_port": null,
    "webapi_url": "https://mriqc.nimh.nih.gov/api/v1"
  },
  "size_t": 601,
  "size_x": 84,
  "size_y": 84,
  "size_z": 48,
  "snr": 6.07879662646318,
  "spacing_tr": 1.0,
  "spacing_x": 2.4761905670166016,
  "spacing_y": 2.4761905670166016,
  "spacing_z": 3.0,
  "summary_bg_k": 35.86937838029399,
  "summary_bg_mad": 24.20021336599215,
  "summary_bg_mean": 95.33589172363281,
  "summary_bg_median": 43.7337760925293,
  "summary_bg_n": 234109.0,
  "summary_bg_p05": 22.034940719604492,
  "summary_bg_p95": 337.1394226074212,
  "summary_bg_stdv": 167.74847412109375,
  "summary_fg_k": 5.444374748320744,
  "summary_fg_mad": 432.83098578101783,
  "summary_fg_mean": 3103.36279296875,
  "summary_fg_median": 3057.43408203125,
  "summary_fg_n": 50698.0,
  "summary_fg_p05": 2447.9523315429688,
  "summary_fg_p95": 3906.9402343749994,
  "summary_fg_stdv": 502.9620361328125,
  "tsnr": 51.18462006095797
}