{
  "aor": 0.0005095008319467554,
  "aqi": 0.011025741064891846,
  "bids_meta": {
    "AcquisitionMatrixPE": 84,
    "AcquisitionNumber": 1,
    "AcquisitionTime": "15:36:39.465000",
    "BandwidthPerPixelPhaseEncode": 33.069,
    "BaseResolution": 84,
    "BodyPartExamined": "BRAIN",
    "ConsistencyInfo": "N4_VE11B_LATEST_20150530",
    "ConversionSoftware": "dcm2niix",
    "ConversionSoftwareVersion": "v1.0.20181125  GCC4.8.5",
    "DerivedVendorReportedEchoSpacing": 0.000719995,
    "DeviceSerialNumber": "67007",
    "DwellTime": 3.8e-06,
    "EchoTime": 0.03,
    "EchoTrainLength": 36,
    "EffectiveEchoSpacing": 0.000359998,
    "FlipAngle": 40,
    "ImageComments": "Unaliased_MB3_PE4",
    "ImageOrientationPatientDICOM": [
      1,
      0,
      0,
      0,
      0.934826,
      -0.355107
    ],
    "ImageType": [
      "ORIGINAL",
      "PRIMARY",
      "M",
      "MB",
      "ND",
      "NORM",
      "MOSAIC"
    ],
    "ImagingFrequency": 123.211,
    "InPlanePhaseEncodingDirectionDICOM": "COL",
    "InstitutionAddress": "Perth_Drive_100_London_Ontario_CA_N6A_5K8",
    "InstitutionName": "Robarts_Research_Institute",
    "InstitutionalDepartmentName": "CFMM",
    "MRAcquisitionType": "2D",
    "MagneticFieldStrength": 3,
    "Manufacturer": "Siemens",
    "ManufacturersModelName": "Prisma_fit",
    "Modality": "MR",
    "MultibandAccelerationFactor": 3,
    "ParallelReductionFactorInPlane": 2,
    "PartialFourier": 0.875,
    "PatientPosition": "HFS",
    "PercentPhaseFOV": 100,
    "PhaseEncodingDirection": "j-",
    "PhaseEncodingSteps": 73,
    "PhaseResolution": 1,
    "PixelBandwidth": 1565,
    "ProcedureStepDescription": "Diedrichsen_MCC",
    "ProtocolName": "ep_bold_mb3_p2",
    "PulseSequenceDetails": "%CustomerSeq%_cmrr_mbep2d_bold",
    "ReceiveCoilActiveElements": "HEA;HEP",
    "ReceiveCoilName": "Head_32",
    "ReconMatrixPE": 84,
    "RepetitionTime": 1,
    "SAR": 0.074457,
    "ScanOptions": "PFP_FS_EXT",
    "ScanningSequence": "EP",
    "SequenceName": "epfid2d1_84",
    "SequenceVariant": "SK_SS",
    "SeriesDescription": "ep_bold_mb3_p2",
    "SeriesNumber": 16,
    "ShimSetting": [
      5228,
      -6250,
      -3902,
      587,
      65,
      -146,
      -20,
      -26
    ],
    "SliceThickness": 3,
    "SliceTiming": [
      0,
      0.43,
      0.8575,
      0.3075,
      0.735,
      0.185,
      0.6125,
      0.0625,
      0.49,
      0.9175,
      0.3675,
      0.795,
      0.245,
      0.6725,
      0.1225,
      0.55,
      0,
      0.43,
      0.8575,
      0.3075,
      0.735,
      0.185,
      0.6125,
      0.0625,
      0.49,
      0.9175,
      0.3675,
      0.795,
      0.245,
      0.6725,
      0.1225,
      0.55,
      0,
      0.43,
      0.8575,
      0.3075,
      0.735,
      0.185,
      0.6125,
      0.0625,
      0.49,
      0.9175,
      0.3675,
      0.795,
      0.245,
      0.6725,
      0.1225,
      0.55
    ],
    "SoftwareVersions": "syngo_MR_E11",
    "SpacingBetweenSlices": 3,
    "StationName": "MRC35368",
    "TaskName": "b",
    "TotalReadoutTime": 0.0298798,
    "TxRefAmp": 282.42,
    "WipMemBlock": "404b4892-a0e6-4210-9406-701139083924||Sequence: ve11b/master r/50434d5; Mar  3 2017 10:46:13 by eja",
    "dataset": "ds002105",
    "modality": "bold",
    "run_id": 8,
    "session_id": "b2",
    "subject_id": "15",
    "task_id": "b"
  },
  "dummy_trs": 0,
  "dvars_nstd": 30.47462203316667,
  "dvars_std": 1.1275232138333338,
  "dvars_vstd": 0.9983021908666679,
  "efc": 0.526251215896268,
  "fber": 3697.080078125,
  "fd_mean": 0.0976310661169582,
  "fd_num": 33,
  "fd_perc": 5.490848585690515,
  "fwhm_avg": 1.8899812559357205,
  "fwhm_x": 1.818931087128159,
  "fwhm_y": 2.06465934734567,
  "fwhm_z": 1.7863533333333335,
  "gcor": 0.00996011,
  "gsr_x": -0.0110235046595335,
  "gsr_y": 0.034103646874427795,
  "provenance": {
    "md5sum": "3a147ba9f0c2141387907cb8f036a7e9",
    "settings": {
      "fd_thres": 0.2,
      "testing": false
    },
    "software": "mriqc",
    "version": "21.0.0rc2",
    "webapi_port": null,
    "webapi_url": "https://mriqc.nimh.nih.gov/api/v1"
  },
  "size_t": 601,
  "size_x": 84,
  "size_y": 84,
  "size_z": 48,
  "snr": 5.482468362356659,
  "spacing_tr": 1.0,
  "spacing_x": 2.4761905670166016,
  "spacing_y": 2.4761905670166016,
  "spacing_z": 3.0,
  "summary_bg_k": 16.635571855874407,
  "summary_bg_mad": 53.86212689531169,
  "summary_bg_mean": 226.4974365234375,
  "summary_bg_median": 68.7603988647461,
  "summary_bg_n": 212524.0,
  "summary_bg_p05": 28.364391326904297,
  "summary_bg_p95": 1009.7349731445306,
  "summary_bg_stdv": 393.43157958984375,
  "summary_fg_k": 5.17761994408367,
  "summary_fg_mad": 664.4276774744803,
  "summary_fg_mean": 4426.41748046875,
  "summary_fg_median": 4340.54052734375,
  "summary_fg_n": 67587.0,
  "summary_fg_p05": 3434.9430908203126,
  "summary_fg_p95": 5668.880712890625,
  "summary_fg_stdv": 791.7069702148438,
  "tsnr": 47.68690395401791
}