{
  "aor": 0.0002313477537437604,
  "aqi": 0.007460055457570715,
  "bids_meta": {
    "AcquisitionMatrixPE": 84,
    "AcquisitionNumber": 1,
    "AcquisitionTime": "19:35:37.657500",
    "BandwidthPerPixelPhaseEncode": 33.069,
    "BaseResolution": 84,
    "BodyPartExamined": "BRAIN",
    "ConsistencyInfo": "N4_VE11B_LATEST_20150530",
    "ConversionSoftware": "dcm2niix",
    "ConversionSoftwareVersion": "v1.0.20181125  GCC4.8.5",
    "DerivedVendorReportedEchoSpacing": 0.000719995,
    "DeviceSerialNumber": "67007",
    "DwellTime": 3.8e-06,
    "EchoTime": 0.03,
    "EchoTrainLength": 36,
    "EffectiveEchoSpacing": 0.000359998,
    "FlipAngle": 40,
    "ImageComments": "Unaliased_MB3_PE4",
    "ImageOrientationPatientDICOM": [
      0.999302,
      0.0194828,
      0.0318746,
      -2.09053e-08,
      0.853236,
      -0.521525
    ],
    "ImageType": [
      "ORIGINAL",
      "PRIMARY",
      "M",
      "MB",
      "ND",
      "NORM",
      "MOSAIC"
    ],
    "ImagingFrequency": 123.211,
    "InPlanePhaseEncodingDirectionDICOM": "COL",
    "InstitutionAddress": "Perth_Drive_100_London_Ontario_CA_N6A_5K8",
    "InstitutionName": "Robarts-CFMM",
    "InstitutionalDepartmentName": "CFMM",
    "MRAcquisitionType": "2D",
    "MagneticFieldStrength": 3,
    "Manufacturer": "Siemens",
    "ManufacturersModelName": "Prisma_fit",
    "Modality": "MR",
    "MultibandAccelerationFactor": 3,
    "ParallelReductionFactorInPlane": 2,
    "PartialFourier": 0.875,
    "PatientPosition": "HFS",
    "PercentPhaseFOV": 100,
    "PhaseEncodingDirection": "j-",
    "PhaseEncodingSteps": 73,
    "PhaseResolution": 1,
    "PixelBandwidth": 1565,
    "ProcedureStepDescription": "Diedrichsen_MCC",
    "ProtocolName": "ep_bold_mb3_p2",
    "PulseSequenceDetails": "%CustomerSeq%_cmrr_mbep2d_bold",
    "ReceiveCoilActiveElements": "HEA;HEP",
    "ReceiveCoilName": "Head_32",
    "ReconMatrixPE": 84,
    "RepetitionTime": 1,
    "SAR": 0.100442,
    "ScanOptions": "PFP_FS_EXT",
    "ScanningSequence": "EP",
    "SequenceName": "epfid2d1_84",
    "SequenceVariant": "SK_SS",
    "SeriesDescription": "ep_bold_mb3_p2",
    "SeriesNumber": 6,
    "ShimSetting": [
      5265,
      -6273,
      -3911,
      365,
      -23,
      -35,
      -34,
      32
    ],
    "SliceThickness": 3,
    "SliceTiming": [
      0,
      0.43,
      0.8575,
      0.3075,
      0.735,
      0.185,
      0.6125,
      0.0625,
      0.49,
      0.92,
      0.3675,
      0.7975,
      0.245,
      0.675,
      0.1225,
      0.5525,
      0,
      0.43,
      0.8575,
      0.3075,
      0.735,
      0.185,
      0.6125,
      0.0625,
      0.49,
      0.92,
      0.3675,
      0.7975,
      0.245,
      0.675,
      0.1225,
      0.5525,
      0,
      0.43,
      0.8575,
      0.3075,
      0.735,
      0.185,
      0.6125,
      0.0625,
      0.49,
      0.92,
      0.3675,
      0.7975,
      0.245,
      0.675,
      0.1225,
      0.5525
    ],
    "SoftwareVersions": "syngo_MR_E11",
    "SpacingBetweenSlices": 3,
    "StationName": "MRC35368",
    "TaskName": "b",
    "TotalReadoutTime": 0.0298798,
    "TxRefAmp": 254.053,
    "WipMemBlock": "5826bf73-bba8-4f60-b10d-28847798f926||Sequence: ve11b/master r/50434d5; Mar  3 2017 10:46:13 by eja",
    "dataset": "ds002105",
    "modality": "bold",
    "run_id": 3,
    "session_id": "b1",
    "subject_id": "27",
    "task_id": "b"
  },
  "dummy_trs": 0,
  "dvars_nstd": 34.87762881276666,
  "dvars_std": 1.2384937807833334,
  "dvars_vstd": 1.0022293350833325,
  "efc": 0.4468811543802091,
  "fber": 4531.75439453125,
  "fd_mean": 0.11239222763872068,
  "fd_num": 25,
  "fd_perc": 4.159733777038269,
  "fwhm_avg": 1.7630690163215361,
  "fwhm_x": 1.7170366677887012,
  "fwhm_y": 1.8413970478425743,
  "fwhm_z": 1.7307733333333333,
  "gcor": 0.00854466,
  "gsr_x": -0.008533204905688763,
  "gsr_y": 0.01614498160779476,
  "provenance": {
    "md5sum": "a5c8443d0427e6121b3fe2e66534d7fe",
    "settings": {
      "fd_thres": 0.2,
      "testing": false
    },
    "software": "mriqc",
    "version": "21.0.0rc2",
    "webapi_port": null,
    "webapi_url": "https://mriqc.nimh.nih.gov/api/v1"
  },
  "size_t": 601,
  "size_x": 84,
  "size_y": 84,
  "size_z": 48,
  "snr": 5.334966881275504,
  "spacing_tr": 1.0,
  "spacing_x": 2.4761905670166016,
  "spacing_y": 2.4761905670166016,
  "spacing_z": 3.0,
  "summary_bg_k": 27.621401683069646,
  "summary_bg_mad": 30.916326082183186,
  "summary_bg_mean": 134.58908081054688,
  "summary_bg_median": 50.551578521728516,
  "summary_bg_n": 239308.0,
  "summary_bg_p05": 22.530780792236328,
  "summary_bg_p95": 522.7232025146478,
  "summary_bg_stdv": 263.9590759277344,
  "summary_fg_k": 4.018420905972849,
  "summary_fg_mad": 582.5146288289103,
  "summary_fg_mean": 3510.756591796875,
  "summary_fg_median": 3439.946533203125,
  "summary_fg_n": 46739.0,
  "summary_fg_p05": 2677.6366943359376,
  "summary_fg_p95": 4554.969921875,
  "summary_fg_stdv": 644.7855834960938,
  "tsnr": 51.3356826598756
}