{
  "aor": 0.00016437185929648243,
  "aqi": 0.008911578592964825,
  "bids_meta": {
    "AcquisitionMatrixPE": 84,
    "AcquisitionNumber": 1,
    "AcquisitionTime": "14:34:43.740000",
    "BandwidthPerPixelPhaseEncode": 33.069,
    "BaseResolution": 84,
    "BodyPartExamined": "BRAIN",
    "ConsistencyInfo": "N4_VE11B_LATEST_20150530",
    "ConversionSoftware": "dcm2niix",
    "ConversionSoftwareVersion": "v1.0.20181125  GCC4.8.5",
    "DerivedVendorReportedEchoSpacing": 0.000719995,
    "DeviceSerialNumber": "67007",
    "DwellTime": 3.8e-06,
    "EchoTime": 0.03,
    "EchoTrainLength": 36,
    "EffectiveEchoSpacing": 0.000359998,
    "FlipAngle": 40,
    "ImageComments": "Unaliased_MB3_PE4",
    "ImageOrientationPatientDICOM": [
      0.999192,
      0.01864,
      0.0356183,
      -3.34353e-09,
      0.886008,
      -0.463671
    ],
    "ImageType": [
      "ORIGINAL",
      "PRIMARY",
      "M",
      "MB",
      "ND",
      "NORM",
      "MOSAIC"
    ],
    "ImagingFrequency": 123.211,
    "InPlanePhaseEncodingDirectionDICOM": "COL",
    "InstitutionAddress": "Perth_Drive_100_London_Ontario_CA_N6A_5K8",
    "InstitutionName": "Robarts_Research_Institute",
    "InstitutionalDepartmentName": "CFMM",
    "MRAcquisitionType": "2D",
    "MagneticFieldStrength": 3,
    "Manufacturer": "Siemens",
    "ManufacturersModelName": "Prisma_fit",
    "Modality": "MR",
    "MultibandAccelerationFactor": 3,
    "ParallelReductionFactorInPlane": 2,
    "PartialFourier": 0.875,
    "PatientPosition": "HFS",
    "PercentPhaseFOV": 100,
    "PhaseEncodingDirection": "j-",
    "PhaseEncodingSteps": 73,
    "PhaseResolution": 1,
    "PixelBandwidth": 1565,
    "ProcedureStepDescription": "Diedrichsen_MCC",
    "ProtocolName": "ep_bold_mb3_p2",
    "PulseSequenceDetails": "%CustomerSeq%_cmrr_mbep2d_bold",
    "ReceiveCoilActiveElements": "HEA;HEP",
    "ReceiveCoilName": "Head_32",
    "ReconMatrixPE": 84,
    "RepetitionTime": 1,
    "SAR": 0.0968827,
    "ScanOptions": "PFP_FS_EXT",
    "ScanningSequence": "EP",
    "SequenceName": "epfid2d1_84",
    "SequenceVariant": "SK_SS",
    "SeriesDescription": "ep_bold_mb3_p2",
    "SeriesNumber": 15,
    "ShimSetting": [
      5257,
      -6187,
      -3831,
      439,
      3,
      -91,
      31,
      9
    ],
    "SliceThickness": 3,
    "SliceTiming": [
      0,
      0.4275,
      0.8575,
      0.305,
      0.735,
      0.1825,
      0.6125,
      0.06,
      0.49,
      0.9175,
      0.3675,
      0.795,
      0.245,
      0.6725,
      0.1225,
      0.55,
      0,
      0.4275,
      0.8575,
      0.305,
      0.735,
      0.1825,
      0.6125,
      0.06,
      0.49,
      0.9175,
      0.3675,
      0.795,
      0.245,
      0.6725,
      0.1225,
      0.55,
      0,
      0.4275,
      0.8575,
      0.305,
      0.735,
      0.1825,
      0.6125,
      0.06,
      0.49,
      0.9175,
      0.3675,
      0.795,
      0.245,
      0.6725,
      0.1225,
      0.55
    ],
    "SoftwareVersions": "syngo_MR_E11",
    "SpacingBetweenSlices": 3,
    "StationName": "MRC35368",
    "TaskName": "b",
    "TotalReadoutTime": 0.0298798,
    "TxRefAmp": 287.796,
    "WipMemBlock": "eb4a5837-3e18-418b-adcc-60f4dcaa4a4f||Sequence: ve11b/master r/50434d5; Mar  3 2017 10:46:13 by eja",
    "dataset": "ds002105",
    "modality": "bold",
    "run_id": 7,
    "session_id": "b1",
    "subject_id": "10",
    "task_id": "b"
  },
  "dummy_trs": 4,
  "dvars_nstd": 34.89567899073828,
  "dvars_std": 1.123855526174496,
  "dvars_vstd": 0.9948872126677858,
  "efc": 0.47575407109278733,
  "fber": 3876.114013671875,
  "fd_mean": 0.17077010913009874,
  "fd_num": 241,
  "fd_perc": 40.36850921273032,
  "fwhm_avg": 1.7761878611421145,
  "fwhm_x": 1.7540047433557973,
  "fwhm_y": 1.9134755067372136,
  "fwhm_z": 1.6610833333333332,
  "gcor": 0.0060003,
  "gsr_x": -0.008244216442108154,
  "gsr_y": 0.017119448632001877,
  "provenance": {
    "md5sum": "01051a43bca416519787a5fdea2e4f75",
    "settings": {
      "fd_thres": 0.2,
      "testing": false
    },
    "software": "mriqc",
    "version": "21.0.0rc2",
    "webapi_port": null,
    "webapi_url": "https://mriqc.nimh.nih.gov/api/v1"
  },
  "size_t": 597,
  "size_x": 84,
  "size_y": 84,
  "size_z": 48,
  "snr": 5.407435584729091,
  "spacing_tr": 1.0,
  "spacing_x": 2.4761905670166016,
  "spacing_y": 2.4761905670166016,
  "spacing_z": 3.0,
  "summary_bg_k": 41.48322886404082,
  "summary_bg_mad": 23.438526363121323,
  "summary_bg_mean": 101.31407165527344,
  "summary_bg_median": 41.34505844116211,
  "summary_bg_n": 226971.0,
  "summary_bg_p05": 21.195980072021484,
  "summary_bg_p95": 351.00083923339844,
  "summary_bg_stdv": 200.2982177734375,
  "summary_fg_k": 3.1255439637717553,
  "summary_fg_mad": 446.33276474917864,
  "summary_fg_mean": 2675.716552734375,
  "summary_fg_median": 2619.65234375,
  "summary_fg_n": 56754.0,
  "summary_fg_p05": 2038.5175903320312,
  "summary_fg_p95": 3474.7290893554687,
  "summary_fg_stdv": 484.449462890625,
  "tsnr": 46.2323696303647
}