{
  "aor": 0.00025865,
  "aqi": 0.009050846750000001,
  "bids_meta": {
    "AcquisitionMatrixPE": 84,
    "AcquisitionNumber": 1,
    "AcquisitionTime": "14:45:35.182500",
    "BandwidthPerPixelPhaseEncode": 33.069,
    "BaseResolution": 84,
    "BodyPartExamined": "BRAIN",
    "ConsistencyInfo": "N4_VE11B_LATEST_20150530",
    "ConversionSoftware": "dcm2niix",
    "ConversionSoftwareVersion": "v1.0.20181125  GCC4.8.5",
    "DerivedVendorReportedEchoSpacing": 0.000719995,
    "DeviceSerialNumber": "67007",
    "DwellTime": 3.8e-06,
    "EchoTime": 0.03,
    "EchoTrainLength": 36,
    "EffectiveEchoSpacing": 0.000359998,
    "FlipAngle": 40,
    "ImageComments": "Unaliased_MB3_PE4",
    "ImageOrientationPatientDICOM": [
      0.999192,
      0.01864,
      0.0356183,
      -3.34353e-09,
      0.886008,
      -0.463671
    ],
    "ImageType": [
      "ORIGINAL",
      "PRIMARY",
      "M",
      "MB",
      "ND",
      "NORM",
      "MOSAIC"
    ],
    "ImagingFrequency": 123.211,
    "InPlanePhaseEncodingDirectionDICOM": "COL",
    "InstitutionAddress": "Perth_Drive_100_London_Ontario_CA_N6A_5K8",
    "InstitutionName": "Robarts_Research_Institute",
    "InstitutionalDepartmentName": "CFMM",
    "MRAcquisitionType": "2D",
    "MagneticFieldStrength": 3,
    "Manufacturer": "Siemens",
    "ManufacturersModelName": "Prisma_fit",
    "Modality": "MR",
    "MultibandAccelerationFactor": 3,
    "ParallelReductionFactorInPlane": 2,
    "PartialFourier": 0.875,
    "PatientPosition": "HFS",
    "PercentPhaseFOV": 100,
    "PhaseEncodingDirection": "j-",
    "PhaseEncodingSteps": 73,
    "PhaseResolution": 1,
    "PixelBandwidth": 1565,
    "ProcedureStepDescription": "Diedrichsen_MCC",
    "ProtocolName": "ep_bold_mb3_p2",
    "PulseSequenceDetails": "%CustomerSeq%_cmrr_mbep2d_bold",
    "ReceiveCoilActiveElements": "HEA;HEP",
    "ReceiveCoilName": "Head_32",
    "ReconMatrixPE": 84,
    "RepetitionTime": 1,
    "SAR": 0.0968827,
    "ScanOptions": "PFP_FS_EXT",
    "ScanningSequence": "EP",
    "SequenceName": "epfid2d1_84",
    "SequenceVariant": "SK_SS",
    "SeriesDescription": "ep_bold_mb3_p2",
    "SeriesNumber": 17,
    "ShimSetting": [
      5257,
      -6187,
      -3831,
      439,
      3,
      -91,
      31,
      9
    ],
    "SliceThickness": 3,
    "SliceTiming": [
      0,
      0.4275,
      0.8575,
      0.3075,
      0.735,
      0.185,
      0.6125,
      0.0625,
      0.49,
      0.9175,
      0.3675,
      0.795,
      0.245,
      0.6725,
      0.1225,
      0.55,
      0,
      0.4275,
      0.8575,
      0.3075,
      0.735,
      0.185,
      0.6125,
      0.0625,
      0.49,
      0.9175,
      0.3675,
      0.795,
      0.245,
      0.6725,
      0.1225,
      0.55,
      0,
      0.4275,
      0.8575,
      0.3075,
      0.735,
      0.185,
      0.6125,
      0.0625,
      0.49,
      0.9175,
      0.3675,
      0.795,
      0.245,
      0.6725,
      0.1225,
      0.55
    ],
    "SoftwareVersions": "syngo_MR_E11",
    "SpacingBetweenSlices": 3,
    "StationName": "MRC35368",
    "TaskName": "b",
    "TotalReadoutTime": 0.0298798,
    "TxRefAmp": 287.796,
    "WipMemBlock": "92e93eec-176d-4f20-b5c9-72006d3fded9||Sequence: ve11b/master r/50434d5; Mar  3 2017 10:46:13 by eja",
    "dataset": "ds002105",
    "modality": "bold",
    "run_id": 8,
    "session_id": "b1",
    "subject_id": "10",
    "task_id": "b"
  },
  "dummy_trs": 1,
  "dvars_nstd": 34.526029077278814,
  "dvars_std": 1.1279830887646087,
  "dvars_vstd": 1.0002588762604343,
  "efc": 0.4761587912705451,
  "fber": 3999.578125,
  "fd_mean": 0.1713130607196005,
  "fd_num": 251,
  "fd_perc": 41.833333333333336,
  "fwhm_avg": 1.7777612586856038,
  "fwhm_x": 1.7498532050465363,
  "fwhm_y": 1.9088272376769417,
  "fwhm_z": 1.6746033333333334,
  "gcor": 0.00702575,
  "gsr_x": -0.009136910550296307,
  "gsr_y": 0.015514029189944267,
  "provenance": {
    "md5sum": "abd20dff73bec7613aae907b5fd7e982",
    "settings": {
      "fd_thres": 0.2,
      "testing": false
    },
    "software": "mriqc",
    "version": "21.0.0rc2",
    "webapi_port": null,
    "webapi_url": "https://mriqc.nimh.nih.gov/api/v1"
  },
  "size_t": 600,
  "size_x": 84,
  "size_y": 84,
  "size_z": 48,
  "snr": 5.3988222812366455,
  "spacing_tr": 1.0,
  "spacing_x": 2.4761905670166016,
  "spacing_y": 2.4761905670166016,
  "spacing_z": 3.0,
  "summary_bg_k": 40.64974454177548,
  "summary_bg_mad": 23.029753706696532,
  "summary_bg_mean": 103.34490203857422,
  "summary_bg_median": 41.051666259765625,
  "summary_bg_n": 226935.0,
  "summary_bg_p05": 21.095001220703125,
  "summary_bg_p95": 366.0903472900388,
  "summary_bg_stdv": 208.19874572753906,
  "summary_fg_k": 2.9849284231957487,
  "summary_fg_mad": 454.1828466861514,
  "summary_fg_mean": 2693.958740234375,
  "summary_fg_median": 2639.16162109375,
  "summary_fg_n": 56708.0,
  "summary_fg_p05": 2049.662548828125,
  "summary_fg_p95": 3501.395837402343,
  "summary_fg_stdv": 488.8359375,
  "tsnr": 46.0712398448959
}