{
  "aor": 0.00029826955074875204,
  "aqi": 0.008706425108153079,
  "bids_meta": {
    "AcquisitionMatrixPE": 84,
    "AcquisitionNumber": 1,
    "AcquisitionTime": "14:12:59.042500",
    "BandwidthPerPixelPhaseEncode": 33.069,
    "BaseResolution": 84,
    "BodyPartExamined": "BRAIN",
    "ConsistencyInfo": "N4_VE11B_LATEST_20150530",
    "ConversionSoftware": "dcm2niix",
    "ConversionSoftwareVersion": "v1.0.20181125  GCC4.8.5",
    "DerivedVendorReportedEchoSpacing": 0.000719995,
    "DeviceSerialNumber": "67007",
    "DwellTime": 3.8e-06,
    "EchoTime": 0.03,
    "EchoTrainLength": 36,
    "EffectiveEchoSpacing": 0.000359998,
    "FlipAngle": 40,
    "ImageComments": "Unaliased_MB3_PE4",
    "ImageOrientationPatientDICOM": [
      0.999192,
      0.01864,
      0.0356183,
      -3.34353e-09,
      0.886008,
      -0.463671
    ],
    "ImageType": [
      "ORIGINAL",
      "PRIMARY",
      "M",
      "MB",
      "ND",
      "NORM",
      "MOSAIC"
    ],
    "ImagingFrequency": 123.211,
    "InPlanePhaseEncodingDirectionDICOM": "COL",
    "InstitutionAddress": "Perth_Drive_100_London_Ontario_CA_N6A_5K8",
    "InstitutionName": "Robarts_Research_Institute",
    "InstitutionalDepartmentName": "CFMM",
    "MRAcquisitionType": "2D",
    "MagneticFieldStrength": 3,
    "Manufacturer": "Siemens",
    "ManufacturersModelName": "Prisma_fit",
    "Modality": "MR",
    "MultibandAccelerationFactor": 3,
    "ParallelReductionFactorInPlane": 2,
    "PartialFourier": 0.875,
    "PatientPosition": "HFS",
    "PercentPhaseFOV": 100,
    "PhaseEncodingDirection": "j-",
    "PhaseEncodingSteps": 73,
    "PhaseResolution": 1,
    "PixelBandwidth": 1565,
    "ProcedureStepDescription": "Diedrichsen_MCC",
    "ProtocolName": "ep_bold_mb3_p2",
    "PulseSequenceDetails": "%CustomerSeq%_cmrr_mbep2d_bold",
    "ReceiveCoilActiveElements": "HEA;HEP",
    "ReceiveCoilName": "Head_32",
    "ReconMatrixPE": 84,
    "RepetitionTime": 1,
    "SAR": 0.0968827,
    "ScanOptions": "PFP_FS_EXT",
    "ScanningSequence": "EP",
    "SequenceName": "epfid2d1_84",
    "SequenceVariant": "SK_SS",
    "SeriesDescription": "ep_bold_mb3_p2",
    "SeriesNumber": 11,
    "ShimSetting": [
      5257,
      -6187,
      -3831,
      439,
      3,
      -91,
      31,
      9
    ],
    "SliceThickness": 3,
    "SliceTiming": [
      0,
      0.4275,
      0.8575,
      0.305,
      0.735,
      0.1825,
      0.6125,
      0.06,
      0.49,
      0.9175,
      0.3675,
      0.795,
      0.245,
      0.6725,
      0.1225,
      0.55,
      0,
      0.4275,
      0.8575,
      0.305,
      0.735,
      0.1825,
      0.6125,
      0.06,
      0.49,
      0.9175,
      0.3675,
      0.795,
      0.245,
      0.6725,
      0.1225,
      0.55,
      0,
      0.4275,
      0.8575,
      0.305,
      0.735,
      0.1825,
      0.6125,
      0.06,
      0.49,
      0.9175,
      0.3675,
      0.795,
      0.245,
      0.6725,
      0.1225,
      0.55
    ],
    "SoftwareVersions": "syngo_MR_E11",
    "SpacingBetweenSlices": 3,
    "StationName": "MRC35368",
    "TaskName": "b",
    "TotalReadoutTime": 0.0298798,
    "TxRefAmp": 287.796,
    "WipMemBlock": "561a3642-f35c-41bf-9d10-f68f2e830543||Sequence: ve11b/master r/50434d5; Mar  3 2017 10:46:13 by eja",
    "dataset": "ds002105",
    "modality": "bold",
    "run_id": 5,
    "session_id": "b1",
    "subject_id": "10",
    "task_id": "b"
  },
  "dummy_trs": 0,
  "dvars_nstd": 35.54263385144999,
  "dvars_std": 1.1461113571999988,
  "dvars_vstd": 1.0034755190999998,
  "efc": 0.47472414983287947,
  "fber": 3990.288330078125,
  "fd_mean": 0.1724318324436078,
  "fd_num": 252,
  "fd_perc": 41.930116472545755,
  "fwhm_avg": 1.7933640786920177,
  "fwhm_x": 1.7760224348558855,
  "fwhm_y": 1.9240764678868343,
  "fwhm_z": 1.6799933333333332,
  "gcor": 0.00939965,
  "gsr_x": -0.008327287621796131,
  "gsr_y": 0.016297228634357452,
  "provenance": {
    "md5sum": "36452baaf89d03c6d8bc191aea8af69a",
    "settings": {
      "fd_thres": 0.2,
      "testing": false
    },
    "software": "mriqc",
    "version": "21.0.0rc2",
    "webapi_port": null,
    "webapi_url": "https://mriqc.nimh.nih.gov/api/v1"
  },
  "size_t": 601,
  "size_x": 84,
  "size_y": 84,
  "size_z": 48,
  "snr": 5.367599490707243,
  "spacing_tr": 1.0,
  "spacing_x": 2.4761905670166016,
  "spacing_y": 2.4761905670166016,
  "spacing_z": 3.0,
  "summary_bg_k": 42.0841069788747,
  "summary_bg_mad": 22.838484311144313,
  "summary_bg_mean": 99.83538055419922,
  "summary_bg_median": 40.895172119140625,
  "summary_bg_n": 227034.0,
  "summary_bg_p05": 21.123126983642578,
  "summary_bg_p95": 345.29075775146464,
  "summary_bg_stdv": 199.53611755371094,
  "summary_fg_k": 3.0984077794457807,
  "summary_fg_mad": 453.2249104626955,
  "summary_fg_mean": 2681.78515625,
  "summary_fg_median": 2624.24462890625,
  "summary_fg_n": 56701.0,
  "summary_fg_p05": 2037.0997314453125,
  "summary_fg_p95": 3489.44921875,
  "summary_fg_stdv": 488.900390625,
  "tsnr": 46.52189829386771
}