{
  "aor": 0.0002452333333333333,
  "aqi": 0.008252921416666666,
  "bids_meta": {
    "AcquisitionMatrixPE": 84,
    "AcquisitionNumber": 1,
    "AcquisitionTime": "13:50:52.032500",
    "BandwidthPerPixelPhaseEncode": 33.069,
    "BaseResolution": 84,
    "BodyPartExamined": "BRAIN",
    "ConsistencyInfo": "N4_VE11B_LATEST_20150530",
    "ConversionSoftware": "dcm2niix",
    "ConversionSoftwareVersion": "v1.0.20181125  GCC4.8.5",
    "DerivedVendorReportedEchoSpacing": 0.000719995,
    "DeviceSerialNumber": "67007",
    "DwellTime": 3.8e-06,
    "EchoTime": 0.03,
    "EchoTrainLength": 36,
    "EffectiveEchoSpacing": 0.000359998,
    "FlipAngle": 40,
    "ImageComments": "Unaliased_MB3_PE4",
    "ImageOrientationPatientDICOM": [
      0.999192,
      0.01864,
      0.0356183,
      -3.34353e-09,
      0.886008,
      -0.463671
    ],
    "ImageType": [
      "ORIGINAL",
      "PRIMARY",
      "M",
      "MB",
      "ND",
      "NORM",
      "MOSAIC"
    ],
    "ImagingFrequency": 123.211,
    "InPlanePhaseEncodingDirectionDICOM": "COL",
    "InstitutionAddress": "Perth_Drive_100_London_Ontario_CA_N6A_5K8",
    "InstitutionName": "Robarts_Research_Institute",
    "InstitutionalDepartmentName": "CFMM",
    "MRAcquisitionType": "2D",
    "MagneticFieldStrength": 3,
    "Manufacturer": "Siemens",
    "ManufacturersModelName": "Prisma_fit",
    "Modality": "MR",
    "MultibandAccelerationFactor": 3,
    "ParallelReductionFactorInPlane": 2,
    "PartialFourier": 0.875,
    "PatientPosition": "HFS",
    "PercentPhaseFOV": 100,
    "PhaseEncodingDirection": "j-",
    "PhaseEncodingSteps": 73,
    "PhaseResolution": 1,
    "PixelBandwidth": 1565,
    "ProcedureStepDescription": "Diedrichsen_MCC",
    "ProtocolName": "ep_bold_mb3_p2",
    "PulseSequenceDetails": "%CustomerSeq%_cmrr_mbep2d_bold",
    "ReceiveCoilActiveElements": "HEA;HEP",
    "ReceiveCoilName": "Head_32",
    "ReconMatrixPE": 84,
    "RepetitionTime": 1,
    "SAR": 0.0968827,
    "ScanOptions": "PFP_FS_EXT",
    "ScanningSequence": "EP",
    "SequenceName": "epfid2d1_84",
    "SequenceVariant": "SK_SS",
    "SeriesDescription": "ep_bold_mb3_p2",
    "SeriesNumber": 7,
    "ShimSetting": [
      5257,
      -6187,
      -3831,
      439,
      3,
      -91,
      31,
      9
    ],
    "SliceThickness": 3,
    "SliceTiming": [
      0,
      0.4275,
      0.8575,
      0.305,
      0.735,
      0.1825,
      0.6125,
      0.06,
      0.49,
      0.9175,
      0.3675,
      0.795,
      0.245,
      0.6725,
      0.1225,
      0.55,
      0,
      0.4275,
      0.8575,
      0.305,
      0.735,
      0.1825,
      0.6125,
      0.06,
      0.49,
      0.9175,
      0.3675,
      0.795,
      0.245,
      0.6725,
      0.1225,
      0.55,
      0,
      0.4275,
      0.8575,
      0.305,
      0.735,
      0.1825,
      0.6125,
      0.06,
      0.49,
      0.9175,
      0.3675,
      0.795,
      0.245,
      0.6725,
      0.1225,
      0.55
    ],
    "SoftwareVersions": "syngo_MR_E11",
    "SpacingBetweenSlices": 3,
    "StationName": "MRC35368",
    "TaskName": "b",
    "TotalReadoutTime": 0.0298798,
    "TxRefAmp": 287.796,
    "WipMemBlock": "ea665385-3161-4a11-baac-25b09825d9ab||Sequence: ve11b/master r/50434d5; Mar  3 2017 10:46:13 by eja",
    "dataset": "ds002105",
    "modality": "bold",
    "run_id": 3,
    "session_id": "b1",
    "subject_id": "10",
    "task_id": "b"
  },
  "dummy_trs": 1,
  "dvars_nstd": 35.74586944070119,
  "dvars_std": 1.1473265406343902,
  "dvars_vstd": 1.0016610515025035,
  "efc": 0.4747707697491549,
  "fber": 3903.173095703125,
  "fd_mean": 0.16905452133022456,
  "fd_num": 251,
  "fd_perc": 41.833333333333336,
  "fwhm_avg": 1.7762511090861428,
  "fwhm_x": 1.7626753199608394,
  "fwhm_y": 1.898198007297589,
  "fwhm_z": 1.66788,
  "gcor": 0.00771369,
  "gsr_x": -0.008287111297249794,
  "gsr_y": 0.01764831878244877,
  "provenance": {
    "md5sum": "0830f1855abdb9ac44394dcaf2ddbe32",
    "settings": {
      "fd_thres": 0.2,
      "testing": false
    },
    "software": "mriqc",
    "version": "21.0.0rc2",
    "webapi_port": null,
    "webapi_url": "https://mriqc.nimh.nih.gov/api/v1"
  },
  "size_t": 600,
  "size_x": 84,
  "size_y": 84,
  "size_z": 48,
  "snr": 5.361652432230988,
  "spacing_tr": 1.0,
  "spacing_x": 2.4761905670166016,
  "spacing_y": 2.4761905670166016,
  "spacing_z": 3.0,
  "summary_bg_k": 41.31543480897623,
  "summary_bg_mad": 23.552369518243314,
  "summary_bg_mean": 99.7228775024414,
  "summary_bg_median": 41.45916748046875,
  "summary_bg_n": 226872.0,
  "summary_bg_p05": 21.125916862487795,
  "summary_bg_p95": 342.80101470947244,
  "summary_bg_stdv": 198.20211791992188,
  "summary_fg_k": 3.0119820855050996,
  "summary_fg_mad": 456.4561580224122,
  "summary_fg_mean": 2690.61279296875,
  "summary_fg_median": 2632.130126953125,
  "summary_fg_n": 56851.0,
  "summary_fg_p05": 2045.5525512695312,
  "summary_fg_p95": 3499.6600341796875,
  "summary_fg_stdv": 490.91339111328125,
  "tsnr": 47.48196186404675
}