{
  "aor": 0.000867603993344426,
  "aqi": 0.009469395757071548,
  "bids_meta": {
    "AcquisitionMatrixPE": 84,
    "AcquisitionNumber": 1,
    "AcquisitionTime": "13:23:54.950000",
    "BandwidthPerPixelPhaseEncode": 33.069,
    "BaseResolution": 84,
    "BodyPartExamined": "BRAIN",
    "ConsistencyInfo": "N4_VE11B_LATEST_20150530",
    "ConversionSoftware": "dcm2niix",
    "ConversionSoftwareVersion": "v1.0.20181125  GCC4.8.5",
    "DerivedVendorReportedEchoSpacing": 0.000719995,
    "DeviceSerialNumber": "67007",
    "DwellTime": 3.8e-06,
    "EchoTime": 0.03,
    "EchoTrainLength": 36,
    "EffectiveEchoSpacing": 0.000359998,
    "FlipAngle": 40,
    "ImageComments": "Unaliased_MB3_PE4",
    "ImageOrientationPatientDICOM": [
      1,
      0,
      0,
      0,
      0.967268,
      -0.253758
    ],
    "ImageType": [
      "ORIGINAL",
      "PRIMARY",
      "M",
      "MB",
      "ND",
      "NORM",
      "MOSAIC"
    ],
    "ImagingFrequency": 123.211,
    "InPlanePhaseEncodingDirectionDICOM": "COL",
    "InstitutionAddress": "Perth_Drive_100_London_Ontario_CA_N6A_5K8",
    "InstitutionName": "Robarts_Research_Institute",
    "InstitutionalDepartmentName": "CFMM",
    "MRAcquisitionType": "2D",
    "MagneticFieldStrength": 3,
    "Manufacturer": "Siemens",
    "ManufacturersModelName": "Prisma_fit",
    "Modality": "MR",
    "MultibandAccelerationFactor": 3,
    "ParallelReductionFactorInPlane": 2,
    "PartialFourier": 0.875,
    "PatientPosition": "HFS",
    "PercentPhaseFOV": 100,
    "PhaseEncodingDirection": "j-",
    "PhaseEncodingSteps": 73,
    "PhaseResolution": 1,
    "PixelBandwidth": 1565,
    "ProcedureStepDescription": "Diedrichsen_Feb2016",
    "ProtocolName": "ep_bold_mb3_p2",
    "PulseSequenceDetails": "%CustomerSeq%_cmrr_mbep2d_bold",
    "ReceiveCoilActiveElements": "HEA;HEP",
    "ReceiveCoilName": "Head_32",
    "ReconMatrixPE": 84,
    "RepetitionTime": 1,
    "SAR": 0.113353,
    "ScanOptions": "PFP_FS_EXT",
    "ScanningSequence": "EP",
    "SequenceName": "epfid2d1_84",
    "SequenceVariant": "SK_SS",
    "SeriesDescription": "ep_bold_mb3_p2",
    "SeriesNumber": 9,
    "ShimSetting": [
      5260,
      -6257,
      -3718,
      522,
      57,
      -148,
      262,
      4
    ],
    "SliceThickness": 3,
    "SliceTiming": [
      0,
      0.43,
      0.8575,
      0.3075,
      0.735,
      0.185,
      0.6125,
      0.0625,
      0.49,
      0.92,
      0.3675,
      0.7975,
      0.245,
      0.675,
      0.1225,
      0.5525,
      0,
      0.43,
      0.8575,
      0.3075,
      0.735,
      0.185,
      0.6125,
      0.0625,
      0.49,
      0.92,
      0.3675,
      0.7975,
      0.245,
      0.675,
      0.1225,
      0.5525,
      0,
      0.43,
      0.8575,
      0.3075,
      0.735,
      0.185,
      0.6125,
      0.0625,
      0.49,
      0.92,
      0.3675,
      0.7975,
      0.245,
      0.675,
      0.1225,
      0.5525
    ],
    "SoftwareVersions": "syngo_MR_E11",
    "SpacingBetweenSlices": 3,
    "StationName": "MRC35368",
    "TaskName": "a",
    "TotalReadoutTime": 0.0298798,
    "TxRefAmp": 276.132,
    "WipMemBlock": "84b16311-077b-42a5-acef-2469a882b28a||Sequence: ve11b/master r/93e61f0; Jul 21 2016 00:18:29 by eja",
    "dataset": "ds002105",
    "modality": "bold",
    "run_id": 6,
    "session_id": "a1",
    "subject_id": "14",
    "task_id": "a"
  },
  "dummy_trs": 0,
  "dvars_nstd": 34.35097216628335,
  "dvars_std": 1.2088210189333335,
  "dvars_vstd": 1.0148740533000005,
  "efc": 0.4750882464369499,
  "fber": 5811.54443359375,
  "fd_mean": 0.1325847831791986,
  "fd_num": 75,
  "fd_perc": 12.479201331114808,
  "fwhm_avg": 2.069981058550087,
  "fwhm_x": 2.010681272402497,
  "fwhm_y": 2.28822856991443,
  "fwhm_z": 1.9110333333333334,
  "gcor": 0.0176905,
  "gsr_x": -0.0022262060083448887,
  "gsr_y": 0.01807308942079544,
  "provenance": {
    "md5sum": "8719c8b8258aa9f37becc5868887ed31",
    "settings": {
      "fd_thres": 0.2,
      "testing": false
    },
    "software": "mriqc",
    "version": "21.0.0rc2",
    "webapi_port": null,
    "webapi_url": "https://mriqc.nimh.nih.gov/api/v1"
  },
  "size_t": 601,
  "size_x": 84,
  "size_y": 84,
  "size_z": 48,
  "snr": 5.1989320712452844,
  "spacing_tr": 1.0,
  "spacing_x": 2.4761905670166016,
  "spacing_y": 2.4761905670166016,
  "spacing_z": 3.0,
  "summary_bg_k": 39.431171276776986,
  "summary_bg_mad": 35.76993616284459,
  "summary_bg_mean": 134.094482421875,
  "summary_bg_median": 48.47420883178711,
  "summary_bg_n": 225210.0,
  "summary_bg_p05": 17.9051570892334,
  "summary_bg_p95": 510.1181945800779,
  "summary_bg_stdv": 268.6264953613281,
  "summary_fg_k": 3.2921009881247434,
  "summary_fg_mad": 646.4625274232159,
  "summary_fg_mean": 3875.114501953125,
  "summary_fg_median": 3803.59375,
  "summary_fg_n": 57698.0,
  "summary_fg_p05": 2873.1503784179686,
  "summary_fg_p95": 5108.189843749999,
  "summary_fg_stdv": 731.604248046875,
  "tsnr": 47.75721914530732
}