{
  "aor": 0.006083783333333334,
  "aqi": 0.015164580216666668,
  "bids_meta": {
    "AcquisitionMatrixPE": 84,
    "AcquisitionNumber": 1,
    "AcquisitionTime": "15:35:2.940000",
    "BandwidthPerPixelPhaseEncode": 33.069,
    "BaseResolution": 84,
    "BodyPartExamined": "BRAIN",
    "ConsistencyInfo": "N4_VE11B_LATEST_20150530",
    "ConversionSoftware": "dcm2niix",
    "ConversionSoftwareVersion": "v1.0.20181125  GCC4.8.5",
    "DerivedVendorReportedEchoSpacing": 0.000719995,
    "DeviceSerialNumber": "67007",
    "DwellTime": 3.8e-06,
    "EchoTime": 0.03,
    "EchoTrainLength": 36,
    "EffectiveEchoSpacing": 0.000359998,
    "FlipAngle": 40,
    "ImageComments": "Unaliased_MB3_PE4",
    "ImageOrientationPatientDICOM": [
      1,
      0,
      0,
      0,
      0.859852,
      -0.510543
    ],
    "ImageType": [
      "ORIGINAL",
      "PRIMARY",
      "M",
      "MB",
      "ND",
      "NORM",
      "MOSAIC"
    ],
    "ImagingFrequency": 123.211,
    "InPlanePhaseEncodingDirectionDICOM": "COL",
    "InstitutionAddress": "Perth_Drive_100_London_Ontario_CA_N6A_5K8",
    "InstitutionName": "Robarts_Research_Institute",
    "InstitutionalDepartmentName": "CFMM",
    "MRAcquisitionType": "2D",
    "MagneticFieldStrength": 3,
    "Manufacturer": "Siemens",
    "ManufacturersModelName": "Prisma_fit",
    "Modality": "MR",
    "MultibandAccelerationFactor": 3,
    "ParallelReductionFactorInPlane": 2,
    "PartialFourier": 0.875,
    "PatientPosition": "HFS",
    "PercentPhaseFOV": 100,
    "PhaseEncodingDirection": "j-",
    "PhaseEncodingSteps": 73,
    "PhaseResolution": 1,
    "PixelBandwidth": 1565,
    "ProcedureStepDescription": "Diedrichsen_MCC",
    "ProtocolName": "ep_bold_mb3_p2",
    "PulseSequenceDetails": "%CustomerSeq%_cmrr_mbep2d_bold",
    "ReceiveCoilActiveElements": "HEA;HEP",
    "ReceiveCoilName": "Head_32",
    "ReconMatrixPE": 84,
    "RepetitionTime": 1,
    "SAR": 0.0810162,
    "ScanOptions": "PFP_FS_EXT",
    "ScanningSequence": "EP",
    "SequenceName": "epfid2d1_84",
    "SequenceVariant": "SK_SS",
    "SeriesDescription": "ep_bold_mb3_p2",
    "SeriesNumber": 4,
    "ShimSetting": [
      5245,
      -6168,
      -3951,
      410,
      12,
      -24,
      -33,
      4
    ],
    "SliceThickness": 3,
    "SliceTiming": [
      0,
      0.43,
      0.8575,
      0.3075,
      0.735,
      0.185,
      0.6125,
      0.0625,
      0.49,
      0.9175,
      0.3675,
      0.7975,
      0.245,
      0.675,
      0.1225,
      0.5525,
      0,
      0.43,
      0.8575,
      0.3075,
      0.735,
      0.185,
      0.6125,
      0.0625,
      0.49,
      0.9175,
      0.3675,
      0.7975,
      0.245,
      0.675,
      0.1225,
      0.5525,
      0,
      0.43,
      0.8575,
      0.3075,
      0.735,
      0.185,
      0.6125,
      0.0625,
      0.49,
      0.9175,
      0.3675,
      0.7975,
      0.245,
      0.675,
      0.1225,
      0.5525
    ],
    "SoftwareVersions": "syngo_MR_E11",
    "SpacingBetweenSlices": 3,
    "StationName": "MRC35368",
    "TaskName": "b",
    "TotalReadoutTime": 0.0298798,
    "TxRefAmp": 280.899,
    "WipMemBlock": "dcdba684-7ff1-4b87-a9f0-a199f0d6e9f7||Sequence: ve11b/master r/50434d5; Mar  3 2017 10:46:13 by eja",
    "dataset": "ds002105",
    "modality": "bold",
    "run_id": 2,
    "session_id": "b2",
    "subject_id": "21",
    "task_id": "b"
  },
  "dummy_trs": 1,
  "dvars_nstd": 36.633766846043414,
  "dvars_std": 1.1530412738063451,
  "dvars_vstd": 1.0574477582804662,
  "efc": 0.5328216588667454,
  "fber": 2942.762451171875,
  "fd_mean": 0.21234560239440844,
  "fd_num": 133,
  "fd_perc": 22.166666666666668,
  "fwhm_avg": 1.8582423252765095,
  "fwhm_x": 1.808334164439929,
  "fwhm_y": 1.9963528113895999,
  "fwhm_z": 1.77004,
  "gcor": 0.016609,
  "gsr_x": -0.005088344682008028,
  "gsr_y": 0.021708732470870018,
  "provenance": {
    "md5sum": "6e3c5fc23dea090738790cbc90997dbe",
    "settings": {
      "fd_thres": 0.2,
      "testing": false
    },
    "software": "mriqc",
    "version": "21.0.0rc2",
    "webapi_port": null,
    "webapi_url": "https://mriqc.nimh.nih.gov/api/v1"
  },
  "size_t": 600,
  "size_x": 84,
  "size_y": 84,
  "size_z": 48,
  "snr": 5.093525489116738,
  "spacing_tr": 1.0,
  "spacing_x": 2.4761905670166016,
  "spacing_y": 2.4761905670166016,
  "spacing_z": 3.0,
  "summary_bg_k": 21.733645863286313,
  "summary_bg_mad": 37.116949141899916,
  "summary_bg_mean": 170.0659637451172,
  "summary_bg_median": 55.7650032043457,
  "summary_bg_n": 210329.0,
  "summary_bg_p05": 24.55500030517578,
  "summary_bg_p95": 759.6563598632792,
  "summary_bg_stdv": 302.9372863769531,
  "summary_fg_k": 5.714428196764784,
  "summary_fg_mad": 511.08892768770363,
  "summary_fg_mean": 3186.132080078125,
  "summary_fg_median": 3108.1591796875,
  "summary_fg_n": 69372.0,
  "summary_fg_p05": 2435.012658691406,
  "summary_fg_p95": 4155.223974609375,
  "summary_fg_stdv": 610.2132568359375,
  "tsnr": 37.03591127542313
}