{
  "aor": 0.00018505843071786308,
  "aqi": 0.005995148948247079,
  "bids_meta": {
    "AcquisitionMatrixPE": 84,
    "AcquisitionNumber": 1,
    "AcquisitionTime": "16:04:59.955000",
    "BandwidthPerPixelPhaseEncode": 33.069,
    "BaseResolution": 84,
    "BodyPartExamined": "BRAIN",
    "ConsistencyInfo": "N4_VE11B_LATEST_20150530",
    "ConversionSoftware": "dcm2niix",
    "ConversionSoftwareVersion": "v1.0.20181125  GCC4.8.5",
    "DerivedVendorReportedEchoSpacing": 0.000719995,
    "DeviceSerialNumber": "67007",
    "DwellTime": 3.8e-06,
    "EchoTime": 0.03,
    "EchoTrainLength": 36,
    "EffectiveEchoSpacing": 0.000359998,
    "FlipAngle": 40,
    "ImageComments": "Unaliased_MB3_PE4",
    "ImageOrientationPatientDICOM": [
      1,
      0,
      0,
      0,
      0.907777,
      -0.419452
    ],
    "ImageType": [
      "ORIGINAL",
      "PRIMARY",
      "M",
      "MB",
      "ND",
      "NORM",
      "MOSAIC"
    ],
    "ImagingFrequency": 123.211,
    "InPlanePhaseEncodingDirectionDICOM": "COL",
    "InstitutionAddress": "Perth_Drive_100_London_Ontario_CA_N6A_5K8",
    "InstitutionName": "Robarts_Research_Institute",
    "InstitutionalDepartmentName": "CFMM",
    "MRAcquisitionType": "2D",
    "MagneticFieldStrength": 3,
    "Manufacturer": "Siemens",
    "ManufacturersModelName": "Prisma_fit",
    "Modality": "MR",
    "MultibandAccelerationFactor": 3,
    "ParallelReductionFactorInPlane": 2,
    "PartialFourier": 0.875,
    "PatientPosition": "HFS",
    "PercentPhaseFOV": 100,
    "PhaseEncodingDirection": "j-",
    "PhaseEncodingSteps": 73,
    "PhaseResolution": 1,
    "PixelBandwidth": 1565,
    "ProcedureStepDescription": "Diedrichsen_MCC",
    "ProtocolName": "ep_bold_mb3_p2",
    "PulseSequenceDetails": "%CustomerSeq%_cmrr_mbep2d_bold",
    "ReceiveCoilActiveElements": "HEA;HEP",
    "ReceiveCoilName": "Head_32",
    "ReconMatrixPE": 84,
    "RepetitionTime": 1,
    "SAR": 0.070426,
    "ScanOptions": "PFP_FS_EXT",
    "ScanningSequence": "EP",
    "SequenceName": "epfid2d1_84",
    "SequenceVariant": "SK_SS",
    "SeriesDescription": "ep_bold_mb3_p2",
    "SeriesNumber": 19,
    "ShimSetting": [
      5234,
      -6228,
      -3970,
      519,
      143,
      67,
      -78,
      -20
    ],
    "SliceThickness": 3,
    "SliceTiming": [
      0,
      0.43,
      0.8575,
      0.3075,
      0.735,
      0.185,
      0.6125,
      0.0625,
      0.49,
      0.92,
      0.3675,
      0.7975,
      0.245,
      0.675,
      0.1225,
      0.5525,
      0,
      0.43,
      0.8575,
      0.3075,
      0.735,
      0.185,
      0.6125,
      0.0625,
      0.49,
      0.92,
      0.3675,
      0.7975,
      0.245,
      0.675,
      0.1225,
      0.5525,
      0,
      0.43,
      0.8575,
      0.3075,
      0.735,
      0.185,
      0.6125,
      0.0625,
      0.49,
      0.92,
      0.3675,
      0.7975,
      0.245,
      0.675,
      0.1225,
      0.5525
    ],
    "SoftwareVersions": "syngo_MR_E11",
    "SpacingBetweenSlices": 3,
    "StationName": "MRC35368",
    "TaskName": "b",
    "TotalReadoutTime": 0.0298798,
    "TxRefAmp": 262.8,
    "WipMemBlock": "ccf4fce2-8e13-4c6b-bc94-f05d8bde7cf3||Sequence: ve11b/master r/50434d5; Mar  3 2017 10:46:13 by eja",
    "dataset": "ds002105",
    "modality": "bold",
    "run_id": 7,
    "session_id": "b2",
    "subject_id": "25",
    "task_id": "b"
  },
  "dummy_trs": 2,
  "dvars_nstd": 34.20860753998326,
  "dvars_std": 1.1760552487792653,
  "dvars_vstd": 1.0009877352842809,
  "efc": 0.49574874366497446,
  "fber": 3911.251708984375,
  "fd_mean": 0.08472051501066458,
  "fd_num": 6,
  "fd_perc": 1.001669449081803,
  "fwhm_avg": 1.9397280497825555,
  "fwhm_x": 1.9063274300763267,
  "fwhm_y": 2.0610933859380065,
  "fwhm_z": 1.8517633333333334,
  "gcor": 0.0135172,
  "gsr_x": -0.010547722689807415,
  "gsr_y": 0.018977902829647064,
  "provenance": {
    "md5sum": "bcc21cf88287d9a682f8248d680fe264",
    "settings": {
      "fd_thres": 0.2,
      "testing": false
    },
    "software": "mriqc",
    "version": "21.0.0rc2",
    "webapi_port": null,
    "webapi_url": "https://mriqc.nimh.nih.gov/api/v1"
  },
  "size_t": 599,
  "size_x": 84,
  "size_y": 84,
  "size_z": 48,
  "snr": 3.873776680836822,
  "spacing_tr": 1.0,
  "spacing_x": 2.4761905670166016,
  "spacing_y": 2.4761905670166016,
  "spacing_z": 3.0,
  "summary_bg_k": 27.585146025941757,
  "summary_bg_mad": 30.575268865982732,
  "summary_bg_mean": 131.0281982421875,
  "summary_bg_median": 49.82136917114258,
  "summary_bg_n": 216215.0,
  "summary_bg_p05": 24.04006576538086,
  "summary_bg_p95": 529.6347106933589,
  "summary_bg_stdv": 243.08042907714844,
  "summary_fg_k": 2.072513982714649,
  "summary_fg_mad": 668.0176307955591,
  "summary_fg_mean": 3328.427490234375,
  "summary_fg_median": 3161.10498046875,
  "summary_fg_n": 65207.0,
  "summary_fg_p05": 2377.8427001953123,
  "summary_fg_p95": 5024.629931640625,
  "summary_fg_stdv": 816.0203857421875,
  "tsnr": 49.27217945223674
}