{
  "aor": 0.00028053511705685623,
  "aqi": 0.010878132725752507,
  "bids_meta": {
    "AcquisitionMatrixPE": 84,
    "AcquisitionNumber": 1,
    "AcquisitionTime": "14:48:18.075000",
    "BandwidthPerPixelPhaseEncode": 33.069,
    "BaseResolution": 84,
    "BodyPartExamined": "BRAIN",
    "ConsistencyInfo": "N4_VE11B_LATEST_20150530",
    "ConversionSoftware": "dcm2niix",
    "ConversionSoftwareVersion": "v1.0.20181125  GCC4.8.5",
    "DerivedVendorReportedEchoSpacing": 0.000719995,
    "DeviceSerialNumber": "67007",
    "DwellTime": 3.8e-06,
    "EchoTime": 0.03,
    "EchoTrainLength": 36,
    "EffectiveEchoSpacing": 0.000359998,
    "FlipAngle": 40,
    "ImageComments": "Unaliased_MB3_PE4",
    "ImageOrientationPatientDICOM": [
      1,
      0,
      0,
      0,
      0.907777,
      -0.419452
    ],
    "ImageType": [
      "ORIGINAL",
      "PRIMARY",
      "M",
      "MB",
      "ND",
      "NORM",
      "MOSAIC"
    ],
    "ImagingFrequency": 123.211,
    "InPlanePhaseEncodingDirectionDICOM": "COL",
    "InstitutionAddress": "Perth_Drive_100_London_Ontario_CA_N6A_5K8",
    "InstitutionName": "Robarts_Research_Institute",
    "InstitutionalDepartmentName": "CFMM",
    "MRAcquisitionType": "2D",
    "MagneticFieldStrength": 3,
    "Manufacturer": "Siemens",
    "ManufacturersModelName": "Prisma_fit",
    "Modality": "MR",
    "MultibandAccelerationFactor": 3,
    "ParallelReductionFactorInPlane": 2,
    "PartialFourier": 0.875,
    "PatientPosition": "HFS",
    "PercentPhaseFOV": 100,
    "PhaseEncodingDirection": "j-",
    "PhaseEncodingSteps": 73,
    "PhaseResolution": 1,
    "PixelBandwidth": 1565,
    "ProcedureStepDescription": "Diedrichsen_MCC",
    "ProtocolName": "ep_bold_mb3_p2",
    "PulseSequenceDetails": "%CustomerSeq%_cmrr_mbep2d_bold",
    "ReceiveCoilActiveElements": "HEA;HEP",
    "ReceiveCoilName": "Head_32",
    "ReconMatrixPE": 84,
    "RepetitionTime": 1,
    "SAR": 0.070426,
    "ScanOptions": "PFP_FS_EXT",
    "ScanningSequence": "EP",
    "SequenceName": "epfid2d1_84",
    "SequenceVariant": "SK_SS",
    "SeriesDescription": "ep_bold_mb3_p2",
    "SeriesNumber": 2,
    "ShimSetting": [
      5234,
      -6228,
      -3970,
      519,
      143,
      67,
      -78,
      -20
    ],
    "SliceThickness": 3,
    "SliceTiming": [
      0,
      0.43,
      0.8575,
      0.3075,
      0.735,
      0.185,
      0.6125,
      0.0625,
      0.49,
      0.92,
      0.3675,
      0.7975,
      0.245,
      0.675,
      0.1225,
      0.5525,
      0,
      0.43,
      0.8575,
      0.3075,
      0.735,
      0.185,
      0.6125,
      0.0625,
      0.49,
      0.92,
      0.3675,
      0.7975,
      0.245,
      0.675,
      0.1225,
      0.5525,
      0,
      0.43,
      0.8575,
      0.3075,
      0.735,
      0.185,
      0.6125,
      0.0625,
      0.49,
      0.92,
      0.3675,
      0.7975,
      0.245,
      0.675,
      0.1225,
      0.5525
    ],
    "SoftwareVersions": "syngo_MR_E11",
    "SpacingBetweenSlices": 3,
    "StationName": "MRC35368",
    "TaskName": "b",
    "TotalReadoutTime": 0.0298798,
    "TxRefAmp": 262.8,
    "WipMemBlock": "04e5c204-1105-415b-b091-3c24aa3d7d0c||Sequence: ve11b/master r/50434d5; Mar  3 2017 10:46:13 by eja",
    "dataset": "ds002105",
    "modality": "bold",
    "run_id": 1,
    "session_id": "b2",
    "subject_id": "25",
    "task_id": "b"
  },
  "dummy_trs": 3,
  "dvars_nstd": 35.82295991907872,
  "dvars_std": 1.1449735252261308,
  "dvars_vstd": 0.9596559491457285,
  "efc": 0.49312175256652624,
  "fber": 4211.06494140625,
  "fd_mean": 0.09429189617597698,
  "fd_num": 5,
  "fd_perc": 0.8361204013377926,
  "fwhm_avg": 1.9649271519161926,
  "fwhm_x": 1.923696852516143,
  "fwhm_y": 2.0789312698991016,
  "fwhm_z": 1.8921533333333331,
  "gcor": 0.0074702,
  "gsr_x": -0.00909429881721735,
  "gsr_y": 0.01995253935456276,
  "provenance": {
    "md5sum": "d0d7b0268cf337866124b872407b0ffc",
    "settings": {
      "fd_thres": 0.2,
      "testing": false
    },
    "software": "mriqc",
    "version": "21.0.0rc2",
    "webapi_port": null,
    "webapi_url": "https://mriqc.nimh.nih.gov/api/v1"
  },
  "size_t": 598,
  "size_x": 84,
  "size_y": 84,
  "size_z": 48,
  "snr": 3.87487324541475,
  "spacing_tr": 1.0,
  "spacing_x": 2.4761905670166016,
  "spacing_y": 2.4761905670166016,
  "spacing_z": 3.0,
  "summary_bg_k": 31.71739708849745,
  "summary_bg_mad": 29.550392030274732,
  "summary_bg_mean": 126.35574340820312,
  "summary_bg_median": 48.3060188293457,
  "summary_bg_n": 216285.0,
  "summary_bg_p05": 23.2441463470459,
  "summary_bg_p95": 493.39463500976495,
  "summary_bg_stdv": 241.98941040039062,
  "summary_fg_k": 1.9460025103653606,
  "summary_fg_mad": 678.3375702125056,
  "summary_fg_mean": 3345.389404296875,
  "summary_fg_median": 3179.45751953125,
  "summary_fg_n": 65010.0,
  "summary_fg_p05": 2379.3064453125,
  "summary_fg_p95": 5050.041870117185,
  "summary_fg_stdv": 820.5256958007812,
  "tsnr": 39.61358806490898
}