{
  "aor": 0.00016949999999999997,
  "aqi": 0.01049761975,
  "bids_meta": {
    "AcquisitionMatrixPE": 84,
    "AcquisitionNumber": 1,
    "AcquisitionTime": "12:56:9.205000",
    "BandwidthPerPixelPhaseEncode": 33.069,
    "BaseResolution": 84,
    "BodyPartExamined": "BRAIN",
    "ConsistencyInfo": "N4_VE11B_LATEST_20150530",
    "ConversionSoftware": "dcm2niix",
    "ConversionSoftwareVersion": "v1.0.20181125  GCC4.8.5",
    "DerivedVendorReportedEchoSpacing": 0.000719995,
    "DeviceSerialNumber": "67007",
    "DwellTime": 3.8e-06,
    "EchoTime": 0.03,
    "EchoTrainLength": 36,
    "EffectiveEchoSpacing": 0.000359998,
    "FlipAngle": 40,
    "ImageComments": "Unaliased_MB3_PE4",
    "ImageOrientationPatientDICOM": [
      1,
      0,
      0,
      0,
      0.921863,
      -0.387516
    ],
    "ImageType": [
      "ORIGINAL",
      "PRIMARY",
      "M",
      "MB",
      "ND",
      "NORM",
      "MOSAIC"
    ],
    "ImagingFrequency": 123.211,
    "InPlanePhaseEncodingDirectionDICOM": "COL",
    "InstitutionAddress": "Perth_Drive_100_London_Ontario_CA_N6A_5K8",
    "InstitutionName": "Robarts_Research_Institute",
    "InstitutionalDepartmentName": "CFMM",
    "MRAcquisitionType": "2D",
    "MagneticFieldStrength": 3,
    "Manufacturer": "Siemens",
    "ManufacturersModelName": "Prisma_fit",
    "Modality": "MR",
    "MultibandAccelerationFactor": 3,
    "ParallelReductionFactorInPlane": 2,
    "PartialFourier": 0.875,
    "PatientPosition": "HFS",
    "PercentPhaseFOV": 100,
    "PhaseEncodingDirection": "j-",
    "PhaseEncodingSteps": 73,
    "PhaseResolution": 1,
    "PixelBandwidth": 1565,
    "ProcedureStepDescription": "Diedrichsen_MCC",
    "ProtocolName": "ep_bold_mb3_p2",
    "PulseSequenceDetails": "%CustomerSeq%_cmrr_mbep2d_bold",
    "ReceiveCoilActiveElements": "HEA;HEP",
    "ReceiveCoilName": "Head_32",
    "ReconMatrixPE": 84,
    "RepetitionTime": 1,
    "SAR": 0.0792558,
    "ScanOptions": "PFP_FS_EXT",
    "ScanningSequence": "EP",
    "SequenceName": "epfid2d1_84",
    "SequenceVariant": "SK_SS",
    "SeriesDescription": "ep_bold_mb3_p2",
    "SeriesNumber": 4,
    "ShimSetting": [
      5258,
      -6228,
      -3873,
      524,
      0,
      -136,
      115,
      -31
    ],
    "SliceThickness": 3,
    "SliceTiming": [
      0,
      0.4275,
      0.8575,
      0.305,
      0.735,
      0.185,
      0.6125,
      0.0625,
      0.49,
      0.9175,
      0.3675,
      0.795,
      0.245,
      0.6725,
      0.1225,
      0.55,
      0,
      0.4275,
      0.8575,
      0.305,
      0.735,
      0.185,
      0.6125,
      0.0625,
      0.49,
      0.9175,
      0.3675,
      0.795,
      0.245,
      0.6725,
      0.1225,
      0.55,
      0,
      0.4275,
      0.8575,
      0.305,
      0.735,
      0.185,
      0.6125,
      0.0625,
      0.49,
      0.9175,
      0.3675,
      0.795,
      0.245,
      0.6725,
      0.1225,
      0.55
    ],
    "SoftwareVersions": "syngo_MR_E11",
    "SpacingBetweenSlices": 3,
    "StationName": "MRC35368",
    "TaskName": "b",
    "TotalReadoutTime": 0.0298798,
    "TxRefAmp": 265.535,
    "WipMemBlock": "c3dd74cb-4b23-4350-bd28-c39fc4a92e05||Sequence: ve11b/master r/50434d5; Mar  3 2017 10:46:13 by eja",
    "dataset": "ds002105",
    "modality": "bold",
    "run_id": 2,
    "session_id": "b2",
    "subject_id": "03",
    "task_id": "b"
  },
  "dummy_trs": 1,
  "dvars_nstd": 28.556275206894824,
  "dvars_std": 1.1122958534557599,
  "dvars_vstd": 0.9889022161936571,
  "efc": 0.4836739547210799,
  "fber": 4950.9541015625,
  "fd_mean": 0.0923540615504032,
  "fd_num": 10,
  "fd_perc": 1.6666666666666667,
  "fwhm_avg": 1.7993110873113134,
  "fwhm_x": 1.778966473209437,
  "fwhm_y": 1.9152201220578369,
  "fwhm_z": 1.7037466666666665,
  "gcor": 0.0223595,
  "gsr_x": -0.0014808675041422248,
  "gsr_y": 0.020027155056595802,
  "provenance": {
    "md5sum": "04fe107f1bb88e96fc193cb7bc346822",
    "settings": {
      "fd_thres": 0.2,
      "testing": false
    },
    "software": "mriqc",
    "version": "21.0.0rc2",
    "webapi_port": null,
    "webapi_url": "https://mriqc.nimh.nih.gov/api/v1"
  },
  "size_t": 600,
  "size_x": 84,
  "size_y": 84,
  "size_z": 48,
  "snr": 5.7603872142993096,
  "spacing_tr": 1.0,
  "spacing_x": 2.4761905670166016,
  "spacing_y": 2.4761905670166016,
  "spacing_z": 3.0,
  "summary_bg_k": 39.34199488633815,
  "summary_bg_mad": 34.939992188520705,
  "summary_bg_mean": 151.7672882080078,
  "summary_bg_median": 49.378334045410156,
  "summary_bg_n": 225984.0,
  "summary_bg_p05": 21.696666717529297,
  "summary_bg_p95": 636.0601562499983,
  "summary_bg_stdv": 297.5792541503906,
  "summary_fg_k": 5.31428472446907,
  "summary_fg_mad": 521.6980758870199,
  "summary_fg_mean": 3598.2001953125,
  "summary_fg_median": 3526.69580078125,
  "summary_fg_n": 57020.0,
  "summary_fg_p05": 2801.48681640625,
  "summary_fg_p95": 4590.210327148437,
  "summary_fg_stdv": 612.22705078125,
  "tsnr": 51.119185297284275
}