{
  "aor": 0.00022870216306156404,
  "aqi": 0.008078213926788685,
  "bids_meta": {
    "AcquisitionMatrixPE": 84,
    "AcquisitionNumber": 1,
    "AcquisitionTime": "14:59:27.052500",
    "BandwidthPerPixelPhaseEncode": 33.069,
    "BaseResolution": 84,
    "BodyPartExamined": "BRAIN",
    "ConsistencyInfo": "N4_VE11B_LATEST_20150530",
    "ConversionSoftware": "dcm2niix",
    "ConversionSoftwareVersion": "v1.0.20181125  GCC4.8.5",
    "DerivedVendorReportedEchoSpacing": 0.000719995,
    "DeviceSerialNumber": "67007",
    "DwellTime": 3.8e-06,
    "EchoTime": 0.03,
    "EchoTrainLength": 36,
    "EffectiveEchoSpacing": 0.000359998,
    "FlipAngle": 40,
    "ImageComments": "Unaliased_MB3_PE4",
    "ImageOrientationPatientDICOM": [
      1,
      0,
      0,
      0,
      0.958323,
      -0.285688
    ],
    "ImageType": [
      "ORIGINAL",
      "PRIMARY",
      "M",
      "MB",
      "ND",
      "NORM",
      "MOSAIC"
    ],
    "ImagingFrequency": 123.211,
    "InPlanePhaseEncodingDirectionDICOM": "COL",
    "InstitutionAddress": "Perth_Drive_100_London_Ontario_CA_N6A_5K8",
    "InstitutionName": "Robarts-CFMM",
    "InstitutionalDepartmentName": "CFMM",
    "MRAcquisitionType": "2D",
    "MagneticFieldStrength": 3,
    "Manufacturer": "Siemens",
    "ManufacturersModelName": "Prisma_fit",
    "Modality": "MR",
    "MultibandAccelerationFactor": 3,
    "ParallelReductionFactorInPlane": 2,
    "PartialFourier": 0.875,
    "PatientPosition": "HFS",
    "PercentPhaseFOV": 100,
    "PhaseEncodingDirection": "j-",
    "PhaseEncodingSteps": 73,
    "PhaseResolution": 1,
    "PixelBandwidth": 1565,
    "ProcedureStepDescription": "Diedrichsen_Feb2016",
    "ProtocolName": "ep_bold_mb3_p2",
    "PulseSequenceDetails": "%CustomerSeq%_cmrr_mbep2d_bold",
    "ReceiveCoilActiveElements": "HEA;HEP",
    "ReceiveCoilName": "Head_32",
    "ReconMatrixPE": 84,
    "RepetitionTime": 1,
    "SAR": 0.142667,
    "ScanOptions": "PFP_FS_EXT",
    "ScanningSequence": "EP",
    "SequenceName": "epfid2d1_84",
    "SequenceVariant": "SK_SS",
    "SeriesDescription": "ep_bold_mb3_p2",
    "SeriesNumber": 3,
    "ShimSetting": [
      5250,
      -6235,
      -3740,
      616,
      -18,
      74,
      129,
      -2
    ],
    "SliceThickness": 3,
    "SliceTiming": [
      0,
      0.4275,
      0.8575,
      0.305,
      0.735,
      0.1825,
      0.6125,
      0.06,
      0.49,
      0.9175,
      0.3675,
      0.795,
      0.245,
      0.6725,
      0.1225,
      0.55,
      0,
      0.4275,
      0.8575,
      0.305,
      0.735,
      0.1825,
      0.6125,
      0.06,
      0.49,
      0.9175,
      0.3675,
      0.795,
      0.245,
      0.6725,
      0.1225,
      0.55,
      0,
      0.4275,
      0.8575,
      0.305,
      0.735,
      0.1825,
      0.6125,
      0.06,
      0.49,
      0.9175,
      0.3675,
      0.795,
      0.245,
      0.6725,
      0.1225,
      0.55
    ],
    "SoftwareVersions": "syngo_MR_E11",
    "SpacingBetweenSlices": 3,
    "StationName": "MRC35368",
    "TaskName": "a",
    "TotalReadoutTime": 0.0298798,
    "TxRefAmp": 305.329,
    "WipMemBlock": "2faf7fd1-f921-4713-bde4-79b4b4e60902||Sequence: ve11b/R013 r/f10bb7f; Apr  4 2016 11:55:08 by eja",
    "dataset": "ds002105",
    "modality": "bold",
    "run_id": 2,
    "session_id": "a2",
    "subject_id": "06",
    "task_id": "a"
  },
  "dummy_trs": 0,
  "dvars_nstd": 33.52536613143328,
  "dvars_std": 1.178044353466666,
  "dvars_vstd": 0.9943061832166677,
  "efc": 0.4725670479541627,
  "fber": 4273.34326171875,
  "fd_mean": 0.07042270617363479,
  "fd_num": 6,
  "fd_perc": 0.9983361064891847,
  "fwhm_avg": 1.8758562134092447,
  "fwhm_x": 1.8255703176538645,
  "fwhm_y": 2.0409616559072035,
  "fwhm_z": 1.7610366666666666,
  "gcor": 0.00628277,
  "gsr_x": -0.007912157103419304,
  "gsr_y": 0.018504120409488678,
  "provenance": {
    "md5sum": "a7ff60e310023bc22155fd824d3ea57c",
    "settings": {
      "fd_thres": 0.2,
      "testing": false
    },
    "software": "mriqc",
    "version": "21.0.0rc2",
    "webapi_port": null,
    "webapi_url": "https://mriqc.nimh.nih.gov/api/v1"
  },
  "size_t": 601,
  "size_x": 84,
  "size_y": 84,
  "size_z": 48,
  "snr": 5.335648879183053,
  "spacing_tr": 1.0,
  "spacing_x": 2.4761905670166016,
  "spacing_y": 2.4761905670166016,
  "spacing_z": 3.0,
  "summary_bg_k": 38.28288865589827,
  "summary_bg_mad": 34.01597448372231,
  "summary_bg_mean": 142.2818145751953,
  "summary_bg_median": 51.8868522644043,
  "summary_bg_n": 229582.0,
  "summary_bg_p05": 23.565806579589847,
  "summary_bg_p95": 546.6449035644529,
  "summary_bg_stdv": 278.1344299316406,
  "summary_fg_k": 1.9095650154188135,
  "summary_fg_mad": 621.0155932272954,
  "summary_fg_mean": 3521.39306640625,
  "summary_fg_median": 3463.740234375,
  "summary_fg_n": 53595.0,
  "summary_fg_p05": 2619.890576171875,
  "summary_fg_p95": 4634.214208984375,
  "summary_fg_stdv": 649.1633911132812,
  "tsnr": 49.43066718173213
}