{
  "aor": 0.00026891666666666665,
  "aqi": 0.008298594500000001,
  "bids_meta": {
    "AcquisitionMatrixPE": 84,
    "AcquisitionNumber": 1,
    "AcquisitionTime": "15:42:56.360000",
    "BandwidthPerPixelPhaseEncode": 33.069,
    "BaseResolution": 84,
    "BodyPartExamined": "BRAIN",
    "ConsistencyInfo": "N4_VE11B_LATEST_20150530",
    "ConversionSoftware": "dcm2niix",
    "ConversionSoftwareVersion": "v1.0.20181125  GCC4.8.5",
    "DerivedVendorReportedEchoSpacing": 0.000719995,
    "DeviceSerialNumber": "67007",
    "DwellTime": 3.8e-06,
    "EchoTime": 0.03,
    "EchoTrainLength": 36,
    "EffectiveEchoSpacing": 0.000359998,
    "FlipAngle": 40,
    "ImageComments": "Unaliased_MB3_PE4",
    "ImageOrientationPatientDICOM": [
      1,
      0,
      0,
      0,
      0.915663,
      -0.401948
    ],
    "ImageType": [
      "ORIGINAL",
      "PRIMARY",
      "M",
      "MB",
      "ND",
      "NORM",
      "MOSAIC"
    ],
    "ImagingFrequency": 123.211,
    "InPlanePhaseEncodingDirectionDICOM": "COL",
    "InstitutionAddress": "Perth_Drive_100_London_Ontario_CA_N6A_5K8",
    "InstitutionName": "Robarts_Research_Institute",
    "InstitutionalDepartmentName": "CFMM",
    "MRAcquisitionType": "2D",
    "MagneticFieldStrength": 3,
    "Manufacturer": "Siemens",
    "ManufacturersModelName": "Prisma_fit",
    "Modality": "MR",
    "MultibandAccelerationFactor": 3,
    "ParallelReductionFactorInPlane": 2,
    "PartialFourier": 0.875,
    "PatientPosition": "HFS",
    "PercentPhaseFOV": 100,
    "PhaseEncodingDirection": "j-",
    "PhaseEncodingSteps": 73,
    "PhaseResolution": 1,
    "PixelBandwidth": 1565,
    "ProcedureStepDescription": "Diedrichsen_Feb2016",
    "ProtocolName": "ep_bold_mb3_p2",
    "PulseSequenceDetails": "%CustomerSeq%_cmrr_mbep2d_bold",
    "ReceiveCoilActiveElements": "HEA;HEP",
    "ReceiveCoilName": "Head_32",
    "ReconMatrixPE": 84,
    "RepetitionTime": 1,
    "SAR": 0.087265,
    "ScanOptions": "PFP_FS_EXT",
    "ScanningSequence": "EP",
    "SequenceName": "epfid2d1_84",
    "SequenceVariant": "SK_SS",
    "SeriesDescription": "ep_bold_mb3_p2",
    "SeriesNumber": 7,
    "ShimSetting": [
      5261,
      -6229,
      -3859,
      553,
      -76,
      117,
      122,
      12
    ],
    "SliceThickness": 3,
    "SliceTiming": [
      0,
      0.4275,
      0.8575,
      0.305,
      0.735,
      0.1825,
      0.6125,
      0.06,
      0.49,
      0.9175,
      0.3675,
      0.795,
      0.245,
      0.6725,
      0.1225,
      0.55,
      0,
      0.4275,
      0.8575,
      0.305,
      0.735,
      0.1825,
      0.6125,
      0.06,
      0.49,
      0.9175,
      0.3675,
      0.795,
      0.245,
      0.6725,
      0.1225,
      0.55,
      0,
      0.4275,
      0.8575,
      0.305,
      0.735,
      0.1825,
      0.6125,
      0.06,
      0.49,
      0.9175,
      0.3675,
      0.795,
      0.245,
      0.6725,
      0.1225,
      0.55
    ],
    "SoftwareVersions": "syngo_MR_E11",
    "SpacingBetweenSlices": 3,
    "StationName": "MRC35368",
    "TaskName": "a",
    "TotalReadoutTime": 0.0298798,
    "TxRefAmp": 262.981,
    "WipMemBlock": "2da2c825-eeae-441c-a356-b7f5bef4834b||Sequence: ve11b/R013 r/f10bb7f; Apr  4 2016 11:55:08 by eja",
    "dataset": "ds002105",
    "modality": "bold",
    "run_id": 5,
    "session_id": "a1",
    "subject_id": "06",
    "task_id": "a"
  },
  "dummy_trs": 1,
  "dvars_nstd": 29.279438588864725,
  "dvars_std": 1.1236770019198667,
  "dvars_vstd": 0.9961930773288807,
  "efc": 0.47094012819043113,
  "fber": 5523.94482421875,
  "fd_mean": 0.05835006970344538,
  "fd_num": 3,
  "fd_perc": 0.5,
  "fwhm_avg": 1.7178495934452307,
  "fwhm_x": 1.6983870530881497,
  "fwhm_y": 1.8436383939142083,
  "fwhm_z": 1.6115233333333334,
  "gcor": 0.00869786,
  "gsr_x": -0.005708023440092802,
  "gsr_y": 0.020003149285912514,
  "provenance": {
    "md5sum": "14c0520251db9659f3a766ae9cb8b4f6",
    "settings": {
      "fd_thres": 0.2,
      "testing": false
    },
    "software": "mriqc",
    "version": "21.0.0rc2",
    "webapi_port": null,
    "webapi_url": "https://mriqc.nimh.nih.gov/api/v1"
  },
  "size_t": 600,
  "size_x": 84,
  "size_y": 84,
  "size_z": 48,
  "snr": 5.938659889915273,
  "spacing_tr": 1.0,
  "spacing_x": 2.4761905670166016,
  "spacing_y": 2.4761905670166016,
  "spacing_z": 3.0,
  "summary_bg_k": 34.706925093462715,
  "summary_bg_mad": 31.228544993054665,
  "summary_bg_mean": 141.66175842285156,
  "summary_bg_median": 47.55833435058594,
  "summary_bg_n": 229627.0,
  "summary_bg_p05": 22.260000228881836,
  "summary_bg_p95": 566.088024902343,
  "summary_bg_stdv": 280.4457702636719,
  "summary_fg_k": 3.0188400732563014,
  "summary_fg_mad": 574.6716051788666,
  "summary_fg_mean": 3646.6748046875,
  "summary_fg_median": 3589.594970703125,
  "summary_fg_n": 53501.0,
  "summary_fg_p05": 2829.831787109375,
  "summary_fg_p95": 4652.8603515625,
  "summary_fg_stdv": 604.4396362304688,
  "tsnr": 53.80298370379023
}