{
  "bids_meta": {
    "AcquisitionMatrixPE": 256,
    "AcquisitionNumber": 1,
    "AcquisitionTime": "15:51:24.785000",
    "BaseResolution": 256,
    "BodyPartExamined": "BRAIN",
    "ConsistencyInfo": "N4_VE11B_LATEST_20150530",
    "ConversionSoftware": "dcm2niix",
    "ConversionSoftwareVersion": "v1.0.20181125  GCC4.8.5",
    "DeviceSerialNumber": "67007",
    "DwellTime": 8.9e-06,
    "EchoTime": 0.091,
    "EchoTrainLength": 18,
    "FlipAngle": 120,
    "ImageOrientationPatientDICOM": [
      1,
      0,
      0,
      0,
      0.901077,
      -0.433659
    ],
    "ImageType": [
      "ORIGINAL",
      "PRIMARY",
      "M",
      "ND",
      "NORM"
    ],
    "ImagingFrequency": 123.211,
    "InPlanePhaseEncodingDirectionDICOM": "COL",
    "InstitutionAddress": "Perth_Drive_100_London_Ontario_CA_N6A_5K8",
    "InstitutionName": "Robarts_Research_Institute",
    "InstitutionalDepartmentName": "CFMM",
    "Interpolation2D": 1,
    "MRAcquisitionType": "2D",
    "MagneticFieldStrength": 3,
    "Manufacturer": "Siemens",
    "ManufacturersModelName": "Prisma_fit",
    "Modality": "MR",
    "ParallelReductionFactorInPlane": 2,
    "PartialFourier": 1,
    "PatientPosition": "HFS",
    "PercentPhaseFOV": 100,
    "PhaseEncodingDirection": "j-",
    "PhaseEncodingSteps": 255,
    "PhaseResolution": 1,
    "PixelBandwidth": 220,
    "ProcedureStepDescription": "Diedrichsen_MCC",
    "ProtocolName": "t2_tse_tra_256_p2",
    "PulseSequenceDetails": "%SiemensSeq%_tse",
    "ReceiveCoilActiveElements": "HEA;HEP",
    "ReceiveCoilName": "Head_32",
    "ReconMatrixPE": 512,
    "RepetitionTime": 8.53,
    "SAR": 0.629187,
    "ScanningSequence": "SE",
    "SequenceName": "_tse2d1_18",
    "SequenceVariant": "SK_SP",
    "SeriesDescription": "t2_tse_tra_256_p2",
    "SeriesNumber": 4,
    "ShimSetting": [
      5237,
      -6157,
      -4055,
      53,
      3,
      -37,
      -27,
      1
    ],
    "SliceThickness": 3,
    "SoftwareVersions": "syngo_MR_E11",
    "SpacingBetweenSlices": 3,
    "StationName": "MRC35368",
    "TxRefAmp": 260.017,
    "dataset": "ds002105",
    "modality": "T2w",
    "session_id": "a2",
    "subject_id": "28"
  },
  "cjv": 0.45258907039251856,
  "cnr": 3.1685046868913394,
  "efc": 0.5985229624872985,
  "fber": 6267.36111111111,
  "fwhm_avg": 5.426637278216808,
  "fwhm_x": 6.606301538461538,
  "fwhm_y": 7.901464615384616,
  "fwhm_z": 1.7721456808042713,
  "icvs_csf": 0.1837748709645567,
  "icvs_gm": 0.42289845254263625,
  "icvs_wm": 0.39332667649280706,
  "inu_med": 1.32706618309021,
  "inu_range": 0.37393397092819214,
  "provenance": {
    "md5sum": "748456b97a8c4bfc669a4c47a2779a74",
    "settings": {
      "testing": false
    },
    "software": "mriqc",
    "version": "22.0.0rc1",
    "warnings": {
      "large_rot_frame": true,
      "small_air_mask": false
    },
    "webapi_port": null,
    "webapi_url": "https://mriqc.nimh.nih.gov/api/v1"
  },
  "qi_1": 0.0,
  "qi_2": 0.0242911911111888,
  "rpve_csf": 13.509189705618917,
  "rpve_gm": 6.541643631173579,
  "rpve_wm": 8.004404136204455,
  "size_x": 512,
  "size_y": 512,
  "size_z": 48,
  "snr_csf": 3.4507158900786776,
  "snr_gm": 10.171778117622607,
  "snr_total": 7.50296134101778,
  "snr_wm": 8.886390015352058,
  "snrd_csf": 277.3416959495673,
  "snrd_gm": 124.06461381382437,
  "snrd_total": 159.19027704358996,
  "snrd_wm": 76.16452136737826,
  "spacing_x": 0.40625,
  "spacing_y": 0.40625,
  "spacing_z": 3.0000016689300537,
  "summary_bg_k": 1706.2980843681798,
  "summary_bg_mad": 8.751140071943256,
  "summary_bg_mean": 18.16386008194654,
  "summary_bg_median": 11.697789393365383,
  "summary_bg_n": 2462433.0,
  "summary_bg_p05": 0.0,
  "summary_bg_p95": 51.08392432332039,
  "summary_bg_stdv": 33.567761085042896,
  "summary_csf_k": 1.4967032328508285,
  "summary_csf_mad": 971.5356596233731,
  "summary_csf_mean": 3685.51248662962,
  "summary_csf_median": 3704.657705128193,
  "summary_csf_n": 449986.0,
  "summary_csf_p05": 1462.491972092539,
  "summary_csf_p95": 5234.170498102903,
  "summary_csf_stdv": 1073.5898598209526,
  "summary_gm_k": -0.1508360837759124,
  "summary_gm_mad": 173.90901997516326,
  "summary_gm_mean": 1662.9453880835651,
  "summary_gm_median": 1657.2226037830114,
  "summary_gm_n": 882010.0,
  "summary_gm_p05": 1412.4275798723102,
  "summary_gm_p95": 1932.4962716177106,
  "summary_gm_stdv": 162.92349726481584,
  "summary_wm_k": 0.12178488545228783,
  "summary_wm_mad": 115.67416058732267,
  "summary_wm_mean": 1012.4102155739189,
  "summary_wm_median": 1017.3857197165489,
  "summary_wm_n": 994817.0,
  "summary_wm_p05": 816.376916654408,
  "summary_wm_p95": 1189.2037088796496,
  "summary_wm_stdv": 114.48802118921658,
  "tpm_overlap_csf": 0.13003961741924286,
  "tpm_overlap_gm": 0.4003310203552246,
  "tpm_overlap_wm": 0.4204697906970978,
  "wm2max": 0.18105423987776928
}