{
  "aor": 0.00021217970049916803,
  "aqi": 0.008922079633943427,
  "bids_meta": {
    "AcquisitionMatrixPE": 84,
    "AcquisitionNumber": 1,
    "AcquisitionTime": "13:25:51.207500",
    "BandwidthPerPixelPhaseEncode": 33.069,
    "BaseResolution": 84,
    "BodyPartExamined": "BRAIN",
    "ConsistencyInfo": "N4_VE11B_LATEST_20150530",
    "ConversionSoftware": "dcm2niix",
    "ConversionSoftwareVersion": "v1.0.20181125  GCC4.8.5",
    "DerivedVendorReportedEchoSpacing": 0.000719995,
    "DeviceSerialNumber": "67007",
    "DwellTime": 3.8e-06,
    "EchoTime": 0.03,
    "EchoTrainLength": 36,
    "EffectiveEchoSpacing": 0.000359998,
    "FlipAngle": 40,
    "ImageComments": "Unaliased_MB3_PE4",
    "ImageOrientationPatientDICOM": [
      1,
      0,
      0,
      0,
      0.979925,
      -0.199368
    ],
    "ImageType": [
      "ORIGINAL",
      "PRIMARY",
      "M",
      "MB",
      "ND",
      "NORM",
      "MOSAIC"
    ],
    "ImagingFrequency": 123.211,
    "InPlanePhaseEncodingDirectionDICOM": "COL",
    "InstitutionAddress": "Perth_Drive_100_London_Ontario_CA_N6A_5K8",
    "InstitutionName": "Robarts_Research_Institute",
    "InstitutionalDepartmentName": "CFMM",
    "MRAcquisitionType": "2D",
    "MagneticFieldStrength": 3,
    "Manufacturer": "Siemens",
    "ManufacturersModelName": "Prisma_fit",
    "Modality": "MR",
    "MultibandAccelerationFactor": 3,
    "ParallelReductionFactorInPlane": 2,
    "PartialFourier": 0.875,
    "PatientPosition": "HFS",
    "PercentPhaseFOV": 100,
    "PhaseEncodingDirection": "j-",
    "PhaseEncodingSteps": 73,
    "PhaseResolution": 1,
    "PixelBandwidth": 1565,
    "ProcedureStepDescription": "Diedrichsen_Maebdh",
    "ProtocolName": "ep_bold_mb3_p2",
    "PulseSequenceDetails": "%CustomerSeq%_cmrr_mbep2d_bold",
    "ReceiveCoilActiveElements": "HEA;HEP",
    "ReceiveCoilName": "Head_32",
    "ReconMatrixPE": 84,
    "RepetitionTime": 1,
    "SAR": 0.0837074,
    "ScanOptions": "PFP_FS_EXT",
    "ScanningSequence": "EP",
    "SequenceName": "epfid2d1_84",
    "SequenceVariant": "SK_SS",
    "SeriesDescription": "ep_bold_mb3_p2",
    "SeriesNumber": 8,
    "ShimSetting": [
      5235,
      -6148,
      -3828,
      659,
      -26,
      -20,
      24,
      -11
    ],
    "SliceThickness": 3,
    "SliceTiming": [
      0,
      0.43,
      0.8575,
      0.3075,
      0.735,
      0.185,
      0.6125,
      0.0625,
      0.49,
      0.92,
      0.3675,
      0.7975,
      0.245,
      0.675,
      0.1225,
      0.5525,
      0,
      0.43,
      0.8575,
      0.3075,
      0.735,
      0.185,
      0.6125,
      0.0625,
      0.49,
      0.92,
      0.3675,
      0.7975,
      0.245,
      0.675,
      0.1225,
      0.5525,
      0,
      0.43,
      0.8575,
      0.3075,
      0.735,
      0.185,
      0.6125,
      0.0625,
      0.49,
      0.92,
      0.3675,
      0.7975,
      0.245,
      0.675,
      0.1225,
      0.5525
    ],
    "SoftwareVersions": "syngo_MR_E11",
    "SpacingBetweenSlices": 3,
    "StationName": "MRC35368",
    "TaskName": "a",
    "TotalReadoutTime": 0.0298798,
    "TxRefAmp": 253.354,
    "WipMemBlock": "e90e9d44-10af-4e1a-b0c0-05cbc778c572||Sequence: ve11b/master r/50434d5; Mar  3 2017 10:46:13 by eja",
    "dataset": "ds002105",
    "modality": "bold",
    "run_id": 6,
    "session_id": "a1",
    "subject_id": "20",
    "task_id": "a"
  },
  "dummy_trs": 0,
  "dvars_nstd": 31.09370213806668,
  "dvars_std": 1.1292626553499998,
  "dvars_vstd": 0.9950205285,
  "efc": 0.47455684528528475,
  "fber": 4418.64599609375,
  "fd_mean": 0.11129553138843847,
  "fd_num": 50,
  "fd_perc": 8.319467554076539,
  "fwhm_avg": 1.7840136511729197,
  "fwhm_x": 1.6703964771917608,
  "fwhm_y": 2.0434978096603316,
  "fwhm_z": 1.6381466666666666,
  "gcor": 0.0152213,
  "gsr_x": -0.015660179778933525,
  "gsr_y": 0.02700524777173996,
  "provenance": {
    "md5sum": "d981af2b82939e4462a960a1c1b9f21b",
    "settings": {
      "fd_thres": 0.2,
      "testing": false
    },
    "software": "mriqc",
    "version": "21.0.0rc2",
    "webapi_port": null,
    "webapi_url": "https://mriqc.nimh.nih.gov/api/v1"
  },
  "size_t": 601,
  "size_x": 84,
  "size_y": 84,
  "size_z": 48,
  "snr": 5.556354565561674,
  "spacing_tr": 1.0,
  "spacing_x": 2.4761905670166016,
  "spacing_y": 2.4761905670166016,
  "spacing_z": 3.0,
  "summary_bg_k": 27.078519868976887,
  "summary_bg_mad": 33.86549808420099,
  "summary_bg_mean": 142.19639587402344,
  "summary_bg_median": 53.02661895751953,
  "summary_bg_n": 228424.0,
  "summary_bg_p05": 24.875207901000977,
  "summary_bg_p95": 558.3345886230451,
  "summary_bg_stdv": 265.4373779296875,
  "summary_fg_k": 4.175502563299289,
  "summary_fg_mad": 602.230053056831,
  "summary_fg_mean": 3614.120849609375,
  "summary_fg_median": 3582.492431640625,
  "summary_fg_n": 54569.0,
  "summary_fg_p05": 2719.366357421875,
  "summary_fg_p95": 4604.10595703125,
  "summary_fg_stdv": 644.75,
  "tsnr": 48.698254853952676
}