{
  "aor": 0.00023746666666666665,
  "aqi": 0.007941201966666667,
  "bids_meta": {
    "AcquisitionMatrixPE": 84,
    "AcquisitionNumber": 1,
    "AcquisitionTime": "13:48:3.175000",
    "BandwidthPerPixelPhaseEncode": 33.069,
    "BaseResolution": 84,
    "BodyPartExamined": "BRAIN",
    "ConsistencyInfo": "N4_VE11B_LATEST_20150530",
    "ConversionSoftware": "dcm2niix",
    "ConversionSoftwareVersion": "v1.0.20181125  GCC4.8.5",
    "DerivedVendorReportedEchoSpacing": 0.000719995,
    "DeviceSerialNumber": "67007",
    "DwellTime": 3.8e-06,
    "EchoTime": 0.03,
    "EchoTrainLength": 36,
    "EffectiveEchoSpacing": 0.000359998,
    "FlipAngle": 40,
    "ImageComments": "Unaliased_MB3_PE4",
    "ImageOrientationPatientDICOM": [
      1,
      0,
      0,
      0,
      0.979925,
      -0.199368
    ],
    "ImageType": [
      "ORIGINAL",
      "PRIMARY",
      "M",
      "MB",
      "ND",
      "NORM",
      "MOSAIC"
    ],
    "ImagingFrequency": 123.211,
    "InPlanePhaseEncodingDirectionDICOM": "COL",
    "InstitutionAddress": "Perth_Drive_100_London_Ontario_CA_N6A_5K8",
    "InstitutionName": "Robarts_Research_Institute",
    "InstitutionalDepartmentName": "CFMM",
    "MRAcquisitionType": "2D",
    "MagneticFieldStrength": 3,
    "Manufacturer": "Siemens",
    "ManufacturersModelName": "Prisma_fit",
    "Modality": "MR",
    "MultibandAccelerationFactor": 3,
    "ParallelReductionFactorInPlane": 2,
    "PartialFourier": 0.875,
    "PatientPosition": "HFS",
    "PercentPhaseFOV": 100,
    "PhaseEncodingDirection": "j-",
    "PhaseEncodingSteps": 73,
    "PhaseResolution": 1,
    "PixelBandwidth": 1565,
    "ProcedureStepDescription": "Diedrichsen_Maebdh",
    "ProtocolName": "ep_bold_mb3_p2",
    "PulseSequenceDetails": "%CustomerSeq%_cmrr_mbep2d_bold",
    "ReceiveCoilActiveElements": "HEA;HEP",
    "ReceiveCoilName": "Head_32",
    "ReconMatrixPE": 84,
    "RepetitionTime": 1,
    "SAR": 0.0837074,
    "ScanOptions": "PFP_FS_EXT",
    "ScanningSequence": "EP",
    "SequenceName": "epfid2d1_84",
    "SequenceVariant": "SK_SS",
    "SeriesDescription": "ep_bold_mb3_p2",
    "SeriesNumber": 10,
    "ShimSetting": [
      5235,
      -6148,
      -3828,
      659,
      -26,
      -20,
      24,
      -11
    ],
    "SliceThickness": 3,
    "SliceTiming": [
      0,
      0.43,
      0.8575,
      0.3075,
      0.735,
      0.185,
      0.6125,
      0.0625,
      0.49,
      0.92,
      0.3675,
      0.7975,
      0.245,
      0.675,
      0.1225,
      0.5525,
      0,
      0.43,
      0.8575,
      0.3075,
      0.735,
      0.185,
      0.6125,
      0.0625,
      0.49,
      0.92,
      0.3675,
      0.7975,
      0.245,
      0.675,
      0.1225,
      0.5525,
      0,
      0.43,
      0.8575,
      0.3075,
      0.735,
      0.185,
      0.6125,
      0.0625,
      0.49,
      0.92,
      0.3675,
      0.7975,
      0.245,
      0.675,
      0.1225,
      0.5525
    ],
    "SoftwareVersions": "syngo_MR_E11",
    "SpacingBetweenSlices": 3,
    "StationName": "MRC35368",
    "TaskName": "a",
    "TotalReadoutTime": 0.0298798,
    "TxRefAmp": 253.354,
    "WipMemBlock": "36e49734-c385-46b7-b9fd-2b1994209a8d||Sequence: ve11b/master r/50434d5; Mar  3 2017 10:46:13 by eja",
    "dataset": "ds002105",
    "modality": "bold",
    "run_id": 8,
    "session_id": "a1",
    "subject_id": "20",
    "task_id": "a"
  },
  "dummy_trs": 1,
  "dvars_nstd": 31.380417513622696,
  "dvars_std": 1.158193923238731,
  "dvars_vstd": 0.9980895057095145,
  "efc": 0.4742989696070602,
  "fber": 4526.5615234375,
  "fd_mean": 0.11073612511896433,
  "fd_num": 37,
  "fd_perc": 6.166666666666667,
  "fwhm_avg": 1.805356342838617,
  "fwhm_x": 1.6949583993677582,
  "fwhm_y": 2.071443962481427,
  "fwhm_z": 1.6496666666666666,
  "gcor": 0.0137635,
  "gsr_x": -0.01608879677951336,
  "gsr_y": 0.02541113831102848,
  "provenance": {
    "md5sum": "1b211f0c2a19c199b70f43db173cd6d4",
    "settings": {
      "fd_thres": 0.2,
      "testing": false
    },
    "software": "mriqc",
    "version": "21.0.0rc2",
    "webapi_port": null,
    "webapi_url": "https://mriqc.nimh.nih.gov/api/v1"
  },
  "size_t": 600,
  "size_x": 84,
  "size_y": 84,
  "size_z": 48,
  "snr": 5.446406085616776,
  "spacing_tr": 1.0,
  "spacing_x": 2.4761905670166016,
  "spacing_y": 2.4761905670166016,
  "spacing_z": 3.0,
  "summary_bg_k": 26.057467392525446,
  "summary_bg_mad": 33.9614735366145,
  "summary_bg_mean": 143.30712890625,
  "summary_bg_median": 52.788333892822266,
  "summary_bg_n": 228629.0,
  "summary_bg_p05": 24.85733337402344,
  "summary_bg_p95": 561.2920043945307,
  "summary_bg_stdv": 262.9335021972656,
  "summary_fg_k": 4.398938162725286,
  "summary_fg_mad": 617.0122776665845,
  "summary_fg_mean": 3643.472900390625,
  "summary_fg_median": 3601.939453125,
  "summary_fg_n": 54490.0,
  "summary_fg_p05": 2735.929895019531,
  "summary_fg_p95": 4661.202905273438,
  "summary_fg_stdv": 661.3363647460938,
  "tsnr": 50.86879742750898
}