{
  "aor": 0.0002633166666666667,
  "aqi": 0.009292864466666667,
  "bids_meta": {
    "AcquisitionMatrixPE": 84,
    "AcquisitionNumber": 1,
    "AcquisitionTime": "15:18:41.367500",
    "BandwidthPerPixelPhaseEncode": 33.069,
    "BaseResolution": 84,
    "BodyPartExamined": "BRAIN",
    "ConsistencyInfo": "N4_VE11B_LATEST_20150530",
    "ConversionSoftware": "dcm2niix",
    "ConversionSoftwareVersion": "v1.0.20181125  GCC4.8.5",
    "DerivedVendorReportedEchoSpacing": 0.000719995,
    "DeviceSerialNumber": "67007",
    "DwellTime": 3.8e-06,
    "EchoTime": 0.03,
    "EchoTrainLength": 36,
    "EffectiveEchoSpacing": 0.000359998,
    "FlipAngle": 40,
    "ImageComments": "Unaliased_MB3_PE4",
    "ImageOrientationPatientDICOM": [
      1,
      0,
      0,
      0,
      0.846193,
      -0.532876
    ],
    "ImageType": [
      "ORIGINAL",
      "PRIMARY",
      "M",
      "MB",
      "ND",
      "NORM",
      "MOSAIC"
    ],
    "ImagingFrequency": 123.211,
    "InPlanePhaseEncodingDirectionDICOM": "COL",
    "InstitutionAddress": "Perth_Drive_100_London_Ontario_CA_N6A_5K8",
    "InstitutionName": "Robarts_Research_Institute",
    "InstitutionalDepartmentName": "CFMM",
    "MRAcquisitionType": "2D",
    "MagneticFieldStrength": 3,
    "Manufacturer": "Siemens",
    "ManufacturersModelName": "Prisma_fit",
    "Modality": "MR",
    "MultibandAccelerationFactor": 3,
    "ParallelReductionFactorInPlane": 2,
    "PartialFourier": 0.875,
    "PatientPosition": "HFS",
    "PercentPhaseFOV": 100,
    "PhaseEncodingDirection": "j-",
    "PhaseEncodingSteps": 73,
    "PhaseResolution": 1,
    "PixelBandwidth": 1565,
    "ProcedureStepDescription": "Diedrichsen_MCC",
    "ProtocolName": "ep_bold_mb3_p2",
    "PulseSequenceDetails": "%CustomerSeq%_cmrr_mbep2d_bold",
    "ReceiveCoilActiveElements": "HEA;HEP",
    "ReceiveCoilName": "Head_32",
    "ReconMatrixPE": 84,
    "RepetitionTime": 1,
    "SAR": 0.072636,
    "ScanOptions": "PFP_FS_EXT",
    "ScanningSequence": "EP",
    "SequenceName": "epfid2d1_84",
    "SequenceVariant": "SK_SS",
    "SeriesDescription": "ep_bold_mb3_p2",
    "SeriesNumber": 2,
    "ShimSetting": [
      5237,
      -6195,
      -3936,
      579,
      39,
      -155,
      -132,
      -5
    ],
    "SliceThickness": 3,
    "SliceTiming": [
      0,
      0.4275,
      0.8575,
      0.305,
      0.735,
      0.1825,
      0.6125,
      0.06,
      0.49,
      0.9175,
      0.3675,
      0.795,
      0.245,
      0.6725,
      0.1225,
      0.55,
      0,
      0.4275,
      0.8575,
      0.305,
      0.735,
      0.1825,
      0.6125,
      0.06,
      0.49,
      0.9175,
      0.3675,
      0.795,
      0.245,
      0.6725,
      0.1225,
      0.55,
      0,
      0.4275,
      0.8575,
      0.305,
      0.735,
      0.1825,
      0.6125,
      0.06,
      0.49,
      0.9175,
      0.3675,
      0.795,
      0.245,
      0.6725,
      0.1225,
      0.55
    ],
    "SoftwareVersions": "syngo_MR_E11",
    "SpacingBetweenSlices": 3,
    "StationName": "MRC35368",
    "TaskName": "b",
    "TotalReadoutTime": 0.0298798,
    "TxRefAmp": 264.254,
    "WipMemBlock": "1dc0a1a7-0d0c-4b07-b1da-18275c89dfcb||Sequence: ve11b/master r/50434d5; Mar  3 2017 10:46:13 by eja",
    "dataset": "ds002105",
    "modality": "bold",
    "run_id": 1,
    "session_id": "b1",
    "subject_id": "31",
    "task_id": "b"
  },
  "dummy_trs": 1,
  "dvars_nstd": 31.212996271051733,
  "dvars_std": 1.1132119261936573,
  "dvars_vstd": 1.002443911268781,
  "efc": 0.4812878386812109,
  "fber": 3919.96044921875,
  "fd_mean": 0.10489167040493773,
  "fd_num": 3,
  "fd_perc": 0.5,
  "fwhm_avg": 1.7769108342309388,
  "fwhm_x": 1.8009599339411835,
  "fwhm_y": 1.8590893681922707,
  "fwhm_z": 1.670683200559362,
  "gcor": 0.00632629,
  "gsr_x": -0.0036519805435091257,
  "gsr_y": 0.007869060151278973,
  "provenance": {
    "md5sum": "b8ceedba1575bca37bec8a106741001d",
    "settings": {
      "fd_thres": 0.2,
      "testing": false
    },
    "software": "mriqc",
    "version": "21.0.0rc2",
    "webapi_port": null,
    "webapi_url": "https://mriqc.nimh.nih.gov/api/v1"
  },
  "size_t": 600,
  "size_x": 84,
  "size_y": 84,
  "size_z": 48,
  "snr": 5.550866206913072,
  "spacing_tr": 1.0,
  "spacing_x": 2.4761905670166016,
  "spacing_y": 2.4761908054351807,
  "spacing_z": 3.000000238418579,
  "summary_bg_k": 28.974625719247143,
  "summary_bg_mad": 29.43212613446491,
  "summary_bg_mean": 113.30936431884766,
  "summary_bg_median": 45.68333435058594,
  "summary_bg_n": 224960.0,
  "summary_bg_p05": 21.23833465576172,
  "summary_bg_p95": 405.8005172729491,
  "summary_bg_stdv": 203.5511016845703,
  "summary_fg_k": 3.996725842654162,
  "summary_fg_mad": 438.13356908179856,
  "summary_fg_mean": 2983.4453125,
  "summary_fg_median": 2927.408447265625,
  "summary_fg_n": 57483.0,
  "summary_fg_p05": 2305.3591064453126,
  "summary_fg_p95": 3885.175732421874,
  "summary_fg_stdv": 527.3740844726562,
  "tsnr": 49.30208992259577
}