{
  "aor": 0.0002066722129783694,
  "aqi": 0.009626175474209651,
  "bids_meta": {
    "AcquisitionMatrixPE": 84,
    "AcquisitionNumber": 1,
    "AcquisitionTime": "15:22:32.060000",
    "BandwidthPerPixelPhaseEncode": 33.069,
    "BaseResolution": 84,
    "BodyPartExamined": "BRAIN",
    "ConsistencyInfo": "N4_VE11B_LATEST_20150530",
    "ConversionSoftware": "dcm2niix",
    "ConversionSoftwareVersion": "v1.0.20181125  GCC4.8.5",
    "DerivedVendorReportedEchoSpacing": 0.000719995,
    "DeviceSerialNumber": "67007",
    "DwellTime": 3.8e-06,
    "EchoTime": 0.03,
    "EchoTrainLength": 36,
    "EffectiveEchoSpacing": 0.000359998,
    "FlipAngle": 40,
    "ImageComments": "Unaliased_MB3_PE4",
    "ImageOrientationPatientDICOM": [
      1,
      0,
      0,
      0,
      0.910684,
      -0.413104
    ],
    "ImageType": [
      "ORIGINAL",
      "PRIMARY",
      "M",
      "MB",
      "ND",
      "NORM",
      "MOSAIC"
    ],
    "ImagingFrequency": 123.211,
    "InPlanePhaseEncodingDirectionDICOM": "COL",
    "InstitutionAddress": "Perth_Drive_100_London_Ontario_CA_N6A_5K8",
    "InstitutionName": "Robarts_Research_Institute",
    "InstitutionalDepartmentName": "CFMM",
    "MRAcquisitionType": "2D",
    "MagneticFieldStrength": 3,
    "Manufacturer": "Siemens",
    "ManufacturersModelName": "Prisma_fit",
    "Modality": "MR",
    "MultibandAccelerationFactor": 3,
    "ParallelReductionFactorInPlane": 2,
    "PartialFourier": 0.875,
    "PatientPosition": "HFS",
    "PercentPhaseFOV": 100,
    "PhaseEncodingDirection": "j-",
    "PhaseEncodingSteps": 73,
    "PhaseResolution": 1,
    "PixelBandwidth": 1565,
    "ProcedureStepDescription": "Diedrichsen_MCC",
    "ProtocolName": "ep_bold_mb3_p2",
    "PulseSequenceDetails": "%CustomerSeq%_cmrr_mbep2d_bold",
    "ReceiveCoilActiveElements": "HEA;HEP",
    "ReceiveCoilName": "Head_32",
    "ReconMatrixPE": 84,
    "RepetitionTime": 1,
    "SAR": 0.0702303,
    "ScanOptions": "PFP_FS_EXT",
    "ScanningSequence": "EP",
    "SequenceName": "epfid2d1_84",
    "SequenceVariant": "SK_SS",
    "SeriesDescription": "ep_bold_mb3_p2",
    "SeriesNumber": 3,
    "ShimSetting": [
      5216,
      -6206,
      -4023,
      466,
      -95,
      -137,
      12,
      105
    ],
    "SliceThickness": 3,
    "SliceTiming": [
      0,
      0.43,
      0.8575,
      0.3075,
      0.735,
      0.185,
      0.6125,
      0.0625,
      0.49,
      0.92,
      0.3675,
      0.7975,
      0.245,
      0.675,
      0.1225,
      0.5525,
      0,
      0.43,
      0.8575,
      0.3075,
      0.735,
      0.185,
      0.6125,
      0.0625,
      0.49,
      0.92,
      0.3675,
      0.7975,
      0.245,
      0.675,
      0.1225,
      0.5525,
      0,
      0.43,
      0.8575,
      0.3075,
      0.735,
      0.185,
      0.6125,
      0.0625,
      0.49,
      0.92,
      0.3675,
      0.7975,
      0.245,
      0.675,
      0.1225,
      0.5525
    ],
    "SoftwareVersions": "syngo_MR_E11",
    "SpacingBetweenSlices": 3,
    "StationName": "MRC35368",
    "TaskName": "a",
    "TotalReadoutTime": 0.0298798,
    "TxRefAmp": 260.234,
    "WipMemBlock": "bd4043f5-b72f-49aa-b0e8-6f2deb545ebc||Sequence: ve11b/master r/50434d5; Mar  3 2017 10:46:13 by eja",
    "dataset": "ds002105",
    "modality": "bold",
    "run_id": 1,
    "session_id": "a1",
    "subject_id": "31",
    "task_id": "a"
  },
  "dummy_trs": 0,
  "dvars_nstd": 32.84432911858329,
  "dvars_std": 1.1488529232000004,
  "dvars_vstd": 0.9867847290333319,
  "efc": 0.4755576085056846,
  "fber": 4321.93896484375,
  "fd_mean": 0.13659916594836016,
  "fd_num": 58,
  "fd_perc": 9.650582362728786,
  "fwhm_avg": 1.8513376883453825,
  "fwhm_x": 1.8588472395101971,
  "fwhm_y": 1.9604791588592838,
  "fwhm_z": 1.7346866666666667,
  "gcor": 0.00948386,
  "gsr_x": -0.0013331876834854484,
  "gsr_y": 0.008106114342808723,
  "provenance": {
    "md5sum": "f58f9f58b4739a6d95c7f2205b7f2e02",
    "settings": {
      "fd_thres": 0.2,
      "testing": false
    },
    "software": "mriqc",
    "version": "21.0.0rc2",
    "webapi_port": null,
    "webapi_url": "https://mriqc.nimh.nih.gov/api/v1"
  },
  "size_t": 601,
  "size_x": 84,
  "size_y": 84,
  "size_z": 48,
  "snr": 5.380883835119158,
  "spacing_tr": 1.0,
  "spacing_x": 2.4761905670166016,
  "spacing_y": 2.4761905670166016,
  "spacing_z": 3.0,
  "summary_bg_k": 33.14594250673167,
  "summary_bg_mad": 30.577126756412337,
  "summary_bg_mean": 111.71781158447266,
  "summary_bg_median": 47.21131134033203,
  "summary_bg_n": 224928.0,
  "summary_bg_p05": 21.672212600708008,
  "summary_bg_p95": 388.6176269531249,
  "summary_bg_stdv": 199.06776428222656,
  "summary_fg_k": 3.63859654678748,
  "summary_fg_mad": 486.4536964886091,
  "summary_fg_mean": 3229.55224609375,
  "summary_fg_median": 3158.542236328125,
  "summary_fg_n": 57496.0,
  "summary_fg_p05": 2465.1068725585938,
  "summary_fg_p95": 4248.37255859375,
  "summary_fg_stdv": 586.9880981445312,
  "tsnr": 48.127994732931256
}