{
  "bids_meta": {
    "AcquisitionMatrixPE": 256,
    "AcquisitionNumber": 1,
    "AcquisitionTime": "15:14:59.802500",
    "BaseResolution": 256,
    "BodyPartExamined": "BRAIN",
    "ConsistencyInfo": "N4_VE11B_LATEST_20150530",
    "ConversionSoftware": "dcm2niix",
    "ConversionSoftwareVersion": "v1.0.20181125  GCC4.8.5",
    "DeviceSerialNumber": "67007",
    "DwellTime": 8.2e-06,
    "EchoTime": 0.00298,
    "FlipAngle": 9,
    "ImageOrientationPatientDICOM": [
      0,
      1,
      0,
      0,
      0,
      -1
    ],
    "ImageType": [
      "ORIGINAL",
      "PRIMARY",
      "M",
      "ND",
      "NORM"
    ],
    "ImagingFrequency": 123.211,
    "InPlanePhaseEncodingDirectionDICOM": "ROW",
    "InstitutionAddress": "Perth_Drive_100_London_Ontario_CA_N6A_5K8",
    "InstitutionName": "Robarts_Research_Institute",
    "InstitutionalDepartmentName": "CFMM",
    "InversionTime": 0.9,
    "MRAcquisitionType": "3D",
    "MagneticFieldStrength": 3,
    "Manufacturer": "Siemens",
    "ManufacturersModelName": "Prisma_fit",
    "Modality": "MR",
    "PartialFourier": 1,
    "PatientPosition": "HFS",
    "PercentPhaseFOV": 100,
    "PhaseEncodingSteps": 255,
    "PhaseResolution": 1,
    "PixelBandwidth": 240,
    "ProcedureStepDescription": "Diedrichsen_MCC",
    "ProtocolName": "mprage_sag_p2",
    "PulseSequenceDetails": "%SiemensSeq%_tfl",
    "ReceiveCoilActiveElements": "HEA;HEP",
    "ReceiveCoilName": "Head_32",
    "ReconMatrixPE": 256,
    "RepetitionTime": 2.3,
    "SAR": 0.060882,
    "ScanOptions": "IR",
    "ScanningSequence": "GR_IR",
    "SequenceName": "_tfl3d1_16ns",
    "SequenceVariant": "SK_SP_MP",
    "SeriesDescription": "mprage_sag_p2",
    "SeriesNumber": 2,
    "ShimSetting": [
      5227,
      -6169,
      -4022,
      403,
      -61,
      -233,
      -20,
      103
    ],
    "SliceThickness": 1,
    "SoftwareVersions": "syngo_MR_E11",
    "StationName": "MRC35368",
    "TxRefAmp": 260.234,
    "dataset": "ds002105",
    "modality": "T1w",
    "session_id": "a1",
    "subject_id": "31"
  },
  "cjv": 0.39022154296335476,
  "cnr": 3.219982859699388,
  "efc": 0.5147300210111251,
  "fber": 10137.004530325445,
  "fwhm_avg": 3.298226666666667,
  "fwhm_x": 3.43156,
  "fwhm_y": 3.32024,
  "fwhm_z": 3.14288,
  "icvs_csf": 0.18800222299831454,
  "icvs_gm": 0.4552934752569962,
  "icvs_wm": 0.35670430174468926,
  "inu_med": 1.1714868545532227,
  "inu_range": 0.36432805061340323,
  "provenance": {
    "md5sum": "c44962febc62d1acf4f43f8d5a3f2611",
    "settings": {
      "testing": false
    },
    "software": "mriqc",
    "version": "21.0.0rc2",
    "warnings": {
      "large_rot_frame": true,
      "small_air_mask": false
    },
    "webapi_port": null,
    "webapi_url": "https://mriqc.nimh.nih.gov/api/v1"
  },
  "qi_1": 0.013792455938740447,
  "qi_2": 0.040086353256089786,
  "rpve_csf": 30.232852499841716,
  "rpve_gm": 13.968922612991406,
  "rpve_wm": 20.689517263773137,
  "size_x": 176,
  "size_y": 256,
  "size_z": 256,
  "snr_csf": 3.439572289641224,
  "snr_gm": 11.873927457291272,
  "snr_total": 11.877696122806354,
  "snr_wm": 20.319588621486563,
  "snrd_csf": 27.5039849419774,
  "snrd_gm": 45.44957361960826,
  "snrd_total": 44.77602415214758,
  "snrd_wm": 61.37451389485707,
  "spacing_x": 1.0,
  "spacing_y": 1.0,
  "spacing_z": 1.0,
  "summary_bg_k": 15652.986666612473,
  "summary_bg_mad": 10.674404755932878,
  "summary_bg_mean": 7.380808618932389,
  "summary_bg_median": 7.2696773409843445,
  "summary_bg_n": 3414179.0,
  "summary_bg_p05": 0.0,
  "summary_bg_p95": 21.739131279289722,
  "summary_bg_stdv": 13.496424880485067,
  "summary_csf_k": -0.6412572589751355,
  "summary_csf_mad": 148.30168160912572,
  "summary_csf_mean": 427.9488963795973,
  "summary_csf_median": 448.13366762548685,
  "summary_csf_n": 7973.0,
  "summary_csf_p05": 223.05327302962542,
  "summary_csf_p95": 616.9439635723829,
  "summary_csf_stdv": 130.27944343290383,
  "summary_gm_k": 0.5375089376664368,
  "summary_gm_mad": 56.791978701468125,
  "summary_gm_mean": 743.1373351488467,
  "summary_gm_median": 740.5284783691168,
  "summary_gm_n": 17468.0,
  "summary_gm_p05": 644.0654521137476,
  "summary_gm_p95": 851.9502637684345,
  "summary_gm_stdv": 62.36414059400326,
  "summary_wm_k": 1.258259850425751,
  "summary_wm_mad": 44.45941398344859,
  "summary_wm_mean": 1000.0657233429579,
  "summary_wm_median": 1000.0000388473272,
  "summary_wm_n": 174725.0,
  "summary_wm_p05": 920.383091814816,
  "summary_wm_p95": 1079.5470851361752,
  "summary_wm_stdv": 49.213455834729544,
  "tpm_overlap_csf": 0.16362008452415466,
  "tpm_overlap_gm": 0.4420557916164398,
  "tpm_overlap_wm": 0.503072202205658,
  "wm2max": 0.3890989202273778
}