{
  "bids_meta": {
    "AcquisitionMatrixPE": 256,
    "AcquisitionNumber": 1,
    "AcquisitionTime": "16:51:55.842500",
    "BaseResolution": 256,
    "BodyPartExamined": "BRAIN",
    "ConsistencyInfo": "N4_VE11B_LATEST_20150530",
    "ConversionSoftware": "dcm2niix",
    "ConversionSoftwareVersion": "v1.0.20181125  GCC4.8.5",
    "DeviceSerialNumber": "67007",
    "DwellTime": 8.9e-06,
    "EchoTime": 0.091,
    "EchoTrainLength": 18,
    "FlipAngle": 120,
    "ImageOrientationPatientDICOM": [
      1,
      0,
      0,
      0,
      0.910684,
      -0.413104
    ],
    "ImageType": [
      "ORIGINAL",
      "PRIMARY",
      "M",
      "ND",
      "NORM"
    ],
    "ImagingFrequency": 123.211,
    "InPlanePhaseEncodingDirectionDICOM": "COL",
    "InstitutionAddress": "Perth_Drive_100_London_Ontario_CA_N6A_5K8",
    "InstitutionName": "Robarts_Research_Institute",
    "InstitutionalDepartmentName": "CFMM",
    "Interpolation2D": 1,
    "MRAcquisitionType": "2D",
    "MagneticFieldStrength": 3,
    "Manufacturer": "Siemens",
    "ManufacturersModelName": "Prisma_fit",
    "Modality": "MR",
    "ParallelReductionFactorInPlane": 2,
    "PartialFourier": 1,
    "PatientPosition": "HFS",
    "PercentPhaseFOV": 100,
    "PhaseEncodingDirection": "j-",
    "PhaseEncodingSteps": 255,
    "PhaseResolution": 1,
    "PixelBandwidth": 220,
    "ProcedureStepDescription": "Diedrichsen_MCC",
    "ProtocolName": "t2_tse_tra_256_p2",
    "PulseSequenceDetails": "%SiemensSeq%_tse",
    "ReceiveCoilActiveElements": "HEA;HEP",
    "ReceiveCoilName": "Head_32",
    "ReconMatrixPE": 512,
    "RepetitionTime": 8.53,
    "SAR": 0.526994,
    "ScanningSequence": "SE",
    "SequenceName": "_tse2d1_18",
    "SequenceVariant": "SK_SP",
    "SeriesDescription": "t2_tse_tra_256_p2",
    "SeriesNumber": 25,
    "ShimSetting": [
      5237,
      -6157,
      -4055,
      53,
      3,
      -37,
      -27,
      1
    ],
    "SliceThickness": 3,
    "SoftwareVersions": "syngo_MR_E11",
    "SpacingBetweenSlices": 3,
    "StationName": "MRC35368",
    "TxRefAmp": 260.234,
    "dataset": "ds002105",
    "modality": "T2w",
    "session_id": "a1",
    "subject_id": "31"
  },
  "cjv": 0.5217962158873395,
  "cnr": 2.7083630703097383,
  "efc": 0.557215868440636,
  "fber": 4821.759290123457,
  "fwhm_avg": 5.130806847075222,
  "fwhm_x": 6.4368,
  "fwhm_y": 7.163716923076923,
  "fwhm_z": 1.7919036181487429,
  "icvs_csf": 0.1876791511536439,
  "icvs_gm": 0.42406763904517103,
  "icvs_wm": 0.38825320980118505,
  "inu_med": 1.222071647644043,
  "inu_range": 0.31831119060516344,
  "provenance": {
    "md5sum": "539e28e9d539b9f8e799bcf197fb17c0",
    "settings": {
      "testing": false
    },
    "software": "mriqc",
    "version": "21.0.0rc2",
    "warnings": {
      "large_rot_frame": true,
      "small_air_mask": false
    },
    "webapi_port": null,
    "webapi_url": "https://mriqc.nimh.nih.gov/api/v1"
  },
  "qi_1": 0.0008181798161311607,
  "qi_2": 0.008005224351542106,
  "rpve_csf": 15.687132209943847,
  "rpve_gm": 7.696974216451465,
  "rpve_wm": 9.412253339404979,
  "size_x": 512,
  "size_y": 512,
  "size_z": 48,
  "snr_csf": 3.506762742716528,
  "snr_gm": 11.02941481013951,
  "snr_total": 7.688425335094966,
  "snr_wm": 8.529098452428858,
  "snrd_csf": 236.8565303152143,
  "snrd_gm": 108.97565620080923,
  "snrd_total": 139.55639890301194,
  "snrd_wm": 72.83701019301232,
  "spacing_x": 0.40625,
  "spacing_y": 0.40625,
  "spacing_z": 2.999999523162842,
  "summary_bg_k": 1285.5129088668639,
  "summary_bg_mad": 9.173572595130352,
  "summary_bg_mean": 20.693135373229996,
  "summary_bg_median": 12.374961376190186,
  "summary_bg_n": 3584296.0,
  "summary_bg_p05": 0.0,
  "summary_bg_p95": 61.56543284654617,
  "summary_bg_stdv": 38.33031607428121,
  "summary_csf_k": 1.4582295524570252,
  "summary_csf_mad": 863.8447527081082,
  "summary_csf_mean": 3281.8964284344815,
  "summary_csf_median": 3316.5927734971046,
  "summary_csf_n": 387833.0,
  "summary_csf_p05": 1046.2411095500001,
  "summary_csf_p95": 4617.819962203503,
  "summary_csf_stdv": 945.7692866683713,
  "summary_gm_k": -0.20225237276031116,
  "summary_gm_mad": 145.85980426257262,
  "summary_gm_mean": 1532.996166586972,
  "summary_gm_median": 1525.9358623623848,
  "summary_gm_n": 722643.0,
  "summary_gm_p05": 1320.6146281957626,
  "summary_gm_p95": 1767.2476091980934,
  "summary_gm_stdv": 138.35138425995143,
  "summary_wm_k": 0.05475694298622669,
  "summary_wm_mad": 118.18619360059604,
  "summary_wm_mean": 1009.1625320910575,
  "summary_wm_median": 1019.9030667543411,
  "summary_wm_n": 818843.0,
  "summary_wm_p05": 791.4819046854973,
  "summary_wm_p95": 1187.1712946891785,
  "summary_wm_stdv": 119.57916181550019,
  "tpm_overlap_csf": 0.15323564410209656,
  "tpm_overlap_gm": 0.408698707818985,
  "tpm_overlap_wm": 0.44884926080703735,
  "wm2max": 0.2049486074270557
}