{
  "aor": 0.00021345000000000004,
  "aqi": 0.009323539766666666,
  "bids_meta": {
    "AcquisitionMatrixPE": 84,
    "AcquisitionNumber": 1,
    "AcquisitionTime": "11:35:21.725000",
    "BandwidthPerPixelPhaseEncode": 33.069,
    "BaseResolution": 84,
    "BodyPartExamined": "BRAIN",
    "ConsistencyInfo": "N4_VE11B_LATEST_20150530",
    "ConversionSoftware": "dcm2niix",
    "ConversionSoftwareVersion": "v1.0.20181125  GCC4.8.5",
    "DerivedVendorReportedEchoSpacing": 0.000719995,
    "DeviceSerialNumber": "67007",
    "DwellTime": 3.8e-06,
    "EchoTime": 0.03,
    "EchoTrainLength": 36,
    "EffectiveEchoSpacing": 0.000359998,
    "FlipAngle": 40,
    "ImageComments": "Unaliased_MB3_PE4",
    "ImageOrientationPatientDICOM": [
      1,
      0,
      0,
      0,
      0.91212,
      -0.409923
    ],
    "ImageType": [
      "ORIGINAL",
      "PRIMARY",
      "M",
      "MB",
      "ND",
      "NORM",
      "MOSAIC"
    ],
    "ImagingFrequency": 123.211,
    "InPlanePhaseEncodingDirectionDICOM": "COL",
    "InstitutionAddress": "Perth_Drive_100_London_Ontario_CA_N6A_5K8",
    "InstitutionName": "Robarts_Research_Institute",
    "InstitutionalDepartmentName": "CFMM",
    "MRAcquisitionType": "2D",
    "MagneticFieldStrength": 3,
    "Manufacturer": "Siemens",
    "ManufacturersModelName": "Prisma_fit",
    "Modality": "MR",
    "MultibandAccelerationFactor": 3,
    "ParallelReductionFactorInPlane": 2,
    "PartialFourier": 0.875,
    "PatientPosition": "HFS",
    "PercentPhaseFOV": 100,
    "PhaseEncodingDirection": "j-",
    "PhaseEncodingSteps": 73,
    "PhaseResolution": 1,
    "PixelBandwidth": 1565,
    "ProcedureStepDescription": "Diedrichsen_MCC",
    "ProtocolName": "ep_bold_mb3_p2",
    "PulseSequenceDetails": "%CustomerSeq%_cmrr_mbep2d_bold",
    "ReceiveCoilActiveElements": "HEA;HEP",
    "ReceiveCoilName": "Head_32",
    "ReconMatrixPE": 84,
    "RepetitionTime": 1,
    "SAR": 0.112664,
    "ScanOptions": "PFP_FS_EXT",
    "ScanningSequence": "EP",
    "SequenceName": "epfid2d1_84",
    "SequenceVariant": "SK_SS",
    "SeriesDescription": "ep_bold_mb3_p2",
    "SeriesNumber": 10,
    "ShimSetting": [
      5222,
      -6175,
      -3813,
      523,
      -63,
      -47,
      -2,
      4
    ],
    "SliceThickness": 3,
    "SliceTiming": [
      0,
      0.43,
      0.8575,
      0.3075,
      0.735,
      0.185,
      0.6125,
      0.0625,
      0.49,
      0.92,
      0.3675,
      0.7975,
      0.245,
      0.675,
      0.1225,
      0.5525,
      0,
      0.43,
      0.8575,
      0.3075,
      0.735,
      0.185,
      0.6125,
      0.0625,
      0.49,
      0.92,
      0.3675,
      0.7975,
      0.245,
      0.675,
      0.1225,
      0.5525,
      0,
      0.43,
      0.8575,
      0.3075,
      0.735,
      0.185,
      0.6125,
      0.0625,
      0.49,
      0.92,
      0.3675,
      0.7975,
      0.245,
      0.675,
      0.1225,
      0.5525
    ],
    "SoftwareVersions": "syngo_MR_E11",
    "SpacingBetweenSlices": 3,
    "StationName": "MRC35368",
    "TaskName": "a",
    "TotalReadoutTime": 0.0298798,
    "TxRefAmp": 307.168,
    "WipMemBlock": "3028f807-480c-4f53-9e0c-77c9837b977c||Sequence: ve11b/master r/50434d5; Mar  3 2017 10:46:13 by eja",
    "dataset": "ds002105",
    "modality": "bold",
    "run_id": 8,
    "session_id": "a2",
    "subject_id": "21",
    "task_id": "a"
  },
  "dummy_trs": 1,
  "dvars_nstd": 34.89383163218702,
  "dvars_std": 1.1330375335225367,
  "dvars_vstd": 0.9823830973121874,
  "efc": 0.5345462662995628,
  "fber": 3325.525390625,
  "fd_mean": 0.1032683929102012,
  "fd_num": 28,
  "fd_perc": 4.666666666666667,
  "fwhm_avg": 2.088930728872721,
  "fwhm_x": 2.0284343486743945,
  "fwhm_y": 2.2794245046104344,
  "fwhm_z": 1.9589333333333334,
  "gcor": 0.00995794,
  "gsr_x": 0.0025121846701949835,
  "gsr_y": 0.026407785713672638,
  "provenance": {
    "md5sum": "8daf50bf9d2e32dd1532971c46b5efca",
    "settings": {
      "fd_thres": 0.2,
      "testing": false
    },
    "software": "mriqc",
    "version": "21.0.0rc2",
    "webapi_port": null,
    "webapi_url": "https://mriqc.nimh.nih.gov/api/v1"
  },
  "size_t": 600,
  "size_x": 84,
  "size_y": 84,
  "size_z": 48,
  "snr": 4.559741329784027,
  "spacing_tr": 1.0,
  "spacing_x": 2.4761905670166016,
  "spacing_y": 2.4761908054351807,
  "spacing_z": 3.0,
  "summary_bg_k": 16.254114008181723,
  "summary_bg_mad": 41.80443921595235,
  "summary_bg_mean": 193.62057495117188,
  "summary_bg_median": 58.03166961669922,
  "summary_bg_n": 208610.0,
  "summary_bg_p05": 21.81650085449219,
  "summary_bg_p95": 900.0107696533199,
  "summary_bg_stdv": 341.3052062988281,
  "summary_fg_k": 3.111641271641772,
  "summary_fg_mad": 692.1392358842876,
  "summary_fg_mean": 3548.620361328125,
  "summary_fg_median": 3460.77099609375,
  "summary_fg_n": 70758.0,
  "summary_fg_p05": 2550.584338378906,
  "summary_fg_p95": 4831.715380859373,
  "summary_fg_stdv": 758.9786987304688,
  "tsnr": 42.11204072460532
}