{
  "aor": 0.00021901830282861897,
  "aqi": 0.008735144143094842,
  "bids_meta": {
    "AcquisitionMatrixPE": 84,
    "AcquisitionNumber": 1,
    "AcquisitionTime": "13:36:38.067500",
    "BandwidthPerPixelPhaseEncode": 33.069,
    "BaseResolution": 84,
    "BodyPartExamined": "BRAIN",
    "ConsistencyInfo": "N4_VE11B_LATEST_20150530",
    "ConversionSoftware": "dcm2niix",
    "ConversionSoftwareVersion": "v1.0.20181125  GCC4.8.5",
    "DerivedVendorReportedEchoSpacing": 0.000719995,
    "DeviceSerialNumber": "67007",
    "DwellTime": 3.8e-06,
    "EchoTime": 0.03,
    "EchoTrainLength": 36,
    "EffectiveEchoSpacing": 0.000359998,
    "FlipAngle": 40,
    "ImageComments": "Unaliased_MB3_PE4",
    "ImageOrientationPatientDICOM": [
      1,
      0,
      0,
      0,
      0.979925,
      -0.199368
    ],
    "ImageType": [
      "ORIGINAL",
      "PRIMARY",
      "M",
      "MB",
      "ND",
      "NORM",
      "MOSAIC"
    ],
    "ImagingFrequency": 123.211,
    "InPlanePhaseEncodingDirectionDICOM": "COL",
    "InstitutionAddress": "Perth_Drive_100_London_Ontario_CA_N6A_5K8",
    "InstitutionName": "Robarts_Research_Institute",
    "InstitutionalDepartmentName": "CFMM",
    "MRAcquisitionType": "2D",
    "MagneticFieldStrength": 3,
    "Manufacturer": "Siemens",
    "ManufacturersModelName": "Prisma_fit",
    "Modality": "MR",
    "MultibandAccelerationFactor": 3,
    "ParallelReductionFactorInPlane": 2,
    "PartialFourier": 0.875,
    "PatientPosition": "HFS",
    "PercentPhaseFOV": 100,
    "PhaseEncodingDirection": "j-",
    "PhaseEncodingSteps": 73,
    "PhaseResolution": 1,
    "PixelBandwidth": 1565,
    "ProcedureStepDescription": "Diedrichsen_Maebdh",
    "ProtocolName": "ep_bold_mb3_p2",
    "PulseSequenceDetails": "%CustomerSeq%_cmrr_mbep2d_bold",
    "ReceiveCoilActiveElements": "HEA;HEP",
    "ReceiveCoilName": "Head_32",
    "ReconMatrixPE": 84,
    "RepetitionTime": 1,
    "SAR": 0.0837074,
    "ScanOptions": "PFP_FS_EXT",
    "ScanningSequence": "EP",
    "SequenceName": "epfid2d1_84",
    "SequenceVariant": "SK_SS",
    "SeriesDescription": "ep_bold_mb3_p2",
    "SeriesNumber": 9,
    "ShimSetting": [
      5235,
      -6148,
      -3828,
      659,
      -26,
      -20,
      24,
      -11
    ],
    "SliceThickness": 3,
    "SliceTiming": [
      0,
      0.4275,
      0.855,
      0.305,
      0.7325,
      0.1825,
      0.61,
      0.06,
      0.4875,
      0.9175,
      0.365,
      0.795,
      0.245,
      0.6725,
      0.1225,
      0.55,
      0,
      0.4275,
      0.855,
      0.305,
      0.7325,
      0.1825,
      0.61,
      0.06,
      0.4875,
      0.9175,
      0.365,
      0.795,
      0.245,
      0.6725,
      0.1225,
      0.55,
      0,
      0.4275,
      0.855,
      0.305,
      0.7325,
      0.1825,
      0.61,
      0.06,
      0.4875,
      0.9175,
      0.365,
      0.795,
      0.245,
      0.6725,
      0.1225,
      0.55
    ],
    "SoftwareVersions": "syngo_MR_E11",
    "SpacingBetweenSlices": 3,
    "StationName": "MRC35368",
    "TaskName": "a",
    "TotalReadoutTime": 0.0298798,
    "TxRefAmp": 253.354,
    "WipMemBlock": "54967941-d2e2-496b-aa33-5444dd9f144e||Sequence: ve11b/master r/50434d5; Mar  3 2017 10:46:13 by eja",
    "dataset": "ds002105",
    "modality": "bold",
    "run_id": 7,
    "session_id": "a1",
    "subject_id": "20",
    "task_id": "a"
  },
  "dummy_trs": 0,
  "dvars_nstd": 31.444288015349944,
  "dvars_std": 1.1306311521166672,
  "dvars_vstd": 0.9958192396333326,
  "efc": 0.4744495700574453,
  "fber": 4213.23876953125,
  "fd_mean": 0.10696657576857713,
  "fd_num": 29,
  "fd_perc": 4.825291181364393,
  "fwhm_avg": 1.8016411507152477,
  "fwhm_x": 1.688480707297666,
  "fwhm_y": 2.0628460781814106,
  "fwhm_z": 1.6535966666666668,
  "gcor": 0.0126995,
  "gsr_x": -0.01679110713303089,
  "gsr_y": 0.027244726195931435,
  "provenance": {
    "md5sum": "52752c723e32801725707201b5661b8a",
    "settings": {
      "fd_thres": 0.2,
      "testing": false
    },
    "software": "mriqc",
    "version": "21.0.0rc2",
    "webapi_port": null,
    "webapi_url": "https://mriqc.nimh.nih.gov/api/v1"
  },
  "size_t": 601,
  "size_x": 84,
  "size_y": 84,
  "size_z": 48,
  "snr": 5.507220582517002,
  "spacing_tr": 1.0,
  "spacing_x": 2.4761905670166016,
  "spacing_y": 2.4761905670166016,
  "spacing_z": 3.0,
  "summary_bg_k": 24.058610095375883,
  "summary_bg_mad": 34.86212056339845,
  "summary_bg_mean": 140.2305450439453,
  "summary_bg_median": 54.11480712890625,
  "summary_bg_n": 228573.0,
  "summary_bg_p05": 25.297836303710938,
  "summary_bg_p95": 547.3424072265625,
  "summary_bg_stdv": 247.15103149414062,
  "summary_fg_k": 3.2527291510086664,
  "summary_fg_mad": 613.4813243849629,
  "summary_fg_mean": 3621.9658203125,
  "summary_fg_median": 3582.673828125,
  "summary_fg_n": 54465.0,
  "summary_fg_p05": 2716.984033203125,
  "summary_fg_p95": 4655.879589843749,
  "summary_fg_stdv": 650.5352172851562,
  "tsnr": 48.52608907967806
}