{
  "aor": 0.0018535000000000001,
  "aqi": 0.014746219433333334,
  "bids_meta": {
    "AcquisitionMatrixPE": 84,
    "AcquisitionNumber": 1,
    "AcquisitionTime": "15:56:6.242500",
    "BandwidthPerPixelPhaseEncode": 33.069,
    "BaseResolution": 84,
    "BodyPartExamined": "BRAIN",
    "ConsistencyInfo": "N4_VE11B_LATEST_20150530",
    "ConversionSoftware": "dcm2niix",
    "ConversionSoftwareVersion": "v1.0.20181125  GCC4.8.5",
    "DerivedVendorReportedEchoSpacing": 0.000719995,
    "DeviceSerialNumber": "67007",
    "DwellTime": 3.8e-06,
    "EchoTime": 0.03,
    "EchoTrainLength": 36,
    "EffectiveEchoSpacing": 0.000359998,
    "FlipAngle": 40,
    "ImageComments": "Unaliased_MB3_PE4",
    "ImageOrientationPatientDICOM": [
      1,
      0,
      0,
      0,
      0.961741,
      -0.273959
    ],
    "ImageType": [
      "ORIGINAL",
      "PRIMARY",
      "M",
      "MB",
      "ND",
      "NORM",
      "MOSAIC"
    ],
    "ImagingFrequency": 123.211,
    "InPlanePhaseEncodingDirectionDICOM": "COL",
    "InstitutionAddress": "Perth_Drive_100_London_Ontario_CA_N6A_5K8",
    "InstitutionName": "Robarts-CFMM",
    "InstitutionalDepartmentName": "CFMM",
    "MRAcquisitionType": "2D",
    "MagneticFieldStrength": 3,
    "Manufacturer": "Siemens",
    "ManufacturersModelName": "Prisma_fit",
    "Modality": "MR",
    "MultibandAccelerationFactor": 3,
    "ParallelReductionFactorInPlane": 2,
    "PartialFourier": 0.875,
    "PatientPosition": "HFS",
    "PercentPhaseFOV": 100,
    "PhaseEncodingDirection": "j-",
    "PhaseEncodingSteps": 73,
    "PhaseResolution": 1,
    "PixelBandwidth": 1565,
    "ProcedureStepDescription": "Diedrichsen_Feb2016",
    "ProtocolName": "ep_bold_mb3_p2",
    "PulseSequenceDetails": "%CustomerSeq%_cmrr_mbep2d_bold",
    "ReceiveCoilActiveElements": "HEA;HEP",
    "ReceiveCoilName": "Head_32",
    "ReconMatrixPE": 84,
    "RepetitionTime": 1,
    "SAR": 0.0857641,
    "ScanOptions": "PFP_FS",
    "ScanningSequence": "EP",
    "SequenceName": "epfid2d1_84",
    "SequenceVariant": "SK_SS",
    "SeriesDescription": "ep_bold_mb3_p2",
    "SeriesNumber": 6,
    "ShimSetting": [
      5248,
      -6147,
      -3772,
      569,
      64,
      246,
      -43,
      26
    ],
    "SliceThickness": 3,
    "SliceTiming": [
      0,
      0.43,
      0.8575,
      0.3075,
      0.735,
      0.185,
      0.6125,
      0.0625,
      0.49,
      0.92,
      0.3675,
      0.7975,
      0.245,
      0.675,
      0.1225,
      0.5525,
      0,
      0.43,
      0.8575,
      0.3075,
      0.735,
      0.185,
      0.6125,
      0.0625,
      0.49,
      0.92,
      0.3675,
      0.7975,
      0.245,
      0.675,
      0.1225,
      0.5525,
      0,
      0.43,
      0.8575,
      0.3075,
      0.735,
      0.185,
      0.6125,
      0.0625,
      0.49,
      0.92,
      0.3675,
      0.7975,
      0.245,
      0.675,
      0.1225,
      0.5525
    ],
    "SoftwareVersions": "syngo_MR_E11",
    "SpacingBetweenSlices": 3,
    "StationName": "MRC35368",
    "TaskName": "a",
    "TotalReadoutTime": 0.0298798,
    "TxRefAmp": 282.687,
    "WipMemBlock": "31a99270-7aff-4e7d-a2c0-9f6d086f01ed||Sequence: ve11b/R013 r/f10bb7f; Apr  4 2016 11:55:08 by eja",
    "dataset": "ds002105",
    "modality": "bold",
    "run_id": 5,
    "session_id": "a2",
    "subject_id": "04",
    "task_id": "a"
  },
  "dummy_trs": 1,
  "dvars_nstd": 36.12321420288815,
  "dvars_std": 1.1932106597328866,
  "dvars_vstd": 1.0116439816861444,
  "efc": 0.5175760237304391,
  "fber": 3966.721435546875,
  "fd_mean": 0.15468391528501516,
  "fd_num": 127,
  "fd_perc": 21.166666666666668,
  "fwhm_avg": 1.9071425794365746,
  "fwhm_x": 1.8341076250330255,
  "fwhm_y": 2.154620113276698,
  "fwhm_z": 1.7327000000000001,
  "gcor": 0.00654607,
  "gsr_x": -0.0025725988671183586,
  "gsr_y": 0.04199202358722687,
  "provenance": {
    "md5sum": "68350c089b9152cac7d94b8c845ca6ee",
    "settings": {
      "fd_thres": 0.2,
      "testing": false
    },
    "software": "mriqc",
    "version": "21.0.0rc2",
    "webapi_port": null,
    "webapi_url": "https://mriqc.nimh.nih.gov/api/v1"
  },
  "size_t": 600,
  "size_x": 84,
  "size_y": 84,
  "size_z": 48,
  "snr": 4.55068706430884,
  "spacing_tr": 1.0,
  "spacing_x": 2.4761905670166016,
  "spacing_y": 2.4761905670166016,
  "spacing_z": 3.0,
  "summary_bg_k": 19.35764102791154,
  "summary_bg_mad": 42.50620571766918,
  "summary_bg_mean": 196.13201904296875,
  "summary_bg_median": 59.04166793823242,
  "summary_bg_n": 213975.0,
  "summary_bg_p05": 23.520000457763672,
  "summary_bg_p95": 889.6948547363279,
  "summary_bg_stdv": 355.7813720703125,
  "summary_fg_k": 4.435735057739641,
  "summary_fg_mad": 667.1326302037021,
  "summary_fg_mean": 3881.756103515625,
  "summary_fg_median": 3756.641845703125,
  "summary_fg_n": 66402.0,
  "summary_fg_p05": 2879.600634765625,
  "summary_fg_p95": 5303.728369140624,
  "summary_fg_stdv": 825.5046997070312,
  "tsnr": 38.88229468627833
}