{
  "aor": 0.0005810183639398998,
  "aqi": 0.014857092804674458,
  "bids_meta": {
    "AcquisitionMatrixPE": 84,
    "AcquisitionNumber": 1,
    "AcquisitionTime": "12:57:26.912500",
    "BandwidthPerPixelPhaseEncode": 33.069,
    "BaseResolution": 84,
    "BodyPartExamined": "BRAIN",
    "ConsistencyInfo": "N4_VE11B_LATEST_20150530",
    "ConversionSoftware": "dcm2niix",
    "ConversionSoftwareVersion": "v1.0.20181125  GCC4.8.5",
    "DerivedVendorReportedEchoSpacing": 0.000719995,
    "DeviceSerialNumber": "67007",
    "DwellTime": 3.8e-06,
    "EchoTime": 0.03,
    "EchoTrainLength": 36,
    "EffectiveEchoSpacing": 0.000359998,
    "FlipAngle": 40,
    "ImageComments": "Unaliased_MB3_PE4",
    "ImageOrientationPatientDICOM": [
      0.999892,
      -0.00578501,
      -0.013496,
      -2.57027e-08,
      0.919119,
      -0.39398
    ],
    "ImageType": [
      "ORIGINAL",
      "PRIMARY",
      "M",
      "MB",
      "ND",
      "NORM",
      "MOSAIC"
    ],
    "ImagingFrequency": 123.211,
    "InPlanePhaseEncodingDirectionDICOM": "COL",
    "InstitutionAddress": "Perth_Drive_100_London_Ontario_CA_N6A_5K8",
    "InstitutionName": "Robarts_Research_Institute",
    "InstitutionalDepartmentName": "CFMM",
    "MRAcquisitionType": "2D",
    "MagneticFieldStrength": 3,
    "Manufacturer": "Siemens",
    "ManufacturersModelName": "Prisma_fit",
    "Modality": "MR",
    "MultibandAccelerationFactor": 3,
    "ParallelReductionFactorInPlane": 2,
    "PartialFourier": 0.875,
    "PatientPosition": "HFS",
    "PercentPhaseFOV": 100,
    "PhaseEncodingDirection": "j-",
    "PhaseEncodingSteps": 73,
    "PhaseResolution": 1,
    "PixelBandwidth": 1565,
    "ProcedureStepDescription": "Diedrichsen_MCC",
    "ProtocolName": "ep_bold_mb3_p2",
    "PulseSequenceDetails": "%CustomerSeq%_cmrr_mbep2d_bold",
    "ReceiveCoilActiveElements": "HEA;HEP",
    "ReceiveCoilName": "Head_32",
    "ReconMatrixPE": 84,
    "RepetitionTime": 1,
    "SAR": 0.0693854,
    "ScanOptions": "PFP_FS_EXT",
    "ScanningSequence": "EP",
    "SequenceName": "epfid2d1_84",
    "SequenceVariant": "SK_SS",
    "SeriesDescription": "ep_bold_mb3_p2",
    "SeriesNumber": 10,
    "ShimSetting": [
      5230,
      -6225,
      -3941,
      665,
      88,
      -61,
      12,
      22
    ],
    "SliceThickness": 3,
    "SliceTiming": [
      0,
      0.4275,
      0.8575,
      0.305,
      0.735,
      0.1825,
      0.6125,
      0.06,
      0.49,
      0.9175,
      0.3675,
      0.795,
      0.245,
      0.6725,
      0.1225,
      0.55,
      0,
      0.4275,
      0.8575,
      0.305,
      0.735,
      0.1825,
      0.6125,
      0.06,
      0.49,
      0.9175,
      0.3675,
      0.795,
      0.245,
      0.6725,
      0.1225,
      0.55,
      0,
      0.4275,
      0.8575,
      0.305,
      0.735,
      0.1825,
      0.6125,
      0.06,
      0.49,
      0.9175,
      0.3675,
      0.795,
      0.245,
      0.6725,
      0.1225,
      0.55
    ],
    "SoftwareVersions": "syngo_MR_E11",
    "SpacingBetweenSlices": 3,
    "StationName": "MRC35368",
    "TaskName": "b",
    "TotalReadoutTime": 0.0298798,
    "TxRefAmp": 266.11,
    "WipMemBlock": "0197d173-0f6c-4c54-887f-6a962f13aa29||Sequence: ve11b/master r/50434d5; Mar  3 2017 10:46:13 by eja",
    "dataset": "ds002105",
    "modality": "bold",
    "run_id": 5,
    "session_id": "b1",
    "subject_id": "29",
    "task_id": "b"
  },
  "dummy_trs": 2,
  "dvars_nstd": 32.5039007892642,
  "dvars_std": 1.09084303513378,
  "dvars_vstd": 0.9754905725585278,
  "efc": 0.5363116949876915,
  "fber": 4251.48046875,
  "fd_mean": 0.14905398701128592,
  "fd_num": 97,
  "fd_perc": 16.19365609348915,
  "fwhm_avg": 2.036627063902816,
  "fwhm_x": 1.9606124280851647,
  "fwhm_y": 2.250028763623283,
  "fwhm_z": 1.89924,
  "gcor": 0.0172713,
  "gsr_x": -0.0074348244816064835,
  "gsr_y": 0.02751975506544113,
  "provenance": {
    "md5sum": "e1707b26d8d4e0110d7ff7e2dbf13ba4",
    "settings": {
      "fd_thres": 0.2,
      "testing": false
    },
    "software": "mriqc",
    "version": "21.0.0rc2",
    "webapi_port": null,
    "webapi_url": "https://mriqc.nimh.nih.gov/api/v1"
  },
  "size_t": 599,
  "size_x": 84,
  "size_y": 84,
  "size_z": 48,
  "snr": 4.488171003275296,
  "spacing_tr": 1.0,
  "spacing_x": 2.4761905670166016,
  "spacing_y": 2.4761905670166016,
  "spacing_z": 3.0,
  "summary_bg_k": 19.704575878767084,
  "summary_bg_mad": 37.76056536987361,
  "summary_bg_mean": 186.84933471679688,
  "summary_bg_median": 55.547576904296875,
  "summary_bg_n": 204333.0,
  "summary_bg_p05": 24.564273834228516,
  "summary_bg_p95": 823.7268554687489,
  "summary_bg_stdv": 353.281982421875,
  "summary_fg_k": 6.0378523295626,
  "summary_fg_mad": 627.3559256883436,
  "summary_fg_mean": 3853.360595703125,
  "summary_fg_median": 3720.644287109375,
  "summary_fg_n": 74306.0,
  "summary_fg_p05": 2921.8046264648438,
  "summary_fg_p95": 5170.07275390625,
  "summary_fg_stdv": 828.9833984375,
  "tsnr": 39.110724263009615
}