{
  "aor": 0.0015414475873544093,
  "aqi": 0.013202896688851913,
  "bids_meta": {
    "AcquisitionMatrixPE": 84,
    "AcquisitionNumber": 1,
    "AcquisitionTime": "13:18:46.437500",
    "BandwidthPerPixelPhaseEncode": 33.069,
    "BaseResolution": 84,
    "BodyPartExamined": "BRAIN",
    "ConsistencyInfo": "N4_VE11B_LATEST_20150530",
    "ConversionSoftware": "dcm2niix",
    "ConversionSoftwareVersion": "v1.0.20181125  GCC4.8.5",
    "DerivedVendorReportedEchoSpacing": 0.000719995,
    "DeviceSerialNumber": "67007",
    "DwellTime": 3.8e-06,
    "EchoTime": 0.03,
    "EchoTrainLength": 36,
    "EffectiveEchoSpacing": 0.000359998,
    "FlipAngle": 40,
    "ImageComments": "Unaliased_MB3_PE4",
    "ImageOrientationPatientDICOM": [
      0.999892,
      -0.00578501,
      -0.013496,
      -2.57027e-08,
      0.919119,
      -0.39398
    ],
    "ImageType": [
      "ORIGINAL",
      "PRIMARY",
      "M",
      "MB",
      "ND",
      "NORM",
      "MOSAIC"
    ],
    "ImagingFrequency": 123.211,
    "InPlanePhaseEncodingDirectionDICOM": "COL",
    "InstitutionAddress": "Perth_Drive_100_London_Ontario_CA_N6A_5K8",
    "InstitutionName": "Robarts_Research_Institute",
    "InstitutionalDepartmentName": "CFMM",
    "MRAcquisitionType": "2D",
    "MagneticFieldStrength": 3,
    "Manufacturer": "Siemens",
    "ManufacturersModelName": "Prisma_fit",
    "Modality": "MR",
    "MultibandAccelerationFactor": 3,
    "ParallelReductionFactorInPlane": 2,
    "PartialFourier": 0.875,
    "PatientPosition": "HFS",
    "PercentPhaseFOV": 100,
    "PhaseEncodingDirection": "j-",
    "PhaseEncodingSteps": 73,
    "PhaseResolution": 1,
    "PixelBandwidth": 1565,
    "ProcedureStepDescription": "Diedrichsen_MCC",
    "ProtocolName": "ep_bold_mb3_p2",
    "PulseSequenceDetails": "%CustomerSeq%_cmrr_mbep2d_bold",
    "ReceiveCoilActiveElements": "HEA;HEP",
    "ReceiveCoilName": "Head_32",
    "ReconMatrixPE": 84,
    "RepetitionTime": 1,
    "SAR": 0.0693854,
    "ScanOptions": "PFP_FS_EXT",
    "ScanningSequence": "EP",
    "SequenceName": "epfid2d1_84",
    "SequenceVariant": "SK_SS",
    "SeriesDescription": "ep_bold_mb3_p2",
    "SeriesNumber": 14,
    "ShimSetting": [
      5230,
      -6225,
      -3941,
      665,
      88,
      -61,
      12,
      22
    ],
    "SliceThickness": 3,
    "SliceTiming": [
      0,
      0.43,
      0.8575,
      0.3075,
      0.735,
      0.185,
      0.6125,
      0.0625,
      0.49,
      0.92,
      0.3675,
      0.7975,
      0.245,
      0.675,
      0.1225,
      0.5525,
      0,
      0.43,
      0.8575,
      0.3075,
      0.735,
      0.185,
      0.6125,
      0.0625,
      0.49,
      0.92,
      0.3675,
      0.7975,
      0.245,
      0.675,
      0.1225,
      0.5525,
      0,
      0.43,
      0.8575,
      0.3075,
      0.735,
      0.185,
      0.6125,
      0.0625,
      0.49,
      0.92,
      0.3675,
      0.7975,
      0.245,
      0.675,
      0.1225,
      0.5525
    ],
    "SoftwareVersions": "syngo_MR_E11",
    "SpacingBetweenSlices": 3,
    "StationName": "MRC35368",
    "TaskName": "b",
    "TotalReadoutTime": 0.0298798,
    "TxRefAmp": 266.11,
    "WipMemBlock": "9eb53cfd-5612-46b4-942f-1e35e27a7715||Sequence: ve11b/master r/50434d5; Mar  3 2017 10:46:13 by eja",
    "dataset": "ds002105",
    "modality": "bold",
    "run_id": 7,
    "session_id": "b1",
    "subject_id": "29",
    "task_id": "b"
  },
  "dummy_trs": 0,
  "dvars_nstd": 33.77066213949997,
  "dvars_std": 1.141745179866667,
  "dvars_vstd": 1.0099812174166665,
  "efc": 0.5374036553305298,
  "fber": 4088.106689453125,
  "fd_mean": 0.150494258577581,
  "fd_num": 108,
  "fd_perc": 17.970049916805323,
  "fwhm_avg": 2.03657349554477,
  "fwhm_x": 1.96213896649071,
  "fwhm_y": 2.2470281868102666,
  "fwhm_z": 1.9005533333333335,
  "gcor": 0.0221267,
  "gsr_x": -0.0077197798527777195,
  "gsr_y": 0.026604214683175087,
  "provenance": {
    "md5sum": "78c51473140e343b68546d15eb5a7fe0",
    "settings": {
      "fd_thres": 0.2,
      "testing": false
    },
    "software": "mriqc",
    "version": "21.0.0rc2",
    "webapi_port": null,
    "webapi_url": "https://mriqc.nimh.nih.gov/api/v1"
  },
  "size_t": 601,
  "size_x": 84,
  "size_y": 84,
  "size_z": 48,
  "snr": 4.471353488082442,
  "spacing_tr": 1.0,
  "spacing_x": 2.4761905670166016,
  "spacing_y": 2.4761905670166016,
  "spacing_z": 3.0,
  "summary_bg_k": 18.602720061537138,
  "summary_bg_mad": 37.77182017034521,
  "summary_bg_mean": 188.63186645507812,
  "summary_bg_median": 56.43843460083008,
  "summary_bg_n": 204218.0,
  "summary_bg_p05": 25.003326416015625,
  "summary_bg_p95": 824.5072845458982,
  "summary_bg_stdv": 357.39739990234375,
  "summary_fg_k": 6.043818993034963,
  "summary_fg_mad": 624.0978928346403,
  "summary_fg_mean": 3835.66845703125,
  "summary_fg_median": 3706.368408203125,
  "summary_fg_n": 74388.0,
  "summary_fg_p05": 2903.724267578125,
  "summary_fg_p95": 5159.7465576171835,
  "summary_fg_stdv": 828.9086303710938,
  "tsnr": 40.72183591325302
}