{
  "aor": 0.00016161666666666667,
  "aqi": 0.007337837083333333,
  "bids_meta": {
    "AcquisitionMatrixPE": 84,
    "AcquisitionNumber": 1,
    "AcquisitionTime": "11:47:48.372500",
    "BandwidthPerPixelPhaseEncode": 33.069,
    "BaseResolution": 84,
    "BodyPartExamined": "BRAIN",
    "ConsistencyInfo": "N4_VE11B_LATEST_20150530",
    "ConversionSoftware": "dcm2niix",
    "ConversionSoftwareVersion": "v1.0.20181125  GCC4.8.5",
    "DerivedVendorReportedEchoSpacing": 0.000719995,
    "DeviceSerialNumber": "67007",
    "DwellTime": 3.8e-06,
    "EchoTime": 0.03,
    "EchoTrainLength": 36,
    "EffectiveEchoSpacing": 0.000359998,
    "FlipAngle": 40,
    "ImageComments": "Unaliased_MB3_PE4",
    "ImageOrientationPatientDICOM": [
      1,
      0,
      0,
      0,
      0.887011,
      -0.461749
    ],
    "ImageType": [
      "ORIGINAL",
      "PRIMARY",
      "M",
      "MB",
      "ND",
      "NORM",
      "MOSAIC"
    ],
    "ImagingFrequency": 123.211,
    "InPlanePhaseEncodingDirectionDICOM": "COL",
    "InstitutionAddress": "Perth_Drive_100_London_Ontario_CA_N6A_5K8",
    "InstitutionName": "Robarts_Research_Institute",
    "InstitutionalDepartmentName": "CFMM",
    "MRAcquisitionType": "2D",
    "MagneticFieldStrength": 3,
    "Manufacturer": "Siemens",
    "ManufacturersModelName": "Prisma_fit",
    "Modality": "MR",
    "MultibandAccelerationFactor": 3,
    "ParallelReductionFactorInPlane": 2,
    "PartialFourier": 0.875,
    "PatientPosition": "HFS",
    "PercentPhaseFOV": 100,
    "PhaseEncodingDirection": "j-",
    "PhaseEncodingSteps": 73,
    "PhaseResolution": 1,
    "PixelBandwidth": 1565,
    "ProcedureStepDescription": "Diedrichsen_MCC",
    "ProtocolName": "ep_bold_mb3_p2",
    "PulseSequenceDetails": "%CustomerSeq%_cmrr_mbep2d_bold",
    "ReceiveCoilActiveElements": "HEA;HEP",
    "ReceiveCoilName": "Head_32",
    "ReconMatrixPE": 84,
    "RepetitionTime": 1,
    "SAR": 0.057668,
    "ScanOptions": "PFP_FS_EXT",
    "ScanningSequence": "EP",
    "SequenceName": "epfid2d1_84",
    "SequenceVariant": "SK_SS",
    "SeriesDescription": "ep_bold_mb3_p2",
    "SeriesNumber": 17,
    "ShimSetting": [
      5233,
      -6200,
      -4021,
      669,
      107,
      24,
      -39,
      -34
    ],
    "SliceThickness": 3,
    "SliceTiming": [
      0,
      0.4275,
      0.8575,
      0.305,
      0.735,
      0.1825,
      0.6125,
      0.06,
      0.49,
      0.9175,
      0.3675,
      0.795,
      0.245,
      0.6725,
      0.1225,
      0.55,
      0,
      0.4275,
      0.8575,
      0.305,
      0.735,
      0.1825,
      0.6125,
      0.06,
      0.49,
      0.9175,
      0.3675,
      0.795,
      0.245,
      0.6725,
      0.1225,
      0.55,
      0,
      0.4275,
      0.8575,
      0.305,
      0.735,
      0.1825,
      0.6125,
      0.06,
      0.49,
      0.9175,
      0.3675,
      0.795,
      0.245,
      0.6725,
      0.1225,
      0.55
    ],
    "SoftwareVersions": "syngo_MR_E11",
    "SpacingBetweenSlices": 3,
    "StationName": "MRC35368",
    "TaskName": "b",
    "TotalReadoutTime": 0.0298798,
    "TxRefAmp": 244.249,
    "WipMemBlock": "dd33922c-a3f7-4505-8110-17a1f087af85||Sequence: ve11b/master r/50434d5; Mar  3 2017 10:46:13 by eja",
    "dataset": "ds002105",
    "modality": "bold",
    "run_id": 8,
    "session_id": "b1",
    "subject_id": "22",
    "task_id": "b"
  },
  "dummy_trs": 1,
  "dvars_nstd": 29.118339720133545,
  "dvars_std": 1.1040467301669452,
  "dvars_vstd": 0.9941077344741236,
  "efc": 0.4595572908236506,
  "fber": 4921.44921875,
  "fd_mean": 0.07648788400879833,
  "fd_num": 0,
  "fd_perc": 0.0,
  "fwhm_avg": 1.8510054236313467,
  "fwhm_x": 1.7978018571339438,
  "fwhm_y": 2.001631080426763,
  "fwhm_z": 1.7535833333333333,
  "gcor": 0.00816194,
  "gsr_x": -0.016350924968719482,
  "gsr_y": 0.025235304608941078,
  "provenance": {
    "md5sum": "0266cef6fb4abc38e96fef6995e82401",
    "settings": {
      "fd_thres": 0.2,
      "testing": false
    },
    "software": "mriqc",
    "version": "21.0.0rc2",
    "webapi_port": null,
    "webapi_url": "https://mriqc.nimh.nih.gov/api/v1"
  },
  "size_t": 600,
  "size_x": 84,
  "size_y": 84,
  "size_z": 48,
  "snr": 5.129216987958095,
  "spacing_tr": 1.0,
  "spacing_x": 2.4761905670166016,
  "spacing_y": 2.4761905670166016,
  "spacing_z": 3.0,
  "summary_bg_k": 43.25864503775711,
  "summary_bg_mad": 24.42710788122808,
  "summary_bg_mean": 115.76278686523438,
  "summary_bg_median": 43.645835876464844,
  "summary_bg_n": 232370.0,
  "summary_bg_p05": 22.52166748046875,
  "summary_bg_p95": 435.09425964355466,
  "summary_bg_stdv": 231.27867126464844,
  "summary_fg_k": 4.404941824675054,
  "summary_fg_mad": 516.5312288733337,
  "summary_fg_mean": 3187.072265625,
  "summary_fg_median": 3107.7724609375,
  "summary_fg_n": 52052.0,
  "summary_fg_p05": 2437.4605346679687,
  "summary_fg_p95": 4189.570971679687,
  "summary_fg_stdv": 605.8902587890625,
  "tsnr": 52.811423876322806
}