{
  "bids_meta": {
    "AcquisitionMatrixPE": 256,
    "AcquisitionNumber": 1,
    "AcquisitionTime": "11:44:27.430000",
    "BaseResolution": 256,
    "BodyPartExamined": "BRAIN",
    "ConsistencyInfo": "N4_VE11B_LATEST_20150530",
    "ConversionSoftware": "dcm2niix",
    "ConversionSoftwareVersion": "v1.0.20181125  GCC4.8.5",
    "DeviceSerialNumber": "67007",
    "DwellTime": 8.9e-06,
    "EchoTime": 0.091,
    "EchoTrainLength": 18,
    "FlipAngle": 120,
    "ImageOrientationPatientDICOM": [
      1,
      0,
      0,
      0,
      0.944376,
      -0.328867
    ],
    "ImageType": [
      "ORIGINAL",
      "PRIMARY",
      "M",
      "ND",
      "NORM"
    ],
    "ImagingFrequency": 123.211,
    "InPlanePhaseEncodingDirectionDICOM": "COL",
    "InstitutionAddress": "Perth_Drive_100_London_Ontario_CA_N6A_5K8",
    "InstitutionName": "Robarts_Research_Institute",
    "InstitutionalDepartmentName": "CFMM",
    "Interpolation2D": 1,
    "MRAcquisitionType": "2D",
    "MagneticFieldStrength": 3,
    "Manufacturer": "Siemens",
    "ManufacturersModelName": "Prisma_fit",
    "Modality": "MR",
    "ParallelReductionFactorInPlane": 2,
    "PartialFourier": 1,
    "PatientPosition": "HFS",
    "PercentPhaseFOV": 100,
    "PhaseEncodingDirection": "j-",
    "PhaseEncodingSteps": 255,
    "PhaseResolution": 1,
    "PixelBandwidth": 220,
    "ProcedureStepDescription": "Diedrichsen_Feb2016",
    "ProtocolName": "t2_tse_tra_256_p2",
    "PulseSequenceDetails": "%SiemensSeq%_tse",
    "ReceiveCoilActiveElements": "HEA;HEP",
    "ReceiveCoilName": "Head_32",
    "ReconMatrixPE": 512,
    "RepetitionTime": 8.53,
    "SAR": 0.567548,
    "ScanningSequence": "SE",
    "SequenceName": "_tse2d1_18",
    "SequenceVariant": "SK_SP",
    "SeriesDescription": "t2_tse_tra_256_p2",
    "SeriesNumber": 11,
    "ShimSetting": [
      5237,
      -6157,
      -4055,
      53,
      3,
      -37,
      -27,
      1
    ],
    "SliceThickness": 3,
    "SoftwareVersions": "syngo_MR_E11",
    "SpacingBetweenSlices": 3,
    "StationName": "MRC35368",
    "TxRefAmp": 243.425,
    "dataset": "ds002105",
    "modality": "T2w",
    "session_id": "a1",
    "subject_id": "17"
  },
  "cjv": 0.5425354900711256,
  "cnr": 2.5687961469708567,
  "efc": 0.5747287472095357,
  "fber": 19852.809999999998,
  "fwhm_avg": 4.669503973605031,
  "fwhm_x": 5.785870769230769,
  "fwhm_y": 6.637907692307692,
  "fwhm_z": 1.5847334592766331,
  "icvs_csf": 0.1731805627644513,
  "icvs_gm": 0.43555565449547307,
  "icvs_wm": 0.3912637827400756,
  "inu_med": 1.3121380805969238,
  "inu_range": 0.3245044469833376,
  "provenance": {
    "md5sum": "214490ac292d2865faf862483f2a9b86",
    "settings": {
      "testing": false
    },
    "software": "mriqc",
    "version": "21.0.0rc2",
    "warnings": {
      "large_rot_frame": true,
      "small_air_mask": false
    },
    "webapi_port": null,
    "webapi_url": "https://mriqc.nimh.nih.gov/api/v1"
  },
  "qi_1": 0.0,
  "qi_2": 0.011296647396370634,
  "rpve_csf": 16.909201017784095,
  "rpve_gm": 7.5413506978114375,
  "rpve_wm": 9.28250010670073,
  "size_x": 512,
  "size_y": 512,
  "size_z": 48,
  "snr_csf": 2.894339502146936,
  "snr_gm": 11.911961078482067,
  "snr_total": 8.134999003923932,
  "snr_wm": 9.598696431142791,
  "snrd_csf": 274.43129533086125,
  "snrd_gm": 147.6993164227363,
  "snrd_total": 175.52320161072421,
  "snrd_wm": 104.43899307857508,
  "spacing_x": 0.40625,
  "spacing_y": 0.40625,
  "spacing_z": 2.999999761581421,
  "summary_bg_k": 351.1062117807389,
  "summary_bg_mad": 6.286874456427548,
  "summary_bg_mean": 10.445868060728314,
  "summary_bg_median": 4.240432381629944,
  "summary_bg_n": 3172558.0,
  "summary_bg_p05": 0.0,
  "summary_bg_p95": 25.336583480238914,
  "summary_bg_stdv": 32.5172420493942,
  "summary_csf_k": 0.543034326590937,
  "summary_csf_mad": 689.5129560086914,
  "summary_csf_mean": 2607.811812796455,
  "summary_csf_median": 2633.5205306112766,
  "summary_csf_n": 351242.0,
  "summary_csf_p05": 588.7840361893177,
  "summary_csf_p95": 3985.895127382131,
  "summary_csf_stdv": 909.8852362641238,
  "summary_gm_k": -0.051862855138884445,
  "summary_gm_mad": 123.22273934597995,
  "summary_gm_mean": 1423.6533712826053,
  "summary_gm_median": 1417.3645235598087,
  "summary_gm_n": 774983.0,
  "summary_gm_p05": 1243.1887634843588,
  "summary_gm_p95": 1628.3260345458984,
  "summary_gm_stdv": 118.98658833523855,
  "summary_wm_k": 0.023047124895900772,
  "summary_wm_mad": 102.00453805553697,
  "summary_wm_mean": 997.4171984986509,
  "summary_wm_median": 1002.2261933982372,
  "summary_wm_n": 823231.0,
  "summary_wm_p05": 813.6329632252455,
  "summary_wm_p95": 1162.3025158047676,
  "summary_wm_stdv": 104.4126764371153,
  "tpm_overlap_csf": 0.1337146908044815,
  "tpm_overlap_gm": 0.41696763038635254,
  "tpm_overlap_wm": 0.4305766224861145,
  "wm2max": 0.22544951590594745
}