{
  "aor": 0.0003279833333333333,
  "aqi": 0.008790560533333333,
  "bids_meta": {
    "AcquisitionMatrixPE": 84,
    "AcquisitionNumber": 1,
    "AcquisitionTime": "13:47:5.175000",
    "BandwidthPerPixelPhaseEncode": 33.069,
    "BaseResolution": 84,
    "BodyPartExamined": "BRAIN",
    "ConsistencyInfo": "N4_VE11B_LATEST_20150530",
    "ConversionSoftware": "dcm2niix",
    "ConversionSoftwareVersion": "v1.0.20181125  GCC4.8.5",
    "DerivedVendorReportedEchoSpacing": 0.000719995,
    "DeviceSerialNumber": "67007",
    "DwellTime": 3.8e-06,
    "EchoTime": 0.03,
    "EchoTrainLength": 36,
    "EffectiveEchoSpacing": 0.000359998,
    "FlipAngle": 40,
    "ImageComments": "Unaliased_MB3_PE4",
    "ImageOrientationPatientDICOM": [
      1,
      0,
      0,
      0,
      0.862514,
      -0.506034
    ],
    "ImageType": [
      "ORIGINAL",
      "PRIMARY",
      "M",
      "MB",
      "ND",
      "NORM",
      "MOSAIC"
    ],
    "ImagingFrequency": 123.211,
    "InPlanePhaseEncodingDirectionDICOM": "COL",
    "InstitutionAddress": "Perth_Drive_100_London_Ontario_CA_N6A_5K8",
    "InstitutionName": "Robarts_Research_Institute",
    "InstitutionalDepartmentName": "CFMM",
    "MRAcquisitionType": "2D",
    "MagneticFieldStrength": 3,
    "Manufacturer": "Siemens",
    "ManufacturersModelName": "Prisma_fit",
    "Modality": "MR",
    "MultibandAccelerationFactor": 3,
    "ParallelReductionFactorInPlane": 2,
    "PartialFourier": 0.875,
    "PatientPosition": "HFS",
    "PercentPhaseFOV": 100,
    "PhaseEncodingDirection": "j-",
    "PhaseEncodingSteps": 73,
    "PhaseResolution": 1,
    "PixelBandwidth": 1565,
    "ProcedureStepDescription": "Diedrichsen_MCC",
    "ProtocolName": "ep_bold_mb3_p2_RS",
    "PulseSequenceDetails": "%CustomerSeq%_cmrr_mbep2d_bold",
    "ReceiveCoilActiveElements": "HEA;HEP",
    "ReceiveCoilName": "Head_32",
    "ReconMatrixPE": 84,
    "RepetitionTime": 1,
    "SAR": 0.0901831,
    "ScanOptions": "PFP_FS_EXT",
    "ScanningSequence": "EP",
    "SequenceName": "epfid2d1_84",
    "SequenceVariant": "SK_SS",
    "SeriesDescription": "ep_bold_mb3_p2_RS",
    "SeriesNumber": 20,
    "ShimSetting": [
      5259,
      -6242,
      -3941,
      689,
      66,
      -87,
      35,
      -36
    ],
    "SliceThickness": 3,
    "SliceTiming": [
      0,
      0.4275,
      0.8575,
      0.305,
      0.735,
      0.1825,
      0.6125,
      0.06,
      0.49,
      0.9175,
      0.3675,
      0.795,
      0.245,
      0.6725,
      0.1225,
      0.55,
      0,
      0.4275,
      0.8575,
      0.305,
      0.735,
      0.1825,
      0.6125,
      0.06,
      0.49,
      0.9175,
      0.3675,
      0.795,
      0.245,
      0.6725,
      0.1225,
      0.55,
      0,
      0.4275,
      0.8575,
      0.305,
      0.735,
      0.1825,
      0.6125,
      0.06,
      0.49,
      0.9175,
      0.3675,
      0.795,
      0.245,
      0.6725,
      0.1225,
      0.55
    ],
    "SoftwareVersions": "syngo_MR_E11",
    "SpacingBetweenSlices": 3,
    "StationName": "MRC35368",
    "TaskName": "rest",
    "TotalReadoutTime": 0.0298798,
    "TxRefAmp": 261.185,
    "WipMemBlock": "29bf4caa-c569-4bec-8b87-d85871e133b8||Sequence: ve11b/master r/50434d5; Mar  3 2017 10:46:13 by eja",
    "dataset": "ds002105",
    "modality": "bold",
    "run_id": 1,
    "session_id": "rest",
    "subject_id": "28",
    "task_id": "rest"
  },
  "dummy_trs": 1,
  "dvars_nstd": 31.67028709884805,
  "dvars_std": 1.1170097803839736,
  "dvars_vstd": 0.9980111542237072,
  "efc": 0.49854290752326824,
  "fber": 4373.67724609375,
  "fd_mean": 0.11161049639853936,
  "fd_num": 44,
  "fd_perc": 7.333333333333333,
  "fwhm_avg": 1.7778149986695633,
  "fwhm_x": 1.7200735907542304,
  "fwhm_y": 1.8839947385877927,
  "fwhm_z": 1.7293766666666668,
  "gcor": 0.00754778,
  "gsr_x": -0.006547647062689066,
  "gsr_y": 0.021118847653269768,
  "provenance": {
    "md5sum": "1117df75f800b4090c3096b57d926e5e",
    "settings": {
      "fd_thres": 0.2,
      "testing": false
    },
    "software": "mriqc",
    "version": "21.0.0rc2",
    "webapi_port": null,
    "webapi_url": "https://mriqc.nimh.nih.gov/api/v1"
  },
  "size_t": 600,
  "size_x": 84,
  "size_y": 84,
  "size_z": 48,
  "snr": 4.8617723355905795,
  "spacing_tr": 1.0,
  "spacing_x": 2.4761905670166016,
  "spacing_y": 2.4761905670166016,
  "spacing_z": 3.0,
  "summary_bg_k": 45.90480265610817,
  "summary_bg_mad": 32.42945482608851,
  "summary_bg_mean": 139.09405517578125,
  "summary_bg_median": 51.138336181640625,
  "summary_bg_n": 216939.0,
  "summary_bg_p05": 24.603334426879883,
  "summary_bg_p95": 532.0790283203112,
  "summary_bg_stdv": 268.1405334472656,
  "summary_fg_k": 3.59043183764679,
  "summary_fg_mad": 626.576075473556,
  "summary_fg_mean": 3550.73828125,
  "summary_fg_median": 3452.13916015625,
  "summary_fg_n": 64422.0,
  "summary_fg_p05": 2665.6552001953123,
  "summary_fg_p95": 4778.373999023437,
  "summary_fg_stdv": 710.05224609375,
  "tsnr": 47.231084504164755
}