{
  "aor": 0.0003769179229480737,
  "aqi": 0.009786109246231155,
  "bids_meta": {
    "AcquisitionMatrixPE": 84,
    "AcquisitionNumber": 1,
    "AcquisitionTime": "12:31:39.950000",
    "BandwidthPerPixelPhaseEncode": 33.069,
    "BaseResolution": 84,
    "BodyPartExamined": "BRAIN",
    "ConsistencyInfo": "N4_VE11B_LATEST_20150530",
    "ConversionSoftware": "dcm2niix",
    "ConversionSoftwareVersion": "v1.0.20181125  GCC4.8.5",
    "DerivedVendorReportedEchoSpacing": 0.000719995,
    "DeviceSerialNumber": "67007",
    "DwellTime": 3.8e-06,
    "EchoTime": 0.03,
    "EchoTrainLength": 36,
    "EffectiveEchoSpacing": 0.000359998,
    "FlipAngle": 40,
    "ImageComments": "Unaliased_MB3_PE4",
    "ImageOrientationPatientDICOM": [
      1,
      0,
      0,
      0,
      0.889416,
      -0.457098
    ],
    "ImageType": [
      "ORIGINAL",
      "PRIMARY",
      "M",
      "MB",
      "ND",
      "NORM",
      "MOSAIC"
    ],
    "ImagingFrequency": 123.211,
    "InPlanePhaseEncodingDirectionDICOM": "COL",
    "InstitutionAddress": "Perth_Drive_100_London_Ontario_CA_N6A_5K8",
    "InstitutionName": "Robarts_Research_Institute",
    "InstitutionalDepartmentName": "CFMM",
    "MRAcquisitionType": "2D",
    "MagneticFieldStrength": 3,
    "Manufacturer": "Siemens",
    "ManufacturersModelName": "Prisma_fit",
    "Modality": "MR",
    "MultibandAccelerationFactor": 3,
    "ParallelReductionFactorInPlane": 2,
    "PartialFourier": 0.875,
    "PatientPosition": "HFS",
    "PercentPhaseFOV": 100,
    "PhaseEncodingDirection": "j-",
    "PhaseEncodingSteps": 73,
    "PhaseResolution": 1,
    "PixelBandwidth": 1565,
    "ProcedureStepDescription": "Diedrichsen_MCC",
    "ProtocolName": "ep_bold_mb3_p2",
    "PulseSequenceDetails": "%CustomerSeq%_cmrr_mbep2d_bold",
    "ReceiveCoilActiveElements": "HEA;HEP",
    "ReceiveCoilName": "Head_32",
    "ReconMatrixPE": 84,
    "RepetitionTime": 1,
    "SAR": 0.0680392,
    "ScanOptions": "PFP_FS_EXT",
    "ScanningSequence": "EP",
    "SequenceName": "epfid2d1_84",
    "SequenceVariant": "SK_SS",
    "SeriesDescription": "ep_bold_mb3_p2",
    "SeriesNumber": 4,
    "ShimSetting": [
      5257,
      -6193,
      -3919,
      552,
      65,
      -69,
      69,
      10
    ],
    "SliceThickness": 3,
    "SliceTiming": [
      0,
      0.4275,
      0.8575,
      0.305,
      0.735,
      0.1825,
      0.6125,
      0.06,
      0.49,
      0.9175,
      0.3675,
      0.795,
      0.245,
      0.6725,
      0.1225,
      0.55,
      0,
      0.4275,
      0.8575,
      0.305,
      0.735,
      0.1825,
      0.6125,
      0.06,
      0.49,
      0.9175,
      0.3675,
      0.795,
      0.245,
      0.6725,
      0.1225,
      0.55,
      0,
      0.4275,
      0.8575,
      0.305,
      0.735,
      0.1825,
      0.6125,
      0.06,
      0.49,
      0.9175,
      0.3675,
      0.795,
      0.245,
      0.6725,
      0.1225,
      0.55
    ],
    "SoftwareVersions": "syngo_MR_E11",
    "SpacingBetweenSlices": 3,
    "StationName": "MRC35368",
    "TaskName": "rest",
    "TotalReadoutTime": 0.0298798,
    "TxRefAmp": 262.194,
    "WipMemBlock": "e6aeccba-627a-4470-8bf2-d239d7674b6d||Sequence: ve11b/master r/50434d5; Mar  3 2017 10:46:13 by eja",
    "dataset": "ds002105",
    "modality": "bold",
    "run_id": 2,
    "session_id": "rest",
    "subject_id": "24",
    "task_id": "rest"
  },
  "dummy_trs": 4,
  "dvars_nstd": 30.662799684714745,
  "dvars_std": 1.143832415755035,
  "dvars_vstd": 1.002971361073824,
  "efc": 0.4931230704440181,
  "fber": 5168.89794921875,
  "fd_mean": 0.09570347132768987,
  "fd_num": 6,
  "fd_perc": 1.0050251256281406,
  "fwhm_avg": 1.7204778629907755,
  "fwhm_x": 1.6876245534829157,
  "fwhm_y": 1.8286557021560779,
  "fwhm_z": 1.6451533333333332,
  "gcor": 0.0168869,
  "gsr_x": 0.008346786722540855,
  "gsr_y": 0.02131817676126957,
  "provenance": {
    "md5sum": "4fe4a74159a40e5b648a85aaa55486d0",
    "settings": {
      "fd_thres": 0.2,
      "testing": false
    },
    "software": "mriqc",
    "version": "21.0.0rc2",
    "webapi_port": null,
    "webapi_url": "https://mriqc.nimh.nih.gov/api/v1"
  },
  "size_t": 597,
  "size_x": 84,
  "size_y": 84,
  "size_z": 48,
  "snr": 5.834342540954542,
  "spacing_tr": 1.0,
  "spacing_x": 2.4761905670166016,
  "spacing_y": 2.4761905670166016,
  "spacing_z": 3.0,
  "summary_bg_k": 23.177296498406353,
  "summary_bg_mad": 30.24061387799024,
  "summary_bg_mean": 165.51022338867188,
  "summary_bg_median": 47.428810119628906,
  "summary_bg_n": 224651.0,
  "summary_bg_p05": 22.758792877197266,
  "summary_bg_p95": 796.3952941894531,
  "summary_bg_stdv": 315.77587890625,
  "summary_fg_k": 4.107409387865004,
  "summary_fg_mad": 507.6323578914099,
  "summary_fg_mean": 3507.62255859375,
  "summary_fg_median": 3447.7880859375,
  "summary_fg_n": 57580.0,
  "summary_fg_p05": 2724.7122802734375,
  "summary_fg_p95": 4455.2113037109375,
  "summary_fg_stdv": 590.9420166015625,
  "tsnr": 49.61479336372577
}