{
  "aor": 0.00019255,
  "aqi": 0.013982883333333333,
  "bids_meta": {
    "AcquisitionMatrixPE": 84,
    "AcquisitionNumber": 1,
    "AcquisitionTime": "15:52:46.295000",
    "BandwidthPerPixelPhaseEncode": 33.069,
    "BaseResolution": 84,
    "BodyPartExamined": "BRAIN",
    "ConsistencyInfo": "N4_VE11B_LATEST_20150530",
    "ConversionSoftware": "dcm2niix",
    "ConversionSoftwareVersion": "v1.0.20181125  GCC4.8.5",
    "DerivedVendorReportedEchoSpacing": 0.000719995,
    "DeviceSerialNumber": "67007",
    "DwellTime": 3.8e-06,
    "EchoTime": 0.03,
    "EchoTrainLength": 36,
    "EffectiveEchoSpacing": 0.000359998,
    "FlipAngle": 40,
    "ImageComments": "Unaliased_MB3_PE4",
    "ImageOrientationPatientDICOM": [
      0.999225,
      0.0169624,
      0.0355287,
      1.82201e-08,
      0.902426,
      -0.430845
    ],
    "ImageType": [
      "ORIGINAL",
      "PRIMARY",
      "M",
      "MB",
      "ND",
      "NORM",
      "MOSAIC"
    ],
    "ImagingFrequency": 123.211,
    "InPlanePhaseEncodingDirectionDICOM": "COL",
    "InstitutionAddress": "Perth_Drive_100_London_Ontario_CA_N6A_5K8",
    "InstitutionName": "Robarts_Research_Institute",
    "InstitutionalDepartmentName": "CFMM",
    "MRAcquisitionType": "2D",
    "MagneticFieldStrength": 3,
    "Manufacturer": "Siemens",
    "ManufacturersModelName": "Prisma_fit",
    "Modality": "MR",
    "MultibandAccelerationFactor": 3,
    "ParallelReductionFactorInPlane": 2,
    "PartialFourier": 0.875,
    "PatientPosition": "HFS",
    "PercentPhaseFOV": 100,
    "PhaseEncodingDirection": "j-",
    "PhaseEncodingSteps": 73,
    "PhaseResolution": 1,
    "PixelBandwidth": 1565,
    "ProcedureStepDescription": "Diedrichsen_MCC",
    "ProtocolName": "ep_bold_mb3_p2",
    "PulseSequenceDetails": "%CustomerSeq%_cmrr_mbep2d_bold",
    "ReceiveCoilActiveElements": "HEA;HEP",
    "ReceiveCoilName": "Head_32",
    "ReconMatrixPE": 84,
    "RepetitionTime": 1,
    "SAR": 0.103903,
    "ScanOptions": "PFP_FS_EXT",
    "ScanningSequence": "EP",
    "SequenceName": "epfid2d1_84",
    "SequenceVariant": "SK_SS",
    "SeriesDescription": "ep_bold_mb3_p2",
    "SeriesNumber": 4,
    "ShimSetting": [
      5250,
      -6225,
      -3897,
      840,
      -11,
      -28,
      -299,
      39
    ],
    "SliceThickness": 3,
    "SliceTiming": [
      0,
      0.43,
      0.8575,
      0.3075,
      0.735,
      0.185,
      0.6125,
      0.0625,
      0.49,
      0.92,
      0.3675,
      0.7975,
      0.245,
      0.675,
      0.1225,
      0.5525,
      0,
      0.43,
      0.8575,
      0.3075,
      0.735,
      0.185,
      0.6125,
      0.0625,
      0.49,
      0.92,
      0.3675,
      0.7975,
      0.245,
      0.675,
      0.1225,
      0.5525,
      0,
      0.43,
      0.8575,
      0.3075,
      0.735,
      0.185,
      0.6125,
      0.0625,
      0.49,
      0.92,
      0.3675,
      0.7975,
      0.245,
      0.675,
      0.1225,
      0.5525
    ],
    "SoftwareVersions": "syngo_MR_E11",
    "SpacingBetweenSlices": 3,
    "StationName": "MRC35368",
    "TaskName": "rest",
    "TotalReadoutTime": 0.0298798,
    "TxRefAmp": 278.751,
    "WipMemBlock": "94f7d1e4-1f0c-4f21-940e-973be75a7b8f||Sequence: ve11b/master r/50434d5; Mar  3 2017 10:46:13 by eja",
    "dataset": "ds002105",
    "modality": "bold",
    "run_id": 2,
    "session_id": "rest",
    "subject_id": "03",
    "task_id": "rest"
  },
  "dummy_trs": 1,
  "dvars_nstd": 33.29080676227041,
  "dvars_std": 1.1939717989816365,
  "dvars_vstd": 0.9733128874123539,
  "efc": 0.48049997856962495,
  "fber": 5708.97265625,
  "fd_mean": 0.13865807857865567,
  "fd_num": 93,
  "fd_perc": 15.5,
  "fwhm_avg": 1.763672135262411,
  "fwhm_x": 1.7579018585974673,
  "fwhm_y": 1.8591945471897657,
  "fwhm_z": 1.6739199999999999,
  "gcor": 0.0983289,
  "gsr_x": 0.0015448146732524037,
  "gsr_y": 0.0144652733579278,
  "provenance": {
    "md5sum": "247ba9b166e79d7accc3e8fa32505a9a",
    "settings": {
      "fd_thres": 0.2,
      "testing": false
    },
    "software": "mriqc",
    "version": "21.0.0rc2",
    "webapi_port": null,
    "webapi_url": "https://mriqc.nimh.nih.gov/api/v1"
  },
  "size_t": 600,
  "size_x": 84,
  "size_y": 84,
  "size_z": 48,
  "snr": 5.743850707011826,
  "spacing_tr": 1.0,
  "spacing_x": 2.4761905670166016,
  "spacing_y": 2.4761905670166016,
  "spacing_z": 3.0,
  "summary_bg_k": 45.10518664914208,
  "summary_bg_mad": 36.46707490552329,
  "summary_bg_mean": 159.94741821289062,
  "summary_bg_median": 51.65333557128906,
  "summary_bg_n": 225699.0,
  "summary_bg_p05": 22.711501312255862,
  "summary_bg_p95": 651.9121582031241,
  "summary_bg_stdv": 315.0061340332031,
  "summary_fg_k": 4.581542861064628,
  "summary_fg_mad": 582.0871500154203,
  "summary_fg_mean": 4043.748291015625,
  "summary_fg_median": 3955.38671875,
  "summary_fg_n": 57263.0,
  "summary_fg_p05": 3149.9620849609373,
  "summary_fg_p95": 5191.74326171875,
  "summary_fg_stdv": 688.623779296875,
  "tsnr": 42.352927528554574
}