{
  "bids_meta": {
    "AcquisitionMatrixPE": 256,
    "AcquisitionNumber": 1,
    "AcquisitionTime": "15:06:29.460000",
    "BaseResolution": 256,
    "BodyPartExamined": "BRAIN",
    "ConsistencyInfo": "N4_VE11B_LATEST_20150530",
    "ConversionSoftware": "dcm2niix",
    "ConversionSoftwareVersion": "v1.0.20181125  GCC4.8.5",
    "DeviceSerialNumber": "67007",
    "DwellTime": 8.2e-06,
    "EchoTime": 0.00298,
    "FlipAngle": 9,
    "ImageOrientationPatientDICOM": [
      -0.0174524,
      0.999848,
      0,
      0,
      0,
      -1
    ],
    "ImageType": [
      "ORIGINAL",
      "PRIMARY",
      "M",
      "ND",
      "NORM"
    ],
    "ImagingFrequency": 123.211,
    "InPlanePhaseEncodingDirectionDICOM": "ROW",
    "InstitutionAddress": "Perth_Drive_100_London_Ontario_CA_N6A_5K8",
    "InstitutionName": "Robarts_Research_Institute",
    "InstitutionalDepartmentName": "CFMM",
    "InversionTime": 0.9,
    "MRAcquisitionType": "3D",
    "MagneticFieldStrength": 3,
    "Manufacturer": "Siemens",
    "ManufacturersModelName": "Prisma_fit",
    "Modality": "MR",
    "PartialFourier": 1,
    "PatientPosition": "HFS",
    "PercentPhaseFOV": 100,
    "PhaseEncodingSteps": 255,
    "PhaseResolution": 1,
    "PixelBandwidth": 240,
    "ProcedureStepDescription": "Diedrichsen_MCC",
    "ProtocolName": "mprage_sag_p2",
    "PulseSequenceDetails": "%SiemensSeq%_tfl",
    "ReceiveCoilActiveElements": "HEA;HEP",
    "ReceiveCoilName": "Head_32",
    "ReconMatrixPE": 256,
    "RepetitionTime": 2.3,
    "SAR": 0.0709501,
    "ScanOptions": "IR",
    "ScanningSequence": "GR_IR",
    "SequenceName": "_tfl3d1_16ns",
    "SequenceVariant": "SK_SP_MP",
    "SeriesDescription": "mprage_sag_p2",
    "SeriesNumber": 2,
    "ShimSetting": [
      5254,
      -6206,
      -3919,
      393,
      76,
      -96,
      34,
      18
    ],
    "SliceThickness": 1,
    "SoftwareVersions": "syngo_MR_E11",
    "StationName": "MRC35368",
    "TxRefAmp": 285.738,
    "dataset": "ds002105",
    "modality": "T1w",
    "session_id": "a2",
    "subject_id": "24"
  },
  "cjv": 0.42216596036223236,
  "cnr": 3.050888712109833,
  "efc": 0.5600655203403553,
  "fber": 11500.328233506945,
  "fwhm_avg": 3.449333333333333,
  "fwhm_x": 3.47284,
  "fwhm_y": 3.54415,
  "fwhm_z": 3.33101,
  "icvs_csf": 0.19112002346150542,
  "icvs_gm": 0.44708835346643333,
  "icvs_wm": 0.36179162307206125,
  "inu_med": 1.0717082023620605,
  "inu_range": 0.35442468822002393,
  "provenance": {
    "md5sum": "10a84663c8f9b736d6209703979bc6ec",
    "settings": {
      "testing": false
    },
    "software": "mriqc",
    "version": "22.0.0rc1",
    "warnings": {
      "large_rot_frame": true,
      "small_air_mask": false
    },
    "webapi_port": null,
    "webapi_url": "https://mriqc.nimh.nih.gov/api/v1"
  },
  "qi_1": 0.011625959762811514,
  "qi_2": 0.030031917788802875,
  "rpve_csf": 28.26236568162411,
  "rpve_gm": 13.475616050458369,
  "rpve_wm": 19.68681747002019,
  "size_x": 176,
  "size_y": 256,
  "size_z": 256,
  "snr_csf": 3.5162655287592615,
  "snr_gm": 9.79785984446337,
  "snr_total": 11.050188397412796,
  "snr_wm": 19.836439819015755,
  "snrd_csf": 30.531337753428385,
  "snrd_gm": 48.533457752472316,
  "snrd_total": 48.648531390921846,
  "snrd_wm": 66.88079866686482,
  "spacing_x": 1.0,
  "spacing_y": 1.0,
  "spacing_z": 1.0,
  "summary_bg_k": 8.494953555736478,
  "summary_bg_mad": 9.795582009862004,
  "summary_bg_mean": 7.189080350636681,
  "summary_bg_median": 6.607019662857056,
  "summary_bg_n": 3055465.0,
  "summary_bg_p05": 0.0,
  "summary_bg_p95": 19.88988211005926,
  "summary_bg_stdv": 7.654799146703704,
  "summary_csf_k": 0.766193932690109,
  "summary_csf_mad": 142.75020033121817,
  "summary_csf_mean": 434.8491255652895,
  "summary_csf_median": 456.5037648305297,
  "summary_csf_n": 10777.0,
  "summary_csf_p05": 225.6434861108661,
  "summary_csf_p95": 612.2642533823847,
  "summary_csf_stdv": 129.82028264575843,
  "summary_gm_k": 0.3664050412620856,
  "summary_gm_mad": 69.99759644547224,
  "summary_gm_mean": 730.397532119828,
  "summary_gm_median": 725.6709929704666,
  "summary_gm_n": 18693.0,
  "summary_gm_p05": 617.5498691126704,
  "summary_gm_p95": 863.4548821896315,
  "summary_gm_stdv": 74.0622537979387,
  "summary_wm_k": 0.819875726245662,
  "summary_wm_mad": 45.81475335862542,
  "summary_wm_mean": 1000.5323868274007,
  "summary_wm_median": 999.9999552220106,
  "summary_wm_n": 186205.0,
  "summary_wm_p05": 918.7886718660593,
  "summary_wm_p95": 1083.6888709515333,
  "summary_wm_stdv": 50.4121343915437,
  "tpm_overlap_csf": 0.17136919498443604,
  "tpm_overlap_gm": 0.4612940847873688,
  "tpm_overlap_wm": 0.5035660862922668,
  "wm2max": 0.4736293109068388
}