{
  "aor": 0.00019009999999999999,
  "aqi": 0.008765081383333333,
  "bids_meta": {
    "AcquisitionMatrixPE": 84,
    "AcquisitionNumber": 1,
    "AcquisitionTime": "16:40:0.477500",
    "BandwidthPerPixelPhaseEncode": 33.069,
    "BaseResolution": 84,
    "BodyPartExamined": "BRAIN",
    "ConsistencyInfo": "N4_VE11B_LATEST_20150530",
    "ConversionSoftware": "dcm2niix",
    "ConversionSoftwareVersion": "v1.0.20181125  GCC4.8.5",
    "DerivedVendorReportedEchoSpacing": 0.000719995,
    "DeviceSerialNumber": "67007",
    "DwellTime": 3.8e-06,
    "EchoTime": 0.03,
    "EchoTrainLength": 36,
    "EffectiveEchoSpacing": 0.000359998,
    "FlipAngle": 40,
    "ImageComments": "Unaliased_MB3_PE4",
    "ImageOrientationPatientDICOM": [
      1,
      0,
      0,
      0,
      0.902585,
      -0.430511
    ],
    "ImageType": [
      "ORIGINAL",
      "PRIMARY",
      "M",
      "MB",
      "ND",
      "NORM",
      "MOSAIC"
    ],
    "ImagingFrequency": 123.211,
    "InPlanePhaseEncodingDirectionDICOM": "COL",
    "InstitutionAddress": "Perth_Drive_100_London_Ontario_CA_N6A_5K8",
    "InstitutionName": "Robarts_Research_Institute",
    "InstitutionalDepartmentName": "CFMM",
    "MRAcquisitionType": "2D",
    "MagneticFieldStrength": 3,
    "Manufacturer": "Siemens",
    "ManufacturersModelName": "Prisma_fit",
    "Modality": "MR",
    "MultibandAccelerationFactor": 3,
    "ParallelReductionFactorInPlane": 2,
    "PartialFourier": 0.875,
    "PatientPosition": "HFS",
    "PercentPhaseFOV": 100,
    "PhaseEncodingDirection": "j-",
    "PhaseEncodingSteps": 73,
    "PhaseResolution": 1,
    "PixelBandwidth": 1565,
    "ProcedureStepDescription": "Diedrichsen_MCC",
    "ProtocolName": "ep_bold_mb3_p2",
    "PulseSequenceDetails": "%CustomerSeq%_cmrr_mbep2d_bold",
    "ReceiveCoilActiveElements": "HEA;HEP",
    "ReceiveCoilName": "Head_32",
    "ReconMatrixPE": 84,
    "RepetitionTime": 1,
    "SAR": 0.0779454,
    "ScanOptions": "PFP_FS_EXT",
    "ScanningSequence": "EP",
    "SequenceName": "epfid2d1_84",
    "SequenceVariant": "SK_SS",
    "SeriesDescription": "ep_bold_mb3_p2",
    "SeriesNumber": 17,
    "ShimSetting": [
      5242,
      -6130,
      -3983,
      591,
      79,
      -258,
      8,
      -32
    ],
    "SliceThickness": 3,
    "SliceTiming": [
      0,
      0.43,
      0.8575,
      0.3075,
      0.735,
      0.185,
      0.6125,
      0.0625,
      0.49,
      0.92,
      0.3675,
      0.7975,
      0.245,
      0.675,
      0.1225,
      0.5525,
      0,
      0.43,
      0.8575,
      0.3075,
      0.735,
      0.185,
      0.6125,
      0.0625,
      0.49,
      0.92,
      0.3675,
      0.7975,
      0.245,
      0.675,
      0.1225,
      0.5525,
      0,
      0.43,
      0.8575,
      0.3075,
      0.735,
      0.185,
      0.6125,
      0.0625,
      0.49,
      0.92,
      0.3675,
      0.7975,
      0.245,
      0.675,
      0.1225,
      0.5525
    ],
    "SoftwareVersions": "syngo_MR_E11",
    "SpacingBetweenSlices": 3,
    "StationName": "MRC35368",
    "TaskName": "b",
    "TotalReadoutTime": 0.0298798,
    "TxRefAmp": 268.717,
    "WipMemBlock": "47534c51-ccb1-45cd-8ba4-456f00731b67||Sequence: ve11b/master r/50434d5; Mar  3 2017 10:46:13 by eja",
    "dataset": "ds002105",
    "modality": "bold",
    "run_id": 8,
    "session_id": "b1",
    "subject_id": "19",
    "task_id": "b"
  },
  "dummy_trs": 1,
  "dvars_nstd": 31.98688878676128,
  "dvars_std": 1.0978533283806338,
  "dvars_vstd": 0.9997794002504173,
  "efc": 0.5214675841762252,
  "fber": 3569.58251953125,
  "fd_mean": 0.07341604750572467,
  "fd_num": 0,
  "fd_perc": 0.0,
  "fwhm_avg": 1.9152150159639572,
  "fwhm_x": 1.874330700480729,
  "fwhm_y": 2.062874347411143,
  "fwhm_z": 1.80844,
  "gcor": 0.0109773,
  "gsr_x": -0.005343959201127291,
  "gsr_y": 0.023917997255921364,
  "provenance": {
    "md5sum": "af81724fe0da2d7e406ecfe58f0e063c",
    "settings": {
      "fd_thres": 0.2,
      "testing": false
    },
    "software": "mriqc",
    "version": "21.0.0rc2",
    "webapi_port": null,
    "webapi_url": "https://mriqc.nimh.nih.gov/api/v1"
  },
  "size_t": 600,
  "size_x": 84,
  "size_y": 84,
  "size_z": 48,
  "snr": 5.203222519502142,
  "spacing_tr": 1.0,
  "spacing_x": 2.4761905670166016,
  "spacing_y": 2.4761905670166016,
  "spacing_z": 3.0,
  "summary_bg_k": 20.872133713347182,
  "summary_bg_mad": 37.737167827385676,
  "summary_bg_mean": 177.12203979492188,
  "summary_bg_median": 52.981666564941406,
  "summary_bg_n": 214966.0,
  "summary_bg_p05": 21.926666259765625,
  "summary_bg_p95": 816.3833618164062,
  "summary_bg_stdv": 316.8226013183594,
  "summary_fg_k": 4.8248885470242655,
  "summary_fg_mad": 550.7780370524571,
  "summary_fg_mean": 3315.304443359375,
  "summary_fg_median": 3238.3359375,
  "summary_fg_n": 66182.0,
  "summary_fg_p05": 2517.207373046875,
  "summary_fg_p95": 4331.154785156249,
  "summary_fg_stdv": 622.3665161132812,
  "tsnr": 47.903390837833285
}