{
  "bids_meta": {
    "AcquisitionMatrixPE": 256,
    "AcquisitionNumber": 1,
    "AcquisitionTime": "12:23:45.875000",
    "BaseResolution": 256,
    "BodyPartExamined": "BRAIN",
    "ConsistencyInfo": "N4_VE11B_LATEST_20150530",
    "ConversionSoftware": "dcm2niix",
    "ConversionSoftwareVersion": "v1.0.20181125  GCC4.8.5",
    "DeviceSerialNumber": "67007",
    "DwellTime": 8.2e-06,
    "EchoTime": 0.00298,
    "FlipAngle": 9,
    "ImageOrientationPatientDICOM": [
      -0.0313442,
      0.999509,
      2.15717e-08,
      0.00331491,
      0.000103976,
      -0.999995
    ],
    "ImageType": [
      "ORIGINAL",
      "PRIMARY",
      "M",
      "ND",
      "NORM"
    ],
    "ImagingFrequency": 123.211,
    "InPlanePhaseEncodingDirectionDICOM": "ROW",
    "InstitutionAddress": "Perth_Drive_100_London_Ontario_CA_N6A_5K8",
    "InstitutionName": "Robarts_Research_Institute",
    "InstitutionalDepartmentName": "CFMM",
    "InversionTime": 0.9,
    "MRAcquisitionType": "3D",
    "MagneticFieldStrength": 3,
    "Manufacturer": "Siemens",
    "ManufacturersModelName": "Prisma_fit",
    "Modality": "MR",
    "PartialFourier": 1,
    "PatientPosition": "HFS",
    "PercentPhaseFOV": 100,
    "PhaseEncodingSteps": 255,
    "PhaseResolution": 1,
    "PixelBandwidth": 240,
    "ProcedureStepDescription": "Diedrichsen_Maebdh",
    "ProtocolName": "mprage_sag_p2",
    "PulseSequenceDetails": "%SiemensSeq%_tfl",
    "ReceiveCoilActiveElements": "HEA;HEP",
    "ReceiveCoilName": "Head_32",
    "ReconMatrixPE": 256,
    "RepetitionTime": 2.3,
    "SAR": 0.0726396,
    "ScanOptions": "IR",
    "ScanningSequence": "GR_IR",
    "SequenceName": "_tfl3d1_16ns",
    "SequenceVariant": "SK_SP_MP",
    "SeriesDescription": "mprage_sag_p2",
    "SeriesNumber": 2,
    "ShimSetting": [
      5242,
      -6200,
      -3893,
      451,
      13,
      -228,
      115,
      -2
    ],
    "SliceThickness": 1,
    "SoftwareVersions": "syngo_MR_E11",
    "StationName": "MRC35368",
    "TxRefAmp": 261.889,
    "dataset": "ds002105",
    "modality": "T1w",
    "session_id": "b1",
    "subject_id": "19"
  },
  "cjv": 0.4050232143918381,
  "cnr": 3.1692196561393327,
  "efc": 0.5662173130178701,
  "fber": 15253.449052691112,
  "fwhm_avg": 3.3410999999999995,
  "fwhm_x": 3.36361,
  "fwhm_y": 3.47092,
  "fwhm_z": 3.18877,
  "icvs_csf": 0.16959296979133287,
  "icvs_gm": 0.44228542612136357,
  "icvs_wm": 0.38812160408730356,
  "inu_med": 1.0997151136398315,
  "inu_range": 0.3338417559862137,
  "provenance": {
    "md5sum": "36fdefbb81c212c8a5cb871b0b03eadc",
    "settings": {
      "testing": false
    },
    "software": "mriqc",
    "version": "21.0.0rc2",
    "warnings": {
      "large_rot_frame": true,
      "small_air_mask": false
    },
    "webapi_port": null,
    "webapi_url": "https://mriqc.nimh.nih.gov/api/v1"
  },
  "qi_1": 0.007447307040993471,
  "qi_2": 0.03743416925847125,
  "rpve_csf": 26.178149941781065,
  "rpve_gm": 11.614342403975634,
  "rpve_wm": 15.751282252199864,
  "size_x": 176,
  "size_y": 256,
  "size_z": 256,
  "snr_csf": 2.5367269989617753,
  "snr_gm": 10.093765679521827,
  "snr_total": 11.320722367539185,
  "snr_wm": 21.331674424133954,
  "snrd_csf": 26.655928371950562,
  "snrd_gm": 55.062059094342864,
  "snrd_total": 52.49162989979971,
  "snrd_wm": 75.7569022331057,
  "spacing_x": 1.0,
  "spacing_y": 1.0,
  "spacing_z": 1.0,
  "summary_bg_k": 217.03424731102646,
  "summary_bg_mad": 8.64837158613778,
  "summary_bg_mean": 5.533948453952715,
  "summary_bg_median": 5.833237990736961,
  "summary_bg_n": 3328569.0,
  "summary_bg_p05": 0.0,
  "summary_bg_p95": 17.499713972210884,
  "summary_bg_stdv": 6.875894457158463,
  "summary_csf_k": 1.3914900010494442,
  "summary_csf_mad": 144.39389030581017,
  "summary_csf_mean": 377.12975162122024,
  "summary_csf_median": 351.88150350004435,
  "summary_csf_n": 9473.0,
  "summary_csf_p05": 198.4902197867632,
  "summary_csf_p95": 614.5716543495654,
  "summary_csf_stdv": 138.70744872771326,
  "summary_gm_k": 0.3092407318081989,
  "summary_gm_mad": 67.66078946801909,
  "summary_gm_mean": 730.4656363091098,
  "summary_gm_median": 726.8672045320272,
  "summary_gm_n": 30904.0,
  "summary_gm_p05": 618.1516611948609,
  "summary_gm_p95": 857.8291162848473,
  "summary_gm_stdv": 72.01033463939244,
  "summary_wm_k": 0.8827193566532294,
  "summary_wm_mad": 42.98749406050837,
  "summary_wm_mean": 999.609715769733,
  "summary_wm_median": 1000.0571837648749,
  "summary_wm_n": 260573.0,
  "summary_wm_p05": 922.2806772217155,
  "summary_wm_p95": 1074.745505489409,
  "summary_wm_stdv": 46.88123608683059,
  "tpm_overlap_csf": 0.17660623788833618,
  "tpm_overlap_gm": 0.4530433416366577,
  "tpm_overlap_wm": 0.5063806772232056,
  "wm2max": 0.49306377939434953
}