{
  "aor": 0.00034648333333333334,
  "aqi": 0.006793889849999999,
  "bids_meta": {
    "AcquisitionMatrixPE": 84,
    "AcquisitionNumber": 1,
    "AcquisitionTime": "13:18:57.242500",
    "BandwidthPerPixelPhaseEncode": 33.069,
    "BaseResolution": 84,
    "BodyPartExamined": "BRAIN",
    "ConsistencyInfo": "N4_VE11B_LATEST_20150530",
    "ConversionSoftware": "dcm2niix",
    "ConversionSoftwareVersion": "v1.0.20181125  GCC4.8.5",
    "DerivedVendorReportedEchoSpacing": 0.000719995,
    "DeviceSerialNumber": "67007",
    "DwellTime": 3.8e-06,
    "EchoTime": 0.03,
    "EchoTrainLength": 36,
    "EffectiveEchoSpacing": 0.000359998,
    "FlipAngle": 40,
    "ImageComments": "Unaliased_MB3_PE4",
    "ImageOrientationPatientDICOM": [
      1,
      0,
      0,
      0,
      0.915663,
      -0.401948
    ],
    "ImageType": [
      "ORIGINAL",
      "PRIMARY",
      "M",
      "MB",
      "ND",
      "NORM",
      "MOSAIC"
    ],
    "ImagingFrequency": 123.211,
    "InPlanePhaseEncodingDirectionDICOM": "COL",
    "InstitutionAddress": "Perth_Drive_100_London_Ontario_CA_N6A_5K8",
    "InstitutionName": "Robarts_Research_Institute",
    "InstitutionalDepartmentName": "CFMM",
    "MRAcquisitionType": "2D",
    "MagneticFieldStrength": 3,
    "Manufacturer": "Siemens",
    "ManufacturersModelName": "Prisma_fit",
    "Modality": "MR",
    "MultibandAccelerationFactor": 3,
    "ParallelReductionFactorInPlane": 2,
    "PartialFourier": 0.875,
    "PatientPosition": "HFS",
    "PercentPhaseFOV": 100,
    "PhaseEncodingDirection": "j-",
    "PhaseEncodingSteps": 73,
    "PhaseResolution": 1,
    "PixelBandwidth": 1565,
    "ProcedureStepDescription": "Diedrichsen_MCC",
    "ProtocolName": "ep_bold_mb3_p2",
    "PulseSequenceDetails": "%CustomerSeq%_cmrr_mbep2d_bold",
    "ReceiveCoilActiveElements": "HEA;HEP",
    "ReceiveCoilName": "Head_32",
    "ReconMatrixPE": 84,
    "RepetitionTime": 1,
    "SAR": 0.0547981,
    "ScanOptions": "PFP_FS_EXT",
    "ScanningSequence": "EP",
    "SequenceName": "epfid2d1_84",
    "SequenceVariant": "SK_SS",
    "SeriesDescription": "ep_bold_mb3_p2",
    "SeriesNumber": 13,
    "ShimSetting": [
      5234,
      -6247,
      -3905,
      624,
      93,
      -14,
      131,
      -17
    ],
    "SliceThickness": 3,
    "SliceTiming": [
      0,
      0.4275,
      0.8575,
      0.305,
      0.735,
      0.1825,
      0.6125,
      0.06,
      0.49,
      0.9175,
      0.3675,
      0.795,
      0.245,
      0.6725,
      0.1225,
      0.55,
      0,
      0.4275,
      0.8575,
      0.305,
      0.735,
      0.1825,
      0.6125,
      0.06,
      0.49,
      0.9175,
      0.3675,
      0.795,
      0.245,
      0.6725,
      0.1225,
      0.55,
      0,
      0.4275,
      0.8575,
      0.305,
      0.735,
      0.1825,
      0.6125,
      0.06,
      0.49,
      0.9175,
      0.3675,
      0.795,
      0.245,
      0.6725,
      0.1225,
      0.55
    ],
    "SoftwareVersions": "syngo_MR_E11",
    "SpacingBetweenSlices": 3,
    "StationName": "MRC35368",
    "TaskName": "b",
    "TotalReadoutTime": 0.0298798,
    "TxRefAmp": 247.537,
    "WipMemBlock": "32f08369-6267-4aa9-90bc-a7034ac69726||Sequence: ve11b/master r/50434d5; Mar  3 2017 10:46:13 by eja",
    "dataset": "ds002105",
    "modality": "bold",
    "run_id": 6,
    "session_id": "b1",
    "subject_id": "14",
    "task_id": "b"
  },
  "dummy_trs": 1,
  "dvars_nstd": 28.81672481861439,
  "dvars_std": 1.1284510978464095,
  "dvars_vstd": 1.0008294625542578,
  "efc": 0.48655776719575916,
  "fber": 4955.62744140625,
  "fd_mean": 0.06044778218402162,
  "fd_num": 3,
  "fd_perc": 0.5,
  "fwhm_avg": 1.8736472393467276,
  "fwhm_x": 1.8405489709506047,
  "fwhm_y": 2.001736080422912,
  "fwhm_z": 1.7786566666666666,
  "gcor": 0.00639375,
  "gsr_x": -0.014021111652255058,
  "gsr_y": 0.01800672896206379,
  "provenance": {
    "md5sum": "d4e78a3aa058acd0d636a455c01aa4ad",
    "settings": {
      "fd_thres": 0.2,
      "testing": false
    },
    "software": "mriqc",
    "version": "21.0.0rc2",
    "webapi_port": null,
    "webapi_url": "https://mriqc.nimh.nih.gov/api/v1"
  },
  "size_t": 600,
  "size_x": 84,
  "size_y": 84,
  "size_z": 48,
  "snr": 4.853687994795257,
  "spacing_tr": 1.0,
  "spacing_x": 2.4761905670166016,
  "spacing_y": 2.4761905670166016,
  "spacing_z": 3.0,
  "summary_bg_k": 24.63840851477676,
  "summary_bg_mad": 31.422519216911176,
  "summary_bg_mean": 154.8292236328125,
  "summary_bg_median": 49.580833435058594,
  "summary_bg_n": 223936.0,
  "summary_bg_p05": 23.998332977294922,
  "summary_bg_p95": 679.068359375,
  "summary_bg_stdv": 302.89630126953125,
  "summary_fg_k": 2.9967009819441666,
  "summary_fg_mad": 657.9516087263376,
  "summary_fg_mean": 3636.625,
  "summary_fg_median": 3543.1201171875,
  "summary_fg_n": 58884.0,
  "summary_fg_p05": 2706.187219238281,
  "summary_fg_p95": 4895.710839843749,
  "summary_fg_stdv": 729.9789428710938,
  "tsnr": 53.42192720761523
}