{
  "bids_meta": {
    "AcquisitionMatrixPE": 256,
    "AcquisitionNumber": 1,
    "AcquisitionTime": "14:47:12.527500",
    "BaseResolution": 256,
    "BodyPartExamined": "BRAIN",
    "ConsistencyInfo": "N4_VE11B_LATEST_20150530",
    "ConversionSoftware": "dcm2niix",
    "ConversionSoftwareVersion": "v1.0.20181125  GCC4.8.5",
    "DeviceSerialNumber": "67007",
    "DwellTime": 8.2e-06,
    "EchoTime": 0.00298,
    "FlipAngle": 9,
    "ImageOrientationPatientDICOM": [
      -0.0383217,
      0.999265,
      2.27027e-08,
      0.00680041,
      0.000260817,
      -0.999977
    ],
    "ImageType": [
      "ORIGINAL",
      "PRIMARY",
      "M",
      "ND",
      "NORM"
    ],
    "ImagingFrequency": 123.211,
    "InPlanePhaseEncodingDirectionDICOM": "ROW",
    "InstitutionAddress": "Perth_Drive_100_London_Ontario_CA_N6A_5K8",
    "InstitutionName": "Robarts_Research_Institute",
    "InstitutionalDepartmentName": "CFMM",
    "InversionTime": 0.9,
    "MRAcquisitionType": "3D",
    "MagneticFieldStrength": 3,
    "Manufacturer": "Siemens",
    "ManufacturersModelName": "Prisma_fit",
    "Modality": "MR",
    "PartialFourier": 1,
    "PatientPosition": "HFS",
    "PercentPhaseFOV": 100,
    "PhaseEncodingSteps": 255,
    "PhaseResolution": 1,
    "PixelBandwidth": 240,
    "ProcedureStepDescription": "Diedrichsen_Maebdh",
    "ProtocolName": "mprage_sag_p2",
    "PulseSequenceDetails": "%SiemensSeq%_tfl",
    "ReceiveCoilActiveElements": "HEA;HEP",
    "ReceiveCoilName": "Head_32",
    "ReconMatrixPE": 256,
    "RepetitionTime": 2.3,
    "SAR": 0.0617124,
    "ScanOptions": "IR",
    "ScanningSequence": "GR_IR",
    "SequenceName": "_tfl3d1_16ns",
    "SequenceVariant": "SK_SP_MP",
    "SeriesDescription": "mprage_sag_p2",
    "SeriesNumber": 2,
    "ShimSetting": [
      5258,
      -6215,
      -3845,
      504,
      74,
      -14,
      55,
      33
    ],
    "SliceThickness": 1,
    "SoftwareVersions": "syngo_MR_E11",
    "StationName": "MRC35368",
    "TxRefAmp": 260.662,
    "dataset": "ds002105",
    "modality": "T1w",
    "session_id": "b2",
    "subject_id": "18"
  },
  "cjv": 0.42594574226297305,
  "cnr": 3.0394050627596636,
  "efc": 0.5446468304938115,
  "fber": 12859.56,
  "fwhm_avg": 3.3384633333333333,
  "fwhm_x": 3.37206,
  "fwhm_y": 3.47491,
  "fwhm_z": 3.16842,
  "icvs_csf": 0.19117756937804922,
  "icvs_gm": 0.43808476720945194,
  "icvs_wm": 0.37073766341249886,
  "inu_med": 0.931341826915741,
  "inu_range": 0.27499986886978156,
  "provenance": {
    "md5sum": "3e42681ead68219c4930f1c66c274565",
    "settings": {
      "testing": false
    },
    "software": "mriqc",
    "version": "22.0.0rc1",
    "warnings": {
      "large_rot_frame": true,
      "small_air_mask": false
    },
    "webapi_port": null,
    "webapi_url": "https://mriqc.nimh.nih.gov/api/v1"
  },
  "qi_1": 0.013375048603810539,
  "qi_2": 0.04595461384688093,
  "rpve_csf": 28.263437489200143,
  "rpve_gm": 13.75735346545542,
  "rpve_wm": 19.651084647018507,
  "size_x": 176,
  "size_y": 256,
  "size_z": 256,
  "snr_csf": 3.52293891677592,
  "snr_gm": 10.159386174779867,
  "snr_total": 11.448610277194478,
  "snr_wm": 20.66350574002765,
  "snrd_csf": 30.251294546897615,
  "snrd_gm": 50.37817102983791,
  "snrd_total": 49.73537889134993,
  "snrd_wm": 68.57667109731426,
  "spacing_x": 1.0,
  "spacing_y": 1.0,
  "spacing_z": 1.0,
  "summary_bg_k": 1657.1300796612534,
  "summary_bg_mad": 9.553341473441277,
  "summary_bg_mean": 5.805708673543626,
  "summary_bg_median": 6.443630903959274,
  "summary_bg_n": 3134700.0,
  "summary_bg_p05": 0.0,
  "summary_bg_p95": 19.227794617414474,
  "summary_bg_stdv": 7.264091059441287,
  "summary_csf_k": -0.6016141417064507,
  "summary_csf_mad": 146.73932503205802,
  "summary_csf_mean": 424.1000888580411,
  "summary_csf_median": 441.1309716850519,
  "summary_csf_n": 6930.0,
  "summary_csf_p05": 224.50383305102588,
  "summary_csf_p95": 607.2529312938451,
  "summary_csf_stdv": 125.20771813694432,
  "summary_gm_k": 0.36599092371369846,
  "summary_gm_mad": 68.40192494983954,
  "summary_gm_mean": 736.354708092048,
  "summary_gm_median": 734.625472098589,
  "summary_gm_n": 20616.0,
  "summary_gm_p05": 621.655735090375,
  "summary_gm_p95": 860.1989511549473,
  "summary_gm_stdv": 72.30827161872836,
  "summary_wm_k": 0.6584436938570919,
  "summary_wm_mad": 44.633211363917646,
  "summary_wm_mean": 1000.8440215342247,
  "summary_wm_median": 999.9999672472477,
  "summary_wm_n": 189650.0,
  "summary_wm_p05": 922.4702002108097,
  "summary_wm_p95": 1081.292814731598,
  "summary_wm_stdv": 48.394369444832726,
  "tpm_overlap_csf": 0.16365444660186768,
  "tpm_overlap_gm": 0.4388390779495239,
  "tpm_overlap_wm": 0.49618294835090637,
  "wm2max": 0.4983046493706653
}