{
  "bids_meta": {
    "AcquisitionMatrixPE": 256,
    "AcquisitionNumber": 1,
    "AcquisitionTime": "16:17:56.095000",
    "BaseResolution": 256,
    "BodyPartExamined": "BRAIN",
    "ConsistencyInfo": "N4_VE11B_LATEST_20150530",
    "ConversionSoftware": "dcm2niix",
    "ConversionSoftwareVersion": "v1.0.20181125  GCC4.8.5",
    "DeviceSerialNumber": "67007",
    "DwellTime": 8.9e-06,
    "EchoTime": 0.091,
    "EchoTrainLength": 18,
    "FlipAngle": 120,
    "ImageOrientationPatientDICOM": [
      0.998241,
      0.0141667,
      0.0575689,
      2.1879e-08,
      0.971031,
      -0.238954
    ],
    "ImageType": [
      "ORIGINAL",
      "PRIMARY",
      "M",
      "ND",
      "NORM"
    ],
    "ImagingFrequency": 123.211,
    "InPlanePhaseEncodingDirectionDICOM": "COL",
    "InstitutionAddress": "Perth_Drive_100_London_Ontario_CA_N6A_5K8",
    "InstitutionName": "Robarts_Research_Institute",
    "InstitutionalDepartmentName": "CFMM",
    "Interpolation2D": 1,
    "MRAcquisitionType": "2D",
    "MagneticFieldStrength": 3,
    "Manufacturer": "Siemens",
    "ManufacturersModelName": "Prisma_fit",
    "Modality": "MR",
    "ParallelReductionFactorInPlane": 2,
    "PartialFourier": 1,
    "PatientPosition": "HFS",
    "PercentPhaseFOV": 100,
    "PhaseEncodingDirection": "j-",
    "PhaseEncodingSteps": 255,
    "PhaseResolution": 1,
    "PixelBandwidth": 220,
    "ProcedureStepDescription": "Diedrichsen_Maebdh",
    "ProtocolName": "t2_tse_tra_256_p2",
    "PulseSequenceDetails": "%SiemensSeq%_tse",
    "ReceiveCoilActiveElements": "HEA;HEP",
    "ReceiveCoilName": "Head_32",
    "ReconMatrixPE": 512,
    "RepetitionTime": 8.53,
    "SAR": 0.535068,
    "ScanningSequence": "SE",
    "SequenceName": "_tse2d1_18",
    "SequenceVariant": "SK_SP",
    "SeriesDescription": "t2_tse_tra_256_p2",
    "SeriesNumber": 11,
    "ShimSetting": [
      5237,
      -6157,
      -4055,
      53,
      3,
      -37,
      -27,
      1
    ],
    "SliceThickness": 3,
    "SoftwareVersions": "syngo_MR_E11",
    "SpacingBetweenSlices": 3,
    "StationName": "MRC35368",
    "TxRefAmp": 241.59,
    "dataset": "ds002105",
    "modality": "T2w",
    "session_id": "a1",
    "subject_id": "22"
  },
  "cjv": 0.4627194259037461,
  "cnr": 3.0633376095989826,
  "efc": 0.6061292926415827,
  "fber": 15420.229781393982,
  "fwhm_avg": 4.659702520703206,
  "fwhm_x": 5.694473846153846,
  "fwhm_y": 6.696516923076923,
  "fwhm_z": 1.5881167928788498,
  "icvs_csf": 0.1733774017496273,
  "icvs_gm": 0.4296819858632967,
  "icvs_wm": 0.396940612387076,
  "inu_med": 1.2284715175628662,
  "inu_range": 0.2109991967678071,
  "provenance": {
    "md5sum": "4066a70a7addf96c634abf6e8eed110a",
    "settings": {
      "testing": false
    },
    "software": "mriqc",
    "version": "21.0.0rc2",
    "warnings": {
      "large_rot_frame": true,
      "small_air_mask": false
    },
    "webapi_port": null,
    "webapi_url": "https://mriqc.nimh.nih.gov/api/v1"
  },
  "qi_1": 0.0,
  "qi_2": 0.018352465934715855,
  "rpve_csf": 16.96394228151375,
  "rpve_gm": 7.684972386675328,
  "rpve_wm": 9.391900567661324,
  "size_x": 512,
  "size_y": 512,
  "size_z": 48,
  "snr_csf": 2.7286747085328167,
  "snr_gm": 11.827480778405748,
  "snr_total": 8.271223231504928,
  "snr_wm": 10.257514207576218,
  "snrd_csf": 268.505647363086,
  "snrd_gm": 139.14888479138267,
  "snrd_total": 166.6369390729195,
  "snrd_wm": 92.25628506428986,
  "spacing_x": 0.40625,
  "spacing_y": 0.40625,
  "spacing_z": 2.999999761581421,
  "summary_bg_k": 1317.0681079090634,
  "summary_bg_mad": 7.213907013507585,
  "summary_bg_mean": 13.264871620111093,
  "summary_bg_median": 9.731412678956985,
  "summary_bg_n": 2393336.0,
  "summary_bg_p05": 0.0,
  "summary_bg_p95": 29.194238036870956,
  "summary_bg_stdv": 42.675948089444205,
  "summary_csf_k": 0.3497835486033489,
  "summary_csf_mad": 808.5346980739301,
  "summary_csf_mean": 2915.546438049152,
  "summary_csf_median": 2956.5978001207113,
  "summary_csf_n": 338717.0,
  "summary_csf_p05": 558.9528814539312,
  "summary_csf_p95": 4573.4720167294145,
  "summary_csf_stdv": 1083.5272619578986,
  "summary_gm_k": -0.26781492993364253,
  "summary_gm_mad": 138.93984908015608,
  "summary_gm_mean": 1538.030424794986,
  "summary_gm_median": 1532.2109263017774,
  "summary_gm_n": 753447.0,
  "summary_gm_p05": 1340.015525892377,
  "summary_gm_p95": 1754.476391889155,
  "summary_gm_stdv": 129.54659899326722,
  "summary_wm_k": -0.023161796820935,
  "summary_wm_mad": 99.98475120721513,
  "summary_wm_mean": 1011.3057194115696,
  "summary_wm_median": 1015.8621695563197,
  "summary_wm_n": 828230.0,
  "summary_wm_p05": 836.609548009932,
  "summary_wm_p95": 1163.6823281496763,
  "summary_wm_stdv": 99.03584199111633,
  "tpm_overlap_csf": 0.1454443335533142,
  "tpm_overlap_gm": 0.41564321517944336,
  "tpm_overlap_wm": 0.43301060795783997,
  "wm2max": 0.2063084250676891
}