{
  "bids_meta": {
    "AcquisitionMatrixPE": 256,
    "AcquisitionNumber": 1,
    "AcquisitionTime": "16:21:15.842500",
    "BaseResolution": 256,
    "BodyPartExamined": "BRAIN",
    "ConsistencyInfo": "N4_VE11B_LATEST_20150530",
    "ConversionSoftware": "dcm2niix",
    "ConversionSoftwareVersion": "v1.0.20181125  GCC4.8.5",
    "DeviceSerialNumber": "67007",
    "DwellTime": 8.9e-06,
    "EchoTime": 0.091,
    "EchoTrainLength": 18,
    "FlipAngle": 120,
    "ImageOrientationPatientDICOM": [
      1,
      0,
      0,
      0,
      0.880477,
      -0.474088
    ],
    "ImageType": [
      "ORIGINAL",
      "PRIMARY",
      "M",
      "ND",
      "NORM"
    ],
    "ImagingFrequency": 123.211,
    "InPlanePhaseEncodingDirectionDICOM": "COL",
    "InstitutionAddress": "Perth_Drive_100_London_Ontario_CA_N6A_5K8",
    "InstitutionName": "Robarts-CFMM",
    "InstitutionalDepartmentName": "CFMM",
    "Interpolation2D": 1,
    "MRAcquisitionType": "2D",
    "MagneticFieldStrength": 3,
    "Manufacturer": "Siemens",
    "ManufacturersModelName": "Prisma_fit",
    "Modality": "MR",
    "ParallelReductionFactorInPlane": 2,
    "PartialFourier": 1,
    "PatientPosition": "HFS",
    "PercentPhaseFOV": 100,
    "PhaseEncodingDirection": "j-",
    "PhaseEncodingSteps": 255,
    "PhaseResolution": 1,
    "PixelBandwidth": 220,
    "ProcedureStepDescription": "Diedrichsen_MCC",
    "ProtocolName": "t2_tse_tra_256_p2",
    "PulseSequenceDetails": "%SiemensSeq%_tse",
    "ReceiveCoilActiveElements": "HEA;HEP",
    "ReceiveCoilName": "Head_32",
    "ReconMatrixPE": 512,
    "RepetitionTime": 8.53,
    "SAR": 0.715804,
    "ScanningSequence": "SE",
    "SequenceName": "_tse2d1_18",
    "SequenceVariant": "SK_SP",
    "SeriesDescription": "t2_tse_tra_256_p2",
    "SeriesNumber": 18,
    "ShimSetting": [
      5237,
      -6157,
      -4055,
      53,
      3,
      -37,
      -27,
      1
    ],
    "SliceThickness": 3,
    "SoftwareVersions": "syngo_MR_E11",
    "SpacingBetweenSlices": 3,
    "StationName": "MRC35368",
    "TxRefAmp": 291.923,
    "dataset": "ds002105",
    "modality": "T2w",
    "session_id": "b2",
    "subject_id": "31"
  },
  "cjv": 0.5023901717689474,
  "cnr": 2.829703047840979,
  "efc": 0.5637706025856745,
  "fber": 11717.078429752066,
  "fwhm_avg": 5.056388954199065,
  "fwhm_x": 6.421587692307692,
  "fwhm_y": 6.935015384615384,
  "fwhm_z": 1.8125637856741181,
  "icvs_csf": 0.1875508485329835,
  "icvs_gm": 0.43273207248269746,
  "icvs_wm": 0.37971707898431906,
  "inu_med": 1.3029955625534058,
  "inu_range": 0.3635520100593568,
  "provenance": {
    "md5sum": "5627e5d25c0c014b55c3481db9a491be",
    "settings": {
      "testing": false
    },
    "software": "mriqc",
    "version": "21.0.0rc2",
    "warnings": {
      "large_rot_frame": true,
      "small_air_mask": false
    },
    "webapi_port": null,
    "webapi_url": "https://mriqc.nimh.nih.gov/api/v1"
  },
  "qi_1": 0.0,
  "qi_2": 0.018497318188054862,
  "rpve_csf": 15.060243600205519,
  "rpve_gm": 7.377436307071386,
  "rpve_wm": 9.402566115633586,
  "size_x": 512,
  "size_y": 512,
  "size_z": 48,
  "snr_csf": 3.582977104574799,
  "snr_gm": 10.957295958876452,
  "snr_total": 8.048163325971858,
  "snr_wm": 9.604216914464326,
  "snrd_csf": 261.83190822894227,
  "snrd_gm": 116.65705171459201,
  "snrd_total": 152.20952113210026,
  "snrd_wm": 78.1396034527665,
  "spacing_x": 0.40625,
  "spacing_y": 0.40625,
  "spacing_z": 3.000004768371582,
  "summary_bg_k": 1175.237408087387,
  "summary_bg_mad": 8.459480160431589,
  "summary_bg_mean": 13.011434847925916,
  "summary_bg_median": 11.517328888177872,
  "summary_bg_n": 3063200.0,
  "summary_bg_p05": 0.0,
  "summary_bg_p95": 29.480135411024094,
  "summary_bg_stdv": 30.936048238316978,
  "summary_csf_k": 1.3833289145325667,
  "summary_csf_mad": 893.7284132455966,
  "summary_csf_mean": 3353.467044897801,
  "summary_csf_median": 3380.9171783030033,
  "summary_csf_n": 399200.0,
  "summary_csf_p05": 1554.7337363362312,
  "summary_csf_p95": 4674.344911515713,
  "summary_csf_stdv": 943.604395174015,
  "summary_gm_k": -0.26497934147015867,
  "summary_gm_mad": 147.25761760751286,
  "summary_gm_mean": 1511.8612235152984,
  "summary_gm_median": 1506.3398222923279,
  "summary_gm_n": 788282.0,
  "summary_gm_p05": 1299.9788744151592,
  "summary_gm_p95": 1740.173297792673,
  "summary_gm_stdv": 137.4735949898565,
  "summary_wm_k": 0.2058855164715654,
  "summary_wm_mad": 102.61036120523501,
  "summary_wm_mean": 1003.8161424137519,
  "summary_wm_median": 1008.9814087450504,
  "summary_wm_n": 835009.0,
  "summary_wm_p05": 821.534239500761,
  "summary_wm_p95": 1167.8994146883488,
  "summary_wm_stdv": 105.0560200333806,
  "tpm_overlap_csf": 0.15897497534751892,
  "tpm_overlap_gm": 0.4234345555305481,
  "tpm_overlap_wm": 0.4606720507144928,
  "wm2max": 0.201973222758578
}