{
  "bids_meta": {
    "AcquisitionMatrixPE": 256,
    "AcquisitionNumber": 1,
    "AcquisitionTime": "13:44:8.447500",
    "BaseResolution": 256,
    "BodyPartExamined": "BRAIN",
    "ConsistencyInfo": "N4_VE11B_LATEST_20150530",
    "ConversionSoftware": "dcm2niix",
    "ConversionSoftwareVersion": "v1.0.20181125  GCC4.8.5",
    "DeviceSerialNumber": "67007",
    "DwellTime": 8.9e-06,
    "EchoTime": 0.091,
    "EchoTrainLength": 18,
    "FlipAngle": 120,
    "ImageOrientationPatientDICOM": [
      1,
      0,
      0,
      0,
      0.934826,
      -0.355107
    ],
    "ImageType": [
      "ORIGINAL",
      "PRIMARY",
      "M",
      "ND",
      "NORM"
    ],
    "ImagingFrequency": 123.211,
    "InPlanePhaseEncodingDirectionDICOM": "COL",
    "InstitutionAddress": "Perth_Drive_100_London_Ontario_CA_N6A_5K8",
    "InstitutionName": "Robarts_Research_Institute",
    "InstitutionalDepartmentName": "CFMM",
    "Interpolation2D": 1,
    "MRAcquisitionType": "2D",
    "MagneticFieldStrength": 3,
    "Manufacturer": "Siemens",
    "ManufacturersModelName": "Prisma_fit",
    "Modality": "MR",
    "ParallelReductionFactorInPlane": 2,
    "PartialFourier": 1,
    "PatientPosition": "HFS",
    "PercentPhaseFOV": 100,
    "PhaseEncodingDirection": "j-",
    "PhaseEncodingSteps": 255,
    "PhaseResolution": 1,
    "PixelBandwidth": 220,
    "ProcedureStepDescription": "Diedrichsen_Feb2016",
    "ProtocolName": "t2_tse_tra_256_p2",
    "PulseSequenceDetails": "%SiemensSeq%_tse",
    "ReceiveCoilActiveElements": "HEA;HEP",
    "ReceiveCoilName": "Head_32",
    "ReconMatrixPE": 512,
    "RepetitionTime": 8.53,
    "SAR": 0.699832,
    "ScanningSequence": "SE",
    "SequenceName": "_tse2d1_18",
    "SequenceVariant": "SK_SP",
    "SeriesDescription": "t2_tse_tra_256_p2",
    "SeriesNumber": 12,
    "ShimSetting": [
      5237,
      -6157,
      -4055,
      53,
      3,
      -37,
      -27,
      1
    ],
    "SliceThickness": 3,
    "SoftwareVersions": "syngo_MR_E11",
    "SpacingBetweenSlices": 3,
    "StationName": "MRC35368",
    "TxRefAmp": 264.76,
    "dataset": "ds002105",
    "modality": "T2w",
    "session_id": "a2",
    "subject_id": "14"
  },
  "cjv": 0.4526171949615819,
  "cnr": 3.1171412068380766,
  "efc": 0.5913713417685724,
  "fber": 8450.236892035726,
  "fwhm_avg": 4.5426854868788755,
  "fwhm_x": 5.771076923076923,
  "fwhm_y": 6.223975384615385,
  "fwhm_z": 1.633004152944318,
  "icvs_csf": 0.1494944140941226,
  "icvs_gm": 0.4489274298537585,
  "icvs_wm": 0.40157815605211894,
  "inu_med": 1.1813613176345825,
  "inu_range": 0.18687791824340838,
  "provenance": {
    "md5sum": "5ab35bc6fdd935b377f4e3a0479b13d3",
    "settings": {
      "testing": false
    },
    "software": "mriqc",
    "version": "21.0.0rc2",
    "warnings": {
      "large_rot_frame": true,
      "small_air_mask": false
    },
    "webapi_port": null,
    "webapi_url": "https://mriqc.nimh.nih.gov/api/v1"
  },
  "qi_1": 0.0,
  "qi_2": 0.011803107632739418,
  "rpve_csf": 18.81918286698456,
  "rpve_gm": 7.357213374547314,
  "rpve_wm": 9.11396878872196,
  "size_x": 512,
  "size_y": 512,
  "size_z": 48,
  "snr_csf": 2.889136341357801,
  "snr_gm": 12.784061076496135,
  "snr_total": 8.652360717678906,
  "snr_wm": 10.283884735182783,
  "snrd_csf": 254.4140057752892,
  "snrd_gm": 138.0353402068343,
  "snrd_total": 161.66870377704427,
  "snrd_wm": 92.55676534900925,
  "spacing_x": 0.40625,
  "spacing_y": 0.40625,
  "spacing_z": 2.9999923706054688,
  "summary_bg_k": 208.61828988063434,
  "summary_bg_mad": 7.170643281245637,
  "summary_bg_mean": 15.970360368194966,
  "summary_bg_median": 9.57632028311491,
  "summary_bg_n": 2953921.0,
  "summary_bg_p05": 0.0,
  "summary_bg_p95": 37.82162859290838,
  "summary_bg_stdv": 42.7780732295744,
  "summary_csf_k": 0.6303273245303962,
  "summary_csf_mad": 687.3061585073942,
  "summary_csf_mean": 2778.375320139878,
  "summary_csf_median": 2784.6294964663684,
  "summary_csf_n": 285228.0,
  "summary_csf_p05": 626.4267692267895,
  "summary_csf_p95": 4333.720215395093,
  "summary_csf_stdv": 963.8259625170988,
  "summary_gm_k": -0.2637361437146293,
  "summary_gm_mad": 126.34673461554812,
  "summary_gm_mean": 1515.68170495213,
  "summary_gm_median": 1510.83380305022,
  "summary_gm_n": 818270.0,
  "summary_gm_p05": 1332.6562074795365,
  "summary_gm_p95": 1712.8071035668254,
  "summary_gm_stdv": 118.18098105302568,
  "summary_wm_k": -0.07285676828034138,
  "summary_wm_mad": 98.95487728118978,
  "summary_wm_mean": 1006.4018452130837,
  "summary_wm_median": 1013.0586093440652,
  "summary_wm_n": 856218.0,
  "summary_wm_p05": 829.8510273620486,
  "summary_wm_p95": 1156.3164915591478,
  "summary_wm_stdv": 98.50927386310367,
  "tpm_overlap_csf": 0.16104422509670258,
  "tpm_overlap_gm": 0.4401276111602783,
  "tpm_overlap_wm": 0.4711796045303345,
  "wm2max": 0.208642122878317
}