{
  "aor": 0.0002645590682196339,
  "aqi": 0.008178215024958402,
  "bids_meta": {
    "AcquisitionMatrixPE": 84,
    "AcquisitionNumber": 1,
    "AcquisitionTime": "15:38:18.082500",
    "BandwidthPerPixelPhaseEncode": 33.069,
    "BaseResolution": 84,
    "BodyPartExamined": "BRAIN",
    "ConsistencyInfo": "N4_VE11B_LATEST_20150530",
    "ConversionSoftware": "dcm2niix",
    "ConversionSoftwareVersion": "v1.0.20181125  GCC4.8.5",
    "DerivedVendorReportedEchoSpacing": 0.000719995,
    "DeviceSerialNumber": "67007",
    "DwellTime": 3.8e-06,
    "EchoTime": 0.03,
    "EchoTrainLength": 36,
    "EffectiveEchoSpacing": 0.000359998,
    "FlipAngle": 40,
    "ImageComments": "Unaliased_MB3_PE4",
    "ImageOrientationPatientDICOM": [
      0.999168,
      0.014492,
      0.0381144,
      2.90147e-08,
      0.934713,
      -0.355403
    ],
    "ImageType": [
      "ORIGINAL",
      "PRIMARY",
      "M",
      "MB",
      "ND",
      "NORM",
      "MOSAIC"
    ],
    "ImagingFrequency": 123.211,
    "InPlanePhaseEncodingDirectionDICOM": "COL",
    "InstitutionAddress": "Perth_Drive_100_London_Ontario_CA_N6A_5K8",
    "InstitutionName": "Robarts_Research_Institute",
    "InstitutionalDepartmentName": "CFMM",
    "MRAcquisitionType": "2D",
    "MagneticFieldStrength": 3,
    "Manufacturer": "Siemens",
    "ManufacturersModelName": "Prisma_fit",
    "Modality": "MR",
    "MultibandAccelerationFactor": 3,
    "ParallelReductionFactorInPlane": 2,
    "PartialFourier": 0.875,
    "PatientPosition": "HFS",
    "PercentPhaseFOV": 100,
    "PhaseEncodingDirection": "j-",
    "PhaseEncodingSteps": 73,
    "PhaseResolution": 1,
    "PixelBandwidth": 1565,
    "ProcedureStepDescription": "Diedrichsen_MCC",
    "ProtocolName": "ep_bold_mb3_p2",
    "PulseSequenceDetails": "%CustomerSeq%_cmrr_mbep2d_bold",
    "ReceiveCoilActiveElements": "HEA;HEP",
    "ReceiveCoilName": "Head_32",
    "ReconMatrixPE": 84,
    "RepetitionTime": 1,
    "SAR": 0.0700917,
    "ScanOptions": "PFP_FS_EXT",
    "ScanningSequence": "EP",
    "SequenceName": "epfid2d1_84",
    "SequenceVariant": "SK_SS",
    "SeriesDescription": "ep_bold_mb3_p2",
    "SeriesNumber": 6,
    "ShimSetting": [
      5260,
      -6224,
      -3836,
      651,
      154,
      -64,
      -28,
      -25
    ],
    "SliceThickness": 3,
    "SliceTiming": [
      0,
      0.4275,
      0.8575,
      0.305,
      0.735,
      0.1825,
      0.6125,
      0.06,
      0.49,
      0.9175,
      0.3675,
      0.795,
      0.245,
      0.6725,
      0.1225,
      0.55,
      0,
      0.4275,
      0.8575,
      0.305,
      0.735,
      0.1825,
      0.6125,
      0.06,
      0.49,
      0.9175,
      0.3675,
      0.795,
      0.245,
      0.6725,
      0.1225,
      0.55,
      0,
      0.4275,
      0.8575,
      0.305,
      0.735,
      0.1825,
      0.6125,
      0.06,
      0.49,
      0.9175,
      0.3675,
      0.795,
      0.245,
      0.6725,
      0.1225,
      0.55
    ],
    "SoftwareVersions": "syngo_MR_E11",
    "SpacingBetweenSlices": 3,
    "StationName": "MRC35368",
    "TaskName": "a",
    "TotalReadoutTime": 0.0298798,
    "TxRefAmp": 242.879,
    "WipMemBlock": "68568b08-cd7e-4179-97db-20dd01c39794||Sequence: ve11b/master r/50434d5; Mar  3 2017 10:46:13 by eja",
    "dataset": "ds002105",
    "modality": "bold",
    "run_id": 5,
    "session_id": "a2",
    "subject_id": "22",
    "task_id": "a"
  },
  "dummy_trs": 0,
  "dvars_nstd": 30.79204340955001,
  "dvars_std": 1.1540230768833333,
  "dvars_vstd": 0.9982684892500001,
  "efc": 0.46780694034735004,
  "fber": 4169.69921875,
  "fd_mean": 0.12121899423985766,
  "fd_num": 26,
  "fd_perc": 4.3261231281198,
  "fwhm_avg": 1.8748412772201413,
  "fwhm_x": 1.8021351262057699,
  "fwhm_y": 2.0882520387879873,
  "fwhm_z": 1.7341366666666669,
  "gcor": 0.00870352,
  "gsr_x": -0.019546272233128548,
  "gsr_y": 0.025525392964482307,
  "provenance": {
    "md5sum": "96d7a16d5b249ebf5789efb435d395b6",
    "settings": {
      "fd_thres": 0.2,
      "testing": false
    },
    "software": "mriqc",
    "version": "21.0.0rc2",
    "webapi_port": null,
    "webapi_url": "https://mriqc.nimh.nih.gov/api/v1"
  },
  "size_t": 601,
  "size_x": 84,
  "size_y": 84,
  "size_z": 48,
  "snr": 5.078459989557861,
  "spacing_tr": 1.0,
  "spacing_x": 2.4761905670166016,
  "spacing_y": 2.4761905670166016,
  "spacing_z": 3.0,
  "summary_bg_k": 35.279503956435356,
  "summary_bg_mad": 37.56336599527895,
  "summary_bg_mean": 163.09512329101562,
  "summary_bg_median": 59.88352584838867,
  "summary_bg_n": 231793.0,
  "summary_bg_p05": 25.219633102416992,
  "summary_bg_p95": 638.5031494140622,
  "summary_bg_stdv": 315.912109375,
  "summary_fg_k": 4.77201123593658,
  "summary_fg_mad": 658.8367902999107,
  "summary_fg_mean": 4015.22802734375,
  "summary_fg_median": 3925.35595703125,
  "summary_fg_n": 52440.0,
  "summary_fg_p05": 3040.2908569335937,
  "summary_fg_p95": 5270.9989013671875,
  "summary_fg_stdv": 772.934814453125,
  "tsnr": 49.950749716488644
}