{
  "aor": 0.0001887520798668885,
  "aqi": 0.017547461564059896,
  "bids_meta": {
    "AcquisitionMatrixPE": 84,
    "AcquisitionNumber": 1,
    "AcquisitionTime": "17:05:41.667500",
    "BandwidthPerPixelPhaseEncode": 33.069,
    "BaseResolution": 84,
    "BodyPartExamined": "BRAIN",
    "ConsistencyInfo": "N4_VE11B_LATEST_20150530",
    "ConversionSoftware": "dcm2niix",
    "ConversionSoftwareVersion": "v1.0.20181125  GCC4.8.5",
    "DerivedVendorReportedEchoSpacing": 0.000719995,
    "DeviceSerialNumber": "67007",
    "DwellTime": 3.8e-06,
    "EchoTime": 0.03,
    "EchoTrainLength": 36,
    "EffectiveEchoSpacing": 0.000359998,
    "FlipAngle": 40,
    "ImageComments": "Unaliased_MB3_PE4",
    "ImageOrientationPatientDICOM": [
      1,
      0,
      0,
      0,
      0.892586,
      -0.450878
    ],
    "ImageType": [
      "ORIGINAL",
      "PRIMARY",
      "M",
      "MB",
      "ND",
      "NORM",
      "MOSAIC"
    ],
    "ImagingFrequency": 123.211,
    "InPlanePhaseEncodingDirectionDICOM": "COL",
    "InstitutionAddress": "Perth_Drive_100_London_Ontario_CA_N6A_5K8",
    "InstitutionName": "Robarts_Research_Institute",
    "InstitutionalDepartmentName": "CFMM",
    "MRAcquisitionType": "2D",
    "MagneticFieldStrength": 3,
    "Manufacturer": "Siemens",
    "ManufacturersModelName": "Prisma_fit",
    "Modality": "MR",
    "MultibandAccelerationFactor": 3,
    "ParallelReductionFactorInPlane": 2,
    "PartialFourier": 0.875,
    "PatientPosition": "HFS",
    "PercentPhaseFOV": 100,
    "PhaseEncodingDirection": "j-",
    "PhaseEncodingSteps": 73,
    "PhaseResolution": 1,
    "PixelBandwidth": 1565,
    "ProcedureStepDescription": "Diedrichsen_MCC",
    "ProtocolName": "ep_bold_mb3_p2",
    "PulseSequenceDetails": "%CustomerSeq%_cmrr_mbep2d_bold",
    "ReceiveCoilActiveElements": "HEA;HEP",
    "ReceiveCoilName": "Head_32",
    "ReconMatrixPE": 84,
    "RepetitionTime": 1,
    "SAR": 0.0692537,
    "ScanOptions": "PFP_FS_EXT",
    "ScanningSequence": "EP",
    "SequenceName": "epfid2d1_84",
    "SequenceVariant": "SK_SS",
    "SeriesDescription": "ep_bold_mb3_p2",
    "SeriesNumber": 2,
    "ShimSetting": [
      5268,
      -6249,
      -3903,
      503,
      7,
      -12,
      -67,
      -14
    ],
    "SliceThickness": 3,
    "SliceTiming": [
      0,
      0.4275,
      0.8575,
      0.305,
      0.735,
      0.1825,
      0.6125,
      0.06,
      0.49,
      0.9175,
      0.3675,
      0.795,
      0.245,
      0.6725,
      0.1225,
      0.55,
      0,
      0.4275,
      0.8575,
      0.305,
      0.735,
      0.1825,
      0.6125,
      0.06,
      0.49,
      0.9175,
      0.3675,
      0.795,
      0.245,
      0.6725,
      0.1225,
      0.55,
      0,
      0.4275,
      0.8575,
      0.305,
      0.735,
      0.1825,
      0.6125,
      0.06,
      0.49,
      0.9175,
      0.3675,
      0.795,
      0.245,
      0.6725,
      0.1225,
      0.55
    ],
    "SoftwareVersions": "syngo_MR_E11",
    "SpacingBetweenSlices": 3,
    "StationName": "MRC35368",
    "TaskName": "rest",
    "TotalReadoutTime": 0.0298798,
    "TxRefAmp": 266.196,
    "WipMemBlock": "b79bd908-2c84-401c-aa1d-0807e328137a||Sequence: ve11b/master r/50434d5; Mar  3 2017 10:46:13 by eja",
    "dataset": "ds002105",
    "modality": "bold",
    "run_id": 1,
    "session_id": "rest",
    "subject_id": "12",
    "task_id": "rest"
  },
  "dummy_trs": 0,
  "dvars_nstd": 37.55843641928336,
  "dvars_std": 1.0787566049166661,
  "dvars_vstd": 0.977269490983333,
  "efc": 0.4794169797937315,
  "fber": 3298.0087890625,
  "fd_mean": 0.10744500527033907,
  "fd_num": 4,
  "fd_perc": 0.6655574043261231,
  "fwhm_avg": 2.007713752606205,
  "fwhm_x": 1.9437437748577495,
  "fwhm_y": 2.212164149627533,
  "fwhm_z": 1.8672333333333333,
  "gcor": 0.00362672,
  "gsr_x": -0.017218170687556267,
  "gsr_y": 0.01906873658299446,
  "provenance": {
    "md5sum": "fc803f846233a7ecc3d6a4125fd4b1ad",
    "settings": {
      "fd_thres": 0.2,
      "testing": false
    },
    "software": "mriqc",
    "version": "21.0.0rc2",
    "webapi_port": null,
    "webapi_url": "https://mriqc.nimh.nih.gov/api/v1"
  },
  "size_t": 601,
  "size_x": 84,
  "size_y": 84,
  "size_z": 48,
  "snr": 5.372821153707396,
  "spacing_tr": 1.0,
  "spacing_x": 2.4761905670166016,
  "spacing_y": 2.4761905670166016,
  "spacing_z": 3.0,
  "summary_bg_k": 22.35399556440437,
  "summary_bg_mad": 33.20683068147602,
  "summary_bg_mean": 132.57969665527344,
  "summary_bg_median": 49.29783630371094,
  "summary_bg_n": 230206.0,
  "summary_bg_p05": 21.399333953857422,
  "summary_bg_p95": 528.2998809814453,
  "summary_bg_stdv": 241.41647338867188,
  "summary_fg_k": 5.428257616934497,
  "summary_fg_mad": 460.4330502525687,
  "summary_fg_mean": 2963.682861328125,
  "summary_fg_median": 2897.781982421875,
  "summary_fg_n": 54111.0,
  "summary_fg_p05": 2287.6563720703125,
  "summary_fg_p95": 3827.792724609375,
  "summary_fg_stdv": 539.3358764648438,
  "tsnr": 36.54266644734889
}