{
  "aor": 0.0008358069883527454,
  "aqi": 0.013215116788685526,
  "bids_meta": {
    "AcquisitionMatrixPE": 84,
    "AcquisitionNumber": 1,
    "AcquisitionTime": "13:50:31.575000",
    "BandwidthPerPixelPhaseEncode": 33.069,
    "BaseResolution": 84,
    "BodyPartExamined": "BRAIN",
    "ConsistencyInfo": "N4_VE11B_LATEST_20150530",
    "ConversionSoftware": "dcm2niix",
    "ConversionSoftwareVersion": "v1.0.20181125  GCC4.8.5",
    "DerivedVendorReportedEchoSpacing": 0.000719995,
    "DeviceSerialNumber": "67007",
    "DwellTime": 3.8e-06,
    "EchoTime": 0.03,
    "EchoTrainLength": 36,
    "EffectiveEchoSpacing": 0.000359998,
    "FlipAngle": 40,
    "ImageComments": "Unaliased_MB3_PE4",
    "ImageOrientationPatientDICOM": [
      1,
      0,
      0,
      0,
      0.91706,
      -0.398749
    ],
    "ImageType": [
      "ORIGINAL",
      "PRIMARY",
      "M",
      "MB",
      "ND",
      "NORM",
      "MOSAIC"
    ],
    "ImagingFrequency": 123.211,
    "InPlanePhaseEncodingDirectionDICOM": "COL",
    "InstitutionAddress": "Perth_Drive_100_London_Ontario_CA_N6A_5K8",
    "InstitutionName": "Robarts_Research_Institute",
    "InstitutionalDepartmentName": "CFMM",
    "MRAcquisitionType": "2D",
    "MagneticFieldStrength": 3,
    "Manufacturer": "Siemens",
    "ManufacturersModelName": "Prisma_fit",
    "Modality": "MR",
    "MultibandAccelerationFactor": 3,
    "ParallelReductionFactorInPlane": 2,
    "PartialFourier": 0.875,
    "PatientPosition": "HFS",
    "PercentPhaseFOV": 100,
    "PhaseEncodingDirection": "j-",
    "PhaseEncodingSteps": 73,
    "PhaseResolution": 1,
    "PixelBandwidth": 1565,
    "ProcedureStepDescription": "Diedrichsen_MCC",
    "ProtocolName": "ep_bold_mb3_p2",
    "PulseSequenceDetails": "%CustomerSeq%_cmrr_mbep2d_bold",
    "ReceiveCoilActiveElements": "HEA;HEP",
    "ReceiveCoilName": "Head_32",
    "ReconMatrixPE": 84,
    "RepetitionTime": 1,
    "SAR": 0.0652418,
    "ScanOptions": "PFP_FS_EXT",
    "ScanningSequence": "EP",
    "SequenceName": "epfid2d1_84",
    "SequenceVariant": "SK_SS",
    "SeriesDescription": "ep_bold_mb3_p2",
    "SeriesNumber": 11,
    "ShimSetting": [
      5252,
      -6218,
      -3927,
      643,
      86,
      -36,
      25,
      17
    ],
    "SliceThickness": 3,
    "SliceTiming": [
      0,
      0.4275,
      0.8575,
      0.305,
      0.735,
      0.1825,
      0.6125,
      0.06,
      0.49,
      0.9175,
      0.3675,
      0.795,
      0.245,
      0.6725,
      0.1225,
      0.55,
      0,
      0.4275,
      0.8575,
      0.305,
      0.735,
      0.1825,
      0.6125,
      0.06,
      0.49,
      0.9175,
      0.3675,
      0.795,
      0.245,
      0.6725,
      0.1225,
      0.55,
      0,
      0.4275,
      0.8575,
      0.305,
      0.735,
      0.1825,
      0.6125,
      0.06,
      0.49,
      0.9175,
      0.3675,
      0.795,
      0.245,
      0.6725,
      0.1225,
      0.55
    ],
    "SoftwareVersions": "syngo_MR_E11",
    "SpacingBetweenSlices": 3,
    "StationName": "MRC35368",
    "TaskName": "a",
    "TotalReadoutTime": 0.0298798,
    "TxRefAmp": 258.531,
    "WipMemBlock": "ba247210-fc7f-4602-90c5-20033e487076||Sequence: ve11b/master r/50434d5; Mar  3 2017 10:46:13 by eja",
    "dataset": "ds002105",
    "modality": "bold",
    "run_id": 4,
    "session_id": "a1",
    "subject_id": "29",
    "task_id": "a"
  },
  "dummy_trs": 0,
  "dvars_nstd": 29.132255099633348,
  "dvars_std": 1.109479021183334,
  "dvars_vstd": 0.968243686833334,
  "efc": 0.5036014155411809,
  "fber": 6550.69775390625,
  "fd_mean": 0.1264042815134977,
  "fd_num": 61,
  "fd_perc": 10.149750415973378,
  "fwhm_avg": 2.00658111944241,
  "fwhm_x": 1.916181256114429,
  "fwhm_y": 2.191445435546134,
  "fwhm_z": 1.9121166666666667,
  "gcor": 0.0127872,
  "gsr_x": -0.010004505515098572,
  "gsr_y": 0.022906022146344185,
  "provenance": {
    "md5sum": "6faeef2c5f0058dd6e26ac65f40cf06e",
    "settings": {
      "fd_thres": 0.2,
      "testing": false
    },
    "software": "mriqc",
    "version": "21.0.0rc2",
    "webapi_port": null,
    "webapi_url": "https://mriqc.nimh.nih.gov/api/v1"
  },
  "size_t": 601,
  "size_x": 84,
  "size_y": 84,
  "size_z": 48,
  "snr": 4.525857181521936,
  "spacing_tr": 1.0,
  "spacing_x": 2.6190476417541504,
  "spacing_y": 2.6190476417541504,
  "spacing_z": 3.0,
  "summary_bg_k": 23.94918665301151,
  "summary_bg_mad": 30.952098249511252,
  "summary_bg_mean": 156.20465087890625,
  "summary_bg_median": 43.69550704956055,
  "summary_bg_n": 215113.0,
  "summary_bg_p05": 17.346088409423828,
  "summary_bg_p95": 685.6262817382809,
  "summary_bg_stdv": 324.1907958984375,
  "summary_fg_k": 5.778219643776765,
  "summary_fg_mad": 609.4628063600974,
  "summary_fg_mean": 3738.659912109375,
  "summary_fg_median": 3613.26123046875,
  "summary_fg_n": 65661.0,
  "summary_fg_p05": 2826.67041015625,
  "summary_fg_p95": 5028.6669921875,
  "summary_fg_stdv": 798.3534545898438,
  "tsnr": 42.422542848216835
}