{
  "aor": 0.00020658333333333333,
  "aqi": 0.007906881883333333,
  "bids_meta": {
    "AcquisitionMatrixPE": 84,
    "AcquisitionNumber": 1,
    "AcquisitionTime": "11:21:46.007500",
    "BandwidthPerPixelPhaseEncode": 33.069,
    "BaseResolution": 84,
    "BodyPartExamined": "BRAIN",
    "ConsistencyInfo": "N4_VE11B_LATEST_20150530",
    "ConversionSoftware": "dcm2niix",
    "ConversionSoftwareVersion": "v1.0.20181125  GCC4.8.5",
    "DerivedVendorReportedEchoSpacing": 0.000719995,
    "DeviceSerialNumber": "67007",
    "DwellTime": 3.8e-06,
    "EchoTime": 0.03,
    "EchoTrainLength": 36,
    "EffectiveEchoSpacing": 0.000359998,
    "FlipAngle": 40,
    "ImageComments": "Unaliased_MB3_PE4",
    "ImageOrientationPatientDICOM": [
      1,
      0,
      0,
      0,
      0.878817,
      -0.477159
    ],
    "ImageType": [
      "ORIGINAL",
      "PRIMARY",
      "M",
      "MB",
      "ND",
      "NORM",
      "MOSAIC"
    ],
    "ImagingFrequency": 123.211,
    "InPlanePhaseEncodingDirectionDICOM": "COL",
    "InstitutionAddress": "Perth_Drive_100_London_Ontario_CA_N6A_5K8",
    "InstitutionName": "Robarts_Research_Institute",
    "InstitutionalDepartmentName": "CFMM",
    "MRAcquisitionType": "2D",
    "MagneticFieldStrength": 3,
    "Manufacturer": "Siemens",
    "ManufacturersModelName": "Prisma_fit",
    "Modality": "MR",
    "MultibandAccelerationFactor": 3,
    "ParallelReductionFactorInPlane": 2,
    "PartialFourier": 0.875,
    "PatientPosition": "HFS",
    "PercentPhaseFOV": 100,
    "PhaseEncodingDirection": "j-",
    "PhaseEncodingSteps": 73,
    "PhaseResolution": 1,
    "PixelBandwidth": 1565,
    "ProcedureStepDescription": "Diedrichsen_MCC",
    "ProtocolName": "ep_bold_mb3_p2",
    "PulseSequenceDetails": "%CustomerSeq%_cmrr_mbep2d_bold",
    "ReceiveCoilActiveElements": "HEA;HEP",
    "ReceiveCoilName": "Head_32",
    "ReconMatrixPE": 84,
    "RepetitionTime": 1,
    "SAR": 0.0850496,
    "ScanOptions": "PFP_FS_EXT",
    "ScanningSequence": "EP",
    "SequenceName": "epfid2d1_84",
    "SequenceVariant": "SK_SS",
    "SeriesDescription": "ep_bold_mb3_p2",
    "SeriesNumber": 8,
    "ShimSetting": [
      5156,
      -6329,
      -3970,
      870,
      -173,
      -342,
      -964,
      49
    ],
    "SliceThickness": 3,
    "SliceTiming": [
      0,
      0.4275,
      0.8575,
      0.305,
      0.735,
      0.1825,
      0.6125,
      0.06,
      0.49,
      0.9175,
      0.3675,
      0.795,
      0.245,
      0.6725,
      0.1225,
      0.55,
      0,
      0.4275,
      0.8575,
      0.305,
      0.735,
      0.1825,
      0.6125,
      0.06,
      0.49,
      0.9175,
      0.3675,
      0.795,
      0.245,
      0.6725,
      0.1225,
      0.55,
      0,
      0.4275,
      0.8575,
      0.305,
      0.735,
      0.1825,
      0.6125,
      0.06,
      0.49,
      0.9175,
      0.3675,
      0.795,
      0.245,
      0.6725,
      0.1225,
      0.55
    ],
    "SoftwareVersions": "syngo_MR_E11",
    "SpacingBetweenSlices": 3,
    "StationName": "MRC35368",
    "TaskName": "a",
    "TotalReadoutTime": 0.0298798,
    "TxRefAmp": 262.094,
    "WipMemBlock": "ff7fcb79-1fea-4d00-8b23-ca87423e091d||Sequence: ve11b/master r/50434d5; Mar  3 2017 10:46:13 by eja",
    "dataset": "ds002105",
    "modality": "bold",
    "run_id": 4,
    "session_id": "a1",
    "subject_id": "30",
    "task_id": "a"
  },
  "dummy_trs": 1,
  "dvars_nstd": 29.73341526946574,
  "dvars_std": 1.1148693740901505,
  "dvars_vstd": 0.9946613250417362,
  "efc": 0.47162974053499707,
  "fber": 4710.56201171875,
  "fd_mean": 0.15011607105849614,
  "fd_num": 141,
  "fd_perc": 23.5,
  "fwhm_avg": 1.9502232629515603,
  "fwhm_x": 1.9549787744456522,
  "fwhm_y": 2.0538443477423614,
  "fwhm_z": 1.8418466666666669,
  "gcor": 0.00441439,
  "gsr_x": -0.004876390099525452,
  "gsr_y": 0.01691330410540104,
  "provenance": {
    "md5sum": "24f43dc05ff94445b69454efa729a93b",
    "settings": {
      "fd_thres": 0.2,
      "testing": false
    },
    "software": "mriqc",
    "version": "21.0.0rc2",
    "webapi_port": null,
    "webapi_url": "https://mriqc.nimh.nih.gov/api/v1"
  },
  "size_t": 600,
  "size_x": 84,
  "size_y": 84,
  "size_z": 48,
  "snr": 5.295306652842049,
  "spacing_tr": 1.0,
  "spacing_x": 2.4761905670166016,
  "spacing_y": 2.4761905670166016,
  "spacing_z": 3.0,
  "summary_bg_k": 20.45876605668065,
  "summary_bg_mad": 35.767778521447646,
  "summary_bg_mean": 158.4034881591797,
  "summary_bg_median": 54.59000015258789,
  "summary_bg_n": 229720.0,
  "summary_bg_p05": 24.491666793823242,
  "summary_bg_p95": 705.2130218505853,
  "summary_bg_stdv": 316.3382873535156,
  "summary_fg_k": 4.327915856975786,
  "summary_fg_mad": 628.3641748288826,
  "summary_fg_mean": 3898.53173828125,
  "summary_fg_median": 3813.10009765625,
  "summary_fg_n": 54617.0,
  "summary_fg_p05": 2966.913671875,
  "summary_fg_p95": 5114.1548828125,
  "summary_fg_stdv": 720.0839233398438,
  "tsnr": 49.45933927083388
}