{
  "aor": 0.0017772499999999998,
  "aqi": 0.012145366383333333,
  "bids_meta": {
    "AcquisitionMatrixPE": 84,
    "AcquisitionNumber": 1,
    "AcquisitionTime": "16:37:53.345000",
    "BandwidthPerPixelPhaseEncode": 33.069,
    "BaseResolution": 84,
    "BodyPartExamined": "BRAIN",
    "ConsistencyInfo": "N4_VE11B_LATEST_20150530",
    "ConversionSoftware": "dcm2niix",
    "ConversionSoftwareVersion": "v1.0.20181125  GCC4.8.5",
    "DerivedVendorReportedEchoSpacing": 0.000719995,
    "DeviceSerialNumber": "67007",
    "DwellTime": 3.8e-06,
    "EchoTime": 0.03,
    "EchoTrainLength": 36,
    "EffectiveEchoSpacing": 0.000359998,
    "FlipAngle": 40,
    "ImageComments": "Unaliased_MB3_PE4",
    "ImageOrientationPatientDICOM": [
      1,
      0,
      0,
      0,
      0.898794,
      -0.438371
    ],
    "ImageType": [
      "ORIGINAL",
      "PRIMARY",
      "M",
      "MB",
      "ND",
      "NORM",
      "MOSAIC"
    ],
    "ImagingFrequency": 123.211,
    "InPlanePhaseEncodingDirectionDICOM": "COL",
    "InstitutionAddress": "Perth_Drive_100_London_Ontario_CA_N6A_5K8",
    "InstitutionName": "Robarts_Research_Institute",
    "InstitutionalDepartmentName": "CFMM",
    "MRAcquisitionType": "2D",
    "MagneticFieldStrength": 3,
    "Manufacturer": "Siemens",
    "ManufacturersModelName": "Prisma_fit",
    "Modality": "MR",
    "MultibandAccelerationFactor": 3,
    "ParallelReductionFactorInPlane": 2,
    "PartialFourier": 0.875,
    "PatientPosition": "HFS",
    "PercentPhaseFOV": 100,
    "PhaseEncodingDirection": "j-",
    "PhaseEncodingSteps": 73,
    "PhaseResolution": 1,
    "PixelBandwidth": 1565,
    "ProcedureStepDescription": "Diedrichsen_MCC",
    "ProtocolName": "ep_bold_mb3_p2",
    "PulseSequenceDetails": "%CustomerSeq%_cmrr_mbep2d_bold",
    "ReceiveCoilActiveElements": "HEA;HEP",
    "ReceiveCoilName": "Head_32",
    "ReconMatrixPE": 84,
    "RepetitionTime": 1,
    "SAR": 0.0579657,
    "ScanOptions": "PFP_FS_EXT",
    "ScanningSequence": "EP",
    "SequenceName": "epfid2d1_84",
    "SequenceVariant": "SK_SS",
    "SeriesDescription": "ep_bold_mb3_p2",
    "SeriesNumber": 2,
    "ShimSetting": [
      5251,
      -6226,
      -3888,
      712,
      18,
      22,
      -5,
      29
    ],
    "SliceThickness": 3,
    "SliceTiming": [
      0,
      0.4275,
      0.8575,
      0.305,
      0.735,
      0.1825,
      0.6125,
      0.06,
      0.49,
      0.9175,
      0.3675,
      0.795,
      0.245,
      0.6725,
      0.1225,
      0.55,
      0,
      0.4275,
      0.8575,
      0.305,
      0.735,
      0.1825,
      0.6125,
      0.06,
      0.49,
      0.9175,
      0.3675,
      0.795,
      0.245,
      0.6725,
      0.1225,
      0.55,
      0,
      0.4275,
      0.8575,
      0.305,
      0.735,
      0.1825,
      0.6125,
      0.06,
      0.49,
      0.9175,
      0.3675,
      0.795,
      0.245,
      0.6725,
      0.1225,
      0.55
    ],
    "SoftwareVersions": "syngo_MR_E11",
    "SpacingBetweenSlices": 3,
    "StationName": "MRC35368",
    "TaskName": "rest",
    "TotalReadoutTime": 0.0298798,
    "TxRefAmp": 258.69,
    "WipMemBlock": "41069195-ac04-4c2a-b448-c1f2fa99232a||Sequence: ve11b/master r/50434d5; Mar  3 2017 10:46:13 by eja",
    "dataset": "ds002105",
    "modality": "bold",
    "run_id": 1,
    "session_id": "rest",
    "subject_id": "18",
    "task_id": "rest"
  },
  "dummy_trs": 1,
  "dvars_nstd": 29.529439406944903,
  "dvars_std": 1.124857791385642,
  "dvars_vstd": 1.0116561930717867,
  "efc": 0.4923037130603761,
  "fber": 4265.9423828125,
  "fd_mean": 0.09872411418418921,
  "fd_num": 10,
  "fd_perc": 1.6666666666666667,
  "fwhm_avg": 1.754168994441436,
  "fwhm_x": 1.7238657059997522,
  "fwhm_y": 1.8764912773245566,
  "fwhm_z": 1.6621499999999998,
  "gcor": 0.00769411,
  "gsr_x": -0.00848946999758482,
  "gsr_y": 0.018596341833472252,
  "provenance": {
    "md5sum": "52cc81bed24b8a07562b4f3708b62179",
    "settings": {
      "fd_thres": 0.2,
      "testing": false
    },
    "software": "mriqc",
    "version": "21.0.0rc2",
    "webapi_port": null,
    "webapi_url": "https://mriqc.nimh.nih.gov/api/v1"
  },
  "size_t": 600,
  "size_x": 84,
  "size_y": 84,
  "size_z": 48,
  "snr": 5.362204473118111,
  "spacing_tr": 1.0,
  "spacing_x": 2.4761905670166016,
  "spacing_y": 2.4761905670166016,
  "spacing_z": 3.0,
  "summary_bg_k": 23.444210954499248,
  "summary_bg_mad": 36.551090011556234,
  "summary_bg_mean": 169.3616180419922,
  "summary_bg_median": 52.72666931152344,
  "summary_bg_n": 224535.0,
  "summary_bg_p05": 23.757833671569827,
  "summary_bg_p95": 781.039025878906,
  "summary_bg_stdv": 314.9190368652344,
  "summary_fg_k": 2.9771322543159178,
  "summary_fg_mad": 597.0983164960735,
  "summary_fg_mean": 3566.96630859375,
  "summary_fg_median": 3498.2734375,
  "summary_fg_n": 57024.0,
  "summary_fg_p05": 2701.712744140625,
  "summary_fg_p95": 4656.187744140625,
  "summary_fg_stdv": 652.388916015625,
  "tsnr": 42.89467469183728
}