{
  "bids_meta": {
    "AcquisitionMatrixPE": 256,
    "AcquisitionNumber": 1,
    "AcquisitionTime": "14:36:44.542500",
    "BaseResolution": 256,
    "BodyPartExamined": "BRAIN",
    "ConsistencyInfo": "N4_VE11B_LATEST_20150530",
    "ConversionSoftware": "dcm2niix",
    "ConversionSoftwareVersion": "v1.0.20181125  GCC4.8.5",
    "DeviceSerialNumber": "67007",
    "DwellTime": 8.9e-06,
    "EchoTime": 0.091,
    "EchoTrainLength": 18,
    "FlipAngle": 120,
    "ImageOrientationPatientDICOM": [
      1,
      0,
      0,
      0,
      0.934826,
      -0.355107
    ],
    "ImageType": [
      "ORIGINAL",
      "PRIMARY",
      "M",
      "ND",
      "NORM"
    ],
    "ImagingFrequency": 123.211,
    "InPlanePhaseEncodingDirectionDICOM": "COL",
    "InstitutionAddress": "Perth_Drive_100_London_Ontario_CA_N6A_5K8",
    "InstitutionName": "Robarts_Research_Institute",
    "InstitutionalDepartmentName": "CFMM",
    "Interpolation2D": 1,
    "MRAcquisitionType": "2D",
    "MagneticFieldStrength": 3,
    "Manufacturer": "Siemens",
    "ManufacturersModelName": "Prisma_fit",
    "Modality": "MR",
    "ParallelReductionFactorInPlane": 2,
    "PartialFourier": 1,
    "PatientPosition": "HFS",
    "PercentPhaseFOV": 100,
    "PhaseEncodingDirection": "j-",
    "PhaseEncodingSteps": 255,
    "PhaseResolution": 1,
    "PixelBandwidth": 220,
    "ProcedureStepDescription": "Diedrichsen_Feb2016",
    "ProtocolName": "t2_tse_tra_256_p2",
    "PulseSequenceDetails": "%SiemensSeq%_tse",
    "ReceiveCoilActiveElements": "HEA;HEP",
    "ReceiveCoilName": "Head_32",
    "ReconMatrixPE": 512,
    "RepetitionTime": 8.53,
    "SAR": 0.602379,
    "ScanningSequence": "SE",
    "SequenceName": "_tse2d1_18",
    "SequenceVariant": "SK_SP",
    "SeriesDescription": "t2_tse_tra_256_p2",
    "SeriesNumber": 10,
    "ShimSetting": [
      5237,
      -6157,
      -4055,
      53,
      3,
      -37,
      -27,
      1
    ],
    "SliceThickness": 3,
    "SoftwareVersions": "syngo_MR_E11",
    "SpacingBetweenSlices": 3,
    "StationName": "MRC35368",
    "TxRefAmp": 269.881,
    "dataset": "ds002105",
    "modality": "T2w",
    "session_id": "a2",
    "subject_id": "10"
  },
  "cjv": 0.42769471214990396,
  "cnr": 3.3029767736694904,
  "efc": 0.5703550984445813,
  "fber": 9241.319692326182,
  "fwhm_avg": 4.836079100786713,
  "fwhm_x": 6.120221538461539,
  "fwhm_y": 6.761403076923077,
  "fwhm_z": 1.626612686975524,
  "icvs_csf": 0.16564444170099255,
  "icvs_gm": 0.4500624336523688,
  "icvs_wm": 0.3842931246466386,
  "inu_med": 1.2258855104446411,
  "inu_range": 0.28653911948204036,
  "provenance": {
    "md5sum": "5b2a5a3be65ef81304155b4d860aa549",
    "settings": {
      "testing": false
    },
    "software": "mriqc",
    "version": "21.0.0rc2",
    "warnings": {
      "large_rot_frame": true,
      "small_air_mask": false
    },
    "webapi_port": null,
    "webapi_url": "https://mriqc.nimh.nih.gov/api/v1"
  },
  "qi_1": 0.0,
  "qi_2": 0.016640967263857758,
  "rpve_csf": 17.206933495326588,
  "rpve_gm": 7.400868915679185,
  "rpve_wm": 9.601641107983792,
  "size_x": 512,
  "size_y": 512,
  "size_z": 48,
  "snr_csf": 3.0928861972845247,
  "snr_gm": 11.344072434791977,
  "snr_total": 8.000139886855694,
  "snr_wm": 9.563461028490577,
  "snrd_csf": 199.06128420829796,
  "snrd_gm": 100.04502126801837,
  "snrd_total": 120.54884216695501,
  "snrd_wm": 62.540221024548686,
  "spacing_x": 0.40625,
  "spacing_y": 0.40625,
  "spacing_z": 3.0000011920928955,
  "summary_bg_k": 398.3280342169774,
  "summary_bg_mad": 10.698674057213232,
  "summary_bg_mean": 17.393904324193127,
  "summary_bg_median": 14.432291984558105,
  "summary_bg_n": 3232644.0,
  "summary_bg_p05": 0.0,
  "summary_bg_p95": 36.306234523653984,
  "summary_bg_stdv": 47.30306766715017,
  "summary_csf_k": 0.9913661080681595,
  "summary_csf_mad": 845.1952505198453,
  "summary_csf_mean": 3270.4789220238904,
  "summary_csf_median": 3250.761017240584,
  "summary_csf_n": 327820.0,
  "summary_csf_p05": 676.9646959006786,
  "summary_csf_p95": 4899.875881038606,
  "summary_csf_stdv": 1051.042893832165,
  "summary_gm_k": -0.27198133800499225,
  "summary_gm_mad": 153.7934395724402,
  "summary_gm_mean": 1639.9329452791158,
  "summary_gm_median": 1633.7805535644293,
  "summary_gm_n": 823176.0,
  "summary_gm_p05": 1418.4236966073513,
  "summary_gm_p95": 1882.2865811735392,
  "summary_gm_stdv": 144.02055087283372,
  "summary_wm_k": 0.0768820663156129,
  "summary_wm_mad": 108.15690804714002,
  "summary_wm_mean": 1019.2688982998742,
  "summary_wm_median": 1021.3101624697447,
  "summary_wm_n": 823662.0,
  "summary_wm_p05": 839.7789898514748,
  "summary_wm_p95": 1187.5070248544216,
  "summary_wm_stdv": 106.79287963276187,
  "tpm_overlap_csf": 0.14727085828781128,
  "tpm_overlap_gm": 0.43086400628089905,
  "tpm_overlap_wm": 0.4504193961620331,
  "wm2max": 0.19301909307875895
}