{
  "aor": 0.00021181666666666665,
  "aqi": 0.008639487116666667,
  "bids_meta": {
    "AcquisitionMatrixPE": 84,
    "AcquisitionNumber": 1,
    "AcquisitionTime": "15:54:0.032500",
    "BandwidthPerPixelPhaseEncode": 33.069,
    "BaseResolution": 84,
    "BodyPartExamined": "BRAIN",
    "ConsistencyInfo": "N4_VE11B_LATEST_20150530",
    "ConversionSoftware": "dcm2niix",
    "ConversionSoftwareVersion": "v1.0.20181125  GCC4.8.5",
    "DerivedVendorReportedEchoSpacing": 0.000719995,
    "DeviceSerialNumber": "67007",
    "DwellTime": 3.8e-06,
    "EchoTime": 0.03,
    "EchoTrainLength": 36,
    "EffectiveEchoSpacing": 0.000359998,
    "FlipAngle": 40,
    "ImageComments": "Unaliased_MB3_PE4",
    "ImageOrientationPatientDICOM": [
      1,
      0,
      0,
      0,
      0.915663,
      -0.401948
    ],
    "ImageType": [
      "ORIGINAL",
      "PRIMARY",
      "M",
      "MB",
      "ND",
      "NORM",
      "MOSAIC"
    ],
    "ImagingFrequency": 123.211,
    "InPlanePhaseEncodingDirectionDICOM": "COL",
    "InstitutionAddress": "Perth_Drive_100_London_Ontario_CA_N6A_5K8",
    "InstitutionName": "Robarts_Research_Institute",
    "InstitutionalDepartmentName": "CFMM",
    "MRAcquisitionType": "2D",
    "MagneticFieldStrength": 3,
    "Manufacturer": "Siemens",
    "ManufacturersModelName": "Prisma_fit",
    "Modality": "MR",
    "MultibandAccelerationFactor": 3,
    "ParallelReductionFactorInPlane": 2,
    "PartialFourier": 0.875,
    "PatientPosition": "HFS",
    "PercentPhaseFOV": 100,
    "PhaseEncodingDirection": "j-",
    "PhaseEncodingSteps": 73,
    "PhaseResolution": 1,
    "PixelBandwidth": 1565,
    "ProcedureStepDescription": "Diedrichsen_Feb2016",
    "ProtocolName": "ep_bold_mb3_p2",
    "PulseSequenceDetails": "%CustomerSeq%_cmrr_mbep2d_bold",
    "ReceiveCoilActiveElements": "HEA;HEP",
    "ReceiveCoilName": "Head_32",
    "ReconMatrixPE": 84,
    "RepetitionTime": 1,
    "SAR": 0.087265,
    "ScanOptions": "PFP_FS_EXT",
    "ScanningSequence": "EP",
    "SequenceName": "epfid2d1_84",
    "SequenceVariant": "SK_SS",
    "SeriesDescription": "ep_bold_mb3_p2",
    "SeriesNumber": 8,
    "ShimSetting": [
      5261,
      -6229,
      -3859,
      553,
      -76,
      117,
      122,
      12
    ],
    "SliceThickness": 3,
    "SliceTiming": [
      0,
      0.4275,
      0.8575,
      0.3075,
      0.735,
      0.185,
      0.6125,
      0.0625,
      0.49,
      0.9175,
      0.3675,
      0.795,
      0.245,
      0.6725,
      0.1225,
      0.55,
      0,
      0.4275,
      0.8575,
      0.3075,
      0.735,
      0.185,
      0.6125,
      0.0625,
      0.49,
      0.9175,
      0.3675,
      0.795,
      0.245,
      0.6725,
      0.1225,
      0.55,
      0,
      0.4275,
      0.8575,
      0.3075,
      0.735,
      0.185,
      0.6125,
      0.0625,
      0.49,
      0.9175,
      0.3675,
      0.795,
      0.245,
      0.6725,
      0.1225,
      0.55
    ],
    "SoftwareVersions": "syngo_MR_E11",
    "SpacingBetweenSlices": 3,
    "StationName": "MRC35368",
    "TaskName": "a",
    "TotalReadoutTime": 0.0298798,
    "TxRefAmp": 262.981,
    "WipMemBlock": "78e754a5-a4da-4960-b677-3b71f0678315||Sequence: ve11b/R013 r/f10bb7f; Apr  4 2016 11:55:08 by eja",
    "dataset": "ds002105",
    "modality": "bold",
    "run_id": 6,
    "session_id": "a1",
    "subject_id": "06",
    "task_id": "a"
  },
  "dummy_trs": 1,
  "dvars_nstd": 29.18947751307176,
  "dvars_std": 1.1196620254257101,
  "dvars_vstd": 0.9908559006677791,
  "efc": 0.47141189538558853,
  "fber": 5527.29150390625,
  "fd_mean": 0.05465548965946156,
  "fd_num": 0,
  "fd_perc": 0.0,
  "fwhm_avg": 1.719909978002647,
  "fwhm_x": 1.698427437702053,
  "fwhm_y": 1.8483391629725543,
  "fwhm_z": 1.6129633333333333,
  "gcor": 0.00587841,
  "gsr_x": -0.005837167147547007,
  "gsr_y": 0.019718188792467117,
  "provenance": {
    "md5sum": "a2fb053dc637465a5fbaf224738cb473",
    "settings": {
      "fd_thres": 0.2,
      "testing": false
    },
    "software": "mriqc",
    "version": "21.0.0rc2",
    "webapi_port": null,
    "webapi_url": "https://mriqc.nimh.nih.gov/api/v1"
  },
  "size_t": 600,
  "size_x": 84,
  "size_y": 84,
  "size_z": 48,
  "snr": 5.936914318933051,
  "spacing_tr": 1.0,
  "spacing_x": 2.4761905670166016,
  "spacing_y": 2.4761905670166016,
  "spacing_z": 3.0,
  "summary_bg_k": 33.77380805740962,
  "summary_bg_mad": 31.008621101728906,
  "summary_bg_mean": 142.75357055664062,
  "summary_bg_median": 47.4900016784668,
  "summary_bg_n": 229571.0,
  "summary_bg_p05": 22.27833366394043,
  "summary_bg_p95": 572.5741577148438,
  "summary_bg_stdv": 283.0513916015625,
  "summary_fg_k": 2.98479467914264,
  "summary_fg_mad": 573.9474973326458,
  "summary_fg_mean": 3651.99365234375,
  "summary_fg_median": 3594.85693359375,
  "summary_fg_n": 53540.0,
  "summary_fg_p05": 2831.722802734375,
  "summary_fg_p95": 4658.96281738281,
  "summary_fg_stdv": 605.503662109375,
  "tsnr": 52.49075802275911
}