{
  "aor": 0.00016332778702163062,
  "aqi": 0.007852682795341098,
  "bids_meta": {
    "AcquisitionMatrixPE": 84,
    "AcquisitionNumber": 1,
    "AcquisitionTime": "10:31:9.117500",
    "BandwidthPerPixelPhaseEncode": 33.069,
    "BaseResolution": 84,
    "BodyPartExamined": "BRAIN",
    "ConsistencyInfo": "N4_VE11B_LATEST_20150530",
    "ConversionSoftware": "dcm2niix",
    "ConversionSoftwareVersion": "v1.0.20181125  GCC4.8.5",
    "DerivedVendorReportedEchoSpacing": 0.000719995,
    "DeviceSerialNumber": "67007",
    "DwellTime": 3.8e-06,
    "EchoTime": 0.03,
    "EchoTrainLength": 36,
    "EffectiveEchoSpacing": 0.000359998,
    "FlipAngle": 40,
    "ImageComments": "Unaliased_MB3_PE4",
    "ImageOrientationPatientDICOM": [
      1,
      0,
      0,
      0,
      0.888617,
      -0.45865
    ],
    "ImageType": [
      "ORIGINAL",
      "PRIMARY",
      "M",
      "MB",
      "ND",
      "NORM",
      "MOSAIC"
    ],
    "ImagingFrequency": 123.211,
    "InPlanePhaseEncodingDirectionDICOM": "COL",
    "InstitutionAddress": "Perth_Drive_100_London_Ontario_CA_N6A_5K8",
    "InstitutionName": "Robarts_Research_Institute",
    "InstitutionalDepartmentName": "CFMM",
    "MRAcquisitionType": "2D",
    "MagneticFieldStrength": 3,
    "Manufacturer": "Siemens",
    "ManufacturersModelName": "Prisma_fit",
    "Modality": "MR",
    "MultibandAccelerationFactor": 3,
    "ParallelReductionFactorInPlane": 2,
    "PartialFourier": 0.875,
    "PatientPosition": "HFS",
    "PercentPhaseFOV": 100,
    "PhaseEncodingDirection": "j-",
    "PhaseEncodingSteps": 73,
    "PhaseResolution": 1,
    "PixelBandwidth": 1565,
    "ProcedureStepDescription": "Diedrichsen_MCC",
    "ProtocolName": "ep_bold_mb3_p2",
    "PulseSequenceDetails": "%CustomerSeq%_cmrr_mbep2d_bold",
    "ReceiveCoilActiveElements": "HEA;HEP",
    "ReceiveCoilName": "Head_32",
    "ReconMatrixPE": 84,
    "RepetitionTime": 1,
    "SAR": 0.0653075,
    "ScanOptions": "PFP_FS_EXT",
    "ScanningSequence": "EP",
    "SequenceName": "epfid2d1_84",
    "SequenceVariant": "SK_SS",
    "SeriesDescription": "ep_bold_mb3_p2",
    "SeriesNumber": 6,
    "ShimSetting": [
      5241,
      -6183,
      -4019,
      664,
      143,
      82,
      -37,
      -52
    ],
    "SliceThickness": 3,
    "SliceTiming": [
      0,
      0.4275,
      0.855,
      0.305,
      0.7325,
      0.1825,
      0.61,
      0.06,
      0.4875,
      0.9175,
      0.365,
      0.795,
      0.2425,
      0.6725,
      0.12,
      0.55,
      0,
      0.4275,
      0.855,
      0.305,
      0.7325,
      0.1825,
      0.61,
      0.06,
      0.4875,
      0.9175,
      0.365,
      0.795,
      0.2425,
      0.6725,
      0.12,
      0.55,
      0,
      0.4275,
      0.855,
      0.305,
      0.7325,
      0.1825,
      0.61,
      0.06,
      0.4875,
      0.9175,
      0.365,
      0.795,
      0.2425,
      0.6725,
      0.12,
      0.55
    ],
    "SoftwareVersions": "syngo_MR_E11",
    "SpacingBetweenSlices": 3,
    "StationName": "MRC35368",
    "TaskName": "b",
    "TotalReadoutTime": 0.0298798,
    "TxRefAmp": 251.544,
    "WipMemBlock": "825f8cdd-bc24-486b-a7cf-d237a40c86cd||Sequence: ve11b/master r/50434d5; Mar  3 2017 10:46:13 by eja",
    "dataset": "ds002105",
    "modality": "bold",
    "run_id": 3,
    "session_id": "b2",
    "subject_id": "22",
    "task_id": "b"
  },
  "dummy_trs": 0,
  "dvars_nstd": 29.78021985375003,
  "dvars_std": 1.1108197887833333,
  "dvars_vstd": 0.9939425705833332,
  "efc": 0.4585408778080346,
  "fber": 4791.98876953125,
  "fd_mean": 0.08105125980088054,
  "fd_num": 2,
  "fd_perc": 0.33277870216306155,
  "fwhm_avg": 1.8382980735292895,
  "fwhm_x": 1.7756872425604877,
  "fwhm_y": 1.9971403113607145,
  "fwhm_z": 1.7420666666666669,
  "gcor": 0.00657831,
  "gsr_x": -0.01561010256409645,
  "gsr_y": 0.022567739710211754,
  "provenance": {
    "md5sum": "1f4e5c05195b2d96fccf18a827abb66d",
    "settings": {
      "fd_thres": 0.2,
      "testing": false
    },
    "software": "mriqc",
    "version": "21.0.0rc2",
    "webapi_port": null,
    "webapi_url": "https://mriqc.nimh.nih.gov/api/v1"
  },
  "size_t": 601,
  "size_x": 84,
  "size_y": 84,
  "size_z": 48,
  "snr": 5.1376536047490715,
  "spacing_tr": 1.0,
  "spacing_x": 2.4761905670166016,
  "spacing_y": 2.4761905670166016,
  "spacing_z": 3.0,
  "summary_bg_k": 46.55877818514806,
  "summary_bg_mad": 25.665545969804274,
  "summary_bg_mean": 116.5888900756836,
  "summary_bg_median": 45.198001861572266,
  "summary_bg_n": 232549.0,
  "summary_bg_p05": 23.111480712890625,
  "summary_bg_p95": 428.38867187499955,
  "summary_bg_stdv": 232.59475708007812,
  "summary_fg_k": 4.613877287646388,
  "summary_fg_mad": 519.2065006011109,
  "summary_fg_mean": 3250.7158203125,
  "summary_fg_median": 3169.46923828125,
  "summary_fg_n": 51899.0,
  "summary_fg_p05": 2488.1188232421873,
  "summary_fg_p95": 4264.120166015625,
  "summary_fg_stdv": 616.9039306640625,
  "tsnr": 51.71574273146689
}