{
  "aor": 0.0005476539101497504,
  "aqi": 0.008220958552412646,
  "bids_meta": {
    "AcquisitionMatrixPE": 84,
    "AcquisitionNumber": 1,
    "AcquisitionTime": "13:32:18.250000",
    "BandwidthPerPixelPhaseEncode": 33.069,
    "BaseResolution": 84,
    "BodyPartExamined": "BRAIN",
    "ConsistencyInfo": "N4_VE11B_LATEST_20150530",
    "ConversionSoftware": "dcm2niix",
    "ConversionSoftwareVersion": "v1.0.20181125  GCC4.8.5",
    "DerivedVendorReportedEchoSpacing": 0.000719995,
    "DeviceSerialNumber": "67007",
    "DwellTime": 3.8e-06,
    "EchoTime": 0.03,
    "EchoTrainLength": 36,
    "EffectiveEchoSpacing": 0.000359998,
    "FlipAngle": 40,
    "ImageComments": "Unaliased_MB3_PE4",
    "ImageOrientationPatientDICOM": [
      0.999194,
      -0.035134,
      0.019395,
      0.0401318,
      0.874759,
      -0.482893
    ],
    "ImageType": [
      "ORIGINAL",
      "PRIMARY",
      "M",
      "MB",
      "ND",
      "NORM",
      "MOSAIC"
    ],
    "ImagingFrequency": 123.211,
    "InPlanePhaseEncodingDirectionDICOM": "COL",
    "InstitutionAddress": "Perth_Drive_100_London_Ontario_CA_N6A_5K8",
    "InstitutionName": "Robarts-CFMM",
    "InstitutionalDepartmentName": "CFMM",
    "MRAcquisitionType": "2D",
    "MagneticFieldStrength": 3,
    "Manufacturer": "Siemens",
    "ManufacturersModelName": "Prisma_fit",
    "Modality": "MR",
    "MultibandAccelerationFactor": 3,
    "ParallelReductionFactorInPlane": 2,
    "PartialFourier": 0.875,
    "PatientPosition": "HFS",
    "PercentPhaseFOV": 100,
    "PhaseEncodingDirection": "j-",
    "PhaseEncodingSteps": 73,
    "PhaseResolution": 1,
    "PixelBandwidth": 1565,
    "ProcedureStepDescription": "Diedrichsen_MCC",
    "ProtocolName": "ep_bold_mb3_p2",
    "PulseSequenceDetails": "%CustomerSeq%_cmrr_mbep2d_bold",
    "ReceiveCoilActiveElements": "HEA;HEP",
    "ReceiveCoilName": "Head_32",
    "ReconMatrixPE": 84,
    "RepetitionTime": 1,
    "SAR": 0.0743557,
    "ScanOptions": "PFP_FS_EXT",
    "ScanningSequence": "EP",
    "SequenceName": "epfid2d1_84",
    "SequenceVariant": "SK_SS",
    "SeriesDescription": "ep_bold_mb3_p2",
    "SeriesNumber": 17,
    "ShimSetting": [
      5244,
      -6164,
      -4077,
      494,
      183,
      685,
      353,
      -47
    ],
    "SliceThickness": 3,
    "SliceTiming": [
      0,
      0.43,
      0.8575,
      0.3075,
      0.735,
      0.185,
      0.6125,
      0.0625,
      0.49,
      0.92,
      0.3675,
      0.7975,
      0.245,
      0.675,
      0.1225,
      0.5525,
      0,
      0.43,
      0.8575,
      0.3075,
      0.735,
      0.185,
      0.6125,
      0.0625,
      0.49,
      0.92,
      0.3675,
      0.7975,
      0.245,
      0.675,
      0.1225,
      0.5525,
      0,
      0.43,
      0.8575,
      0.3075,
      0.735,
      0.185,
      0.6125,
      0.0625,
      0.49,
      0.92,
      0.3675,
      0.7975,
      0.245,
      0.675,
      0.1225,
      0.5525
    ],
    "SoftwareVersions": "syngo_MR_E11",
    "SpacingBetweenSlices": 3,
    "StationName": "MRC35368",
    "TaskName": "a",
    "TotalReadoutTime": 0.0298798,
    "TxRefAmp": 259.013,
    "WipMemBlock": "32018bae-49f0-4f9b-be52-6fc2b6583f7c||Sequence: ve11b/master r/50434d5; Mar  3 2017 10:46:13 by eja",
    "dataset": "ds002105",
    "modality": "bold",
    "run_id": 7,
    "session_id": "a1",
    "subject_id": "28",
    "task_id": "a"
  },
  "dummy_trs": 0,
  "dvars_nstd": 30.063741254783327,
  "dvars_std": 1.1224851441666672,
  "dvars_vstd": 1.0050916971833328,
  "efc": 0.5022351719453442,
  "fber": 4172.58544921875,
  "fd_mean": 0.09325563781045516,
  "fd_num": 21,
  "fd_perc": 3.4941763727121464,
  "fwhm_avg": 1.7902646561084163,
  "fwhm_x": 1.7263655136003675,
  "fwhm_y": 1.9333851213915485,
  "fwhm_z": 1.7110433333333335,
  "gcor": 0.0143704,
  "gsr_x": -0.009793229401111603,
  "gsr_y": 0.021696442738175392,
  "provenance": {
    "md5sum": "fe4d927f7766757c10179bbd483f3666",
    "settings": {
      "fd_thres": 0.2,
      "testing": false
    },
    "software": "mriqc",
    "version": "21.0.0rc2",
    "webapi_port": null,
    "webapi_url": "https://mriqc.nimh.nih.gov/api/v1"
  },
  "size_t": 601,
  "size_x": 84,
  "size_y": 84,
  "size_z": 48,
  "snr": 5.100347479348175,
  "spacing_tr": 1.0,
  "spacing_x": 2.4761905670166016,
  "spacing_y": 2.4761905670166016,
  "spacing_z": 3.0,
  "summary_bg_k": 54.783909805905175,
  "summary_bg_mad": 37.2451350980249,
  "summary_bg_mean": 160.94802856445312,
  "summary_bg_median": 57.07320785522461,
  "summary_bg_n": 216607.0,
  "summary_bg_p05": 26.75590629577637,
  "summary_bg_p95": 654.4341003417958,
  "summary_bg_stdv": 319.1433410644531,
  "summary_fg_k": 3.4095000495771703,
  "summary_fg_mad": 662.7749524428161,
  "summary_fg_mean": 3833.441162109375,
  "summary_fg_median": 3745.38427734375,
  "summary_fg_n": 64790.0,
  "summary_fg_p05": 2889.8265014648437,
  "summary_fg_p95": 5075.20764160156,
  "summary_fg_stdv": 734.3333740234375,
  "tsnr": 49.523266214411706
}