{
  "aor": 0.00019908180300500834,
  "aqi": 0.008070795626043407,
  "bids_meta": {
    "AcquisitionMatrixPE": 84,
    "AcquisitionNumber": 1,
    "AcquisitionTime": "13:10:49.175000",
    "BandwidthPerPixelPhaseEncode": 33.069,
    "BaseResolution": 84,
    "BodyPartExamined": "BRAIN",
    "ConsistencyInfo": "N4_VE11B_LATEST_20150530",
    "ConversionSoftware": "dcm2niix",
    "ConversionSoftwareVersion": "v1.0.20181125  GCC4.8.5",
    "DerivedVendorReportedEchoSpacing": 0.000719995,
    "DeviceSerialNumber": "67007",
    "DwellTime": 3.8e-06,
    "EchoTime": 0.03,
    "EchoTrainLength": 36,
    "EffectiveEchoSpacing": 0.000359998,
    "FlipAngle": 40,
    "ImageComments": "Unaliased_MB3_PE4",
    "ImageOrientationPatientDICOM": [
      0.999194,
      -0.035134,
      0.019395,
      0.0401318,
      0.874759,
      -0.482893
    ],
    "ImageType": [
      "ORIGINAL",
      "PRIMARY",
      "M",
      "MB",
      "ND",
      "NORM",
      "MOSAIC"
    ],
    "ImagingFrequency": 123.211,
    "InPlanePhaseEncodingDirectionDICOM": "COL",
    "InstitutionAddress": "Perth_Drive_100_London_Ontario_CA_N6A_5K8",
    "InstitutionName": "Robarts-CFMM",
    "InstitutionalDepartmentName": "CFMM",
    "MRAcquisitionType": "2D",
    "MagneticFieldStrength": 3,
    "Manufacturer": "Siemens",
    "ManufacturersModelName": "Prisma_fit",
    "Modality": "MR",
    "MultibandAccelerationFactor": 3,
    "ParallelReductionFactorInPlane": 2,
    "PartialFourier": 0.875,
    "PatientPosition": "HFS",
    "PercentPhaseFOV": 100,
    "PhaseEncodingDirection": "j-",
    "PhaseEncodingSteps": 73,
    "PhaseResolution": 1,
    "PixelBandwidth": 1565,
    "ProcedureStepDescription": "Diedrichsen_MCC",
    "ProtocolName": "ep_bold_mb3_p2",
    "PulseSequenceDetails": "%CustomerSeq%_cmrr_mbep2d_bold",
    "ReceiveCoilActiveElements": "HEA;HEP",
    "ReceiveCoilName": "Head_32",
    "ReconMatrixPE": 84,
    "RepetitionTime": 1,
    "SAR": 0.0743557,
    "ScanOptions": "PFP_FS_EXT",
    "ScanningSequence": "EP",
    "SequenceName": "epfid2d1_84",
    "SequenceVariant": "SK_SS",
    "SeriesDescription": "ep_bold_mb3_p2",
    "SeriesNumber": 13,
    "ShimSetting": [
      5244,
      -6164,
      -4077,
      494,
      183,
      685,
      353,
      -47
    ],
    "SliceThickness": 3,
    "SliceTiming": [
      0,
      0.43,
      0.8575,
      0.3075,
      0.735,
      0.185,
      0.6125,
      0.0625,
      0.49,
      0.92,
      0.3675,
      0.7975,
      0.245,
      0.675,
      0.1225,
      0.5525,
      0,
      0.43,
      0.8575,
      0.3075,
      0.735,
      0.185,
      0.6125,
      0.0625,
      0.49,
      0.92,
      0.3675,
      0.7975,
      0.245,
      0.675,
      0.1225,
      0.5525,
      0,
      0.43,
      0.8575,
      0.3075,
      0.735,
      0.185,
      0.6125,
      0.0625,
      0.49,
      0.92,
      0.3675,
      0.7975,
      0.245,
      0.675,
      0.1225,
      0.5525
    ],
    "SoftwareVersions": "syngo_MR_E11",
    "SpacingBetweenSlices": 3,
    "StationName": "MRC35368",
    "TaskName": "a",
    "TotalReadoutTime": 0.0298798,
    "TxRefAmp": 259.013,
    "WipMemBlock": "4489f105-caf7-47e1-b358-3321c6f104dd||Sequence: ve11b/master r/50434d5; Mar  3 2017 10:46:13 by eja",
    "dataset": "ds002105",
    "modality": "bold",
    "run_id": 5,
    "session_id": "a1",
    "subject_id": "28",
    "task_id": "a"
  },
  "dummy_trs": 2,
  "dvars_nstd": 29.800041064732454,
  "dvars_std": 1.108613869163878,
  "dvars_vstd": 0.9941094216220749,
  "efc": 0.496640024212736,
  "fber": 4463.14599609375,
  "fd_mean": 0.09552909541155738,
  "fd_num": 19,
  "fd_perc": 3.1719532554257097,
  "fwhm_avg": 1.7807674127956263,
  "fwhm_x": 1.7206955138083415,
  "fwhm_y": 1.916403391245204,
  "fwhm_z": 1.7052033333333334,
  "gcor": 0.0108006,
  "gsr_x": -0.008095920085906982,
  "gsr_y": 0.022313395515084267,
  "provenance": {
    "md5sum": "15baf3365acbdebd85656a4a1306a965",
    "settings": {
      "fd_thres": 0.2,
      "testing": false
    },
    "software": "mriqc",
    "version": "21.0.0rc2",
    "webapi_port": null,
    "webapi_url": "https://mriqc.nimh.nih.gov/api/v1"
  },
  "size_t": 599,
  "size_x": 84,
  "size_y": 84,
  "size_z": 48,
  "snr": 5.1423246087325545,
  "spacing_tr": 1.0,
  "spacing_x": 2.4761905670166016,
  "spacing_y": 2.4761905670166016,
  "spacing_z": 3.0,
  "summary_bg_k": 61.15090422803962,
  "summary_bg_mad": 35.339886843417716,
  "summary_bg_mean": 149.81236267089844,
  "summary_bg_median": 55.36393737792969,
  "summary_bg_n": 217545.0,
  "summary_bg_p05": 26.065107345581055,
  "summary_bg_p95": 581.4851196289054,
  "summary_bg_stdv": 302.8097839355469,
  "summary_fg_k": 3.4777345959074495,
  "summary_fg_mad": 658.7035877568418,
  "summary_fg_mean": 3842.59423828125,
  "summary_fg_median": 3759.18505859375,
  "summary_fg_n": 64092.0,
  "summary_fg_p05": 2893.3430419921874,
  "summary_fg_p95": 5072.658422851562,
  "summary_fg_stdv": 731.0226440429688,
  "tsnr": 49.52567043353338
}