{
  "aor": 0.00022592346089850252,
  "aqi": 0.007579513710482529,
  "bids_meta": {
    "AcquisitionMatrixPE": 84,
    "AcquisitionNumber": 1,
    "AcquisitionTime": "12:27:37.590000",
    "BandwidthPerPixelPhaseEncode": 33.069,
    "BaseResolution": 84,
    "BodyPartExamined": "BRAIN",
    "ConsistencyInfo": "N4_VE11B_LATEST_20150530",
    "ConversionSoftware": "dcm2niix",
    "ConversionSoftwareVersion": "v1.0.20181125  GCC4.8.5",
    "DerivedVendorReportedEchoSpacing": 0.000719995,
    "DeviceSerialNumber": "67007",
    "DwellTime": 3.8e-06,
    "EchoTime": 0.03,
    "EchoTrainLength": 36,
    "EffectiveEchoSpacing": 0.000359998,
    "FlipAngle": 40,
    "ImageComments": "Unaliased_MB3_PE4",
    "ImageOrientationPatientDICOM": [
      0.999194,
      -0.035134,
      0.019395,
      0.0401318,
      0.874759,
      -0.482893
    ],
    "ImageType": [
      "ORIGINAL",
      "PRIMARY",
      "M",
      "MB",
      "ND",
      "NORM",
      "MOSAIC"
    ],
    "ImagingFrequency": 123.211,
    "InPlanePhaseEncodingDirectionDICOM": "COL",
    "InstitutionAddress": "Perth_Drive_100_London_Ontario_CA_N6A_5K8",
    "InstitutionName": "Robarts-CFMM",
    "InstitutionalDepartmentName": "CFMM",
    "MRAcquisitionType": "2D",
    "MagneticFieldStrength": 3,
    "Manufacturer": "Siemens",
    "ManufacturersModelName": "Prisma_fit",
    "Modality": "MR",
    "MultibandAccelerationFactor": 3,
    "ParallelReductionFactorInPlane": 2,
    "PartialFourier": 0.875,
    "PatientPosition": "HFS",
    "PercentPhaseFOV": 100,
    "PhaseEncodingDirection": "j-",
    "PhaseEncodingSteps": 73,
    "PhaseResolution": 1,
    "PixelBandwidth": 1565,
    "ProcedureStepDescription": "Diedrichsen_MCC",
    "ProtocolName": "ep_bold_mb3_p2",
    "PulseSequenceDetails": "%CustomerSeq%_cmrr_mbep2d_bold",
    "ReceiveCoilActiveElements": "HEA;HEP",
    "ReceiveCoilName": "Head_32",
    "ReconMatrixPE": 84,
    "RepetitionTime": 1,
    "SAR": 0.0743557,
    "ScanOptions": "PFP_FS_EXT",
    "ScanningSequence": "EP",
    "SequenceName": "epfid2d1_84",
    "SequenceVariant": "SK_SS",
    "SeriesDescription": "ep_bold_mb3_p2",
    "SeriesNumber": 5,
    "ShimSetting": [
      5244,
      -6164,
      -4077,
      494,
      183,
      685,
      353,
      -47
    ],
    "SliceThickness": 3,
    "SliceTiming": [
      0,
      0.43,
      0.8575,
      0.3075,
      0.735,
      0.185,
      0.6125,
      0.0625,
      0.49,
      0.92,
      0.3675,
      0.7975,
      0.245,
      0.675,
      0.1225,
      0.5525,
      0,
      0.43,
      0.8575,
      0.3075,
      0.735,
      0.185,
      0.6125,
      0.0625,
      0.49,
      0.92,
      0.3675,
      0.7975,
      0.245,
      0.675,
      0.1225,
      0.5525,
      0,
      0.43,
      0.8575,
      0.3075,
      0.735,
      0.185,
      0.6125,
      0.0625,
      0.49,
      0.92,
      0.3675,
      0.7975,
      0.245,
      0.675,
      0.1225,
      0.5525
    ],
    "SoftwareVersions": "syngo_MR_E11",
    "SpacingBetweenSlices": 3,
    "StationName": "MRC35368",
    "TaskName": "a",
    "TotalReadoutTime": 0.0298798,
    "TxRefAmp": 259.013,
    "WipMemBlock": "8c3e3c4e-e7c3-4308-a467-b30cda9c56bc||Sequence: ve11b/master r/50434d5; Mar  3 2017 10:46:13 by eja",
    "dataset": "ds002105",
    "modality": "bold",
    "run_id": 1,
    "session_id": "a1",
    "subject_id": "28",
    "task_id": "a"
  },
  "dummy_trs": 0,
  "dvars_nstd": 29.308402182033326,
  "dvars_std": 1.1047132786000005,
  "dvars_vstd": 0.9921827444500005,
  "efc": 0.49566558559523655,
  "fber": 4549.4912109375,
  "fd_mean": 0.08554956111927069,
  "fd_num": 5,
  "fd_perc": 0.831946755407654,
  "fwhm_avg": 1.7966702757098023,
  "fwhm_x": 1.7332268595025409,
  "fwhm_y": 1.9311639676268664,
  "fwhm_z": 1.72562,
  "gcor": 0.00883836,
  "gsr_x": -0.007932898588478565,
  "gsr_y": 0.02103240415453911,
  "provenance": {
    "md5sum": "7c07a9d95802d1e4f2461d2c1350d38f",
    "settings": {
      "fd_thres": 0.2,
      "testing": false
    },
    "software": "mriqc",
    "version": "21.0.0rc2",
    "webapi_port": null,
    "webapi_url": "https://mriqc.nimh.nih.gov/api/v1"
  },
  "size_t": 601,
  "size_x": 84,
  "size_y": 84,
  "size_z": 48,
  "snr": 5.052965783997126,
  "spacing_tr": 1.0,
  "spacing_x": 2.4761905670166016,
  "spacing_y": 2.4761905670166016,
  "spacing_z": 3.0,
  "summary_bg_k": 71.63162153425162,
  "summary_bg_mad": 34.73877304034052,
  "summary_bg_mean": 146.92474365234375,
  "summary_bg_median": 54.71879959106445,
  "summary_bg_n": 217410.0,
  "summary_bg_p05": 25.97670555114746,
  "summary_bg_p95": 558.7099670410154,
  "summary_bg_stdv": 304.7259521484375,
  "summary_fg_k": 3.359380411433171,
  "summary_fg_mad": 670.8367829876565,
  "summary_fg_mean": 3839.923095703125,
  "summary_fg_median": 3753.986572265625,
  "summary_fg_n": 64062.0,
  "summary_fg_p05": 2878.602331542969,
  "summary_fg_p95": 5089.268286132812,
  "summary_fg_stdv": 742.9215698242188,
  "tsnr": 50.01877022907138
}