{
  "bids_meta": {
    "AcquisitionMatrixPE": 256,
    "AcquisitionNumber": 1,
    "AcquisitionTime": "11:48:10.007500",
    "BaseResolution": 256,
    "BodyPartExamined": "BRAIN",
    "ConsistencyInfo": "N4_VE11B_LATEST_20150530",
    "ConversionSoftware": "dcm2niix",
    "ConversionSoftwareVersion": "v1.0.20181125  GCC4.8.5",
    "DeviceSerialNumber": "67007",
    "DwellTime": 8.9e-06,
    "EchoTime": 0.091,
    "EchoTrainLength": 18,
    "FlipAngle": 120,
    "ImageOrientationPatientDICOM": [
      1,
      0,
      0,
      0,
      0.943223,
      -0.332161
    ],
    "ImageType": [
      "ORIGINAL",
      "PRIMARY",
      "M",
      "ND",
      "NORM"
    ],
    "ImagingFrequency": 123.211,
    "InPlanePhaseEncodingDirectionDICOM": "COL",
    "InstitutionAddress": "Perth_Drive_100_London_Ontario_CA_N6A_5K8",
    "InstitutionName": "Robarts_Research_Institute",
    "InstitutionalDepartmentName": "CFMM",
    "Interpolation2D": 1,
    "MRAcquisitionType": "2D",
    "MagneticFieldStrength": 3,
    "Manufacturer": "Siemens",
    "ManufacturersModelName": "Prisma_fit",
    "Modality": "MR",
    "ParallelReductionFactorInPlane": 2,
    "PartialFourier": 1,
    "PatientPosition": "HFS",
    "PercentPhaseFOV": 100,
    "PhaseEncodingDirection": "j-",
    "PhaseEncodingSteps": 255,
    "PhaseResolution": 1,
    "PixelBandwidth": 220,
    "ProcedureStepDescription": "Diedrichsen_Maebdh",
    "ProtocolName": "t2_tse_tra_256_p2",
    "PulseSequenceDetails": "%SiemensSeq%_tse",
    "ReceiveCoilActiveElements": "HEA;HEP",
    "ReceiveCoilName": "Head_32",
    "ReconMatrixPE": 512,
    "RepetitionTime": 8.53,
    "SAR": 0.593855,
    "ScanningSequence": "SE",
    "SequenceName": "_tse2d1_18",
    "SequenceVariant": "SK_SP",
    "SeriesDescription": "t2_tse_tra_256_p2",
    "SeriesNumber": 12,
    "ShimSetting": [
      5237,
      -6157,
      -4055,
      53,
      3,
      -37,
      -27,
      1
    ],
    "SliceThickness": 3,
    "SoftwareVersions": "syngo_MR_E11",
    "SpacingBetweenSlices": 3,
    "StationName": "MRC35368",
    "TxRefAmp": 269.868,
    "dataset": "ds002105",
    "modality": "T2w",
    "session_id": "a1",
    "subject_id": "21"
  },
  "cjv": 0.4619301688254394,
  "cnr": 3.1049533569554866,
  "efc": 0.6032837190723432,
  "fber": 14765.789047035538,
  "fwhm_avg": 4.805125266206004,
  "fwhm_x": 6.0226461538461535,
  "fwhm_y": 6.760073846153846,
  "fwhm_z": 1.6326557986180126,
  "icvs_csf": 0.1682281872955923,
  "icvs_gm": 0.4271159665254832,
  "icvs_wm": 0.4046558461789244,
  "inu_med": 1.3490372896194458,
  "inu_range": 0.23230972290039076,
  "provenance": {
    "md5sum": "b6f3183a97d39c1324922a48e9c6ab55",
    "settings": {
      "testing": false
    },
    "software": "mriqc",
    "version": "22.0.0rc1",
    "warnings": {
      "large_rot_frame": true,
      "small_air_mask": false
    },
    "webapi_port": null,
    "webapi_url": "https://mriqc.nimh.nih.gov/api/v1"
  },
  "qi_1": 0.0,
  "qi_2": 0.01444109732782652,
  "rpve_csf": 13.397625060876535,
  "rpve_gm": 5.895197223043948,
  "rpve_wm": 6.972405212072832,
  "size_x": 512,
  "size_y": 512,
  "size_z": 48,
  "snr_csf": 2.7907713145528024,
  "snr_gm": 11.06100545649154,
  "snr_total": 7.722698646209646,
  "snr_wm": 9.316319167584593,
  "snrd_csf": 283.76671870949224,
  "snrd_gm": 143.0573812284335,
  "snrd_total": 172.93212233894403,
  "snrd_wm": 91.97226707890628,
  "spacing_x": 0.40625,
  "spacing_y": 0.40625,
  "spacing_z": 2.999995470046997,
  "summary_bg_k": 438.99955168853757,
  "summary_bg_mad": 7.243290981361785,
  "summary_bg_mean": 14.113096517356354,
  "summary_bg_median": 9.771051049232483,
  "summary_bg_n": 3183250.0,
  "summary_bg_p05": 0.0,
  "summary_bg_p95": 38.9884095788002,
  "summary_bg_stdv": 26.99017991362648,
  "summary_csf_k": 0.3936490022985599,
  "summary_csf_mad": 867.9166899431738,
  "summary_csf_mean": 3054.275093297397,
  "summary_csf_median": 3137.3695383667946,
  "summary_csf_n": 440437.0,
  "summary_csf_p05": 560.7816945314407,
  "summary_csf_p95": 4706.293794095516,
  "summary_csf_stdv": 1124.1931434329022,
  "summary_gm_k": -0.1997857388784947,
  "summary_gm_mad": 150.5468321616371,
  "summary_gm_mean": 1590.375298196145,
  "summary_gm_median": 1581.6649399399757,
  "summary_gm_n": 1006120.0,
  "summary_gm_p05": 1373.2158508896828,
  "summary_gm_p95": 1833.8921694755554,
  "summary_gm_stdv": 142.99460931822523,
  "summary_wm_k": -0.037980298730091455,
  "summary_wm_mad": 110.35366848074719,
  "summary_wm_mean": 1009.2537023129083,
  "summary_wm_median": 1016.8598714470863,
  "summary_wm_n": 1127413.0,
  "summary_wm_p05": 813.871075630188,
  "summary_wm_p95": 1173.0050989985466,
  "summary_wm_stdv": 109.14819492387404,
  "tpm_overlap_csf": 0.16435302793979645,
  "tpm_overlap_gm": 0.4421793818473816,
  "tpm_overlap_wm": 0.4637776017189026,
  "wm2max": 0.20092750331251183
}