{
  "aor": 0.0004039000000000001,
  "aqi": 0.007035427233333333,
  "bids_meta": {
    "AcquisitionMatrixPE": 84,
    "AcquisitionNumber": 1,
    "AcquisitionTime": "14:40:10.065000",
    "BandwidthPerPixelPhaseEncode": 33.069,
    "BaseResolution": 84,
    "BodyPartExamined": "BRAIN",
    "ConsistencyInfo": "N4_VE11B_LATEST_20150530",
    "ConversionSoftware": "dcm2niix",
    "ConversionSoftwareVersion": "v1.0.20181125  GCC4.8.5",
    "DerivedVendorReportedEchoSpacing": 0.000719995,
    "DeviceSerialNumber": "67007",
    "DwellTime": 3.8e-06,
    "EchoTime": 0.03,
    "EchoTrainLength": 36,
    "EffectiveEchoSpacing": 0.000359998,
    "FlipAngle": 40,
    "ImageComments": "Unaliased_MB3_PE4",
    "ImageOrientationPatientDICOM": [
      1,
      0,
      0,
      0,
      0.911403,
      -0.411514
    ],
    "ImageType": [
      "ORIGINAL",
      "PRIMARY",
      "M",
      "MB",
      "ND",
      "NORM",
      "MOSAIC"
    ],
    "ImagingFrequency": 123.211,
    "InPlanePhaseEncodingDirectionDICOM": "COL",
    "InstitutionAddress": "Perth_Drive_100_London_Ontario_CA_N6A_5K8",
    "InstitutionName": "Robarts_Research_Institute",
    "InstitutionalDepartmentName": "CFMM",
    "MRAcquisitionType": "2D",
    "MagneticFieldStrength": 3,
    "Manufacturer": "Siemens",
    "ManufacturersModelName": "Prisma_fit",
    "Modality": "MR",
    "MultibandAccelerationFactor": 3,
    "ParallelReductionFactorInPlane": 2,
    "PartialFourier": 0.875,
    "PatientPosition": "HFS",
    "PercentPhaseFOV": 100,
    "PhaseEncodingDirection": "j-",
    "PhaseEncodingSteps": 73,
    "PhaseResolution": 1,
    "PixelBandwidth": 1565,
    "ProcedureStepDescription": "Diedrichsen_MCC",
    "ProtocolName": "ep_bold_mb3_p2",
    "PulseSequenceDetails": "%CustomerSeq%_cmrr_mbep2d_bold",
    "ReceiveCoilActiveElements": "HEA;HEP",
    "ReceiveCoilName": "Head_32",
    "ReconMatrixPE": 84,
    "RepetitionTime": 1,
    "SAR": 0.0805777,
    "ScanOptions": "PFP_FS_EXT",
    "ScanningSequence": "EP",
    "SequenceName": "epfid2d1_84",
    "SequenceVariant": "SK_SS",
    "SeriesDescription": "ep_bold_mb3_p2",
    "SeriesNumber": 2,
    "ShimSetting": [
      5234,
      -6250,
      -3905,
      592,
      69,
      103,
      183,
      9
    ],
    "SliceThickness": 3,
    "SliceTiming": [
      0,
      0.4275,
      0.8575,
      0.305,
      0.735,
      0.1825,
      0.6125,
      0.06,
      0.49,
      0.9175,
      0.3675,
      0.795,
      0.245,
      0.6725,
      0.1225,
      0.55,
      0,
      0.4275,
      0.8575,
      0.305,
      0.735,
      0.1825,
      0.6125,
      0.06,
      0.49,
      0.9175,
      0.3675,
      0.795,
      0.245,
      0.6725,
      0.1225,
      0.55,
      0,
      0.4275,
      0.8575,
      0.305,
      0.735,
      0.1825,
      0.6125,
      0.06,
      0.49,
      0.9175,
      0.3675,
      0.795,
      0.245,
      0.6725,
      0.1225,
      0.55
    ],
    "SoftwareVersions": "syngo_MR_E11",
    "SpacingBetweenSlices": 3,
    "StationName": "MRC35368",
    "TaskName": "rest",
    "TotalReadoutTime": 0.0298798,
    "TxRefAmp": 270.071,
    "WipMemBlock": "e3c28a91-40bd-4b92-a2ba-721c51fc57f7||Sequence: ve11b/master r/50434d5; Mar  3 2017 10:46:13 by eja",
    "dataset": "ds002105",
    "modality": "bold",
    "run_id": 1,
    "session_id": "rest",
    "subject_id": "14",
    "task_id": "rest"
  },
  "dummy_trs": 1,
  "dvars_nstd": 30.705909932854794,
  "dvars_std": 1.1367982558597667,
  "dvars_vstd": 0.9993168468447408,
  "efc": 0.48273760276309585,
  "fber": 5204.06201171875,
  "fd_mean": 0.11214276971125657,
  "fd_num": 19,
  "fd_perc": 3.1666666666666665,
  "fwhm_avg": 1.8797486279615268,
  "fwhm_x": 1.8433476246941043,
  "fwhm_y": 2.021354925857143,
  "fwhm_z": 1.7745433333333331,
  "gcor": 0.00683592,
  "gsr_x": -0.013141488656401634,
  "gsr_y": 0.01726340316236019,
  "provenance": {
    "md5sum": "23ddbeb6d61df92b36c0b20d789c864d",
    "settings": {
      "fd_thres": 0.2,
      "testing": false
    },
    "software": "mriqc",
    "version": "21.0.0rc2",
    "webapi_port": null,
    "webapi_url": "https://mriqc.nimh.nih.gov/api/v1"
  },
  "size_t": 600,
  "size_x": 84,
  "size_y": 84,
  "size_z": 48,
  "snr": 4.8827985158154315,
  "spacing_tr": 1.0,
  "spacing_x": 2.4761905670166016,
  "spacing_y": 2.4761905670166016,
  "spacing_z": 3.0,
  "summary_bg_k": 28.460778173878047,
  "summary_bg_mad": 31.24707865192171,
  "summary_bg_mean": 145.0557403564453,
  "summary_bg_median": 48.317501068115234,
  "summary_bg_n": 224132.0,
  "summary_bg_p05": 23.200000762939453,
  "summary_bg_p95": 609.1793548583983,
  "summary_bg_stdv": 285.0028076171875,
  "summary_fg_k": 2.9769262718815144,
  "summary_fg_mad": 644.9493392946849,
  "summary_fg_mean": 3637.7421875,
  "summary_fg_median": 3541.385009765625,
  "summary_fg_n": 58663.0,
  "summary_fg_p05": 2720.5454833984377,
  "summary_fg_p95": 4898.9283203125,
  "summary_fg_stdv": 725.2715454101562,
  "tsnr": 51.69253724371083
}