{
  "bids_meta": {
    "AcquisitionMatrixPE": 256,
    "AcquisitionNumber": 1,
    "AcquisitionTime": "16:17:24.732500",
    "BaseResolution": 256,
    "BodyPartExamined": "BRAIN",
    "ConsistencyInfo": "N4_VE11B_LATEST_20150530",
    "ConversionSoftware": "dcm2niix",
    "ConversionSoftwareVersion": "v1.0.20181125  GCC4.8.5",
    "DeviceSerialNumber": "67007",
    "DwellTime": 8.9e-06,
    "EchoTime": 0.091,
    "EchoTrainLength": 18,
    "FlipAngle": 120,
    "ImageOrientationPatientDICOM": [
      1,
      0,
      0,
      0,
      0.958323,
      -0.285688
    ],
    "ImageType": [
      "ORIGINAL",
      "PRIMARY",
      "M",
      "ND",
      "NORM"
    ],
    "ImagingFrequency": 123.211,
    "InPlanePhaseEncodingDirectionDICOM": "COL",
    "InstitutionAddress": "Perth_Drive_100_London_Ontario_CA_N6A_5K8",
    "InstitutionName": "Robarts-CFMM",
    "InstitutionalDepartmentName": "CFMM",
    "Interpolation2D": 1,
    "MRAcquisitionType": "2D",
    "MagneticFieldStrength": 3,
    "Manufacturer": "Siemens",
    "ManufacturersModelName": "Prisma_fit",
    "Modality": "MR",
    "ParallelReductionFactorInPlane": 2,
    "PartialFourier": 1,
    "PatientPosition": "HFS",
    "PercentPhaseFOV": 100,
    "PhaseEncodingDirection": "j-",
    "PhaseEncodingSteps": 255,
    "PhaseResolution": 1,
    "PixelBandwidth": 220,
    "ProcedureStepDescription": "Diedrichsen_Feb2016",
    "ProtocolName": "t2_tse_tra_256_p2",
    "PulseSequenceDetails": "%SiemensSeq%_tse",
    "ReceiveCoilActiveElements": "HEA;HEP",
    "ReceiveCoilName": "Head_32",
    "ReconMatrixPE": 512,
    "RepetitionTime": 8.53,
    "SAR": 0.929878,
    "ScanningSequence": "SE",
    "SequenceName": "_tse2d1_18",
    "SequenceVariant": "SK_SP",
    "SeriesDescription": "t2_tse_tra_256_p2",
    "SeriesNumber": 10,
    "ShimSetting": [
      5237,
      -6157,
      -4055,
      53,
      3,
      -37,
      -27,
      1
    ],
    "SliceThickness": 3,
    "SoftwareVersions": "syngo_MR_E11",
    "SpacingBetweenSlices": 3,
    "StationName": "MRC35368",
    "TxRefAmp": 305.329,
    "dataset": "ds002105",
    "modality": "T2w",
    "session_id": "a2",
    "subject_id": "06"
  },
  "cjv": 0.41957401186388843,
  "cnr": 3.377112730154302,
  "efc": 0.579185730129619,
  "fber": 10612.646330957788,
  "fwhm_avg": 4.506343656821707,
  "fwhm_x": 5.661193846153846,
  "fwhm_y": 6.195052307692308,
  "fwhm_z": 1.6627848166189645,
  "icvs_csf": 0.14353865690616588,
  "icvs_gm": 0.4420603323935207,
  "icvs_wm": 0.4144010107003134,
  "inu_med": 1.0757803916931152,
  "inu_range": 0.19380515813827515,
  "provenance": {
    "md5sum": "cf73c48a4f6cd481fcdae05a41bccb4d",
    "settings": {
      "testing": false
    },
    "software": "mriqc",
    "version": "21.0.0rc2",
    "warnings": {
      "large_rot_frame": true,
      "small_air_mask": false
    },
    "webapi_port": null,
    "webapi_url": "https://mriqc.nimh.nih.gov/api/v1"
  },
  "qi_1": 0.0,
  "qi_2": 0.008669071986221088,
  "rpve_csf": 20.659188465895166,
  "rpve_gm": 7.920948489451542,
  "rpve_wm": 9.54584573473705,
  "size_x": 512,
  "size_y": 512,
  "size_z": 48,
  "snr_csf": 2.913753314490821,
  "snr_gm": 11.63057620611919,
  "snr_total": 8.313243854304828,
  "snr_wm": 10.395402042304468,
  "snrd_csf": 219.0554932798153,
  "snrd_gm": 117.3356573996201,
  "snrd_total": 136.71537324181693,
  "snrd_wm": 73.7549690460154,
  "spacing_x": 0.40625,
  "spacing_y": 0.40625,
  "spacing_z": 3.0000033378601074,
  "summary_bg_k": 600.1050226296755,
  "summary_bg_mad": 9.030424541192493,
  "summary_bg_mean": 16.797852208239938,
  "summary_bg_median": 12.290624171495438,
  "summary_bg_n": 3011623.0,
  "summary_bg_p05": 0.0,
  "summary_bg_p95": 36.76310592889786,
  "summary_bg_stdv": 52.33330009975178,
  "summary_csf_k": 0.8310992292738875,
  "summary_csf_mad": 757.9106311357987,
  "summary_csf_mean": 3031.4970788543815,
  "summary_csf_median": 3019.469182521105,
  "summary_csf_n": 253947.0,
  "summary_csf_p05": 640.9941188484431,
  "summary_csf_p95": 4618.664290428162,
  "summary_csf_stdv": 1036.279640565736,
  "summary_gm_k": -0.3770656249053732,
  "summary_gm_mad": 152.54967171371607,
  "summary_gm_mean": 1621.4996242805735,
  "summary_gm_median": 1617.3591277003288,
  "summary_gm_n": 764492.0,
  "summary_gm_p05": 1407.0045511722565,
  "summary_gm_p95": 1850.6634537875652,
  "summary_gm_stdv": 139.06087207004754,
  "summary_wm_k": -0.033612866373309735,
  "summary_wm_mad": 99.49592753421015,
  "summary_wm_mean": 1013.5897325228417,
  "summary_wm_median": 1016.6412754952908,
  "summary_wm_n": 839363.0,
  "summary_wm_p05": 845.1163700222969,
  "summary_wm_p95": 1165.7602643370628,
  "summary_wm_stdv": 97.79714779235944,
  "tpm_overlap_csf": 0.16225376725196838,
  "tpm_overlap_gm": 0.4356067180633545,
  "tpm_overlap_wm": 0.4767136871814728,
  "wm2max": 0.1854526695898891
}