{
  "aor": 0.0004213,
  "aqi": 0.008598482516666667,
  "bids_meta": {
    "AcquisitionMatrixPE": 84,
    "AcquisitionNumber": 1,
    "AcquisitionTime": "13:42:55.610000",
    "BandwidthPerPixelPhaseEncode": 33.069,
    "BaseResolution": 84,
    "BodyPartExamined": "BRAIN",
    "ConsistencyInfo": "N4_VE11B_LATEST_20150530",
    "ConversionSoftware": "dcm2niix",
    "ConversionSoftwareVersion": "v1.0.20181125  GCC4.8.5",
    "DerivedVendorReportedEchoSpacing": 0.000719995,
    "DeviceSerialNumber": "67007",
    "DwellTime": 3.8e-06,
    "EchoTime": 0.03,
    "EchoTrainLength": 36,
    "EffectiveEchoSpacing": 0.000359998,
    "FlipAngle": 40,
    "ImageComments": "Unaliased_MB3_PE4",
    "ImageOrientationPatientDICOM": [
      0.999194,
      -0.035134,
      0.019395,
      0.0401318,
      0.874759,
      -0.482893
    ],
    "ImageType": [
      "ORIGINAL",
      "PRIMARY",
      "M",
      "MB",
      "ND",
      "NORM",
      "MOSAIC"
    ],
    "ImagingFrequency": 123.211,
    "InPlanePhaseEncodingDirectionDICOM": "COL",
    "InstitutionAddress": "Perth_Drive_100_London_Ontario_CA_N6A_5K8",
    "InstitutionName": "Robarts-CFMM",
    "InstitutionalDepartmentName": "CFMM",
    "MRAcquisitionType": "2D",
    "MagneticFieldStrength": 3,
    "Manufacturer": "Siemens",
    "ManufacturersModelName": "Prisma_fit",
    "Modality": "MR",
    "MultibandAccelerationFactor": 3,
    "ParallelReductionFactorInPlane": 2,
    "PartialFourier": 0.875,
    "PatientPosition": "HFS",
    "PercentPhaseFOV": 100,
    "PhaseEncodingDirection": "j-",
    "PhaseEncodingSteps": 73,
    "PhaseResolution": 1,
    "PixelBandwidth": 1565,
    "ProcedureStepDescription": "Diedrichsen_MCC",
    "ProtocolName": "ep_bold_mb3_p2",
    "PulseSequenceDetails": "%CustomerSeq%_cmrr_mbep2d_bold",
    "ReceiveCoilActiveElements": "HEA;HEP",
    "ReceiveCoilName": "Head_32",
    "ReconMatrixPE": 84,
    "RepetitionTime": 1,
    "SAR": 0.0743557,
    "ScanOptions": "PFP_FS_EXT",
    "ScanningSequence": "EP",
    "SequenceName": "epfid2d1_84",
    "SequenceVariant": "SK_SS",
    "SeriesDescription": "ep_bold_mb3_p2",
    "SeriesNumber": 19,
    "ShimSetting": [
      5244,
      -6164,
      -4077,
      494,
      183,
      685,
      353,
      -47
    ],
    "SliceThickness": 3,
    "SliceTiming": [
      0,
      0.43,
      0.8575,
      0.3075,
      0.735,
      0.185,
      0.6125,
      0.0625,
      0.49,
      0.92,
      0.3675,
      0.7975,
      0.245,
      0.675,
      0.1225,
      0.5525,
      0,
      0.43,
      0.8575,
      0.3075,
      0.735,
      0.185,
      0.6125,
      0.0625,
      0.49,
      0.92,
      0.3675,
      0.7975,
      0.245,
      0.675,
      0.1225,
      0.5525,
      0,
      0.43,
      0.8575,
      0.3075,
      0.735,
      0.185,
      0.6125,
      0.0625,
      0.49,
      0.92,
      0.3675,
      0.7975,
      0.245,
      0.675,
      0.1225,
      0.5525
    ],
    "SoftwareVersions": "syngo_MR_E11",
    "SpacingBetweenSlices": 3,
    "StationName": "MRC35368",
    "TaskName": "a",
    "TotalReadoutTime": 0.0298798,
    "TxRefAmp": 259.013,
    "WipMemBlock": "006efd38-6298-4a5a-9f9d-8d6814c9a2a0||Sequence: ve11b/master r/50434d5; Mar  3 2017 10:46:13 by eja",
    "dataset": "ds002105",
    "modality": "bold",
    "run_id": 8,
    "session_id": "a1",
    "subject_id": "28",
    "task_id": "a"
  },
  "dummy_trs": 1,
  "dvars_nstd": 30.208057903505832,
  "dvars_std": 1.1241393956427395,
  "dvars_vstd": 1.0055440694490811,
  "efc": 0.5029930173970524,
  "fber": 4076.889404296875,
  "fd_mean": 0.08599270136548537,
  "fd_num": 18,
  "fd_perc": 3.0,
  "fwhm_avg": 1.7860628614720493,
  "fwhm_x": 1.7202432061326243,
  "fwhm_y": 1.92025204495019,
  "fwhm_z": 1.7176933333333333,
  "gcor": 0.0134152,
  "gsr_x": -0.010279002599418163,
  "gsr_y": 0.02102070301771164,
  "provenance": {
    "md5sum": "be3f145cb93aa1ed6856cf95daa4078f",
    "settings": {
      "fd_thres": 0.2,
      "testing": false
    },
    "software": "mriqc",
    "version": "21.0.0rc2",
    "webapi_port": null,
    "webapi_url": "https://mriqc.nimh.nih.gov/api/v1"
  },
  "size_t": 600,
  "size_x": 84,
  "size_y": 84,
  "size_z": 48,
  "snr": 5.143334275584492,
  "spacing_tr": 1.0,
  "spacing_x": 2.4761905670166016,
  "spacing_y": 2.4761905670166016,
  "spacing_z": 3.0,
  "summary_bg_k": 50.97318289801754,
  "summary_bg_mad": 37.74211371834669,
  "summary_bg_mean": 162.12521362304688,
  "summary_bg_median": 57.47666931152344,
  "summary_bg_n": 216692.0,
  "summary_bg_p05": 26.575000762939453,
  "summary_bg_p95": 658.7082519531247,
  "summary_bg_stdv": 323.22491455078125,
  "summary_fg_k": 3.399101091796087,
  "summary_fg_mad": 656.2444081981193,
  "summary_fg_mean": 3816.14306640625,
  "summary_fg_median": 3732.87841796875,
  "summary_fg_n": 64687.0,
  "summary_fg_p05": 2877.2818603515625,
  "summary_fg_p95": 5040.413281249999,
  "summary_fg_stdv": 725.7645263671875,
  "tsnr": 49.33657807856798
}