{
  "aor": 0.005575074875207987,
  "aqi": 0.024832715091514145,
  "bids_meta": {
    "AcquisitionMatrixPE": 84,
    "AcquisitionNumber": 1,
    "AcquisitionTime": "11:24:34.967500",
    "BandwidthPerPixelPhaseEncode": 33.069,
    "BaseResolution": 84,
    "BodyPartExamined": "BRAIN",
    "ConsistencyInfo": "N4_VE11B_LATEST_20150530",
    "ConversionSoftware": "dcm2niix",
    "ConversionSoftwareVersion": "v1.0.20181125  GCC4.8.5",
    "DerivedVendorReportedEchoSpacing": 0.000719995,
    "DeviceSerialNumber": "67007",
    "DwellTime": 3.8e-06,
    "EchoTime": 0.03,
    "EchoTrainLength": 36,
    "EffectiveEchoSpacing": 0.000359998,
    "FlipAngle": 40,
    "ImageComments": "Unaliased_MB3_PE4",
    "ImageOrientationPatientDICOM": [
      1,
      0,
      0,
      0,
      0.91212,
      -0.409923
    ],
    "ImageType": [
      "ORIGINAL",
      "PRIMARY",
      "M",
      "MB",
      "ND",
      "NORM",
      "MOSAIC"
    ],
    "ImagingFrequency": 123.211,
    "InPlanePhaseEncodingDirectionDICOM": "COL",
    "InstitutionAddress": "Perth_Drive_100_London_Ontario_CA_N6A_5K8",
    "InstitutionName": "Robarts_Research_Institute",
    "InstitutionalDepartmentName": "CFMM",
    "MRAcquisitionType": "2D",
    "MagneticFieldStrength": 3,
    "Manufacturer": "Siemens",
    "ManufacturersModelName": "Prisma_fit",
    "Modality": "MR",
    "MultibandAccelerationFactor": 3,
    "ParallelReductionFactorInPlane": 2,
    "PartialFourier": 0.875,
    "PatientPosition": "HFS",
    "PercentPhaseFOV": 100,
    "PhaseEncodingDirection": "j-",
    "PhaseEncodingSteps": 73,
    "PhaseResolution": 1,
    "PixelBandwidth": 1565,
    "ProcedureStepDescription": "Diedrichsen_MCC",
    "ProtocolName": "ep_bold_mb3_p2",
    "PulseSequenceDetails": "%CustomerSeq%_cmrr_mbep2d_bold",
    "ReceiveCoilActiveElements": "HEA;HEP",
    "ReceiveCoilName": "Head_32",
    "ReconMatrixPE": 84,
    "RepetitionTime": 1,
    "SAR": 0.112664,
    "ScanOptions": "PFP_FS_EXT",
    "ScanningSequence": "EP",
    "SequenceName": "epfid2d1_84",
    "SequenceVariant": "SK_SS",
    "SeriesDescription": "ep_bold_mb3_p2",
    "SeriesNumber": 9,
    "ShimSetting": [
      5222,
      -6175,
      -3813,
      523,
      -63,
      -47,
      -2,
      4
    ],
    "SliceThickness": 3,
    "SliceTiming": [
      0,
      0.43,
      0.8575,
      0.3075,
      0.735,
      0.185,
      0.6125,
      0.0625,
      0.49,
      0.92,
      0.3675,
      0.7975,
      0.245,
      0.675,
      0.1225,
      0.5525,
      0,
      0.43,
      0.8575,
      0.3075,
      0.735,
      0.185,
      0.6125,
      0.0625,
      0.49,
      0.92,
      0.3675,
      0.7975,
      0.245,
      0.675,
      0.1225,
      0.5525,
      0,
      0.43,
      0.8575,
      0.3075,
      0.735,
      0.185,
      0.6125,
      0.0625,
      0.49,
      0.92,
      0.3675,
      0.7975,
      0.245,
      0.675,
      0.1225,
      0.5525
    ],
    "SoftwareVersions": "syngo_MR_E11",
    "SpacingBetweenSlices": 3,
    "StationName": "MRC35368",
    "TaskName": "a",
    "TotalReadoutTime": 0.0298798,
    "TxRefAmp": 307.168,
    "WipMemBlock": "a537ab0a-461b-4278-bc85-7c5b4d0b4024||Sequence: ve11b/master r/50434d5; Mar  3 2017 10:46:13 by eja",
    "dataset": "ds002105",
    "modality": "bold",
    "run_id": 7,
    "session_id": "a2",
    "subject_id": "21",
    "task_id": "a"
  },
  "dummy_trs": 0,
  "dvars_nstd": 39.64331520698332,
  "dvars_std": 1.0598522492833342,
  "dvars_vstd": 0.9375309518333328,
  "efc": 0.5377028135211877,
  "fber": 2761.42529296875,
  "fd_mean": 0.18676690768724594,
  "fd_num": 80,
  "fd_perc": 13.311148086522463,
  "fwhm_avg": 2.1131394029658552,
  "fwhm_x": 2.0539412708157294,
  "fwhm_y": 2.29767027141517,
  "fwhm_z": 1.9878066666666667,
  "gcor": 0.0341834,
  "gsr_x": -0.0009330885950475931,
  "gsr_y": 0.026249244809150696,
  "provenance": {
    "md5sum": "b1d41538f7281d7a60d3e94640915b55",
    "settings": {
      "fd_thres": 0.2,
      "testing": false
    },
    "software": "mriqc",
    "version": "21.0.0rc2",
    "webapi_port": null,
    "webapi_url": "https://mriqc.nimh.nih.gov/api/v1"
  },
  "size_t": 601,
  "size_x": 84,
  "size_y": 84,
  "size_z": 48,
  "snr": 4.617064710216106,
  "spacing_tr": 1.0,
  "spacing_x": 2.4761905670166016,
  "spacing_y": 2.4761908054351807,
  "spacing_z": 3.0,
  "summary_bg_k": 12.915532998759241,
  "summary_bg_mad": 48.10440002902748,
  "summary_bg_mean": 200.77081298828125,
  "summary_bg_median": 63.76871871948242,
  "summary_bg_n": 208974.0,
  "summary_bg_p05": 23.111480712890625,
  "summary_bg_p95": 889.3954925537093,
  "summary_bg_stdv": 327.66949462890625,
  "summary_fg_k": 3.396547985464121,
  "summary_fg_mad": 665.5787211890429,
  "summary_fg_mean": 3512.864013671875,
  "summary_fg_median": 3420.982421875,
  "summary_fg_n": 70254.0,
  "summary_fg_p05": 2547.2151123046874,
  "summary_fg_p95": 4766.996752929686,
  "summary_fg_stdv": 740.9378662109375,
  "tsnr": 28.29981572460383
}