{
  "aor": 0.0010894991652754592,
  "aqi": 0.010093454474123539,
  "bids_meta": {
    "AcquisitionMatrixPE": 84,
    "AcquisitionNumber": 1,
    "AcquisitionTime": "11:13:46.557500",
    "BandwidthPerPixelPhaseEncode": 33.069,
    "BaseResolution": 84,
    "BodyPartExamined": "BRAIN",
    "ConsistencyInfo": "N4_VE11B_LATEST_20150530",
    "ConversionSoftware": "dcm2niix",
    "ConversionSoftwareVersion": "v1.0.20181125  GCC4.8.5",
    "DerivedVendorReportedEchoSpacing": 0.000719995,
    "DeviceSerialNumber": "67007",
    "DwellTime": 3.8e-06,
    "EchoTime": 0.03,
    "EchoTrainLength": 36,
    "EffectiveEchoSpacing": 0.000359998,
    "FlipAngle": 40,
    "ImageComments": "Unaliased_MB3_PE4",
    "ImageOrientationPatientDICOM": [
      1,
      0,
      0,
      0,
      0.91212,
      -0.409923
    ],
    "ImageType": [
      "ORIGINAL",
      "PRIMARY",
      "M",
      "MB",
      "ND",
      "NORM",
      "MOSAIC"
    ],
    "ImagingFrequency": 123.211,
    "InPlanePhaseEncodingDirectionDICOM": "COL",
    "InstitutionAddress": "Perth_Drive_100_London_Ontario_CA_N6A_5K8",
    "InstitutionName": "Robarts_Research_Institute",
    "InstitutionalDepartmentName": "CFMM",
    "MRAcquisitionType": "2D",
    "MagneticFieldStrength": 3,
    "Manufacturer": "Siemens",
    "ManufacturersModelName": "Prisma_fit",
    "Modality": "MR",
    "MultibandAccelerationFactor": 3,
    "ParallelReductionFactorInPlane": 2,
    "PartialFourier": 0.875,
    "PatientPosition": "HFS",
    "PercentPhaseFOV": 100,
    "PhaseEncodingDirection": "j-",
    "PhaseEncodingSteps": 73,
    "PhaseResolution": 1,
    "PixelBandwidth": 1565,
    "ProcedureStepDescription": "Diedrichsen_MCC",
    "ProtocolName": "ep_bold_mb3_p2",
    "PulseSequenceDetails": "%CustomerSeq%_cmrr_mbep2d_bold",
    "ReceiveCoilActiveElements": "HEA;HEP",
    "ReceiveCoilName": "Head_32",
    "ReconMatrixPE": 84,
    "RepetitionTime": 1,
    "SAR": 0.112664,
    "ScanOptions": "PFP_FS_EXT",
    "ScanningSequence": "EP",
    "SequenceName": "epfid2d1_84",
    "SequenceVariant": "SK_SS",
    "SeriesDescription": "ep_bold_mb3_p2",
    "SeriesNumber": 8,
    "ShimSetting": [
      5222,
      -6175,
      -3813,
      523,
      -63,
      -47,
      -2,
      4
    ],
    "SliceThickness": 3,
    "SliceTiming": [
      0,
      0.43,
      0.8575,
      0.3075,
      0.735,
      0.185,
      0.6125,
      0.0625,
      0.49,
      0.92,
      0.3675,
      0.7975,
      0.245,
      0.675,
      0.1225,
      0.5525,
      0,
      0.43,
      0.8575,
      0.3075,
      0.735,
      0.185,
      0.6125,
      0.0625,
      0.49,
      0.92,
      0.3675,
      0.7975,
      0.245,
      0.675,
      0.1225,
      0.5525,
      0,
      0.43,
      0.8575,
      0.3075,
      0.735,
      0.185,
      0.6125,
      0.0625,
      0.49,
      0.92,
      0.3675,
      0.7975,
      0.245,
      0.675,
      0.1225,
      0.5525
    ],
    "SoftwareVersions": "syngo_MR_E11",
    "SpacingBetweenSlices": 3,
    "StationName": "MRC35368",
    "TaskName": "a",
    "TotalReadoutTime": 0.0298798,
    "TxRefAmp": 307.168,
    "WipMemBlock": "b249c66c-05a4-4c5b-8cc0-0c54729148f0||Sequence: ve11b/master r/50434d5; Mar  3 2017 10:46:13 by eja",
    "dataset": "ds002105",
    "modality": "bold",
    "run_id": 6,
    "session_id": "a2",
    "subject_id": "21",
    "task_id": "a"
  },
  "dummy_trs": 2,
  "dvars_nstd": 36.19265905595319,
  "dvars_std": 1.155236876688962,
  "dvars_vstd": 0.9935808131939817,
  "efc": 0.5348388351027612,
  "fber": 3147.0498046875,
  "fd_mean": 0.12535747967180588,
  "fd_num": 44,
  "fd_perc": 7.345575959933222,
  "fwhm_avg": 2.090709510960344,
  "fwhm_x": 2.035416848418278,
  "fwhm_y": 2.2766783511294206,
  "fwhm_z": 1.9600333333333333,
  "gcor": 0.0118818,
  "gsr_x": 0.00090776541037485,
  "gsr_y": 0.023960070684552193,
  "provenance": {
    "md5sum": "b65cd2685a89a1dad9c6f5e70599c093",
    "settings": {
      "fd_thres": 0.2,
      "testing": false
    },
    "software": "mriqc",
    "version": "21.0.0rc2",
    "webapi_port": null,
    "webapi_url": "https://mriqc.nimh.nih.gov/api/v1"
  },
  "size_t": 599,
  "size_x": 84,
  "size_y": 84,
  "size_z": 48,
  "snr": 4.550859206449973,
  "spacing_tr": 1.0,
  "spacing_x": 2.4761905670166016,
  "spacing_y": 2.4761908054351807,
  "spacing_z": 3.0,
  "summary_bg_k": 18.50471726595764,
  "summary_bg_mad": 44.71691717502557,
  "summary_bg_mean": 197.17237854003906,
  "summary_bg_median": 59.820533752441406,
  "summary_bg_n": 208724.0,
  "summary_bg_p05": 21.45075035095215,
  "summary_bg_p95": 912.1516601562499,
  "summary_bg_stdv": 348.4236145019531,
  "summary_fg_k": 3.2259823647443,
  "summary_fg_mad": 681.5959650296413,
  "summary_fg_mean": 3543.31005859375,
  "summary_fg_median": 3451.285400390625,
  "summary_fg_n": 70451.0,
  "summary_fg_p05": 2551.8621826171875,
  "summary_fg_p95": 4831.891357421875,
  "summary_fg_stdv": 758.3756713867188,
  "tsnr": 41.38314097817056
}