{
  "aor": 0.0026802329450915144,
  "aqi": 0.02221021863560732,
  "bids_meta": {
    "AcquisitionMatrixPE": 84,
    "AcquisitionNumber": 1,
    "AcquisitionTime": "17:08:44.710000",
    "BandwidthPerPixelPhaseEncode": 33.069,
    "BaseResolution": 84,
    "BodyPartExamined": "BRAIN",
    "ConsistencyInfo": "N4_VE11B_LATEST_20150530",
    "ConversionSoftware": "dcm2niix",
    "ConversionSoftwareVersion": "v1.0.20181125  GCC4.8.5",
    "DerivedVendorReportedEchoSpacing": 0.000719995,
    "DeviceSerialNumber": "67007",
    "DwellTime": 3.8e-06,
    "EchoTime": 0.03,
    "EchoTrainLength": 36,
    "EffectiveEchoSpacing": 0.000359998,
    "FlipAngle": 40,
    "ImageComments": "Unaliased_MB3_PE4",
    "ImageOrientationPatientDICOM": [
      1,
      0,
      0,
      0,
      0.877983,
      -0.478692
    ],
    "ImageType": [
      "ORIGINAL",
      "PRIMARY",
      "M",
      "MB",
      "ND",
      "NORM",
      "MOSAIC"
    ],
    "ImagingFrequency": 123.211,
    "InPlanePhaseEncodingDirectionDICOM": "COL",
    "InstitutionAddress": "Perth_Drive_100_London_Ontario_CA_N6A_5K8",
    "InstitutionName": "Robarts_Research_Institute",
    "InstitutionalDepartmentName": "CFMM",
    "MRAcquisitionType": "2D",
    "MagneticFieldStrength": 3,
    "Manufacturer": "Siemens",
    "ManufacturersModelName": "Prisma_fit",
    "Modality": "MR",
    "MultibandAccelerationFactor": 3,
    "ParallelReductionFactorInPlane": 2,
    "PartialFourier": 0.875,
    "PatientPosition": "HFS",
    "PercentPhaseFOV": 100,
    "PhaseEncodingDirection": "j-",
    "PhaseEncodingSteps": 73,
    "PhaseResolution": 1,
    "PixelBandwidth": 1565,
    "ProcedureStepDescription": "Diedrichsen_MCC",
    "ProtocolName": "ep_bold_mb3_p2",
    "PulseSequenceDetails": "%CustomerSeq%_cmrr_mbep2d_bold",
    "ReceiveCoilActiveElements": "HEA;HEP",
    "ReceiveCoilName": "Head_32",
    "ReconMatrixPE": 84,
    "RepetitionTime": 1,
    "SAR": 0.0948388,
    "ScanOptions": "PFP_FS_EXT",
    "ScanningSequence": "EP",
    "SequenceName": "epfid2d1_84",
    "SequenceVariant": "SK_SS",
    "SeriesDescription": "ep_bold_mb3_p2",
    "SeriesNumber": 13,
    "ShimSetting": [
      5243,
      -6167,
      -3967,
      460,
      3,
      -39,
      -32,
      -19
    ],
    "SliceThickness": 3,
    "SliceTiming": [
      0,
      0.4275,
      0.8575,
      0.305,
      0.735,
      0.1825,
      0.6125,
      0.06,
      0.49,
      0.9175,
      0.3675,
      0.795,
      0.245,
      0.6725,
      0.1225,
      0.55,
      0,
      0.4275,
      0.8575,
      0.305,
      0.735,
      0.1825,
      0.6125,
      0.06,
      0.49,
      0.9175,
      0.3675,
      0.795,
      0.245,
      0.6725,
      0.1225,
      0.55,
      0,
      0.4275,
      0.8575,
      0.305,
      0.735,
      0.1825,
      0.6125,
      0.06,
      0.49,
      0.9175,
      0.3675,
      0.795,
      0.245,
      0.6725,
      0.1225,
      0.55
    ],
    "SoftwareVersions": "syngo_MR_E11",
    "SpacingBetweenSlices": 3,
    "StationName": "MRC35368",
    "TaskName": "b",
    "TotalReadoutTime": 0.0298798,
    "TxRefAmp": 292.823,
    "WipMemBlock": "aeffc179-23b8-420c-9e78-56e688544236||Sequence: ve11b/master r/50434d5; Mar  3 2017 10:46:13 by eja",
    "dataset": "ds002105",
    "modality": "bold",
    "run_id": 6,
    "session_id": "b1",
    "subject_id": "21",
    "task_id": "b"
  },
  "dummy_trs": 0,
  "dvars_nstd": 35.05845116614999,
  "dvars_std": 1.0114939940833323,
  "dvars_vstd": 0.9318195729166671,
  "efc": 0.5363599622508318,
  "fber": 2991.82373046875,
  "fd_mean": 0.21058794375915912,
  "fd_num": 154,
  "fd_perc": 25.62396006655574,
  "fwhm_avg": 1.8659616839452273,
  "fwhm_x": 1.8128693565812715,
  "fwhm_y": 2.0168156952544103,
  "fwhm_z": 1.7682,
  "gcor": 0.0144906,
  "gsr_x": -5.4911415645619854e-06,
  "gsr_y": 0.023894131183624268,
  "provenance": {
    "md5sum": "5fc79457640da1c9f8b29d734ffe9501",
    "settings": {
      "fd_thres": 0.2,
      "testing": false
    },
    "software": "mriqc",
    "version": "21.0.0rc2",
    "webapi_port": null,
    "webapi_url": "https://mriqc.nimh.nih.gov/api/v1"
  },
  "size_t": 601,
  "size_x": 84,
  "size_y": 84,
  "size_z": 48,
  "snr": 5.2164512618631464,
  "spacing_tr": 1.0,
  "spacing_x": 2.4761905670166016,
  "spacing_y": 2.4761905670166016,
  "spacing_z": 3.0,
  "summary_bg_k": 18.579214411143532,
  "summary_bg_mad": 38.98923327361831,
  "summary_bg_mean": 176.78060913085938,
  "summary_bg_median": 55.69550704956055,
  "summary_bg_n": 209650.0,
  "summary_bg_p05": 23.68219566345215,
  "summary_bg_p95": 801.6609466552732,
  "summary_bg_stdv": 307.7376708984375,
  "summary_fg_k": 5.594181757164721,
  "summary_fg_mad": 503.6478644291761,
  "summary_fg_mean": 3184.98291015625,
  "summary_fg_median": 3106.20947265625,
  "summary_fg_n": 69819.0,
  "summary_fg_p05": 2448.751025390625,
  "summary_fg_p95": 4129.609228515625,
  "summary_fg_stdv": 595.4598388671875,
  "tsnr": 33.44624106329866
}