{
  "aor": 0.00297345,
  "aqi": 0.01761351356666667,
  "bids_meta": {
    "AcquisitionMatrixPE": 84,
    "AcquisitionNumber": 1,
    "AcquisitionTime": "13:37:43.495000",
    "BandwidthPerPixelPhaseEncode": 33.069,
    "BaseResolution": 84,
    "BodyPartExamined": "BRAIN",
    "ConsistencyInfo": "N4_VE11B_LATEST_20150530",
    "ConversionSoftware": "dcm2niix",
    "ConversionSoftwareVersion": "v1.0.20181125  GCC4.8.5",
    "DerivedVendorReportedEchoSpacing": 0.000719995,
    "DeviceSerialNumber": "67007",
    "DwellTime": 3.8e-06,
    "EchoTime": 0.03,
    "EchoTrainLength": 36,
    "EffectiveEchoSpacing": 0.000359998,
    "FlipAngle": 40,
    "ImageComments": "Unaliased_MB3_PE4",
    "ImageOrientationPatientDICOM": [
      1,
      0,
      0,
      0,
      0.82806,
      -0.560639
    ],
    "ImageType": [
      "ORIGINAL",
      "PRIMARY",
      "M",
      "MB",
      "ND",
      "NORM",
      "MOSAIC"
    ],
    "ImagingFrequency": 123.211,
    "InPlanePhaseEncodingDirectionDICOM": "COL",
    "InstitutionAddress": "Perth_Drive_100_London_Ontario_CA_N6A_5K8",
    "InstitutionName": "Robarts_Research_Institute",
    "InstitutionalDepartmentName": "CFMM",
    "MRAcquisitionType": "2D",
    "MagneticFieldStrength": 3,
    "Manufacturer": "Siemens",
    "ManufacturersModelName": "Prisma_fit",
    "Modality": "MR",
    "MultibandAccelerationFactor": 3,
    "ParallelReductionFactorInPlane": 2,
    "PartialFourier": 0.875,
    "PatientPosition": "HFS",
    "PercentPhaseFOV": 100,
    "PhaseEncodingDirection": "j-",
    "PhaseEncodingSteps": 73,
    "PhaseResolution": 1,
    "PixelBandwidth": 1565,
    "ProcedureStepDescription": "Diedrichsen_MCC",
    "ProtocolName": "ep_bold_mb3_p2",
    "PulseSequenceDetails": "%CustomerSeq%_cmrr_mbep2d_bold",
    "ReceiveCoilActiveElements": "HEA;HEP",
    "ReceiveCoilName": "Head_32",
    "ReconMatrixPE": 84,
    "RepetitionTime": 1,
    "SAR": 0.0782137,
    "ScanOptions": "PFP_FS_EXT",
    "ScanningSequence": "EP",
    "SequenceName": "epfid2d1_84",
    "SequenceVariant": "SK_SS",
    "SeriesDescription": "ep_bold_mb3_p2",
    "SeriesNumber": 8,
    "ShimSetting": [
      5252,
      -6215,
      -3990,
      602,
      20,
      -2,
      -20,
      -29
    ],
    "SliceThickness": 3,
    "SliceTiming": [
      0,
      0.4275,
      0.8575,
      0.305,
      0.735,
      0.1825,
      0.6125,
      0.06,
      0.49,
      0.9175,
      0.3675,
      0.795,
      0.245,
      0.6725,
      0.1225,
      0.55,
      0,
      0.4275,
      0.8575,
      0.305,
      0.735,
      0.1825,
      0.6125,
      0.06,
      0.49,
      0.9175,
      0.3675,
      0.795,
      0.245,
      0.6725,
      0.1225,
      0.55,
      0,
      0.4275,
      0.8575,
      0.305,
      0.735,
      0.1825,
      0.6125,
      0.06,
      0.49,
      0.9175,
      0.3675,
      0.795,
      0.245,
      0.6725,
      0.1225,
      0.55
    ],
    "SoftwareVersions": "syngo_MR_E11",
    "SpacingBetweenSlices": 3,
    "StationName": "MRC35368",
    "TaskName": "b",
    "TotalReadoutTime": 0.0298798,
    "TxRefAmp": 287.207,
    "WipMemBlock": "8b05755b-b5a6-4c4c-85d3-9cd5f1bae7af||Sequence: ve11b/master r/50434d5; Mar  3 2017 10:46:13 by eja",
    "dataset": "ds002105",
    "modality": "bold",
    "run_id": 4,
    "session_id": "b1",
    "subject_id": "24",
    "task_id": "b"
  },
  "dummy_trs": 1,
  "dvars_nstd": 36.59175370342238,
  "dvars_std": 1.1796646602337222,
  "dvars_vstd": 1.0245884256761262,
  "efc": 0.5018303199798372,
  "fber": 3460.40283203125,
  "fd_mean": 0.1395652999121936,
  "fd_num": 81,
  "fd_perc": 13.5,
  "fwhm_avg": 1.7981126876673403,
  "fwhm_x": 1.7505276280987216,
  "fwhm_y": 1.9191537682366324,
  "fwhm_z": 1.7246566666666665,
  "gcor": 0.0101789,
  "gsr_x": 0.0013405802892521024,
  "gsr_y": 0.020054487511515617,
  "provenance": {
    "md5sum": "8d118ac1acb84a4691eff0061dadc4c2",
    "settings": {
      "fd_thres": 0.2,
      "testing": false
    },
    "software": "mriqc",
    "version": "21.0.0rc2",
    "webapi_port": null,
    "webapi_url": "https://mriqc.nimh.nih.gov/api/v1"
  },
  "size_t": 600,
  "size_x": 84,
  "size_y": 84,
  "size_z": 48,
  "snr": 5.501641332210239,
  "spacing_tr": 1.0,
  "spacing_x": 2.4761905670166016,
  "spacing_y": 2.4761903285980225,
  "spacing_z": 3.0,
  "summary_bg_k": 21.125223251036022,
  "summary_bg_mad": 35.609634435625146,
  "summary_bg_mean": 170.29684448242188,
  "summary_bg_median": 52.82666778564453,
  "summary_bg_n": 224595.0,
  "summary_bg_p05": 23.073333740234375,
  "summary_bg_p95": 805.1666748046865,
  "summary_bg_stdv": 306.1355895996094,
  "summary_fg_k": 4.1018780329512605,
  "summary_fg_mad": 500.42874264443986,
  "summary_fg_mean": 3221.489501953125,
  "summary_fg_median": 3160.240234375,
  "summary_fg_n": 57514.0,
  "summary_fg_p05": 2473.3097290039063,
  "summary_fg_p95": 4163.443920898438,
  "summary_fg_stdv": 574.4127197265625,
  "tsnr": 36.89316861703992
}