{
  "aor": 0.0014717999999999999,
  "aqi": 0.013145370116666666,
  "bids_meta": {
    "AcquisitionMatrixPE": 84,
    "AcquisitionNumber": 1,
    "AcquisitionTime": "13:16:21.235000",
    "BandwidthPerPixelPhaseEncode": 33.069,
    "BaseResolution": 84,
    "BodyPartExamined": "BRAIN",
    "ConsistencyInfo": "N4_VE11B_LATEST_20150530",
    "ConversionSoftware": "dcm2niix",
    "ConversionSoftwareVersion": "v1.0.20181125  GCC4.8.5",
    "DerivedVendorReportedEchoSpacing": 0.000719995,
    "DeviceSerialNumber": "67007",
    "DwellTime": 3.8e-06,
    "EchoTime": 0.03,
    "EchoTrainLength": 36,
    "EffectiveEchoSpacing": 0.000359998,
    "FlipAngle": 40,
    "ImageComments": "Unaliased_MB3_PE4",
    "ImageOrientationPatientDICOM": [
      1,
      0,
      0,
      0,
      0.82806,
      -0.560639
    ],
    "ImageType": [
      "ORIGINAL",
      "PRIMARY",
      "M",
      "MB",
      "ND",
      "NORM",
      "MOSAIC"
    ],
    "ImagingFrequency": 123.211,
    "InPlanePhaseEncodingDirectionDICOM": "COL",
    "InstitutionAddress": "Perth_Drive_100_London_Ontario_CA_N6A_5K8",
    "InstitutionName": "Robarts_Research_Institute",
    "InstitutionalDepartmentName": "CFMM",
    "MRAcquisitionType": "2D",
    "MagneticFieldStrength": 3,
    "Manufacturer": "Siemens",
    "ManufacturersModelName": "Prisma_fit",
    "Modality": "MR",
    "MultibandAccelerationFactor": 3,
    "ParallelReductionFactorInPlane": 2,
    "PartialFourier": 0.875,
    "PatientPosition": "HFS",
    "PercentPhaseFOV": 100,
    "PhaseEncodingDirection": "j-",
    "PhaseEncodingSteps": 73,
    "PhaseResolution": 1,
    "PixelBandwidth": 1565,
    "ProcedureStepDescription": "Diedrichsen_MCC",
    "ProtocolName": "ep_bold_mb3_p2",
    "PulseSequenceDetails": "%CustomerSeq%_cmrr_mbep2d_bold",
    "ReceiveCoilActiveElements": "HEA;HEP",
    "ReceiveCoilName": "Head_32",
    "ReconMatrixPE": 84,
    "RepetitionTime": 1,
    "SAR": 0.0782137,
    "ScanOptions": "PFP_FS_EXT",
    "ScanningSequence": "EP",
    "SequenceName": "epfid2d1_84",
    "SequenceVariant": "SK_SS",
    "SeriesDescription": "ep_bold_mb3_p2",
    "SeriesNumber": 4,
    "ShimSetting": [
      5252,
      -6215,
      -3990,
      602,
      20,
      -2,
      -20,
      -29
    ],
    "SliceThickness": 3,
    "SliceTiming": [
      0,
      0.4275,
      0.8575,
      0.305,
      0.735,
      0.1825,
      0.6125,
      0.06,
      0.49,
      0.9175,
      0.3675,
      0.795,
      0.245,
      0.6725,
      0.1225,
      0.55,
      0,
      0.4275,
      0.8575,
      0.305,
      0.735,
      0.1825,
      0.6125,
      0.06,
      0.49,
      0.9175,
      0.3675,
      0.795,
      0.245,
      0.6725,
      0.1225,
      0.55,
      0,
      0.4275,
      0.8575,
      0.305,
      0.735,
      0.1825,
      0.6125,
      0.06,
      0.49,
      0.9175,
      0.3675,
      0.795,
      0.245,
      0.6725,
      0.1225,
      0.55
    ],
    "SoftwareVersions": "syngo_MR_E11",
    "SpacingBetweenSlices": 3,
    "StationName": "MRC35368",
    "TaskName": "b",
    "TotalReadoutTime": 0.0298798,
    "TxRefAmp": 287.207,
    "WipMemBlock": "d6ecf2db-b1f5-4607-b50e-abaa5aed1cc7||Sequence: ve11b/master r/50434d5; Mar  3 2017 10:46:13 by eja",
    "dataset": "ds002105",
    "modality": "bold",
    "run_id": 2,
    "session_id": "b1",
    "subject_id": "24",
    "task_id": "b"
  },
  "dummy_trs": 1,
  "dvars_nstd": 37.7423743692154,
  "dvars_std": 1.1985079932554263,
  "dvars_vstd": 1.0060329870283813,
  "efc": 0.5000161957183834,
  "fber": 3498.0205078125,
  "fd_mean": 0.12819011500121977,
  "fd_num": 41,
  "fd_perc": 6.833333333333333,
  "fwhm_avg": 1.785974845553163,
  "fwhm_x": 1.741420897663524,
  "fwhm_y": 1.901780305662632,
  "fwhm_z": 1.7147233333333334,
  "gcor": 0.014069,
  "gsr_x": 8.099968908936717e-06,
  "gsr_y": 0.01994195207953453,
  "provenance": {
    "md5sum": "1db51eeb9539acfc4daf8089f8d86694",
    "settings": {
      "fd_thres": 0.2,
      "testing": false
    },
    "software": "mriqc",
    "version": "21.0.0rc2",
    "webapi_port": null,
    "webapi_url": "https://mriqc.nimh.nih.gov/api/v1"
  },
  "size_t": 600,
  "size_x": 84,
  "size_y": 84,
  "size_z": 48,
  "snr": 5.499229326557672,
  "spacing_tr": 1.0,
  "spacing_x": 2.4761905670166016,
  "spacing_y": 2.4761903285980225,
  "spacing_z": 3.0,
  "summary_bg_k": 21.499660270456385,
  "summary_bg_mad": 35.043775305281464,
  "summary_bg_mean": 166.3369598388672,
  "summary_bg_median": 52.45333480834961,
  "summary_bg_n": 224745.0,
  "summary_bg_p05": 22.985000610351562,
  "summary_bg_p95": 789.4933593749994,
  "summary_bg_stdv": 301.1925048828125,
  "summary_fg_k": 3.9278358740669823,
  "summary_fg_mad": 500.205230225024,
  "summary_fg_mean": 3214.442626953125,
  "summary_fg_median": 3154.80517578125,
  "summary_fg_n": 57413.0,
  "summary_fg_p05": 2464.78564453125,
  "summary_fg_p95": 4157.733203124999,
  "summary_fg_stdv": 573.6763305664062,
  "tsnr": 42.097262071911246
}