{
  "aor": 0.00014592654424040068,
  "aqi": 0.00816414282136895,
  "bids_meta": {
    "AcquisitionMatrixPE": 84,
    "AcquisitionNumber": 1,
    "AcquisitionTime": "16:20:52.927500",
    "BandwidthPerPixelPhaseEncode": 33.069,
    "BaseResolution": 84,
    "BodyPartExamined": "BRAIN",
    "ConsistencyInfo": "N4_VE11B_LATEST_20150530",
    "ConversionSoftware": "dcm2niix",
    "ConversionSoftwareVersion": "v1.0.20181125  GCC4.8.5",
    "DerivedVendorReportedEchoSpacing": 0.000719995,
    "DeviceSerialNumber": "67007",
    "DwellTime": 3.8e-06,
    "EchoTime": 0.03,
    "EchoTrainLength": 36,
    "EffectiveEchoSpacing": 0.000359998,
    "FlipAngle": 40,
    "ImageComments": "Unaliased_MB3_PE4",
    "ImageOrientationPatientDICOM": [
      1,
      0,
      0,
      0,
      0.882948,
      -0.469472
    ],
    "ImageType": [
      "ORIGINAL",
      "PRIMARY",
      "M",
      "MB",
      "ND",
      "NORM",
      "MOSAIC"
    ],
    "ImagingFrequency": 123.211,
    "InPlanePhaseEncodingDirectionDICOM": "COL",
    "InstitutionAddress": "Perth_Drive_100_London_Ontario_CA_N6A_5K8",
    "InstitutionName": "Robarts_Research_Institute",
    "InstitutionalDepartmentName": "CFMM",
    "MRAcquisitionType": "2D",
    "MagneticFieldStrength": 3,
    "Manufacturer": "Siemens",
    "ManufacturersModelName": "Prisma_fit",
    "Modality": "MR",
    "MultibandAccelerationFactor": 3,
    "ParallelReductionFactorInPlane": 2,
    "PartialFourier": 0.875,
    "PatientPosition": "HFS",
    "PercentPhaseFOV": 100,
    "PhaseEncodingDirection": "j-",
    "PhaseEncodingSteps": 73,
    "PhaseResolution": 1,
    "PixelBandwidth": 1565,
    "ProcedureStepDescription": "Diedrichsen_MCC",
    "ProtocolName": "ep_bold_mb3_p2",
    "PulseSequenceDetails": "%CustomerSeq%_cmrr_mbep2d_bold",
    "ReceiveCoilActiveElements": "HEA;HEP",
    "ReceiveCoilName": "Head_32",
    "ReconMatrixPE": 84,
    "RepetitionTime": 1,
    "SAR": 0.0494892,
    "ScanOptions": "PFP_FS_EXT",
    "ScanningSequence": "EP",
    "SequenceName": "epfid2d1_84",
    "SequenceVariant": "SK_SS",
    "SeriesDescription": "ep_bold_mb3_p2",
    "SeriesNumber": 4,
    "ShimSetting": [
      5220,
      -6195,
      -3998,
      587,
      60,
      53,
      46,
      1
    ],
    "SliceThickness": 3,
    "SliceTiming": [
      0,
      0.43,
      0.8575,
      0.3075,
      0.735,
      0.185,
      0.6125,
      0.0625,
      0.49,
      0.92,
      0.3675,
      0.7975,
      0.245,
      0.675,
      0.1225,
      0.5525,
      0,
      0.43,
      0.8575,
      0.3075,
      0.735,
      0.185,
      0.6125,
      0.0625,
      0.49,
      0.92,
      0.3675,
      0.7975,
      0.245,
      0.675,
      0.1225,
      0.5525,
      0,
      0.43,
      0.8575,
      0.3075,
      0.735,
      0.185,
      0.6125,
      0.0625,
      0.49,
      0.92,
      0.3675,
      0.7975,
      0.245,
      0.675,
      0.1225,
      0.5525
    ],
    "SoftwareVersions": "syngo_MR_E11",
    "SpacingBetweenSlices": 3,
    "StationName": "MRC35368",
    "TaskName": "rest",
    "TotalReadoutTime": 0.0298798,
    "TxRefAmp": 236.696,
    "WipMemBlock": "0970a2b5-f398-4707-8684-d8efa3dafe18||Sequence: ve11b/master r/50434d5; Mar  3 2017 10:46:13 by eja",
    "dataset": "ds002105",
    "modality": "bold",
    "run_id": 2,
    "session_id": "rest",
    "subject_id": "22",
    "task_id": "rest"
  },
  "dummy_trs": 2,
  "dvars_nstd": 29.59855501306018,
  "dvars_std": 1.0978619088127102,
  "dvars_vstd": 0.9959551832441473,
  "efc": 0.4602334937647366,
  "fber": 4849.98046875,
  "fd_mean": 0.09379869089288,
  "fd_num": 1,
  "fd_perc": 0.1669449081803005,
  "fwhm_avg": 1.815912710663256,
  "fwhm_x": 1.7576716662982184,
  "fwhm_y": 1.9839264656915494,
  "fwhm_z": 1.7061400000000002,
  "gcor": 0.00765417,
  "gsr_x": -0.01689310558140278,
  "gsr_y": 0.025385674089193344,
  "provenance": {
    "md5sum": "e5afe5772406b0d2530dc8f48fd6fcc9",
    "settings": {
      "fd_thres": 0.2,
      "testing": false
    },
    "software": "mriqc",
    "version": "21.0.0rc2",
    "webapi_port": null,
    "webapi_url": "https://mriqc.nimh.nih.gov/api/v1"
  },
  "size_t": 599,
  "size_x": 84,
  "size_y": 84,
  "size_z": 48,
  "snr": 5.207407149882847,
  "spacing_tr": 1.0,
  "spacing_x": 2.4761905670166016,
  "spacing_y": 2.4761905670166016,
  "spacing_z": 3.0,
  "summary_bg_k": 43.229495077241936,
  "summary_bg_mad": 25.959149214468585,
  "summary_bg_mean": 121.38301086425781,
  "summary_bg_median": 45.55258560180664,
  "summary_bg_n": 232587.0,
  "summary_bg_p05": 23.459096908569336,
  "summary_bg_p95": 456.96174926757743,
  "summary_bg_stdv": 237.56295776367188,
  "summary_fg_k": 5.366079835072794,
  "summary_fg_mad": 508.78503044141746,
  "summary_fg_mean": 3294.080322265625,
  "summary_fg_median": 3217.4814453125,
  "summary_fg_n": 51840.0,
  "summary_fg_p05": 2540.800891113281,
  "summary_fg_p95": 4297.3665283203045,
  "summary_fg_stdv": 617.8603515625,
  "tsnr": 51.370330893434584
}