{
  "bids_meta": {
    "AcquisitionMatrixPE": 256,
    "AcquisitionNumber": 1,
    "AcquisitionTime": "11:57:17.997500",
    "BaseResolution": 256,
    "BodyPartExamined": "BRAIN",
    "ConsistencyInfo": "N4_VE11B_LATEST_20150530",
    "ConversionSoftware": "dcm2niix",
    "ConversionSoftwareVersion": "v1.0.20181125  GCC4.8.5",
    "DeviceSerialNumber": "67007",
    "DwellTime": 8.9e-06,
    "EchoTime": 0.091,
    "EchoTrainLength": 18,
    "FlipAngle": 120,
    "ImageOrientationPatientDICOM": [
      1,
      0,
      0,
      0,
      0.91212,
      -0.409923
    ],
    "ImageType": [
      "ORIGINAL",
      "PRIMARY",
      "M",
      "ND",
      "NORM"
    ],
    "ImagingFrequency": 123.211,
    "InPlanePhaseEncodingDirectionDICOM": "COL",
    "InstitutionAddress": "Perth_Drive_100_London_Ontario_CA_N6A_5K8",
    "InstitutionName": "Robarts_Research_Institute",
    "InstitutionalDepartmentName": "CFMM",
    "Interpolation2D": 1,
    "MRAcquisitionType": "2D",
    "MagneticFieldStrength": 3,
    "Manufacturer": "Siemens",
    "ManufacturersModelName": "Prisma_fit",
    "Modality": "MR",
    "ParallelReductionFactorInPlane": 2,
    "PartialFourier": 1,
    "PatientPosition": "HFS",
    "PercentPhaseFOV": 100,
    "PhaseEncodingDirection": "j-",
    "PhaseEncodingSteps": 255,
    "PhaseResolution": 1,
    "PixelBandwidth": 220,
    "ProcedureStepDescription": "Diedrichsen_MCC",
    "ProtocolName": "t2_tse_tra_256_p2",
    "PulseSequenceDetails": "%SiemensSeq%_tse",
    "ReceiveCoilActiveElements": "HEA;HEP",
    "ReceiveCoilName": "Head_32",
    "ReconMatrixPE": 512,
    "RepetitionTime": 8.53,
    "SAR": 0.729879,
    "ScanningSequence": "SE",
    "SequenceName": "_tse2d1_18",
    "SequenceVariant": "SK_SP",
    "SeriesDescription": "t2_tse_tra_256_p2",
    "SeriesNumber": 12,
    "ShimSetting": [
      5237,
      -6157,
      -4055,
      53,
      3,
      -37,
      -27,
      1
    ],
    "SliceThickness": 3,
    "SoftwareVersions": "syngo_MR_E11",
    "SpacingBetweenSlices": 3,
    "StationName": "MRC35368",
    "TxRefAmp": 307.168,
    "dataset": "ds002105",
    "modality": "T2w",
    "session_id": "a2",
    "subject_id": "21"
  },
  "cjv": 0.509778083587646,
  "cnr": 2.7145743555893187,
  "efc": 0.5823674928869325,
  "fber": 4024.5455912325833,
  "fwhm_avg": 4.902176299845444,
  "fwhm_x": 6.07776,
  "fwhm_y": 6.95451076923077,
  "fwhm_z": 1.6742581303055633,
  "icvs_csf": 0.15954495327582585,
  "icvs_gm": 0.425928248140864,
  "icvs_wm": 0.41452679858331015,
  "inu_med": 1.3069534301757812,
  "inu_range": 0.4556368589401245,
  "provenance": {
    "md5sum": "bc2c1987b41dd977affaf0dac3bcd2bb",
    "settings": {
      "testing": false
    },
    "software": "mriqc",
    "version": "21.0.0rc2",
    "warnings": {
      "large_rot_frame": true,
      "small_air_mask": false
    },
    "webapi_port": null,
    "webapi_url": "https://mriqc.nimh.nih.gov/api/v1"
  },
  "qi_1": 0.0017141873237463171,
  "qi_2": 0.01613044868564596,
  "rpve_csf": 14.789328345972049,
  "rpve_gm": 6.021592248627295,
  "rpve_wm": 6.8661152462992385,
  "size_x": 512,
  "size_y": 512,
  "size_z": 48,
  "snr_csf": 2.814433942309892,
  "snr_gm": 9.488564011684991,
  "snr_total": 6.7175710727365905,
  "snr_wm": 7.84971526421489,
  "snrd_csf": 212.49990115095355,
  "snrd_gm": 108.69554315648408,
  "snrd_total": 130.08368512662284,
  "snrd_wm": 69.0556110724309,
  "spacing_x": 0.40625,
  "spacing_y": 0.40625,
  "spacing_z": 2.99999737739563,
  "summary_bg_k": 154.57500416228274,
  "summary_bg_mad": 9.829781633421288,
  "summary_bg_mean": 24.438411460372052,
  "summary_bg_median": 13.260173916816711,
  "summary_bg_n": 4046867.0,
  "summary_bg_p05": 0.0,
  "summary_bg_p95": 78.98948428034782,
  "summary_bg_stdv": 32.248058286462914,
  "summary_csf_k": 0.5573224881413439,
  "summary_csf_mad": 857.2247500318081,
  "summary_csf_mean": 3126.765711284703,
  "summary_csf_median": 3188.385955929756,
  "summary_csf_n": 394500.0,
  "summary_csf_p05": 558.0704229474068,
  "summary_csf_p95": 4833.910667492448,
  "summary_csf_stdv": 1132.8679159772903,
  "summary_gm_k": 0.4963594638401094,
  "summary_gm_mad": 169.8179516670367,
  "summary_gm_mean": 1646.1193380563316,
  "summary_gm_median": 1630.887079924345,
  "summary_gm_n": 898883.0,
  "summary_gm_p05": 1395.7476165890694,
  "summary_gm_p95": 1948.7883183956146,
  "summary_gm_stdv": 171.87913479230417,
  "summary_wm_k": -0.15149849793027048,
  "summary_wm_mad": 133.3799680259061,
  "summary_wm_mean": 1023.2879984224974,
  "summary_wm_median": 1036.1225550174713,
  "summary_wm_n": 1055751.0,
  "summary_wm_p05": 783.0361321568489,
  "summary_wm_p95": 1217.1925160884857,
  "summary_wm_stdv": 131.99485961443327,
  "tpm_overlap_csf": 0.15659479796886444,
  "tpm_overlap_gm": 0.41888877749443054,
  "tpm_overlap_wm": 0.4364679157733917,
  "wm2max": 0.19587673423520768
}