{
  "aor": 0.0004867278797996662,
  "aqi": 0.011907166627712856,
  "bids_meta": {
    "AcquisitionMatrixPE": 84,
    "AcquisitionNumber": 1,
    "AcquisitionTime": "16:07:8.462500",
    "BandwidthPerPixelPhaseEncode": 33.069,
    "BaseResolution": 84,
    "BodyPartExamined": "BRAIN",
    "ConsistencyInfo": "N4_VE11B_LATEST_20150530",
    "ConversionSoftware": "dcm2niix",
    "ConversionSoftwareVersion": "v1.0.20181125  GCC4.8.5",
    "DerivedVendorReportedEchoSpacing": 0.000719995,
    "DeviceSerialNumber": "67007",
    "DwellTime": 3.8e-06,
    "EchoTime": 0.03,
    "EchoTrainLength": 36,
    "EffectiveEchoSpacing": 0.000359998,
    "FlipAngle": 40,
    "ImageComments": "Unaliased_MB3_PE4",
    "ImageOrientationPatientDICOM": [
      1,
      0,
      0,
      0,
      0.961741,
      -0.273959
    ],
    "ImageType": [
      "ORIGINAL",
      "PRIMARY",
      "M",
      "MB",
      "ND",
      "NORM",
      "MOSAIC"
    ],
    "ImagingFrequency": 123.211,
    "InPlanePhaseEncodingDirectionDICOM": "COL",
    "InstitutionAddress": "Perth_Drive_100_London_Ontario_CA_N6A_5K8",
    "InstitutionName": "Robarts-CFMM",
    "InstitutionalDepartmentName": "CFMM",
    "MRAcquisitionType": "2D",
    "MagneticFieldStrength": 3,
    "Manufacturer": "Siemens",
    "ManufacturersModelName": "Prisma_fit",
    "Modality": "MR",
    "MultibandAccelerationFactor": 3,
    "ParallelReductionFactorInPlane": 2,
    "PartialFourier": 0.875,
    "PatientPosition": "HFS",
    "PercentPhaseFOV": 100,
    "PhaseEncodingDirection": "j-",
    "PhaseEncodingSteps": 73,
    "PhaseResolution": 1,
    "PixelBandwidth": 1565,
    "ProcedureStepDescription": "Diedrichsen_Feb2016",
    "ProtocolName": "ep_bold_mb3_p2",
    "PulseSequenceDetails": "%CustomerSeq%_cmrr_mbep2d_bold",
    "ReceiveCoilActiveElements": "HEA;HEP",
    "ReceiveCoilName": "Head_32",
    "ReconMatrixPE": 84,
    "RepetitionTime": 1,
    "SAR": 0.0857641,
    "ScanOptions": "PFP_FS",
    "ScanningSequence": "EP",
    "SequenceName": "epfid2d1_84",
    "SequenceVariant": "SK_SS",
    "SeriesDescription": "ep_bold_mb3_p2",
    "SeriesNumber": 7,
    "ShimSetting": [
      5248,
      -6147,
      -3772,
      569,
      64,
      246,
      -43,
      26
    ],
    "SliceThickness": 3,
    "SliceTiming": [
      0,
      0.43,
      0.8575,
      0.3075,
      0.735,
      0.185,
      0.6125,
      0.0625,
      0.49,
      0.92,
      0.3675,
      0.7975,
      0.245,
      0.675,
      0.1225,
      0.5525,
      0,
      0.43,
      0.8575,
      0.3075,
      0.735,
      0.185,
      0.6125,
      0.0625,
      0.49,
      0.92,
      0.3675,
      0.7975,
      0.245,
      0.675,
      0.1225,
      0.5525,
      0,
      0.43,
      0.8575,
      0.3075,
      0.735,
      0.185,
      0.6125,
      0.0625,
      0.49,
      0.92,
      0.3675,
      0.7975,
      0.245,
      0.675,
      0.1225,
      0.5525
    ],
    "SoftwareVersions": "syngo_MR_E11",
    "SpacingBetweenSlices": 3,
    "StationName": "MRC35368",
    "TaskName": "a",
    "TotalReadoutTime": 0.0298798,
    "TxRefAmp": 282.687,
    "WipMemBlock": "b9751aec-7e30-48e9-85cb-de060c384983||Sequence: ve11b/R013 r/f10bb7f; Apr  4 2016 11:55:08 by eja",
    "dataset": "ds002105",
    "modality": "bold",
    "run_id": 6,
    "session_id": "a2",
    "subject_id": "04",
    "task_id": "a"
  },
  "dummy_trs": 2,
  "dvars_nstd": 35.70622479561873,
  "dvars_std": 1.158892366989966,
  "dvars_vstd": 0.9853566052341125,
  "efc": 0.5174706923719001,
  "fber": 3849.75048828125,
  "fd_mean": 0.1413601234089713,
  "fd_num": 83,
  "fd_perc": 13.856427378964941,
  "fwhm_avg": 1.9124806991772518,
  "fwhm_x": 1.8268141637620865,
  "fwhm_y": 2.155161267103002,
  "fwhm_z": 1.7554666666666667,
  "gcor": 0.00715065,
  "gsr_x": -0.0031004936899989843,
  "gsr_y": 0.04193614423274994,
  "provenance": {
    "md5sum": "09eefc095ab68baf1c434b3a4aab9884",
    "settings": {
      "fd_thres": 0.2,
      "testing": false
    },
    "software": "mriqc",
    "version": "21.0.0rc2",
    "webapi_port": null,
    "webapi_url": "https://mriqc.nimh.nih.gov/api/v1"
  },
  "size_t": 599,
  "size_x": 84,
  "size_y": 84,
  "size_z": 48,
  "snr": 4.538904652218682,
  "spacing_tr": 1.0,
  "spacing_x": 2.4761905670166016,
  "spacing_y": 2.4761905670166016,
  "spacing_z": 3.0,
  "summary_bg_k": 17.972998833665304,
  "summary_bg_mad": 43.72438657931616,
  "summary_bg_mean": 196.82431030273438,
  "summary_bg_median": 59.676124572753906,
  "summary_bg_n": 214182.0,
  "summary_bg_p05": 23.470783233642578,
  "summary_bg_p95": 893.7676513671862,
  "summary_bg_stdv": 358.2590026855469,
  "summary_fg_k": 4.376241858336908,
  "summary_fg_mad": 668.7078950608643,
  "summary_fg_mean": 3887.25634765625,
  "summary_fg_median": 3763.36376953125,
  "summary_fg_n": 66299.0,
  "summary_fg_p05": 2883.846337890625,
  "summary_fg_p95": 5309.7380859375,
  "summary_fg_stdv": 829.1285400390625,
  "tsnr": 41.60608669510111
}