{
  "aor": 0.0004561231281198003,
  "aqi": 0.009593431946755408,
  "bids_meta": {
    "AcquisitionMatrixPE": 84,
    "AcquisitionNumber": 1,
    "AcquisitionTime": "11:22:46.230000",
    "BandwidthPerPixelPhaseEncode": 33.069,
    "BaseResolution": 84,
    "BodyPartExamined": "BRAIN",
    "ConsistencyInfo": "N4_VE11B_LATEST_20150530",
    "ConversionSoftware": "dcm2niix",
    "ConversionSoftwareVersion": "v1.0.20181125  GCC4.8.5",
    "DerivedVendorReportedEchoSpacing": 0.000719995,
    "DeviceSerialNumber": "67007",
    "DwellTime": 3.8e-06,
    "EchoTime": 0.03,
    "EchoTrainLength": 36,
    "EffectiveEchoSpacing": 0.000359998,
    "FlipAngle": 40,
    "ImageComments": "Unaliased_MB3_PE4",
    "ImageOrientationPatientDICOM": [
      0.998973,
      -0.0201701,
      -0.0405804,
      2.48301e-08,
      0.895485,
      -0.445092
    ],
    "ImageType": [
      "ORIGINAL",
      "PRIMARY",
      "M",
      "MB",
      "ND",
      "NORM",
      "MOSAIC"
    ],
    "ImagingFrequency": 123.211,
    "InPlanePhaseEncodingDirectionDICOM": "COL",
    "InstitutionAddress": "Perth_Drive_100_London_Ontario_CA_N6A_5K8",
    "InstitutionName": "Robarts_Research_Institute",
    "InstitutionalDepartmentName": "CFMM",
    "MRAcquisitionType": "2D",
    "MagneticFieldStrength": 3,
    "Manufacturer": "Siemens",
    "ManufacturersModelName": "Prisma_fit",
    "Modality": "MR",
    "MultibandAccelerationFactor": 3,
    "ParallelReductionFactorInPlane": 2,
    "PartialFourier": 0.875,
    "PatientPosition": "HFS",
    "PercentPhaseFOV": 100,
    "PhaseEncodingDirection": "j-",
    "PhaseEncodingSteps": 73,
    "PhaseResolution": 1,
    "PixelBandwidth": 1565,
    "ProcedureStepDescription": "Diedrichsen_MCC",
    "ProtocolName": "ep_bold_mb3_p2",
    "PulseSequenceDetails": "%CustomerSeq%_cmrr_mbep2d_bold",
    "ReceiveCoilActiveElements": "HEA;HEP",
    "ReceiveCoilName": "Head_32",
    "ReconMatrixPE": 84,
    "RepetitionTime": 1,
    "SAR": 0.0759087,
    "ScanOptions": "PFP_FS_EXT",
    "ScanningSequence": "EP",
    "SequenceName": "epfid2d1_84",
    "SequenceVariant": "SK_SS",
    "SeriesDescription": "ep_bold_mb3_p2",
    "SeriesNumber": 12,
    "ShimSetting": [
      5238,
      -6256,
      -3907,
      373,
      42,
      1,
      45,
      -52
    ],
    "SliceThickness": 3,
    "SliceTiming": [
      0,
      0.43,
      0.8575,
      0.3075,
      0.735,
      0.185,
      0.6125,
      0.0625,
      0.49,
      0.92,
      0.3675,
      0.7975,
      0.245,
      0.675,
      0.1225,
      0.5525,
      0,
      0.43,
      0.8575,
      0.3075,
      0.735,
      0.185,
      0.6125,
      0.0625,
      0.49,
      0.92,
      0.3675,
      0.7975,
      0.245,
      0.675,
      0.1225,
      0.5525,
      0,
      0.43,
      0.8575,
      0.3075,
      0.735,
      0.185,
      0.6125,
      0.0625,
      0.49,
      0.92,
      0.3675,
      0.7975,
      0.245,
      0.675,
      0.1225,
      0.5525
    ],
    "SoftwareVersions": "syngo_MR_E11",
    "SpacingBetweenSlices": 3,
    "StationName": "MRC35368",
    "TaskName": "a",
    "TotalReadoutTime": 0.0298798,
    "TxRefAmp": 252.952,
    "WipMemBlock": "b4a0d687-619f-47ac-ad4c-9179eea26ea8||Sequence: ve11b/master r/50434d5; Mar  3 2017 10:46:13 by eja",
    "dataset": "ds002105",
    "modality": "bold",
    "run_id": 6,
    "session_id": "a2",
    "subject_id": "27",
    "task_id": "a"
  },
  "dummy_trs": 0,
  "dvars_nstd": 32.27686701456666,
  "dvars_std": 1.1895928059833325,
  "dvars_vstd": 0.9912107802333339,
  "efc": 0.4432532353266745,
  "fber": 5174.314453125,
  "fd_mean": 0.11237626308354445,
  "fd_num": 45,
  "fd_perc": 7.487520798668885,
  "fwhm_avg": 1.7625402984449083,
  "fwhm_x": 1.7047314759323606,
  "fwhm_y": 1.8478060860690306,
  "fwhm_z": 1.7350833333333335,
  "gcor": 0.019025,
  "gsr_x": -0.008266466669738293,
  "gsr_y": 0.007096748799085617,
  "provenance": {
    "md5sum": "d6090d6b91ca15a957bc45fa37c89eb4",
    "settings": {
      "fd_thres": 0.2,
      "testing": false
    },
    "software": "mriqc",
    "version": "21.0.0rc2",
    "webapi_port": null,
    "webapi_url": "https://mriqc.nimh.nih.gov/api/v1"
  },
  "size_t": 601,
  "size_x": 84,
  "size_y": 84,
  "size_z": 48,
  "snr": 5.418872730240543,
  "spacing_tr": 1.0,
  "spacing_x": 2.4761905670166016,
  "spacing_y": 2.4761905670166016,
  "spacing_z": 3.0,
  "summary_bg_k": 29.49221710483544,
  "summary_bg_mad": 27.95482045899531,
  "summary_bg_mean": 125.14913177490234,
  "summary_bg_median": 45.3377685546875,
  "summary_bg_n": 239924.0,
  "summary_bg_p05": 21.99500846862793,
  "summary_bg_p95": 485.56313018798454,
  "summary_bg_stdv": 250.40480041503906,
  "summary_fg_k": 3.879245965604177,
  "summary_fg_mad": 549.5766804208115,
  "summary_fg_mean": 3343.83642578125,
  "summary_fg_median": 3286.6787109375,
  "summary_fg_n": 46301.0,
  "summary_fg_p05": 2534.761962890625,
  "summary_fg_p95": 4322.763671875,
  "summary_fg_stdv": 606.5178833007812,
  "tsnr": 47.64228041097522
}