{
  "aor": 0.00248135,
  "aqi": 0.0161120538,
  "bids_meta": {
    "AcquisitionMatrixPE": 84,
    "AcquisitionNumber": 1,
    "AcquisitionTime": "13:32:54.687500",
    "BandwidthPerPixelPhaseEncode": 33.069,
    "BaseResolution": 84,
    "BodyPartExamined": "BRAIN",
    "ConsistencyInfo": "N4_VE11B_LATEST_20150530",
    "ConversionSoftware": "dcm2niix",
    "ConversionSoftwareVersion": "v1.0.20181125  GCC4.8.5",
    "DerivedVendorReportedEchoSpacing": 0.000719995,
    "DeviceSerialNumber": "67007",
    "DwellTime": 3.8e-06,
    "EchoTime": 0.03,
    "EchoTrainLength": 36,
    "EffectiveEchoSpacing": 0.000359998,
    "FlipAngle": 40,
    "ImageComments": "Unaliased_MB3_PE4",
    "ImageOrientationPatientDICOM": [
      1,
      0,
      0,
      0,
      0.862514,
      -0.506034
    ],
    "ImageType": [
      "ORIGINAL",
      "PRIMARY",
      "M",
      "MB",
      "ND",
      "NORM",
      "MOSAIC"
    ],
    "ImagingFrequency": 123.211,
    "InPlanePhaseEncodingDirectionDICOM": "COL",
    "InstitutionAddress": "Perth_Drive_100_London_Ontario_CA_N6A_5K8",
    "InstitutionName": "Robarts_Research_Institute",
    "InstitutionalDepartmentName": "CFMM",
    "MRAcquisitionType": "2D",
    "MagneticFieldStrength": 3,
    "Manufacturer": "Siemens",
    "ManufacturersModelName": "Prisma_fit",
    "Modality": "MR",
    "MultibandAccelerationFactor": 3,
    "ParallelReductionFactorInPlane": 2,
    "PartialFourier": 0.875,
    "PatientPosition": "HFS",
    "PercentPhaseFOV": 100,
    "PhaseEncodingDirection": "j-",
    "PhaseEncodingSteps": 73,
    "PhaseResolution": 1,
    "PixelBandwidth": 1565,
    "ProcedureStepDescription": "Diedrichsen_MCC",
    "ProtocolName": "ep_bold_mb3_p2",
    "PulseSequenceDetails": "%CustomerSeq%_cmrr_mbep2d_bold",
    "ReceiveCoilActiveElements": "HEA;HEP",
    "ReceiveCoilName": "Head_32",
    "ReconMatrixPE": 84,
    "RepetitionTime": 1,
    "SAR": 0.0901831,
    "ScanOptions": "PFP_FS_EXT",
    "ScanningSequence": "EP",
    "SequenceName": "epfid2d1_84",
    "SequenceVariant": "SK_SS",
    "SeriesDescription": "ep_bold_mb3_p2",
    "SeriesNumber": 16,
    "ShimSetting": [
      5259,
      -6242,
      -3941,
      689,
      66,
      -87,
      35,
      -36
    ],
    "SliceThickness": 3,
    "SliceTiming": [
      0,
      0.4275,
      0.8575,
      0.305,
      0.735,
      0.1825,
      0.6125,
      0.06,
      0.49,
      0.9175,
      0.3675,
      0.795,
      0.245,
      0.6725,
      0.1225,
      0.55,
      0,
      0.4275,
      0.8575,
      0.305,
      0.735,
      0.1825,
      0.6125,
      0.06,
      0.49,
      0.9175,
      0.3675,
      0.795,
      0.245,
      0.6725,
      0.1225,
      0.55,
      0,
      0.4275,
      0.8575,
      0.305,
      0.735,
      0.1825,
      0.6125,
      0.06,
      0.49,
      0.9175,
      0.3675,
      0.795,
      0.245,
      0.6725,
      0.1225,
      0.55
    ],
    "SoftwareVersions": "syngo_MR_E11",
    "SpacingBetweenSlices": 3,
    "StationName": "MRC35368",
    "TaskName": "b",
    "TotalReadoutTime": 0.0298798,
    "TxRefAmp": 261.185,
    "WipMemBlock": "8ac68751-6ea3-499e-aeca-8bd3a5791305||Sequence: ve11b/master r/50434d5; Mar  3 2017 10:46:13 by eja",
    "dataset": "ds002105",
    "modality": "bold",
    "run_id": 8,
    "session_id": "b2",
    "subject_id": "28",
    "task_id": "b"
  },
  "dummy_trs": 1,
  "dvars_nstd": 32.17482565569284,
  "dvars_std": 1.093846414173623,
  "dvars_vstd": 0.9803416111185312,
  "efc": 0.4984756957711821,
  "fber": 4460.9189453125,
  "fd_mean": 0.1284217475861311,
  "fd_num": 59,
  "fd_perc": 9.833333333333334,
  "fwhm_avg": 1.8097311301959673,
  "fwhm_x": 1.7537866664407193,
  "fwhm_y": 1.9281633908138498,
  "fwhm_z": 1.7472433333333333,
  "gcor": 0.0044841,
  "gsr_x": -0.007525696884840727,
  "gsr_y": 0.019333520904183388,
  "provenance": {
    "md5sum": "1235f3c01284fd104809bb063fe5bb23",
    "settings": {
      "fd_thres": 0.2,
      "testing": false
    },
    "software": "mriqc",
    "version": "21.0.0rc2",
    "webapi_port": null,
    "webapi_url": "https://mriqc.nimh.nih.gov/api/v1"
  },
  "size_t": 600,
  "size_x": 84,
  "size_y": 84,
  "size_z": 48,
  "snr": 4.781242752249075,
  "spacing_tr": 1.0,
  "spacing_x": 2.4761905670166016,
  "spacing_y": 2.4761905670166016,
  "spacing_z": 3.0,
  "summary_bg_k": 53.919215919845634,
  "summary_bg_mad": 33.7909802765057,
  "summary_bg_mean": 144.67074584960938,
  "summary_bg_median": 51.78166961669922,
  "summary_bg_n": 216820.0,
  "summary_bg_p05": 24.413333892822266,
  "summary_bg_p95": 557.1434478759754,
  "summary_bg_stdv": 290.0447082519531,
  "summary_fg_k": 3.813061341490208,
  "summary_fg_mad": 645.2385480770546,
  "summary_fg_mean": 3601.6357421875,
  "summary_fg_median": 3498.03173828125,
  "summary_fg_n": 64563.0,
  "summary_fg_p05": 2696.9804931640624,
  "summary_fg_p95": 4869.333642578123,
  "summary_fg_stdv": 731.6099243164062,
  "tsnr": 37.11489831574727
}