{
  "aor": 0.0021972742474916387,
  "aqi": 0.014869210618729098,
  "bids_meta": {
    "AcquisitionMatrixPE": 84,
    "AcquisitionNumber": 1,
    "AcquisitionTime": "13:00:25.662500",
    "BandwidthPerPixelPhaseEncode": 33.069,
    "BaseResolution": 84,
    "BodyPartExamined": "BRAIN",
    "ConsistencyInfo": "N4_VE11B_LATEST_20150530",
    "ConversionSoftware": "dcm2niix",
    "ConversionSoftwareVersion": "v1.0.20181125  GCC4.8.5",
    "DerivedVendorReportedEchoSpacing": 0.000719995,
    "DeviceSerialNumber": "67007",
    "DwellTime": 3.8e-06,
    "EchoTime": 0.03,
    "EchoTrainLength": 36,
    "EffectiveEchoSpacing": 0.000359998,
    "FlipAngle": 40,
    "ImageComments": "Unaliased_MB3_PE4",
    "ImageOrientationPatientDICOM": [
      1,
      0,
      0,
      0,
      0.862514,
      -0.506034
    ],
    "ImageType": [
      "ORIGINAL",
      "PRIMARY",
      "M",
      "MB",
      "ND",
      "NORM",
      "MOSAIC"
    ],
    "ImagingFrequency": 123.211,
    "InPlanePhaseEncodingDirectionDICOM": "COL",
    "InstitutionAddress": "Perth_Drive_100_London_Ontario_CA_N6A_5K8",
    "InstitutionName": "Robarts_Research_Institute",
    "InstitutionalDepartmentName": "CFMM",
    "MRAcquisitionType": "2D",
    "MagneticFieldStrength": 3,
    "Manufacturer": "Siemens",
    "ManufacturersModelName": "Prisma_fit",
    "Modality": "MR",
    "MultibandAccelerationFactor": 3,
    "ParallelReductionFactorInPlane": 2,
    "PartialFourier": 0.875,
    "PatientPosition": "HFS",
    "PercentPhaseFOV": 100,
    "PhaseEncodingDirection": "j-",
    "PhaseEncodingSteps": 73,
    "PhaseResolution": 1,
    "PixelBandwidth": 1565,
    "ProcedureStepDescription": "Diedrichsen_MCC",
    "ProtocolName": "ep_bold_mb3_p2",
    "PulseSequenceDetails": "%CustomerSeq%_cmrr_mbep2d_bold",
    "ReceiveCoilActiveElements": "HEA;HEP",
    "ReceiveCoilName": "Head_32",
    "ReconMatrixPE": 84,
    "RepetitionTime": 1,
    "SAR": 0.0901831,
    "ScanOptions": "PFP_FS_EXT",
    "ScanningSequence": "EP",
    "SequenceName": "epfid2d1_84",
    "SequenceVariant": "SK_SS",
    "SeriesDescription": "ep_bold_mb3_p2",
    "SeriesNumber": 10,
    "ShimSetting": [
      5259,
      -6242,
      -3941,
      689,
      66,
      -87,
      35,
      -36
    ],
    "SliceThickness": 3,
    "SliceTiming": [
      0,
      0.4275,
      0.8575,
      0.305,
      0.735,
      0.1825,
      0.6125,
      0.06,
      0.49,
      0.9175,
      0.3675,
      0.795,
      0.245,
      0.6725,
      0.1225,
      0.55,
      0,
      0.4275,
      0.8575,
      0.305,
      0.735,
      0.1825,
      0.6125,
      0.06,
      0.49,
      0.9175,
      0.3675,
      0.795,
      0.245,
      0.6725,
      0.1225,
      0.55,
      0,
      0.4275,
      0.8575,
      0.305,
      0.735,
      0.1825,
      0.6125,
      0.06,
      0.49,
      0.9175,
      0.3675,
      0.795,
      0.245,
      0.6725,
      0.1225,
      0.55
    ],
    "SoftwareVersions": "syngo_MR_E11",
    "SpacingBetweenSlices": 3,
    "StationName": "MRC35368",
    "TaskName": "b",
    "TotalReadoutTime": 0.0298798,
    "TxRefAmp": 261.185,
    "WipMemBlock": "589628da-993b-4c65-9495-9dcb02d123dd||Sequence: ve11b/master r/50434d5; Mar  3 2017 10:46:13 by eja",
    "dataset": "ds002105",
    "modality": "bold",
    "run_id": 5,
    "session_id": "b2",
    "subject_id": "28",
    "task_id": "b"
  },
  "dummy_trs": 3,
  "dvars_nstd": 31.810510204036863,
  "dvars_std": 1.0877682042881083,
  "dvars_vstd": 0.9706935439865993,
  "efc": 0.4976766337009152,
  "fber": 4404.53564453125,
  "fd_mean": 0.11728360948420402,
  "fd_num": 32,
  "fd_perc": 5.351170568561873,
  "fwhm_avg": 1.806895467794658,
  "fwhm_x": 1.7548083971724733,
  "fwhm_y": 1.9278080062115008,
  "fwhm_z": 1.7380699999999998,
  "gcor": 0.00455851,
  "gsr_x": -0.0073180487379431725,
  "gsr_y": 0.020075036212801933,
  "provenance": {
    "md5sum": "cbb61bcec4c4c3b68e1076e1ee894423",
    "settings": {
      "fd_thres": 0.2,
      "testing": false
    },
    "software": "mriqc",
    "version": "21.0.0rc2",
    "webapi_port": null,
    "webapi_url": "https://mriqc.nimh.nih.gov/api/v1"
  },
  "size_t": 598,
  "size_x": 84,
  "size_y": 84,
  "size_z": 48,
  "snr": 4.837464661867133,
  "spacing_tr": 1.0,
  "spacing_x": 2.4761905670166016,
  "spacing_y": 2.4761905670166016,
  "spacing_z": 3.0,
  "summary_bg_k": 52.981824457229024,
  "summary_bg_mad": 33.72671904200399,
  "summary_bg_mean": 140.1916961669922,
  "summary_bg_median": 51.90802764892578,
  "summary_bg_n": 216812.0,
  "summary_bg_p05": 24.558528900146484,
  "summary_bg_p95": 531.761212158202,
  "summary_bg_stdv": 273.9855651855469,
  "summary_fg_k": 3.63037807789608,
  "summary_fg_mad": 636.3054715507828,
  "summary_fg_mean": 3568.943603515625,
  "summary_fg_median": 3470.61962890625,
  "summary_fg_n": 64502.0,
  "summary_fg_p05": 2674.4753540039064,
  "summary_fg_p95": 4806.74033203125,
  "summary_fg_stdv": 717.4404296875,
  "tsnr": 39.20092990831472
}