{
  "bids_meta": {
    "AcquisitionMatrixPE": 256,
    "AcquisitionNumber": 1,
    "AcquisitionTime": "15:52:21.820000",
    "BaseResolution": 256,
    "BodyPartExamined": "BRAIN",
    "ConsistencyInfo": "N4_VE11B_LATEST_20150530",
    "ConversionSoftware": "dcm2niix",
    "ConversionSoftwareVersion": "v1.0.20181125  GCC4.8.5",
    "DeviceSerialNumber": "67007",
    "DwellTime": 8.9e-06,
    "EchoTime": 0.091,
    "EchoTrainLength": 18,
    "FlipAngle": 120,
    "ImageOrientationPatientDICOM": [
      1,
      0,
      0,
      0,
      0.904083,
      -0.427358
    ],
    "ImageType": [
      "ORIGINAL",
      "PRIMARY",
      "M",
      "ND",
      "NORM"
    ],
    "ImagingFrequency": 123.211,
    "InPlanePhaseEncodingDirectionDICOM": "COL",
    "InstitutionAddress": "Perth_Drive_100_London_Ontario_CA_N6A_5K8",
    "InstitutionName": "Robarts_Research_Institute",
    "InstitutionalDepartmentName": "CFMM",
    "Interpolation2D": 1,
    "MRAcquisitionType": "2D",
    "MagneticFieldStrength": 3,
    "Manufacturer": "Siemens",
    "ManufacturersModelName": "Prisma_fit",
    "Modality": "MR",
    "ParallelReductionFactorInPlane": 2,
    "PartialFourier": 1,
    "PatientPosition": "HFS",
    "PercentPhaseFOV": 100,
    "PhaseEncodingDirection": "j-",
    "PhaseEncodingSteps": 255,
    "PhaseResolution": 1,
    "PixelBandwidth": 220,
    "ProcedureStepDescription": "Diedrichsen_MCC",
    "ProtocolName": "t2_tse_tra_256_p2",
    "PulseSequenceDetails": "%SiemensSeq%_tse",
    "ReceiveCoilActiveElements": "HEA;HEP",
    "ReceiveCoilName": "Head_32",
    "ReconMatrixPE": 512,
    "RepetitionTime": 8.53,
    "SAR": 0.573338,
    "ScanningSequence": "SE",
    "SequenceName": "_tse2d1_18",
    "SequenceVariant": "SK_SP",
    "SeriesDescription": "t2_tse_tra_256_p2",
    "SeriesNumber": 21,
    "ShimSetting": [
      5237,
      -6157,
      -4055,
      53,
      3,
      -37,
      -27,
      1
    ],
    "SliceThickness": 3,
    "SoftwareVersions": "syngo_MR_E11",
    "SpacingBetweenSlices": 3,
    "StationName": "MRC35368",
    "TxRefAmp": 271.471,
    "dataset": "ds002105",
    "modality": "T2w",
    "session_id": "b1",
    "subject_id": "12"
  },
  "cjv": 0.4309890170074424,
  "cnr": 3.1786294075282266,
  "efc": 0.5854529590937342,
  "fber": 8903.041941970698,
  "fwhm_avg": 4.795405610297746,
  "fwhm_x": 6.072123076923077,
  "fwhm_y": 6.751261538461539,
  "fwhm_z": 1.562832215508625,
  "icvs_csf": 0.1522420597321227,
  "icvs_gm": 0.42905106568285234,
  "icvs_wm": 0.418706874585025,
  "inu_med": 1.0632158517837524,
  "inu_range": 0.22608728408813472,
  "provenance": {
    "md5sum": "d224fa670ff51dafe5b81d683ae1821a",
    "settings": {
      "testing": false
    },
    "software": "mriqc",
    "version": "21.0.0rc2",
    "warnings": {
      "large_rot_frame": true,
      "small_air_mask": false
    },
    "webapi_port": null,
    "webapi_url": "https://mriqc.nimh.nih.gov/api/v1"
  },
  "qi_1": 0.0007754289101905458,
  "qi_2": 0.0035371778297197945,
  "rpve_csf": 17.84045133321116,
  "rpve_gm": 7.089066510788625,
  "rpve_wm": 8.275035185559993,
  "size_x": 512,
  "size_y": 512,
  "size_z": 48,
  "snr_csf": 2.7690566698717927,
  "snr_gm": 10.993211326780788,
  "snr_total": 7.921138305096505,
  "snr_wm": 10.001146918636936,
  "snrd_csf": 192.98293859334183,
  "snrd_gm": 103.89487810637009,
  "snrd_total": 120.70889204443243,
  "snrd_wm": 65.24885943358537,
  "spacing_x": 0.40625,
  "spacing_y": 0.40625,
  "spacing_z": 3.000002145767212,
  "summary_bg_k": 108.11094202224275,
  "summary_bg_mad": 10.17844232408725,
  "summary_bg_mean": 23.009164613446014,
  "summary_bg_median": 13.730510041117668,
  "summary_bg_n": 2905813.0,
  "summary_bg_p05": 0.0,
  "summary_bg_p95": 48.289505653083324,
  "summary_bg_stdv": 62.022181120610355,
  "summary_csf_k": 0.8433642567063768,
  "summary_csf_mad": 744.0613854879374,
  "summary_csf_mean": 3000.542796239892,
  "summary_csf_median": 2998.2546799108386,
  "summary_csf_n": 311310.0,
  "summary_csf_p05": 576.9141422361135,
  "summary_csf_p95": 4741.913094878197,
  "summary_csf_stdv": 1082.7694127692616,
  "summary_gm_k": -0.24341128295239933,
  "summary_gm_mad": 156.98953415117623,
  "summary_gm_mean": 1621.0476650389528,
  "summary_gm_median": 1614.1494516134262,
  "summary_gm_n": 832874.0,
  "summary_gm_p05": 1396.4394152835011,
  "summary_gm_p95": 1868.5129681378603,
  "summary_gm_stdv": 146.83138844580185,
  "summary_wm_k": -0.01436220367899832,
  "summary_wm_mad": 101.7844232408725,
  "summary_wm_mean": 1008.5259602298705,
  "summary_wm_median": 1013.7305379509926,
  "summary_wm_n": 949609.0,
  "summary_wm_p05": 829.6486151963472,
  "summary_wm_p95": 1164.6497881487012,
  "summary_wm_stdv": 101.36137509386178,
  "tpm_overlap_csf": 0.11375756561756134,
  "tpm_overlap_gm": 0.40166813135147095,
  "tpm_overlap_wm": 0.41678932309150696,
  "wm2max": 0.1858678955453149
}