{
  "bids_meta": {
    "AcquisitionMatrixPE": 256,
    "AcquisitionNumber": 1,
    "AcquisitionTime": "14:01:37.035000",
    "BaseResolution": 256,
    "BodyPartExamined": "BRAIN",
    "ConsistencyInfo": "N4_VE11B_LATEST_20150530",
    "ConversionSoftware": "dcm2niix",
    "ConversionSoftwareVersion": "v1.0.20181125  GCC4.8.5",
    "DeviceSerialNumber": "67007",
    "DwellTime": 8.9e-06,
    "EchoTime": 0.091,
    "EchoTrainLength": 18,
    "FlipAngle": 120,
    "ImageOrientationPatientDICOM": [
      1,
      0,
      0,
      0,
      0.934204,
      -0.356738
    ],
    "ImageType": [
      "ORIGINAL",
      "PRIMARY",
      "M",
      "ND",
      "NORM"
    ],
    "ImagingFrequency": 123.211,
    "InPlanePhaseEncodingDirectionDICOM": "COL",
    "InstitutionAddress": "Perth_Drive_100_London_Ontario_CA_N6A_5K8",
    "InstitutionName": "Robarts_Research_Institute",
    "InstitutionalDepartmentName": "CFMM",
    "Interpolation2D": 1,
    "MRAcquisitionType": "2D",
    "MagneticFieldStrength": 3,
    "Manufacturer": "Siemens",
    "ManufacturersModelName": "Prisma_fit",
    "Modality": "MR",
    "ParallelReductionFactorInPlane": 2,
    "PartialFourier": 1,
    "PatientPosition": "HFS",
    "PercentPhaseFOV": 100,
    "PhaseEncodingDirection": "j-",
    "PhaseEncodingSteps": 255,
    "PhaseResolution": 1,
    "PixelBandwidth": 220,
    "ProcedureStepDescription": "Diedrichsen_MCC",
    "ProtocolName": "t2_tse_tra_256_p2",
    "PulseSequenceDetails": "%SiemensSeq%_tse",
    "ReceiveCoilActiveElements": "HEA;HEP",
    "ReceiveCoilName": "Head_32",
    "ReconMatrixPE": 512,
    "RepetitionTime": 8.53,
    "SAR": 0.475037,
    "ScanningSequence": "SE",
    "SequenceName": "_tse2d1_18",
    "SequenceVariant": "SK_SP",
    "SeriesDescription": "t2_tse_tra_256_p2",
    "SeriesNumber": 21,
    "ShimSetting": [
      5237,
      -6157,
      -4055,
      53,
      3,
      -37,
      -27,
      1
    ],
    "SliceThickness": 3,
    "SoftwareVersions": "syngo_MR_E11",
    "SpacingBetweenSlices": 3,
    "StationName": "MRC35368",
    "TxRefAmp": 241.439,
    "dataset": "ds002105",
    "modality": "T2w",
    "session_id": "b1",
    "subject_id": "20"
  },
  "cjv": 0.411789642543514,
  "cnr": 3.4879211209999226,
  "efc": 0.6017724614826322,
  "fber": 13085.072100000001,
  "fwhm_avg": 4.651883627327416,
  "fwhm_x": 5.69184,
  "fwhm_y": 6.6620553846153845,
  "fwhm_z": 1.6017554973668617,
  "icvs_csf": 0.13687456768940207,
  "icvs_gm": 0.4565202165281481,
  "icvs_wm": 0.4066052157824498,
  "inu_med": 1.1601932048797607,
  "inu_range": 0.16577623486518833,
  "provenance": {
    "md5sum": "b7dc7f4b36054467e97715eb815963b4",
    "settings": {
      "testing": false
    },
    "software": "mriqc",
    "version": "21.0.0rc2",
    "warnings": {
      "large_rot_frame": true,
      "small_air_mask": false
    },
    "webapi_port": null,
    "webapi_url": "https://mriqc.nimh.nih.gov/api/v1"
  },
  "qi_1": 0.0,
  "qi_2": 0.008545923422609543,
  "rpve_csf": 20.530908881427347,
  "rpve_gm": 7.365755297579961,
  "rpve_wm": 9.084196038186821,
  "size_x": 512,
  "size_y": 512,
  "size_z": 48,
  "snr_csf": 2.9433329647808253,
  "snr_gm": 12.07274713411145,
  "snr_total": 7.953974184347448,
  "snr_wm": 8.845842454150068,
  "snrd_csf": 234.1094924181472,
  "snrd_gm": 126.67895297552744,
  "snrd_total": 146.059931339929,
  "snrd_wm": 77.3913486261123,
  "spacing_x": 0.40625,
  "spacing_y": 0.40625,
  "spacing_z": 2.9999959468841553,
  "summary_bg_k": 223.5504510467236,
  "summary_bg_mad": 8.672217120232112,
  "summary_bg_mean": 16.15609859910775,
  "summary_bg_median": 11.698643118143082,
  "summary_bg_n": 2624126.0,
  "summary_bg_p05": 0.0,
  "summary_bg_p95": 35.095929354429245,
  "summary_bg_stdv": 47.79761085504764,
  "summary_csf_k": 0.8716577659081164,
  "summary_csf_mad": 755.1766668298123,
  "summary_csf_mean": 3153.861086351497,
  "summary_csf_median": 3098.9705619961023,
  "summary_csf_n": 253781.0,
  "summary_csf_p05": 643.4253714978695,
  "summary_csf_p95": 4925.479712031782,
  "summary_csf_stdv": 1052.8759380849806,
  "summary_gm_k": -0.27201523088394985,
  "summary_gm_mad": 148.9886901255877,
  "summary_gm_mean": 1680.292023785252,
  "summary_gm_median": 1676.8835045546293,
  "summary_gm_n": 837372.0,
  "summary_gm_p05": 1463.7342269420624,
  "summary_gm_p95": 1911.0903397798538,
  "summary_gm_stdv": 138.89817161321974,
  "summary_wm_k": -0.10109118736148037,
  "summary_wm_mad": 119.67659625920315,
  "summary_wm_mean": 1021.8838401535456,
  "summary_wm_median": 1024.4501778557897,
  "summary_wm_n": 863539.0,
  "summary_wm_p05": 824.0524212419987,
  "summary_wm_p95": 1202.386539682746,
  "summary_wm_stdv": 115.81142101455649,
  "tpm_overlap_csf": 0.14838431775569916,
  "tpm_overlap_gm": 0.43324601650238037,
  "tpm_overlap_wm": 0.44640737771987915,
  "wm2max": 0.19390195296931048
}