{
  "bids_meta": {
    "AcquisitionMatrixPE": 256,
    "AcquisitionNumber": 1,
    "AcquisitionTime": "12:23:31.632500",
    "BaseResolution": 256,
    "BodyPartExamined": "BRAIN",
    "ConsistencyInfo": "N4_VE11B_LATEST_20150530",
    "ConversionSoftware": "dcm2niix",
    "ConversionSoftwareVersion": "v1.0.20181125  GCC4.8.5",
    "DeviceSerialNumber": "67007",
    "DwellTime": 8.2e-06,
    "EchoTime": 0.00298,
    "FlipAngle": 9,
    "ImageOrientationPatientDICOM": [
      -0.0313452,
      0.999509,
      5.74055e-09,
      -0.0088903,
      -0.000278799,
      -0.99996
    ],
    "ImageType": [
      "ORIGINAL",
      "PRIMARY",
      "M",
      "ND",
      "NORM"
    ],
    "ImagingFrequency": 123.211,
    "InPlanePhaseEncodingDirectionDICOM": "ROW",
    "InstitutionAddress": "Perth_Drive_100_London_Ontario_CA_N6A_5K8",
    "InstitutionName": "Robarts_Research_Institute",
    "InstitutionalDepartmentName": "CFMM",
    "InversionTime": 0.9,
    "MRAcquisitionType": "3D",
    "MagneticFieldStrength": 3,
    "Manufacturer": "Siemens",
    "ManufacturersModelName": "Prisma_fit",
    "Modality": "MR",
    "PartialFourier": 1,
    "PatientPosition": "HFS",
    "PercentPhaseFOV": 100,
    "PhaseEncodingSteps": 255,
    "PhaseResolution": 1,
    "PixelBandwidth": 240,
    "ProcedureStepDescription": "Diedrichsen_Maebdh",
    "ProtocolName": "mprage_sag_p2",
    "PulseSequenceDetails": "%SiemensSeq%_tfl",
    "ReceiveCoilActiveElements": "HEA;HEP",
    "ReceiveCoilName": "Head_32",
    "ReconMatrixPE": 256,
    "RepetitionTime": 2.3,
    "SAR": 0.0725651,
    "ScanOptions": "IR",
    "ScanningSequence": "GR_IR",
    "SequenceName": "_tfl3d1_16ns",
    "SequenceVariant": "SK_SP_MP",
    "SeriesDescription": "mprage_sag_p2",
    "SeriesNumber": 2,
    "ShimSetting": [
      5238,
      -6151,
      -3860,
      441,
      -28,
      -120,
      30,
      -14
    ],
    "SliceThickness": 1,
    "SoftwareVersions": "syngo_MR_E11",
    "StationName": "MRC35368",
    "TxRefAmp": 253.354,
    "dataset": "ds002105",
    "modality": "T1w",
    "session_id": "b1",
    "subject_id": "20"
  },
  "cjv": 0.3559483405598,
  "cnr": 3.6803817735208653,
  "efc": 0.5481797696598085,
  "fber": 14751.371407885943,
  "fwhm_avg": 3.3521099999999997,
  "fwhm_x": 3.34083,
  "fwhm_y": 3.53043,
  "fwhm_z": 3.18507,
  "icvs_csf": 0.18284441680651048,
  "icvs_gm": 0.4486384192103549,
  "icvs_wm": 0.3685171639831346,
  "inu_med": 0.9072930216789246,
  "inu_range": 0.2342621922492979,
  "provenance": {
    "md5sum": "46b1d77d39622ffc36f4d95eb62d3142",
    "settings": {
      "testing": false
    },
    "software": "mriqc",
    "version": "21.0.0rc2",
    "warnings": {
      "large_rot_frame": true,
      "small_air_mask": false
    },
    "webapi_port": null,
    "webapi_url": "https://mriqc.nimh.nih.gov/api/v1"
  },
  "qi_1": 0.008280796963305224,
  "qi_2": 0.028594692581537455,
  "rpve_csf": 29.39817173377157,
  "rpve_gm": 13.642053497266646,
  "rpve_wm": 19.803617316699135,
  "size_x": 176,
  "size_y": 256,
  "size_z": 256,
  "snr_csf": 4.023774950699274,
  "snr_gm": 10.326808512146165,
  "snr_total": 12.184659922914859,
  "snr_wm": 22.203396305899137,
  "snrd_csf": 36.94372540841894,
  "snrd_gm": 55.617425544038234,
  "snrd_total": 57.3500711486509,
  "snrd_wm": 79.48906249349551,
  "spacing_x": 1.0,
  "spacing_y": 1.0,
  "spacing_z": 1.0,
  "summary_bg_k": 7.083134445709266,
  "summary_bg_mad": 8.24184322339705,
  "summary_bg_mean": 5.92290628211533,
  "summary_bg_median": 5.559038776904345,
  "summary_bg_n": 2534050.0,
  "summary_bg_p05": 0.0,
  "summary_bg_p95": 16.802508182823658,
  "summary_bg_stdv": 6.275364575239472,
  "summary_csf_k": -0.4365167798420799,
  "summary_csf_mad": 93.78969713241679,
  "summary_csf_mean": 428.90553733282,
  "summary_csf_median": 464.764899848029,
  "summary_csf_n": 9804.0,
  "summary_csf_p05": 210.94044321309775,
  "summary_csf_p95": 573.9289564313368,
  "summary_csf_stdv": 115.49880451006487,
  "summary_gm_k": 0.009384552654205347,
  "summary_gm_mad": 66.4924645015416,
  "summary_gm_mean": 702.6468235845188,
  "summary_gm_median": 699.6865347772837,
  "summary_gm_n": 30247.0,
  "summary_gm_p05": 595.9038785137236,
  "summary_gm_p95": 820.4388883598149,
  "summary_gm_stdv": 67.75326255396222,
  "summary_wm_k": 0.950143808374881,
  "summary_wm_mad": 40.403622418457715,
  "summary_wm_mean": 996.8383988479458,
  "summary_wm_median": 1000.0000205822289,
  "summary_wm_n": 175686.0,
  "summary_wm_p05": 916.7502801017836,
  "summary_wm_p95": 1064.1588515788317,
  "summary_wm_stdv": 45.03802755283187,
  "tpm_overlap_csf": 0.16369862854480743,
  "tpm_overlap_gm": 0.44506484270095825,
  "tpm_overlap_wm": 0.48328953981399536,
  "wm2max": 0.4839036064015771
}