{
  "bids_meta": {
    "AcquisitionMatrixPE": 256,
    "AcquisitionNumber": 1,
    "AcquisitionTime": "16:41:36.830000",
    "BaseResolution": 256,
    "BodyPartExamined": "BRAIN",
    "ConsistencyInfo": "N4_VE11B_LATEST_20150530",
    "ConversionSoftware": "dcm2niix",
    "ConversionSoftwareVersion": "v1.0.20181125  GCC4.8.5",
    "DeviceSerialNumber": "67007",
    "DwellTime": 8.9e-06,
    "EchoTime": 0.091,
    "EchoTrainLength": 18,
    "FlipAngle": 120,
    "ImageOrientationPatientDICOM": [
      1,
      0,
      0,
      0,
      0.871214,
      -0.490904
    ],
    "ImageType": [
      "ORIGINAL",
      "PRIMARY",
      "M",
      "ND",
      "NORM"
    ],
    "ImagingFrequency": 123.211,
    "InPlanePhaseEncodingDirectionDICOM": "COL",
    "InstitutionAddress": "Perth_Drive_100_London_Ontario_CA_N6A_5K8",
    "InstitutionName": "Robarts_Research_Institute",
    "InstitutionalDepartmentName": "CFMM",
    "Interpolation2D": 1,
    "MRAcquisitionType": "2D",
    "MagneticFieldStrength": 3,
    "Manufacturer": "Siemens",
    "ManufacturersModelName": "Prisma_fit",
    "Modality": "MR",
    "ParallelReductionFactorInPlane": 2,
    "PartialFourier": 1,
    "PatientPosition": "HFS",
    "PercentPhaseFOV": 100,
    "PhaseEncodingDirection": "j-",
    "PhaseEncodingSteps": 255,
    "PhaseResolution": 1,
    "PixelBandwidth": 220,
    "ProcedureStepDescription": "Diedrichsen_MCC",
    "ProtocolName": "t2_tse_tra_256_p2",
    "PulseSequenceDetails": "%SiemensSeq%_tse",
    "ReceiveCoilActiveElements": "HEA;HEP",
    "ReceiveCoilName": "Head_32",
    "ReconMatrixPE": 512,
    "RepetitionTime": 8.53,
    "SAR": 0.402839,
    "ScanningSequence": "SE",
    "SequenceName": "_tse2d1_18",
    "SequenceVariant": "SK_SP",
    "SeriesDescription": "t2_tse_tra_256_p2",
    "SeriesNumber": 20,
    "ShimSetting": [
      5237,
      -6157,
      -4055,
      53,
      3,
      -37,
      -27,
      1
    ],
    "SliceThickness": 3,
    "SoftwareVersions": "syngo_MR_E11",
    "SpacingBetweenSlices": 3,
    "StationName": "MRC35368",
    "TxRefAmp": 249.432,
    "dataset": "ds002105",
    "modality": "T2w",
    "session_id": "b1",
    "subject_id": "25"
  },
  "cjv": 0.4523272655257369,
  "cnr": 3.2001780083211524,
  "efc": 0.5771993761696156,
  "fber": 11302.34765625,
  "fwhm_avg": 5.668221220650181,
  "fwhm_x": 7.135901538461539,
  "fwhm_y": 8.019249819057892,
  "fwhm_z": 1.8495123044311101,
  "icvs_csf": 0.2253131030486108,
  "icvs_gm": 0.401058061411809,
  "icvs_wm": 0.37362883553958015,
  "inu_med": 1.3338074684143066,
  "inu_range": 0.1847090721130371,
  "provenance": {
    "md5sum": "7eccb2bad8431ebbbf456e680f885bf8",
    "settings": {
      "testing": false
    },
    "software": "mriqc",
    "version": "21.0.0rc2",
    "warnings": {
      "large_rot_frame": true,
      "small_air_mask": false
    },
    "webapi_port": null,
    "webapi_url": "https://mriqc.nimh.nih.gov/api/v1"
  },
  "qi_1": 0.0,
  "qi_2": 0.014237820242925393,
  "rpve_csf": 12.12706932898065,
  "rpve_gm": 7.233077670544062,
  "rpve_wm": 8.999507017389961,
  "size_x": 512,
  "size_y": 512,
  "size_z": 48,
  "snr_csf": 4.058792119865147,
  "snr_gm": 9.822418421920089,
  "snr_total": 7.708763796321091,
  "snr_wm": 9.245080847178036,
  "snrd_csf": 278.89115501897595,
  "snrd_gm": 113.43762009259841,
  "snrd_total": 153.79858457369915,
  "snrd_wm": 69.06697860952306,
  "spacing_x": 0.40625,
  "spacing_y": 0.4062499701976776,
  "spacing_z": 3.0000016689300537,
  "summary_bg_k": 1486.776608871714,
  "summary_bg_mad": 9.681171165997634,
  "summary_bg_mean": 16.55200603821101,
  "summary_bg_median": 13.163349866867065,
  "summary_bg_n": 2741046.0,
  "summary_bg_p05": 0.0,
  "summary_bg_p95": 39.490049600601196,
  "summary_bg_stdv": 25.82065431841496,
  "summary_csf_k": 2.550855523032988,
  "summary_csf_mad": 1022.2087396224803,
  "summary_csf_mean": 4023.715117251209,
  "summary_csf_median": 4121.268640995026,
  "summary_csf_n": 542101.0,
  "summary_csf_p05": 2640.029011487961,
  "summary_csf_p95": 5302.4460825920105,
  "summary_csf_stdv": 1015.3919486593967,
  "summary_gm_k": -0.258390385374367,
  "summary_gm_mad": 185.17160722265314,
  "summary_gm_mean": 1685.4730630765953,
  "summary_gm_median": 1676.305963754654,
  "summary_gm_n": 765037.0,
  "summary_gm_p05": 1427.6533942222595,
  "summary_gm_p95": 1968.0762777328491,
  "summary_gm_stdv": 170.66111380895407,
  "summary_wm_k": 0.37747365918986286,
  "summary_wm_mad": 111.41030310076641,
  "summary_wm_mean": 1016.6873581037929,
  "summary_wm_median": 1020.6260325908661,
  "summary_wm_n": 901699.0,
  "summary_wm_p05": 831.2603616714478,
  "summary_wm_p95": 1184.5978395938873,
  "summary_wm_stdv": 110.39659722999204,
  "tpm_overlap_csf": 0.15063485503196716,
  "tpm_overlap_gm": 0.39348170161247253,
  "tpm_overlap_wm": 0.43095359206199646,
  "wm2max": 0.1831454822750437
}