{
  "bids_meta": {
    "AcquisitionMatrixPE": 216,
    "AcquisitionNumber": 1,
    "AcquisitionTime": "16:17:35.750000",
    "BaseResolution": 256,
    "BodyPartExamined": "BRAIN",
    "ConsistencyInfo": "N4_VE11B_LATEST_20150530",
    "ConversionSoftware": "dcm2niix",
    "ConversionSoftwareVersion": "v1.0.20181125  GCC4.8.5",
    "DeviceSerialNumber": "67007",
    "DwellTime": 8.2e-06,
    "EchoTime": 0.00298,
    "FlipAngle": 9,
    "ImageOrientationPatientDICOM": [
      0.00354388,
      0.999994,
      -8.80391e-09,
      -0.00888525,
      3.14797e-05,
      -0.999961
    ],
    "ImageType": [
      "ORIGINAL",
      "PRIMARY",
      "M",
      "ND",
      "NORM"
    ],
    "ImagingFrequency": 123.211,
    "InPlanePhaseEncodingDirectionDICOM": "ROW",
    "InstitutionAddress": "Perth_Drive_100_London_Ontario_CA_N6A_5K8",
    "InstitutionName": "Robarts_Research_Institute",
    "InstitutionalDepartmentName": "CFMM",
    "InversionTime": 0.9,
    "MRAcquisitionType": "3D",
    "MagneticFieldStrength": 3,
    "Manufacturer": "Siemens",
    "ManufacturersModelName": "Prisma_fit",
    "Modality": "MR",
    "PartialFourier": 1,
    "PatientPosition": "HFS",
    "PercentPhaseFOV": 84.375,
    "PhaseEncodingSteps": 215,
    "PhaseResolution": 1,
    "PixelBandwidth": 240,
    "ProcedureStepDescription": "Diedrichsen_MCC",
    "ProtocolName": "mprage_sag_p2",
    "PulseSequenceDetails": "%SiemensSeq%_tfl",
    "ReceiveCoilActiveElements": "HEA;HEP",
    "ReceiveCoilName": "Head_32",
    "ReconMatrixPE": 256,
    "RepetitionTime": 2.3,
    "SAR": 0.0870665,
    "ScanOptions": "IR",
    "ScanningSequence": "GR_IR",
    "SequenceName": "_tfl3d1_16ns",
    "SequenceVariant": "SK_SP_MP",
    "SeriesDescription": "mprage_sag_p2",
    "SeriesNumber": 6,
    "ShimSetting": [
      5254,
      -6186,
      -3915,
      377,
      14,
      -119,
      44,
      -35
    ],
    "SliceThickness": 1,
    "SoftwareVersions": "syngo_MR_E11",
    "StationName": "MRC35368",
    "TxRefAmp": 272.048,
    "dataset": "ds002105",
    "modality": "T1w",
    "session_id": "b1",
    "subject_id": "25"
  },
  "cjv": 0.3961150965472982,
  "cnr": 3.2400492475259086,
  "efc": 0.552715354942146,
  "fber": 13628.828644250565,
  "fwhm_avg": 3.2104966666666663,
  "fwhm_x": 3.26619,
  "fwhm_y": 3.29115,
  "fwhm_z": 3.07415,
  "icvs_csf": 0.19186516637516432,
  "icvs_gm": 0.4157555672158633,
  "icvs_wm": 0.39237926640897236,
  "inu_med": 1.1255463361740112,
  "inu_range": 0.3137565374374389,
  "provenance": {
    "md5sum": "551c0f5d90c8ddff38d69c960f49339e",
    "settings": {
      "testing": false
    },
    "software": "mriqc",
    "version": "21.0.0rc2",
    "warnings": {
      "large_rot_frame": true,
      "small_air_mask": false
    },
    "webapi_port": null,
    "webapi_url": "https://mriqc.nimh.nih.gov/api/v1"
  },
  "qi_1": 0.019094213919835738,
  "qi_2": 0.027816447333492443,
  "rpve_csf": 24.950258938816013,
  "rpve_gm": 12.390646915238477,
  "rpve_wm": 16.182484549177378,
  "size_x": 176,
  "size_y": 216,
  "size_z": 256,
  "snr_csf": 3.5491612964113495,
  "snr_gm": 9.830221403724405,
  "snr_total": 12.251761426953669,
  "snr_wm": 23.37590158072525,
  "snrd_csf": 31.939286734586027,
  "snrd_gm": 55.9909659952877,
  "snrd_total": 55.113092222283946,
  "snrd_wm": 77.40902393697813,
  "spacing_x": 1.0,
  "spacing_y": 1.0,
  "spacing_z": 1.0,
  "summary_bg_k": 7.852984059239294,
  "summary_bg_mad": 8.463307729313705,
  "summary_bg_mean": 7.145477569126592,
  "summary_bg_median": 5.708414316177368,
  "summary_bg_n": 2471383.0,
  "summary_bg_p05": 0.0,
  "summary_bg_p95": 17.3535795211792,
  "summary_bg_stdv": 6.982318651316431,
  "summary_csf_k": 18.45751206457354,
  "summary_csf_mad": 98.0051035054527,
  "summary_csf_mean": 410.2299011949364,
  "summary_csf_median": 412.60418677330017,
  "summary_csf_n": 6551.0,
  "summary_csf_p05": 231.59036880731583,
  "summary_csf_p95": 570.6130950450897,
  "summary_csf_stdv": 116.2451236841975,
  "summary_gm_k": 0.14290791084795806,
  "summary_gm_mad": 70.49935338518316,
  "summary_gm_mean": 724.5530450385859,
  "summary_gm_median": 723.3131780028343,
  "summary_gm_n": 12371.0,
  "summary_gm_p05": 604.606702297926,
  "summary_gm_p95": 849.6974709630013,
  "summary_gm_stdv": 73.57758421531395,
  "summary_wm_k": 1.0882219124146557,
  "summary_wm_mad": 39.10048170942932,
  "summary_wm_mean": 999.9251222942975,
  "summary_wm_median": 1000.0000199079514,
  "summary_wm_n": 192869.0,
  "summary_wm_p05": 930.6427859663963,
  "summary_wm_p95": 1068.7293282747269,
  "summary_wm_stdv": 42.77898861004307,
  "tpm_overlap_csf": 0.15737095475196838,
  "tpm_overlap_gm": 0.4143293499946594,
  "tpm_overlap_wm": 0.4975239634513855,
  "wm2max": 0.4479963174181009
}