{
  "aor": 0.002198369384359401,
  "aqi": 0.01039461928452579,
  "bids_meta": {
    "AcquisitionMatrixPE": 84,
    "AcquisitionNumber": 1,
    "AcquisitionTime": "15:21:3.860000",
    "BandwidthPerPixelPhaseEncode": 33.069,
    "BaseResolution": 84,
    "BodyPartExamined": "BRAIN",
    "ConsistencyInfo": "N4_VE11B_LATEST_20150530",
    "ConversionSoftware": "dcm2niix",
    "ConversionSoftwareVersion": "v1.0.20181125  GCC4.8.5",
    "DerivedVendorReportedEchoSpacing": 0.000719995,
    "DeviceSerialNumber": "67007",
    "DwellTime": 3.8e-06,
    "EchoTime": 0.03,
    "EchoTrainLength": 36,
    "EffectiveEchoSpacing": 0.000359998,
    "FlipAngle": 40,
    "ImageComments": "Unaliased_MB3_PE4",
    "ImageOrientationPatientDICOM": [
      1,
      0,
      0,
      0,
      0.887011,
      -0.461749
    ],
    "ImageType": [
      "ORIGINAL",
      "PRIMARY",
      "M",
      "MB",
      "ND",
      "NORM",
      "MOSAIC"
    ],
    "ImagingFrequency": 123.211,
    "InPlanePhaseEncodingDirectionDICOM": "COL",
    "InstitutionAddress": "Perth_Drive_100_London_Ontario_CA_N6A_5K8",
    "InstitutionName": "Robarts_Research_Institute",
    "InstitutionalDepartmentName": "CFMM",
    "MRAcquisitionType": "2D",
    "MagneticFieldStrength": 3,
    "Manufacturer": "Siemens",
    "ManufacturersModelName": "Prisma_fit",
    "Modality": "MR",
    "MultibandAccelerationFactor": 3,
    "ParallelReductionFactorInPlane": 2,
    "PartialFourier": 0.875,
    "PatientPosition": "HFS",
    "PercentPhaseFOV": 100,
    "PhaseEncodingDirection": "j-",
    "PhaseEncodingSteps": 73,
    "PhaseResolution": 1,
    "PixelBandwidth": 1565,
    "ProcedureStepDescription": "Diedrichsen_MCC",
    "ProtocolName": "ep_bold_mb3_p2",
    "PulseSequenceDetails": "%CustomerSeq%_cmrr_mbep2d_bold",
    "ReceiveCoilActiveElements": "HEA;HEP",
    "ReceiveCoilName": "Head_32",
    "ReconMatrixPE": 84,
    "RepetitionTime": 1,
    "SAR": 0.0915258,
    "ScanOptions": "PFP_FS_EXT",
    "ScanningSequence": "EP",
    "SequenceName": "epfid2d1_84",
    "SequenceVariant": "SK_SS",
    "SeriesDescription": "ep_bold_mb3_p2",
    "SeriesNumber": 3,
    "ShimSetting": [
      5252,
      -6197,
      -3925,
      514,
      75,
      -16,
      73,
      -22
    ],
    "SliceThickness": 3,
    "SliceTiming": [
      0,
      0.43,
      0.8575,
      0.3075,
      0.735,
      0.185,
      0.6125,
      0.0625,
      0.49,
      0.92,
      0.3675,
      0.7975,
      0.245,
      0.675,
      0.1225,
      0.5525,
      0,
      0.43,
      0.8575,
      0.3075,
      0.735,
      0.185,
      0.6125,
      0.0625,
      0.49,
      0.92,
      0.3675,
      0.7975,
      0.245,
      0.675,
      0.1225,
      0.5525,
      0,
      0.43,
      0.8575,
      0.3075,
      0.735,
      0.185,
      0.6125,
      0.0625,
      0.49,
      0.92,
      0.3675,
      0.7975,
      0.245,
      0.675,
      0.1225,
      0.5525
    ],
    "SoftwareVersions": "syngo_MR_E11",
    "SpacingBetweenSlices": 3,
    "StationName": "MRC35368",
    "TaskName": "a",
    "TotalReadoutTime": 0.0298798,
    "TxRefAmp": 305.038,
    "WipMemBlock": "e96dfd51-c043-4b5d-9f8f-67e3a19672f1||Sequence: ve11b/master r/50434d5; Mar  3 2017 10:46:13 by eja",
    "dataset": "ds002105",
    "modality": "bold",
    "run_id": 1,
    "session_id": "a1",
    "subject_id": "24",
    "task_id": "a"
  },
  "dummy_trs": 0,
  "dvars_nstd": 35.101122420733354,
  "dvars_std": 1.220865597083332,
  "dvars_vstd": 1.015353834283332,
  "efc": 0.49733596236926303,
  "fber": 4353.11767578125,
  "fd_mean": 0.11725772479770682,
  "fd_num": 25,
  "fd_perc": 4.159733777038269,
  "fwhm_avg": 1.8662934792106525,
  "fwhm_x": 1.814214164224252,
  "fwhm_y": 1.9832762734077058,
  "fwhm_z": 1.8013899999999998,
  "gcor": 0.00922874,
  "gsr_x": 0.0036343319807201624,
  "gsr_y": 0.01585972309112549,
  "provenance": {
    "md5sum": "c6af937013ff13622191ec17dee55c6a",
    "settings": {
      "fd_thres": 0.2,
      "testing": false
    },
    "software": "mriqc",
    "version": "21.0.0rc2",
    "webapi_port": null,
    "webapi_url": "https://mriqc.nimh.nih.gov/api/v1"
  },
  "size_t": 601,
  "size_x": 84,
  "size_y": 84,
  "size_z": 48,
  "snr": 5.42109866615115,
  "spacing_tr": 1.0,
  "spacing_x": 2.4761905670166016,
  "spacing_y": 2.4761905670166016,
  "spacing_z": 3.0,
  "summary_bg_k": 21.744289343921253,
  "summary_bg_mad": 38.12335170336647,
  "summary_bg_mean": 186.9191436767578,
  "summary_bg_median": 53.926788330078125,
  "summary_bg_n": 224603.0,
  "summary_bg_p05": 22.404491806030276,
  "summary_bg_p95": 893.6312622070308,
  "summary_bg_stdv": 344.8350524902344,
  "summary_fg_k": 2.4697240852696813,
  "summary_fg_mad": 600.5056592655809,
  "summary_fg_mean": 3663.86474609375,
  "summary_fg_median": 3607.582275390625,
  "summary_fg_n": 57505.0,
  "summary_fg_p05": 2736.507470703125,
  "summary_fg_p95": 4782.027246093749,
  "summary_fg_stdv": 665.4649047851562,
  "tsnr": 46.37145829037763
}