{
  "bids_meta": {
    "AcquisitionMatrixPE": 256,
    "AcquisitionNumber": 1,
    "AcquisitionTime": "12:17:7.995000",
    "BaseResolution": 256,
    "BodyPartExamined": "BRAIN",
    "ConsistencyInfo": "N4_VE11B_LATEST_20150530",
    "ConversionSoftware": "dcm2niix",
    "ConversionSoftwareVersion": "v1.0.20181125  GCC4.8.5",
    "DeviceSerialNumber": "67007",
    "DwellTime": 8.2e-06,
    "EchoTime": 0.00298,
    "FlipAngle": 9,
    "ImageOrientationPatientDICOM": [
      0,
      1,
      0,
      0,
      0,
      -1
    ],
    "ImageType": [
      "ORIGINAL",
      "PRIMARY",
      "M",
      "ND",
      "NORM"
    ],
    "ImagingFrequency": 123.211,
    "InPlanePhaseEncodingDirectionDICOM": "ROW",
    "InstitutionAddress": "Perth_Drive_100_London_Ontario_CA_N6A_5K8",
    "InstitutionName": "Robarts_Research_Institute",
    "InstitutionalDepartmentName": "CFMM",
    "InversionTime": 0.9,
    "MRAcquisitionType": "3D",
    "MagneticFieldStrength": 3,
    "Manufacturer": "Siemens",
    "ManufacturersModelName": "Prisma_fit",
    "Modality": "MR",
    "PartialFourier": 1,
    "PatientPosition": "HFS",
    "PercentPhaseFOV": 100,
    "PhaseEncodingSteps": 255,
    "PhaseResolution": 1,
    "PixelBandwidth": 240,
    "ProcedureStepDescription": "Diedrichsen_Feb2016",
    "ProtocolName": "mprage_sag_p2",
    "PulseSequenceDetails": "%SiemensSeq%_tfl",
    "ReceiveCoilActiveElements": "HEA;HEP",
    "ReceiveCoilName": "Head_32",
    "ReconMatrixPE": 256,
    "RepetitionTime": 2.3,
    "SAR": 0.0982649,
    "ScanOptions": "IR",
    "ScanningSequence": "GR_IR",
    "SequenceName": "_tfl3d1_16ns",
    "SequenceVariant": "SK_SP_MP",
    "SeriesDescription": "mprage_sag_p2",
    "SeriesNumber": 3,
    "ShimSetting": [
      5252,
      -6270,
      -3829,
      339,
      27,
      -290,
      203,
      -8
    ],
    "SliceThickness": 1,
    "SoftwareVersions": "syngo_MR_E11",
    "StationName": "MRC35368",
    "TxRefAmp": 276.132,
    "dataset": "ds002105",
    "modality": "T1w",
    "session_id": "a1",
    "subject_id": "14"
  },
  "cjv": 0.38922930557436475,
  "cnr": 3.182053760307339,
  "efc": 0.5506877374134029,
  "fber": 17448.618859523125,
  "fwhm_avg": 3.2764966666666666,
  "fwhm_x": 3.36816,
  "fwhm_y": 3.32027,
  "fwhm_z": 3.14106,
  "icvs_csf": 0.19814499158181503,
  "icvs_gm": 0.43545155246981254,
  "icvs_wm": 0.3664034559483724,
  "inu_med": 0.8859866261482239,
  "inu_range": 0.22931388616561899,
  "provenance": {
    "md5sum": "a3e555f2e0c8d92b3a362e02da85af9e",
    "settings": {
      "testing": false
    },
    "software": "mriqc",
    "version": "21.0.0rc2",
    "warnings": {
      "large_rot_frame": true,
      "small_air_mask": false
    },
    "webapi_port": null,
    "webapi_url": "https://mriqc.nimh.nih.gov/api/v1"
  },
  "qi_1": 0.04773485900888148,
  "qi_2": 0.0014157520233967866,
  "rpve_csf": 28.023366991004224,
  "rpve_gm": 13.86359583626677,
  "rpve_wm": 19.881002905666396,
  "size_x": 176,
  "size_y": 256,
  "size_z": 256,
  "snr_csf": 3.88213994912865,
  "snr_gm": 10.211398694579177,
  "snr_total": 12.114462238439495,
  "snr_wm": 22.249848071610664,
  "snrd_csf": 34.50462394666254,
  "snrd_gm": 59.350143718238684,
  "snrd_total": 58.89189491801301,
  "snrd_wm": 82.82091708913781,
  "spacing_x": 1.0,
  "spacing_y": 1.0,
  "spacing_z": 1.0,
  "summary_bg_k": 191.26612284009795,
  "summary_bg_mad": 7.910276744063335,
  "summary_bg_mean": 9.609912193345453,
  "summary_bg_median": 5.335400585085154,
  "summary_bg_n": 2444802.0,
  "summary_bg_p05": 0.0,
  "summary_bg_p95": 27.406630355864763,
  "summary_bg_stdv": 31.416062363000325,
  "summary_csf_k": -0.02096217369677289,
  "summary_csf_mad": 98.67563169196956,
  "summary_csf_mean": 401.06064279470706,
  "summary_csf_median": 416.61726278066635,
  "summary_csf_n": 11522.0,
  "summary_csf_p05": 209.45323442183437,
  "summary_csf_p95": 554.6513721911236,
  "summary_csf_stdv": 107.31173750553637,
  "summary_gm_k": -0.05346543534390147,
  "summary_gm_mad": 69.94172044216684,
  "summary_gm_mean": 717.5315138977331,
  "summary_gm_median": 716.6081409770995,
  "summary_gm_n": 24352.0,
  "summary_gm_p05": 603.3106815442443,
  "summary_gm_p95": 835.2159200521186,
  "summary_gm_stdv": 70.17583474325994,
  "summary_wm_k": 1.0691129084282833,
  "summary_wm_mad": 40.362694155605226,
  "summary_wm_mean": 998.6766414072206,
  "summary_wm_median": 999.9999951310456,
  "summary_wm_n": 176201.0,
  "summary_wm_p05": 923.4347166493535,
  "summary_wm_p95": 1069.1321941651404,
  "summary_wm_stdv": 44.943999358567254,
  "tpm_overlap_csf": 0.17346617579460144,
  "tpm_overlap_gm": 0.4446572959423065,
  "tpm_overlap_wm": 0.5028514862060547,
  "wm2max": 0.4444587221806416
}