{
  "bids_meta": {
    "AcquisitionMatrixPE": 256,
    "AcquisitionNumber": 1,
    "AcquisitionTime": "13:56:50.617500",
    "BaseResolution": 256,
    "BodyPartExamined": "BRAIN",
    "ConsistencyInfo": "N4_VE11B_LATEST_20150530",
    "ConversionSoftware": "dcm2niix",
    "ConversionSoftwareVersion": "v1.0.20181125  GCC4.8.5",
    "DeviceSerialNumber": "67007",
    "DwellTime": 8.9e-06,
    "EchoTime": 0.091,
    "EchoTrainLength": 18,
    "FlipAngle": 120,
    "ImageOrientationPatientDICOM": [
      1,
      0,
      0,
      0,
      0.967268,
      -0.253758
    ],
    "ImageType": [
      "ORIGINAL",
      "PRIMARY",
      "M",
      "ND",
      "NORM"
    ],
    "ImagingFrequency": 123.211,
    "InPlanePhaseEncodingDirectionDICOM": "COL",
    "InstitutionAddress": "Perth_Drive_100_London_Ontario_CA_N6A_5K8",
    "InstitutionName": "Robarts_Research_Institute",
    "InstitutionalDepartmentName": "CFMM",
    "Interpolation2D": 1,
    "MRAcquisitionType": "2D",
    "MagneticFieldStrength": 3,
    "Manufacturer": "Siemens",
    "ManufacturersModelName": "Prisma_fit",
    "Modality": "MR",
    "ParallelReductionFactorInPlane": 2,
    "PartialFourier": 1,
    "PatientPosition": "HFS",
    "PercentPhaseFOV": 100,
    "PhaseEncodingDirection": "j-",
    "PhaseEncodingSteps": 255,
    "PhaseResolution": 1,
    "PixelBandwidth": 220,
    "ProcedureStepDescription": "Diedrichsen_Feb2016",
    "ProtocolName": "t2_tse_tra_256_p2",
    "PulseSequenceDetails": "%SiemensSeq%_tse",
    "ReceiveCoilActiveElements": "HEA;HEP",
    "ReceiveCoilName": "Head_32",
    "ReconMatrixPE": 512,
    "RepetitionTime": 8.53,
    "SAR": 0.850581,
    "ScanningSequence": "SE",
    "SequenceName": "_tse2d1_18",
    "SequenceVariant": "SK_SP",
    "SeriesDescription": "t2_tse_tra_256_p2",
    "SeriesNumber": 12,
    "ShimSetting": [
      5237,
      -6157,
      -4055,
      53,
      3,
      -37,
      -27,
      1
    ],
    "SliceThickness": 3,
    "SoftwareVersions": "syngo_MR_E11",
    "SpacingBetweenSlices": 3,
    "StationName": "MRC35368",
    "TxRefAmp": 276.132,
    "dataset": "ds002105",
    "modality": "T2w",
    "session_id": "a1",
    "subject_id": "14"
  },
  "cjv": 0.4503243798702777,
  "cnr": 3.088905090215801,
  "efc": 0.576782668299568,
  "fber": 17394.126023495905,
  "fwhm_avg": 4.717442599798188,
  "fwhm_x": 6.011569230769231,
  "fwhm_y": 6.54528,
  "fwhm_z": 1.5954785686253332,
  "icvs_csf": 0.15720433490684116,
  "icvs_gm": 0.4451409460474138,
  "icvs_wm": 0.39765471904574506,
  "inu_med": 1.3136531114578247,
  "inu_range": 0.24352533817291255,
  "provenance": {
    "md5sum": "9143bbdf46de10fd086356d467bfe63a",
    "settings": {
      "testing": false
    },
    "software": "mriqc",
    "version": "21.0.0rc2",
    "warnings": {
      "large_rot_frame": true,
      "small_air_mask": false
    },
    "webapi_port": null,
    "webapi_url": "https://mriqc.nimh.nih.gov/api/v1"
  },
  "qi_1": 0.004952170646666782,
  "qi_2": 0.003444645308274492,
  "rpve_csf": 17.647250561073864,
  "rpve_gm": 7.108339167328239,
  "rpve_wm": 8.827211790517438,
  "size_x": 512,
  "size_y": 512,
  "size_z": 48,
  "snr_csf": 2.8910826022711538,
  "snr_gm": 12.244544434182362,
  "snr_total": 8.515204923171574,
  "snr_wm": 10.409987733061204,
  "snrd_csf": 244.64159832542174,
  "snrd_gm": 137.57850140291703,
  "snrd_total": 157.88811340742424,
  "snrd_wm": 91.44424049393392,
  "spacing_x": 0.40625,
  "spacing_y": 0.40625,
  "spacing_z": 2.9999964237213135,
  "summary_bg_k": 96.84472930979727,
  "summary_bg_mad": 7.276575136127995,
  "summary_bg_mean": 19.687595789141383,
  "summary_bg_median": 9.910334832966328,
  "summary_bg_n": 3601298.0,
  "summary_bg_p05": 0.0,
  "summary_bg_p95": 59.36762485653162,
  "summary_bg_stdv": 49.24726996037003,
  "summary_csf_k": 0.7696380353506749,
  "summary_csf_mad": 613.891060042183,
  "summary_csf_mean": 2696.850036161181,
  "summary_csf_median": 2717.2250429168344,
  "summary_csf_n": 319034.0,
  "summary_csf_p05": 618.9711984246969,
  "summary_csf_p95": 4220.858797430992,
  "summary_csf_stdv": 939.8627290203985,
  "summary_gm_k": -0.21857811297503815,
  "summary_gm_mad": 132.37769382263622,
  "summary_gm_mean": 1534.8103154894468,
  "summary_gm_median": 1528.0792471021414,
  "summary_gm_n": 841217.0,
  "summary_gm_p05": 1344.0301716327667,
  "summary_gm_p95": 1745.2571561560035,
  "summary_gm_stdv": 124.79666736974998,
  "summary_wm_k": -0.013984771976010446,
  "summary_wm_mad": 98.37369847496117,
  "summary_wm_mean": 1010.5059972514766,
  "summary_wm_median": 1015.6677441671491,
  "summary_wm_n": 876507.0,
  "summary_wm_p05": 838.6314103938641,
  "summary_wm_p95": 1160.264248587191,
  "summary_wm_stdv": 97.56660534359811,
  "tpm_overlap_csf": 0.14880475401878357,
  "tpm_overlap_gm": 0.41862669587135315,
  "tpm_overlap_wm": 0.44474703073501587,
  "wm2max": 0.21577002151955235
}