{
  "bids_meta": {
    "AcquisitionMatrixPE": 232,
    "AcquisitionNumber": 1,
    "AcquisitionTime": "12:18:24.335000",
    "BaseResolution": 256,
    "BodyPartExamined": "BRAIN",
    "ConsistencyInfo": "N4_VE11B_LATEST_20150530",
    "ConversionSoftware": "dcm2niix",
    "ConversionSoftwareVersion": "v1.0.20181125  GCC4.8.5",
    "DeviceSerialNumber": "67007",
    "DwellTime": 8.2e-06,
    "EchoTime": 0.00298,
    "FlipAngle": 9,
    "ImageOrientationPatientDICOM": [
      0,
      1,
      0,
      0,
      0,
      -1
    ],
    "ImageType": [
      "ORIGINAL",
      "PRIMARY",
      "M",
      "ND",
      "NORM"
    ],
    "ImagingFrequency": 123.211,
    "InPlanePhaseEncodingDirectionDICOM": "ROW",
    "InstitutionAddress": "Perth_Drive_100_London_Ontario_CA_N6A_5K8",
    "InstitutionName": "Robarts-CFMM",
    "InstitutionalDepartmentName": "CFMM",
    "InversionTime": 0.9,
    "MRAcquisitionType": "3D",
    "MagneticFieldStrength": 3,
    "Manufacturer": "Siemens",
    "ManufacturersModelName": "Prisma_fit",
    "Modality": "MR",
    "PartialFourier": 1,
    "PatientPosition": "HFS",
    "PercentPhaseFOV": 90.625,
    "PhaseEncodingSteps": 231,
    "PhaseResolution": 1,
    "PixelBandwidth": 240,
    "ProcedureStepDescription": "Diedrichsen_MCC",
    "ProtocolName": "mprage_sag_p2",
    "PulseSequenceDetails": "%SiemensSeq%_tfl",
    "ReceiveCoilActiveElements": "HEA;HEP",
    "ReceiveCoilName": "Head_32",
    "ReconMatrixPE": 256,
    "RepetitionTime": 2.3,
    "SAR": 0.064432,
    "ScanOptions": "IR",
    "ScanningSequence": "GR_IR",
    "SequenceName": "_tfl3d1_16ns",
    "SequenceVariant": "SK_SP_MP",
    "SeriesDescription": "mprage_sag_p2",
    "SeriesNumber": 2,
    "ShimSetting": [
      5247,
      -6114,
      -4050,
      514,
      112,
      394,
      325,
      -76
    ],
    "SliceThickness": 1,
    "SoftwareVersions": "syngo_MR_E11",
    "StationName": "MRC35368",
    "TxRefAmp": 259.013,
    "dataset": "ds002105",
    "modality": "T1w",
    "session_id": "b1",
    "subject_id": "28"
  },
  "cjv": 0.3753912296500446,
  "cnr": 3.4738409501352776,
  "efc": 0.5537738862562283,
  "fber": 4243.006566195958,
  "fwhm_avg": 3.2697233333333333,
  "fwhm_x": 3.29208,
  "fwhm_y": 3.4335,
  "fwhm_z": 3.08359,
  "icvs_csf": 0.1753286815765132,
  "icvs_gm": 0.43831890955400565,
  "icvs_wm": 0.38635240886948113,
  "inu_med": 1.2147835493087769,
  "inu_range": 0.2883156776428222,
  "provenance": {
    "md5sum": "3ed464104d3b0b22b5e3ba4c4aa2b4fe",
    "settings": {
      "testing": false
    },
    "software": "mriqc",
    "version": "22.0.0rc1",
    "warnings": {
      "large_rot_frame": true,
      "small_air_mask": false
    },
    "webapi_port": null,
    "webapi_url": "https://mriqc.nimh.nih.gov/api/v1"
  },
  "qi_1": 0.0,
  "qi_2": 0.013035446187890171,
  "rpve_csf": 26.23355982110333,
  "rpve_gm": 11.928306443956085,
  "rpve_wm": 16.23379317676561,
  "size_x": 176,
  "size_y": 232,
  "size_z": 256,
  "snr_csf": 2.237674643181512,
  "snr_gm": 10.376616771039986,
  "snr_total": 11.720362266871044,
  "snr_wm": 22.546795386391636,
  "snrd_csf": 26.74495475388516,
  "snrd_gm": 58.32300232265043,
  "snrd_total": 55.57044089093776,
  "snrd_wm": 81.64336559627768,
  "spacing_x": 1.0,
  "spacing_y": 1.0,
  "spacing_z": 1.0,
  "summary_bg_k": 9.51282723946781,
  "summary_bg_mad": 8.02436785982209,
  "summary_bg_mean": 7.616497311536521,
  "summary_bg_median": 5.412353873252869,
  "summary_bg_n": 2733428.0,
  "summary_bg_p05": 0.0,
  "summary_bg_p95": 21.717069916427135,
  "summary_bg_stdv": 7.3897637864533765,
  "summary_csf_k": 21.65654435741114,
  "summary_csf_mad": 124.22724492987075,
  "summary_csf_mean": 362.3639995293433,
  "summary_csf_median": 327.5827181786299,
  "summary_csf_n": 7228.0,
  "summary_csf_p05": 198.49807830154896,
  "summary_csf_p95": 595.802062531188,
  "summary_csf_stdv": 146.38413038190646,
  "summary_gm_k": 0.013084840158799516,
  "summary_gm_mad": 67.20408082601001,
  "summary_gm_mean": 716.273707069851,
  "summary_gm_median": 714.363056845963,
  "summary_gm_n": 26181.0,
  "summary_gm_p05": 605.033508606255,
  "summary_gm_p95": 833.7054597511888,
  "summary_gm_stdv": 68.84222764523578,
  "summary_wm_k": 1.0763766773984544,
  "summary_wm_mad": 40.021534700862674,
  "summary_wm_mean": 997.6891198751655,
  "summary_wm_median": 1000.0000325068831,
  "summary_wm_n": 217464.0,
  "summary_wm_p05": 921.1149748042226,
  "summary_wm_p95": 1065.1512422561646,
  "summary_wm_stdv": 44.35210042650174,
  "tpm_overlap_csf": 0.16962112486362457,
  "tpm_overlap_gm": 0.43377527594566345,
  "tpm_overlap_wm": 0.4960145354270935,
  "wm2max": 0.4256342327295764
}