{
  "bids_meta": {
    "AcquisitionMatrixPE": 256,
    "AcquisitionNumber": 1,
    "AcquisitionTime": "14:50:20.857500",
    "BaseResolution": 256,
    "BodyPartExamined": "BRAIN",
    "ConsistencyInfo": "N4_VE11B_LATEST_20150530",
    "ConversionSoftware": "dcm2niix",
    "ConversionSoftwareVersion": "v1.0.20181125  GCC4.8.5",
    "DeviceSerialNumber": "67007",
    "DwellTime": 8.9e-06,
    "EchoTime": 0.091,
    "EchoTrainLength": 18,
    "FlipAngle": 120,
    "ImageOrientationPatientDICOM": [
      1,
      0,
      0,
      0,
      0.888617,
      -0.45865
    ],
    "ImageType": [
      "ORIGINAL",
      "PRIMARY",
      "M",
      "ND",
      "NORM"
    ],
    "ImagingFrequency": 123.211,
    "InPlanePhaseEncodingDirectionDICOM": "COL",
    "InstitutionAddress": "Perth_Drive_100_London_Ontario_CA_N6A_5K8",
    "InstitutionName": "Robarts_Research_Institute",
    "InstitutionalDepartmentName": "CFMM",
    "Interpolation2D": 1,
    "MRAcquisitionType": "2D",
    "MagneticFieldStrength": 3,
    "Manufacturer": "Siemens",
    "ManufacturersModelName": "Prisma_fit",
    "Modality": "MR",
    "ParallelReductionFactorInPlane": 2,
    "PartialFourier": 1,
    "PatientPosition": "HFS",
    "PercentPhaseFOV": 100,
    "PhaseEncodingDirection": "j-",
    "PhaseEncodingSteps": 255,
    "PhaseResolution": 1,
    "PixelBandwidth": 220,
    "ProcedureStepDescription": "Diedrichsen_MCC",
    "ProtocolName": "t2_tse_tra_256_p2",
    "PulseSequenceDetails": "%SiemensSeq%_tse",
    "ReceiveCoilActiveElements": "HEA;HEP",
    "ReceiveCoilName": "Head_32",
    "ReconMatrixPE": 512,
    "RepetitionTime": 8.53,
    "SAR": 0.642657,
    "ScanningSequence": "SE",
    "SequenceName": "_tse2d1_18",
    "SequenceVariant": "SK_SP",
    "SeriesDescription": "t2_tse_tra_256_p2",
    "SeriesNumber": 21,
    "ShimSetting": [
      5237,
      -6157,
      -4055,
      53,
      3,
      -37,
      -27,
      1
    ],
    "SliceThickness": 3,
    "SoftwareVersions": "syngo_MR_E11",
    "SpacingBetweenSlices": 3,
    "StationName": "MRC35368",
    "TxRefAmp": 280.146,
    "dataset": "ds002105",
    "modality": "T2w",
    "session_id": "b2",
    "subject_id": "10"
  },
  "cjv": 0.4403229907611313,
  "cnr": 3.135252104119808,
  "efc": 0.5884545572749244,
  "fber": 10457.1076,
  "fwhm_avg": 4.978936684813852,
  "fwhm_x": 6.318793846153846,
  "fwhm_y": 6.937944615384615,
  "fwhm_z": 1.6800715929030952,
  "icvs_csf": 0.18238227789505138,
  "icvs_gm": 0.439143477313598,
  "icvs_wm": 0.37847424479135067,
  "inu_med": 1.1285381317138672,
  "inu_range": 0.24921817481517805,
  "provenance": {
    "md5sum": "d62fd62f7c55a41184544d01b8870c89",
    "settings": {
      "testing": false
    },
    "software": "mriqc",
    "version": "21.0.0rc2",
    "warnings": {
      "large_rot_frame": true,
      "small_air_mask": false
    },
    "webapi_port": null,
    "webapi_url": "https://mriqc.nimh.nih.gov/api/v1"
  },
  "qi_1": 3.289285170512135e-05,
  "qi_2": 0.004735670134753948,
  "rpve_csf": 15.779676132541674,
  "rpve_gm": 7.536753864818853,
  "rpve_wm": 9.78275376428443,
  "size_x": 512,
  "size_y": 512,
  "size_z": 48,
  "snr_csf": 3.3806312345868115,
  "snr_gm": 11.015575311381841,
  "snr_total": 7.788593177920774,
  "snr_wm": 8.96957298779367,
  "snrd_csf": 217.70680393464087,
  "snrd_gm": 102.11027087199972,
  "snrd_total": 127.80722698579734,
  "snrd_wm": 63.604606150751415,
  "spacing_x": 0.40625,
  "spacing_y": 0.40625,
  "spacing_z": 3.000009059906006,
  "summary_bg_k": 278.684398503601,
  "summary_bg_mad": 10.497042265418079,
  "summary_bg_mean": 21.989508403089246,
  "summary_bg_median": 14.160294830799103,
  "summary_bg_n": 2948872.0,
  "summary_bg_p05": 0.0,
  "summary_bg_p95": 49.41942895948887,
  "summary_bg_stdv": 61.276054462050325,
  "summary_csf_k": 1.2852625077829263,
  "summary_csf_mad": 891.4088291793032,
  "summary_csf_mean": 3540.2925050803406,
  "summary_csf_median": 3488.247028619051,
  "summary_csf_n": 369282.0,
  "summary_csf_p05": 1829.510092139244,
  "summary_csf_p95": 5158.737009808421,
  "summary_csf_stdv": 1031.8316502301564,
  "summary_gm_k": -0.2629218793398471,
  "summary_gm_mad": 159.76498327966314,
  "summary_gm_mean": 1642.0755139133814,
  "summary_gm_median": 1636.0804647505283,
  "summary_gm_n": 785046.0,
  "summary_gm_p05": 1413.7638359069824,
  "summary_gm_p95": 1888.8417274802923,
  "summary_gm_stdv": 148.5241920166722,
  "summary_wm_k": 0.24103920588052175,
  "summary_wm_mad": 111.89847054935672,
  "summary_wm_mean": 1014.3333639634436,
  "summary_wm_median": 1019.1164189726114,
  "summary_wm_n": 817720.0,
  "summary_wm_p05": 816.0577910989523,
  "summary_wm_p95": 1188.7567510455847,
  "summary_wm_stdv": 113.6192098792436,
  "tpm_overlap_csf": 0.14409023523330688,
  "tpm_overlap_gm": 0.4223572611808777,
  "tpm_overlap_wm": 0.4468851685523987,
  "wm2max": 0.18105867854661478
}