{
  "bids_meta": {
    "AcquisitionMatrixPE": 256,
    "AcquisitionNumber": 1,
    "AcquisitionTime": "11:12:12.152500",
    "BaseResolution": 256,
    "BodyPartExamined": "BRAIN",
    "ConsistencyInfo": "N4_VE11B_LATEST_20150530",
    "ConversionSoftware": "dcm2niix",
    "ConversionSoftwareVersion": "v1.0.20181125  GCC4.8.5",
    "DeviceSerialNumber": "67007",
    "DwellTime": 8.2e-06,
    "EchoTime": 0.00298,
    "FlipAngle": 9,
    "ImageOrientationPatientDICOM": [
      -0.0016807,
      0.999999,
      -4.36619e-08,
      0.0120386,
      2.01897e-05,
      -0.999928
    ],
    "ImageType": [
      "ORIGINAL",
      "PRIMARY",
      "M",
      "ND",
      "NORM"
    ],
    "ImagingFrequency": 123.211,
    "InPlanePhaseEncodingDirectionDICOM": "ROW",
    "InstitutionAddress": "Perth_Drive_100_London_Ontario_CA_N6A_5K8",
    "InstitutionName": "Robarts_Research_Institute",
    "InstitutionalDepartmentName": "CFMM",
    "InversionTime": 0.9,
    "MRAcquisitionType": "3D",
    "MagneticFieldStrength": 3,
    "Manufacturer": "Siemens",
    "ManufacturersModelName": "Prisma_fit",
    "Modality": "MR",
    "PartialFourier": 1,
    "PatientPosition": "HFS",
    "PercentPhaseFOV": 100,
    "PhaseEncodingSteps": 255,
    "PhaseResolution": 1,
    "PixelBandwidth": 240,
    "ProcedureStepDescription": "Diedrichsen_Feb2016",
    "ProtocolName": "mprage_sag_p2",
    "PulseSequenceDetails": "%SiemensSeq%_tfl",
    "ReceiveCoilActiveElements": "HEA;HEP",
    "ReceiveCoilName": "Head_32",
    "ReconMatrixPE": 256,
    "RepetitionTime": 2.3,
    "SAR": 0.087154,
    "ScanOptions": "IR",
    "ScanningSequence": "GR_IR",
    "SequenceName": "_tfl3d1_16ns",
    "SequenceVariant": "SK_SP_MP",
    "SeriesDescription": "mprage_sag_p2",
    "SeriesNumber": 2,
    "ShimSetting": [
      5254,
      -6264,
      -3805,
      193,
      -73,
      -227,
      -18,
      -55
    ],
    "SliceThickness": 1,
    "SoftwareVersions": "syngo_MR_E11",
    "StationName": "MRC35368",
    "TxRefAmp": 261.842,
    "dataset": "ds002105",
    "modality": "T1w",
    "session_id": "a1",
    "subject_id": "12"
  },
  "cjv": 0.36780544992814135,
  "cnr": 3.4876356461777123,
  "efc": 0.5477322730289643,
  "fber": 15290.601664684897,
  "fwhm_avg": 3.3960500000000002,
  "fwhm_x": 3.36188,
  "fwhm_y": 3.58097,
  "fwhm_z": 3.2453,
  "icvs_csf": 0.20351669987126964,
  "icvs_gm": 0.41000603752218234,
  "icvs_wm": 0.38647726260654797,
  "inu_med": 1.5118069648742676,
  "inu_range": 0.4002316653728486,
  "provenance": {
    "md5sum": "b62910311fa2f5ec87591551bcb5460d",
    "settings": {
      "testing": false
    },
    "software": "mriqc",
    "version": "21.0.0rc2",
    "warnings": {
      "large_rot_frame": true,
      "small_air_mask": false
    },
    "webapi_port": null,
    "webapi_url": "https://mriqc.nimh.nih.gov/api/v1"
  },
  "qi_1": 0.016783220792275035,
  "qi_2": 0.024190199021375505,
  "rpve_csf": 27.582582640494262,
  "rpve_gm": 14.465573291123953,
  "rpve_wm": 19.41097288341544,
  "size_x": 176,
  "size_y": 256,
  "size_z": 256,
  "snr_csf": 3.1520691347576073,
  "snr_gm": 9.714515821213963,
  "snr_total": 11.499268328071272,
  "snr_wm": 21.631220028242247,
  "snrd_csf": 30.623237941928075,
  "snrd_gm": 54.26777555923714,
  "snrd_total": 54.16111420056393,
  "snrd_wm": 77.59232910052656,
  "spacing_x": 1.0,
  "spacing_y": 1.0,
  "spacing_z": 1.0,
  "summary_bg_k": 4358.382250368914,
  "summary_bg_mad": 8.443313646088196,
  "summary_bg_mean": 6.221232686671892,
  "summary_bg_median": 5.694928511977196,
  "summary_bg_n": 2634284.0,
  "summary_bg_p05": 0.0,
  "summary_bg_p95": 17.182973958551884,
  "summary_bg_stdv": 10.430373225460523,
  "summary_csf_k": -0.5199309309088758,
  "summary_csf_mad": 144.95568212228142,
  "summary_csf_mean": 383.4335879208719,
  "summary_csf_median": 394.6683647222817,
  "summary_csf_n": 10590.0,
  "summary_csf_p05": 189.1280849406496,
  "summary_csf_p95": 576.5943288637324,
  "summary_csf_stdv": 125.20338653712889,
  "summary_gm_k": 0.21043708295695085,
  "summary_gm_mad": 68.12880666153924,
  "summary_gm_mean": 701.7013860565476,
  "summary_gm_median": 699.3961343243718,
  "summary_gm_n": 18544.0,
  "summary_gm_p05": 585.9467761183157,
  "summary_gm_p95": 824.2918078973889,
  "summary_gm_stdv": 71.99301428852601,
  "summary_wm_k": 0.9011510215187135,
  "summary_wm_mad": 42.43492979025361,
  "summary_wm_mean": 998.519196796232,
  "summary_wm_median": 999.9999901764095,
  "summary_wm_n": 196610.0,
  "summary_wm_p05": 920.2218967974186,
  "summary_wm_p95": 1070.5483718290925,
  "summary_wm_stdv": 46.22935949807451,
  "tpm_overlap_csf": 0.16784605383872986,
  "tpm_overlap_gm": 0.4365204870700836,
  "tpm_overlap_wm": 0.4904869496822357,
  "wm2max": 0.4397943142728493
}