{
  "bids_meta": {
    "AcquisitionMatrixPE": 256,
    "AcquisitionNumber": 1,
    "AcquisitionTime": "16:52:47.877500",
    "BaseResolution": 256,
    "BodyPartExamined": "BRAIN",
    "ConsistencyInfo": "N4_VE11B_LATEST_20150530",
    "ConversionSoftware": "dcm2niix",
    "ConversionSoftwareVersion": "v1.0.20181125  GCC4.8.5",
    "DeviceSerialNumber": "67007",
    "DwellTime": 8.9e-06,
    "EchoTime": 0.091,
    "EchoTrainLength": 18,
    "FlipAngle": 120,
    "ImageOrientationPatientDICOM": [
      1,
      0,
      0,
      0,
      0.859852,
      -0.510543
    ],
    "ImageType": [
      "ORIGINAL",
      "PRIMARY",
      "M",
      "ND",
      "NORM"
    ],
    "ImagingFrequency": 123.211,
    "InPlanePhaseEncodingDirectionDICOM": "COL",
    "InstitutionAddress": "Perth_Drive_100_London_Ontario_CA_N6A_5K8",
    "InstitutionName": "Robarts_Research_Institute",
    "InstitutionalDepartmentName": "CFMM",
    "Interpolation2D": 1,
    "MRAcquisitionType": "2D",
    "MagneticFieldStrength": 3,
    "Manufacturer": "Siemens",
    "ManufacturersModelName": "Prisma_fit",
    "Modality": "MR",
    "ParallelReductionFactorInPlane": 2,
    "PartialFourier": 1,
    "PatientPosition": "HFS",
    "PercentPhaseFOV": 100,
    "PhaseEncodingDirection": "j-",
    "PhaseEncodingSteps": 255,
    "PhaseResolution": 1,
    "PixelBandwidth": 220,
    "ProcedureStepDescription": "Diedrichsen_MCC",
    "ProtocolName": "t2_tse_tra_256_p2",
    "PulseSequenceDetails": "%SiemensSeq%_tse",
    "ReceiveCoilActiveElements": "HEA;HEP",
    "ReceiveCoilName": "Head_32",
    "ReconMatrixPE": 512,
    "RepetitionTime": 8.53,
    "SAR": 0.607929,
    "ScanningSequence": "SE",
    "SequenceName": "_tse2d1_18",
    "SequenceVariant": "SK_SP",
    "SeriesDescription": "t2_tse_tra_256_p2",
    "SeriesNumber": 20,
    "ShimSetting": [
      5237,
      -6157,
      -4055,
      53,
      3,
      -37,
      -27,
      1
    ],
    "SliceThickness": 3,
    "SoftwareVersions": "syngo_MR_E11",
    "SpacingBetweenSlices": 3,
    "StationName": "MRC35368",
    "TxRefAmp": 280.899,
    "dataset": "ds002105",
    "modality": "T2w",
    "session_id": "b2",
    "subject_id": "21"
  },
  "cjv": 0.4493180411806524,
  "cnr": 3.2171581292224345,
  "efc": 0.6044970504946772,
  "fber": 7881.3307834164325,
  "fwhm_avg": 4.855649756645326,
  "fwhm_x": 6.109267692307692,
  "fwhm_y": 6.769796923076924,
  "fwhm_z": 1.6878846545513615,
  "icvs_csf": 0.16349936327473483,
  "icvs_gm": 0.4378980426976203,
  "icvs_wm": 0.39860259402764486,
  "inu_med": 1.2363306283950806,
  "inu_range": 0.24150991439819336,
  "provenance": {
    "md5sum": "f7a243cb09db0738211bd36289f93931",
    "settings": {
      "testing": false
    },
    "software": "mriqc",
    "version": "21.0.0rc2",
    "warnings": {
      "large_rot_frame": true,
      "small_air_mask": false
    },
    "webapi_port": null,
    "webapi_url": "https://mriqc.nimh.nih.gov/api/v1"
  },
  "qi_1": 0.005751138051424493,
  "qi_2": 0.006241612807950504,
  "rpve_csf": 13.811422385076616,
  "rpve_gm": 5.893778516599126,
  "rpve_wm": 7.180162925523662,
  "size_x": 512,
  "size_y": 512,
  "size_z": 48,
  "snr_csf": 2.9588081234197676,
  "snr_gm": 11.371304067332415,
  "snr_total": 7.99418296242708,
  "snr_wm": 9.652436696529055,
  "snrd_csf": 206.0767391441079,
  "snrd_gm": 101.90830871341781,
  "snrd_total": 124.48054996668834,
  "snrd_wm": 65.45660204253933,
  "spacing_x": 0.40625,
  "spacing_y": 0.40625,
  "spacing_z": 3.0000035762786865,
  "summary_bg_k": 982.6629940780346,
  "summary_bg_mad": 10.196024172007535,
  "summary_bg_mean": 16.427552187893415,
  "summary_bg_median": 13.641488023102283,
  "summary_bg_n": 3298870.0,
  "summary_bg_p05": 0.0,
  "summary_bg_p95": 40.69898492842913,
  "summary_bg_stdv": 22.42435619909778,
  "summary_csf_k": 0.6331015090231622,
  "summary_csf_mad": 889.5613220233458,
  "summary_csf_mean": 3148.2325096519676,
  "summary_csf_median": 3207.215299844742,
  "summary_csf_n": 418332.0,
  "summary_csf_p05": 595.8286297693849,
  "summary_csf_p95": 4715.445273175836,
  "summary_csf_stdv": 1083.9538532827548,
  "summary_gm_k": -0.18661071328874446,
  "summary_gm_mad": 147.25733271374816,
  "summary_gm_mean": 1593.9831187933296,
  "summary_gm_median": 1586.0202769339085,
  "summary_gm_n": 1020014.0,
  "summary_gm_p05": 1381.9616544395685,
  "summary_gm_p95": 1830.1014469340444,
  "summary_gm_stdv": 139.47560368557902,
  "summary_wm_k": -0.07146781045802397,
  "summary_wm_mad": 107.64327158644019,
  "summary_wm_mean": 1012.4186422176692,
  "summary_wm_median": 1018.7147584855556,
  "summary_wm_n": 1092330.0,
  "summary_wm_p05": 825.5918743237853,
  "summary_wm_p95": 1172.1533138528466,
  "summary_wm_stdv": 105.53959836361325,
  "tpm_overlap_csf": 0.15931813418865204,
  "tpm_overlap_gm": 0.4494629204273224,
  "tpm_overlap_wm": 0.45809972286224365,
  "wm2max": 0.20351809725444267
}