{
  "aor": 0.00014275,
  "aqi": 0.0075110373000000005,
  "bids_meta": {
    "AcquisitionMatrixPE": 84,
    "AcquisitionNumber": 1,
    "AcquisitionTime": "19:18:31.952500",
    "BandwidthPerPixelPhaseEncode": 33.069,
    "BaseResolution": 84,
    "BodyPartExamined": "BRAIN",
    "ConsistencyInfo": "N4_VE11B_LATEST_20150530",
    "ConversionSoftware": "dcm2niix",
    "ConversionSoftwareVersion": "v1.0.20181125  GCC4.8.5",
    "DerivedVendorReportedEchoSpacing": 0.000719995,
    "DeviceSerialNumber": "67007",
    "DwellTime": 3.8e-06,
    "EchoTime": 0.03,
    "EchoTrainLength": 36,
    "EffectiveEchoSpacing": 0.000359998,
    "FlipAngle": 40,
    "ImageComments": "Unaliased_MB3_PE4",
    "ImageOrientationPatientDICOM": [
      1,
      0,
      0,
      0,
      0.866025,
      -0.5
    ],
    "ImageType": [
      "ORIGINAL",
      "PRIMARY",
      "M",
      "MB",
      "ND",
      "NORM",
      "MOSAIC"
    ],
    "ImagingFrequency": 123.211,
    "InPlanePhaseEncodingDirectionDICOM": "COL",
    "InstitutionAddress": "Perth_Drive_100_London_Ontario_CA_N6A_5K8",
    "InstitutionName": "Robarts_Research_Institute",
    "InstitutionalDepartmentName": "CFMM",
    "MRAcquisitionType": "2D",
    "MagneticFieldStrength": 3,
    "Manufacturer": "Siemens",
    "ManufacturersModelName": "Prisma_fit",
    "Modality": "MR",
    "MultibandAccelerationFactor": 3,
    "ParallelReductionFactorInPlane": 2,
    "PartialFourier": 0.875,
    "PatientPosition": "HFS",
    "PercentPhaseFOV": 100,
    "PhaseEncodingDirection": "j-",
    "PhaseEncodingSteps": 73,
    "PhaseResolution": 1,
    "PixelBandwidth": 1565,
    "ProcedureStepDescription": "Diedrichsen_MCC",
    "ProtocolName": "ep_bold_mb3_p2",
    "PulseSequenceDetails": "%CustomerSeq%_cmrr_mbep2d_bold",
    "ReceiveCoilActiveElements": "HEA;HEP",
    "ReceiveCoilName": "Head_32",
    "ReconMatrixPE": 84,
    "RepetitionTime": 1,
    "SAR": 0.0922033,
    "ScanOptions": "PFP_FS_EXT",
    "ScanningSequence": "EP",
    "SequenceName": "epfid2d1_84",
    "SequenceVariant": "SK_SS",
    "SeriesDescription": "ep_bold_mb3_p2",
    "SeriesNumber": 2,
    "ShimSetting": [
      5303,
      -6214,
      -3882,
      678,
      210,
      34,
      -324,
      -104
    ],
    "SliceThickness": 3,
    "SliceTiming": [
      0,
      0.43,
      0.8575,
      0.3075,
      0.735,
      0.185,
      0.6125,
      0.0625,
      0.49,
      0.92,
      0.3675,
      0.7975,
      0.245,
      0.675,
      0.1225,
      0.5525,
      0,
      0.43,
      0.8575,
      0.3075,
      0.735,
      0.185,
      0.6125,
      0.0625,
      0.49,
      0.92,
      0.3675,
      0.7975,
      0.245,
      0.675,
      0.1225,
      0.5525,
      0,
      0.43,
      0.8575,
      0.3075,
      0.735,
      0.185,
      0.6125,
      0.0625,
      0.49,
      0.92,
      0.3675,
      0.7975,
      0.245,
      0.675,
      0.1225,
      0.5525
    ],
    "SoftwareVersions": "syngo_MR_E11",
    "SpacingBetweenSlices": 3,
    "StationName": "MRC35368",
    "TaskName": "b",
    "TotalReadoutTime": 0.0298798,
    "TxRefAmp": 246.259,
    "WipMemBlock": "8fd3e36d-257b-434d-a77d-f52fd0531b01||Sequence: ve11b/master r/50434d5; Mar  3 2017 10:46:13 by eja",
    "dataset": "ds002105",
    "modality": "bold",
    "run_id": 1,
    "session_id": "b2",
    "subject_id": "27",
    "task_id": "b"
  },
  "dummy_trs": 1,
  "dvars_nstd": 35.8976638837563,
  "dvars_std": 1.2777375041903172,
  "dvars_vstd": 0.9889175085976623,
  "efc": 0.44618739072154373,
  "fber": 4929.65234375,
  "fd_mean": 0.13078439670636471,
  "fd_num": 44,
  "fd_perc": 7.333333333333333,
  "fwhm_avg": 1.7751367509527665,
  "fwhm_x": 1.7428707053026529,
  "fwhm_y": 1.8492195475556465,
  "fwhm_z": 1.73332,
  "gcor": 0.00932147,
  "gsr_x": -0.008918855339288712,
  "gsr_y": 0.012277878820896149,
  "provenance": {
    "md5sum": "409b2773abaf5d2994d62453851eab94",
    "settings": {
      "fd_thres": 0.2,
      "testing": false
    },
    "software": "mriqc",
    "version": "21.0.0rc2",
    "webapi_port": null,
    "webapi_url": "https://mriqc.nimh.nih.gov/api/v1"
  },
  "size_t": 600,
  "size_x": 84,
  "size_y": 84,
  "size_z": 48,
  "snr": 5.308408152308904,
  "spacing_tr": 1.0,
  "spacing_x": 2.4761905670166016,
  "spacing_y": 2.4761905670166016,
  "spacing_z": 3.0,
  "summary_bg_k": 27.48767729045629,
  "summary_bg_mad": 33.18311076530624,
  "summary_bg_mean": 143.9836883544922,
  "summary_bg_median": 51.331668853759766,
  "summary_bg_n": 239658.0,
  "summary_bg_p05": 22.95308475494385,
  "summary_bg_p95": 585.1902465820308,
  "summary_bg_stdv": 280.5867614746094,
  "summary_fg_k": 3.4102940239963973,
  "summary_fg_mad": 622.4940328663301,
  "summary_fg_mean": 3711.08056640625,
  "summary_fg_median": 3637.507568359375,
  "summary_fg_n": 46466.0,
  "summary_fg_p05": 2808.7672119140625,
  "summary_fg_p95": 4844.9769287109375,
  "summary_fg_stdv": 685.2277221679688,
  "tsnr": 53.10487921652384
}