{
  "aor": 0.0002883028286189684,
  "aqi": 0.010348937254575707,
  "bids_meta": {
    "AcquisitionMatrixPE": 84,
    "AcquisitionNumber": 1,
    "AcquisitionTime": "14:42:56.705000",
    "BandwidthPerPixelPhaseEncode": 33.069,
    "BaseResolution": 84,
    "BodyPartExamined": "BRAIN",
    "ConsistencyInfo": "N4_VE11B_LATEST_20150530",
    "ConversionSoftware": "dcm2niix",
    "ConversionSoftwareVersion": "v1.0.20181125  GCC4.8.5",
    "DerivedVendorReportedEchoSpacing": 0.000719995,
    "DeviceSerialNumber": "67007",
    "DwellTime": 3.8e-06,
    "EchoTime": 0.03,
    "EchoTrainLength": 36,
    "EffectiveEchoSpacing": 0.000359998,
    "FlipAngle": 40,
    "ImageComments": "Unaliased_MB3_PE4",
    "ImageOrientationPatientDICOM": [
      1,
      0,
      0,
      0,
      0.934826,
      -0.355107
    ],
    "ImageType": [
      "ORIGINAL",
      "PRIMARY",
      "M",
      "MB",
      "ND",
      "NORM",
      "MOSAIC"
    ],
    "ImagingFrequency": 123.211,
    "InPlanePhaseEncodingDirectionDICOM": "COL",
    "InstitutionAddress": "Perth_Drive_100_London_Ontario_CA_N6A_5K8",
    "InstitutionName": "Robarts_Research_Institute",
    "InstitutionalDepartmentName": "CFMM",
    "MRAcquisitionType": "2D",
    "MagneticFieldStrength": 3,
    "Manufacturer": "Siemens",
    "ManufacturersModelName": "Prisma_fit",
    "Modality": "MR",
    "MultibandAccelerationFactor": 3,
    "ParallelReductionFactorInPlane": 2,
    "PartialFourier": 0.875,
    "PatientPosition": "HFS",
    "PercentPhaseFOV": 100,
    "PhaseEncodingDirection": "j-",
    "PhaseEncodingSteps": 73,
    "PhaseResolution": 1,
    "PixelBandwidth": 1565,
    "ProcedureStepDescription": "Diedrichsen_Feb2016",
    "ProtocolName": "ep_bold_mb3_p2",
    "PulseSequenceDetails": "%CustomerSeq%_cmrr_mbep2d_bold",
    "ReceiveCoilActiveElements": "HEA;HEP",
    "ReceiveCoilName": "Head_32",
    "ReconMatrixPE": 84,
    "RepetitionTime": 1,
    "SAR": 0.0794133,
    "ScanOptions": "PFP_FS",
    "ScanningSequence": "EP",
    "SequenceName": "epfid2d1_84",
    "SequenceVariant": "SK_SS",
    "SeriesDescription": "ep_bold_mb3_p2",
    "SeriesNumber": 5,
    "ShimSetting": [
      5293,
      -6154,
      -3837,
      781,
      193,
      157,
      -351,
      -51
    ],
    "SliceThickness": 3,
    "SliceTiming": [
      0,
      0.4275,
      0.855,
      0.305,
      0.7325,
      0.1825,
      0.61,
      0.06,
      0.4875,
      0.9175,
      0.365,
      0.795,
      0.2425,
      0.6725,
      0.12,
      0.55,
      0,
      0.4275,
      0.855,
      0.305,
      0.7325,
      0.1825,
      0.61,
      0.06,
      0.4875,
      0.9175,
      0.365,
      0.795,
      0.2425,
      0.6725,
      0.12,
      0.55,
      0,
      0.4275,
      0.855,
      0.305,
      0.7325,
      0.1825,
      0.61,
      0.06,
      0.4875,
      0.9175,
      0.365,
      0.795,
      0.2425,
      0.6725,
      0.12,
      0.55
    ],
    "SoftwareVersions": "syngo_MR_E11",
    "SpacingBetweenSlices": 3,
    "StationName": "MRC35368",
    "TaskName": "a",
    "TotalReadoutTime": 0.0298798,
    "TxRefAmp": 251.957,
    "WipMemBlock": "847b001d-6009-4837-b97e-123c134a1f48||Sequence: ve11b/R013 r/f10bb7f; Apr  4 2016 11:55:08 by eja",
    "dataset": "ds002105",
    "modality": "bold",
    "run_id": 3,
    "session_id": "a1",
    "subject_id": "03",
    "task_id": "a"
  },
  "dummy_trs": 0,
  "dvars_nstd": 29.239449405633344,
  "dvars_std": 1.1260322838833325,
  "dvars_vstd": 0.9939683384500004,
  "efc": 0.4842778391347987,
  "fber": 5100.8076171875,
  "fd_mean": 0.08795371964837964,
  "fd_num": 6,
  "fd_perc": 0.9983361064891847,
  "fwhm_avg": 1.8014879460692548,
  "fwhm_x": 1.7812360885108036,
  "fwhm_y": 1.9306510830302943,
  "fwhm_z": 1.6925766666666666,
  "gcor": 0.00978842,
  "gsr_x": 0.0006908392533659935,
  "gsr_y": 0.02006828784942627,
  "provenance": {
    "md5sum": "ad0419dfd83bd13d30e041a4fad3b6cd",
    "settings": {
      "fd_thres": 0.2,
      "testing": false
    },
    "software": "mriqc",
    "version": "21.0.0rc2",
    "webapi_port": null,
    "webapi_url": "https://mriqc.nimh.nih.gov/api/v1"
  },
  "size_t": 601,
  "size_x": 84,
  "size_y": 84,
  "size_z": 48,
  "snr": 5.663160273467703,
  "spacing_tr": 1.0,
  "spacing_x": 2.4761905670166016,
  "spacing_y": 2.4761905670166016,
  "spacing_z": 3.0,
  "summary_bg_k": 33.66585627232235,
  "summary_bg_mad": 36.828235231410325,
  "summary_bg_mean": 163.04141235351562,
  "summary_bg_median": 52.46422576904297,
  "summary_bg_n": 226084.0,
  "summary_bg_p05": 23.1846923828125,
  "summary_bg_p95": 705.6241088867185,
  "summary_bg_stdv": 302.6460266113281,
  "summary_fg_k": 4.8320285123641895,
  "summary_fg_mad": 574.1250403961656,
  "summary_fg_mean": 3873.97802734375,
  "summary_fg_median": 3806.166259765625,
  "summary_fg_n": 56879.0,
  "summary_fg_p05": 2993.426318359375,
  "summary_fg_p95": 4968.378173828125,
  "summary_fg_stdv": 672.0863647460938,
  "tsnr": 51.67320394143462
}