{
  "aor": 0.0008979229480737018,
  "aqi": 0.011790997169179227,
  "bids_meta": {
    "AcquisitionMatrixPE": 84,
    "AcquisitionNumber": 1,
    "AcquisitionTime": "14:44:46.572500",
    "BandwidthPerPixelPhaseEncode": 33.069,
    "BaseResolution": 84,
    "BodyPartExamined": "BRAIN",
    "ConsistencyInfo": "N4_VE11B_LATEST_20150530",
    "ConversionSoftware": "dcm2niix",
    "ConversionSoftwareVersion": "v1.0.20181125  GCC4.8.5",
    "DerivedVendorReportedEchoSpacing": 0.000719995,
    "DeviceSerialNumber": "67007",
    "DwellTime": 3.8e-06,
    "EchoTime": 0.03,
    "EchoTrainLength": 36,
    "EffectiveEchoSpacing": 0.000359998,
    "FlipAngle": 40,
    "ImageComments": "Unaliased_MB3_PE4",
    "ImageOrientationPatientDICOM": [
      1,
      0,
      0,
      0,
      0.918446,
      -0.395546
    ],
    "ImageType": [
      "ORIGINAL",
      "PRIMARY",
      "M",
      "MB",
      "ND",
      "NORM",
      "MOSAIC"
    ],
    "ImagingFrequency": 123.211,
    "InPlanePhaseEncodingDirectionDICOM": "COL",
    "InstitutionAddress": "Perth_Drive_100_London_Ontario_CA_N6A_5K8",
    "InstitutionName": "Robarts_Research_Institute",
    "InstitutionalDepartmentName": "CFMM",
    "MRAcquisitionType": "2D",
    "MagneticFieldStrength": 3,
    "Manufacturer": "Siemens",
    "ManufacturersModelName": "Prisma_fit",
    "Modality": "MR",
    "MultibandAccelerationFactor": 3,
    "ParallelReductionFactorInPlane": 2,
    "PartialFourier": 0.875,
    "PatientPosition": "HFS",
    "PercentPhaseFOV": 100,
    "PhaseEncodingDirection": "j-",
    "PhaseEncodingSteps": 73,
    "PhaseResolution": 1,
    "PixelBandwidth": 1565,
    "ProcedureStepDescription": "Diedrichsen_MCC",
    "ProtocolName": "ep_bold_mb3_p2",
    "PulseSequenceDetails": "%CustomerSeq%_cmrr_mbep2d_bold",
    "ReceiveCoilActiveElements": "HEA;HEP",
    "ReceiveCoilName": "Head_32",
    "ReconMatrixPE": 84,
    "RepetitionTime": 1,
    "SAR": 0.0890208,
    "ScanOptions": "PFP_FS_EXT",
    "ScanningSequence": "EP",
    "SequenceName": "epfid2d1_84",
    "SequenceVariant": "SK_SS",
    "SeriesDescription": "ep_bold_mb3_p2",
    "SeriesNumber": 8,
    "ShimSetting": [
      5203,
      -6188,
      -3930,
      520,
      24,
      141,
      -63,
      15
    ],
    "SliceThickness": 3,
    "SliceTiming": [
      0,
      0.43,
      0.8575,
      0.3075,
      0.735,
      0.185,
      0.6125,
      0.0625,
      0.49,
      0.92,
      0.3675,
      0.7975,
      0.245,
      0.675,
      0.1225,
      0.5525,
      0,
      0.43,
      0.8575,
      0.3075,
      0.735,
      0.185,
      0.6125,
      0.0625,
      0.49,
      0.92,
      0.3675,
      0.7975,
      0.245,
      0.675,
      0.1225,
      0.5525,
      0,
      0.43,
      0.8575,
      0.3075,
      0.735,
      0.185,
      0.6125,
      0.0625,
      0.49,
      0.92,
      0.3675,
      0.7975,
      0.245,
      0.675,
      0.1225,
      0.5525
    ],
    "SoftwareVersions": "syngo_MR_E11",
    "SpacingBetweenSlices": 3,
    "StationName": "MRC35368",
    "TaskName": "b",
    "TotalReadoutTime": 0.0298798,
    "TxRefAmp": 288.493,
    "WipMemBlock": "371eace8-47bd-42d3-a54d-1e8cf21e46b9||Sequence: ve11b/master r/50434d5; Mar  3 2017 10:46:13 by eja",
    "dataset": "ds002105",
    "modality": "bold",
    "run_id": 4,
    "session_id": "b2",
    "subject_id": "04",
    "task_id": "b"
  },
  "dummy_trs": 4,
  "dvars_nstd": 34.374360935520144,
  "dvars_std": 1.1255610585738252,
  "dvars_vstd": 1.0101333008053697,
  "efc": 0.5177575613549462,
  "fber": 3421.024658203125,
  "fd_mean": 0.12785152567514885,
  "fd_num": 79,
  "fd_perc": 13.23283082077052,
  "fwhm_avg": 1.913185015892065,
  "fwhm_x": 1.834636663475159,
  "fwhm_y": 2.1084483842010355,
  "fwhm_z": 1.79647,
  "gcor": 0.014418,
  "gsr_x": -0.0057637388817965984,
  "gsr_y": 0.03807966783642769,
  "provenance": {
    "md5sum": "45d9024fe0030ada5f48fc45c286e75e",
    "settings": {
      "fd_thres": 0.2,
      "testing": false
    },
    "software": "mriqc",
    "version": "21.0.0rc2",
    "webapi_port": null,
    "webapi_url": "https://mriqc.nimh.nih.gov/api/v1"
  },
  "size_t": 597,
  "size_x": 84,
  "size_y": 84,
  "size_z": 48,
  "snr": 4.747986762877829,
  "spacing_tr": 1.0,
  "spacing_x": 2.4761905670166016,
  "spacing_y": 2.4761905670166016,
  "spacing_z": 3.0,
  "summary_bg_k": 21.514065866599665,
  "summary_bg_mad": 40.05384973521257,
  "summary_bg_mean": 174.20884704589844,
  "summary_bg_median": 56.99748992919922,
  "summary_bg_n": 214258.0,
  "summary_bg_p05": 24.715242385864258,
  "summary_bg_p95": 773.8195068359373,
  "summary_bg_stdv": 307.0312194824219,
  "summary_fg_k": 4.247718040018808,
  "summary_fg_mad": 582.0715855878335,
  "summary_fg_mean": 3503.62646484375,
  "summary_fg_median": 3399.787353515625,
  "summary_fg_n": 66181.0,
  "summary_fg_p05": 2631.822509765625,
  "summary_fg_p95": 4714.859375,
  "summary_fg_stdv": 716.0427856445312,
  "tsnr": 41.55599333276041
}