{
  "aor": 0.00022601666666666667,
  "aqi": 0.010592588816666667,
  "bids_meta": {
    "AcquisitionMatrixPE": 84,
    "AcquisitionNumber": 1,
    "AcquisitionTime": "10:24:15.020000",
    "BandwidthPerPixelPhaseEncode": 33.069,
    "BaseResolution": 84,
    "BodyPartExamined": "BRAIN",
    "ConsistencyInfo": "N4_VE11B_LATEST_20150530",
    "ConversionSoftware": "dcm2niix",
    "ConversionSoftwareVersion": "v1.0.20181125  GCC4.8.5",
    "DerivedVendorReportedEchoSpacing": 0.000719995,
    "DeviceSerialNumber": "67007",
    "DwellTime": 3.8e-06,
    "EchoTime": 0.03,
    "EchoTrainLength": 36,
    "EffectiveEchoSpacing": 0.000359998,
    "FlipAngle": 40,
    "ImageComments": "Unaliased_MB3_PE4",
    "ImageOrientationPatientDICOM": [
      1,
      0,
      0,
      0,
      0.845262,
      -0.534352
    ],
    "ImageType": [
      "ORIGINAL",
      "PRIMARY",
      "M",
      "MB",
      "ND",
      "NORM",
      "MOSAIC"
    ],
    "ImagingFrequency": 123.211,
    "InPlanePhaseEncodingDirectionDICOM": "COL",
    "InstitutionAddress": "Perth_Drive_100_London_Ontario_CA_N6A_5K8",
    "InstitutionName": "Robarts_Research_Institute",
    "InstitutionalDepartmentName": "CFMM",
    "MRAcquisitionType": "2D",
    "MagneticFieldStrength": 3,
    "Manufacturer": "Siemens",
    "ManufacturersModelName": "Prisma_fit",
    "Modality": "MR",
    "MultibandAccelerationFactor": 3,
    "ParallelReductionFactorInPlane": 2,
    "PartialFourier": 0.875,
    "PatientPosition": "HFS",
    "PercentPhaseFOV": 100,
    "PhaseEncodingDirection": "j-",
    "PhaseEncodingSteps": 73,
    "PhaseResolution": 1,
    "PixelBandwidth": 1565,
    "ProcedureStepDescription": "Diedrichsen_MCC",
    "ProtocolName": "ep_bold_mb3_p2_RS",
    "PulseSequenceDetails": "%CustomerSeq%_cmrr_mbep2d_bold",
    "ReceiveCoilActiveElements": "HEA;HEP",
    "ReceiveCoilName": "Head_32",
    "ReconMatrixPE": 84,
    "RepetitionTime": 1,
    "SAR": 0.0759618,
    "ScanOptions": "PFP_FS_EXT",
    "ScanningSequence": "EP",
    "SequenceName": "epfid2d1_84",
    "SequenceVariant": "SK_SS",
    "SeriesDescription": "ep_bold_mb3_p2_RS",
    "SeriesNumber": 4,
    "ShimSetting": [
      5230,
      -6230,
      -3960,
      368,
      94,
      -41,
      10,
      11
    ],
    "SliceThickness": 3,
    "SliceTiming": [
      0,
      0.4275,
      0.8575,
      0.305,
      0.735,
      0.1825,
      0.6125,
      0.06,
      0.49,
      0.9175,
      0.3675,
      0.795,
      0.245,
      0.6725,
      0.1225,
      0.55,
      0,
      0.4275,
      0.8575,
      0.305,
      0.735,
      0.1825,
      0.6125,
      0.06,
      0.49,
      0.9175,
      0.3675,
      0.795,
      0.245,
      0.6725,
      0.1225,
      0.55,
      0,
      0.4275,
      0.8575,
      0.305,
      0.735,
      0.1825,
      0.6125,
      0.06,
      0.49,
      0.9175,
      0.3675,
      0.795,
      0.245,
      0.6725,
      0.1225,
      0.55
    ],
    "SoftwareVersions": "syngo_MR_E11",
    "SpacingBetweenSlices": 3,
    "StationName": "MRC35368",
    "TaskName": "rest",
    "TotalReadoutTime": 0.0298798,
    "TxRefAmp": 275.577,
    "WipMemBlock": "7fd46140-7ae8-4482-85e9-8af55f1374f2||Sequence: ve11b/master r/50434d5; Mar  3 2017 10:46:13 by eja",
    "dataset": "ds002105",
    "modality": "bold",
    "run_id": 2,
    "session_id": "rest",
    "subject_id": "31",
    "task_id": "rest"
  },
  "dummy_trs": 1,
  "dvars_nstd": 31.785664308363998,
  "dvars_std": 1.1047136118196992,
  "dvars_vstd": 0.9892765989983299,
  "efc": 0.48137620236704176,
  "fber": 3770.031982421875,
  "fd_mean": 0.10207752772946665,
  "fd_num": 4,
  "fd_perc": 0.6666666666666666,
  "fwhm_avg": 1.8338886079686016,
  "fwhm_x": 1.8475597399242203,
  "fwhm_y": 1.9047160839815844,
  "fwhm_z": 1.74939,
  "gcor": 0.00766508,
  "gsr_x": -0.004065501503646374,
  "gsr_y": 0.006810699123889208,
  "provenance": {
    "md5sum": "5f9279e7378bfefd112558a8574f8d54",
    "settings": {
      "fd_thres": 0.2,
      "testing": false
    },
    "software": "mriqc",
    "version": "21.0.0rc2",
    "webapi_port": null,
    "webapi_url": "https://mriqc.nimh.nih.gov/api/v1"
  },
  "size_t": 600,
  "size_x": 84,
  "size_y": 84,
  "size_z": 48,
  "snr": 5.464232018556356,
  "spacing_tr": 1.0,
  "spacing_x": 2.4761905670166016,
  "spacing_y": 2.4761905670166016,
  "spacing_z": 3.0,
  "summary_bg_k": 30.016855245723733,
  "summary_bg_mad": 31.22236899199186,
  "summary_bg_mean": 120.65666198730469,
  "summary_bg_median": 48.24250030517578,
  "summary_bg_n": 225572.0,
  "summary_bg_p05": 22.065917396545412,
  "summary_bg_p95": 436.42601013183514,
  "summary_bg_stdv": 217.217529296875,
  "summary_fg_k": 3.821521034351065,
  "summary_fg_mad": 460.85582354143946,
  "summary_fg_mean": 3075.201904296875,
  "summary_fg_median": 3007.132568359375,
  "summary_fg_n": 57066.0,
  "summary_fg_p05": 2374.407958984375,
  "summary_fg_p95": 4018.0250244140625,
  "summary_fg_stdv": 550.3255004882812,
  "tsnr": 46.27222692221403
}