{
  "aor": 0.0006087520798668885,
  "aqi": 0.010294643178036604,
  "bids_meta": {
    "AcquisitionMatrixPE": 84,
    "AcquisitionNumber": 1,
    "AcquisitionTime": "14:37:6.925000",
    "BandwidthPerPixelPhaseEncode": 33.069,
    "BaseResolution": 84,
    "BodyPartExamined": "BRAIN",
    "ConsistencyInfo": "N4_VE11B_LATEST_20150530",
    "ConversionSoftware": "dcm2niix",
    "ConversionSoftwareVersion": "v1.0.20181125  GCC4.8.5",
    "DerivedVendorReportedEchoSpacing": 0.000719995,
    "DeviceSerialNumber": "67007",
    "DwellTime": 3.8e-06,
    "EchoTime": 0.03,
    "EchoTrainLength": 36,
    "EffectiveEchoSpacing": 0.000359998,
    "FlipAngle": 40,
    "ImageComments": "Unaliased_MB3_PE4",
    "ImageOrientationPatientDICOM": [
      1,
      0,
      0,
      0,
      0.849893,
      -0.526956
    ],
    "ImageType": [
      "ORIGINAL",
      "PRIMARY",
      "M",
      "MB",
      "ND",
      "NORM",
      "MOSAIC"
    ],
    "ImagingFrequency": 123.211,
    "InPlanePhaseEncodingDirectionDICOM": "COL",
    "InstitutionAddress": "Perth_Drive_100_London_Ontario_CA_N6A_5K8",
    "InstitutionName": "Robarts_Research_Institute",
    "InstitutionalDepartmentName": "CFMM",
    "MRAcquisitionType": "2D",
    "MagneticFieldStrength": 3,
    "Manufacturer": "Siemens",
    "ManufacturersModelName": "Prisma_fit",
    "Modality": "MR",
    "MultibandAccelerationFactor": 3,
    "ParallelReductionFactorInPlane": 2,
    "PartialFourier": 0.875,
    "PatientPosition": "HFS",
    "PercentPhaseFOV": 100,
    "PhaseEncodingDirection": "j-",
    "PhaseEncodingSteps": 73,
    "PhaseResolution": 1,
    "PixelBandwidth": 1565,
    "ProcedureStepDescription": "Diedrichsen_MCC",
    "ProtocolName": "ep_bold_mb3_p2",
    "PulseSequenceDetails": "%CustomerSeq%_cmrr_mbep2d_bold",
    "ReceiveCoilActiveElements": "HEA;HEP",
    "ReceiveCoilName": "Head_32",
    "ReconMatrixPE": 84,
    "RepetitionTime": 1,
    "SAR": 0.0757934,
    "ScanOptions": "PFP_FS_EXT",
    "ScanningSequence": "EP",
    "SequenceName": "epfid2d1_84",
    "SequenceVariant": "SK_SS",
    "SeriesDescription": "ep_bold_mb3_p2",
    "SeriesNumber": 6,
    "ShimSetting": [
      5256,
      -6270,
      -3963,
      336,
      22,
      -47,
      29,
      -34
    ],
    "SliceThickness": 3,
    "SliceTiming": [
      0,
      0.4275,
      0.8575,
      0.305,
      0.735,
      0.1825,
      0.6125,
      0.06,
      0.49,
      0.9175,
      0.3675,
      0.795,
      0.245,
      0.6725,
      0.1225,
      0.55,
      0,
      0.4275,
      0.8575,
      0.305,
      0.735,
      0.1825,
      0.6125,
      0.06,
      0.49,
      0.9175,
      0.3675,
      0.795,
      0.245,
      0.6725,
      0.1225,
      0.55,
      0,
      0.4275,
      0.8575,
      0.305,
      0.735,
      0.1825,
      0.6125,
      0.06,
      0.49,
      0.9175,
      0.3675,
      0.795,
      0.245,
      0.6725,
      0.1225,
      0.55
    ],
    "SoftwareVersions": "syngo_MR_E11",
    "SpacingBetweenSlices": 3,
    "StationName": "MRC35368",
    "TaskName": "b",
    "TotalReadoutTime": 0.0298798,
    "TxRefAmp": 268.638,
    "WipMemBlock": "207f09a0-3f2d-4416-983b-40ce79567a97||Sequence: ve11b/master r/50434d5; Mar  3 2017 10:46:13 by eja",
    "dataset": "ds002105",
    "modality": "bold",
    "run_id": 3,
    "session_id": "b2",
    "subject_id": "12",
    "task_id": "b"
  },
  "dummy_trs": 0,
  "dvars_nstd": 35.707244593233355,
  "dvars_std": 1.1216909025166681,
  "dvars_vstd": 1.010450950033333,
  "efc": 0.4777005761483009,
  "fber": 3500.097900390625,
  "fd_mean": 0.11431494531327888,
  "fd_num": 27,
  "fd_perc": 4.492512479201331,
  "fwhm_avg": 2.014741324977441,
  "fwhm_x": 1.9670214663116212,
  "fwhm_y": 2.1698893268670005,
  "fwhm_z": 1.9073131817537003,
  "gcor": 0.00729474,
  "gsr_x": -0.01560344360768795,
  "gsr_y": 0.021110570058226585,
  "provenance": {
    "md5sum": "fedcaa799a85755254fc283ee29a4074",
    "settings": {
      "fd_thres": 0.2,
      "testing": false
    },
    "software": "mriqc",
    "version": "21.0.0rc2",
    "webapi_port": null,
    "webapi_url": "https://mriqc.nimh.nih.gov/api/v1"
  },
  "size_t": 601,
  "size_x": 84,
  "size_y": 84,
  "size_z": 48,
  "snr": 5.141172449874025,
  "spacing_tr": 1.0,
  "spacing_x": 2.4761905670166016,
  "spacing_y": 2.4761908054351807,
  "spacing_z": 3.000000238418579,
  "summary_bg_k": 24.251855477219337,
  "summary_bg_mad": 31.22345771012793,
  "summary_bg_mean": 133.48696899414062,
  "summary_bg_median": 50.00831985473633,
  "summary_bg_n": 229952.0,
  "summary_bg_p05": 23.860231399536133,
  "summary_bg_p95": 534.2919219970697,
  "summary_bg_stdv": 247.0035858154297,
  "summary_fg_k": 4.885956225686654,
  "summary_fg_mad": 495.8674604529119,
  "summary_fg_mean": 3101.9443359375,
  "summary_fg_median": 3021.758544921875,
  "summary_fg_n": 54255.0,
  "summary_fg_p05": 2385.850927734375,
  "summary_fg_p95": 4077.5925048828117,
  "summary_fg_stdv": 587.7512817382812,
  "tsnr": 43.556943531148136
}