{
  "aor": 0.0017085856905158067,
  "aqi": 0.011592185557404324,
  "bids_meta": {
    "AcquisitionMatrixPE": 84,
    "AcquisitionNumber": 1,
    "AcquisitionTime": "15:31:11.610000",
    "BandwidthPerPixelPhaseEncode": 33.069,
    "BaseResolution": 84,
    "BodyPartExamined": "BRAIN",
    "ConsistencyInfo": "N4_VE11B_LATEST_20150530",
    "ConversionSoftware": "dcm2niix",
    "ConversionSoftwareVersion": "v1.0.20181125  GCC4.8.5",
    "DerivedVendorReportedEchoSpacing": 0.000719995,
    "DeviceSerialNumber": "67007",
    "DwellTime": 3.8e-06,
    "EchoTime": 0.03,
    "EchoTrainLength": 36,
    "EffectiveEchoSpacing": 0.000359998,
    "FlipAngle": 40,
    "ImageComments": "Unaliased_MB3_PE4",
    "ImageOrientationPatientDICOM": [
      1,
      0,
      0,
      0,
      0.849893,
      -0.526956
    ],
    "ImageType": [
      "ORIGINAL",
      "PRIMARY",
      "M",
      "MB",
      "ND",
      "NORM",
      "MOSAIC"
    ],
    "ImagingFrequency": 123.211,
    "InPlanePhaseEncodingDirectionDICOM": "COL",
    "InstitutionAddress": "Perth_Drive_100_London_Ontario_CA_N6A_5K8",
    "InstitutionName": "Robarts_Research_Institute",
    "InstitutionalDepartmentName": "CFMM",
    "MRAcquisitionType": "2D",
    "MagneticFieldStrength": 3,
    "Manufacturer": "Siemens",
    "ManufacturersModelName": "Prisma_fit",
    "Modality": "MR",
    "MultibandAccelerationFactor": 3,
    "ParallelReductionFactorInPlane": 2,
    "PartialFourier": 0.875,
    "PatientPosition": "HFS",
    "PercentPhaseFOV": 100,
    "PhaseEncodingDirection": "j-",
    "PhaseEncodingSteps": 73,
    "PhaseResolution": 1,
    "PixelBandwidth": 1565,
    "ProcedureStepDescription": "Diedrichsen_MCC",
    "ProtocolName": "ep_bold_mb3_p2",
    "PulseSequenceDetails": "%CustomerSeq%_cmrr_mbep2d_bold",
    "ReceiveCoilActiveElements": "HEA;HEP",
    "ReceiveCoilName": "Head_32",
    "ReconMatrixPE": 84,
    "RepetitionTime": 1,
    "SAR": 0.0757934,
    "ScanOptions": "PFP_FS_EXT",
    "ScanningSequence": "EP",
    "SequenceName": "epfid2d1_84",
    "SequenceVariant": "SK_SS",
    "SeriesDescription": "ep_bold_mb3_p2",
    "SeriesNumber": 16,
    "ShimSetting": [
      5256,
      -6270,
      -3963,
      336,
      22,
      -47,
      29,
      -34
    ],
    "SliceThickness": 3,
    "SliceTiming": [
      0,
      0.43,
      0.8575,
      0.3075,
      0.735,
      0.185,
      0.6125,
      0.0625,
      0.49,
      0.92,
      0.3675,
      0.7975,
      0.245,
      0.675,
      0.1225,
      0.5525,
      0,
      0.43,
      0.8575,
      0.3075,
      0.735,
      0.185,
      0.6125,
      0.0625,
      0.49,
      0.92,
      0.3675,
      0.7975,
      0.245,
      0.675,
      0.1225,
      0.5525,
      0,
      0.43,
      0.8575,
      0.3075,
      0.735,
      0.185,
      0.6125,
      0.0625,
      0.49,
      0.92,
      0.3675,
      0.7975,
      0.245,
      0.675,
      0.1225,
      0.5525
    ],
    "SoftwareVersions": "syngo_MR_E11",
    "SpacingBetweenSlices": 3,
    "StationName": "MRC35368",
    "TaskName": "b",
    "TotalReadoutTime": 0.0298798,
    "TxRefAmp": 268.638,
    "WipMemBlock": "49cbc45d-7dfc-4849-9527-1ef3a3833146||Sequence: ve11b/master r/50434d5; Mar  3 2017 10:46:13 by eja",
    "dataset": "ds002105",
    "modality": "bold",
    "run_id": 8,
    "session_id": "b2",
    "subject_id": "12",
    "task_id": "b"
  },
  "dummy_trs": 0,
  "dvars_nstd": 35.60351606983332,
  "dvars_std": 1.114959255633333,
  "dvars_vstd": 1.028573233500001,
  "efc": 0.4797772216061381,
  "fber": 3347.373291015625,
  "fd_mean": 0.11163959352912846,
  "fd_num": 27,
  "fd_perc": 4.492512479201331,
  "fwhm_avg": 1.9987488686481683,
  "fwhm_x": 1.9446726209775258,
  "fwhm_y": 2.170814134436342,
  "fwhm_z": 1.8807598505306364,
  "gcor": 0.00552643,
  "gsr_x": -0.014821868389844894,
  "gsr_y": 0.021680261939764023,
  "provenance": {
    "md5sum": "94005283e160edd8aeb1fc8e4dda790f",
    "settings": {
      "fd_thres": 0.2,
      "testing": false
    },
    "software": "mriqc",
    "version": "21.0.0rc2",
    "webapi_port": null,
    "webapi_url": "https://mriqc.nimh.nih.gov/api/v1"
  },
  "size_t": 601,
  "size_x": 84,
  "size_y": 84,
  "size_z": 48,
  "snr": 5.218576381810056,
  "spacing_tr": 1.0,
  "spacing_x": 2.4761905670166016,
  "spacing_y": 2.4761908054351807,
  "spacing_z": 3.000000238418579,
  "summary_bg_k": 23.049251123540046,
  "summary_bg_mad": 32.1756760424899,
  "summary_bg_mean": 136.3937530517578,
  "summary_bg_median": 50.91014862060547,
  "summary_bg_n": 229838.0,
  "summary_bg_p05": 24.206321716308594,
  "summary_bg_p95": 542.1772735595702,
  "summary_bg_stdv": 248.56210327148438,
  "summary_fg_k": 4.76611146698021,
  "summary_fg_mad": 489.32062785376377,
  "summary_fg_mean": 3091.14111328125,
  "summary_fg_median": 3016.079833984375,
  "summary_fg_n": 54329.0,
  "summary_fg_p05": 2381.569580078125,
  "summary_fg_p95": 4049.06005859375,
  "summary_fg_stdv": 577.9453735351562,
  "tsnr": 41.26790644368157
}