{
  "bids_meta": {
    "AcquisitionMatrixPE": 256,
    "AcquisitionNumber": 1,
    "AcquisitionTime": "16:21:27.767500",
    "BaseResolution": 256,
    "BodyPartExamined": "BRAIN",
    "ConsistencyInfo": "N4_VE11B_LATEST_20150530",
    "ConversionSoftware": "dcm2niix",
    "ConversionSoftwareVersion": "v1.0.20181125  GCC4.8.5",
    "DeviceSerialNumber": "67007",
    "DwellTime": 8.9e-06,
    "EchoTime": 0.091,
    "EchoTrainLength": 18,
    "FlipAngle": 120,
    "ImageOrientationPatientDICOM": [
      0.999168,
      0.014492,
      0.0381144,
      2.90147e-08,
      0.934713,
      -0.355403
    ],
    "ImageType": [
      "ORIGINAL",
      "PRIMARY",
      "M",
      "ND",
      "NORM"
    ],
    "ImagingFrequency": 123.211,
    "InPlanePhaseEncodingDirectionDICOM": "COL",
    "InstitutionAddress": "Perth_Drive_100_London_Ontario_CA_N6A_5K8",
    "InstitutionName": "Robarts_Research_Institute",
    "InstitutionalDepartmentName": "CFMM",
    "Interpolation2D": 1,
    "MRAcquisitionType": "2D",
    "MagneticFieldStrength": 3,
    "Manufacturer": "Siemens",
    "ManufacturersModelName": "Prisma_fit",
    "Modality": "MR",
    "ParallelReductionFactorInPlane": 2,
    "PartialFourier": 1,
    "PatientPosition": "HFS",
    "PercentPhaseFOV": 100,
    "PhaseEncodingDirection": "j-",
    "PhaseEncodingSteps": 255,
    "PhaseResolution": 1,
    "PixelBandwidth": 220,
    "ProcedureStepDescription": "Diedrichsen_MCC",
    "ProtocolName": "t2_tse_tra_256_p2",
    "PulseSequenceDetails": "%SiemensSeq%_tse",
    "ReceiveCoilActiveElements": "HEA;HEP",
    "ReceiveCoilName": "Head_32",
    "ReconMatrixPE": 512,
    "RepetitionTime": 8.53,
    "SAR": 0.525954,
    "ScanningSequence": "SE",
    "SequenceName": "_tse2d1_18",
    "SequenceVariant": "SK_SP",
    "SeriesDescription": "t2_tse_tra_256_p2",
    "SeriesNumber": 10,
    "ShimSetting": [
      5237,
      -6157,
      -4055,
      53,
      3,
      -37,
      -27,
      1
    ],
    "SliceThickness": 3,
    "SoftwareVersions": "syngo_MR_E11",
    "SpacingBetweenSlices": 3,
    "StationName": "MRC35368",
    "TxRefAmp": 242.879,
    "dataset": "ds002105",
    "modality": "T2w",
    "session_id": "a2",
    "subject_id": "22"
  },
  "cjv": 0.4852847467788955,
  "cnr": 2.899263630770802,
  "efc": 0.6012233967359375,
  "fber": 7620.6433470507545,
  "fwhm_avg": 4.703213133723145,
  "fwhm_x": 5.748972729434433,
  "fwhm_y": 6.741095384615385,
  "fwhm_z": 1.6195712871196168,
  "icvs_csf": 0.17509210869452552,
  "icvs_gm": 0.4284573163344988,
  "icvs_wm": 0.3964505749709757,
  "inu_med": 1.3708468675613403,
  "inu_range": 0.2419536352157592,
  "provenance": {
    "md5sum": "65b9c535b092a05227cf439b88f89fc3",
    "settings": {
      "testing": false
    },
    "software": "mriqc",
    "version": "21.0.0rc2",
    "warnings": {
      "large_rot_frame": true,
      "small_air_mask": false
    },
    "webapi_port": null,
    "webapi_url": "https://mriqc.nimh.nih.gov/api/v1"
  },
  "qi_1": 0.0,
  "qi_2": 0.006584100255541404,
  "rpve_csf": 16.96518500570358,
  "rpve_gm": 7.8327390709120595,
  "rpve_wm": 9.553140996528393,
  "size_x": 512,
  "size_y": 512,
  "size_z": 48,
  "snr_csf": 2.8853846004009487,
  "snr_gm": 11.763340835008899,
  "snr_total": 8.125141999327811,
  "snr_wm": 9.726700562573589,
  "snrd_csf": 286.6591735840259,
  "snrd_gm": 144.8025293641669,
  "snrd_total": 176.21302971534965,
  "snrd_wm": 97.17738619785617,
  "spacing_x": 0.4062499701976776,
  "spacing_y": 0.40625,
  "spacing_z": 2.999997615814209,
  "summary_bg_k": 195.67979567657576,
  "summary_bg_mad": 6.850683845118128,
  "summary_bg_mean": 18.62129808284221,
  "summary_bg_median": 9.241432070732117,
  "summary_bg_n": 2468268.0,
  "summary_bg_p05": 0.0,
  "summary_bg_p95": 45.822100684046745,
  "summary_bg_stdv": 44.966432285436085,
  "summary_csf_k": 0.620609594009375,
  "summary_csf_mad": 798.2949647297373,
  "summary_csf_mean": 2983.0444461346888,
  "summary_csf_median": 2997.5611747205257,
  "summary_csf_n": 338052.0,
  "summary_csf_p05": 593.832604817301,
  "summary_csf_p95": 4565.010736495256,
  "summary_csf_stdv": 1038.875975397078,
  "summary_gm_k": -0.24791094806495506,
  "summary_gm_mad": 137.01367690236256,
  "summary_gm_mean": 1519.9591809651904,
  "summary_gm_median": 1514.1829741448164,
  "summary_gm_n": 733209.0,
  "summary_gm_p05": 1321.6531393378973,
  "summary_gm_p95": 1735.3355777263641,
  "summary_gm_stdv": 128.72040033606393,
  "summary_wm_k": -0.00894113777820138,
  "summary_wm_mad": 104.66322541152695,
  "summary_wm_mean": 1009.9621188968237,
  "summary_wm_median": 1016.172468110919,
  "summary_wm_n": 820653.0,
  "summary_wm_p05": 824.5411058664322,
  "summary_wm_p95": 1169.297863394022,
  "summary_wm_stdv": 104.4724099862222,
  "tpm_overlap_csf": 0.144648477435112,
  "tpm_overlap_gm": 0.41495054960250854,
  "tpm_overlap_wm": 0.4387909770011902,
  "wm2max": 0.20533479082908584
}