{
  "aor": 0.00017367720465890184,
  "aqi": 0.009390367870216307,
  "bids_meta": {
    "AcquisitionMatrixPE": 84,
    "AcquisitionNumber": 1,
    "AcquisitionTime": "16:03:27.212500",
    "BandwidthPerPixelPhaseEncode": 33.069,
    "BaseResolution": 84,
    "BodyPartExamined": "BRAIN",
    "ConsistencyInfo": "N4_VE11B_LATEST_20150530",
    "ConversionSoftware": "dcm2niix",
    "ConversionSoftwareVersion": "v1.0.20181125  GCC4.8.5",
    "DerivedVendorReportedEchoSpacing": 0.000719995,
    "DeviceSerialNumber": "67007",
    "DwellTime": 3.8e-06,
    "EchoTime": 0.03,
    "EchoTrainLength": 36,
    "EffectiveEchoSpacing": 0.000359998,
    "FlipAngle": 40,
    "ImageComments": "Unaliased_MB3_PE4",
    "ImageOrientationPatientDICOM": [
      1,
      0,
      0,
      0,
      0.91706,
      -0.398749
    ],
    "ImageType": [
      "ORIGINAL",
      "PRIMARY",
      "M",
      "MB",
      "ND",
      "NORM",
      "MOSAIC"
    ],
    "ImagingFrequency": 123.211,
    "InPlanePhaseEncodingDirectionDICOM": "COL",
    "InstitutionAddress": "Perth_Drive_100_London_Ontario_CA_N6A_5K8",
    "InstitutionName": "Robarts_Research_Institute",
    "InstitutionalDepartmentName": "CFMM",
    "MRAcquisitionType": "2D",
    "MagneticFieldStrength": 3,
    "Manufacturer": "Siemens",
    "ManufacturersModelName": "Prisma_fit",
    "Modality": "MR",
    "MultibandAccelerationFactor": 3,
    "ParallelReductionFactorInPlane": 2,
    "PartialFourier": 0.875,
    "PatientPosition": "HFS",
    "PercentPhaseFOV": 100,
    "PhaseEncodingDirection": "j-",
    "PhaseEncodingSteps": 73,
    "PhaseResolution": 1,
    "PixelBandwidth": 1565,
    "ProcedureStepDescription": "Diedrichsen_Maebdh",
    "ProtocolName": "ep_bold_mb3_p2",
    "PulseSequenceDetails": "%CustomerSeq%_cmrr_mbep2d_bold",
    "ReceiveCoilActiveElements": "HEA;HEP",
    "ReceiveCoilName": "Head_32",
    "ReconMatrixPE": 84,
    "RepetitionTime": 1,
    "SAR": 0.102079,
    "ScanOptions": "PFP_FS_EXT",
    "ScanningSequence": "EP",
    "SequenceName": "epfid2d1_84",
    "SequenceVariant": "SK_SS",
    "SeriesDescription": "ep_bold_mb3_p2",
    "SeriesNumber": 10,
    "ShimSetting": [
      5258,
      -6206,
      -3743,
      611,
      59,
      33,
      -74,
      39
    ],
    "SliceThickness": 3,
    "SliceTiming": [
      0,
      0.4275,
      0.8575,
      0.305,
      0.735,
      0.1825,
      0.6125,
      0.06,
      0.49,
      0.9175,
      0.3675,
      0.795,
      0.245,
      0.6725,
      0.1225,
      0.55,
      0,
      0.4275,
      0.8575,
      0.305,
      0.735,
      0.1825,
      0.6125,
      0.06,
      0.49,
      0.9175,
      0.3675,
      0.795,
      0.245,
      0.6725,
      0.1225,
      0.55,
      0,
      0.4275,
      0.8575,
      0.305,
      0.735,
      0.1825,
      0.6125,
      0.06,
      0.49,
      0.9175,
      0.3675,
      0.795,
      0.245,
      0.6725,
      0.1225,
      0.55
    ],
    "SoftwareVersions": "syngo_MR_E11",
    "SpacingBetweenSlices": 3,
    "StationName": "MRC35368",
    "TaskName": "a",
    "TotalReadoutTime": 0.0298798,
    "TxRefAmp": 284.846,
    "WipMemBlock": "c4e11188-ce10-4c2e-8ee0-29a2d4b13f70||Sequence: ve11b/master r/93e61f0; Jul 21 2016 00:18:29 by eja",
    "dataset": "ds002105",
    "modality": "bold",
    "run_id": 8,
    "session_id": "a2",
    "subject_id": "18",
    "task_id": "a"
  },
  "dummy_trs": 0,
  "dvars_nstd": 31.397594054600006,
  "dvars_std": 1.1199282449166665,
  "dvars_vstd": 0.9885458257000005,
  "efc": 0.49917347895619774,
  "fber": 4084.6572265625,
  "fd_mean": 0.14278681036361693,
  "fd_num": 186,
  "fd_perc": 30.948419301164726,
  "fwhm_avg": 1.7646546992138825,
  "fwhm_x": 1.7209903214898357,
  "fwhm_y": 1.908463776151812,
  "fwhm_z": 1.66451,
  "gcor": 0.00847434,
  "gsr_x": -0.004520683083683252,
  "gsr_y": 0.016029082238674164,
  "provenance": {
    "md5sum": "27880d5576fc91b8a07202d38b8a15e2",
    "settings": {
      "fd_thres": 0.2,
      "testing": false
    },
    "software": "mriqc",
    "version": "21.0.0rc2",
    "webapi_port": null,
    "webapi_url": "https://mriqc.nimh.nih.gov/api/v1"
  },
  "size_t": 601,
  "size_x": 84,
  "size_y": 84,
  "size_z": 48,
  "snr": 5.316850419432211,
  "spacing_tr": 1.0,
  "spacing_x": 2.4761905670166016,
  "spacing_y": 2.4761905670166016,
  "spacing_z": 3.0,
  "summary_bg_k": 20.108357261030367,
  "summary_bg_mad": 39.54428157426276,
  "summary_bg_mean": 195.697265625,
  "summary_bg_median": 56.43760299682617,
  "summary_bg_n": 224387.0,
  "summary_bg_p05": 25.035440254211426,
  "summary_bg_p95": 940.2560241699217,
  "summary_bg_stdv": 361.16766357421875,
  "summary_fg_k": 3.06693216800749,
  "summary_fg_mad": 635.9190755868535,
  "summary_fg_mean": 3729.6181640625,
  "summary_fg_median": 3663.45654296875,
  "summary_fg_n": 57152.0,
  "summary_fg_p05": 2805.860974121094,
  "summary_fg_p95": 4874.287841796874,
  "summary_fg_stdv": 689.0215454101562,
  "tsnr": 47.06525961635634
}