{
  "aor": 0.00044740000000000003,
  "aqi": 0.0090239754,
  "bids_meta": {
    "AcquisitionMatrixPE": 84,
    "AcquisitionNumber": 1,
    "AcquisitionTime": "10:45:30.570000",
    "BandwidthPerPixelPhaseEncode": 33.069,
    "BaseResolution": 84,
    "BodyPartExamined": "BRAIN",
    "ConsistencyInfo": "N4_VE11B_LATEST_20150530",
    "ConversionSoftware": "dcm2niix",
    "ConversionSoftwareVersion": "v1.0.20181125  GCC4.8.5",
    "DerivedVendorReportedEchoSpacing": 0.000719995,
    "DeviceSerialNumber": "67007",
    "DwellTime": 3.8e-06,
    "EchoTime": 0.03,
    "EchoTrainLength": 36,
    "EffectiveEchoSpacing": 0.000359998,
    "FlipAngle": 40,
    "ImageComments": "Unaliased_MB3_PE4",
    "ImageOrientationPatientDICOM": [
      0.999168,
      -0.0165971,
      -0.037246,
      2.73665e-08,
      0.913417,
      -0.407026
    ],
    "ImageType": [
      "ORIGINAL",
      "PRIMARY",
      "M",
      "MB",
      "ND",
      "NORM",
      "MOSAIC"
    ],
    "ImagingFrequency": 123.211,
    "InPlanePhaseEncodingDirectionDICOM": "COL",
    "InstitutionAddress": "Perth_Drive_100_London_Ontario_CA_N6A_5K8",
    "InstitutionName": "Robarts_Research_Institute",
    "InstitutionalDepartmentName": "CFMM",
    "MRAcquisitionType": "2D",
    "MagneticFieldStrength": 3,
    "Manufacturer": "Siemens",
    "ManufacturersModelName": "Prisma_fit",
    "Modality": "MR",
    "MultibandAccelerationFactor": 3,
    "ParallelReductionFactorInPlane": 2,
    "PartialFourier": 0.875,
    "PatientPosition": "HFS",
    "PercentPhaseFOV": 100,
    "PhaseEncodingDirection": "j-",
    "PhaseEncodingSteps": 73,
    "PhaseResolution": 1,
    "PixelBandwidth": 1565,
    "ProcedureStepDescription": "Diedrichsen_MCC",
    "ProtocolName": "ep_bold_mb3_p2",
    "PulseSequenceDetails": "%CustomerSeq%_cmrr_mbep2d_bold",
    "ReceiveCoilActiveElements": "HEA;HEP",
    "ReceiveCoilName": "Head_32",
    "ReconMatrixPE": 84,
    "RepetitionTime": 1,
    "SAR": 0.0894726,
    "ScanOptions": "PFP_FS_EXT",
    "ScanningSequence": "EP",
    "SequenceName": "epfid2d1_84",
    "SequenceVariant": "SK_SS",
    "SeriesDescription": "ep_bold_mb3_p2",
    "SeriesNumber": 8,
    "ShimSetting": [
      5231,
      -6207,
      -3940,
      669,
      66,
      -62,
      13,
      10
    ],
    "SliceThickness": 3,
    "SliceTiming": [
      0,
      0.4275,
      0.855,
      0.305,
      0.7325,
      0.1825,
      0.61,
      0.06,
      0.4875,
      0.9175,
      0.365,
      0.795,
      0.2425,
      0.6725,
      0.12,
      0.55,
      0,
      0.4275,
      0.855,
      0.305,
      0.7325,
      0.1825,
      0.61,
      0.06,
      0.4875,
      0.9175,
      0.365,
      0.795,
      0.2425,
      0.6725,
      0.12,
      0.55,
      0,
      0.4275,
      0.855,
      0.305,
      0.7325,
      0.1825,
      0.61,
      0.06,
      0.4875,
      0.9175,
      0.365,
      0.795,
      0.2425,
      0.6725,
      0.12,
      0.55
    ],
    "SoftwareVersions": "syngo_MR_E11",
    "SpacingBetweenSlices": 3,
    "StationName": "MRC35368",
    "TaskName": "b",
    "TotalReadoutTime": 0.0298798,
    "TxRefAmp": 294.935,
    "WipMemBlock": "dabb1042-fe3b-401d-828d-aef6787f17ec||Sequence: ve11b/master r/50434d5; Mar  3 2017 10:46:13 by eja",
    "dataset": "ds002105",
    "modality": "bold",
    "run_id": 4,
    "session_id": "b2",
    "subject_id": "29",
    "task_id": "b"
  },
  "dummy_trs": 1,
  "dvars_nstd": 33.08517725434057,
  "dvars_std": 1.1584533480801333,
  "dvars_vstd": 1.004509035492487,
  "efc": 0.5356988160600905,
  "fber": 4202.03173828125,
  "fd_mean": 0.09187462822937982,
  "fd_num": 24,
  "fd_perc": 4.0,
  "fwhm_avg": 2.0414775125753875,
  "fwhm_x": 1.9768430044129075,
  "fwhm_y": 2.2375095333132546,
  "fwhm_z": 1.91008,
  "gcor": 0.0154656,
  "gsr_x": -0.0052268048748373985,
  "gsr_y": 0.02869468368589878,
  "provenance": {
    "md5sum": "eb0b96d038e2e31172ea09e0fef92139",
    "settings": {
      "fd_thres": 0.2,
      "testing": false
    },
    "software": "mriqc",
    "version": "21.0.0rc2",
    "webapi_port": null,
    "webapi_url": "https://mriqc.nimh.nih.gov/api/v1"
  },
  "size_t": 600,
  "size_x": 84,
  "size_y": 84,
  "size_z": 48,
  "snr": 4.501825677172681,
  "spacing_tr": 1.0,
  "spacing_x": 2.4761905670166016,
  "spacing_y": 2.4761905670166016,
  "spacing_z": 3.0,
  "summary_bg_k": 20.145819040889247,
  "summary_bg_mad": 36.699347971135346,
  "summary_bg_mean": 180.947021484375,
  "summary_bg_median": 54.32666778564453,
  "summary_bg_n": 204433.0,
  "summary_bg_p05": 23.308334350585938,
  "summary_bg_p95": 792.4770141601558,
  "summary_bg_stdv": 345.7160339355469,
  "summary_fg_k": 5.361680695368523,
  "summary_fg_mad": 625.613614707197,
  "summary_fg_mean": 3745.540771484375,
  "summary_fg_median": 3616.6533203125,
  "summary_fg_n": 74125.0,
  "summary_fg_p05": 2821.498388671875,
  "summary_fg_p95": 5042.204199218751,
  "summary_fg_stdv": 803.369384765625,
  "tsnr": 46.916180895175785
}