{
  "aor": 0.0019686333333333336,
  "aqi": 0.011531836166666667,
  "bids_meta": {
    "AcquisitionMatrixPE": 84,
    "AcquisitionNumber": 1,
    "AcquisitionTime": "10:23:4.462500",
    "BandwidthPerPixelPhaseEncode": 33.069,
    "BaseResolution": 84,
    "BodyPartExamined": "BRAIN",
    "ConsistencyInfo": "N4_VE11B_LATEST_20150530",
    "ConversionSoftware": "dcm2niix",
    "ConversionSoftwareVersion": "v1.0.20181125  GCC4.8.5",
    "DerivedVendorReportedEchoSpacing": 0.000719995,
    "DeviceSerialNumber": "67007",
    "DwellTime": 3.8e-06,
    "EchoTime": 0.03,
    "EchoTrainLength": 36,
    "EffectiveEchoSpacing": 0.000359998,
    "FlipAngle": 40,
    "ImageComments": "Unaliased_MB3_PE4",
    "ImageOrientationPatientDICOM": [
      0.999168,
      -0.0165971,
      -0.037246,
      2.73665e-08,
      0.913417,
      -0.407026
    ],
    "ImageType": [
      "ORIGINAL",
      "PRIMARY",
      "M",
      "MB",
      "ND",
      "NORM",
      "MOSAIC"
    ],
    "ImagingFrequency": 123.211,
    "InPlanePhaseEncodingDirectionDICOM": "COL",
    "InstitutionAddress": "Perth_Drive_100_London_Ontario_CA_N6A_5K8",
    "InstitutionName": "Robarts_Research_Institute",
    "InstitutionalDepartmentName": "CFMM",
    "MRAcquisitionType": "2D",
    "MagneticFieldStrength": 3,
    "Manufacturer": "Siemens",
    "ManufacturersModelName": "Prisma_fit",
    "Modality": "MR",
    "MultibandAccelerationFactor": 3,
    "ParallelReductionFactorInPlane": 2,
    "PartialFourier": 0.875,
    "PatientPosition": "HFS",
    "PercentPhaseFOV": 100,
    "PhaseEncodingDirection": "j-",
    "PhaseEncodingSteps": 73,
    "PhaseResolution": 1,
    "PixelBandwidth": 1565,
    "ProcedureStepDescription": "Diedrichsen_MCC",
    "ProtocolName": "ep_bold_mb3_p2",
    "PulseSequenceDetails": "%CustomerSeq%_cmrr_mbep2d_bold",
    "ReceiveCoilActiveElements": "HEA;HEP",
    "ReceiveCoilName": "Head_32",
    "ReconMatrixPE": 84,
    "RepetitionTime": 1,
    "SAR": 0.0894726,
    "ScanOptions": "PFP_FS_EXT",
    "ScanningSequence": "EP",
    "SequenceName": "epfid2d1_84",
    "SequenceVariant": "SK_SS",
    "SeriesDescription": "ep_bold_mb3_p2",
    "SeriesNumber": 4,
    "ShimSetting": [
      5231,
      -6207,
      -3940,
      669,
      66,
      -62,
      13,
      10
    ],
    "SliceThickness": 3,
    "SliceTiming": [
      0,
      0.4275,
      0.8575,
      0.305,
      0.735,
      0.1825,
      0.6125,
      0.06,
      0.49,
      0.9175,
      0.3675,
      0.795,
      0.245,
      0.6725,
      0.1225,
      0.55,
      0,
      0.4275,
      0.8575,
      0.305,
      0.735,
      0.1825,
      0.6125,
      0.06,
      0.49,
      0.9175,
      0.3675,
      0.795,
      0.245,
      0.6725,
      0.1225,
      0.55,
      0,
      0.4275,
      0.8575,
      0.305,
      0.735,
      0.1825,
      0.6125,
      0.06,
      0.49,
      0.9175,
      0.3675,
      0.795,
      0.245,
      0.6725,
      0.1225,
      0.55
    ],
    "SoftwareVersions": "syngo_MR_E11",
    "SpacingBetweenSlices": 3,
    "StationName": "MRC35368",
    "TaskName": "b",
    "TotalReadoutTime": 0.0298798,
    "TxRefAmp": 294.935,
    "WipMemBlock": "e5d96503-dc0c-4b7a-b159-743d214bd17b||Sequence: ve11b/master r/50434d5; Mar  3 2017 10:46:13 by eja",
    "dataset": "ds002105",
    "modality": "bold",
    "run_id": 2,
    "session_id": "b2",
    "subject_id": "29",
    "task_id": "b"
  },
  "dummy_trs": 1,
  "dvars_nstd": 35.20279760789647,
  "dvars_std": 1.188155013622705,
  "dvars_vstd": 1.018482720684474,
  "efc": 0.5366146420761385,
  "fber": 4178.9580078125,
  "fd_mean": 0.12786010367527986,
  "fd_num": 74,
  "fd_perc": 12.333333333333334,
  "fwhm_avg": 2.0326759316972853,
  "fwhm_x": 1.963572620284278,
  "fwhm_y": 2.2247318414742456,
  "fwhm_z": 1.9097233333333332,
  "gcor": 0.0275142,
  "gsr_x": -0.007108593825250864,
  "gsr_y": 0.025883471593260765,
  "provenance": {
    "md5sum": "121c0c7e39a60ccc5687516fa4f1dae6",
    "settings": {
      "fd_thres": 0.2,
      "testing": false
    },
    "software": "mriqc",
    "version": "21.0.0rc2",
    "webapi_port": null,
    "webapi_url": "https://mriqc.nimh.nih.gov/api/v1"
  },
  "size_t": 600,
  "size_x": 84,
  "size_y": 84,
  "size_z": 48,
  "snr": 4.506072766887336,
  "spacing_tr": 1.0,
  "spacing_x": 2.4761905670166016,
  "spacing_y": 2.4761905670166016,
  "spacing_z": 3.0,
  "summary_bg_k": 20.034970490263735,
  "summary_bg_mad": 36.88220171688769,
  "summary_bg_mean": 183.10342407226562,
  "summary_bg_median": 54.47916793823242,
  "summary_bg_n": 204248.0,
  "summary_bg_p05": 23.441667556762695,
  "summary_bg_p95": 816.3791107177725,
  "summary_bg_stdv": 350.3702087402344,
  "summary_fg_k": 5.29945693085619,
  "summary_fg_mad": 626.1017223955893,
  "summary_fg_mean": 3750.4052734375,
  "summary_fg_median": 3622.48583984375,
  "summary_fg_n": 74218.0,
  "summary_fg_p05": 2825.494836425781,
  "summary_fg_p95": 5049.40207519531,
  "summary_fg_stdv": 803.9065551757812,
  "tsnr": 42.81383419188205
}