{
  "aor": 0.002081198003327787,
  "aqi": 0.013718633876871882,
  "bids_meta": {
    "AcquisitionMatrixPE": 84,
    "AcquisitionNumber": 1,
    "AcquisitionTime": "11:27:28.005000",
    "BandwidthPerPixelPhaseEncode": 33.069,
    "BaseResolution": 84,
    "BodyPartExamined": "BRAIN",
    "ConsistencyInfo": "N4_VE11B_LATEST_20150530",
    "ConversionSoftware": "dcm2niix",
    "ConversionSoftwareVersion": "v1.0.20181125  GCC4.8.5",
    "DerivedVendorReportedEchoSpacing": 0.000719995,
    "DeviceSerialNumber": "67007",
    "DwellTime": 3.8e-06,
    "EchoTime": 0.03,
    "EchoTrainLength": 36,
    "EffectiveEchoSpacing": 0.000359998,
    "FlipAngle": 40,
    "ImageComments": "Unaliased_MB3_PE4",
    "ImageOrientationPatientDICOM": [
      0.999168,
      -0.0165971,
      -0.037246,
      2.73665e-08,
      0.913417,
      -0.407026
    ],
    "ImageType": [
      "ORIGINAL",
      "PRIMARY",
      "M",
      "MB",
      "ND",
      "NORM",
      "MOSAIC"
    ],
    "ImagingFrequency": 123.211,
    "InPlanePhaseEncodingDirectionDICOM": "COL",
    "InstitutionAddress": "Perth_Drive_100_London_Ontario_CA_N6A_5K8",
    "InstitutionName": "Robarts_Research_Institute",
    "InstitutionalDepartmentName": "CFMM",
    "MRAcquisitionType": "2D",
    "MagneticFieldStrength": 3,
    "Manufacturer": "Siemens",
    "ManufacturersModelName": "Prisma_fit",
    "Modality": "MR",
    "MultibandAccelerationFactor": 3,
    "ParallelReductionFactorInPlane": 2,
    "PartialFourier": 0.875,
    "PatientPosition": "HFS",
    "PercentPhaseFOV": 100,
    "PhaseEncodingDirection": "j-",
    "PhaseEncodingSteps": 73,
    "PhaseResolution": 1,
    "PixelBandwidth": 1565,
    "ProcedureStepDescription": "Diedrichsen_MCC",
    "ProtocolName": "ep_bold_mb3_p2",
    "PulseSequenceDetails": "%CustomerSeq%_cmrr_mbep2d_bold",
    "ReceiveCoilActiveElements": "HEA;HEP",
    "ReceiveCoilName": "Head_32",
    "ReconMatrixPE": 84,
    "RepetitionTime": 1,
    "SAR": 0.0894726,
    "ScanOptions": "PFP_FS_EXT",
    "ScanningSequence": "EP",
    "SequenceName": "epfid2d1_84",
    "SequenceVariant": "SK_SS",
    "SeriesDescription": "ep_bold_mb3_p2",
    "SeriesNumber": 19,
    "ShimSetting": [
      5231,
      -6207,
      -3940,
      669,
      66,
      -62,
      13,
      10
    ],
    "SliceThickness": 3,
    "SliceTiming": [
      0,
      0.4275,
      0.8575,
      0.305,
      0.735,
      0.1825,
      0.6125,
      0.06,
      0.49,
      0.9175,
      0.3675,
      0.795,
      0.245,
      0.6725,
      0.1225,
      0.55,
      0,
      0.4275,
      0.8575,
      0.305,
      0.735,
      0.1825,
      0.6125,
      0.06,
      0.49,
      0.9175,
      0.3675,
      0.795,
      0.245,
      0.6725,
      0.1225,
      0.55,
      0,
      0.4275,
      0.8575,
      0.305,
      0.735,
      0.1825,
      0.6125,
      0.06,
      0.49,
      0.9175,
      0.3675,
      0.795,
      0.245,
      0.6725,
      0.1225,
      0.55
    ],
    "SoftwareVersions": "syngo_MR_E11",
    "SpacingBetweenSlices": 3,
    "StationName": "MRC35368",
    "TaskName": "b",
    "TotalReadoutTime": 0.0298798,
    "TxRefAmp": 294.935,
    "WipMemBlock": "998207ae-339e-48a3-abd4-1595c168891c||Sequence: ve11b/master r/50434d5; Mar  3 2017 10:46:13 by eja",
    "dataset": "ds002105",
    "modality": "bold",
    "run_id": 7,
    "session_id": "b2",
    "subject_id": "29",
    "task_id": "b"
  },
  "dummy_trs": 0,
  "dvars_nstd": 33.99032562585001,
  "dvars_std": 1.155429967866666,
  "dvars_vstd": 1.0184849647500005,
  "efc": 0.5379194725808535,
  "fber": 4099.861328125,
  "fd_mean": 0.1287752181472542,
  "fd_num": 85,
  "fd_perc": 14.143094841930116,
  "fwhm_avg": 2.03204667952513,
  "fwhm_x": 1.9611212742203465,
  "fwhm_y": 2.2300787643550444,
  "fwhm_z": 1.9049399999999999,
  "gcor": 0.0659688,
  "gsr_x": -0.0061263227835297585,
  "gsr_y": 0.02845645137131214,
  "provenance": {
    "md5sum": "46126ffdfbd1c29ee265728b6c27e765",
    "settings": {
      "fd_thres": 0.2,
      "testing": false
    },
    "software": "mriqc",
    "version": "21.0.0rc2",
    "webapi_port": null,
    "webapi_url": "https://mriqc.nimh.nih.gov/api/v1"
  },
  "size_t": 601,
  "size_x": 84,
  "size_y": 84,
  "size_z": 48,
  "snr": 4.584229316814681,
  "spacing_tr": 1.0,
  "spacing_x": 2.4761905670166016,
  "spacing_y": 2.4761905670166016,
  "spacing_z": 3.0,
  "summary_bg_k": 18.613679455286047,
  "summary_bg_mad": 36.920739511065314,
  "summary_bg_mean": 184.57781982421875,
  "summary_bg_median": 54.5715446472168,
  "summary_bg_n": 204276.0,
  "summary_bg_p05": 23.39767074584961,
  "summary_bg_p95": 819.7383270263672,
  "summary_bg_stdv": 348.7392883300781,
  "summary_fg_k": 5.268477647739902,
  "summary_fg_mad": 612.9327688033845,
  "summary_fg_mean": 3722.040771484375,
  "summary_fg_median": 3597.22119140625,
  "summary_fg_n": 74212.0,
  "summary_fg_p05": 2815.756066894531,
  "summary_fg_p95": 5001.797265624999,
  "summary_fg_stdv": 784.6895751953125,
  "tsnr": 38.277214627247304
}