{
  "bids_meta": {
    "AcquisitionMatrixPE": 256,
    "AcquisitionNumber": 1,
    "AcquisitionTime": "10:09:39.960000",
    "BaseResolution": 256,
    "BodyPartExamined": "BRAIN",
    "ConsistencyInfo": "N4_VE11B_LATEST_20150530",
    "ConversionSoftware": "dcm2niix",
    "ConversionSoftwareVersion": "v1.0.20181125  GCC4.8.5",
    "DeviceSerialNumber": "67007",
    "DwellTime": 8.2e-06,
    "EchoTime": 0.00298,
    "FlipAngle": 9,
    "ImageOrientationPatientDICOM": [
      -0.0121625,
      0.999926,
      -1.40065e-08,
      -0.0280782,
      -0.00034154,
      -0.999606
    ],
    "ImageType": [
      "ORIGINAL",
      "PRIMARY",
      "M",
      "ND",
      "NORM"
    ],
    "ImagingFrequency": 123.211,
    "InPlanePhaseEncodingDirectionDICOM": "ROW",
    "InstitutionAddress": "Perth_Drive_100_London_Ontario_CA_N6A_5K8",
    "InstitutionName": "Robarts_Research_Institute",
    "InstitutionalDepartmentName": "CFMM",
    "InversionTime": 0.9,
    "MRAcquisitionType": "3D",
    "MagneticFieldStrength": 3,
    "Manufacturer": "Siemens",
    "ManufacturersModelName": "Prisma_fit",
    "Modality": "MR",
    "PartialFourier": 1,
    "PatientPosition": "HFS",
    "PercentPhaseFOV": 100,
    "PhaseEncodingSteps": 255,
    "PhaseResolution": 1,
    "PixelBandwidth": 240,
    "ProcedureStepDescription": "Diedrichsen_Maebdh",
    "ProtocolName": "mprage_sag_p2",
    "PulseSequenceDetails": "%SiemensSeq%_tfl",
    "ReceiveCoilActiveElements": "HEA;HEP",
    "ReceiveCoilName": "Head_32",
    "ReconMatrixPE": 256,
    "RepetitionTime": 2.3,
    "SAR": 0.0686062,
    "ScanOptions": "IR",
    "ScanningSequence": "GR_IR",
    "SequenceName": "_tfl3d1_16ns",
    "SequenceVariant": "SK_SP_MP",
    "SeriesDescription": "mprage_sag_p2",
    "SeriesNumber": 2,
    "ShimSetting": [
      5239,
      -6211,
      -3861,
      455,
      23,
      -128,
      49,
      15
    ],
    "SliceThickness": 1,
    "SoftwareVersions": "syngo_MR_E11",
    "StationName": "MRC35368",
    "TxRefAmp": 269.868,
    "dataset": "ds002105",
    "modality": "T1w",
    "session_id": "b2",
    "subject_id": "21"
  },
  "cjv": 0.46606554888666196,
  "cnr": 2.7838311539634257,
  "efc": 0.5699920353928613,
  "fber": 14931.26326742976,
  "fwhm_avg": 3.374546666666667,
  "fwhm_x": 3.40536,
  "fwhm_y": 3.47688,
  "fwhm_z": 3.2414,
  "icvs_csf": 0.20950597300678717,
  "icvs_gm": 0.4204241724864698,
  "icvs_wm": 0.37006985450674307,
  "inu_med": 1.2160500288009644,
  "inu_range": 0.40638555288314815,
  "provenance": {
    "md5sum": "471ce5ab62d81f00864b7763bf3f7f4c",
    "settings": {
      "testing": false
    },
    "software": "mriqc",
    "version": "22.0.0rc1",
    "warnings": {
      "large_rot_frame": true,
      "small_air_mask": false
    },
    "webapi_port": null,
    "webapi_url": "https://mriqc.nimh.nih.gov/api/v1"
  },
  "qi_1": 0.019048286816561497,
  "qi_2": 0.026153384358328872,
  "rpve_csf": 21.780550520270438,
  "rpve_gm": 11.471253560130181,
  "rpve_wm": 15.920525603134045,
  "size_x": 176,
  "size_y": 256,
  "size_z": 256,
  "snr_csf": 2.793436596344909,
  "snr_gm": 9.729408965918159,
  "snr_total": 10.673395182836247,
  "snr_wm": 19.497339986245677,
  "snrd_csf": 28.55427258083208,
  "snrd_gm": 56.1095058518554,
  "snrd_total": 53.39256721604536,
  "snrd_wm": 75.5139232154486,
  "spacing_x": 1.0,
  "spacing_y": 1.0,
  "spacing_z": 1.0,
  "summary_bg_k": 16.400791627796977,
  "summary_bg_mad": 8.675702807759608,
  "summary_bg_mean": 6.32072499079598,
  "summary_bg_median": 5.915277756750584,
  "summary_bg_n": 3216934.0,
  "summary_bg_p05": 0.0,
  "summary_bg_p95": 17.68222813308239,
  "summary_bg_stdv": 7.599599975526363,
  "summary_csf_k": -0.4526163874400537,
  "summary_csf_mad": 161.53781423578488,
  "summary_csf_mean": 387.8182957618539,
  "summary_csf_median": 378.1325404718518,
  "summary_csf_n": 14321.0,
  "summary_csf_p05": 195.6494019329548,
  "summary_csf_p95": 606.9838240072131,
  "summary_csf_stdv": 135.35991427413376,
  "summary_gm_k": 0.23182801539629283,
  "summary_gm_mad": 72.51755933877324,
  "summary_gm_mean": 746.6050880361242,
  "summary_gm_median": 743.0352124124765,
  "summary_gm_n": 22168.0,
  "summary_gm_p05": 625.7696012701839,
  "summary_gm_p95": 880.1042830124497,
  "summary_gm_stdv": 76.36830311497366,
  "summary_wm_k": 0.7315250238416882,
  "summary_wm_mad": 47.2448598552996,
  "summary_wm_mean": 1001.5110474930218,
  "summary_wm_median": 999.9999665766954,
  "summary_wm_n": 231810.0,
  "summary_wm_p05": 919.9847040176392,
  "summary_wm_p95": 1087.5206353217363,
  "summary_wm_stdv": 51.288935328666035,
  "tpm_overlap_csf": 0.1823640614748001,
  "tpm_overlap_gm": 0.4544559121131897,
  "tpm_overlap_wm": 0.5167576670646667,
  "wm2max": 0.49426523277769785
}