{
  "aor": 0.00023923460898502493,
  "aqi": 0.007952056938435939,
  "bids_meta": {
    "AcquisitionMatrixPE": 84,
    "AcquisitionNumber": 1,
    "AcquisitionTime": "13:16:42.510000",
    "BandwidthPerPixelPhaseEncode": 33.069,
    "BaseResolution": 84,
    "BodyPartExamined": "BRAIN",
    "ConsistencyInfo": "N4_VE11B_LATEST_20150530",
    "ConversionSoftware": "dcm2niix",
    "ConversionSoftwareVersion": "v1.0.20181125  GCC4.8.5",
    "DerivedVendorReportedEchoSpacing": 0.000719995,
    "DeviceSerialNumber": "67007",
    "DwellTime": 3.8e-06,
    "EchoTime": 0.03,
    "EchoTrainLength": 36,
    "EffectiveEchoSpacing": 0.000359998,
    "FlipAngle": 40,
    "ImageComments": "Unaliased_MB3_PE4",
    "ImageOrientationPatientDICOM": [
      1,
      0,
      0,
      0,
      0.934204,
      -0.356738
    ],
    "ImageType": [
      "ORIGINAL",
      "PRIMARY",
      "M",
      "MB",
      "ND",
      "NORM",
      "MOSAIC"
    ],
    "ImagingFrequency": 123.211,
    "InPlanePhaseEncodingDirectionDICOM": "COL",
    "InstitutionAddress": "Perth_Drive_100_London_Ontario_CA_N6A_5K8",
    "InstitutionName": "Robarts_Research_Institute",
    "InstitutionalDepartmentName": "CFMM",
    "MRAcquisitionType": "2D",
    "MagneticFieldStrength": 3,
    "Manufacturer": "Siemens",
    "ManufacturersModelName": "Prisma_fit",
    "Modality": "MR",
    "MultibandAccelerationFactor": 3,
    "ParallelReductionFactorInPlane": 2,
    "PartialFourier": 0.875,
    "PatientPosition": "HFS",
    "PercentPhaseFOV": 100,
    "PhaseEncodingDirection": "j-",
    "PhaseEncodingSteps": 73,
    "PhaseResolution": 1,
    "PixelBandwidth": 1565,
    "ProcedureStepDescription": "Diedrichsen_MCC",
    "ProtocolName": "ep_bold_mb3_p2",
    "PulseSequenceDetails": "%CustomerSeq%_cmrr_mbep2d_bold",
    "ReceiveCoilActiveElements": "HEA;HEP",
    "ReceiveCoilName": "Head_32",
    "ReconMatrixPE": 84,
    "RepetitionTime": 1,
    "SAR": 0.0633062,
    "ScanOptions": "PFP_FS_EXT",
    "ScanningSequence": "EP",
    "SequenceName": "epfid2d1_84",
    "SequenceVariant": "SK_SS",
    "SeriesDescription": "ep_bold_mb3_p2",
    "SeriesNumber": 11,
    "ShimSetting": [
      5249,
      -6144,
      -3963,
      615,
      4,
      -57,
      33,
      -20
    ],
    "SliceThickness": 3,
    "SliceTiming": [
      0,
      0.43,
      0.8575,
      0.3075,
      0.735,
      0.185,
      0.6125,
      0.0625,
      0.49,
      0.92,
      0.3675,
      0.7975,
      0.245,
      0.675,
      0.1225,
      0.5525,
      0,
      0.43,
      0.8575,
      0.3075,
      0.735,
      0.185,
      0.6125,
      0.0625,
      0.49,
      0.92,
      0.3675,
      0.7975,
      0.245,
      0.675,
      0.1225,
      0.5525,
      0,
      0.43,
      0.8575,
      0.3075,
      0.735,
      0.185,
      0.6125,
      0.0625,
      0.49,
      0.92,
      0.3675,
      0.7975,
      0.245,
      0.675,
      0.1225,
      0.5525
    ],
    "SoftwareVersions": "syngo_MR_E11",
    "SpacingBetweenSlices": 3,
    "StationName": "MRC35368",
    "TaskName": "b",
    "TotalReadoutTime": 0.0298798,
    "TxRefAmp": 241.439,
    "WipMemBlock": "a8f30865-3dfd-4d5b-93a9-d709c5d6fdef||Sequence: ve11b/master r/50434d5; Mar  3 2017 10:46:13 by eja",
    "dataset": "ds002105",
    "modality": "bold",
    "run_id": 5,
    "session_id": "b1",
    "subject_id": "20",
    "task_id": "b"
  },
  "dummy_trs": 0,
  "dvars_nstd": 29.241235809483356,
  "dvars_std": 1.1239285257333322,
  "dvars_vstd": 1.0040702280666676,
  "efc": 0.4694246020217011,
  "fber": 5125.78173828125,
  "fd_mean": 0.11613045404153918,
  "fd_num": 53,
  "fd_perc": 8.81863560732113,
  "fwhm_avg": 1.7354831598439298,
  "fwhm_x": 1.6370549399531826,
  "fwhm_y": 1.9610810784280028,
  "fwhm_z": 1.6083134611506034,
  "gcor": 0.0135841,
  "gsr_x": -0.014818443916738033,
  "gsr_y": 0.02433032914996147,
  "provenance": {
    "md5sum": "79c437b931cbdab184ee64328a05d3e1",
    "settings": {
      "fd_thres": 0.2,
      "testing": false
    },
    "software": "mriqc",
    "version": "21.0.0rc2",
    "webapi_port": null,
    "webapi_url": "https://mriqc.nimh.nih.gov/api/v1"
  },
  "size_t": 601,
  "size_x": 84,
  "size_y": 84,
  "size_z": 48,
  "snr": 5.674129808274255,
  "spacing_tr": 1.0,
  "spacing_x": 2.4761905670166016,
  "spacing_y": 2.4761903285980225,
  "spacing_z": 2.999999761581421,
  "summary_bg_k": 32.203574682127154,
  "summary_bg_mad": 30.332908897535955,
  "summary_bg_mean": 132.99917602539062,
  "summary_bg_median": 49.449249267578125,
  "summary_bg_n": 229003.0,
  "summary_bg_p05": 24.342761993408203,
  "summary_bg_p95": 519.1009704589842,
  "summary_bg_stdv": 250.4426727294922,
  "summary_fg_k": 4.378548414456589,
  "summary_fg_mad": 590.6750944090395,
  "summary_fg_mean": 3633.11279296875,
  "summary_fg_median": 3592.298583984375,
  "summary_fg_n": 54240.0,
  "summary_fg_p05": 2772.795361328125,
  "summary_fg_p95": 4609.314306640625,
  "summary_fg_stdv": 633.0953979492188,
  "tsnr": 52.82662107073702
}