{
  "bids_meta": {
    "AcquisitionMatrixPE": 256,
    "AcquisitionNumber": 1,
    "AcquisitionTime": "13:40:43.562500",
    "BaseResolution": 256,
    "BodyPartExamined": "HEAD",
    "ConsistencyInfo": "N4_VE11B_LATEST_20150530",
    "ConversionSoftware": "dcm2niix",
    "ConversionSoftwareVersion": "v1.0.20181125  GCC4.8.5",
    "DeviceSerialNumber": "67007",
    "DwellTime": 8.9e-06,
    "EchoTime": 0.091,
    "EchoTrainLength": 18,
    "FlipAngle": 120,
    "ImageOrientationPatientDICOM": [
      1,
      0,
      0,
      0,
      0.922538,
      -0.385906
    ],
    "ImageType": [
      "ORIGINAL",
      "PRIMARY",
      "M",
      "ND",
      "NORM"
    ],
    "ImagingFrequency": 123.211,
    "InPlanePhaseEncodingDirectionDICOM": "COL",
    "InstitutionAddress": "Perth_Drive_100_London_Ontario_CA_N6A_5K8",
    "InstitutionName": "Robarts_Research_Institute",
    "InstitutionalDepartmentName": "CFMM",
    "Interpolation2D": 1,
    "MRAcquisitionType": "2D",
    "MagneticFieldStrength": 3,
    "Manufacturer": "Siemens",
    "ManufacturersModelName": "Prisma_fit",
    "Modality": "MR",
    "ParallelReductionFactorInPlane": 2,
    "PartialFourier": 1,
    "PatientPosition": "HFS",
    "PercentPhaseFOV": 100,
    "PhaseEncodingDirection": "j-",
    "PhaseEncodingSteps": 255,
    "PhaseResolution": 1,
    "PixelBandwidth": 220,
    "ProcedureStepDescription": "Diedrichsen_MCC",
    "ProtocolName": "t2_tse_tra_256_p2",
    "PulseSequenceDetails": "%SiemensSeq%_tse",
    "ReceiveCoilActiveElements": "HEA;HEP",
    "ReceiveCoilName": "Head_32",
    "ReconMatrixPE": 512,
    "RepetitionTime": 8.53,
    "SAR": 0.547703,
    "ScanningSequence": "SE",
    "SequenceName": "_tse2d1_18",
    "SequenceVariant": "SK_SP",
    "SeriesDescription": "t2_tse_tra_256_p2",
    "SeriesNumber": 10,
    "ShimSetting": [
      5237,
      -6157,
      -4055,
      53,
      3,
      -37,
      -27,
      1
    ],
    "SliceThickness": 3,
    "SoftwareVersions": "syngo_MR_E11",
    "SpacingBetweenSlices": 3,
    "StationName": "MRC35368",
    "TxRefAmp": 253.479,
    "dataset": "ds002105",
    "modality": "T2w",
    "session_id": "a2",
    "subject_id": "20"
  },
  "cjv": 0.4119016520260509,
  "cnr": 3.5032530959474935,
  "efc": 0.6101480661005408,
  "fber": 11205.217693038207,
  "fwhm_avg": 4.590257221552261,
  "fwhm_x": 5.5963323076923075,
  "fwhm_y": 6.5635446153846155,
  "fwhm_z": 1.610894741579863,
  "icvs_csf": 0.12630989214956295,
  "icvs_gm": 0.46130192965653477,
  "icvs_wm": 0.4123881781939023,
  "inu_med": 1.1339023113250732,
  "inu_range": 0.15945056080818176,
  "provenance": {
    "md5sum": "50e80d0a1505ad6557c26cb82d3c0db8",
    "settings": {
      "testing": false
    },
    "software": "mriqc",
    "version": "21.0.0rc2",
    "warnings": {
      "large_rot_frame": true,
      "small_air_mask": false
    },
    "webapi_port": null,
    "webapi_url": "https://mriqc.nimh.nih.gov/api/v1"
  },
  "qi_1": 0.0,
  "qi_2": 0.007994538932225062,
  "rpve_csf": 22.490653414107634,
  "rpve_gm": 7.379227458952457,
  "rpve_wm": 8.99355205655154,
  "size_x": 512,
  "size_y": 512,
  "size_z": 48,
  "snr_csf": 2.8231645741663436,
  "snr_gm": 12.083263224036893,
  "snr_total": 7.9703473223819765,
  "snr_wm": 9.004614168942695,
  "snrd_csf": 215.76830992743996,
  "snrd_gm": 120.024503181275,
  "snrd_total": 136.49098531549248,
  "snrd_wm": 73.6801428377625,
  "spacing_x": 0.40625,
  "spacing_y": 0.40625,
  "spacing_z": 2.99999737739563,
  "summary_bg_k": 236.84710671722434,
  "summary_bg_mad": 9.112104647281495,
  "summary_bg_mean": 17.45906108113237,
  "summary_bg_median": 12.2920423746109,
  "summary_bg_n": 2610836.0,
  "summary_bg_p05": 0.0,
  "summary_bg_p95": 36.8761271238327,
  "summary_bg_stdv": 42.61004386548709,
  "summary_csf_k": 0.6452436782007274,
  "summary_csf_mad": 745.6215285516892,
  "summary_csf_mean": 3005.8803025648754,
  "summary_csf_median": 3001.0597594082355,
  "summary_csf_n": 229388.0,
  "summary_csf_p05": 598.4953045845032,
  "summary_csf_p95": 4710.289444774389,
  "summary_csf_stdv": 1063.010369786322,
  "summary_gm_k": -0.35842025659554855,
  "summary_gm_mad": 148.62156890221198,
  "summary_gm_mean": 1674.3822006476103,
  "summary_gm_median": 1669.386513531208,
  "summary_gm_n": 851732.0,
  "summary_gm_p05": 1459.044236689806,
  "summary_gm_p95": 1905.6904315948486,
  "summary_gm_stdv": 138.1568457612408,
  "summary_wm_k": -0.1239952351154412,
  "summary_wm_mad": 116.88630788926606,
  "summary_wm_mean": 1021.2387165093982,
  "summary_wm_median": 1024.796050041914,
  "summary_wm_n": 865830.0,
  "summary_wm_p05": 822.1892826259136,
  "summary_wm_p95": 1197.096575051546,
  "summary_wm_stdv": 113.80781441769068,
  "tpm_overlap_csf": 0.15291664004325867,
  "tpm_overlap_gm": 0.44384899735450745,
  "tpm_overlap_wm": 0.4579821527004242,
  "wm2max": 0.19933219283962322
}