{
  "aor": 0.0003476166666666666,
  "aqi": 0.0153366632,
  "bids_meta": {
    "AcquisitionMatrixPE": 84,
    "AcquisitionNumber": 1,
    "AcquisitionTime": "15:39:17.340000",
    "BandwidthPerPixelPhaseEncode": 33.069,
    "BaseResolution": 84,
    "BodyPartExamined": "BRAIN",
    "ConsistencyInfo": "N4_VE11B_LATEST_20150530",
    "ConversionSoftware": "dcm2niix",
    "ConversionSoftwareVersion": "v1.0.20181125  GCC4.8.5",
    "DerivedVendorReportedEchoSpacing": 0.000719995,
    "DeviceSerialNumber": "67007",
    "DwellTime": 3.8e-06,
    "EchoTime": 0.03,
    "EchoTrainLength": 36,
    "EffectiveEchoSpacing": 0.000359998,
    "FlipAngle": 40,
    "ImageComments": "Unaliased_MB3_PE4",
    "ImageOrientationPatientDICOM": [
      0.999701,
      0.00869232,
      0.022875,
      6.48319e-08,
      0.934785,
      -0.355213
    ],
    "ImageType": [
      "ORIGINAL",
      "PRIMARY",
      "M",
      "MB",
      "ND",
      "NORM",
      "MOSAIC"
    ],
    "ImagingFrequency": 123.211,
    "InPlanePhaseEncodingDirectionDICOM": "COL",
    "InstitutionAddress": "Perth_Drive_100_London_Ontario_CA_N6A_5K8",
    "InstitutionName": "Robarts_Research_Institute",
    "InstitutionalDepartmentName": "CFMM",
    "MRAcquisitionType": "2D",
    "MagneticFieldStrength": 3,
    "Manufacturer": "Siemens",
    "ManufacturersModelName": "Prisma_fit",
    "Modality": "MR",
    "MultibandAccelerationFactor": 3,
    "ParallelReductionFactorInPlane": 2,
    "PartialFourier": 0.875,
    "PatientPosition": "HFS",
    "PercentPhaseFOV": 100,
    "PhaseEncodingDirection": "j-",
    "PhaseEncodingSteps": 73,
    "PhaseResolution": 1,
    "PixelBandwidth": 1565,
    "ProcedureStepDescription": "Diedrichsen_Feb2016",
    "ProtocolName": "ep_bold_mb3_p2",
    "PulseSequenceDetails": "%CustomerSeq%_cmrr_mbep2d_bold",
    "ReceiveCoilActiveElements": "HEA;HEP",
    "ReceiveCoilName": "Head_32",
    "ReconMatrixPE": 84,
    "RepetitionTime": 1,
    "SAR": 0.0820456,
    "ScanOptions": "PFP_FS",
    "ScanningSequence": "EP",
    "SequenceName": "epfid2d1_84",
    "SequenceVariant": "SK_SS",
    "SeriesDescription": "ep_bold_mb3_p2",
    "SeriesNumber": 13,
    "ShimSetting": [
      5247,
      -6170,
      -3790,
      651,
      -13,
      183,
      -16,
      37
    ],
    "SliceThickness": 3,
    "SliceTiming": [
      0,
      0.4275,
      0.8575,
      0.305,
      0.735,
      0.1825,
      0.6125,
      0.06,
      0.49,
      0.9175,
      0.3675,
      0.795,
      0.245,
      0.6725,
      0.1225,
      0.55,
      0,
      0.4275,
      0.8575,
      0.305,
      0.735,
      0.1825,
      0.6125,
      0.06,
      0.49,
      0.9175,
      0.3675,
      0.795,
      0.245,
      0.6725,
      0.1225,
      0.55,
      0,
      0.4275,
      0.8575,
      0.305,
      0.735,
      0.1825,
      0.6125,
      0.06,
      0.49,
      0.9175,
      0.3675,
      0.795,
      0.245,
      0.6725,
      0.1225,
      0.55
    ],
    "SoftwareVersions": "syngo_MR_E11",
    "SpacingBetweenSlices": 3,
    "StationName": "MRC35368",
    "TaskName": "a",
    "TotalReadoutTime": 0.0298798,
    "TxRefAmp": 282.008,
    "WipMemBlock": "6b7bb18d-350e-404e-99f0-1dd85e537bec||Sequence: ve11b/R013 r/f10bb7f; Apr  4 2016 11:55:08 by eja",
    "dataset": "ds002105",
    "modality": "bold",
    "run_id": 8,
    "session_id": "a1",
    "subject_id": "04",
    "task_id": "a"
  },
  "dummy_trs": 1,
  "dvars_nstd": 32.85622567146909,
  "dvars_std": 1.1022736858263762,
  "dvars_vstd": 0.956955502220367,
  "efc": 0.5199382532407677,
  "fber": 4020.576904296875,
  "fd_mean": 0.1122400874744452,
  "fd_num": 43,
  "fd_perc": 7.166666666666667,
  "fwhm_avg": 1.9151950370763495,
  "fwhm_x": 1.837875509510205,
  "fwhm_y": 2.1201962683855102,
  "fwhm_z": 1.7875133333333333,
  "gcor": 0.00857308,
  "gsr_x": -0.007970106787979603,
  "gsr_y": 0.03623513504862785,
  "provenance": {
    "md5sum": "06874e750917555e3c5f1e2acd3c0ac2",
    "settings": {
      "fd_thres": 0.2,
      "testing": false
    },
    "software": "mriqc",
    "version": "21.0.0rc2",
    "webapi_port": null,
    "webapi_url": "https://mriqc.nimh.nih.gov/api/v1"
  },
  "size_t": 600,
  "size_x": 84,
  "size_y": 84,
  "size_z": 48,
  "snr": 4.50585631265684,
  "spacing_tr": 1.0,
  "spacing_x": 2.4761905670166016,
  "spacing_y": 2.4761905670166016,
  "spacing_z": 3.0,
  "summary_bg_k": 16.836368347610325,
  "summary_bg_mad": 43.855376338121445,
  "summary_bg_mean": 205.420654296875,
  "summary_bg_median": 58.943336486816406,
  "summary_bg_n": 213660.0,
  "summary_bg_p05": 23.671667098999023,
  "summary_bg_p95": 960.4057952880854,
  "summary_bg_stdv": 376.0946350097656,
  "summary_fg_k": 4.569325052207833,
  "summary_fg_mad": 671.465694451195,
  "summary_fg_mean": 3934.08935546875,
  "summary_fg_median": 3806.788330078125,
  "summary_fg_n": 66413.0,
  "summary_fg_p05": 2933.28515625,
  "summary_fg_p95": 5390.341992187497,
  "summary_fg_stdv": 844.8471069335938,
  "tsnr": 38.201740926131606
}