{
  "aor": 0.0003117696160267112,
  "aqi": 0.01521769425709516,
  "bids_meta": {
    "AcquisitionMatrixPE": 84,
    "AcquisitionNumber": 1,
    "AcquisitionTime": "14:33:14.197500",
    "BandwidthPerPixelPhaseEncode": 33.069,
    "BaseResolution": 84,
    "BodyPartExamined": "BRAIN",
    "ConsistencyInfo": "N4_VE11B_LATEST_20150530",
    "ConversionSoftware": "dcm2niix",
    "ConversionSoftwareVersion": "v1.0.20181125  GCC4.8.5",
    "DerivedVendorReportedEchoSpacing": 0.000719995,
    "DeviceSerialNumber": "67007",
    "DwellTime": 3.8e-06,
    "EchoTime": 0.03,
    "EchoTrainLength": 36,
    "EffectiveEchoSpacing": 0.000359998,
    "FlipAngle": 40,
    "ImageComments": "Unaliased_MB3_PE4",
    "ImageOrientationPatientDICOM": [
      0.999701,
      0.00869232,
      0.022875,
      6.48319e-08,
      0.934785,
      -0.355213
    ],
    "ImageType": [
      "ORIGINAL",
      "PRIMARY",
      "M",
      "MB",
      "ND",
      "NORM",
      "MOSAIC"
    ],
    "ImagingFrequency": 123.211,
    "InPlanePhaseEncodingDirectionDICOM": "COL",
    "InstitutionAddress": "Perth_Drive_100_London_Ontario_CA_N6A_5K8",
    "InstitutionName": "Robarts_Research_Institute",
    "InstitutionalDepartmentName": "CFMM",
    "MRAcquisitionType": "2D",
    "MagneticFieldStrength": 3,
    "Manufacturer": "Siemens",
    "ManufacturersModelName": "Prisma_fit",
    "Modality": "MR",
    "MultibandAccelerationFactor": 3,
    "ParallelReductionFactorInPlane": 2,
    "PartialFourier": 0.875,
    "PatientPosition": "HFS",
    "PercentPhaseFOV": 100,
    "PhaseEncodingDirection": "j-",
    "PhaseEncodingSteps": 73,
    "PhaseResolution": 1,
    "PixelBandwidth": 1565,
    "ProcedureStepDescription": "Diedrichsen_Feb2016",
    "ProtocolName": "ep_bold_mb3_p2",
    "PulseSequenceDetails": "%CustomerSeq%_cmrr_mbep2d_bold",
    "ReceiveCoilActiveElements": "HEA;HEP",
    "ReceiveCoilName": "Head_32",
    "ReconMatrixPE": 84,
    "RepetitionTime": 1,
    "SAR": 0.0820456,
    "ScanOptions": "PFP_FS",
    "ScanningSequence": "EP",
    "SequenceName": "epfid2d1_84",
    "SequenceVariant": "SK_SS",
    "SeriesDescription": "ep_bold_mb3_p2",
    "SeriesNumber": 7,
    "ShimSetting": [
      5247,
      -6170,
      -3790,
      651,
      -13,
      183,
      -16,
      37
    ],
    "SliceThickness": 3,
    "SliceTiming": [
      0,
      0.43,
      0.8575,
      0.3075,
      0.735,
      0.185,
      0.6125,
      0.0625,
      0.49,
      0.92,
      0.3675,
      0.7975,
      0.245,
      0.675,
      0.1225,
      0.5525,
      0,
      0.43,
      0.8575,
      0.3075,
      0.735,
      0.185,
      0.6125,
      0.0625,
      0.49,
      0.92,
      0.3675,
      0.7975,
      0.245,
      0.675,
      0.1225,
      0.5525,
      0,
      0.43,
      0.8575,
      0.3075,
      0.735,
      0.185,
      0.6125,
      0.0625,
      0.49,
      0.92,
      0.3675,
      0.7975,
      0.245,
      0.675,
      0.1225,
      0.5525
    ],
    "SoftwareVersions": "syngo_MR_E11",
    "SpacingBetweenSlices": 3,
    "StationName": "MRC35368",
    "TaskName": "a",
    "TotalReadoutTime": 0.0298798,
    "TxRefAmp": 282.008,
    "WipMemBlock": "9debb0dd-37d5-4d8e-9812-ae48579b2521||Sequence: ve11b/R013 r/f10bb7f; Apr  4 2016 11:55:08 by eja",
    "dataset": "ds002105",
    "modality": "bold",
    "run_id": 2,
    "session_id": "a1",
    "subject_id": "04",
    "task_id": "a"
  },
  "dummy_trs": 2,
  "dvars_nstd": 33.684248101387944,
  "dvars_std": 1.119706424147158,
  "dvars_vstd": 0.9674174683444808,
  "efc": 0.5187537449510617,
  "fber": 4125.43896484375,
  "fd_mean": 0.13744737769705082,
  "fd_num": 66,
  "fd_perc": 11.018363939899833,
  "fwhm_avg": 1.8814739480173668,
  "fwhm_x": 1.80846743366581,
  "fwhm_y": 2.093611077052957,
  "fwhm_z": 1.7423433333333334,
  "gcor": 0.00565803,
  "gsr_x": -0.008027121424674988,
  "gsr_y": 0.03451954945921898,
  "provenance": {
    "md5sum": "4ab1af0482e364d5d74f41a97ffade1f",
    "settings": {
      "fd_thres": 0.2,
      "testing": false
    },
    "software": "mriqc",
    "version": "21.0.0rc2",
    "webapi_port": null,
    "webapi_url": "https://mriqc.nimh.nih.gov/api/v1"
  },
  "size_t": 599,
  "size_x": 84,
  "size_y": 84,
  "size_z": 48,
  "snr": 4.546430785750767,
  "spacing_tr": 1.0,
  "spacing_x": 2.4761905670166016,
  "spacing_y": 2.4761905670166016,
  "spacing_z": 3.0,
  "summary_bg_k": 20.078472198992912,
  "summary_bg_mad": 43.507815091497704,
  "summary_bg_mean": 199.4843292236328,
  "summary_bg_median": 58.232051849365234,
  "summary_bg_n": 213592.0,
  "summary_bg_p05": 23.227962970733646,
  "summary_bg_p95": 928.3148956298824,
  "summary_bg_stdv": 362.2123107910156,
  "summary_fg_k": 4.678490286531021,
  "summary_fg_mad": 663.9520575245008,
  "summary_fg_mean": 3925.978271484375,
  "summary_fg_median": 3797.156005859375,
  "summary_fg_n": 66450.0,
  "summary_fg_p05": 2934.6677734375,
  "summary_fg_p95": 5367.8871093749985,
  "summary_fg_stdv": 835.1886596679688,
  "tsnr": 39.31153857847676
}