{
  "aor": 0.00042712374581939795,
  "aqi": 0.008852884899665552,
  "bids_meta": {
    "AcquisitionMatrixPE": 84,
    "AcquisitionNumber": 1,
    "AcquisitionTime": "17:22:26.452500",
    "BandwidthPerPixelPhaseEncode": 33.069,
    "BaseResolution": 84,
    "BodyPartExamined": "BRAIN",
    "ConsistencyInfo": "N4_VE11B_LATEST_20150530",
    "ConversionSoftware": "dcm2niix",
    "ConversionSoftwareVersion": "v1.0.20181125  GCC4.8.5",
    "DerivedVendorReportedEchoSpacing": 0.000719995,
    "DeviceSerialNumber": "67007",
    "DwellTime": 3.8e-06,
    "EchoTime": 0.03,
    "EchoTrainLength": 36,
    "EffectiveEchoSpacing": 0.000359998,
    "FlipAngle": 40,
    "ImageComments": "Unaliased_MB3_PE4",
    "ImageOrientationPatientDICOM": [
      0.997062,
      -0.0367422,
      -0.0672108,
      1.02681e-08,
      0.877447,
      -0.479674
    ],
    "ImageType": [
      "ORIGINAL",
      "PRIMARY",
      "M",
      "MB",
      "ND",
      "NORM",
      "MOSAIC"
    ],
    "ImagingFrequency": 123.211,
    "InPlanePhaseEncodingDirectionDICOM": "COL",
    "InstitutionAddress": "Perth_Drive_100_London_Ontario_CA_N6A_5K8",
    "InstitutionName": "Robarts_Research_Institute",
    "InstitutionalDepartmentName": "CFMM",
    "MRAcquisitionType": "2D",
    "MagneticFieldStrength": 3,
    "Manufacturer": "Siemens",
    "ManufacturersModelName": "Prisma_fit",
    "Modality": "MR",
    "MultibandAccelerationFactor": 3,
    "ParallelReductionFactorInPlane": 2,
    "PartialFourier": 0.875,
    "PatientPosition": "HFS",
    "PercentPhaseFOV": 100,
    "PhaseEncodingDirection": "j-",
    "PhaseEncodingSteps": 73,
    "PhaseResolution": 1,
    "PixelBandwidth": 1565,
    "ProcedureStepDescription": "Diedrichsen_MCC",
    "ProtocolName": "ep_bold_mb3_p2",
    "PulseSequenceDetails": "%CustomerSeq%_cmrr_mbep2d_bold",
    "ReceiveCoilActiveElements": "HEA;HEP",
    "ReceiveCoilName": "Head_32",
    "ReconMatrixPE": 84,
    "RepetitionTime": 1,
    "SAR": 0.0648545,
    "ScanOptions": "PFP_FS_EXT",
    "ScanningSequence": "EP",
    "SequenceName": "epfid2d1_84",
    "SequenceVariant": "SK_SS",
    "SeriesDescription": "ep_bold_mb3_p2",
    "SeriesNumber": 14,
    "ShimSetting": [
      5221,
      -6256,
      -3948,
      611,
      111,
      134,
      99,
      1
    ],
    "SliceThickness": 3,
    "SliceTiming": [
      0,
      0.43,
      0.8575,
      0.3075,
      0.735,
      0.185,
      0.6125,
      0.0625,
      0.49,
      0.92,
      0.3675,
      0.7975,
      0.245,
      0.675,
      0.1225,
      0.5525,
      0,
      0.43,
      0.8575,
      0.3075,
      0.735,
      0.185,
      0.6125,
      0.0625,
      0.49,
      0.92,
      0.3675,
      0.7975,
      0.245,
      0.675,
      0.1225,
      0.5525,
      0,
      0.43,
      0.8575,
      0.3075,
      0.735,
      0.185,
      0.6125,
      0.0625,
      0.49,
      0.92,
      0.3675,
      0.7975,
      0.245,
      0.675,
      0.1225,
      0.5525
    ],
    "SoftwareVersions": "syngo_MR_E11",
    "SpacingBetweenSlices": 3,
    "StationName": "MRC35368",
    "TaskName": "b",
    "TotalReadoutTime": 0.0298798,
    "TxRefAmp": 259.965,
    "WipMemBlock": "a34f2283-e772-49bd-84d5-eada3022aecd||Sequence: ve11b/master r/50434d5; Mar  3 2017 10:46:13 by eja",
    "dataset": "ds002105",
    "modality": "bold",
    "run_id": 7,
    "session_id": "b2",
    "subject_id": "14",
    "task_id": "b"
  },
  "dummy_trs": 3,
  "dvars_nstd": 30.78283669065331,
  "dvars_std": 1.1163692213400325,
  "dvars_vstd": 1.0006719121943048,
  "efc": 0.48684453733799327,
  "fber": 4180.38427734375,
  "fd_mean": 0.06669045521741551,
  "fd_num": 12,
  "fd_perc": 2.0066889632107023,
  "fwhm_avg": 1.842987945103843,
  "fwhm_x": 1.8146301257474557,
  "fwhm_y": 1.9762170428974062,
  "fwhm_z": 1.7381166666666665,
  "gcor": 0.00675235,
  "gsr_x": -0.01416582241654396,
  "gsr_y": 0.02184469625353813,
  "provenance": {
    "md5sum": "d5c564119e9fddbf5091e017b922923c",
    "settings": {
      "fd_thres": 0.2,
      "testing": false
    },
    "software": "mriqc",
    "version": "21.0.0rc2",
    "webapi_port": null,
    "webapi_url": "https://mriqc.nimh.nih.gov/api/v1"
  },
  "size_t": 598,
  "size_x": 84,
  "size_y": 84,
  "size_z": 48,
  "snr": 4.94934795112455,
  "spacing_tr": 1.0,
  "spacing_x": 2.4761905670166016,
  "spacing_y": 2.4761905670166016,
  "spacing_z": 3.0,
  "summary_bg_k": 26.109881220066207,
  "summary_bg_mad": 32.681712232135936,
  "summary_bg_mean": 147.4313201904297,
  "summary_bg_median": 51.17558670043945,
  "summary_bg_n": 224475.0,
  "summary_bg_p05": 24.648828506469727,
  "summary_bg_p95": 618.0553588867173,
  "summary_bg_stdv": 274.6282653808594,
  "summary_fg_k": 3.1305289853120355,
  "summary_fg_mad": 601.9004853517653,
  "summary_fg_mean": 3455.503662109375,
  "summary_fg_median": 3362.80615234375,
  "summary_fg_n": 58544.0,
  "summary_fg_p05": 2605.620153808594,
  "summary_fg_p95": 4636.836108398437,
  "summary_fg_stdv": 679.4384765625,
  "tsnr": 47.41941152326763
}