{
  "aor": 0.0005003846153846154,
  "aqi": 0.007884749331103679,
  "bids_meta": {
    "AcquisitionMatrixPE": 84,
    "AcquisitionNumber": 1,
    "AcquisitionTime": "16:49:42.327500",
    "BandwidthPerPixelPhaseEncode": 33.069,
    "BaseResolution": 84,
    "BodyPartExamined": "BRAIN",
    "ConsistencyInfo": "N4_VE11B_LATEST_20150530",
    "ConversionSoftware": "dcm2niix",
    "ConversionSoftwareVersion": "v1.0.20181125  GCC4.8.5",
    "DerivedVendorReportedEchoSpacing": 0.000719995,
    "DeviceSerialNumber": "67007",
    "DwellTime": 3.8e-06,
    "EchoTime": 0.03,
    "EchoTrainLength": 36,
    "EffectiveEchoSpacing": 0.000359998,
    "FlipAngle": 40,
    "ImageComments": "Unaliased_MB3_PE4",
    "ImageOrientationPatientDICOM": [
      0.997062,
      -0.0367422,
      -0.0672108,
      1.02681e-08,
      0.877447,
      -0.479674
    ],
    "ImageType": [
      "ORIGINAL",
      "PRIMARY",
      "M",
      "MB",
      "ND",
      "NORM",
      "MOSAIC"
    ],
    "ImagingFrequency": 123.211,
    "InPlanePhaseEncodingDirectionDICOM": "COL",
    "InstitutionAddress": "Perth_Drive_100_London_Ontario_CA_N6A_5K8",
    "InstitutionName": "Robarts_Research_Institute",
    "InstitutionalDepartmentName": "CFMM",
    "MRAcquisitionType": "2D",
    "MagneticFieldStrength": 3,
    "Manufacturer": "Siemens",
    "ManufacturersModelName": "Prisma_fit",
    "Modality": "MR",
    "MultibandAccelerationFactor": 3,
    "ParallelReductionFactorInPlane": 2,
    "PartialFourier": 0.875,
    "PatientPosition": "HFS",
    "PercentPhaseFOV": 100,
    "PhaseEncodingDirection": "j-",
    "PhaseEncodingSteps": 73,
    "PhaseResolution": 1,
    "PixelBandwidth": 1565,
    "ProcedureStepDescription": "Diedrichsen_MCC",
    "ProtocolName": "ep_bold_mb3_p2",
    "PulseSequenceDetails": "%CustomerSeq%_cmrr_mbep2d_bold",
    "ReceiveCoilActiveElements": "HEA;HEP",
    "ReceiveCoilName": "Head_32",
    "ReconMatrixPE": 84,
    "RepetitionTime": 1,
    "SAR": 0.0648545,
    "ScanOptions": "PFP_FS_EXT",
    "ScanningSequence": "EP",
    "SequenceName": "epfid2d1_84",
    "SequenceVariant": "SK_SS",
    "SeriesDescription": "ep_bold_mb3_p2",
    "SeriesNumber": 8,
    "ShimSetting": [
      5221,
      -6256,
      -3948,
      611,
      111,
      134,
      99,
      1
    ],
    "SliceThickness": 3,
    "SliceTiming": [
      0,
      0.4275,
      0.8575,
      0.305,
      0.735,
      0.1825,
      0.6125,
      0.06,
      0.49,
      0.9175,
      0.3675,
      0.795,
      0.245,
      0.6725,
      0.1225,
      0.55,
      0,
      0.4275,
      0.8575,
      0.305,
      0.735,
      0.1825,
      0.6125,
      0.06,
      0.49,
      0.9175,
      0.3675,
      0.795,
      0.245,
      0.6725,
      0.1225,
      0.55,
      0,
      0.4275,
      0.8575,
      0.305,
      0.735,
      0.1825,
      0.6125,
      0.06,
      0.49,
      0.9175,
      0.3675,
      0.795,
      0.245,
      0.6725,
      0.1225,
      0.55
    ],
    "SoftwareVersions": "syngo_MR_E11",
    "SpacingBetweenSlices": 3,
    "StationName": "MRC35368",
    "TaskName": "b",
    "TotalReadoutTime": 0.0298798,
    "TxRefAmp": 259.965,
    "WipMemBlock": "4dc320df-f36f-4dac-8500-c85ffe80aa5b||Sequence: ve11b/master r/50434d5; Mar  3 2017 10:46:13 by eja",
    "dataset": "ds002105",
    "modality": "bold",
    "run_id": 4,
    "session_id": "b2",
    "subject_id": "14",
    "task_id": "b"
  },
  "dummy_trs": 3,
  "dvars_nstd": 31.71050437517589,
  "dvars_std": 1.1422410238023446,
  "dvars_vstd": 1.0098481480067012,
  "efc": 0.48465004068544426,
  "fber": 4273.369140625,
  "fd_mean": 0.07159256675595149,
  "fd_num": 7,
  "fd_perc": 1.1705685618729098,
  "fwhm_avg": 1.8453335434362141,
  "fwhm_x": 1.8111328181834287,
  "fwhm_y": 1.976297812125213,
  "fwhm_z": 1.74857,
  "gcor": 0.00978707,
  "gsr_x": -0.013907254673540592,
  "gsr_y": 0.021493885666131973,
  "provenance": {
    "md5sum": "c3b442899f8d40cb8a6bbf1b43c36b93",
    "settings": {
      "fd_thres": 0.2,
      "testing": false
    },
    "software": "mriqc",
    "version": "21.0.0rc2",
    "webapi_port": null,
    "webapi_url": "https://mriqc.nimh.nih.gov/api/v1"
  },
  "size_t": 598,
  "size_x": 84,
  "size_y": 84,
  "size_z": 48,
  "snr": 4.936790268146794,
  "spacing_tr": 1.0,
  "spacing_x": 2.4761905670166016,
  "spacing_y": 2.4761905670166016,
  "spacing_z": 3.0,
  "summary_bg_k": 25.82557950064609,
  "summary_bg_mad": 31.932968249807445,
  "summary_bg_mean": 142.56912231445312,
  "summary_bg_median": 50.665550231933594,
  "summary_bg_n": 224579.0,
  "summary_bg_p05": 24.55518341064453,
  "summary_bg_p95": 594.7764282226553,
  "summary_bg_stdv": 266.3287658691406,
  "summary_fg_k": 3.178579927998471,
  "summary_fg_mad": 604.3526066235588,
  "summary_fg_mean": 3457.11376953125,
  "summary_fg_median": 3366.2734375,
  "summary_fg_n": 58440.0,
  "summary_fg_p05": 2600.4555419921876,
  "summary_fg_p95": 4638.084301757812,
  "summary_fg_stdv": 681.8690795898438,
  "tsnr": 50.02184660662897
}