{
  "aor": 0.003077233333333334,
  "aqi": 0.0095573277,
  "bids_meta": {
    "AcquisitionMatrixPE": 84,
    "AcquisitionNumber": 1,
    "AcquisitionTime": "16:16:52.882500",
    "BandwidthPerPixelPhaseEncode": 33.069,
    "BaseResolution": 84,
    "BodyPartExamined": "BRAIN",
    "ConsistencyInfo": "N4_VE11B_LATEST_20150530",
    "ConversionSoftware": "dcm2niix",
    "ConversionSoftwareVersion": "v1.0.20181125  GCC4.8.5",
    "DerivedVendorReportedEchoSpacing": 0.000719995,
    "DeviceSerialNumber": "67007",
    "DwellTime": 3.8e-06,
    "EchoTime": 0.03,
    "EchoTrainLength": 36,
    "EffectiveEchoSpacing": 0.000359998,
    "FlipAngle": 40,
    "ImageComments": "Unaliased_MB3_PE4",
    "ImageOrientationPatientDICOM": [
      0.997062,
      -0.0367422,
      -0.0672108,
      1.02681e-08,
      0.877447,
      -0.479674
    ],
    "ImageType": [
      "ORIGINAL",
      "PRIMARY",
      "M",
      "MB",
      "ND",
      "NORM",
      "MOSAIC"
    ],
    "ImagingFrequency": 123.211,
    "InPlanePhaseEncodingDirectionDICOM": "COL",
    "InstitutionAddress": "Perth_Drive_100_London_Ontario_CA_N6A_5K8",
    "InstitutionName": "Robarts_Research_Institute",
    "InstitutionalDepartmentName": "CFMM",
    "MRAcquisitionType": "2D",
    "MagneticFieldStrength": 3,
    "Manufacturer": "Siemens",
    "ManufacturersModelName": "Prisma_fit",
    "Modality": "MR",
    "MultibandAccelerationFactor": 3,
    "ParallelReductionFactorInPlane": 2,
    "PartialFourier": 0.875,
    "PatientPosition": "HFS",
    "PercentPhaseFOV": 100,
    "PhaseEncodingDirection": "j-",
    "PhaseEncodingSteps": 73,
    "PhaseResolution": 1,
    "PixelBandwidth": 1565,
    "ProcedureStepDescription": "Diedrichsen_MCC",
    "ProtocolName": "ep_bold_mb3_p2",
    "PulseSequenceDetails": "%CustomerSeq%_cmrr_mbep2d_bold",
    "ReceiveCoilActiveElements": "HEA;HEP",
    "ReceiveCoilName": "Head_32",
    "ReconMatrixPE": 84,
    "RepetitionTime": 1,
    "SAR": 0.0648545,
    "ScanOptions": "PFP_FS_EXT",
    "ScanningSequence": "EP",
    "SequenceName": "epfid2d1_84",
    "SequenceVariant": "SK_SS",
    "SeriesDescription": "ep_bold_mb3_p2",
    "SeriesNumber": 2,
    "ShimSetting": [
      5221,
      -6256,
      -3948,
      611,
      111,
      134,
      99,
      1
    ],
    "SliceThickness": 3,
    "SliceTiming": [
      0,
      0.4275,
      0.855,
      0.305,
      0.7325,
      0.1825,
      0.61,
      0.06,
      0.4875,
      0.9175,
      0.365,
      0.795,
      0.2425,
      0.6725,
      0.1225,
      0.55,
      0,
      0.4275,
      0.855,
      0.305,
      0.7325,
      0.1825,
      0.61,
      0.06,
      0.4875,
      0.9175,
      0.365,
      0.795,
      0.2425,
      0.6725,
      0.1225,
      0.55,
      0,
      0.4275,
      0.855,
      0.305,
      0.7325,
      0.1825,
      0.61,
      0.06,
      0.4875,
      0.9175,
      0.365,
      0.795,
      0.2425,
      0.6725,
      0.1225,
      0.55
    ],
    "SoftwareVersions": "syngo_MR_E11",
    "SpacingBetweenSlices": 3,
    "StationName": "MRC35368",
    "TaskName": "b",
    "TotalReadoutTime": 0.0298798,
    "TxRefAmp": 259.965,
    "WipMemBlock": "3280ac7d-9498-4048-b2de-f4c36b08b50f||Sequence: ve11b/master r/50434d5; Mar  3 2017 10:46:13 by eja",
    "dataset": "ds002105",
    "modality": "bold",
    "run_id": 1,
    "session_id": "b2",
    "subject_id": "14",
    "task_id": "b"
  },
  "dummy_trs": 1,
  "dvars_nstd": 32.74610081896495,
  "dvars_std": 1.1674584103672798,
  "dvars_vstd": 1.0408361668614379,
  "efc": 0.481636153702316,
  "fber": 4392.10107421875,
  "fd_mean": 0.08534175552146389,
  "fd_num": 12,
  "fd_perc": 2.0,
  "fwhm_avg": 1.8665436925272934,
  "fwhm_x": 1.8354201249848834,
  "fwhm_y": 1.9913976192636629,
  "fwhm_z": 1.7728133333333334,
  "gcor": 0.0071891,
  "gsr_x": -0.012768466025590897,
  "gsr_y": 0.020529095083475113,
  "provenance": {
    "md5sum": "b64ca31dd00988843ee18df2da005195",
    "settings": {
      "fd_thres": 0.2,
      "testing": false
    },
    "software": "mriqc",
    "version": "21.0.0rc2",
    "webapi_port": null,
    "webapi_url": "https://mriqc.nimh.nih.gov/api/v1"
  },
  "size_t": 600,
  "size_x": 84,
  "size_y": 84,
  "size_z": 48,
  "snr": 4.905074109412288,
  "spacing_tr": 1.0,
  "spacing_x": 2.4761905670166016,
  "spacing_y": 2.4761905670166016,
  "spacing_z": 3.0,
  "summary_bg_k": 30.472893998296037,
  "summary_bg_mad": 31.200128035783543,
  "summary_bg_mean": 135.79405212402344,
  "summary_bg_median": 49.967498779296875,
  "summary_bg_n": 224584.0,
  "summary_bg_p05": 24.108333587646484,
  "summary_bg_p95": 548.4523223876936,
  "summary_bg_stdv": 257.8363952636719,
  "summary_fg_k": 3.14744256307137,
  "summary_fg_mad": 606.1222458438405,
  "summary_fg_mean": 3463.033447265625,
  "summary_fg_median": 3366.635009765625,
  "summary_fg_n": 58383.0,
  "summary_fg_p05": 2600.1490966796873,
  "summary_fg_p95": 4657.105273437496,
  "summary_fg_stdv": 686.3517456054688,
  "tsnr": 45.20672535337508
}