{
  "aor": 0.00019723793677204658,
  "aqi": 0.008695721114808652,
  "bids_meta": {
    "AcquisitionMatrixPE": 84,
    "AcquisitionNumber": 1,
    "AcquisitionTime": "16:18:30.575000",
    "BandwidthPerPixelPhaseEncode": 33.069,
    "BaseResolution": 84,
    "BodyPartExamined": "BRAIN",
    "ConsistencyInfo": "N4_VE11B_LATEST_20150530",
    "ConversionSoftware": "dcm2niix",
    "ConversionSoftwareVersion": "v1.0.20181125  GCC4.8.5",
    "DerivedVendorReportedEchoSpacing": 0.000719995,
    "DeviceSerialNumber": "67007",
    "DwellTime": 3.8e-06,
    "EchoTime": 0.03,
    "EchoTrainLength": 36,
    "EffectiveEchoSpacing": 0.000359998,
    "FlipAngle": 40,
    "ImageComments": "Unaliased_MB3_PE4",
    "ImageOrientationPatientDICOM": [
      1,
      0,
      0,
      0,
      0.902585,
      -0.430511
    ],
    "ImageType": [
      "ORIGINAL",
      "PRIMARY",
      "M",
      "MB",
      "ND",
      "NORM",
      "MOSAIC"
    ],
    "ImagingFrequency": 123.211,
    "InPlanePhaseEncodingDirectionDICOM": "COL",
    "InstitutionAddress": "Perth_Drive_100_London_Ontario_CA_N6A_5K8",
    "InstitutionName": "Robarts_Research_Institute",
    "InstitutionalDepartmentName": "CFMM",
    "MRAcquisitionType": "2D",
    "MagneticFieldStrength": 3,
    "Manufacturer": "Siemens",
    "ManufacturersModelName": "Prisma_fit",
    "Modality": "MR",
    "MultibandAccelerationFactor": 3,
    "ParallelReductionFactorInPlane": 2,
    "PartialFourier": 0.875,
    "PatientPosition": "HFS",
    "PercentPhaseFOV": 100,
    "PhaseEncodingDirection": "j-",
    "PhaseEncodingSteps": 73,
    "PhaseResolution": 1,
    "PixelBandwidth": 1565,
    "ProcedureStepDescription": "Diedrichsen_MCC",
    "ProtocolName": "ep_bold_mb3_p2",
    "PulseSequenceDetails": "%CustomerSeq%_cmrr_mbep2d_bold",
    "ReceiveCoilActiveElements": "HEA;HEP",
    "ReceiveCoilName": "Head_32",
    "ReconMatrixPE": 84,
    "RepetitionTime": 1,
    "SAR": 0.0779454,
    "ScanOptions": "PFP_FS_EXT",
    "ScanningSequence": "EP",
    "SequenceName": "epfid2d1_84",
    "SequenceVariant": "SK_SS",
    "SeriesDescription": "ep_bold_mb3_p2",
    "SeriesNumber": 13,
    "ShimSetting": [
      5242,
      -6130,
      -3983,
      591,
      79,
      -258,
      8,
      -32
    ],
    "SliceThickness": 3,
    "SliceTiming": [
      0,
      0.43,
      0.8575,
      0.3075,
      0.735,
      0.185,
      0.6125,
      0.0625,
      0.49,
      0.9175,
      0.3675,
      0.795,
      0.245,
      0.675,
      0.1225,
      0.5525,
      0,
      0.43,
      0.8575,
      0.3075,
      0.735,
      0.185,
      0.6125,
      0.0625,
      0.49,
      0.9175,
      0.3675,
      0.795,
      0.245,
      0.675,
      0.1225,
      0.5525,
      0,
      0.43,
      0.8575,
      0.3075,
      0.735,
      0.185,
      0.6125,
      0.0625,
      0.49,
      0.9175,
      0.3675,
      0.795,
      0.245,
      0.675,
      0.1225,
      0.5525
    ],
    "SoftwareVersions": "syngo_MR_E11",
    "SpacingBetweenSlices": 3,
    "StationName": "MRC35368",
    "TaskName": "b",
    "TotalReadoutTime": 0.0298798,
    "TxRefAmp": 268.717,
    "WipMemBlock": "569d00f8-cf42-4b42-943e-3f86bdc32028||Sequence: ve11b/master r/50434d5; Mar  3 2017 10:46:13 by eja",
    "dataset": "ds002105",
    "modality": "bold",
    "run_id": 6,
    "session_id": "b1",
    "subject_id": "19",
    "task_id": "b"
  },
  "dummy_trs": 0,
  "dvars_nstd": 32.33294490815001,
  "dvars_std": 1.0940557763333338,
  "dvars_vstd": 1.0022937015166673,
  "efc": 0.5208538815751919,
  "fber": 3360.513671875,
  "fd_mean": 0.07707133683156465,
  "fd_num": 4,
  "fd_perc": 0.6655574043261231,
  "fwhm_avg": 1.9204921310464371,
  "fwhm_x": 1.8822218540374367,
  "fwhm_y": 2.0796945391018746,
  "fwhm_z": 1.7995599999999998,
  "gcor": 0.0108819,
  "gsr_x": -0.004598419647663832,
  "gsr_y": 0.02573542483150959,
  "provenance": {
    "md5sum": "db11d0866811f18cc1079e417f273796",
    "settings": {
      "fd_thres": 0.2,
      "testing": false
    },
    "software": "mriqc",
    "version": "21.0.0rc2",
    "webapi_port": null,
    "webapi_url": "https://mriqc.nimh.nih.gov/api/v1"
  },
  "size_t": 601,
  "size_x": 84,
  "size_y": 84,
  "size_z": 48,
  "snr": 5.162573120363004,
  "spacing_tr": 1.0,
  "spacing_x": 2.4761905670166016,
  "spacing_y": 2.4761905670166016,
  "spacing_z": 3.0,
  "summary_bg_k": 18.265978891675356,
  "summary_bg_mad": 38.87822078565011,
  "summary_bg_mean": 172.9903106689453,
  "summary_bg_median": 54.13311004638672,
  "summary_bg_n": 214951.0,
  "summary_bg_p05": 22.16888427734375,
  "summary_bg_p95": 781.9508972167969,
  "summary_bg_stdv": 300.7037658691406,
  "summary_fg_k": 4.473424320976025,
  "summary_fg_mad": 553.8654041478535,
  "summary_fg_mean": 3301.657470703125,
  "summary_fg_median": 3226.841796875,
  "summary_fg_n": 66202.0,
  "summary_fg_p05": 2492.8653076171877,
  "summary_fg_p95": 4328.432958984374,
  "summary_fg_stdv": 625.04052734375,
  "tsnr": 47.29041866865009
}