{
  "bids_meta": {
    "AcquisitionMatrixPE": 256,
    "AcquisitionNumber": 1,
    "AcquisitionTime": "11:39:25.390000",
    "BaseResolution": 256,
    "BodyPartExamined": "BRAIN",
    "ConsistencyInfo": "N4_VE11B_LATEST_20150530",
    "ConversionSoftware": "dcm2niix",
    "ConversionSoftwareVersion": "v1.0.20181125  GCC4.8.5",
    "DeviceSerialNumber": "67007",
    "DwellTime": 8.9e-06,
    "EchoTime": 0.091,
    "EchoTrainLength": 18,
    "FlipAngle": 120,
    "ImageOrientationPatientDICOM": [
      1,
      0,
      0,
      0,
      0.888617,
      -0.45865
    ],
    "ImageType": [
      "ORIGINAL",
      "PRIMARY",
      "M",
      "ND",
      "NORM"
    ],
    "ImagingFrequency": 123.211,
    "InPlanePhaseEncodingDirectionDICOM": "COL",
    "InstitutionAddress": "Perth_Drive_100_London_Ontario_CA_N6A_5K8",
    "InstitutionName": "Robarts_Research_Institute",
    "InstitutionalDepartmentName": "CFMM",
    "Interpolation2D": 1,
    "MRAcquisitionType": "2D",
    "MagneticFieldStrength": 3,
    "Manufacturer": "Siemens",
    "ManufacturersModelName": "Prisma_fit",
    "Modality": "MR",
    "ParallelReductionFactorInPlane": 2,
    "PartialFourier": 1,
    "PatientPosition": "HFS",
    "PercentPhaseFOV": 100,
    "PhaseEncodingDirection": "j-",
    "PhaseEncodingSteps": 255,
    "PhaseResolution": 1,
    "PixelBandwidth": 220,
    "ProcedureStepDescription": "Diedrichsen_MCC",
    "ProtocolName": "t2_tse_tra_256_p2",
    "PulseSequenceDetails": "%SiemensSeq%_tse",
    "ReceiveCoilActiveElements": "HEA;HEP",
    "ReceiveCoilName": "Head_32",
    "ReconMatrixPE": 512,
    "RepetitionTime": 8.53,
    "SAR": 0.490054,
    "ScanningSequence": "SE",
    "SequenceName": "_tse2d1_18",
    "SequenceVariant": "SK_SP",
    "SeriesDescription": "t2_tse_tra_256_p2",
    "SeriesNumber": 20,
    "ShimSetting": [
      5237,
      -6157,
      -4055,
      53,
      3,
      -37,
      -27,
      1
    ],
    "SliceThickness": 3,
    "SoftwareVersions": "syngo_MR_E11",
    "SpacingBetweenSlices": 3,
    "StationName": "MRC35368",
    "TxRefAmp": 251.544,
    "dataset": "ds002105",
    "modality": "T2w",
    "session_id": "b2",
    "subject_id": "22"
  },
  "cjv": 0.4713457488529838,
  "cnr": 3.012959224747623,
  "efc": 0.5790320901901683,
  "fber": 9877.165258290815,
  "fwhm_avg": 4.742838662956982,
  "fwhm_x": 5.839433846153846,
  "fwhm_y": 6.72448,
  "fwhm_z": 1.6646021427171003,
  "icvs_csf": 0.1757082788179259,
  "icvs_gm": 0.43258919200690293,
  "icvs_wm": 0.3917025291751712,
  "inu_med": 1.3874006271362305,
  "inu_range": 0.3010540664196013,
  "provenance": {
    "md5sum": "97c9006d973a723691b3ea2097c8bbb4",
    "settings": {
      "testing": false
    },
    "software": "mriqc",
    "version": "21.0.0rc2",
    "warnings": {
      "large_rot_frame": true,
      "small_air_mask": false
    },
    "webapi_port": null,
    "webapi_url": "https://mriqc.nimh.nih.gov/api/v1"
  },
  "qi_1": 0.0,
  "qi_2": 0.011390287320400408,
  "rpve_csf": 16.876191675604233,
  "rpve_gm": 7.8682857398735955,
  "rpve_wm": 9.815750552356258,
  "size_x": 512,
  "size_y": 512,
  "size_z": 48,
  "snr_csf": 3.0401065914446987,
  "snr_gm": 11.023496135225537,
  "snr_total": 7.989479619042842,
  "snr_wm": 9.904836130458287,
  "snrd_csf": 234.99325796143955,
  "snrd_gm": 111.41069808032007,
  "snrd_total": 139.69119546567572,
  "snrd_wm": 72.66963035526754,
  "spacing_x": 0.40625,
  "spacing_y": 0.40625,
  "spacing_z": 3.000002145767212,
  "summary_bg_k": 331.26159057663125,
  "summary_bg_mad": 9.17348676578866,
  "summary_bg_mean": 15.664473674268947,
  "summary_bg_median": 12.487344190478325,
  "summary_bg_n": 2817667.0,
  "summary_bg_p05": 0.0,
  "summary_bg_p95": 31.724604159593582,
  "summary_bg_stdv": 42.837312721857245,
  "summary_csf_k": 0.7446721542407513,
  "summary_csf_mad": 905.0061671121686,
  "summary_csf_mean": 3323.927627908245,
  "summary_csf_median": 3290.471443489194,
  "summary_csf_n": 334894.0,
  "summary_csf_p05": 730.6783830374479,
  "summary_csf_p95": 5020.924851939082,
  "summary_csf_stdv": 1082.3523556836792,
  "summary_gm_k": -0.30255953870097585,
  "summary_gm_mad": 152.9470429859673,
  "summary_gm_mean": 1566.301113978707,
  "summary_gm_median": 1560.0180350393057,
  "summary_gm_n": 734788.0,
  "summary_gm_p05": 1349.533161342144,
  "summary_gm_p95": 1801.890017107129,
  "summary_gm_stdv": 141.51744186773664,
  "summary_wm_k": 0.1401801522599082,
  "summary_wm_mad": 102.74305177683298,
  "summary_wm_mean": 1013.8899023171899,
  "summary_wm_median": 1017.5498036295176,
  "summary_wm_n": 803587.0,
  "summary_wm_p05": 838.0020439177752,
  "summary_wm_p95": 1173.9228525012732,
  "summary_wm_stdv": 102.73255984219986,
  "tpm_overlap_csf": 0.14381124079227448,
  "tpm_overlap_gm": 0.4182323217391968,
  "tpm_overlap_wm": 0.4380676746368408,
  "wm2max": 0.19274207296283669
}