{
  "bids_meta": {
    "AcquisitionMatrixPE": 256,
    "AcquisitionNumber": 1,
    "AcquisitionTime": "14:43:9.802500",
    "BaseResolution": 256,
    "BodyPartExamined": "BRAIN",
    "ConsistencyInfo": "N4_VE11B_LATEST_20150530",
    "ConversionSoftware": "dcm2niix",
    "ConversionSoftwareVersion": "v1.0.20181125  GCC4.8.5",
    "DeviceSerialNumber": "67007",
    "DwellTime": 8.2e-06,
    "EchoTime": 0.00298,
    "FlipAngle": 9,
    "ImageOrientationPatientDICOM": [
      0.0210045,
      0.999779,
      -3.01282e-08,
      0.0172677,
      -0.000362809,
      -0.999851
    ],
    "ImageType": [
      "ORIGINAL",
      "PRIMARY",
      "M",
      "ND",
      "NORM"
    ],
    "ImagingFrequency": 123.211,
    "InPlanePhaseEncodingDirectionDICOM": "ROW",
    "InstitutionAddress": "Perth_Drive_100_London_Ontario_CA_N6A_5K8",
    "InstitutionName": "Robarts_Research_Institute",
    "InstitutionalDepartmentName": "CFMM",
    "InversionTime": 0.9,
    "MRAcquisitionType": "3D",
    "MagneticFieldStrength": 3,
    "Manufacturer": "Siemens",
    "ManufacturersModelName": "Prisma_fit",
    "Modality": "MR",
    "PartialFourier": 1,
    "PatientPosition": "HFS",
    "PercentPhaseFOV": 100,
    "PhaseEncodingSteps": 255,
    "PhaseResolution": 1,
    "PixelBandwidth": 240,
    "ProcedureStepDescription": "Diedrichsen_Maebdh",
    "ProtocolName": "mprage_sag_p2",
    "PulseSequenceDetails": "%SiemensSeq%_tfl",
    "ReceiveCoilActiveElements": "HEA;HEP",
    "ReceiveCoilName": "Head_32",
    "ReconMatrixPE": 256,
    "RepetitionTime": 2.3,
    "SAR": 0.0618147,
    "ScanOptions": "IR",
    "ScanningSequence": "GR_IR",
    "SequenceName": "_tfl3d1_16ns",
    "SequenceVariant": "SK_SP_MP",
    "SeriesDescription": "mprage_sag_p2",
    "SeriesNumber": 2,
    "ShimSetting": [
      5250,
      -6171,
      -3922,
      383,
      32,
      -17,
      119,
      -34
    ],
    "SliceThickness": 1,
    "SoftwareVersions": "syngo_MR_E11",
    "StationName": "MRC35368",
    "TxRefAmp": 241.59,
    "dataset": "ds002105",
    "modality": "T1w",
    "session_id": "b2",
    "subject_id": "22"
  },
  "cjv": 0.3670364798423136,
  "cnr": 3.492299128954424,
  "efc": 0.5299244751940608,
  "fber": 14834.830591059952,
  "fwhm_avg": 3.2266033333333333,
  "fwhm_x": 3.16927,
  "fwhm_y": 3.42001,
  "fwhm_z": 3.09053,
  "icvs_csf": 0.1806713217000054,
  "icvs_gm": 0.4493943160440225,
  "icvs_wm": 0.3699343622559721,
  "inu_med": 0.8825743794441223,
  "inu_range": 0.22404501438140878,
  "provenance": {
    "md5sum": "da88a8d2dcf68d0a29f01720b391c704",
    "settings": {
      "testing": false
    },
    "software": "mriqc",
    "version": "21.0.0rc2",
    "warnings": {
      "large_rot_frame": true,
      "small_air_mask": false
    },
    "webapi_port": null,
    "webapi_url": "https://mriqc.nimh.nih.gov/api/v1"
  },
  "qi_1": 0.013059690304198597,
  "qi_2": 0.012632032278783152,
  "rpve_csf": 32.32536481630857,
  "rpve_gm": 14.787673134146374,
  "rpve_wm": 21.268473819640647,
  "size_x": 176,
  "size_y": 256,
  "size_z": 256,
  "snr_csf": 2.5037916793685655,
  "snr_gm": 10.821858703113238,
  "snr_total": 11.948511728655363,
  "snr_wm": 22.51988480348429,
  "snrd_csf": 24.61175639051171,
  "snrd_gm": 55.25576960908412,
  "snrd_total": 52.21333864912245,
  "snrd_wm": 76.77248994777152,
  "spacing_x": 1.0,
  "spacing_y": 1.0,
  "spacing_z": 1.0,
  "summary_bg_k": 67.59535482101933,
  "summary_bg_mad": 8.533891012837186,
  "summary_bg_mean": 5.900656364127374,
  "summary_bg_median": 5.7560220174491405,
  "summary_bg_n": 2556896.0,
  "summary_bg_p05": 0.0,
  "summary_bg_p95": 17.26806605234742,
  "summary_bg_stdv": 6.759655276406379,
  "summary_csf_k": -0.5559857137797382,
  "summary_csf_mad": 134.67770858914483,
  "summary_csf_mean": 355.669755452911,
  "summary_csf_median": 320.5959153920412,
  "summary_csf_n": 7403.0,
  "summary_csf_p05": 190.73231948912144,
  "summary_csf_p95": 573.7012633811682,
  "summary_csf_stdv": 128.035516770198,
  "summary_gm_k": 0.23799752570503818,
  "summary_gm_mad": 62.49820182930763,
  "summary_gm_mean": 721.9962537724709,
  "summary_gm_median": 719.7687868122011,
  "summary_gm_n": 17018.0,
  "summary_gm_p05": 615.2171768061817,
  "summary_gm_p95": 838.770914277993,
  "summary_gm_stdv": 66.50868940060273,
  "summary_wm_k": 0.9042981177622713,
  "summary_wm_mad": 40.374627228801145,
  "summary_wm_mean": 998.6932093778647,
  "summary_wm_median": 1000.0483631156385,
  "summary_wm_n": 173085.0,
  "summary_wm_p05": 923.478759303689,
  "summary_wm_p95": 1067.863009069115,
  "summary_wm_stdv": 44.4072197946123,
  "tpm_overlap_csf": 0.1692853718996048,
  "tpm_overlap_gm": 0.4404478669166565,
  "tpm_overlap_wm": 0.48822730779647827,
  "wm2max": 0.42172361040285566
}