{
  "aor": 0.0004792845257903495,
  "aqi": 0.009106130632279535,
  "bids_meta": {
    "AcquisitionMatrixPE": 84,
    "AcquisitionNumber": 1,
    "AcquisitionTime": "12:00:28.925000",
    "BandwidthPerPixelPhaseEncode": 33.069,
    "BaseResolution": 84,
    "BodyPartExamined": "BRAIN",
    "ConsistencyInfo": "N4_VE11B_LATEST_20150530",
    "ConversionSoftware": "dcm2niix",
    "ConversionSoftwareVersion": "v1.0.20181125  GCC4.8.5",
    "DerivedVendorReportedEchoSpacing": 0.000719995,
    "DeviceSerialNumber": "67007",
    "DwellTime": 3.8e-06,
    "EchoTime": 0.03,
    "EchoTrainLength": 36,
    "EffectiveEchoSpacing": 0.000359998,
    "FlipAngle": 40,
    "ImageComments": "Unaliased_MB3_PE4",
    "ImageOrientationPatientDICOM": [
      1,
      0,
      0,
      0,
      0.901077,
      -0.433659
    ],
    "ImageType": [
      "ORIGINAL",
      "PRIMARY",
      "M",
      "MB",
      "ND",
      "NORM",
      "MOSAIC"
    ],
    "ImagingFrequency": 123.211,
    "InPlanePhaseEncodingDirectionDICOM": "COL",
    "InstitutionAddress": "Perth_Drive_100_London_Ontario_CA_N6A_5K8",
    "InstitutionName": "Robarts_Research_Institute",
    "InstitutionalDepartmentName": "CFMM",
    "MRAcquisitionType": "2D",
    "MagneticFieldStrength": 3,
    "Manufacturer": "Siemens",
    "ManufacturersModelName": "Prisma_fit",
    "Modality": "MR",
    "MultibandAccelerationFactor": 3,
    "ParallelReductionFactorInPlane": 2,
    "PartialFourier": 0.875,
    "PatientPosition": "HFS",
    "PercentPhaseFOV": 100,
    "PhaseEncodingDirection": "j-",
    "PhaseEncodingSteps": 73,
    "PhaseResolution": 1,
    "PixelBandwidth": 1565,
    "ProcedureStepDescription": "Diedrichsen_MCC",
    "ProtocolName": "ep_bold_mb3_p2",
    "PulseSequenceDetails": "%CustomerSeq%_cmrr_mbep2d_bold",
    "ReceiveCoilActiveElements": "HEA;HEP",
    "ReceiveCoilName": "Head_32",
    "ReconMatrixPE": 84,
    "RepetitionTime": 1,
    "SAR": 0.06349,
    "ScanOptions": "PFP_FS_EXT",
    "ScanningSequence": "EP",
    "SequenceName": "epfid2d1_84",
    "SequenceVariant": "SK_SS",
    "SeriesDescription": "ep_bold_mb3_p2",
    "SeriesNumber": 5,
    "ShimSetting": [
      5226,
      -6337,
      -3940,
      740,
      -79,
      -133,
      -656,
      128
    ],
    "SliceThickness": 3,
    "SliceTiming": [
      0,
      0.4275,
      0.855,
      0.305,
      0.7325,
      0.1825,
      0.61,
      0.06,
      0.4875,
      0.9175,
      0.365,
      0.795,
      0.2425,
      0.6725,
      0.1225,
      0.55,
      0,
      0.4275,
      0.855,
      0.305,
      0.7325,
      0.1825,
      0.61,
      0.06,
      0.4875,
      0.9175,
      0.365,
      0.795,
      0.2425,
      0.6725,
      0.1225,
      0.55,
      0,
      0.4275,
      0.855,
      0.305,
      0.7325,
      0.1825,
      0.61,
      0.06,
      0.4875,
      0.9175,
      0.365,
      0.795,
      0.2425,
      0.6725,
      0.1225,
      0.55
    ],
    "SoftwareVersions": "syngo_MR_E11",
    "SpacingBetweenSlices": 3,
    "StationName": "MRC35368",
    "TaskName": "rest",
    "TotalReadoutTime": 0.0298798,
    "TxRefAmp": 241.301,
    "WipMemBlock": "1a672a7e-8f45-4c0d-9269-4af06cc15dba||Sequence: ve11b/master r/50434d5; Mar  3 2017 10:46:13 by eja",
    "dataset": "ds002105",
    "modality": "bold",
    "run_id": 2,
    "session_id": "rest",
    "subject_id": "30",
    "task_id": "rest"
  },
  "dummy_trs": 0,
  "dvars_nstd": 27.64601899144999,
  "dvars_std": 1.0775446066500003,
  "dvars_vstd": 0.9988116958166664,
  "efc": 0.4645399549919053,
  "fber": 6102.701171875,
  "fd_mean": 0.1979554424246116,
  "fd_num": 291,
  "fd_perc": 48.41930116472546,
  "fwhm_avg": 1.8989585206459052,
  "fwhm_x": 1.8776139695910685,
  "fwhm_y": 2.02618492567998,
  "fwhm_z": 1.7930766666666667,
  "gcor": 0.0173776,
  "gsr_x": -0.0010809781961143017,
  "gsr_y": 0.012915507890284061,
  "provenance": {
    "md5sum": "345583fe89d386c1d672cf0ce3b42a6c",
    "settings": {
      "fd_thres": 0.2,
      "testing": false
    },
    "software": "mriqc",
    "version": "21.0.0rc2",
    "webapi_port": null,
    "webapi_url": "https://mriqc.nimh.nih.gov/api/v1"
  },
  "size_t": 601,
  "size_x": 84,
  "size_y": 84,
  "size_z": 48,
  "snr": 5.686374561175782,
  "spacing_tr": 1.0,
  "spacing_x": 2.4761905670166016,
  "spacing_y": 2.4761905670166016,
  "spacing_z": 3.0,
  "summary_bg_k": 31.439442017617957,
  "summary_bg_mad": 29.945605197186634,
  "summary_bg_mean": 137.40484619140625,
  "summary_bg_median": 47.6039924621582,
  "summary_bg_n": 229684.0,
  "summary_bg_p05": 22.439268112182617,
  "summary_bg_p95": 520.428353881833,
  "summary_bg_stdv": 298.6285705566406,
  "summary_fg_k": 4.534985420907222,
  "summary_fg_mad": 576.7445697553758,
  "summary_fg_mean": 3848.217529296875,
  "summary_fg_median": 3766.30859375,
  "summary_fg_n": 54850.0,
  "summary_fg_p05": 2986.3108520507812,
  "summary_fg_p95": 4973.442187499999,
  "summary_fg_stdv": 662.3331298828125,
  "tsnr": 50.39302942156792
}