{
  "aor": 0.0012176372712146423,
  "aqi": 0.009830247986688852,
  "bids_meta": {
    "AcquisitionMatrixPE": 84,
    "AcquisitionNumber": 1,
    "AcquisitionTime": "17:05:22.922500",
    "BandwidthPerPixelPhaseEncode": 33.069,
    "BaseResolution": 84,
    "BodyPartExamined": "BRAIN",
    "ConsistencyInfo": "N4_VE11B_LATEST_20150530",
    "ConversionSoftware": "dcm2niix",
    "ConversionSoftwareVersion": "v1.0.20181125  GCC4.8.5",
    "DerivedVendorReportedEchoSpacing": 0.000719995,
    "DeviceSerialNumber": "67007",
    "DwellTime": 3.8e-06,
    "EchoTime": 0.03,
    "EchoTrainLength": 36,
    "EffectiveEchoSpacing": 0.000359998,
    "FlipAngle": 40,
    "ImageComments": "Unaliased_MB3_PE4",
    "ImageOrientationPatientDICOM": [
      1,
      0,
      0,
      0,
      0.901077,
      -0.433659
    ],
    "ImageType": [
      "ORIGINAL",
      "PRIMARY",
      "M",
      "MB",
      "ND",
      "NORM",
      "MOSAIC"
    ],
    "ImagingFrequency": 123.211,
    "InPlanePhaseEncodingDirectionDICOM": "COL",
    "InstitutionAddress": "Perth_Drive_100_London_Ontario_CA_N6A_5K8",
    "InstitutionName": "Robarts_Research_Institute",
    "InstitutionalDepartmentName": "CFMM",
    "MRAcquisitionType": "2D",
    "MagneticFieldStrength": 3,
    "Manufacturer": "Siemens",
    "ManufacturersModelName": "Prisma_fit",
    "Modality": "MR",
    "MultibandAccelerationFactor": 3,
    "ParallelReductionFactorInPlane": 2,
    "PartialFourier": 0.875,
    "PatientPosition": "HFS",
    "PercentPhaseFOV": 100,
    "PhaseEncodingDirection": "j-",
    "PhaseEncodingSteps": 73,
    "PhaseResolution": 1,
    "PixelBandwidth": 1565,
    "ProcedureStepDescription": "Diedrichsen_MCC",
    "ProtocolName": "ep_bold_mb3_p2",
    "PulseSequenceDetails": "%CustomerSeq%_cmrr_mbep2d_bold",
    "ReceiveCoilActiveElements": "HEA;HEP",
    "ReceiveCoilName": "Head_32",
    "ReconMatrixPE": 84,
    "RepetitionTime": 1,
    "SAR": 0.0838491,
    "ScanOptions": "PFP_FS_EXT",
    "ScanningSequence": "EP",
    "SequenceName": "epfid2d1_84",
    "SequenceVariant": "SK_SS",
    "SeriesDescription": "ep_bold_mb3_p2",
    "SeriesNumber": 17,
    "ShimSetting": [
      5250,
      -6226,
      -3928,
      683,
      109,
      -65,
      68,
      -54
    ],
    "SliceThickness": 3,
    "SliceTiming": [
      0,
      0.43,
      0.8575,
      0.3075,
      0.735,
      0.185,
      0.6125,
      0.0625,
      0.49,
      0.92,
      0.3675,
      0.7975,
      0.245,
      0.675,
      0.1225,
      0.5525,
      0,
      0.43,
      0.8575,
      0.3075,
      0.735,
      0.185,
      0.6125,
      0.0625,
      0.49,
      0.92,
      0.3675,
      0.7975,
      0.245,
      0.675,
      0.1225,
      0.5525,
      0,
      0.43,
      0.8575,
      0.3075,
      0.735,
      0.185,
      0.6125,
      0.0625,
      0.49,
      0.92,
      0.3675,
      0.7975,
      0.245,
      0.675,
      0.1225,
      0.5525
    ],
    "SoftwareVersions": "syngo_MR_E11",
    "SpacingBetweenSlices": 3,
    "StationName": "MRC35368",
    "TaskName": "a",
    "TotalReadoutTime": 0.0298798,
    "TxRefAmp": 260.017,
    "WipMemBlock": "ded13a35-8b6c-4cba-8a8b-2c1606975070||Sequence: ve11b/master r/50434d5; Mar  3 2017 10:46:13 by eja",
    "dataset": "ds002105",
    "modality": "bold",
    "run_id": 7,
    "session_id": "a2",
    "subject_id": "28",
    "task_id": "a"
  },
  "dummy_trs": 0,
  "dvars_nstd": 31.730706850633336,
  "dvars_std": 1.1271367420333342,
  "dvars_vstd": 1.005390715533333,
  "efc": 0.5007893285489975,
  "fber": 4163.59130859375,
  "fd_mean": 0.10858813709415112,
  "fd_num": 43,
  "fd_perc": 7.1547420965058235,
  "fwhm_avg": 1.8165597624136938,
  "fwhm_x": 1.759577820074455,
  "fwhm_y": 1.9437114671666267,
  "fwhm_z": 1.7463899999999999,
  "gcor": 0.0112393,
  "gsr_x": -0.00846232008188963,
  "gsr_y": 0.014486181549727917,
  "provenance": {
    "md5sum": "1c7c4e210329eacac757b5a9a8eebf10",
    "settings": {
      "fd_thres": 0.2,
      "testing": false
    },
    "software": "mriqc",
    "version": "21.0.0rc2",
    "webapi_port": null,
    "webapi_url": "https://mriqc.nimh.nih.gov/api/v1"
  },
  "size_t": 601,
  "size_x": 84,
  "size_y": 84,
  "size_z": 48,
  "snr": 4.807947871863924,
  "spacing_tr": 1.0,
  "spacing_x": 2.4761905670166016,
  "spacing_y": 2.4761905670166016,
  "spacing_z": 3.0,
  "summary_bg_k": 43.49100086685631,
  "summary_bg_mad": 35.19515237162444,
  "summary_bg_mean": 153.2908935546875,
  "summary_bg_median": 53.983360290527344,
  "summary_bg_n": 216849.0,
  "summary_bg_p05": 24.960065841674805,
  "summary_bg_p95": 610.369702148437,
  "summary_bg_stdv": 305.7034606933594,
  "summary_fg_k": 3.511477677758587,
  "summary_fg_mad": 650.3096557629099,
  "summary_fg_mean": 3642.6083984375,
  "summary_fg_median": 3542.191162109375,
  "summary_fg_n": 64595.0,
  "summary_fg_p05": 2721.025341796875,
  "summary_fg_p95": 4915.707910156247,
  "summary_fg_stdv": 736.7308959960938,
  "tsnr": 44.484803622588515
}