{
  "aor": 0.00051595,
  "aqi": 0.0113173633,
  "bids_meta": {
    "AcquisitionMatrixPE": 84,
    "AcquisitionNumber": 1,
    "AcquisitionTime": "16:09:14.952500",
    "BandwidthPerPixelPhaseEncode": 33.069,
    "BaseResolution": 84,
    "BodyPartExamined": "BRAIN",
    "ConsistencyInfo": "N4_VE11B_LATEST_20150530",
    "ConversionSoftware": "dcm2niix",
    "ConversionSoftwareVersion": "v1.0.20181125  GCC4.8.5",
    "DerivedVendorReportedEchoSpacing": 0.000719995,
    "DeviceSerialNumber": "67007",
    "DwellTime": 3.8e-06,
    "EchoTime": 0.03,
    "EchoTrainLength": 36,
    "EffectiveEchoSpacing": 0.000359998,
    "FlipAngle": 40,
    "ImageComments": "Unaliased_MB3_PE4",
    "ImageOrientationPatientDICOM": [
      1,
      0,
      0,
      0,
      0.901077,
      -0.433659
    ],
    "ImageType": [
      "ORIGINAL",
      "PRIMARY",
      "M",
      "MB",
      "ND",
      "NORM",
      "MOSAIC"
    ],
    "ImagingFrequency": 123.211,
    "InPlanePhaseEncodingDirectionDICOM": "COL",
    "InstitutionAddress": "Perth_Drive_100_London_Ontario_CA_N6A_5K8",
    "InstitutionName": "Robarts_Research_Institute",
    "InstitutionalDepartmentName": "CFMM",
    "MRAcquisitionType": "2D",
    "MagneticFieldStrength": 3,
    "Manufacturer": "Siemens",
    "ManufacturersModelName": "Prisma_fit",
    "Modality": "MR",
    "MultibandAccelerationFactor": 3,
    "ParallelReductionFactorInPlane": 2,
    "PartialFourier": 0.875,
    "PatientPosition": "HFS",
    "PercentPhaseFOV": 100,
    "PhaseEncodingDirection": "j-",
    "PhaseEncodingSteps": 73,
    "PhaseResolution": 1,
    "PixelBandwidth": 1565,
    "ProcedureStepDescription": "Diedrichsen_MCC",
    "ProtocolName": "ep_bold_mb3_p2",
    "PulseSequenceDetails": "%CustomerSeq%_cmrr_mbep2d_bold",
    "ReceiveCoilActiveElements": "HEA;HEP",
    "ReceiveCoilName": "Head_32",
    "ReconMatrixPE": 84,
    "RepetitionTime": 1,
    "SAR": 0.0838491,
    "ScanOptions": "PFP_FS_EXT",
    "ScanningSequence": "EP",
    "SequenceName": "epfid2d1_84",
    "SequenceVariant": "SK_SS",
    "SeriesDescription": "ep_bold_mb3_p2",
    "SeriesNumber": 7,
    "ShimSetting": [
      5250,
      -6226,
      -3928,
      683,
      109,
      -65,
      68,
      -54
    ],
    "SliceThickness": 3,
    "SliceTiming": [
      0,
      0.4275,
      0.8575,
      0.305,
      0.735,
      0.1825,
      0.6125,
      0.06,
      0.49,
      0.9175,
      0.3675,
      0.795,
      0.245,
      0.6725,
      0.1225,
      0.55,
      0,
      0.4275,
      0.8575,
      0.305,
      0.735,
      0.1825,
      0.6125,
      0.06,
      0.49,
      0.9175,
      0.3675,
      0.795,
      0.245,
      0.6725,
      0.1225,
      0.55,
      0,
      0.4275,
      0.8575,
      0.305,
      0.735,
      0.1825,
      0.6125,
      0.06,
      0.49,
      0.9175,
      0.3675,
      0.795,
      0.245,
      0.6725,
      0.1225,
      0.55
    ],
    "SoftwareVersions": "syngo_MR_E11",
    "SpacingBetweenSlices": 3,
    "StationName": "MRC35368",
    "TaskName": "a",
    "TotalReadoutTime": 0.0298798,
    "TxRefAmp": 260.017,
    "WipMemBlock": "3944b418-7791-4880-88cf-fefd1b0b387d||Sequence: ve11b/master r/50434d5; Mar  3 2017 10:46:13 by eja",
    "dataset": "ds002105",
    "modality": "bold",
    "run_id": 2,
    "session_id": "a2",
    "subject_id": "28",
    "task_id": "a"
  },
  "dummy_trs": 1,
  "dvars_nstd": 33.12782670646073,
  "dvars_std": 1.153550044524206,
  "dvars_vstd": 0.9882105194657764,
  "efc": 0.5012444245938825,
  "fber": 3918.317138671875,
  "fd_mean": 0.14291215917051706,
  "fd_num": 135,
  "fd_perc": 22.5,
  "fwhm_avg": 1.8269256808262968,
  "fwhm_x": 1.7768624348250743,
  "fwhm_y": 1.9583912743204823,
  "fwhm_z": 1.7455233333333335,
  "gcor": 0.0147899,
  "gsr_x": -0.011411246843636036,
  "gsr_y": 0.01374419592320919,
  "provenance": {
    "md5sum": "3dd09907e176b695ba9babcf06dc7978",
    "settings": {
      "fd_thres": 0.2,
      "testing": false
    },
    "software": "mriqc",
    "version": "21.0.0rc2",
    "webapi_port": null,
    "webapi_url": "https://mriqc.nimh.nih.gov/api/v1"
  },
  "size_t": 600,
  "size_x": 84,
  "size_y": 84,
  "size_z": 48,
  "snr": 4.694816018536818,
  "spacing_tr": 1.0,
  "spacing_x": 2.4761905670166016,
  "spacing_y": 2.4761905670166016,
  "spacing_z": 3.0,
  "summary_bg_k": 35.61016315652789,
  "summary_bg_mad": 37.000812609093884,
  "summary_bg_mean": 154.15362548828125,
  "summary_bg_median": 55.671669006347656,
  "summary_bg_n": 216964.0,
  "summary_bg_p05": 25.383333206176758,
  "summary_bg_p95": 625.9615753173817,
  "summary_bg_stdv": 295.8409118652344,
  "summary_fg_k": 3.5768808727574646,
  "summary_fg_mad": 662.4044828699059,
  "summary_fg_mean": 3646.0771484375,
  "summary_fg_median": 3540.8525390625,
  "summary_fg_n": 64618.0,
  "summary_fg_p05": 2712.9345458984376,
  "summary_fg_p95": 4969.998413085937,
  "summary_fg_stdv": 754.1989135742188,
  "tsnr": 43.17708723829128
}