{
  "aor": 0.0002151505016722408,
  "aqi": 0.009738632391304347,
  "bids_meta": {
    "AcquisitionMatrixPE": 84,
    "AcquisitionNumber": 1,
    "AcquisitionTime": "16:32:43.715000",
    "BandwidthPerPixelPhaseEncode": 33.069,
    "BaseResolution": 84,
    "BodyPartExamined": "BRAIN",
    "ConsistencyInfo": "N4_VE11B_LATEST_20150530",
    "ConversionSoftware": "dcm2niix",
    "ConversionSoftwareVersion": "v1.0.20181125  GCC4.8.5",
    "DerivedVendorReportedEchoSpacing": 0.000719995,
    "DeviceSerialNumber": "67007",
    "DwellTime": 3.8e-06,
    "EchoTime": 0.03,
    "EchoTrainLength": 36,
    "EffectiveEchoSpacing": 0.000359998,
    "FlipAngle": 40,
    "ImageComments": "Unaliased_MB3_PE4",
    "ImageOrientationPatientDICOM": [
      1,
      0,
      0,
      0,
      0.901077,
      -0.433659
    ],
    "ImageType": [
      "ORIGINAL",
      "PRIMARY",
      "M",
      "MB",
      "ND",
      "NORM",
      "MOSAIC"
    ],
    "ImagingFrequency": 123.211,
    "InPlanePhaseEncodingDirectionDICOM": "COL",
    "InstitutionAddress": "Perth_Drive_100_London_Ontario_CA_N6A_5K8",
    "InstitutionName": "Robarts_Research_Institute",
    "InstitutionalDepartmentName": "CFMM",
    "MRAcquisitionType": "2D",
    "MagneticFieldStrength": 3,
    "Manufacturer": "Siemens",
    "ManufacturersModelName": "Prisma_fit",
    "Modality": "MR",
    "MultibandAccelerationFactor": 3,
    "ParallelReductionFactorInPlane": 2,
    "PartialFourier": 0.875,
    "PatientPosition": "HFS",
    "PercentPhaseFOV": 100,
    "PhaseEncodingDirection": "j-",
    "PhaseEncodingSteps": 73,
    "PhaseResolution": 1,
    "PixelBandwidth": 1565,
    "ProcedureStepDescription": "Diedrichsen_MCC",
    "ProtocolName": "ep_bold_mb3_p2",
    "PulseSequenceDetails": "%CustomerSeq%_cmrr_mbep2d_bold",
    "ReceiveCoilActiveElements": "HEA;HEP",
    "ReceiveCoilName": "Head_32",
    "ReconMatrixPE": 84,
    "RepetitionTime": 1,
    "SAR": 0.0838491,
    "ScanOptions": "PFP_FS_EXT",
    "ScanningSequence": "EP",
    "SequenceName": "epfid2d1_84",
    "SequenceVariant": "SK_SS",
    "SeriesDescription": "ep_bold_mb3_p2",
    "SeriesNumber": 11,
    "ShimSetting": [
      5250,
      -6226,
      -3928,
      683,
      109,
      -65,
      68,
      -54
    ],
    "SliceThickness": 3,
    "SliceTiming": [
      0,
      0.43,
      0.8575,
      0.3075,
      0.735,
      0.185,
      0.6125,
      0.0625,
      0.49,
      0.92,
      0.3675,
      0.7975,
      0.245,
      0.675,
      0.1225,
      0.5525,
      0,
      0.43,
      0.8575,
      0.3075,
      0.735,
      0.185,
      0.6125,
      0.0625,
      0.49,
      0.92,
      0.3675,
      0.7975,
      0.245,
      0.675,
      0.1225,
      0.5525,
      0,
      0.43,
      0.8575,
      0.3075,
      0.735,
      0.185,
      0.6125,
      0.0625,
      0.49,
      0.92,
      0.3675,
      0.7975,
      0.245,
      0.675,
      0.1225,
      0.5525
    ],
    "SoftwareVersions": "syngo_MR_E11",
    "SpacingBetweenSlices": 3,
    "StationName": "MRC35368",
    "TaskName": "a",
    "TotalReadoutTime": 0.0298798,
    "TxRefAmp": 260.017,
    "WipMemBlock": "580e911b-12c6-4369-9699-6ffaefefd308||Sequence: ve11b/master r/50434d5; Mar  3 2017 10:46:13 by eja",
    "dataset": "ds002105",
    "modality": "bold",
    "run_id": 4,
    "session_id": "a2",
    "subject_id": "28",
    "task_id": "a"
  },
  "dummy_trs": 3,
  "dvars_nstd": 32.072293810368485,
  "dvars_std": 1.1192615731993305,
  "dvars_vstd": 0.9936449551591284,
  "efc": 0.5011514812837674,
  "fber": 3887.9052734375,
  "fd_mean": 0.12251527571909203,
  "fd_num": 79,
  "fd_perc": 13.210702341137123,
  "fwhm_avg": 1.8122431171469893,
  "fwhm_x": 1.7555918586821975,
  "fwhm_y": 1.9450441594254362,
  "fwhm_z": 1.7360933333333335,
  "gcor": 0.0107604,
  "gsr_x": -0.009896081872284412,
  "gsr_y": 0.014766979031264782,
  "provenance": {
    "md5sum": "252a99d53bf8d76f6d09921d9a4b14b8",
    "settings": {
      "fd_thres": 0.2,
      "testing": false
    },
    "software": "mriqc",
    "version": "21.0.0rc2",
    "webapi_port": null,
    "webapi_url": "https://mriqc.nimh.nih.gov/api/v1"
  },
  "size_t": 598,
  "size_x": 84,
  "size_y": 84,
  "size_z": 48,
  "snr": 4.721177323892066,
  "spacing_tr": 1.0,
  "spacing_x": 2.4761905670166016,
  "spacing_y": 2.4761905670166016,
  "spacing_z": 3.0,
  "summary_bg_k": 44.30929619230668,
  "summary_bg_mad": 36.462589952370536,
  "summary_bg_mean": 154.46824645996094,
  "summary_bg_median": 55.588626861572266,
  "summary_bg_n": 216999.0,
  "summary_bg_p05": 25.384614944458008,
  "summary_bg_p95": 623.1473205566406,
  "summary_bg_stdv": 306.1951904296875,
  "summary_fg_k": 3.5495196593505316,
  "summary_fg_mad": 652.682326061324,
  "summary_fg_mean": 3613.25341796875,
  "summary_fg_median": 3507.281005859375,
  "summary_fg_n": 64519.0,
  "summary_fg_p05": 2694.0954345703126,
  "summary_fg_p95": 4903.599560546875,
  "summary_fg_stdv": 742.876953125,
  "tsnr": 44.452196429949254
}