{
  "aor": 0.00037667221297836936,
  "aqi": 0.008011494425956738,
  "bids_meta": {
    "AcquisitionMatrixPE": 84,
    "AcquisitionNumber": 1,
    "AcquisitionTime": "16:43:45.995000",
    "BandwidthPerPixelPhaseEncode": 33.069,
    "BaseResolution": 84,
    "BodyPartExamined": "BRAIN",
    "ConsistencyInfo": "N4_VE11B_LATEST_20150530",
    "ConversionSoftware": "dcm2niix",
    "ConversionSoftwareVersion": "v1.0.20181125  GCC4.8.5",
    "DerivedVendorReportedEchoSpacing": 0.000719995,
    "DeviceSerialNumber": "67007",
    "DwellTime": 3.8e-06,
    "EchoTime": 0.03,
    "EchoTrainLength": 36,
    "EffectiveEchoSpacing": 0.000359998,
    "FlipAngle": 40,
    "ImageComments": "Unaliased_MB3_PE4",
    "ImageOrientationPatientDICOM": [
      1,
      0,
      0,
      0,
      0.901077,
      -0.433659
    ],
    "ImageType": [
      "ORIGINAL",
      "PRIMARY",
      "M",
      "MB",
      "ND",
      "NORM",
      "MOSAIC"
    ],
    "ImagingFrequency": 123.211,
    "InPlanePhaseEncodingDirectionDICOM": "COL",
    "InstitutionAddress": "Perth_Drive_100_London_Ontario_CA_N6A_5K8",
    "InstitutionName": "Robarts_Research_Institute",
    "InstitutionalDepartmentName": "CFMM",
    "MRAcquisitionType": "2D",
    "MagneticFieldStrength": 3,
    "Manufacturer": "Siemens",
    "ManufacturersModelName": "Prisma_fit",
    "Modality": "MR",
    "MultibandAccelerationFactor": 3,
    "ParallelReductionFactorInPlane": 2,
    "PartialFourier": 0.875,
    "PatientPosition": "HFS",
    "PercentPhaseFOV": 100,
    "PhaseEncodingDirection": "j-",
    "PhaseEncodingSteps": 73,
    "PhaseResolution": 1,
    "PixelBandwidth": 1565,
    "ProcedureStepDescription": "Diedrichsen_MCC",
    "ProtocolName": "ep_bold_mb3_p2",
    "PulseSequenceDetails": "%CustomerSeq%_cmrr_mbep2d_bold",
    "ReceiveCoilActiveElements": "HEA;HEP",
    "ReceiveCoilName": "Head_32",
    "ReconMatrixPE": 84,
    "RepetitionTime": 1,
    "SAR": 0.0838491,
    "ScanOptions": "PFP_FS_EXT",
    "ScanningSequence": "EP",
    "SequenceName": "epfid2d1_84",
    "SequenceVariant": "SK_SS",
    "SeriesDescription": "ep_bold_mb3_p2",
    "SeriesNumber": 13,
    "ShimSetting": [
      5250,
      -6226,
      -3928,
      683,
      109,
      -65,
      68,
      -54
    ],
    "SliceThickness": 3,
    "SliceTiming": [
      0,
      0.43,
      0.8575,
      0.3075,
      0.735,
      0.185,
      0.6125,
      0.0625,
      0.49,
      0.92,
      0.3675,
      0.7975,
      0.245,
      0.675,
      0.1225,
      0.5525,
      0,
      0.43,
      0.8575,
      0.3075,
      0.735,
      0.185,
      0.6125,
      0.0625,
      0.49,
      0.92,
      0.3675,
      0.7975,
      0.245,
      0.675,
      0.1225,
      0.5525,
      0,
      0.43,
      0.8575,
      0.3075,
      0.735,
      0.185,
      0.6125,
      0.0625,
      0.49,
      0.92,
      0.3675,
      0.7975,
      0.245,
      0.675,
      0.1225,
      0.5525
    ],
    "SoftwareVersions": "syngo_MR_E11",
    "SpacingBetweenSlices": 3,
    "StationName": "MRC35368",
    "TaskName": "a",
    "TotalReadoutTime": 0.0298798,
    "TxRefAmp": 260.017,
    "WipMemBlock": "187ad976-819e-44d5-83a9-32ba03fd9dd6||Sequence: ve11b/master r/50434d5; Mar  3 2017 10:46:13 by eja",
    "dataset": "ds002105",
    "modality": "bold",
    "run_id": 5,
    "session_id": "a2",
    "subject_id": "28",
    "task_id": "a"
  },
  "dummy_trs": 0,
  "dvars_nstd": 31.79889697386667,
  "dvars_std": 1.134724832816667,
  "dvars_vstd": 1.0023472089166674,
  "efc": 0.5004314259691389,
  "fber": 4192.60205078125,
  "fd_mean": 0.12070189906055129,
  "fd_num": 59,
  "fd_perc": 9.816971713810316,
  "fwhm_avg": 1.820811386291991,
  "fwhm_x": 1.7596787816092132,
  "fwhm_y": 1.9479720439334267,
  "fwhm_z": 1.7547833333333334,
  "gcor": 0.0109174,
  "gsr_x": -0.00954679399728775,
  "gsr_y": 0.01336232665926218,
  "provenance": {
    "md5sum": "a0de86803160ecd0b0a064a46e853cfa",
    "settings": {
      "fd_thres": 0.2,
      "testing": false
    },
    "software": "mriqc",
    "version": "21.0.0rc2",
    "webapi_port": null,
    "webapi_url": "https://mriqc.nimh.nih.gov/api/v1"
  },
  "size_t": 601,
  "size_x": 84,
  "size_y": 84,
  "size_z": 48,
  "snr": 4.721196459836655,
  "spacing_tr": 1.0,
  "spacing_x": 2.4761905670166016,
  "spacing_y": 2.4761905670166016,
  "spacing_z": 3.0,
  "summary_bg_k": 42.52040533279629,
  "summary_bg_mad": 35.03480257113665,
  "summary_bg_mean": 154.16781616210938,
  "summary_bg_median": 54.153076171875,
  "summary_bg_n": 216776.0,
  "summary_bg_p05": 25.193010330200195,
  "summary_bg_p95": 621.2645416259766,
  "summary_bg_stdv": 309.8528137207031,
  "summary_fg_k": 3.6174849397637656,
  "summary_fg_mad": 666.756550197592,
  "summary_fg_mean": 3660.1953125,
  "summary_fg_median": 3556.62548828125,
  "summary_fg_n": 64633.0,
  "summary_fg_p05": 2724.550927734375,
  "summary_fg_p95": 4964.743847656247,
  "summary_fg_stdv": 753.3255615234375,
  "tsnr": 47.844299321994185
}