{
  "aor": 0.0008768219633943429,
  "aqi": 0.009958930282861897,
  "bids_meta": {
    "AcquisitionMatrixPE": 84,
    "AcquisitionNumber": 1,
    "AcquisitionTime": "15:57:33.307500",
    "BandwidthPerPixelPhaseEncode": 33.069,
    "BaseResolution": 84,
    "BodyPartExamined": "BRAIN",
    "ConsistencyInfo": "N4_VE11B_LATEST_20150530",
    "ConversionSoftware": "dcm2niix",
    "ConversionSoftwareVersion": "v1.0.20181125  GCC4.8.5",
    "DerivedVendorReportedEchoSpacing": 0.000719995,
    "DeviceSerialNumber": "67007",
    "DwellTime": 3.8e-06,
    "EchoTime": 0.03,
    "EchoTrainLength": 36,
    "EffectiveEchoSpacing": 0.000359998,
    "FlipAngle": 40,
    "ImageComments": "Unaliased_MB3_PE4",
    "ImageOrientationPatientDICOM": [
      1,
      0,
      0,
      0,
      0.847122,
      -0.531399
    ],
    "ImageType": [
      "ORIGINAL",
      "PRIMARY",
      "M",
      "MB",
      "ND",
      "NORM",
      "MOSAIC"
    ],
    "ImagingFrequency": 123.211,
    "InPlanePhaseEncodingDirectionDICOM": "COL",
    "InstitutionAddress": "Perth_Drive_100_London_Ontario_CA_N6A_5K8",
    "InstitutionName": "Robarts_Research_Institute",
    "InstitutionalDepartmentName": "CFMM",
    "MRAcquisitionType": "2D",
    "MagneticFieldStrength": 3,
    "Manufacturer": "Siemens",
    "ManufacturersModelName": "Prisma_fit",
    "Modality": "MR",
    "MultibandAccelerationFactor": 3,
    "ParallelReductionFactorInPlane": 2,
    "PartialFourier": 0.875,
    "PatientPosition": "HFS",
    "PercentPhaseFOV": 100,
    "PhaseEncodingDirection": "j-",
    "PhaseEncodingSteps": 73,
    "PhaseResolution": 1,
    "PixelBandwidth": 1565,
    "ProcedureStepDescription": "Diedrichsen_MCC",
    "ProtocolName": "ep_bold_mb3_p2",
    "PulseSequenceDetails": "%CustomerSeq%_cmrr_mbep2d_bold",
    "ReceiveCoilActiveElements": "HEA;HEP",
    "ReceiveCoilName": "Head_32",
    "ReconMatrixPE": 84,
    "RepetitionTime": 1,
    "SAR": 0.0818444,
    "ScanOptions": "PFP_FS_EXT",
    "ScanningSequence": "EP",
    "SequenceName": "epfid2d1_84",
    "SequenceVariant": "SK_SS",
    "SeriesDescription": "ep_bold_mb3_p2",
    "SeriesNumber": 11,
    "ShimSetting": [
      5252,
      -6200,
      -3953,
      540,
      70,
      -46,
      55,
      -4
    ],
    "SliceThickness": 3,
    "SliceTiming": [
      0,
      0.43,
      0.8575,
      0.3075,
      0.735,
      0.185,
      0.6125,
      0.0625,
      0.49,
      0.92,
      0.3675,
      0.7975,
      0.245,
      0.675,
      0.1225,
      0.5525,
      0,
      0.43,
      0.8575,
      0.3075,
      0.735,
      0.185,
      0.6125,
      0.0625,
      0.49,
      0.92,
      0.3675,
      0.7975,
      0.245,
      0.675,
      0.1225,
      0.5525,
      0,
      0.43,
      0.8575,
      0.3075,
      0.735,
      0.185,
      0.6125,
      0.0625,
      0.49,
      0.92,
      0.3675,
      0.7975,
      0.245,
      0.675,
      0.1225,
      0.5525
    ],
    "SoftwareVersions": "syngo_MR_E11",
    "SpacingBetweenSlices": 3,
    "StationName": "MRC35368",
    "TaskName": "a",
    "TotalReadoutTime": 0.0298798,
    "TxRefAmp": 285.738,
    "WipMemBlock": "3a9db9cd-39f2-447e-97cb-b4b1c0280ef5||Sequence: ve11b/master r/50434d5; Mar  3 2017 10:46:13 by eja",
    "dataset": "ds002105",
    "modality": "bold",
    "run_id": 5,
    "session_id": "a2",
    "subject_id": "24",
    "task_id": "a"
  },
  "dummy_trs": 0,
  "dvars_nstd": 32.1226542407667,
  "dvars_std": 1.1452811622666668,
  "dvars_vstd": 1.010386269816667,
  "efc": 0.5046503142369719,
  "fber": 3849.705322265625,
  "fd_mean": 0.11741340354030991,
  "fd_num": 31,
  "fd_perc": 5.158069883527454,
  "fwhm_avg": 1.7837465393502996,
  "fwhm_x": 1.7487547435483661,
  "fwhm_y": 1.8896647383798182,
  "fwhm_z": 1.7128201361227144,
  "gcor": 0.0132517,
  "gsr_x": 0.003022436983883381,
  "gsr_y": 0.017558516934514046,
  "provenance": {
    "md5sum": "e9567049882d1f14ec3bc4d81ab71404",
    "settings": {
      "fd_thres": 0.2,
      "testing": false
    },
    "software": "mriqc",
    "version": "21.0.0rc2",
    "webapi_port": null,
    "webapi_url": "https://mriqc.nimh.nih.gov/api/v1"
  },
  "size_t": 601,
  "size_x": 84,
  "size_y": 84,
  "size_z": 48,
  "snr": 5.572545675696057,
  "spacing_tr": 1.0,
  "spacing_x": 2.4761905670166016,
  "spacing_y": 2.4761905670166016,
  "spacing_z": 2.999999761581421,
  "summary_bg_k": 19.26068062353309,
  "summary_bg_mad": 39.2026163726097,
  "summary_bg_mean": 193.62643432617188,
  "summary_bg_median": 54.631446838378906,
  "summary_bg_n": 224132.0,
  "summary_bg_p05": 23.237187576293948,
  "summary_bg_p95": 930.6867248535146,
  "summary_bg_stdv": 348.4031066894531,
  "summary_fg_k": 3.5980479290541814,
  "summary_fg_mad": 537.9256204817569,
  "summary_fg_mean": 3499.1083984375,
  "summary_fg_median": 3439.57470703125,
  "summary_fg_n": 57852.0,
  "summary_fg_p05": 2684.306042480469,
  "summary_fg_p95": 4514.162622070312,
  "summary_fg_stdv": 617.23046875,
  "tsnr": 47.87558160023764
}