{
  "aor": 0.00021509151414309484,
  "aqi": 0.008656318119800333,
  "bids_meta": {
    "AcquisitionMatrixPE": 84,
    "AcquisitionNumber": 1,
    "AcquisitionTime": "15:13:54.272500",
    "BandwidthPerPixelPhaseEncode": 33.069,
    "BaseResolution": 84,
    "BodyPartExamined": "BRAIN",
    "ConsistencyInfo": "N4_VE11B_LATEST_20150530",
    "ConversionSoftware": "dcm2niix",
    "ConversionSoftwareVersion": "v1.0.20181125  GCC4.8.5",
    "DerivedVendorReportedEchoSpacing": 0.000719995,
    "DeviceSerialNumber": "67007",
    "DwellTime": 3.8e-06,
    "EchoTime": 0.03,
    "EchoTrainLength": 36,
    "EffectiveEchoSpacing": 0.000359998,
    "FlipAngle": 40,
    "ImageComments": "Unaliased_MB3_PE4",
    "ImageOrientationPatientDICOM": [
      1,
      0,
      0,
      0,
      0.847122,
      -0.531399
    ],
    "ImageType": [
      "ORIGINAL",
      "PRIMARY",
      "M",
      "MB",
      "ND",
      "NORM",
      "MOSAIC"
    ],
    "ImagingFrequency": 123.211,
    "InPlanePhaseEncodingDirectionDICOM": "COL",
    "InstitutionAddress": "Perth_Drive_100_London_Ontario_CA_N6A_5K8",
    "InstitutionName": "Robarts_Research_Institute",
    "InstitutionalDepartmentName": "CFMM",
    "MRAcquisitionType": "2D",
    "MagneticFieldStrength": 3,
    "Manufacturer": "Siemens",
    "ManufacturersModelName": "Prisma_fit",
    "Modality": "MR",
    "MultibandAccelerationFactor": 3,
    "ParallelReductionFactorInPlane": 2,
    "PartialFourier": 0.875,
    "PatientPosition": "HFS",
    "PercentPhaseFOV": 100,
    "PhaseEncodingDirection": "j-",
    "PhaseEncodingSteps": 73,
    "PhaseResolution": 1,
    "PixelBandwidth": 1565,
    "ProcedureStepDescription": "Diedrichsen_MCC",
    "ProtocolName": "ep_bold_mb3_p2",
    "PulseSequenceDetails": "%CustomerSeq%_cmrr_mbep2d_bold",
    "ReceiveCoilActiveElements": "HEA;HEP",
    "ReceiveCoilName": "Head_32",
    "ReconMatrixPE": 84,
    "RepetitionTime": 1,
    "SAR": 0.0818444,
    "ScanOptions": "PFP_FS_EXT",
    "ScanningSequence": "EP",
    "SequenceName": "epfid2d1_84",
    "SequenceVariant": "SK_SS",
    "SeriesDescription": "ep_bold_mb3_p2",
    "SeriesNumber": 3,
    "ShimSetting": [
      5252,
      -6200,
      -3953,
      540,
      70,
      -46,
      55,
      -4
    ],
    "SliceThickness": 3,
    "SliceTiming": [
      0,
      0.4275,
      0.8575,
      0.305,
      0.735,
      0.1825,
      0.6125,
      0.06,
      0.49,
      0.9175,
      0.3675,
      0.795,
      0.245,
      0.6725,
      0.1225,
      0.55,
      0,
      0.4275,
      0.8575,
      0.305,
      0.735,
      0.1825,
      0.6125,
      0.06,
      0.49,
      0.9175,
      0.3675,
      0.795,
      0.245,
      0.6725,
      0.1225,
      0.55,
      0,
      0.4275,
      0.8575,
      0.305,
      0.735,
      0.1825,
      0.6125,
      0.06,
      0.49,
      0.9175,
      0.3675,
      0.795,
      0.245,
      0.6725,
      0.1225,
      0.55
    ],
    "SoftwareVersions": "syngo_MR_E11",
    "SpacingBetweenSlices": 3,
    "StationName": "MRC35368",
    "TaskName": "a",
    "TotalReadoutTime": 0.0298798,
    "TxRefAmp": 285.738,
    "WipMemBlock": "e5ad1301-f2cf-488d-b61e-1ca737e847b8||Sequence: ve11b/master r/50434d5; Mar  3 2017 10:46:13 by eja",
    "dataset": "ds002105",
    "modality": "bold",
    "run_id": 1,
    "session_id": "a2",
    "subject_id": "24",
    "task_id": "a"
  },
  "dummy_trs": 0,
  "dvars_nstd": 34.973991142950055,
  "dvars_std": 1.1878489323499999,
  "dvars_vstd": 1.0028620708333336,
  "efc": 0.5000055209106992,
  "fber": 4085.297607421875,
  "fd_mean": 0.1205373145219861,
  "fd_num": 41,
  "fd_perc": 6.821963394342762,
  "fwhm_avg": 1.792090470651658,
  "fwhm_x": 1.7597595508370196,
  "fwhm_y": 1.904118391695815,
  "fwhm_z": 1.7123934694221392,
  "gcor": 0.0220551,
  "gsr_x": 0.0028046253137290478,
  "gsr_y": 0.016060663387179375,
  "provenance": {
    "md5sum": "8143941cd6c4fa6cd5c631df6ea43a9a",
    "settings": {
      "fd_thres": 0.2,
      "testing": false
    },
    "software": "mriqc",
    "version": "21.0.0rc2",
    "webapi_port": null,
    "webapi_url": "https://mriqc.nimh.nih.gov/api/v1"
  },
  "size_t": 601,
  "size_x": 84,
  "size_y": 84,
  "size_z": 48,
  "snr": 5.54698241838561,
  "spacing_tr": 1.0,
  "spacing_x": 2.4761905670166016,
  "spacing_y": 2.4761905670166016,
  "spacing_z": 2.999999761581421,
  "summary_bg_k": 21.374497118578898,
  "summary_bg_mad": 37.01201650845782,
  "summary_bg_mean": 182.39593505859375,
  "summary_bg_median": 53.0490837097168,
  "summary_bg_n": 224328.0,
  "summary_bg_p05": 22.978368759155273,
  "summary_bg_p95": 875.605548095703,
  "summary_bg_stdv": 333.1315002441406,
  "summary_fg_k": 3.734835476027923,
  "summary_fg_mad": 543.2651240526275,
  "summary_fg_mean": 3493.59326171875,
  "summary_fg_median": 3434.798583984375,
  "summary_fg_n": 57610.0,
  "summary_fg_p05": 2673.9671142578127,
  "summary_fg_p95": 4503.096728515625,
  "summary_fg_stdv": 619.2139282226562,
  "tsnr": 51.095100270351395
}