{
  "aor": 0.0004510333333333333,
  "aqi": 0.008902910383333334,
  "bids_meta": {
    "AcquisitionMatrixPE": 84,
    "AcquisitionNumber": 1,
    "AcquisitionTime": "15:17:0.067500",
    "BandwidthPerPixelPhaseEncode": 33.069,
    "BaseResolution": 84,
    "BodyPartExamined": "BRAIN",
    "ConsistencyInfo": "N4_VE11B_LATEST_20150530",
    "ConversionSoftware": "dcm2niix",
    "ConversionSoftwareVersion": "v1.0.20181125  GCC4.8.5",
    "DerivedVendorReportedEchoSpacing": 0.000719995,
    "DeviceSerialNumber": "67007",
    "DwellTime": 3.8e-06,
    "EchoTime": 0.03,
    "EchoTrainLength": 36,
    "EffectiveEchoSpacing": 0.000359998,
    "FlipAngle": 40,
    "ImageComments": "Unaliased_MB3_PE4",
    "ImageOrientationPatientDICOM": [
      1,
      0,
      0,
      0,
      0.91212,
      -0.409923
    ],
    "ImageType": [
      "ORIGINAL",
      "PRIMARY",
      "M",
      "MB",
      "ND",
      "NORM",
      "MOSAIC"
    ],
    "ImagingFrequency": 123.211,
    "InPlanePhaseEncodingDirectionDICOM": "COL",
    "InstitutionAddress": "Perth_Drive_100_London_Ontario_CA_N6A_5K8",
    "InstitutionName": "Robarts_Research_Institute",
    "InstitutionalDepartmentName": "CFMM",
    "MRAcquisitionType": "2D",
    "MagneticFieldStrength": 3,
    "Manufacturer": "Siemens",
    "ManufacturersModelName": "Prisma_fit",
    "Modality": "MR",
    "MultibandAccelerationFactor": 3,
    "ParallelReductionFactorInPlane": 2,
    "PartialFourier": 0.875,
    "PatientPosition": "HFS",
    "PercentPhaseFOV": 100,
    "PhaseEncodingDirection": "j-",
    "PhaseEncodingSteps": 73,
    "PhaseResolution": 1,
    "PixelBandwidth": 1565,
    "ProcedureStepDescription": "Diedrichsen_Maebdh",
    "ProtocolName": "ep_bold_mb3_p2",
    "PulseSequenceDetails": "%CustomerSeq%_cmrr_mbep2d_bold",
    "ReceiveCoilActiveElements": "HEA;HEP",
    "ReceiveCoilName": "Head_32",
    "ReconMatrixPE": 84,
    "RepetitionTime": 1,
    "SAR": 0.0711883,
    "ScanOptions": "PFP_FS_EXT",
    "ScanningSequence": "EP",
    "SequenceName": "epfid2d1_84",
    "SequenceVariant": "SK_SS",
    "SeriesDescription": "ep_bold_mb3_p2",
    "SeriesNumber": 5,
    "ShimSetting": [
      5254,
      -6205,
      -3831,
      691,
      37,
      71,
      7,
      37
    ],
    "SliceThickness": 3,
    "SliceTiming": [
      0,
      0.43,
      0.8575,
      0.3075,
      0.735,
      0.185,
      0.6125,
      0.0625,
      0.49,
      0.9175,
      0.3675,
      0.7975,
      0.245,
      0.675,
      0.1225,
      0.5525,
      0,
      0.43,
      0.8575,
      0.3075,
      0.735,
      0.185,
      0.6125,
      0.0625,
      0.49,
      0.9175,
      0.3675,
      0.7975,
      0.245,
      0.675,
      0.1225,
      0.5525,
      0,
      0.43,
      0.8575,
      0.3075,
      0.735,
      0.185,
      0.6125,
      0.0625,
      0.49,
      0.9175,
      0.3675,
      0.7975,
      0.245,
      0.675,
      0.1225,
      0.5525
    ],
    "SoftwareVersions": "syngo_MR_E11",
    "SpacingBetweenSlices": 3,
    "StationName": "MRC35368",
    "TaskName": "a",
    "TotalReadoutTime": 0.0298798,
    "TxRefAmp": 260.662,
    "WipMemBlock": "7ca9885f-a4bf-4e6c-9b02-1beb551a8de4||Sequence: ve11b/master r/93e61f0; Jul 21 2016 00:18:29 by eja",
    "dataset": "ds002105",
    "modality": "bold",
    "run_id": 3,
    "session_id": "a1",
    "subject_id": "18",
    "task_id": "a"
  },
  "dummy_trs": 1,
  "dvars_nstd": 32.91738056682803,
  "dvars_std": 1.1793266822036725,
  "dvars_vstd": 0.9991354268948247,
  "efc": 0.4932204945376057,
  "fber": 4992.2255859375,
  "fd_mean": 0.1475572459503544,
  "fd_num": 148,
  "fd_perc": 24.666666666666668,
  "fwhm_avg": 1.7783611115374782,
  "fwhm_x": 1.7460812821079663,
  "fwhm_y": 1.9192220525044685,
  "fwhm_z": 1.66978,
  "gcor": 0.0114732,
  "gsr_x": -0.0029403087683022022,
  "gsr_y": 0.018605656921863556,
  "provenance": {
    "md5sum": "2d8159fa646b9ee92b3f33f825686db6",
    "settings": {
      "fd_thres": 0.2,
      "testing": false
    },
    "software": "mriqc",
    "version": "21.0.0rc2",
    "webapi_port": null,
    "webapi_url": "https://mriqc.nimh.nih.gov/api/v1"
  },
  "size_t": 600,
  "size_x": 84,
  "size_y": 84,
  "size_z": 48,
  "snr": 5.34451808552165,
  "spacing_tr": 1.0,
  "spacing_x": 2.4761905670166016,
  "spacing_y": 2.4761908054351807,
  "spacing_z": 3.0,
  "summary_bg_k": 20.402857625859756,
  "summary_bg_mad": 35.5799817125736,
  "summary_bg_mean": 180.6439208984375,
  "summary_bg_median": 51.58833312988281,
  "summary_bg_n": 224014.0,
  "summary_bg_p05": 22.621667861938477,
  "summary_bg_p95": 859.8682067871089,
  "summary_bg_stdv": 347.2909851074219,
  "summary_fg_k": 3.2959564445230374,
  "summary_fg_mad": 647.5017244372124,
  "summary_fg_mean": 3774.62255859375,
  "summary_fg_median": 3703.0048828125,
  "summary_fg_n": 57552.0,
  "summary_fg_p05": 2848.422253417969,
  "summary_fg_p95": 4920.456591796875,
  "summary_fg_stdv": 692.8543701171875,
  "tsnr": 48.39461336936802
}