{
  "aor": 0.0005059,
  "aqi": 0.0093695321,
  "bids_meta": {
    "AcquisitionMatrixPE": 84,
    "AcquisitionNumber": 1,
    "AcquisitionTime": "12:41:38.147500",
    "BandwidthPerPixelPhaseEncode": 33.069,
    "BaseResolution": 84,
    "BodyPartExamined": "BRAIN",
    "ConsistencyInfo": "N4_VE11B_LATEST_20150530",
    "ConversionSoftware": "dcm2niix",
    "ConversionSoftwareVersion": "v1.0.20181125  GCC4.8.5",
    "DerivedVendorReportedEchoSpacing": 0.000719995,
    "DeviceSerialNumber": "67007",
    "DwellTime": 3.8e-06,
    "EchoTime": 0.03,
    "EchoTrainLength": 36,
    "EffectiveEchoSpacing": 0.000359998,
    "FlipAngle": 40,
    "ImageComments": "Unaliased_MB3_PE4",
    "ImageOrientationPatientDICOM": [
      1,
      0,
      0,
      0,
      0.846193,
      -0.532876
    ],
    "ImageType": [
      "ORIGINAL",
      "PRIMARY",
      "M",
      "MB",
      "ND",
      "NORM",
      "MOSAIC"
    ],
    "ImagingFrequency": 123.211,
    "InPlanePhaseEncodingDirectionDICOM": "COL",
    "InstitutionAddress": "Perth_Drive_100_London_Ontario_CA_N6A_5K8",
    "InstitutionName": "Robarts_Research_Institute",
    "InstitutionalDepartmentName": "CFMM",
    "MRAcquisitionType": "2D",
    "MagneticFieldStrength": 3,
    "Manufacturer": "Siemens",
    "ManufacturersModelName": "Prisma_fit",
    "Modality": "MR",
    "MultibandAccelerationFactor": 3,
    "ParallelReductionFactorInPlane": 2,
    "PartialFourier": 0.875,
    "PatientPosition": "HFS",
    "PercentPhaseFOV": 100,
    "PhaseEncodingDirection": "j-",
    "PhaseEncodingSteps": 73,
    "PhaseResolution": 1,
    "PixelBandwidth": 1565,
    "ProcedureStepDescription": "Diedrichsen_MCC",
    "ProtocolName": "ep_bold_mb3_p2",
    "PulseSequenceDetails": "%CustomerSeq%_cmrr_mbep2d_bold",
    "ReceiveCoilActiveElements": "HEA;HEP",
    "ReceiveCoilName": "Head_32",
    "ReconMatrixPE": 84,
    "RepetitionTime": 1,
    "SAR": 0.0886839,
    "ScanOptions": "PFP_FS_EXT",
    "ScanningSequence": "EP",
    "SequenceName": "epfid2d1_84",
    "SequenceVariant": "SK_SS",
    "SeriesDescription": "ep_bold_mb3_p2",
    "SeriesNumber": 6,
    "ShimSetting": [
      5228,
      -6160,
      -4092,
      498,
      12,
      775,
      247,
      22
    ],
    "SliceThickness": 3,
    "SliceTiming": [
      0,
      0.43,
      0.8575,
      0.3075,
      0.735,
      0.185,
      0.6125,
      0.0625,
      0.49,
      0.92,
      0.3675,
      0.7975,
      0.245,
      0.675,
      0.1225,
      0.5525,
      0,
      0.43,
      0.8575,
      0.3075,
      0.735,
      0.185,
      0.6125,
      0.0625,
      0.49,
      0.92,
      0.3675,
      0.7975,
      0.245,
      0.675,
      0.1225,
      0.5525,
      0,
      0.43,
      0.8575,
      0.3075,
      0.735,
      0.185,
      0.6125,
      0.0625,
      0.49,
      0.92,
      0.3675,
      0.7975,
      0.245,
      0.675,
      0.1225,
      0.5525
    ],
    "SoftwareVersions": "syngo_MR_E11",
    "SpacingBetweenSlices": 3,
    "StationName": "MRC35368",
    "TaskName": "b",
    "TotalReadoutTime": 0.0298798,
    "TxRefAmp": 268.39,
    "WipMemBlock": "decb5970-4c42-4690-8d85-9b060b3b0e59||Sequence: ve11b/master r/50434d5; Mar  3 2017 10:46:13 by eja",
    "dataset": "ds002105",
    "modality": "bold",
    "run_id": 3,
    "session_id": "b1",
    "subject_id": "28",
    "task_id": "b"
  },
  "dummy_trs": 1,
  "dvars_nstd": 31.22068469449085,
  "dvars_std": 1.103336506427379,
  "dvars_vstd": 1.000317406594323,
  "efc": 0.49059656750432606,
  "fber": 4524.20947265625,
  "fd_mean": 0.12195474061057517,
  "fd_num": 54,
  "fd_perc": 9.0,
  "fwhm_avg": 1.8048239924360674,
  "fwhm_x": 1.7454310898241232,
  "fwhm_y": 1.925134359410651,
  "fwhm_z": 1.7439065280734278,
  "gcor": 0.00741364,
  "gsr_x": -0.004507093224674463,
  "gsr_y": 0.02410774491727352,
  "provenance": {
    "md5sum": "586e68f41faa977ea7c4f7e31e27ed05",
    "settings": {
      "fd_thres": 0.2,
      "testing": false
    },
    "software": "mriqc",
    "version": "21.0.0rc2",
    "webapi_port": null,
    "webapi_url": "https://mriqc.nimh.nih.gov/api/v1"
  },
  "size_t": 600,
  "size_x": 84,
  "size_y": 84,
  "size_z": 48,
  "snr": 4.978888482523178,
  "spacing_tr": 1.0,
  "spacing_x": 2.4761905670166016,
  "spacing_y": 2.4761908054351807,
  "spacing_z": 3.000000238418579,
  "summary_bg_k": 76.29119496216153,
  "summary_bg_mad": 33.5636417904974,
  "summary_bg_mean": 134.9867706298828,
  "summary_bg_median": 53.12666702270508,
  "summary_bg_n": 218515.0,
  "summary_bg_p05": 24.954999923706055,
  "summary_bg_p95": 506.95918884277313,
  "summary_bg_stdv": 266.90753173828125,
  "summary_fg_k": 3.5542027325193155,
  "summary_fg_mad": 635.2950506296504,
  "summary_fg_mean": 3734.472412109375,
  "summary_fg_median": 3630.3291015625,
  "summary_fg_n": 63330.0,
  "summary_fg_p05": 2823.1876831054688,
  "summary_fg_p95": 4996.497973632811,
  "summary_fg_stdv": 729.1387329101562,
  "tsnr": 45.919009149074554
}