{
  "aor": 0.00024629999999999997,
  "aqi": 0.009732935633333334,
  "bids_meta": {
    "AcquisitionMatrixPE": 84,
    "AcquisitionNumber": 1,
    "AcquisitionTime": "14:22:53.927500",
    "BandwidthPerPixelPhaseEncode": 33.069,
    "BaseResolution": 84,
    "BodyPartExamined": "BRAIN",
    "ConsistencyInfo": "N4_VE11B_LATEST_20150530",
    "ConversionSoftware": "dcm2niix",
    "ConversionSoftwareVersion": "v1.0.20181125  GCC4.8.5",
    "DerivedVendorReportedEchoSpacing": 0.000719995,
    "DeviceSerialNumber": "67007",
    "DwellTime": 3.8e-06,
    "EchoTime": 0.03,
    "EchoTrainLength": 36,
    "EffectiveEchoSpacing": 0.000359998,
    "FlipAngle": 40,
    "ImageComments": "Unaliased_MB3_PE4",
    "ImageOrientationPatientDICOM": [
      1,
      0,
      0,
      0,
      0.895712,
      -0.444635
    ],
    "ImageType": [
      "ORIGINAL",
      "PRIMARY",
      "M",
      "MB",
      "ND",
      "NORM",
      "MOSAIC"
    ],
    "ImagingFrequency": 123.211,
    "InPlanePhaseEncodingDirectionDICOM": "COL",
    "InstitutionAddress": "Perth_Drive_100_London_Ontario_CA_N6A_5K8",
    "InstitutionName": "Robarts_Research_Institute",
    "InstitutionalDepartmentName": "CFMM",
    "MRAcquisitionType": "2D",
    "MagneticFieldStrength": 3,
    "Manufacturer": "Siemens",
    "ManufacturersModelName": "Prisma_fit",
    "Modality": "MR",
    "MultibandAccelerationFactor": 3,
    "ParallelReductionFactorInPlane": 2,
    "PartialFourier": 0.875,
    "PatientPosition": "HFS",
    "PercentPhaseFOV": 100,
    "PhaseEncodingDirection": "j-",
    "PhaseEncodingSteps": 73,
    "PhaseResolution": 1,
    "PixelBandwidth": 1565,
    "ProcedureStepDescription": "Diedrichsen_Feb2016",
    "ProtocolName": "ep_bold_mb3_p2",
    "PulseSequenceDetails": "%CustomerSeq%_cmrr_mbep2d_bold",
    "ReceiveCoilActiveElements": "HEA;HEP",
    "ReceiveCoilName": "Head_32",
    "ReconMatrixPE": 84,
    "RepetitionTime": 1,
    "SAR": 0.111527,
    "ScanOptions": "PFP_FS_EXT",
    "ScanningSequence": "EP",
    "SequenceName": "epfid2d1_84",
    "SequenceVariant": "SK_SS",
    "SeriesDescription": "ep_bold_mb3_p2",
    "SeriesNumber": 3,
    "ShimSetting": [
      5243,
      -6192,
      -3853,
      427,
      27,
      39,
      151,
      1
    ],
    "SliceThickness": 3,
    "SliceTiming": [
      0,
      0.43,
      0.8575,
      0.3075,
      0.735,
      0.185,
      0.6125,
      0.0625,
      0.49,
      0.92,
      0.3675,
      0.7975,
      0.245,
      0.675,
      0.1225,
      0.5525,
      0,
      0.43,
      0.8575,
      0.3075,
      0.735,
      0.185,
      0.6125,
      0.0625,
      0.49,
      0.92,
      0.3675,
      0.7975,
      0.245,
      0.675,
      0.1225,
      0.5525,
      0,
      0.43,
      0.8575,
      0.3075,
      0.735,
      0.185,
      0.6125,
      0.0625,
      0.49,
      0.92,
      0.3675,
      0.7975,
      0.245,
      0.675,
      0.1225,
      0.5525
    ],
    "SoftwareVersions": "syngo_MR_E11",
    "SpacingBetweenSlices": 3,
    "StationName": "MRC35368",
    "TaskName": "a",
    "TotalReadoutTime": 0.0298798,
    "TxRefAmp": 275.713,
    "WipMemBlock": "99817f81-9995-481f-8f42-d38aef3ac063||Sequence: ve11b/R013 r/f10bb7f; Apr  4 2016 11:55:08 by eja",
    "dataset": "ds002105",
    "modality": "bold",
    "run_id": 2,
    "session_id": "a2",
    "subject_id": "08",
    "task_id": "a"
  },
  "dummy_trs": 1,
  "dvars_nstd": 35.81921858621035,
  "dvars_std": 1.1648025669282143,
  "dvars_vstd": 0.9894658171452417,
  "efc": 0.4731307371043791,
  "fber": 4983.03759765625,
  "fd_mean": 0.18278555240204616,
  "fd_num": 208,
  "fd_perc": 34.666666666666664,
  "fwhm_avg": 1.8108833519483216,
  "fwhm_x": 1.7505235896373312,
  "fwhm_y": 1.9698564662076339,
  "fwhm_z": 1.71227,
  "gcor": 0.0132811,
  "gsr_x": -0.014109751209616661,
  "gsr_y": 0.016204746440052986,
  "provenance": {
    "md5sum": "04fa1ab49f53dabadc1b38392c38f5dc",
    "settings": {
      "fd_thres": 0.2,
      "testing": false
    },
    "software": "mriqc",
    "version": "21.0.0rc2",
    "webapi_port": null,
    "webapi_url": "https://mriqc.nimh.nih.gov/api/v1"
  },
  "size_t": 600,
  "size_x": 84,
  "size_y": 84,
  "size_z": 48,
  "snr": 4.957992116564282,
  "spacing_tr": 1.0,
  "spacing_x": 2.4761905670166016,
  "spacing_y": 2.4761905670166016,
  "spacing_z": 3.0,
  "summary_bg_k": 28.343114092053266,
  "summary_bg_mad": 28.973756004303606,
  "summary_bg_mean": 132.02517700195312,
  "summary_bg_median": 46.35416793823242,
  "summary_bg_n": 227690.0,
  "summary_bg_p05": 22.4950008392334,
  "summary_bg_p95": 517.5205810546872,
  "summary_bg_stdv": 265.0632629394531,
  "summary_fg_k": 4.210708074164141,
  "summary_fg_mad": 578.2619204633776,
  "summary_fg_mean": 3399.66259765625,
  "summary_fg_median": 3314.614990234375,
  "summary_fg_n": 55399.0,
  "summary_fg_p05": 2555.884521484375,
  "summary_fg_p95": 4543.8734375,
  "summary_fg_stdv": 668.5337524414062,
  "tsnr": 44.77238168660551
}