{
  "aor": 0.0008042928452579036,
  "aqi": 0.013470987703826955,
  "bids_meta": {
    "AcquisitionMatrixPE": 84,
    "AcquisitionNumber": 1,
    "AcquisitionTime": "15:28:19.482500",
    "BandwidthPerPixelPhaseEncode": 33.069,
    "BaseResolution": 84,
    "BodyPartExamined": "BRAIN",
    "ConsistencyInfo": "N4_VE11B_LATEST_20150530",
    "ConversionSoftware": "dcm2niix",
    "ConversionSoftwareVersion": "v1.0.20181125  GCC4.8.5",
    "DerivedVendorReportedEchoSpacing": 0.000719995,
    "DeviceSerialNumber": "67007",
    "DwellTime": 3.8e-06,
    "EchoTime": 0.03,
    "EchoTrainLength": 36,
    "EffectiveEchoSpacing": 0.000359998,
    "FlipAngle": 40,
    "ImageComments": "Unaliased_MB3_PE4",
    "ImageOrientationPatientDICOM": [
      0.999701,
      0.00869232,
      0.022875,
      6.48319e-08,
      0.934785,
      -0.355213
    ],
    "ImageType": [
      "ORIGINAL",
      "PRIMARY",
      "M",
      "MB",
      "ND",
      "NORM",
      "MOSAIC"
    ],
    "ImagingFrequency": 123.211,
    "InPlanePhaseEncodingDirectionDICOM": "COL",
    "InstitutionAddress": "Perth_Drive_100_London_Ontario_CA_N6A_5K8",
    "InstitutionName": "Robarts_Research_Institute",
    "InstitutionalDepartmentName": "CFMM",
    "MRAcquisitionType": "2D",
    "MagneticFieldStrength": 3,
    "Manufacturer": "Siemens",
    "ManufacturersModelName": "Prisma_fit",
    "Modality": "MR",
    "MultibandAccelerationFactor": 3,
    "ParallelReductionFactorInPlane": 2,
    "PartialFourier": 0.875,
    "PatientPosition": "HFS",
    "PercentPhaseFOV": 100,
    "PhaseEncodingDirection": "j-",
    "PhaseEncodingSteps": 73,
    "PhaseResolution": 1,
    "PixelBandwidth": 1565,
    "ProcedureStepDescription": "Diedrichsen_Feb2016",
    "ProtocolName": "ep_bold_mb3_p2",
    "PulseSequenceDetails": "%CustomerSeq%_cmrr_mbep2d_bold",
    "ReceiveCoilActiveElements": "HEA;HEP",
    "ReceiveCoilName": "Head_32",
    "ReconMatrixPE": 84,
    "RepetitionTime": 1,
    "SAR": 0.0820456,
    "ScanOptions": "PFP_FS",
    "ScanningSequence": "EP",
    "SequenceName": "epfid2d1_84",
    "SequenceVariant": "SK_SS",
    "SeriesDescription": "ep_bold_mb3_p2",
    "SeriesNumber": 12,
    "ShimSetting": [
      5247,
      -6170,
      -3790,
      651,
      -13,
      183,
      -16,
      37
    ],
    "SliceThickness": 3,
    "SliceTiming": [
      0,
      0.4275,
      0.8575,
      0.305,
      0.735,
      0.1825,
      0.6125,
      0.06,
      0.49,
      0.9175,
      0.3675,
      0.795,
      0.245,
      0.6725,
      0.1225,
      0.55,
      0,
      0.4275,
      0.8575,
      0.305,
      0.735,
      0.1825,
      0.6125,
      0.06,
      0.49,
      0.9175,
      0.3675,
      0.795,
      0.245,
      0.6725,
      0.1225,
      0.55,
      0,
      0.4275,
      0.8575,
      0.305,
      0.735,
      0.1825,
      0.6125,
      0.06,
      0.49,
      0.9175,
      0.3675,
      0.795,
      0.245,
      0.6725,
      0.1225,
      0.55
    ],
    "SoftwareVersions": "syngo_MR_E11",
    "SpacingBetweenSlices": 3,
    "StationName": "MRC35368",
    "TaskName": "a",
    "TotalReadoutTime": 0.0298798,
    "TxRefAmp": 282.008,
    "WipMemBlock": "7b1c7d29-31c0-4eba-b5ef-1680b3bb8ef4||Sequence: ve11b/R013 r/f10bb7f; Apr  4 2016 11:55:08 by eja",
    "dataset": "ds002105",
    "modality": "bold",
    "run_id": 7,
    "session_id": "a1",
    "subject_id": "04",
    "task_id": "a"
  },
  "dummy_trs": 0,
  "dvars_nstd": 32.78374154088333,
  "dvars_std": 1.1230305042833328,
  "dvars_vstd": 0.976602064550001,
  "efc": 0.5191312180116748,
  "fber": 4192.2080078125,
  "fd_mean": 0.13154819440857263,
  "fd_num": 70,
  "fd_perc": 11.647254575707155,
  "fwhm_avg": 1.9019170457688217,
  "fwhm_x": 1.8261437791712916,
  "fwhm_y": 2.1200306914685068,
  "fwhm_z": 1.7595766666666668,
  "gcor": 0.0080703,
  "gsr_x": -0.007479563821107149,
  "gsr_y": 0.03663024678826332,
  "provenance": {
    "md5sum": "297a68ad03167c6f8f87eb8e47999bf3",
    "settings": {
      "fd_thres": 0.2,
      "testing": false
    },
    "software": "mriqc",
    "version": "21.0.0rc2",
    "webapi_port": null,
    "webapi_url": "https://mriqc.nimh.nih.gov/api/v1"
  },
  "size_t": 601,
  "size_x": 84,
  "size_y": 84,
  "size_z": 48,
  "snr": 4.479841961326363,
  "spacing_tr": 1.0,
  "spacing_x": 2.4761905670166016,
  "spacing_y": 2.4761905670166016,
  "spacing_z": 3.0,
  "summary_bg_k": 19.095458442466118,
  "summary_bg_mad": 43.36179960849498,
  "summary_bg_mean": 205.67115783691406,
  "summary_bg_median": 58.02828598022461,
  "summary_bg_n": 213764.0,
  "summary_bg_p05": 23.21297836303711,
  "summary_bg_p95": 957.8016540527341,
  "summary_bg_stdv": 382.24029541015625,
  "summary_fg_k": 4.586749210576492,
  "summary_fg_mad": 675.7781267830494,
  "summary_fg_mean": 3945.45556640625,
  "summary_fg_median": 3814.6220703125,
  "summary_fg_n": 66432.0,
  "summary_fg_p05": 2937.854052734375,
  "summary_fg_p95": 5415.358471679687,
  "summary_fg_stdv": 851.5017700195312,
  "tsnr": 39.89621533546597
}