{
  "aor": 0.0002873288814691152,
  "aqi": 0.012991482487479132,
  "bids_meta": {
    "AcquisitionMatrixPE": 84,
    "AcquisitionNumber": 1,
    "AcquisitionTime": "15:17:16.130000",
    "BandwidthPerPixelPhaseEncode": 33.069,
    "BaseResolution": 84,
    "BodyPartExamined": "BRAIN",
    "ConsistencyInfo": "N4_VE11B_LATEST_20150530",
    "ConversionSoftware": "dcm2niix",
    "ConversionSoftwareVersion": "v1.0.20181125  GCC4.8.5",
    "DerivedVendorReportedEchoSpacing": 0.000719995,
    "DeviceSerialNumber": "67007",
    "DwellTime": 3.8e-06,
    "EchoTime": 0.03,
    "EchoTrainLength": 36,
    "EffectiveEchoSpacing": 0.000359998,
    "FlipAngle": 40,
    "ImageComments": "Unaliased_MB3_PE4",
    "ImageOrientationPatientDICOM": [
      0.999701,
      0.00869232,
      0.022875,
      6.48319e-08,
      0.934785,
      -0.355213
    ],
    "ImageType": [
      "ORIGINAL",
      "PRIMARY",
      "M",
      "MB",
      "ND",
      "NORM",
      "MOSAIC"
    ],
    "ImagingFrequency": 123.211,
    "InPlanePhaseEncodingDirectionDICOM": "COL",
    "InstitutionAddress": "Perth_Drive_100_London_Ontario_CA_N6A_5K8",
    "InstitutionName": "Robarts_Research_Institute",
    "InstitutionalDepartmentName": "CFMM",
    "MRAcquisitionType": "2D",
    "MagneticFieldStrength": 3,
    "Manufacturer": "Siemens",
    "ManufacturersModelName": "Prisma_fit",
    "Modality": "MR",
    "MultibandAccelerationFactor": 3,
    "ParallelReductionFactorInPlane": 2,
    "PartialFourier": 0.875,
    "PatientPosition": "HFS",
    "PercentPhaseFOV": 100,
    "PhaseEncodingDirection": "j-",
    "PhaseEncodingSteps": 73,
    "PhaseResolution": 1,
    "PixelBandwidth": 1565,
    "ProcedureStepDescription": "Diedrichsen_Feb2016",
    "ProtocolName": "ep_bold_mb3_p2",
    "PulseSequenceDetails": "%CustomerSeq%_cmrr_mbep2d_bold",
    "ReceiveCoilActiveElements": "HEA;HEP",
    "ReceiveCoilName": "Head_32",
    "ReconMatrixPE": 84,
    "RepetitionTime": 1,
    "SAR": 0.0820456,
    "ScanOptions": "PFP_FS",
    "ScanningSequence": "EP",
    "SequenceName": "epfid2d1_84",
    "SequenceVariant": "SK_SS",
    "SeriesDescription": "ep_bold_mb3_p2",
    "SeriesNumber": 11,
    "ShimSetting": [
      5247,
      -6170,
      -3790,
      651,
      -13,
      183,
      -16,
      37
    ],
    "SliceThickness": 3,
    "SliceTiming": [
      0,
      0.43,
      0.8575,
      0.3075,
      0.735,
      0.185,
      0.6125,
      0.0625,
      0.49,
      0.92,
      0.3675,
      0.7975,
      0.245,
      0.675,
      0.1225,
      0.5525,
      0,
      0.43,
      0.8575,
      0.3075,
      0.735,
      0.185,
      0.6125,
      0.0625,
      0.49,
      0.92,
      0.3675,
      0.7975,
      0.245,
      0.675,
      0.1225,
      0.5525,
      0,
      0.43,
      0.8575,
      0.3075,
      0.735,
      0.185,
      0.6125,
      0.0625,
      0.49,
      0.92,
      0.3675,
      0.7975,
      0.245,
      0.675,
      0.1225,
      0.5525
    ],
    "SoftwareVersions": "syngo_MR_E11",
    "SpacingBetweenSlices": 3,
    "StationName": "MRC35368",
    "TaskName": "a",
    "TotalReadoutTime": 0.0298798,
    "TxRefAmp": 282.008,
    "WipMemBlock": "6262e75e-9ffb-4fab-b02b-e4bb6b2c8e42||Sequence: ve11b/R013 r/f10bb7f; Apr  4 2016 11:55:08 by eja",
    "dataset": "ds002105",
    "modality": "bold",
    "run_id": 6,
    "session_id": "a1",
    "subject_id": "04",
    "task_id": "a"
  },
  "dummy_trs": 2,
  "dvars_nstd": 33.10329583334444,
  "dvars_std": 1.1224595008193987,
  "dvars_vstd": 0.9608345794648825,
  "efc": 0.5186135886797998,
  "fber": 4268.48828125,
  "fd_mean": 0.13042566389602872,
  "fd_num": 71,
  "fd_perc": 11.853088480801336,
  "fwhm_avg": 1.9077632637141326,
  "fwhm_x": 1.8290474329109399,
  "fwhm_y": 2.1174056915647914,
  "fwhm_z": 1.7768366666666668,
  "gcor": 0.010761,
  "gsr_x": -0.00765910604968667,
  "gsr_y": 0.035153307020664215,
  "provenance": {
    "md5sum": "15989c16ad2c0e6d93782b35c2faa632",
    "settings": {
      "fd_thres": 0.2,
      "testing": false
    },
    "software": "mriqc",
    "version": "21.0.0rc2",
    "webapi_port": null,
    "webapi_url": "https://mriqc.nimh.nih.gov/api/v1"
  },
  "size_t": 599,
  "size_x": 84,
  "size_y": 84,
  "size_z": 48,
  "snr": 4.475088724648228,
  "spacing_tr": 1.0,
  "spacing_x": 2.4761905670166016,
  "spacing_y": 2.4761905670166016,
  "spacing_z": 3.0,
  "summary_bg_k": 19.36274637300808,
  "summary_bg_mad": 42.5190002766475,
  "summary_bg_mean": 204.43125915527344,
  "summary_bg_median": 57.52086639404297,
  "summary_bg_n": 213672.0,
  "summary_bg_p05": 23.425708770751953,
  "summary_bg_p95": 958.4979644775375,
  "summary_bg_stdv": 383.0624084472656,
  "summary_fg_k": 4.485774927181073,
  "summary_fg_mad": 680.1828597901281,
  "summary_fg_mean": 3958.855712890625,
  "summary_fg_median": 3825.96630859375,
  "summary_fg_n": 66530.0,
  "summary_fg_p05": 2945.4090209960937,
  "summary_fg_p95": 5433.421655273437,
  "summary_fg_stdv": 854.941162109375,
  "tsnr": 41.35584774753079
}