{
  "bids_meta": {
    "AcquisitionMatrixPE": 256,
    "AcquisitionNumber": 1,
    "AcquisitionTime": "14:12:1.537500",
    "BaseResolution": 256,
    "BodyPartExamined": "BRAIN",
    "ConsistencyInfo": "N4_VE11B_LATEST_20150530",
    "ConversionSoftware": "dcm2niix",
    "ConversionSoftwareVersion": "v1.0.20181125  GCC4.8.5",
    "DeviceSerialNumber": "67007",
    "EchoTime": 0.00298,
    "FlipAngle": 9,
    "ImageOrientationPatientDICOM": [
      -0.0121504,
      0.999926,
      -1.84423e-08,
      -0.0036611,
      -4.45053e-05,
      -0.999993
    ],
    "ImageType": [
      "ORIGINAL",
      "PRIMARY",
      "M",
      "ND",
      "NORM"
    ],
    "ImagingFrequency": 123.211,
    "InPlanePhaseEncodingDirectionDICOM": "ROW",
    "InstitutionAddress": "Perth_Drive_100_London_Ontario_CA_N6A_5K8",
    "InstitutionName": "Robarts_Research_Institute",
    "InversionTime": 0.9,
    "MRAcquisitionType": "3D",
    "MagneticFieldStrength": 3,
    "Manufacturer": "Siemens",
    "ManufacturersModelName": "Prisma_fit",
    "Modality": "MR",
    "PartialFourier": 1,
    "PatientPosition": "HFS",
    "PercentPhaseFOV": 100,
    "PhaseEncodingSteps": 255,
    "PhaseResolution": 1,
    "PixelBandwidth": 240,
    "ProcedureStepDescription": "Diedrichsen_Feb2016",
    "ProtocolName": "mprage_sag_p2",
    "PulseSequenceDetails": "%SiemensSeq%_tfl",
    "ReceiveCoilActiveElements": "HEA;HEP",
    "ReceiveCoilName": "Head_32",
    "ReconMatrixPE": 256,
    "RepetitionTime": 2.3,
    "SAR": 0.0688426,
    "ScanOptions": "IR",
    "ScanningSequence": "GR_IR",
    "SequenceName": "_tfl3d1_16ns",
    "SequenceVariant": "SK_SP_MP",
    "SeriesDescription": "mprage_sag_p2",
    "SeriesNumber": 2,
    "ShimSetting": [
      5289,
      -6160,
      -3854,
      672,
      180,
      -51,
      -208,
      -67
    ],
    "SliceThickness": 1,
    "SoftwareVersions": "syngo_MR_E11",
    "StationName": "MRC35368",
    "TxRefAmp": 251.957,
    "dataset": "ds002105",
    "modality": "T1w",
    "session_id": "a1",
    "subject_id": "03"
  },
  "cjv": 0.3725486415210086,
  "cnr": 3.455597624928802,
  "efc": 0.5606469631530367,
  "fber": 14453.60351068916,
  "fwhm_avg": 3.25141,
  "fwhm_x": 3.393,
  "fwhm_y": 3.31792,
  "fwhm_z": 3.04331,
  "icvs_csf": 0.17324161746079603,
  "icvs_gm": 0.47232149243895344,
  "icvs_wm": 0.35443689010025053,
  "inu_med": 1.2142703533172607,
  "inu_range": 0.3617843866348267,
  "provenance": {
    "md5sum": "6bb67dbd252abc6292b4d22b80f4ae76",
    "settings": {
      "testing": false
    },
    "software": "mriqc",
    "version": "22.0.0rc1",
    "warnings": {
      "large_rot_frame": true,
      "small_air_mask": false
    },
    "webapi_port": null,
    "webapi_url": "https://mriqc.nimh.nih.gov/api/v1"
  },
  "qi_1": 0.011273989608686133,
  "qi_2": 0.02833388436298279,
  "rpve_csf": 31.832377646650468,
  "rpve_gm": 13.420249449051875,
  "rpve_wm": 20.18867887975823,
  "size_x": 176,
  "size_y": 256,
  "size_z": 256,
  "snr_csf": 3.3093953915584975,
  "snr_gm": 11.643199869126304,
  "snr_total": 11.22329366873043,
  "snr_wm": 18.71728574550649,
  "snrd_csf": 32.98417515296128,
  "snrd_gm": 52.427017105393276,
  "snrd_total": 52.83968448717855,
  "snrd_wm": 73.10786120318112,
  "spacing_x": 1.0,
  "spacing_y": 1.0,
  "spacing_z": 1.0,
  "summary_bg_k": 10.450458726575137,
  "summary_bg_mad": 8.961230107867951,
  "summary_bg_mean": 6.541708368520916,
  "summary_bg_median": 6.04425785690546,
  "summary_bg_n": 2572172.0,
  "summary_bg_p05": 0.0,
  "summary_bg_p95": 18.13277357071638,
  "summary_bg_stdv": 7.326176825346725,
  "summary_csf_k": -0.831445768533833,
  "summary_csf_mad": 146.7123706089786,
  "summary_csf_mean": 425.0967816990395,
  "summary_csf_median": 451.17137986421585,
  "summary_csf_n": 7216.0,
  "summary_csf_p05": 201.82076699472964,
  "summary_csf_p95": 616.5392776764929,
  "summary_csf_stdv": 136.3210083802103,
  "summary_gm_k": 0.20119893816668366,
  "summary_gm_mad": 57.84066705987495,
  "summary_gm_mean": 718.4217380116559,
  "summary_gm_median": 717.1187255680561,
  "summary_gm_n": 20669.0,
  "summary_gm_p05": 617.1137319356203,
  "summary_gm_p95": 823.8173601329327,
  "summary_gm_stdv": 61.58971637786185,
  "summary_wm_k": 0.940687765742275,
  "summary_wm_mad": 47.54636139877045,
  "summary_wm_mean": 996.4717693648188,
  "summary_wm_median": 999.999983780086,
  "summary_wm_n": 172377.0,
  "summary_wm_p05": 901.4336234226823,
  "summary_wm_p95": 1077.1766646802425,
  "summary_wm_stdv": 53.42639401639771,
  "tpm_overlap_csf": 0.1656666249036789,
  "tpm_overlap_gm": 0.44919684529304504,
  "tpm_overlap_wm": 0.486558735370636,
  "wm2max": 0.42559207449296316
}