{
  "aor": 0.004021533333333334,
  "aqi": 0.015989809599999998,
  "bids_meta": {
    "AcquisitionMatrixPE": 84,
    "AcquisitionNumber": 1,
    "AcquisitionTime": "14:27:12.815000",
    "BandwidthPerPixelPhaseEncode": 33.069,
    "BaseResolution": 84,
    "BodyPartExamined": "BRAIN",
    "ConsistencyInfo": "N4_VE11B_LATEST_20150530",
    "ConversionSoftware": "dcm2niix",
    "ConversionSoftwareVersion": "v1.0.20181125  GCC4.8.5",
    "DerivedVendorReportedEchoSpacing": 0.000719995,
    "DeviceSerialNumber": "67007",
    "DwellTime": 3.8e-06,
    "EchoTime": 0.03,
    "EchoTrainLength": 36,
    "EffectiveEchoSpacing": 0.000359998,
    "FlipAngle": 40,
    "ImageComments": "Unaliased_MB3_PE4",
    "ImageOrientationPatientDICOM": [
      1,
      0,
      0,
      0,
      0.82806,
      -0.560639
    ],
    "ImageType": [
      "ORIGINAL",
      "PRIMARY",
      "M",
      "MB",
      "ND",
      "NORM",
      "MOSAIC"
    ],
    "ImagingFrequency": 123.211,
    "InPlanePhaseEncodingDirectionDICOM": "COL",
    "InstitutionAddress": "Perth_Drive_100_London_Ontario_CA_N6A_5K8",
    "InstitutionName": "Robarts_Research_Institute",
    "InstitutionalDepartmentName": "CFMM",
    "MRAcquisitionType": "2D",
    "MagneticFieldStrength": 3,
    "Manufacturer": "Siemens",
    "ManufacturersModelName": "Prisma_fit",
    "Modality": "MR",
    "MultibandAccelerationFactor": 3,
    "ParallelReductionFactorInPlane": 2,
    "PartialFourier": 0.875,
    "PatientPosition": "HFS",
    "PercentPhaseFOV": 100,
    "PhaseEncodingDirection": "j-",
    "PhaseEncodingSteps": 73,
    "PhaseResolution": 1,
    "PixelBandwidth": 1565,
    "ProcedureStepDescription": "Diedrichsen_MCC",
    "ProtocolName": "ep_bold_mb3_p2",
    "PulseSequenceDetails": "%CustomerSeq%_cmrr_mbep2d_bold",
    "ReceiveCoilActiveElements": "HEA;HEP",
    "ReceiveCoilName": "Head_32",
    "ReconMatrixPE": 84,
    "RepetitionTime": 1,
    "SAR": 0.0782137,
    "ScanOptions": "PFP_FS_EXT",
    "ScanningSequence": "EP",
    "SequenceName": "epfid2d1_84",
    "SequenceVariant": "SK_SS",
    "SeriesDescription": "ep_bold_mb3_p2",
    "SeriesNumber": 18,
    "ShimSetting": [
      5252,
      -6215,
      -3990,
      602,
      20,
      -2,
      -20,
      -29
    ],
    "SliceThickness": 3,
    "SliceTiming": [
      0,
      0.4275,
      0.8575,
      0.305,
      0.735,
      0.1825,
      0.6125,
      0.06,
      0.49,
      0.9175,
      0.3675,
      0.795,
      0.245,
      0.6725,
      0.1225,
      0.55,
      0,
      0.4275,
      0.8575,
      0.305,
      0.735,
      0.1825,
      0.6125,
      0.06,
      0.49,
      0.9175,
      0.3675,
      0.795,
      0.245,
      0.6725,
      0.1225,
      0.55,
      0,
      0.4275,
      0.8575,
      0.305,
      0.735,
      0.1825,
      0.6125,
      0.06,
      0.49,
      0.9175,
      0.3675,
      0.795,
      0.245,
      0.6725,
      0.1225,
      0.55
    ],
    "SoftwareVersions": "syngo_MR_E11",
    "SpacingBetweenSlices": 3,
    "StationName": "MRC35368",
    "TaskName": "b",
    "TotalReadoutTime": 0.0298798,
    "TxRefAmp": 287.207,
    "WipMemBlock": "12fc26d0-07bf-4848-b5b6-38947b714d2c||Sequence: ve11b/master r/50434d5; Mar  3 2017 10:46:13 by eja",
    "dataset": "ds002105",
    "modality": "bold",
    "run_id": 8,
    "session_id": "b1",
    "subject_id": "24",
    "task_id": "b"
  },
  "dummy_trs": 1,
  "dvars_nstd": 36.65211951056762,
  "dvars_std": 1.1535189261769623,
  "dvars_vstd": 1.0361928309849742,
  "efc": 0.5035634606694146,
  "fber": 3396.45458984375,
  "fd_mean": 0.20984402548032327,
  "fd_num": 133,
  "fd_perc": 22.166666666666668,
  "fwhm_avg": 1.7891762346018407,
  "fwhm_x": 1.7520097434289732,
  "fwhm_y": 1.916338960376549,
  "fwhm_z": 1.6991800000000001,
  "gcor": 0.0300709,
  "gsr_x": 0.0010046001989394426,
  "gsr_y": 0.01846465840935707,
  "provenance": {
    "md5sum": "c23b806c41535c60222e79b65435fd1e",
    "settings": {
      "fd_thres": 0.2,
      "testing": false
    },
    "software": "mriqc",
    "version": "21.0.0rc2",
    "webapi_port": null,
    "webapi_url": "https://mriqc.nimh.nih.gov/api/v1"
  },
  "size_t": 600,
  "size_x": 84,
  "size_y": 84,
  "size_z": 48,
  "snr": 5.479580153051512,
  "spacing_tr": 1.0,
  "spacing_x": 2.4761905670166016,
  "spacing_y": 2.4761903285980225,
  "spacing_z": 3.0,
  "summary_bg_k": 16.700511933969274,
  "summary_bg_mad": 39.612661556725996,
  "summary_bg_mean": 179.57241821289062,
  "summary_bg_median": 54.407501220703125,
  "summary_bg_n": 224564.0,
  "summary_bg_p05": 20.463333129882812,
  "summary_bg_p95": 857.7264373779296,
  "summary_bg_stdv": 317.6064758300781,
  "summary_fg_k": 3.9506420348432885,
  "summary_fg_mad": 500.77116005135053,
  "summary_fg_mean": 3215.31787109375,
  "summary_fg_median": 3156.223388671875,
  "summary_fg_n": 57678.0,
  "summary_fg_p05": 2460.2647094726562,
  "summary_fg_p95": 4161.44208984375,
  "summary_fg_stdv": 575.9923095703125,
  "tsnr": 37.274764700676315
}