{
  "bids_meta": {
    "AcquisitionMatrixPE": 256,
    "AcquisitionNumber": 1,
    "AcquisitionTime": "14:32:7.132500",
    "BaseResolution": 256,
    "BodyPartExamined": "BRAIN",
    "ConsistencyInfo": "N4_VE11B_LATEST_20150530",
    "ConversionSoftware": "dcm2niix",
    "ConversionSoftwareVersion": "v1.0.20181125  GCC4.8.5",
    "DeviceSerialNumber": "67007",
    "DwellTime": 8.2e-06,
    "EchoTime": 0.00298,
    "FlipAngle": 9,
    "ImageOrientationPatientDICOM": [
      5.98165e-05,
      1,
      -5.38576e-09,
      -0.0211045,
      1.25701e-06,
      -0.999777
    ],
    "ImageType": [
      "ORIGINAL",
      "PRIMARY",
      "M",
      "ND",
      "NORM"
    ],
    "ImagingFrequency": 123.211,
    "InPlanePhaseEncodingDirectionDICOM": "ROW",
    "InstitutionAddress": "Perth_Drive_100_London_Ontario_CA_N6A_5K8",
    "InstitutionName": "Robarts_Research_Institute",
    "InstitutionalDepartmentName": "CFMM",
    "InversionTime": 0.9,
    "MRAcquisitionType": "3D",
    "MagneticFieldStrength": 3,
    "Manufacturer": "Siemens",
    "ManufacturersModelName": "Prisma_fit",
    "Modality": "MR",
    "PartialFourier": 1,
    "PatientPosition": "HFS",
    "PercentPhaseFOV": 100,
    "PhaseEncodingSteps": 255,
    "PhaseResolution": 1,
    "PixelBandwidth": 240,
    "ProcedureStepDescription": "Diedrichsen_Feb2016",
    "ProtocolName": "mprage_sag_p2",
    "PulseSequenceDetails": "%SiemensSeq%_tfl",
    "ReceiveCoilActiveElements": "HEA;HEP",
    "ReceiveCoilName": "Head_32",
    "ReconMatrixPE": 256,
    "RepetitionTime": 2.3,
    "SAR": 0.0764109,
    "ScanOptions": "IR",
    "ScanningSequence": "GR_IR",
    "SequenceName": "_tfl3d1_16ns",
    "SequenceVariant": "SK_SP_MP",
    "SeriesDescription": "mprage_sag_p2",
    "SeriesNumber": 2,
    "ShimSetting": [
      5239,
      -6177,
      -3871,
      425,
      33,
      -186,
      11,
      -29
    ],
    "SliceThickness": 1,
    "SoftwareVersions": "syngo_MR_E11",
    "StationName": "MRC35368",
    "TxRefAmp": 274.163,
    "dataset": "ds002105",
    "modality": "T1w",
    "session_id": "b1",
    "subject_id": "10"
  },
  "cjv": 0.3532128593604109,
  "cnr": 3.5894339620791436,
  "efc": 0.5149297505616482,
  "fber": 12392.050589860772,
  "fwhm_avg": 3.36446,
  "fwhm_x": 3.39446,
  "fwhm_y": 3.47622,
  "fwhm_z": 3.2227,
  "icvs_csf": 0.191915746312959,
  "icvs_gm": 0.4356659998030733,
  "icvs_wm": 0.3724182538839677,
  "inu_med": 1.1494643688201904,
  "inu_range": 0.2912200093269346,
  "provenance": {
    "md5sum": "c5619e4a2a4e5e9d438b47ab9d773d9c",
    "settings": {
      "testing": false
    },
    "software": "mriqc",
    "version": "21.0.0rc2",
    "warnings": {
      "large_rot_frame": true,
      "small_air_mask": false
    },
    "webapi_port": null,
    "webapi_url": "https://mriqc.nimh.nih.gov/api/v1"
  },
  "qi_1": 0.010348112734983216,
  "qi_2": 0.04716115428023118,
  "rpve_csf": 29.96381013661438,
  "rpve_gm": 14.636976113283357,
  "rpve_wm": 20.762834340728944,
  "size_x": 176,
  "size_y": 256,
  "size_z": 256,
  "snr_csf": 3.082918508943546,
  "snr_gm": 10.569861964776116,
  "snr_total": 12.00493299601297,
  "snr_wm": 22.36201851431925,
  "snrd_csf": 30.28946957397385,
  "snrd_gm": 51.78683863993604,
  "snrd_total": 51.689654800123826,
  "snrd_wm": 72.99265618646157,
  "spacing_x": 1.0,
  "spacing_y": 1.0,
  "spacing_z": 1.0,
  "summary_bg_k": 50.64874597903656,
  "summary_bg_mad": 8.975373651138629,
  "summary_bg_mean": 6.161209035846569,
  "summary_bg_median": 6.053797531872988,
  "summary_bg_n": 3158417.0,
  "summary_bg_p05": 0.0,
  "summary_bg_p95": 18.286213163286448,
  "summary_bg_stdv": 6.779287830971172,
  "summary_csf_k": 29.103414881797427,
  "summary_csf_mad": 112.88614282875389,
  "summary_csf_mean": 410.18889300636994,
  "summary_csf_median": 414.9659772105515,
  "summary_csf_n": 9243.0,
  "summary_csf_p05": 217.31884933747352,
  "summary_csf_p95": 582.3503584526479,
  "summary_csf_stdv": 134.59438769428888,
  "summary_gm_k": 0.3774636412986605,
  "summary_gm_mad": 63.75291181066511,
  "summary_gm_mean": 713.0933822165758,
  "summary_gm_median": 709.4801066219807,
  "summary_gm_n": 14318.0,
  "summary_gm_p05": 608.6250879466534,
  "summary_gm_p95": 830.4312366917729,
  "summary_gm_stdv": 67.1205861290539,
  "summary_wm_k": 1.7004277310715246,
  "summary_wm_mad": 38.86244261317757,
  "summary_wm_mean": 998.6075963017764,
  "summary_wm_median": 999.9999778680503,
  "summary_wm_n": 187447.0,
  "summary_wm_p05": 924.0466624423862,
  "summary_wm_p95": 1066.7789815701544,
  "summary_wm_stdv": 44.71856195823995,
  "tpm_overlap_csf": 0.162621408700943,
  "tpm_overlap_gm": 0.4309269189834595,
  "tpm_overlap_wm": 0.4972228407859802,
  "wm2max": 0.4594803854094976
}