{
  "bids_meta": {
    "AcquisitionMatrixPE": 256,
    "AcquisitionNumber": 1,
    "AcquisitionTime": "14:57:33.830000",
    "BaseResolution": 256,
    "BodyPartExamined": "BRAIN",
    "ConsistencyInfo": "N4_VE11B_LATEST_20150530",
    "ConversionSoftware": "dcm2niix",
    "ConversionSoftwareVersion": "v1.0.20181125  GCC4.8.5",
    "DeviceSerialNumber": "67007",
    "DwellTime": 8.9e-06,
    "EchoTime": 0.091,
    "EchoTrainLength": 18,
    "FlipAngle": 120,
    "ImageOrientationPatientDICOM": [
      0.999192,
      0.01864,
      0.0356183,
      -3.34353e-09,
      0.886008,
      -0.463671
    ],
    "ImageType": [
      "ORIGINAL",
      "PRIMARY",
      "M",
      "ND",
      "NORM"
    ],
    "ImagingFrequency": 123.211,
    "InPlanePhaseEncodingDirectionDICOM": "COL",
    "InstitutionAddress": "Perth_Drive_100_London_Ontario_CA_N6A_5K8",
    "InstitutionName": "Robarts_Research_Institute",
    "InstitutionalDepartmentName": "CFMM",
    "Interpolation2D": 1,
    "MRAcquisitionType": "2D",
    "MagneticFieldStrength": 3,
    "Manufacturer": "Siemens",
    "ManufacturersModelName": "Prisma_fit",
    "Modality": "MR",
    "ParallelReductionFactorInPlane": 2,
    "PartialFourier": 1,
    "PatientPosition": "HFS",
    "PercentPhaseFOV": 100,
    "PhaseEncodingDirection": "j-",
    "PhaseEncodingSteps": 255,
    "PhaseResolution": 1,
    "PixelBandwidth": 220,
    "ProcedureStepDescription": "Diedrichsen_MCC",
    "ProtocolName": "t2_tse_tra_256_p2",
    "PulseSequenceDetails": "%SiemensSeq%_tse",
    "ReceiveCoilActiveElements": "HEA;HEP",
    "ReceiveCoilName": "Head_32",
    "ReconMatrixPE": 512,
    "RepetitionTime": 8.53,
    "SAR": 0.715804,
    "ScanningSequence": "SE",
    "SequenceName": "_tse2d1_18",
    "SequenceVariant": "SK_SP",
    "SeriesDescription": "t2_tse_tra_256_p2",
    "SeriesNumber": 21,
    "ShimSetting": [
      5237,
      -6157,
      -4055,
      53,
      3,
      -37,
      -27,
      1
    ],
    "SliceThickness": 3,
    "SoftwareVersions": "syngo_MR_E11",
    "SpacingBetweenSlices": 3,
    "StationName": "MRC35368",
    "TxRefAmp": 287.796,
    "dataset": "ds002105",
    "modality": "T2w",
    "session_id": "b1",
    "subject_id": "10"
  },
  "cjv": 0.43366475797379045,
  "cnr": 3.250230794887416,
  "efc": 0.5725563528781846,
  "fber": 5868.581377777778,
  "fwhm_avg": 5.007501811060014,
  "fwhm_x": 6.36772923076923,
  "fwhm_y": 6.990671282063358,
  "fwhm_z": 1.6641049203474556,
  "icvs_csf": 0.1838848098017506,
  "icvs_gm": 0.4355641055121343,
  "icvs_wm": 0.3805510846861151,
  "inu_med": 0.8989716172218323,
  "inu_range": 0.20204465091228485,
  "provenance": {
    "md5sum": "8656e57ac6a071cefec3d27ee840df31",
    "settings": {
      "testing": false
    },
    "software": "mriqc",
    "version": "21.0.0rc2",
    "warnings": {
      "large_rot_frame": true,
      "small_air_mask": false
    },
    "webapi_port": null,
    "webapi_url": "https://mriqc.nimh.nih.gov/api/v1"
  },
  "qi_1": 0.0,
  "qi_2": 0.00648024949820512,
  "rpve_csf": 15.77128054231039,
  "rpve_gm": 7.642076461974128,
  "rpve_wm": 9.836817151233465,
  "size_x": 512,
  "size_y": 512,
  "size_z": 48,
  "snr_csf": 3.3824151874869544,
  "snr_gm": 10.46183249654444,
  "snr_total": 7.566798179691851,
  "snr_wm": 8.85614685504416,
  "snrd_csf": 169.8800401427328,
  "snrd_gm": 77.00703004255624,
  "snrd_total": 97.7436729029613,
  "snrd_wm": 46.34394852359483,
  "spacing_x": 0.40625,
  "spacing_y": 0.4062499701976776,
  "spacing_z": 2.999997138977051,
  "summary_bg_k": 241.03615234329052,
  "summary_bg_mad": 14.496902780891583,
  "summary_bg_mean": 25.010681289639482,
  "summary_bg_median": 19.688159972429276,
  "summary_bg_n": 2988861.0,
  "summary_bg_p05": 0.0,
  "summary_bg_p95": 59.06447991728783,
  "summary_bg_stdv": 60.34944691086363,
  "summary_csf_k": 1.2675530025069683,
  "summary_csf_mad": 987.356621833697,
  "summary_csf_mean": 3812.1072278022807,
  "summary_csf_median": 3759.117201715708,
  "summary_csf_n": 368817.0,
  "summary_csf_p05": 2111.7863938212395,
  "summary_csf_p95": 5549.841239154341,
  "summary_csf_stdv": 1111.3692131695564,
  "summary_gm_k": -0.33424415329718293,
  "summary_gm_mad": 177.29320292847137,
  "summary_gm_mean": 1711.4655116396182,
  "summary_gm_median": 1704.0168523788452,
  "summary_gm_n": 766391.0,
  "summary_gm_p05": 1463.1341971457005,
  "summary_gm_p95": 1981.8973921239376,
  "summary_gm_stdv": 162.87927963157975,
  "summary_wm_k": 0.12745579167055077,
  "summary_wm_mad": 116.95474270530102,
  "summary_wm_mean": 1023.0014077196622,
  "summary_wm_median": 1025.5020774900913,
  "summary_wm_n": 814755.0,
  "summary_wm_p05": 827.1669894456863,
  "summary_wm_p95": 1203.488329052925,
  "summary_wm_stdv": 115.79544297803089,
  "tpm_overlap_csf": 0.14175982773303986,
  "tpm_overlap_gm": 0.4108738601207733,
  "tpm_overlap_wm": 0.4366059899330139,
  "wm2max": 0.16383095499451153
}