{
  "aor": 0.0004288,
  "aqi": 0.01140630825,
  "bids_meta": {
    "AcquisitionMatrixPE": 84,
    "AcquisitionNumber": 1,
    "AcquisitionTime": "15:59:47.322500",
    "BandwidthPerPixelPhaseEncode": 33.069,
    "BaseResolution": 84,
    "BodyPartExamined": "BRAIN",
    "ConsistencyInfo": "N4_VE11B_LATEST_20150530",
    "ConversionSoftware": "dcm2niix",
    "ConversionSoftwareVersion": "v1.0.20181125  GCC4.8.5",
    "DerivedVendorReportedEchoSpacing": 0.000719995,
    "DeviceSerialNumber": "67007",
    "DwellTime": 3.8e-06,
    "EchoTime": 0.03,
    "EchoTrainLength": 36,
    "EffectiveEchoSpacing": 0.000359998,
    "FlipAngle": 40,
    "ImageComments": "Unaliased_MB3_PE4",
    "ImageOrientationPatientDICOM": [
      1,
      0,
      0,
      0,
      0.934826,
      -0.355107
    ],
    "ImageType": [
      "ORIGINAL",
      "PRIMARY",
      "M",
      "MB",
      "ND",
      "NORM",
      "MOSAIC"
    ],
    "ImagingFrequency": 123.211,
    "InPlanePhaseEncodingDirectionDICOM": "COL",
    "InstitutionAddress": "Perth_Drive_100_London_Ontario_CA_N6A_5K8",
    "InstitutionName": "Robarts_Research_Institute",
    "InstitutionalDepartmentName": "CFMM",
    "MRAcquisitionType": "2D",
    "MagneticFieldStrength": 3,
    "Manufacturer": "Siemens",
    "ManufacturersModelName": "Prisma_fit",
    "Modality": "MR",
    "MultibandAccelerationFactor": 3,
    "ParallelReductionFactorInPlane": 2,
    "PartialFourier": 0.875,
    "PatientPosition": "HFS",
    "PercentPhaseFOV": 100,
    "PhaseEncodingDirection": "j-",
    "PhaseEncodingSteps": 73,
    "PhaseResolution": 1,
    "PixelBandwidth": 1565,
    "ProcedureStepDescription": "Diedrichsen_Feb2016",
    "ProtocolName": "ep_bold_mb3_p2",
    "PulseSequenceDetails": "%CustomerSeq%_cmrr_mbep2d_bold",
    "ReceiveCoilActiveElements": "HEA;HEP",
    "ReceiveCoilName": "Head_32",
    "ReconMatrixPE": 84,
    "RepetitionTime": 1,
    "SAR": 0.069715,
    "ScanOptions": "PFP_FS",
    "ScanningSequence": "EP",
    "SequenceName": "epfid2d1_84",
    "SequenceVariant": "SK_SS",
    "SeriesDescription": "ep_bold_mb3_p2",
    "SeriesNumber": 5,
    "ShimSetting": [
      5232,
      -6176,
      -3998,
      815,
      -38,
      139,
      -500,
      -4
    ],
    "SliceThickness": 3,
    "SliceTiming": [
      0,
      0.43,
      0.8575,
      0.3075,
      0.735,
      0.185,
      0.6125,
      0.0625,
      0.49,
      0.92,
      0.3675,
      0.7975,
      0.245,
      0.675,
      0.1225,
      0.5525,
      0,
      0.43,
      0.8575,
      0.3075,
      0.735,
      0.185,
      0.6125,
      0.0625,
      0.49,
      0.92,
      0.3675,
      0.7975,
      0.245,
      0.675,
      0.1225,
      0.5525,
      0,
      0.43,
      0.8575,
      0.3075,
      0.735,
      0.185,
      0.6125,
      0.0625,
      0.49,
      0.92,
      0.3675,
      0.7975,
      0.245,
      0.675,
      0.1225,
      0.5525
    ],
    "SoftwareVersions": "syngo_MR_E11",
    "SpacingBetweenSlices": 3,
    "StationName": "MRC35368",
    "TaskName": "a",
    "TotalReadoutTime": 0.0298798,
    "TxRefAmp": 249.776,
    "WipMemBlock": "9559111c-9ca6-4a13-9f71-f1890a8bd8e5||Sequence: ve11b/R013 r/f10bb7f; Apr  4 2016 11:55:08 by eja",
    "dataset": "ds002105",
    "modality": "bold",
    "run_id": 3,
    "session_id": "a2",
    "subject_id": "03",
    "task_id": "a"
  },
  "dummy_trs": 1,
  "dvars_nstd": 29.097696957028376,
  "dvars_std": 1.135408748230384,
  "dvars_vstd": 0.9977271241569278,
  "efc": 0.48458035791306087,
  "fber": 4672.2294921875,
  "fd_mean": 0.08903692891259812,
  "fd_num": 2,
  "fd_perc": 0.3333333333333333,
  "fwhm_avg": 1.7870354037899088,
  "fwhm_x": 1.7684987812856974,
  "fwhm_y": 1.9061174300840291,
  "fwhm_z": 1.68649,
  "gcor": 0.0220247,
  "gsr_x": -0.001162106404080987,
  "gsr_y": 0.021974172443151474,
  "provenance": {
    "md5sum": "1d603708a6633503a23a0954c8855128",
    "settings": {
      "fd_thres": 0.2,
      "testing": false
    },
    "software": "mriqc",
    "version": "21.0.0rc2",
    "webapi_port": null,
    "webapi_url": "https://mriqc.nimh.nih.gov/api/v1"
  },
  "size_t": 600,
  "size_x": 84,
  "size_y": 84,
  "size_z": 48,
  "snr": 5.856171015917718,
  "spacing_tr": 1.0,
  "spacing_x": 2.4761905670166016,
  "spacing_y": 2.4761905670166016,
  "spacing_z": 3.0,
  "summary_bg_k": 40.084953995632915,
  "summary_bg_mad": 38.265968123513204,
  "summary_bg_mean": 158.5329132080078,
  "summary_bg_median": 53.7650032043457,
  "summary_bg_n": 225897.0,
  "summary_bg_p05": 23.286666870117188,
  "summary_bg_p95": 679.8446899414058,
  "summary_bg_stdv": 290.12615966796875,
  "summary_fg_k": 5.197796483792205,
  "summary_fg_mad": 542.0221416262729,
  "summary_fg_mean": 3801.770751953125,
  "summary_fg_median": 3732.6533203125,
  "summary_fg_n": 57053.0,
  "summary_fg_p05": 2965.87373046875,
  "summary_fg_p95": 4824.580957031249,
  "summary_fg_stdv": 637.3824462890625,
  "tsnr": 50.43583933264017
}