{
  "aor": 0.00017723793677204658,
  "aqi": 0.008679510549084857,
  "bids_meta": {
    "AcquisitionMatrixPE": 84,
    "AcquisitionNumber": 1,
    "AcquisitionTime": "15:42:6.625000",
    "BandwidthPerPixelPhaseEncode": 33.069,
    "BaseResolution": 84,
    "BodyPartExamined": "BRAIN",
    "ConsistencyInfo": "N4_VE11B_LATEST_20150530",
    "ConversionSoftware": "dcm2niix",
    "ConversionSoftwareVersion": "v1.0.20181125  GCC4.8.5",
    "DerivedVendorReportedEchoSpacing": 0.000719995,
    "DeviceSerialNumber": "67007",
    "DwellTime": 3.8e-06,
    "EchoTime": 0.03,
    "EchoTrainLength": 36,
    "EffectiveEchoSpacing": 0.000359998,
    "FlipAngle": 40,
    "ImageComments": "Unaliased_MB3_PE4",
    "ImageOrientationPatientDICOM": [
      1,
      0,
      0,
      0,
      0.904827,
      -0.425779
    ],
    "ImageType": [
      "ORIGINAL",
      "PRIMARY",
      "M",
      "MB",
      "ND",
      "NORM",
      "MOSAIC"
    ],
    "ImagingFrequency": 123.211,
    "InPlanePhaseEncodingDirectionDICOM": "COL",
    "InstitutionAddress": "Perth_Drive_100_London_Ontario_CA_N6A_5K8",
    "InstitutionName": "Robarts_Research_Institute",
    "InstitutionalDepartmentName": "CFMM",
    "MRAcquisitionType": "2D",
    "MagneticFieldStrength": 3,
    "Manufacturer": "Siemens",
    "ManufacturersModelName": "Prisma_fit",
    "Modality": "MR",
    "MultibandAccelerationFactor": 3,
    "ParallelReductionFactorInPlane": 2,
    "PartialFourier": 0.875,
    "PatientPosition": "HFS",
    "PercentPhaseFOV": 100,
    "PhaseEncodingDirection": "j-",
    "PhaseEncodingSteps": 73,
    "PhaseResolution": 1,
    "PixelBandwidth": 1565,
    "ProcedureStepDescription": "Diedrichsen_MCC",
    "ProtocolName": "ep_bold_mb3_p2",
    "PulseSequenceDetails": "%CustomerSeq%_cmrr_mbep2d_bold",
    "ReceiveCoilActiveElements": "HEA;HEP",
    "ReceiveCoilName": "Head_32",
    "ReconMatrixPE": 84,
    "RepetitionTime": 1,
    "SAR": 0.0783928,
    "ScanOptions": "PFP_FS_EXT",
    "ScanningSequence": "EP",
    "SequenceName": "epfid2d1_84",
    "SequenceVariant": "SK_SS",
    "SeriesDescription": "ep_bold_mb3_p2",
    "SeriesNumber": 16,
    "ShimSetting": [
      5251,
      -6230,
      -3936,
      670,
      112,
      -35,
      13,
      0
    ],
    "SliceThickness": 3,
    "SliceTiming": [
      0,
      0.43,
      0.8575,
      0.3075,
      0.735,
      0.185,
      0.6125,
      0.0625,
      0.49,
      0.92,
      0.3675,
      0.7975,
      0.245,
      0.675,
      0.1225,
      0.5525,
      0,
      0.43,
      0.8575,
      0.3075,
      0.735,
      0.185,
      0.6125,
      0.0625,
      0.49,
      0.92,
      0.3675,
      0.7975,
      0.245,
      0.675,
      0.1225,
      0.5525,
      0,
      0.43,
      0.8575,
      0.3075,
      0.735,
      0.185,
      0.6125,
      0.0625,
      0.49,
      0.92,
      0.3675,
      0.7975,
      0.245,
      0.675,
      0.1225,
      0.5525
    ],
    "SoftwareVersions": "syngo_MR_E11",
    "SpacingBetweenSlices": 3,
    "StationName": "MRC35368",
    "TaskName": "b",
    "TotalReadoutTime": 0.0298798,
    "TxRefAmp": 278.213,
    "WipMemBlock": "12d197f6-9e99-412c-bdc3-7beff64a9fe1||Sequence: ve11b/master r/50434d5; Mar  3 2017 10:46:13 by eja",
    "dataset": "ds002105",
    "modality": "bold",
    "run_id": 8,
    "session_id": "b2",
    "subject_id": "18",
    "task_id": "b"
  },
  "dummy_trs": 0,
  "dvars_nstd": 31.331846704716646,
  "dvars_std": 1.1022246441999997,
  "dvars_vstd": 0.9986202348666673,
  "efc": 0.5000745776912738,
  "fber": 3532.267333984375,
  "fd_mean": 0.1177927122653487,
  "fd_num": 72,
  "fd_perc": 11.980033277870216,
  "fwhm_avg": 1.8044818563799299,
  "fwhm_x": 1.7704008966005436,
  "fwhm_y": 1.9370480058725794,
  "fwhm_z": 1.7059966666666666,
  "gcor": 0.0142757,
  "gsr_x": -0.00518764927983284,
  "gsr_y": 0.02130775712430477,
  "provenance": {
    "md5sum": "23149186dea24008d242e277b112b2de",
    "settings": {
      "fd_thres": 0.2,
      "testing": false
    },
    "software": "mriqc",
    "version": "21.0.0rc2",
    "webapi_port": null,
    "webapi_url": "https://mriqc.nimh.nih.gov/api/v1"
  },
  "size_t": 601,
  "size_x": 84,
  "size_y": 84,
  "size_z": 48,
  "snr": 5.2185479718045675,
  "spacing_tr": 1.0,
  "spacing_x": 2.4761905670166016,
  "spacing_y": 2.4761905670166016,
  "spacing_z": 3.0,
  "summary_bg_k": 18.044805132718558,
  "summary_bg_mad": 35.19514954378512,
  "summary_bg_mean": 168.05125427246094,
  "summary_bg_median": 52.34608840942383,
  "summary_bg_n": 223846.0,
  "summary_bg_p05": 23.845256805419922,
  "summary_bg_p95": 786.3261108398438,
  "summary_bg_stdv": 298.5106201171875,
  "summary_fg_k": 2.7282284614983228,
  "summary_fg_mad": 553.0623882734017,
  "summary_fg_mean": 3232.108154296875,
  "summary_fg_median": 3171.259521484375,
  "summary_fg_n": 57693.0,
  "summary_fg_p05": 2417.8720703125,
  "summary_fg_p95": 4253.19775390625,
  "summary_fg_stdv": 607.6847534179688,
  "tsnr": 47.34708681702614
}