{
  "aor": 0.00022716666666666664,
  "aqi": 0.0080231612,
  "bids_meta": {
    "AcquisitionMatrixPE": 84,
    "AcquisitionNumber": 1,
    "AcquisitionTime": "11:32:27.202500",
    "BandwidthPerPixelPhaseEncode": 33.069,
    "BaseResolution": 84,
    "BodyPartExamined": "BRAIN",
    "ConsistencyInfo": "N4_VE11B_LATEST_20150530",
    "ConversionSoftware": "dcm2niix",
    "ConversionSoftwareVersion": "v1.0.20181125  GCC4.8.5",
    "DerivedVendorReportedEchoSpacing": 0.000719995,
    "DeviceSerialNumber": "67007",
    "DwellTime": 3.8e-06,
    "EchoTime": 0.03,
    "EchoTrainLength": 36,
    "EffectiveEchoSpacing": 0.000359998,
    "FlipAngle": 40,
    "ImageComments": "Unaliased_MB3_PE4",
    "ImageOrientationPatientDICOM": [
      1,
      0,
      0,
      0,
      0.878817,
      -0.477159
    ],
    "ImageType": [
      "ORIGINAL",
      "PRIMARY",
      "M",
      "MB",
      "ND",
      "NORM",
      "MOSAIC"
    ],
    "ImagingFrequency": 123.211,
    "InPlanePhaseEncodingDirectionDICOM": "COL",
    "InstitutionAddress": "Perth_Drive_100_London_Ontario_CA_N6A_5K8",
    "InstitutionName": "Robarts_Research_Institute",
    "InstitutionalDepartmentName": "CFMM",
    "MRAcquisitionType": "2D",
    "MagneticFieldStrength": 3,
    "Manufacturer": "Siemens",
    "ManufacturersModelName": "Prisma_fit",
    "Modality": "MR",
    "MultibandAccelerationFactor": 3,
    "ParallelReductionFactorInPlane": 2,
    "PartialFourier": 0.875,
    "PatientPosition": "HFS",
    "PercentPhaseFOV": 100,
    "PhaseEncodingDirection": "j-",
    "PhaseEncodingSteps": 73,
    "PhaseResolution": 1,
    "PixelBandwidth": 1565,
    "ProcedureStepDescription": "Diedrichsen_MCC",
    "ProtocolName": "ep_bold_mb3_p2",
    "PulseSequenceDetails": "%CustomerSeq%_cmrr_mbep2d_bold",
    "ReceiveCoilActiveElements": "HEA;HEP",
    "ReceiveCoilName": "Head_32",
    "ReconMatrixPE": 84,
    "RepetitionTime": 1,
    "SAR": 0.0850496,
    "ScanOptions": "PFP_FS_EXT",
    "ScanningSequence": "EP",
    "SequenceName": "epfid2d1_84",
    "SequenceVariant": "SK_SS",
    "SeriesDescription": "ep_bold_mb3_p2",
    "SeriesNumber": 10,
    "ShimSetting": [
      5156,
      -6329,
      -3970,
      870,
      -173,
      -342,
      -964,
      49
    ],
    "SliceThickness": 3,
    "SliceTiming": [
      0,
      0.4275,
      0.855,
      0.305,
      0.735,
      0.1825,
      0.6125,
      0.06,
      0.49,
      0.9175,
      0.3675,
      0.795,
      0.245,
      0.6725,
      0.1225,
      0.55,
      0,
      0.4275,
      0.855,
      0.305,
      0.735,
      0.1825,
      0.6125,
      0.06,
      0.49,
      0.9175,
      0.3675,
      0.795,
      0.245,
      0.6725,
      0.1225,
      0.55,
      0,
      0.4275,
      0.855,
      0.305,
      0.735,
      0.1825,
      0.6125,
      0.06,
      0.49,
      0.9175,
      0.3675,
      0.795,
      0.245,
      0.6725,
      0.1225,
      0.55
    ],
    "SoftwareVersions": "syngo_MR_E11",
    "SpacingBetweenSlices": 3,
    "StationName": "MRC35368",
    "TaskName": "a",
    "TotalReadoutTime": 0.0298798,
    "TxRefAmp": 262.094,
    "WipMemBlock": "80e8ffbf-50e5-4dfd-9b73-6a9619ae09a4||Sequence: ve11b/master r/50434d5; Mar  3 2017 10:46:13 by eja",
    "dataset": "ds002105",
    "modality": "bold",
    "run_id": 5,
    "session_id": "a1",
    "subject_id": "30",
    "task_id": "a"
  },
  "dummy_trs": 1,
  "dvars_nstd": 29.766177799949936,
  "dvars_std": 1.104115731803005,
  "dvars_vstd": 0.9909073238898172,
  "efc": 0.47262058672727053,
  "fber": 4444.0263671875,
  "fd_mean": 0.141607398094393,
  "fd_num": 113,
  "fd_perc": 18.833333333333332,
  "fwhm_avg": 1.9457307416100107,
  "fwhm_x": 1.9588637743031512,
  "fwhm_y": 2.047835117193548,
  "fwhm_z": 1.8304933333333333,
  "gcor": 0.00549355,
  "gsr_x": -0.004355184268206358,
  "gsr_y": 0.01755586266517639,
  "provenance": {
    "md5sum": "da92d2bbe81232dbcb8ba8f9df73eb53",
    "settings": {
      "fd_thres": 0.2,
      "testing": false
    },
    "software": "mriqc",
    "version": "21.0.0rc2",
    "webapi_port": null,
    "webapi_url": "https://mriqc.nimh.nih.gov/api/v1"
  },
  "size_t": 600,
  "size_x": 84,
  "size_y": 84,
  "size_z": 48,
  "snr": 5.323880395170113,
  "spacing_tr": 1.0,
  "spacing_x": 2.4761905670166016,
  "spacing_y": 2.4761905670166016,
  "spacing_z": 3.0,
  "summary_bg_k": 21.07628082672014,
  "summary_bg_mad": 37.514780888017015,
  "summary_bg_mean": 159.41087341308594,
  "summary_bg_median": 55.85000228881836,
  "summary_bg_n": 229707.0,
  "summary_bg_p05": 24.155000686645508,
  "summary_bg_p95": 693.6734924316403,
  "summary_bg_stdv": 316.464111328125,
  "summary_fg_k": 4.193629290618256,
  "summary_fg_mad": 621.1933172725313,
  "summary_fg_mean": 3875.60400390625,
  "summary_fg_median": 3788.081787109375,
  "summary_fg_n": 54695.0,
  "summary_fg_p05": 2958.6791259765623,
  "summary_fg_p95": 5087.451416015625,
  "summary_fg_stdv": 711.5199584960938,
  "tsnr": 49.33536405721679
}