{
  "aor": 0.0004228166666666667,
  "aqi": 0.007516715566666667,
  "bids_meta": {
    "AcquisitionMatrixPE": 84,
    "AcquisitionNumber": 1,
    "AcquisitionTime": "14:12:4.122500",
    "BandwidthPerPixelPhaseEncode": 33.069,
    "BaseResolution": 84,
    "BodyPartExamined": "BRAIN",
    "ConsistencyInfo": "N4_VE11B_LATEST_20150530",
    "ConversionSoftware": "dcm2niix",
    "ConversionSoftwareVersion": "v1.0.20181125  GCC4.8.5",
    "DerivedVendorReportedEchoSpacing": 0.000719995,
    "DeviceSerialNumber": "67007",
    "DwellTime": 3.8e-06,
    "EchoTime": 0.03,
    "EchoTrainLength": 36,
    "EffectiveEchoSpacing": 0.000359998,
    "FlipAngle": 40,
    "ImageComments": "Unaliased_MB3_PE4",
    "ImageOrientationPatientDICOM": [
      1,
      0,
      0,
      0,
      0.909236,
      -0.416281
    ],
    "ImageType": [
      "ORIGINAL",
      "PRIMARY",
      "M",
      "MB",
      "ND",
      "NORM",
      "MOSAIC"
    ],
    "ImagingFrequency": 123.211,
    "InPlanePhaseEncodingDirectionDICOM": "COL",
    "InstitutionAddress": "Perth_Drive_100_London_Ontario_CA_N6A_5K8",
    "InstitutionName": "Robarts_Research_Institute",
    "InstitutionalDepartmentName": "CFMM",
    "MRAcquisitionType": "2D",
    "MagneticFieldStrength": 3,
    "Manufacturer": "Siemens",
    "ManufacturersModelName": "Prisma_fit",
    "Modality": "MR",
    "MultibandAccelerationFactor": 3,
    "ParallelReductionFactorInPlane": 2,
    "PartialFourier": 0.875,
    "PatientPosition": "HFS",
    "PercentPhaseFOV": 100,
    "PhaseEncodingDirection": "j-",
    "PhaseEncodingSteps": 73,
    "PhaseResolution": 1,
    "PixelBandwidth": 1565,
    "ProcedureStepDescription": "Diedrichsen_MCC",
    "ProtocolName": "ep_bold_mb3_p2",
    "PulseSequenceDetails": "%CustomerSeq%_cmrr_mbep2d_bold",
    "ReceiveCoilActiveElements": "HEA;HEP",
    "ReceiveCoilName": "Head_32",
    "ReconMatrixPE": 84,
    "RepetitionTime": 1,
    "SAR": 0.0750959,
    "ScanOptions": "PFP_FS_EXT",
    "ScanningSequence": "EP",
    "SequenceName": "epfid2d1_84",
    "SequenceVariant": "SK_SS",
    "SeriesDescription": "ep_bold_mb3_p2",
    "SeriesNumber": 9,
    "ShimSetting": [
      5239,
      -6184,
      -4016,
      559,
      3,
      65,
      2,
      -46
    ],
    "SliceThickness": 3,
    "SliceTiming": [
      0,
      0.43,
      0.8575,
      0.3075,
      0.735,
      0.185,
      0.6125,
      0.0625,
      0.49,
      0.92,
      0.3675,
      0.7975,
      0.245,
      0.675,
      0.1225,
      0.5525,
      0,
      0.43,
      0.8575,
      0.3075,
      0.735,
      0.185,
      0.6125,
      0.0625,
      0.49,
      0.92,
      0.3675,
      0.7975,
      0.245,
      0.675,
      0.1225,
      0.5525,
      0,
      0.43,
      0.8575,
      0.3075,
      0.735,
      0.185,
      0.6125,
      0.0625,
      0.49,
      0.92,
      0.3675,
      0.7975,
      0.245,
      0.675,
      0.1225,
      0.5525
    ],
    "SoftwareVersions": "syngo_MR_E11",
    "SpacingBetweenSlices": 3,
    "StationName": "MRC35368",
    "TaskName": "a",
    "TotalReadoutTime": 0.0298798,
    "TxRefAmp": 255.084,
    "WipMemBlock": "3c025d5f-4ecc-4a0d-a0f6-92385cf69f51||Sequence: ve11b/master r/50434d5; Mar  3 2017 10:46:13 by eja",
    "dataset": "ds002105",
    "modality": "bold",
    "run_id": 4,
    "session_id": "a1",
    "subject_id": "26",
    "task_id": "a"
  },
  "dummy_trs": 1,
  "dvars_nstd": 26.932184569716174,
  "dvars_std": 1.1130740293989991,
  "dvars_vstd": 1.0048912498330558,
  "efc": 0.48300885489786305,
  "fber": 5291.21923828125,
  "fd_mean": 0.05975772569452838,
  "fd_num": 0,
  "fd_perc": 0.0,
  "fwhm_avg": 1.7867381386997223,
  "fwhm_x": 1.7291439750369155,
  "fwhm_y": 1.9563437743955843,
  "fwhm_z": 1.6747266666666667,
  "gcor": 0.0223428,
  "gsr_x": -0.011053569614887238,
  "gsr_y": 0.01816645637154579,
  "provenance": {
    "md5sum": "19164701292adfab72fb7144ce50424d",
    "settings": {
      "fd_thres": 0.2,
      "testing": false
    },
    "software": "mriqc",
    "version": "21.0.0rc2",
    "webapi_port": null,
    "webapi_url": "https://mriqc.nimh.nih.gov/api/v1"
  },
  "size_t": 600,
  "size_x": 84,
  "size_y": 84,
  "size_z": 48,
  "snr": 5.687980881260479,
  "spacing_tr": 1.0,
  "spacing_x": 2.4761905670166016,
  "spacing_y": 2.4761905670166016,
  "spacing_z": 3.0,
  "summary_bg_k": 28.528816184635183,
  "summary_bg_mad": 28.559859303040994,
  "summary_bg_mean": 140.25753784179688,
  "summary_bg_median": 48.746665954589844,
  "summary_bg_n": 224207.0,
  "summary_bg_p05": 24.7450008392334,
  "summary_bg_p95": 613.7301879882812,
  "summary_bg_stdv": 269.54376220703125,
  "summary_fg_k": 3.6137356889736747,
  "summary_fg_mad": 584.0685378435696,
  "summary_fg_mean": 3640.33544921875,
  "summary_fg_median": 3592.95166015625,
  "summary_fg_n": 58373.0,
  "summary_fg_p05": 2796.2880859375,
  "summary_fg_p95": 4637.204589843749,
  "summary_fg_stdv": 631.6689453125,
  "tsnr": 55.57156776194461
}