{
  "aor": 0.0009051580698835273,
  "aqi": 0.015028506439267886,
  "bids_meta": {
    "AcquisitionMatrixPE": 84,
    "AcquisitionNumber": 1,
    "AcquisitionTime": "13:43:45.270000",
    "BandwidthPerPixelPhaseEncode": 33.069,
    "BaseResolution": 84,
    "BodyPartExamined": "BRAIN",
    "ConsistencyInfo": "N4_VE11B_LATEST_20150530",
    "ConversionSoftware": "dcm2niix",
    "ConversionSoftwareVersion": "v1.0.20181125  GCC4.8.5",
    "DerivedVendorReportedEchoSpacing": 0.000719995,
    "DeviceSerialNumber": "67007",
    "DwellTime": 3.8e-06,
    "EchoTime": 0.03,
    "EchoTrainLength": 36,
    "EffectiveEchoSpacing": 0.000359998,
    "FlipAngle": 40,
    "ImageComments": "Unaliased_MB3_PE4",
    "ImageOrientationPatientDICOM": [
      1,
      0,
      0,
      0,
      0.872069,
      -0.489382
    ],
    "ImageType": [
      "ORIGINAL",
      "PRIMARY",
      "M",
      "MB",
      "ND",
      "NORM",
      "MOSAIC"
    ],
    "ImagingFrequency": 123.211,
    "InPlanePhaseEncodingDirectionDICOM": "COL",
    "InstitutionAddress": "Perth_Drive_100_London_Ontario_CA_N6A_5K8",
    "InstitutionName": "Robarts_Research_Institute",
    "InstitutionalDepartmentName": "CFMM",
    "MRAcquisitionType": "2D",
    "MagneticFieldStrength": 3,
    "Manufacturer": "Siemens",
    "ManufacturersModelName": "Prisma_fit",
    "Modality": "MR",
    "MultibandAccelerationFactor": 3,
    "ParallelReductionFactorInPlane": 2,
    "PartialFourier": 0.875,
    "PatientPosition": "HFS",
    "PercentPhaseFOV": 100,
    "PhaseEncodingDirection": "j-",
    "PhaseEncodingSteps": 73,
    "PhaseResolution": 1,
    "PixelBandwidth": 1565,
    "ProcedureStepDescription": "Diedrichsen_MCC",
    "ProtocolName": "ep_bold_mb3_p2",
    "PulseSequenceDetails": "%CustomerSeq%_cmrr_mbep2d_bold",
    "ReceiveCoilActiveElements": "HEA;HEP",
    "ReceiveCoilName": "Head_32",
    "ReconMatrixPE": 84,
    "RepetitionTime": 1,
    "SAR": 0.092687,
    "ScanOptions": "PFP_FS_EXT",
    "ScanningSequence": "EP",
    "SequenceName": "epfid2d1_84",
    "SequenceVariant": "SK_SS",
    "SeriesDescription": "ep_bold_mb3_p2",
    "SeriesNumber": 18,
    "ShimSetting": [
      5182,
      -6319,
      -4029,
      771,
      200,
      -251,
      -845,
      110
    ],
    "SliceThickness": 3,
    "SliceTiming": [
      0,
      0.4275,
      0.8575,
      0.305,
      0.735,
      0.1825,
      0.6125,
      0.06,
      0.49,
      0.9175,
      0.3675,
      0.795,
      0.245,
      0.6725,
      0.1225,
      0.55,
      0,
      0.4275,
      0.8575,
      0.305,
      0.735,
      0.1825,
      0.6125,
      0.06,
      0.49,
      0.9175,
      0.3675,
      0.795,
      0.245,
      0.6725,
      0.1225,
      0.55,
      0,
      0.4275,
      0.8575,
      0.305,
      0.735,
      0.1825,
      0.6125,
      0.06,
      0.49,
      0.9175,
      0.3675,
      0.795,
      0.245,
      0.6725,
      0.1225,
      0.55
    ],
    "SoftwareVersions": "syngo_MR_E11",
    "SpacingBetweenSlices": 3,
    "StationName": "MRC35368",
    "TaskName": "a",
    "TotalReadoutTime": 0.0298798,
    "TxRefAmp": 287.898,
    "WipMemBlock": "60af61b8-fdc5-4534-b782-d21c383c1bd6||Sequence: ve11b/master r/50434d5; Mar  3 2017 10:46:13 by eja",
    "dataset": "ds002105",
    "modality": "bold",
    "run_id": 7,
    "session_id": "a2",
    "subject_id": "30",
    "task_id": "a"
  },
  "dummy_trs": 0,
  "dvars_nstd": 30.754086732850023,
  "dvars_std": 1.0875927518666675,
  "dvars_vstd": 1.0067227713833333,
  "efc": 0.46645950945270986,
  "fber": 4385.94482421875,
  "fd_mean": 0.14266832371351165,
  "fd_num": 93,
  "fd_perc": 15.474209650582363,
  "fwhm_avg": 1.908378761451926,
  "fwhm_x": 1.8960899304518357,
  "fwhm_y": 2.020559543511657,
  "fwhm_z": 1.8084868103922853,
  "gcor": 0.00559556,
  "gsr_x": -0.0009487061761319637,
  "gsr_y": 0.01389104500412941,
  "provenance": {
    "md5sum": "b2c41b435741e75953b1b821928513c2",
    "settings": {
      "fd_thres": 0.2,
      "testing": false
    },
    "software": "mriqc",
    "version": "21.0.0rc2",
    "webapi_port": null,
    "webapi_url": "https://mriqc.nimh.nih.gov/api/v1"
  },
  "size_t": 601,
  "size_x": 84,
  "size_y": 84,
  "size_z": 48,
  "snr": 5.725428521645383,
  "spacing_tr": 1.0,
  "spacing_x": 2.4761905670166016,
  "spacing_y": 2.4761903285980225,
  "spacing_z": 2.999999761581421,
  "summary_bg_k": 29.247682935493593,
  "summary_bg_mad": 27.572451338249742,
  "summary_bg_mean": 119.80097198486328,
  "summary_bg_median": 46.672210693359375,
  "summary_bg_n": 230831.0,
  "summary_bg_p05": 22.83860206604004,
  "summary_bg_p95": 446.1048126220703,
  "summary_bg_stdv": 238.99551391601562,
  "summary_fg_k": 4.41311935610691,
  "summary_fg_mad": 482.1885003846636,
  "summary_fg_mean": 3188.160400390625,
  "summary_fg_median": 3123.68701171875,
  "summary_fg_n": 53973.0,
  "summary_fg_p05": 2483.50537109375,
  "summary_fg_p95": 4087.9406249999984,
  "summary_fg_stdv": 545.5762939453125,
  "tsnr": 39.69806943763979
}