{
  "aor": 0.0010822240802675586,
  "aqi": 0.016707400451505018,
  "bids_meta": {
    "AcquisitionMatrixPE": 84,
    "AcquisitionNumber": 1,
    "AcquisitionTime": "13:22:24.332500",
    "BandwidthPerPixelPhaseEncode": 33.069,
    "BaseResolution": 84,
    "BodyPartExamined": "BRAIN",
    "ConsistencyInfo": "N4_VE11B_LATEST_20150530",
    "ConversionSoftware": "dcm2niix",
    "ConversionSoftwareVersion": "v1.0.20181125  GCC4.8.5",
    "DerivedVendorReportedEchoSpacing": 0.000719995,
    "DeviceSerialNumber": "67007",
    "DwellTime": 3.8e-06,
    "EchoTime": 0.03,
    "EchoTrainLength": 36,
    "EffectiveEchoSpacing": 0.000359998,
    "FlipAngle": 40,
    "ImageComments": "Unaliased_MB3_PE4",
    "ImageOrientationPatientDICOM": [
      1,
      0,
      0,
      0,
      0.872069,
      -0.489382
    ],
    "ImageType": [
      "ORIGINAL",
      "PRIMARY",
      "M",
      "MB",
      "ND",
      "NORM",
      "MOSAIC"
    ],
    "ImagingFrequency": 123.211,
    "InPlanePhaseEncodingDirectionDICOM": "COL",
    "InstitutionAddress": "Perth_Drive_100_London_Ontario_CA_N6A_5K8",
    "InstitutionName": "Robarts_Research_Institute",
    "InstitutionalDepartmentName": "CFMM",
    "MRAcquisitionType": "2D",
    "MagneticFieldStrength": 3,
    "Manufacturer": "Siemens",
    "ManufacturersModelName": "Prisma_fit",
    "Modality": "MR",
    "MultibandAccelerationFactor": 3,
    "ParallelReductionFactorInPlane": 2,
    "PartialFourier": 0.875,
    "PatientPosition": "HFS",
    "PercentPhaseFOV": 100,
    "PhaseEncodingDirection": "j-",
    "PhaseEncodingSteps": 73,
    "PhaseResolution": 1,
    "PixelBandwidth": 1565,
    "ProcedureStepDescription": "Diedrichsen_MCC",
    "ProtocolName": "ep_bold_mb3_p2",
    "PulseSequenceDetails": "%CustomerSeq%_cmrr_mbep2d_bold",
    "ReceiveCoilActiveElements": "HEA;HEP",
    "ReceiveCoilName": "Head_32",
    "ReconMatrixPE": 84,
    "RepetitionTime": 1,
    "SAR": 0.092687,
    "ScanOptions": "PFP_FS_EXT",
    "ScanningSequence": "EP",
    "SequenceName": "epfid2d1_84",
    "SequenceVariant": "SK_SS",
    "SeriesDescription": "ep_bold_mb3_p2",
    "SeriesNumber": 14,
    "ShimSetting": [
      5182,
      -6319,
      -4029,
      771,
      200,
      -251,
      -845,
      110
    ],
    "SliceThickness": 3,
    "SliceTiming": [
      0,
      0.43,
      0.8575,
      0.3075,
      0.735,
      0.185,
      0.6125,
      0.0625,
      0.49,
      0.92,
      0.3675,
      0.7975,
      0.245,
      0.675,
      0.1225,
      0.5525,
      0,
      0.43,
      0.8575,
      0.3075,
      0.735,
      0.185,
      0.6125,
      0.0625,
      0.49,
      0.92,
      0.3675,
      0.7975,
      0.245,
      0.675,
      0.1225,
      0.5525,
      0,
      0.43,
      0.8575,
      0.3075,
      0.735,
      0.185,
      0.6125,
      0.0625,
      0.49,
      0.92,
      0.3675,
      0.7975,
      0.245,
      0.675,
      0.1225,
      0.5525
    ],
    "SoftwareVersions": "syngo_MR_E11",
    "SpacingBetweenSlices": 3,
    "StationName": "MRC35368",
    "TaskName": "a",
    "TotalReadoutTime": 0.0298798,
    "TxRefAmp": 287.898,
    "WipMemBlock": "35ea44bd-0875-4456-9d03-788edd09a0f1||Sequence: ve11b/master r/50434d5; Mar  3 2017 10:46:13 by eja",
    "dataset": "ds002105",
    "modality": "bold",
    "run_id": 5,
    "session_id": "a2",
    "subject_id": "30",
    "task_id": "a"
  },
  "dummy_trs": 3,
  "dvars_nstd": 30.6362592353936,
  "dvars_std": 1.0691578220100502,
  "dvars_vstd": 0.989968009212731,
  "efc": 0.4661484244707505,
  "fber": 4346.20263671875,
  "fd_mean": 0.13307668717675558,
  "fd_num": 83,
  "fd_perc": 13.879598662207357,
  "fwhm_avg": 1.9165340180721604,
  "fwhm_x": 1.9045464686031905,
  "fwhm_y": 2.0372787752774317,
  "fwhm_z": 1.8077768103358596,
  "gcor": 0.00801512,
  "gsr_x": -0.0006483881152234972,
  "gsr_y": 0.011950092390179634,
  "provenance": {
    "md5sum": "2b40060a0e684d7db9bf7a6aba63cd40",
    "settings": {
      "fd_thres": 0.2,
      "testing": false
    },
    "software": "mriqc",
    "version": "21.0.0rc2",
    "webapi_port": null,
    "webapi_url": "https://mriqc.nimh.nih.gov/api/v1"
  },
  "size_t": 598,
  "size_x": 84,
  "size_y": 84,
  "size_z": 48,
  "snr": 5.735639479546857,
  "spacing_tr": 1.0,
  "spacing_x": 2.4761905670166016,
  "spacing_y": 2.4761903285980225,
  "spacing_z": 2.999999761581421,
  "summary_bg_k": 30.461587272343635,
  "summary_bg_mad": 27.88680809564296,
  "summary_bg_mean": 118.24958038330078,
  "summary_bg_median": 46.762542724609375,
  "summary_bg_n": 230856.0,
  "summary_bg_p05": 22.909698486328125,
  "summary_bg_p95": 443.31229400634766,
  "summary_bg_stdv": 233.3389892578125,
  "summary_fg_k": 4.206295319925807,
  "summary_fg_mad": 483.73770387470364,
  "summary_fg_mean": 3179.977783203125,
  "summary_fg_median": 3118.103759765625,
  "summary_fg_n": 53873.0,
  "summary_fg_p05": 2478.2779296875,
  "summary_fg_p95": 4084.6220214843747,
  "summary_fg_stdv": 543.631591796875,
  "tsnr": 39.25989078753628
}