{
  "aor": 0.00028786666666666665,
  "aqi": 0.00908588395,
  "bids_meta": {
    "AcquisitionMatrixPE": 84,
    "AcquisitionNumber": 1,
    "AcquisitionTime": "17:41:18.237500",
    "BandwidthPerPixelPhaseEncode": 33.069,
    "BaseResolution": 84,
    "BodyPartExamined": "BRAIN",
    "ConsistencyInfo": "N4_VE11B_LATEST_20150530",
    "ConversionSoftware": "dcm2niix",
    "ConversionSoftwareVersion": "v1.0.20181125  GCC4.8.5",
    "DerivedVendorReportedEchoSpacing": 0.000719995,
    "DeviceSerialNumber": "67007",
    "DwellTime": 3.8e-06,
    "EchoTime": 0.03,
    "EchoTrainLength": 36,
    "EffectiveEchoSpacing": 0.000359998,
    "FlipAngle": 40,
    "ImageComments": "Unaliased_MB3_PE4",
    "ImageOrientationPatientDICOM": [
      1,
      0,
      0,
      0,
      0.888617,
      -0.45865
    ],
    "ImageType": [
      "ORIGINAL",
      "PRIMARY",
      "M",
      "MB",
      "ND",
      "NORM",
      "MOSAIC"
    ],
    "ImagingFrequency": 123.211,
    "InPlanePhaseEncodingDirectionDICOM": "COL",
    "InstitutionAddress": "Perth_Drive_100_London_Ontario_CA_N6A_5K8",
    "InstitutionName": "Robarts_Research_Institute",
    "InstitutionalDepartmentName": "CFMM",
    "MRAcquisitionType": "2D",
    "MagneticFieldStrength": 3,
    "Manufacturer": "Siemens",
    "ManufacturersModelName": "Prisma_fit",
    "Modality": "MR",
    "MultibandAccelerationFactor": 3,
    "ParallelReductionFactorInPlane": 2,
    "PartialFourier": 0.875,
    "PatientPosition": "HFS",
    "PercentPhaseFOV": 100,
    "PhaseEncodingDirection": "j-",
    "PhaseEncodingSteps": 73,
    "PhaseResolution": 1,
    "PixelBandwidth": 1565,
    "ProcedureStepDescription": "Diedrichsen_MCC",
    "ProtocolName": "ep_bold_mb3_p2",
    "PulseSequenceDetails": "%CustomerSeq%_cmrr_mbep2d_bold",
    "ReceiveCoilActiveElements": "HEA;HEP",
    "ReceiveCoilName": "Head_32",
    "ReconMatrixPE": 84,
    "RepetitionTime": 1,
    "SAR": 0.0751779,
    "ScanOptions": "PFP_FS_EXT",
    "ScanningSequence": "EP",
    "SequenceName": "epfid2d1_84",
    "SequenceVariant": "SK_SS",
    "SeriesDescription": "ep_bold_mb3_p2",
    "SeriesNumber": 18,
    "ShimSetting": [
      5231,
      -6263,
      -3944,
      437,
      76,
      -187,
      -23,
      33
    ],
    "SliceThickness": 3,
    "SliceTiming": [
      0,
      0.43,
      0.8575,
      0.3075,
      0.735,
      0.185,
      0.6125,
      0.0625,
      0.49,
      0.92,
      0.3675,
      0.7975,
      0.245,
      0.675,
      0.1225,
      0.5525,
      0,
      0.43,
      0.8575,
      0.3075,
      0.735,
      0.185,
      0.6125,
      0.0625,
      0.49,
      0.92,
      0.3675,
      0.7975,
      0.245,
      0.675,
      0.1225,
      0.5525,
      0,
      0.43,
      0.8575,
      0.3075,
      0.735,
      0.185,
      0.6125,
      0.0625,
      0.49,
      0.92,
      0.3675,
      0.7975,
      0.245,
      0.675,
      0.1225,
      0.5525
    ],
    "SoftwareVersions": "syngo_MR_E11",
    "SpacingBetweenSlices": 3,
    "StationName": "MRC35368",
    "TaskName": "a",
    "TotalReadoutTime": 0.0298798,
    "TxRefAmp": 265.877,
    "WipMemBlock": "bd9188f6-6a6e-448b-929b-956a7fbc2fa9||Sequence: ve11b/master r/50434d5; Mar  3 2017 10:46:13 by eja",
    "dataset": "ds002105",
    "modality": "bold",
    "run_id": 8,
    "session_id": "a2",
    "subject_id": "31",
    "task_id": "a"
  },
  "dummy_trs": 1,
  "dvars_nstd": 32.00463319823038,
  "dvars_std": 1.1322283158597672,
  "dvars_vstd": 1.0041188094323876,
  "efc": 0.47797334384218376,
  "fber": 4013.207275390625,
  "fd_mean": 0.09978219026693474,
  "fd_num": 7,
  "fd_perc": 1.1666666666666667,
  "fwhm_avg": 1.761083865778488,
  "fwhm_x": 1.7718143580871597,
  "fwhm_y": 1.8659872392483037,
  "fwhm_z": 1.64545,
  "gcor": 0.00645073,
  "gsr_x": 0.0013231822522357106,
  "gsr_y": 0.010523788630962372,
  "provenance": {
    "md5sum": "eef11c5baaaaf1f56de82ab6c131bb3f",
    "settings": {
      "fd_thres": 0.2,
      "testing": false
    },
    "software": "mriqc",
    "version": "21.0.0rc2",
    "webapi_port": null,
    "webapi_url": "https://mriqc.nimh.nih.gov/api/v1"
  },
  "size_t": 600,
  "size_x": 84,
  "size_y": 84,
  "size_z": 48,
  "snr": 5.612771404198564,
  "spacing_tr": 1.0,
  "spacing_x": 2.4761905670166016,
  "spacing_y": 2.4761905670166016,
  "spacing_z": 3.0,
  "summary_bg_k": 31.96635904262522,
  "summary_bg_mad": 29.716290051497516,
  "summary_bg_mean": 111.14546203613281,
  "summary_bg_median": 47.220001220703125,
  "summary_bg_n": 225097.0,
  "summary_bg_p05": 22.176666259765625,
  "summary_bg_p95": 390.7613403320311,
  "summary_bg_stdv": 189.5454864501953,
  "summary_fg_k": 4.214734051644414,
  "summary_fg_mad": 444.3359934751586,
  "summary_fg_mean": 3103.6640625,
  "summary_fg_median": 3046.171875,
  "summary_fg_n": 57352.0,
  "summary_fg_p05": 2407.037158203125,
  "summary_fg_p95": 4019.894812011719,
  "summary_fg_stdv": 542.716796875,
  "tsnr": 50.55019570724107
}