{
  "aor": 0.0009615666666666667,
  "aqi": 0.012406009333333332,
  "bids_meta": {
    "AcquisitionMatrixPE": 84,
    "AcquisitionNumber": 1,
    "AcquisitionTime": "12:42:2.895000",
    "BandwidthPerPixelPhaseEncode": 33.069,
    "BaseResolution": 84,
    "BodyPartExamined": "BRAIN",
    "ConsistencyInfo": "N4_VE11B_LATEST_20150530",
    "ConversionSoftware": "dcm2niix",
    "ConversionSoftwareVersion": "v1.0.20181125  GCC4.8.5",
    "DerivedVendorReportedEchoSpacing": 0.000719995,
    "DeviceSerialNumber": "67007",
    "DwellTime": 3.8e-06,
    "EchoTime": 0.03,
    "EchoTrainLength": 36,
    "EffectiveEchoSpacing": 0.000359998,
    "FlipAngle": 40,
    "ImageComments": "Unaliased_MB3_PE4",
    "ImageOrientationPatientDICOM": [
      1,
      0,
      0,
      0,
      0.872069,
      -0.489382
    ],
    "ImageType": [
      "ORIGINAL",
      "PRIMARY",
      "M",
      "MB",
      "ND",
      "NORM",
      "MOSAIC"
    ],
    "ImagingFrequency": 123.211,
    "InPlanePhaseEncodingDirectionDICOM": "COL",
    "InstitutionAddress": "Perth_Drive_100_London_Ontario_CA_N6A_5K8",
    "InstitutionName": "Robarts_Research_Institute",
    "InstitutionalDepartmentName": "CFMM",
    "MRAcquisitionType": "2D",
    "MagneticFieldStrength": 3,
    "Manufacturer": "Siemens",
    "ManufacturersModelName": "Prisma_fit",
    "Modality": "MR",
    "MultibandAccelerationFactor": 3,
    "ParallelReductionFactorInPlane": 2,
    "PartialFourier": 0.875,
    "PatientPosition": "HFS",
    "PercentPhaseFOV": 100,
    "PhaseEncodingDirection": "j-",
    "PhaseEncodingSteps": 73,
    "PhaseResolution": 1,
    "PixelBandwidth": 1565,
    "ProcedureStepDescription": "Diedrichsen_MCC",
    "ProtocolName": "ep_bold_mb3_p2",
    "PulseSequenceDetails": "%CustomerSeq%_cmrr_mbep2d_bold",
    "ReceiveCoilActiveElements": "HEA;HEP",
    "ReceiveCoilName": "Head_32",
    "ReconMatrixPE": 84,
    "RepetitionTime": 1,
    "SAR": 0.092687,
    "ScanOptions": "PFP_FS_EXT",
    "ScanningSequence": "EP",
    "SequenceName": "epfid2d1_84",
    "SequenceVariant": "SK_SS",
    "SeriesDescription": "ep_bold_mb3_p2",
    "SeriesNumber": 6,
    "ShimSetting": [
      5182,
      -6319,
      -4029,
      771,
      200,
      -251,
      -845,
      110
    ],
    "SliceThickness": 3,
    "SliceTiming": [
      0,
      0.43,
      0.8575,
      0.3075,
      0.735,
      0.185,
      0.6125,
      0.0625,
      0.49,
      0.92,
      0.3675,
      0.7975,
      0.245,
      0.675,
      0.1225,
      0.5525,
      0,
      0.43,
      0.8575,
      0.3075,
      0.735,
      0.185,
      0.6125,
      0.0625,
      0.49,
      0.92,
      0.3675,
      0.7975,
      0.245,
      0.675,
      0.1225,
      0.5525,
      0,
      0.43,
      0.8575,
      0.3075,
      0.735,
      0.185,
      0.6125,
      0.0625,
      0.49,
      0.92,
      0.3675,
      0.7975,
      0.245,
      0.675,
      0.1225,
      0.5525
    ],
    "SoftwareVersions": "syngo_MR_E11",
    "SpacingBetweenSlices": 3,
    "StationName": "MRC35368",
    "TaskName": "a",
    "TotalReadoutTime": 0.0298798,
    "TxRefAmp": 287.898,
    "WipMemBlock": "03bd2162-1a5c-4add-a997-ba581e883650||Sequence: ve11b/master r/50434d5; Mar  3 2017 10:46:13 by eja",
    "dataset": "ds002105",
    "modality": "bold",
    "run_id": 3,
    "session_id": "a2",
    "subject_id": "30",
    "task_id": "a"
  },
  "dummy_trs": 1,
  "dvars_nstd": 31.606083900100185,
  "dvars_std": 1.1128222069616032,
  "dvars_vstd": 1.01186307839733,
  "efc": 0.46496582710340784,
  "fber": 4477.0810546875,
  "fd_mean": 0.1392130572734611,
  "fd_num": 91,
  "fd_perc": 15.166666666666666,
  "fwhm_avg": 1.9018915816811963,
  "fwhm_x": 1.8927945459573252,
  "fwhm_y": 2.004793388725767,
  "fwhm_z": 1.8080868103604961,
  "gcor": 0.00718974,
  "gsr_x": -0.0004981899401172996,
  "gsr_y": 0.014330566860735416,
  "provenance": {
    "md5sum": "7c2a8ad61c5b3339975764eda5fdebf6",
    "settings": {
      "fd_thres": 0.2,
      "testing": false
    },
    "software": "mriqc",
    "version": "21.0.0rc2",
    "webapi_port": null,
    "webapi_url": "https://mriqc.nimh.nih.gov/api/v1"
  },
  "size_t": 600,
  "size_x": 84,
  "size_y": 84,
  "size_z": 48,
  "snr": 5.741631795660713,
  "spacing_tr": 1.0,
  "spacing_x": 2.4761905670166016,
  "spacing_y": 2.4761903285980225,
  "spacing_z": 2.999999761581421,
  "summary_bg_k": 28.692438562285254,
  "summary_bg_mad": 26.84745696440384,
  "summary_bg_mean": 116.07757568359375,
  "summary_bg_median": 46.17000198364258,
  "summary_bg_n": 230856.0,
  "summary_bg_p05": 22.790000915527344,
  "summary_bg_p95": 433.1312561035156,
  "summary_bg_stdv": 232.8043670654297,
  "summary_fg_k": 4.161777267862773,
  "summary_fg_mad": 483.2888692187107,
  "summary_fg_mean": 3189.9150390625,
  "summary_fg_median": 3125.844970703125,
  "summary_fg_n": 53911.0,
  "summary_fg_p05": 2481.8250732421875,
  "summary_fg_p95": 4097.745849609375,
  "summary_fg_stdv": 544.4124755859375,
  "tsnr": 42.7143208172638
}