{
  "bids_meta": {
    "AcquisitionMatrixPE": 256,
    "AcquisitionNumber": 1,
    "AcquisitionTime": "15:46:15.475000",
    "BaseResolution": 256,
    "BodyPartExamined": "BRAIN",
    "ConsistencyInfo": "N4_VE11B_LATEST_20150530",
    "ConversionSoftware": "dcm2niix",
    "ConversionSoftwareVersion": "v1.0.20181125  GCC4.8.5",
    "DeviceSerialNumber": "67007",
    "DwellTime": 8.9e-06,
    "EchoTime": 0.091,
    "EchoTrainLength": 18,
    "FlipAngle": 120,
    "ImageOrientationPatientDICOM": [
      0.999413,
      0.0115545,
      0.0322479,
      3.6555e-08,
      0.941395,
      -0.337305
    ],
    "ImageType": [
      "ORIGINAL",
      "PRIMARY",
      "M",
      "ND",
      "NORM"
    ],
    "ImagingFrequency": 123.211,
    "InPlanePhaseEncodingDirectionDICOM": "COL",
    "InstitutionAddress": "Perth_Drive_100_London_Ontario_CA_N6A_5K8",
    "InstitutionName": "Robarts_Research_Institute",
    "InstitutionalDepartmentName": "CFMM",
    "Interpolation2D": 1,
    "MRAcquisitionType": "2D",
    "MagneticFieldStrength": 3,
    "Manufacturer": "Siemens",
    "ManufacturersModelName": "Prisma_fit",
    "Modality": "MR",
    "ParallelReductionFactorInPlane": 2,
    "PartialFourier": 1,
    "PatientPosition": "HFS",
    "PercentPhaseFOV": 100,
    "PhaseEncodingDirection": "j-",
    "PhaseEncodingSteps": 255,
    "PhaseResolution": 1,
    "PixelBandwidth": 220,
    "ProcedureStepDescription": "Diedrichsen_Feb2016",
    "ProtocolName": "t2_tse_tra_256_p2",
    "PulseSequenceDetails": "%SiemensSeq%_tse",
    "ReceiveCoilActiveElements": "HEA;HEP",
    "ReceiveCoilName": "Head_32",
    "ReconMatrixPE": 512,
    "RepetitionTime": 8.53,
    "SAR": 0.667665,
    "ScanningSequence": "SE",
    "SequenceName": "_tse2d1_18",
    "SequenceVariant": "SK_SP",
    "SeriesDescription": "t2_tse_tra_256_p2",
    "SeriesNumber": 11,
    "ShimSetting": [
      5237,
      -6157,
      -4055,
      53,
      3,
      -37,
      -27,
      1
    ],
    "SliceThickness": 3,
    "SoftwareVersions": "syngo_MR_E11",
    "SpacingBetweenSlices": 3,
    "StationName": "MRC35368",
    "TxRefAmp": 316.102,
    "dataset": "ds002105",
    "modality": "T2w",
    "session_id": "a1",
    "subject_id": "15"
  },
  "cjv": 0.4575129365121295,
  "cnr": 2.6665680225854156,
  "efc": 0.6363813922254965,
  "fber": 10549.27783558793,
  "fwhm_avg": 4.813776209068891,
  "fwhm_x": 5.95158197506699,
  "fwhm_y": 6.785156923076924,
  "fwhm_z": 1.7045897290627592,
  "icvs_csf": 0.1558555442854645,
  "icvs_gm": 0.45416664907484233,
  "icvs_wm": 0.38997780663969317,
  "inu_med": 1.1676814556121826,
  "inu_range": 0.314898109436035,
  "provenance": {
    "md5sum": "0012d5b24c80baba7b127dd92106497c",
    "settings": {
      "testing": false
    },
    "software": "mriqc",
    "version": "22.0.0rc1",
    "warnings": {
      "large_rot_frame": true,
      "small_air_mask": false
    },
    "webapi_port": null,
    "webapi_url": "https://mriqc.nimh.nih.gov/api/v1"
  },
  "qi_1": 0.0008301314214834306,
  "qi_2": 0.003336674345825,
  "rpve_csf": 14.6972289059804,
  "rpve_gm": 5.889007463445896,
  "rpve_wm": 7.546070659351265,
  "size_x": 512,
  "size_y": 512,
  "size_z": 48,
  "snr_csf": 2.936900761335203,
  "snr_gm": 11.471969550462536,
  "snr_total": 8.0153469984887,
  "snr_wm": 9.637170683668364,
  "snrd_csf": 302.38458904483133,
  "snrd_gm": 160.26667286872117,
  "snrd_total": 189.26259950340872,
  "snrd_wm": 105.13653659667371,
  "spacing_x": 0.4062499701976776,
  "spacing_y": 0.40625,
  "spacing_z": 3.000000476837158,
  "summary_bg_k": 468.2728981179377,
  "summary_bg_mad": 6.355306444623174,
  "summary_bg_mean": 20.50691504151715,
  "summary_bg_median": 8.573178112506866,
  "summary_bg_n": 3019904.0,
  "summary_bg_p05": 0.0,
  "summary_bg_p95": 38.27311657369137,
  "summary_bg_stdv": 103.2353458856219,
  "summary_csf_k": 0.6250812815738822,
  "summary_csf_mad": 767.6302284184135,
  "summary_csf_mean": 2896.8139933444304,
  "summary_csf_median": 2933.353715851903,
  "summary_csf_n": 365880.0,
  "summary_csf_p05": 595.6317555308342,
  "summary_csf_p95": 4378.138351097703,
  "summary_csf_stdv": 998.7908838593006,
  "summary_gm_k": -0.1547465476137817,
  "summary_gm_mad": 141.3299099828106,
  "summary_gm_mean": 1561.4334662452193,
  "summary_gm_median": 1554.7050260454416,
  "summary_gm_n": 1001950.0,
  "summary_gm_p05": 1352.4188472479582,
  "summary_gm_p95": 1790.0591775625944,
  "summary_gm_stdv": 135.52199937132318,
  "summary_wm_k": 0.15634993226217775,
  "summary_wm_mad": 103.34938813518163,
  "summary_wm_mean": 1014.2354968528593,
  "summary_wm_median": 1019.9020104557276,
  "summary_wm_n": 1003983.0,
  "summary_wm_p05": 825.2704549729824,
  "summary_wm_p95": 1176.566634297371,
  "summary_wm_stdv": 105.8299718875011,
  "tpm_overlap_csf": 0.16632089018821716,
  "tpm_overlap_gm": 0.43611952662467957,
  "tpm_overlap_wm": 0.4374501407146454,
  "wm2max": 0.21526895155209927
}