{
  "aor": 0.00043158069883527446,
  "aqi": 0.010542714941763726,
  "bids_meta": {
    "AcquisitionMatrixPE": 84,
    "AcquisitionNumber": 1,
    "AcquisitionTime": "13:39:28.082500",
    "BandwidthPerPixelPhaseEncode": 33.069,
    "BaseResolution": 84,
    "BodyPartExamined": "BRAIN",
    "ConsistencyInfo": "N4_VE11B_LATEST_20150530",
    "ConversionSoftware": "dcm2niix",
    "ConversionSoftwareVersion": "v1.0.20181125  GCC4.8.5",
    "DerivedVendorReportedEchoSpacing": 0.000719995,
    "DeviceSerialNumber": "67007",
    "DwellTime": 3.8e-06,
    "EchoTime": 0.03,
    "EchoTrainLength": 36,
    "EffectiveEchoSpacing": 0.000359998,
    "FlipAngle": 40,
    "ImageComments": "Unaliased_MB3_PE4",
    "ImageOrientationPatientDICOM": [
      1,
      0,
      0,
      0,
      0.921863,
      -0.387516
    ],
    "ImageType": [
      "ORIGINAL",
      "PRIMARY",
      "M",
      "MB",
      "ND",
      "NORM",
      "MOSAIC"
    ],
    "ImagingFrequency": 123.211,
    "InPlanePhaseEncodingDirectionDICOM": "COL",
    "InstitutionAddress": "Perth_Drive_100_London_Ontario_CA_N6A_5K8",
    "InstitutionName": "Robarts_Research_Institute",
    "InstitutionalDepartmentName": "CFMM",
    "MRAcquisitionType": "2D",
    "MagneticFieldStrength": 3,
    "Manufacturer": "Siemens",
    "ManufacturersModelName": "Prisma_fit",
    "Modality": "MR",
    "MultibandAccelerationFactor": 3,
    "ParallelReductionFactorInPlane": 2,
    "PartialFourier": 0.875,
    "PatientPosition": "HFS",
    "PercentPhaseFOV": 100,
    "PhaseEncodingDirection": "j-",
    "PhaseEncodingSteps": 73,
    "PhaseResolution": 1,
    "PixelBandwidth": 1565,
    "ProcedureStepDescription": "Diedrichsen_MCC",
    "ProtocolName": "ep_bold_mb3_p2",
    "PulseSequenceDetails": "%CustomerSeq%_cmrr_mbep2d_bold",
    "ReceiveCoilActiveElements": "HEA;HEP",
    "ReceiveCoilName": "Head_32",
    "ReconMatrixPE": 84,
    "RepetitionTime": 1,
    "SAR": 0.0792558,
    "ScanOptions": "PFP_FS_EXT",
    "ScanningSequence": "EP",
    "SequenceName": "epfid2d1_84",
    "SequenceVariant": "SK_SS",
    "SeriesDescription": "ep_bold_mb3_p2",
    "SeriesNumber": 12,
    "ShimSetting": [
      5258,
      -6228,
      -3873,
      524,
      0,
      -136,
      115,
      -31
    ],
    "SliceThickness": 3,
    "SliceTiming": [
      0,
      0.43,
      0.8575,
      0.3075,
      0.735,
      0.185,
      0.6125,
      0.0625,
      0.49,
      0.92,
      0.3675,
      0.7975,
      0.245,
      0.675,
      0.1225,
      0.5525,
      0,
      0.43,
      0.8575,
      0.3075,
      0.735,
      0.185,
      0.6125,
      0.0625,
      0.49,
      0.92,
      0.3675,
      0.7975,
      0.245,
      0.675,
      0.1225,
      0.5525,
      0,
      0.43,
      0.8575,
      0.3075,
      0.735,
      0.185,
      0.6125,
      0.0625,
      0.49,
      0.92,
      0.3675,
      0.7975,
      0.245,
      0.675,
      0.1225,
      0.5525
    ],
    "SoftwareVersions": "syngo_MR_E11",
    "SpacingBetweenSlices": 3,
    "StationName": "MRC35368",
    "TaskName": "b",
    "TotalReadoutTime": 0.0298798,
    "TxRefAmp": 265.535,
    "WipMemBlock": "188aecf5-b2d6-4ff0-8bf8-036cbc093e51||Sequence: ve11b/master r/50434d5; Mar  3 2017 10:46:13 by eja",
    "dataset": "ds002105",
    "modality": "bold",
    "run_id": 6,
    "session_id": "b2",
    "subject_id": "03",
    "task_id": "b"
  },
  "dummy_trs": 0,
  "dvars_nstd": 29.705518086749994,
  "dvars_std": 1.1450043065500008,
  "dvars_vstd": 1.0068088614499995,
  "efc": 0.483935223933846,
  "fber": 4869.27197265625,
  "fd_mean": 0.10171823226219091,
  "fd_num": 26,
  "fd_perc": 4.3261231281198,
  "fwhm_avg": 1.790200681590153,
  "fwhm_x": 1.7743464733788978,
  "fwhm_y": 1.8984322380582281,
  "fwhm_z": 1.6978233333333332,
  "gcor": 0.0326821,
  "gsr_x": -0.0007250800263136625,
  "gsr_y": 0.01930149458348751,
  "provenance": {
    "md5sum": "a2dc2c8b8e36f3e64f07b6389408330f",
    "settings": {
      "fd_thres": 0.2,
      "testing": false
    },
    "software": "mriqc",
    "version": "21.0.0rc2",
    "webapi_port": null,
    "webapi_url": "https://mriqc.nimh.nih.gov/api/v1"
  },
  "size_t": 601,
  "size_x": 84,
  "size_y": 84,
  "size_z": 48,
  "snr": 5.76726340596835,
  "spacing_tr": 1.0,
  "spacing_x": 2.4761905670166016,
  "spacing_y": 2.4761905670166016,
  "spacing_z": 3.0,
  "summary_bg_k": 36.722998279956904,
  "summary_bg_mad": 35.05946981347678,
  "summary_bg_mean": 151.62899780273438,
  "summary_bg_median": 49.75374221801758,
  "summary_bg_n": 225947.0,
  "summary_bg_p05": 21.966720581054688,
  "summary_bg_p95": 637.6201110839844,
  "summary_bg_stdv": 291.81719970703125,
  "summary_fg_k": 5.202754184742581,
  "summary_fg_mad": 520.6241303835272,
  "summary_fg_mean": 3601.108154296875,
  "summary_fg_median": 3527.45068359375,
  "summary_fg_n": 56978.0,
  "summary_fg_p05": 2808.266015625,
  "summary_fg_p95": 4596.071557617186,
  "summary_fg_stdv": 611.6279907226562,
  "tsnr": 50.51203279523179
}