{
  "aor": 0.0002169217970049917,
  "aqi": 0.00963621329450915,
  "bids_meta": {
    "AcquisitionMatrixPE": 84,
    "AcquisitionNumber": 1,
    "AcquisitionTime": "16:26:44.177500",
    "BandwidthPerPixelPhaseEncode": 33.069,
    "BaseResolution": 84,
    "BodyPartExamined": "BRAIN",
    "ConsistencyInfo": "N4_VE11B_LATEST_20150530",
    "ConversionSoftware": "dcm2niix",
    "ConversionSoftwareVersion": "v1.0.20181125  GCC4.8.5",
    "DerivedVendorReportedEchoSpacing": 0.000719995,
    "DeviceSerialNumber": "67007",
    "DwellTime": 3.8e-06,
    "EchoTime": 0.03,
    "EchoTrainLength": 36,
    "EffectiveEchoSpacing": 0.000359998,
    "FlipAngle": 40,
    "ImageComments": "Unaliased_MB3_PE4",
    "ImageOrientationPatientDICOM": [
      1,
      0,
      0,
      0,
      0.885394,
      -0.464842
    ],
    "ImageType": [
      "ORIGINAL",
      "PRIMARY",
      "M",
      "MB",
      "ND",
      "NORM",
      "MOSAIC"
    ],
    "ImagingFrequency": 123.211,
    "InPlanePhaseEncodingDirectionDICOM": "COL",
    "InstitutionAddress": "Perth_Drive_100_London_Ontario_CA_N6A_5K8",
    "InstitutionName": "Robarts_Research_Institute",
    "InstitutionalDepartmentName": "CFMM",
    "MRAcquisitionType": "2D",
    "MagneticFieldStrength": 3,
    "Manufacturer": "Siemens",
    "ManufacturersModelName": "Prisma_fit",
    "Modality": "MR",
    "MultibandAccelerationFactor": 3,
    "ParallelReductionFactorInPlane": 2,
    "PartialFourier": 0.875,
    "PatientPosition": "HFS",
    "PercentPhaseFOV": 100,
    "PhaseEncodingDirection": "j-",
    "PhaseEncodingSteps": 73,
    "PhaseResolution": 1,
    "PixelBandwidth": 1565,
    "ProcedureStepDescription": "Diedrichsen_MCC",
    "ProtocolName": "ep_bold_mb3_p2",
    "PulseSequenceDetails": "%CustomerSeq%_cmrr_mbep2d_bold",
    "ReceiveCoilActiveElements": "HEA;HEP",
    "ReceiveCoilName": "Head_32",
    "ReconMatrixPE": 84,
    "RepetitionTime": 1,
    "SAR": 0.0670318,
    "ScanOptions": "PFP_FS_EXT",
    "ScanningSequence": "EP",
    "SequenceName": "epfid2d1_84",
    "SequenceVariant": "SK_SS",
    "SeriesDescription": "ep_bold_mb3_p2",
    "SeriesNumber": 14,
    "ShimSetting": [
      5232,
      -6140,
      -4002,
      628,
      109,
      -218,
      15,
      -4
    ],
    "SliceThickness": 3,
    "SliceTiming": [
      0,
      0.4275,
      0.8575,
      0.305,
      0.735,
      0.1825,
      0.6125,
      0.06,
      0.49,
      0.9175,
      0.3675,
      0.795,
      0.245,
      0.6725,
      0.1225,
      0.55,
      0,
      0.4275,
      0.8575,
      0.305,
      0.735,
      0.1825,
      0.6125,
      0.06,
      0.49,
      0.9175,
      0.3675,
      0.795,
      0.245,
      0.6725,
      0.1225,
      0.55,
      0,
      0.4275,
      0.8575,
      0.305,
      0.735,
      0.1825,
      0.6125,
      0.06,
      0.49,
      0.9175,
      0.3675,
      0.795,
      0.245,
      0.6725,
      0.1225,
      0.55
    ],
    "SoftwareVersions": "syngo_MR_E11",
    "SpacingBetweenSlices": 3,
    "StationName": "MRC35368",
    "TaskName": "b",
    "TotalReadoutTime": 0.0298798,
    "TxRefAmp": 259.49,
    "WipMemBlock": "50a03566-f953-4a52-bfe6-41541e40253b||Sequence: ve11b/master r/50434d5; Mar  3 2017 10:46:13 by eja",
    "dataset": "ds002105",
    "modality": "bold",
    "run_id": 7,
    "session_id": "b2",
    "subject_id": "19",
    "task_id": "b"
  },
  "dummy_trs": 0,
  "dvars_nstd": 32.69794333464999,
  "dvars_std": 1.113541340383332,
  "dvars_vstd": 1.0019234780500004,
  "efc": 0.5238454305348326,
  "fber": 3538.069580078125,
  "fd_mean": 0.07818210910696784,
  "fd_num": 0,
  "fd_perc": 0.0,
  "fwhm_avg": 1.8239754242835133,
  "fwhm_x": 1.7921641650330409,
  "fwhm_y": 1.953928774484166,
  "fwhm_z": 1.7258333333333333,
  "gcor": 0.0117193,
  "gsr_x": -0.007118899375200272,
  "gsr_y": 0.026818880811333656,
  "provenance": {
    "md5sum": "de3448d54e12eceea5709f4266871951",
    "settings": {
      "fd_thres": 0.2,
      "testing": false
    },
    "software": "mriqc",
    "version": "21.0.0rc2",
    "webapi_port": null,
    "webapi_url": "https://mriqc.nimh.nih.gov/api/v1"
  },
  "size_t": 601,
  "size_x": 84,
  "size_y": 84,
  "size_z": 48,
  "snr": 5.326570922735064,
  "spacing_tr": 1.0,
  "spacing_x": 2.4761905670166016,
  "spacing_y": 2.4761905670166016,
  "spacing_z": 3.0,
  "summary_bg_k": 19.54083080779174,
  "summary_bg_mad": 35.876011243369724,
  "summary_bg_mean": 176.0498046875,
  "summary_bg_median": 52.459232330322266,
  "summary_bg_n": 214741.0,
  "summary_bg_p05": 23.374374389648438,
  "summary_bg_p95": 819.7454223632812,
  "summary_bg_stdv": 309.8443298339844,
  "summary_fg_k": 5.847759682408755,
  "summary_fg_mad": 519.2636908234067,
  "summary_fg_mean": 3254.326171875,
  "summary_fg_median": 3178.868408203125,
  "summary_fg_n": 66395.0,
  "summary_fg_p05": 2518.3680908203123,
  "summary_fg_p95": 4205.161474609374,
  "summary_fg_stdv": 596.7900390625,
  "tsnr": 48.74835096707102
}