{
  "bids_meta": {
    "AcquisitionMatrixPE": 256,
    "AcquisitionNumber": 1,
    "AcquisitionTime": "16:23:41.240000",
    "BaseResolution": 256,
    "BodyPartExamined": "BRAIN",
    "ConsistencyInfo": "N4_VE11B_LATEST_20150530",
    "ConversionSoftware": "dcm2niix",
    "ConversionSoftwareVersion": "v1.0.20181125  GCC4.8.5",
    "DeviceSerialNumber": "67007",
    "DwellTime": 8.9e-06,
    "EchoTime": 0.091,
    "EchoTrainLength": 18,
    "FlipAngle": 120,
    "ImageOrientationPatientDICOM": [
      1,
      0,
      0,
      0,
      0.91212,
      -0.409923
    ],
    "ImageType": [
      "ORIGINAL",
      "PRIMARY",
      "M",
      "ND",
      "NORM"
    ],
    "ImagingFrequency": 123.211,
    "InPlanePhaseEncodingDirectionDICOM": "COL",
    "InstitutionAddress": "Perth_Drive_100_London_Ontario_CA_N6A_5K8",
    "InstitutionName": "Robarts_Research_Institute",
    "InstitutionalDepartmentName": "CFMM",
    "Interpolation2D": 1,
    "MRAcquisitionType": "2D",
    "MagneticFieldStrength": 3,
    "Manufacturer": "Siemens",
    "ManufacturersModelName": "Prisma_fit",
    "Modality": "MR",
    "ParallelReductionFactorInPlane": 2,
    "PartialFourier": 1,
    "PatientPosition": "HFS",
    "PercentPhaseFOV": 100,
    "PhaseEncodingDirection": "j-",
    "PhaseEncodingSteps": 255,
    "PhaseResolution": 1,
    "PixelBandwidth": 220,
    "ProcedureStepDescription": "Diedrichsen_Maebdh",
    "ProtocolName": "t2_tse_tra_256_p2",
    "PulseSequenceDetails": "%SiemensSeq%_tse",
    "ReceiveCoilActiveElements": "HEA;HEP",
    "ReceiveCoilName": "Head_32",
    "ReconMatrixPE": 512,
    "RepetitionTime": 8.53,
    "SAR": 0.534182,
    "ScanningSequence": "SE",
    "SequenceName": "_tse2d1_18",
    "SequenceVariant": "SK_SP",
    "SeriesDescription": "t2_tse_tra_256_p2",
    "SeriesNumber": 11,
    "ShimSetting": [
      5237,
      -6157,
      -4055,
      53,
      3,
      -37,
      -27,
      1
    ],
    "SliceThickness": 3,
    "SoftwareVersions": "syngo_MR_E11",
    "SpacingBetweenSlices": 3,
    "StationName": "MRC35368",
    "TxRefAmp": 260.662,
    "dataset": "ds002105",
    "modality": "T2w",
    "session_id": "a1",
    "subject_id": "18"
  },
  "cjv": 0.43984391002424433,
  "cnr": 3.2686194422736183,
  "efc": 0.5853610264706505,
  "fber": 12006.783997864008,
  "fwhm_avg": 4.853258081892693,
  "fwhm_x": 5.982276923076923,
  "fwhm_y": 6.947249230769231,
  "fwhm_z": 1.6302480918319233,
  "icvs_csf": 0.17415618982981856,
  "icvs_gm": 0.4372764396309461,
  "icvs_wm": 0.38856737053923535,
  "inu_med": 1.2242558002471924,
  "inu_range": 0.23707464337348938,
  "provenance": {
    "md5sum": "c39c09d0d20466b2855304d689b90eb7",
    "settings": {
      "testing": false
    },
    "software": "mriqc",
    "version": "22.0.0rc1",
    "warnings": {
      "large_rot_frame": true,
      "small_air_mask": false
    },
    "webapi_port": null,
    "webapi_url": "https://mriqc.nimh.nih.gov/api/v1"
  },
  "qi_1": 0.0,
  "qi_2": 0.02148757137500893,
  "rpve_csf": 14.960660580182834,
  "rpve_gm": 6.706526974160936,
  "rpve_wm": 8.363072310886961,
  "size_x": 512,
  "size_y": 512,
  "size_z": 48,
  "snr_csf": 2.92805879169132,
  "snr_gm": 10.84939987702016,
  "snr_total": 7.628928632592179,
  "snr_wm": 9.109327229065057,
  "snrd_csf": 248.12968239550983,
  "snrd_gm": 124.0690099031478,
  "snrd_total": 149.73156030176946,
  "snrd_wm": 76.99598860665076,
  "spacing_x": 0.40625,
  "spacing_y": 0.40625,
  "spacing_z": 2.99999737739563,
  "summary_bg_k": 1463.7743090534477,
  "summary_bg_mad": 8.676890080514287,
  "summary_bg_mean": 12.393754543055184,
  "summary_bg_median": 5.962897449731827,
  "summary_bg_n": 3012812.0,
  "summary_bg_p05": 0.0,
  "summary_bg_p95": 29.593639194965363,
  "summary_bg_stdv": 30.165972109525462,
  "summary_csf_k": 0.6940730728235609,
  "summary_csf_mad": 908.1265901247689,
  "summary_csf_mean": 3221.799403793767,
  "summary_csf_median": 3286.3294629901648,
  "summary_csf_n": 391116.0,
  "summary_csf_p05": 576.0821480602026,
  "summary_csf_p95": 4806.53704059124,
  "summary_csf_stdv": 1122.356310293985,
  "summary_gm_k": -0.23685214434056645,
  "summary_gm_mad": 161.25918357182215,
  "summary_gm_mean": 1650.2778407160476,
  "summary_gm_median": 1643.2199435085058,
  "summary_gm_n": 877225.0,
  "summary_gm_p05": 1418.7278969287872,
  "summary_gm_p95": 1907.0229436457157,
  "summary_gm_stdv": 151.45713362335533,
  "summary_wm_k": -0.0019297265480981984,
  "summary_wm_mad": 112.96328595386525,
  "summary_wm_mean": 1015.7357726436603,
  "summary_wm_median": 1019.7658879309893,
  "summary_wm_n": 922000.0,
  "summary_wm_p05": 820.11924739182,
  "summary_wm_p95": 1188.8250730335712,
  "summary_wm_stdv": 111.94738198214075,
  "tpm_overlap_csf": 0.13347670435905457,
  "tpm_overlap_gm": 0.40030810236930847,
  "tpm_overlap_wm": 0.4134550988674164,
  "wm2max": 0.1962471843257257
}